{
  "aor": 0.004766951871657754,
  "aqi": 0.0028043730481283422,
  "bids_meta": {
    "AcquisitionMatrixPE": 64,
    "AcquisitionNumber": 1,
    "AcquisitionTime": "13:36:27.762500",
    "BandwidthPerPixelPhaseEncode": 58.962,
    "BaseResolution": 64,
    "BodyPartExamined": "HEAD",
    "ConsistencyInfo": "N4_VE11C_LATEST_20160120",
    "ConversionSoftware": "dcm2niix",
    "ConversionSoftwareVersion": "v1.0.20181125  GCC5.3.1",
    "DerivedVendorReportedEchoSpacing": 0.000530002,
    "DeviceSerialNumber": "167013",
    "DwellTime": 3.5e-06,
    "EchoTime": 0.03,
    "EchoTrainLength": 31,
    "EffectiveEchoSpacing": 0.000265001,
    "FlipAngle": 90,
    "ImageOrientationPatientDICOM": [
      0.998813,
      -0.0113367,
      -0.0473786,
      0.0160394,
      0.994849,
      0.100089
    ],
    "ImageType": [
      "ORIGINAL",
      "PRIMARY",
      "M",
      "ND",
      "MOSAIC"
    ],
    "ImagingFrequency": 123.249,
    "InPlanePhaseEncodingDirectionDICOM": "COL",
    "InstitutionAddress": "Whiteknights_Campus_StreetNo_Reading_District_GB_RG6_7BE",
    "InstitutionName": "UoR",
    "InstitutionalDepartmentName": "Department",
    "MRAcquisitionType": "2D",
    "MagneticFieldStrength": 3,
    "Manufacturer": "Siemens",
    "ManufacturersModelName": "Prisma_fit",
    "Modality": "MR",
    "ParallelReductionFactorInPlane": 2,
    "PartialFourier": 1,
    "PatientPosition": "HFS",
    "PercentPhaseFOV": 100,
    "PhaseEncodingDirection": "j",
    "PhaseEncodingSteps": 63,
    "PhaseResolution": 1,
    "PixelBandwidth": 2230,
    "ProcedureStepDescription": "head_Kou_Murayama",
    "ProtocolName": "ep2d_bold_PtoA_iPAT2_MagicTrick_Run3",
    "PulseSequenceDetails": "%SiemensSeq%_ep2d_bold",
    "ReceiveCoilActiveElements": "HEA;HEP",
    "ReceiveCoilName": "Head_32",
    "ReconMatrixPE": 64,
    "RepetitionTime": 2,
    "SAR": 0.103404,
    "ScanOptions": "FS",
    "ScanningSequence": "EP",
    "SequenceName": "_epfid2d1_64",
    "SequenceVariant": "SK",
    "SeriesDescription": "ep2d_bold_PtoA_iPAT2_MagicTrick_Run3",
    "SeriesNumber": 11,
    "ShimSetting": [
      3373,
      -11982,
      11474,
      382,
      28,
      -295,
      94,
      82
    ],
    "SliceThickness": 3,
    "SliceTiming": [
      0,
      1.0175,
      0.055,
      1.07,
      0.1075,
      1.125,
      0.1625,
      1.1775,
      0.215,
      1.2325,
      0.2675,
      1.285,
      0.3225,
      1.3375,
      0.375,
      1.3925,
      0.43,
      1.445,
      0.4825,
      1.5,
      0.535,
      1.5525,
      0.59,
      1.605,
      0.6425,
      1.66,
      0.6975,
      1.7125,
      0.75,
      1.7675,
      0.8025,
      1.82,
      0.8575,
      1.8725,
      0.91,
      1.9275,
      0.965
    ],
    "SoftwareVersions": "syngo_MR_E11",
    "SpacingBetweenSlices": 3.75,
    "StationName": "AWP167013",
    "TaskName": "magictrickwatching",
    "TotalReadoutTime": 0.0166951,
    "TxRefAmp": 232.019,
    "dataset": "<unset>",
    "modality": "bold",
    "run_id": 3,
    "subject_id": "control019",
    "task_id": "magictrickwatching"
  },
  "dummy_trs": 0,
  "dvars_nstd": 28.86479961222523,
  "dvars_std": 1.2823273299463802,
  "dvars_vstd": 1.0621949700536193,
  "efc": 0.46844295819706094,
  "fber": 5658202.0,
  "fd_mean": 0.11225822025783898,
  "fd_num": 1,
  "fd_perc": 0.26737967914438504,
  "fwhm_avg": 2.7628834670152265,
  "fwhm_x": 2.659886878055483,
  "fwhm_y": 3.001086189656863,
  "fwhm_z": 2.627677333333333,
  "gcor": 0.0169273,
  "gsr_x": 0.012438781559467316,
  "gsr_y": 0.04175321385264397,
  "provenance": {
    "md5sum": "3451376b67f9c023a00a61e07c6e9a70",
    "settings": {
      "fd_thres": 0.5,
      "testing": false
    },
    "software": "mriqc",
    "version": "0.16.1",
    "webapi_port": null,
    "webapi_url": "https://mriqc.nimh.nih.gov/api/v1"
  },
  "size_t": 374,
  "size_x": 64,
  "size_y": 64,
  "size_z": 37,
  "snr": 2.6553504515191224,
  "spacing_tr": 2.0,
  "spacing_x": 2.999999761581421,
  "spacing_y": 3.000000476837158,
  "spacing_z": 3.75,
  "summary_bg_k": 34.388066268931716,
  "summary_bg_mad": 0.21293268653084887,
  "summary_bg_mean": 13.153762817382812,
  "summary_bg_median": 0.1458209902048111,
  "summary_bg_n": 87935.0,
  "summary_bg_p05": 0.001216910034418106,
  "summary_bg_p95": 83.07294311523441,
  "summary_bg_stdv": 38.57886505126953,
  "summary_fg_k": 0.06515662809644152,
  "summary_fg_mad": 156.2636405465208,
  "summary_fg_mean": 429.7484436035156,
  "summary_fg_median": 404.7713623046875,
  "summary_fg_n": 28773.0,
  "summary_fg_p05": 223.76170654296874,
  "summary_fg_p95": 709.1636596679687,
  "summary_fg_stdv": 152.43348693847656,
  "tsnr": 62.632991790771484
}