{
  "aor": 0.0006388000000000001,
  "aqi": 0.0028800772999999997,
  "bids_meta": {
    "AcquisitionMatrixPE": 64,
    "AcquisitionNumber": 1,
    "AcquisitionTime": "12:55:8.135000",
    "BandwidthPerPixelPhaseEncode": 58.962,
    "BaseResolution": 64,
    "BodyPartExamined": "HEAD",
    "ConsistencyInfo": "N4_VE11C_LATEST_20160120",
    "ConversionSoftware": "dcm2niix",
    "ConversionSoftwareVersion": "v1.0.20181125  GCC5.3.1",
    "DerivedVendorReportedEchoSpacing": 0.000530002,
    "DeviceSerialNumber": "167013",
    "DwellTime": 3.5e-06,
    "EchoTime": 0.03,
    "EchoTrainLength": 31,
    "EffectiveEchoSpacing": 0.000265001,
    "FlipAngle": 90,
    "ImageOrientationPatientDICOM": [
      0.998813,
      -0.0113367,
      -0.0473786,
      0.0160394,
      0.994849,
      0.100089
    ],
    "ImageType": [
      "ORIGINAL",
      "PRIMARY",
      "M",
      "ND",
      "MOSAIC"
    ],
    "ImagingFrequency": 123.249,
    "InPlanePhaseEncodingDirectionDICOM": "COL",
    "InstitutionAddress": "Whiteknights_Campus_StreetNo_Reading_District_GB_RG6_7BE",
    "InstitutionName": "UoR",
    "InstitutionalDepartmentName": "Department",
    "MRAcquisitionType": "2D",
    "MagneticFieldStrength": 3,
    "Manufacturer": "Siemens",
    "ManufacturersModelName": "Prisma_fit",
    "Modality": "MR",
    "ParallelReductionFactorInPlane": 2,
    "PartialFourier": 1,
    "PatientPosition": "HFS",
    "PercentPhaseFOV": 100,
    "PhaseEncodingDirection": "j",
    "PhaseEncodingSteps": 63,
    "PhaseResolution": 1,
    "PixelBandwidth": 2230,
    "ProcedureStepDescription": "head_Kou_Murayama",
    "ProtocolName": "ep2d_bold_PtoA_iPAT2_PreResting",
    "PulseSequenceDetails": "%SiemensSeq%_ep2d_bold",
    "ReceiveCoilActiveElements": "HEA;HEP",
    "ReceiveCoilName": "Head_32",
    "ReconMatrixPE": 64,
    "RepetitionTime": 2,
    "SAR": 0.10327,
    "ScanOptions": "FS",
    "ScanningSequence": "EP",
    "SequenceName": "_epfid2d1_64",
    "SequenceVariant": "SK",
    "SeriesDescription": "ep2d_bold_PtoA_iPAT2_PreResting",
    "SeriesNumber": 6,
    "ShimSetting": [
      3373,
      -11982,
      11474,
      382,
      28,
      -295,
      94,
      82
    ],
    "SliceThickness": 3,
    "SliceTiming": [
      0,
      1.015,
      0.0525,
      1.07,
      0.105,
      1.1225,
      0.16,
      1.175,
      0.2125,
      1.23,
      0.2675,
      1.2825,
      0.32,
      1.3375,
      0.3725,
      1.39,
      0.4275,
      1.4425,
      0.48,
      1.4975,
      0.535,
      1.55,
      0.5875,
      1.605,
      0.64,
      1.6575,
      0.695,
      1.71,
      0.7475,
      1.765,
      0.8025,
      1.8175,
      0.855,
      1.8725,
      0.9075,
      1.925,
      0.9625
    ],
    "SoftwareVersions": "syngo_MR_E11",
    "SpacingBetweenSlices": 3.75,
    "StationName": "AWP167013",
    "TaskName": "rest",
    "TotalReadoutTime": 0.0166951,
    "TxRefAmp": 232.019,
    "dataset": "<unset>",
    "modality": "bold",
    "run_id": 1,
    "subject_id": "control019",
    "task_id": "rest"
  },
  "dummy_trs": 0,
  "dvars_nstd": 31.63616600173913,
  "dvars_std": 1.2179196007023414,
  "dvars_vstd": 0.9781881581270916,
  "efc": 0.4642850798253771,
  "fber": 4851191.5,
  "fd_mean": 0.1482961912526192,
  "fd_num": 0,
  "fd_perc": 0.0,
  "fwhm_avg": 2.8021585777516678,
  "fwhm_x": 2.707843548533404,
  "fwhm_y": 3.0321361847215997,
  "fwhm_z": 2.666496,
  "gcor": 0.0106411,
  "gsr_x": 0.010426356457173824,
  "gsr_y": 0.04179536923766136,
  "provenance": {
    "md5sum": "f69186e56876b3524a630993d0ffd395",
    "settings": {
      "fd_thres": 0.5,
      "testing": false
    },
    "software": "mriqc",
    "version": "0.16.1",
    "webapi_port": null,
    "webapi_url": "https://mriqc.nimh.nih.gov/api/v1"
  },
  "size_t": 300,
  "size_x": 64,
  "size_y": 64,
  "size_z": 37,
  "snr": 2.599826701236131,
  "spacing_tr": 2.0,
  "spacing_x": 2.999999761581421,
  "spacing_y": 3.000000476837158,
  "spacing_z": 3.75,
  "summary_bg_k": 34.03390324526323,
  "summary_bg_mad": 0.24413177650658657,
  "summary_bg_mean": 13.134848594665527,
  "summary_bg_median": 0.16597090661525726,
  "summary_bg_n": 88417.0,
  "summary_bg_p05": 0.0006655978388153017,
  "summary_bg_p95": 82.56593780517576,
  "summary_bg_stdv": 39.083892822265625,
  "summary_fg_k": 0.14876611600222667,
  "summary_fg_mad": 160.07120175852677,
  "summary_fg_mean": 433.9778137207031,
  "summary_fg_median": 408.1523132324219,
  "summary_fg_n": 28616.0,
  "summary_fg_p05": 223.34342193603516,
  "summary_fg_p95": 724.3762512207031,
  "summary_fg_stdv": 156.9893798828125,
  "tsnr": 62.97703552246094
}