{
  "aor": 0.0002393622448979592,
  "aqi": 0.002642237576530612,
  "bids_meta": {
    "AcquisitionMatrixPE": 64,
    "AcquisitionNumber": 1,
    "AcquisitionTime": "13:07:27.810000",
    "BandwidthPerPixelPhaseEncode": 58.962,
    "BaseResolution": 64,
    "BodyPartExamined": "HEAD",
    "ConsistencyInfo": "N4_VE11C_LATEST_20160120",
    "ConversionSoftware": "dcm2niix",
    "ConversionSoftwareVersion": "v1.0.20181125  GCC5.3.1",
    "DerivedVendorReportedEchoSpacing": 0.000530002,
    "DeviceSerialNumber": "167013",
    "DwellTime": 3.5e-06,
    "EchoTime": 0.03,
    "EchoTrainLength": 31,
    "EffectiveEchoSpacing": 0.000265001,
    "FlipAngle": 90,
    "ImageOrientationPatientDICOM": [
      0.998813,
      -0.0113367,
      -0.0473786,
      0.0160394,
      0.994849,
      0.100089
    ],
    "ImageType": [
      "ORIGINAL",
      "PRIMARY",
      "M",
      "ND",
      "MOSAIC"
    ],
    "ImagingFrequency": 123.249,
    "InPlanePhaseEncodingDirectionDICOM": "COL",
    "InstitutionAddress": "Whiteknights_Campus_StreetNo_Reading_District_GB_RG6_7BE",
    "InstitutionName": "UoR",
    "InstitutionalDepartmentName": "Department",
    "MRAcquisitionType": "2D",
    "MagneticFieldStrength": 3,
    "Manufacturer": "Siemens",
    "ManufacturersModelName": "Prisma_fit",
    "Modality": "MR",
    "ParallelReductionFactorInPlane": 2,
    "PartialFourier": 1,
    "PatientPosition": "HFS",
    "PercentPhaseFOV": 100,
    "PhaseEncodingDirection": "j",
    "PhaseEncodingSteps": 63,
    "PhaseResolution": 1,
    "PixelBandwidth": 2230,
    "ProcedureStepDescription": "head_Kou_Murayama",
    "ProtocolName": "ep2d_bold_PtoA_iPAT2_MagicTrick_Run1",
    "PulseSequenceDetails": "%SiemensSeq%_ep2d_bold",
    "ReceiveCoilActiveElements": "HEA;HEP",
    "ReceiveCoilName": "Head_32",
    "ReconMatrixPE": 64,
    "RepetitionTime": 2,
    "SAR": 0.103404,
    "ScanOptions": "FS",
    "ScanningSequence": "EP",
    "SequenceName": "_epfid2d1_64",
    "SequenceVariant": "SK",
    "SeriesDescription": "ep2d_bold_PtoA_iPAT2_MagicTrick_Run1",
    "SeriesNumber": 9,
    "ShimSetting": [
      3373,
      -11982,
      11474,
      382,
      28,
      -295,
      94,
      82
    ],
    "SliceThickness": 3,
    "SliceTiming": [
      0,
      1.015,
      0.0525,
      1.07,
      0.1075,
      1.1225,
      0.16,
      1.1775,
      0.2125,
      1.23,
      0.2675,
      1.2825,
      0.32,
      1.3375,
      0.375,
      1.39,
      0.4275,
      1.445,
      0.48,
      1.4975,
      0.535,
      1.55,
      0.5875,
      1.605,
      0.6425,
      1.6575,
      0.695,
      1.7125,
      0.7475,
      1.765,
      0.8025,
      1.82,
      0.855,
      1.8725,
      0.91,
      1.925,
      0.9625
    ],
    "SoftwareVersions": "syngo_MR_E11",
    "SpacingBetweenSlices": 3.75,
    "StationName": "AWP167013",
    "TaskName": "magictrickwatching",
    "TotalReadoutTime": 0.0166951,
    "TxRefAmp": 232.019,
    "dataset": "<unset>",
    "modality": "bold",
    "run_id": 1,
    "subject_id": "control019",
    "task_id": "magictrickwatching"
  },
  "dummy_trs": 0,
  "dvars_nstd": 31.45267694383633,
  "dvars_std": 1.2158282174168795,
  "dvars_vstd": 0.9710901820460363,
  "efc": 0.4628435151567012,
  "fber": 9929028.0,
  "fd_mean": 0.12336598158422891,
  "fd_num": 2,
  "fd_perc": 0.5102040816326531,
  "fwhm_avg": 2.8013243552654186,
  "fwhm_x": 2.7012102146729005,
  "fwhm_y": 3.0338028511233563,
  "fwhm_z": 2.6689599999999998,
  "gcor": 0.0185125,
  "gsr_x": 0.011169182136654854,
  "gsr_y": 0.03918954357504845,
  "provenance": {
    "md5sum": "7ed018d02f8ba6ec96bd7e5b326baafa",
    "settings": {
      "fd_thres": 0.5,
      "testing": false
    },
    "software": "mriqc",
    "version": "0.16.1",
    "webapi_port": null,
    "webapi_url": "https://mriqc.nimh.nih.gov/api/v1"
  },
  "size_t": 392,
  "size_x": 64,
  "size_y": 64,
  "size_z": 37,
  "snr": 2.61858832138951,
  "spacing_tr": 2.0,
  "spacing_x": 2.999999761581421,
  "spacing_y": 3.000000476837158,
  "spacing_z": 3.75,
  "summary_bg_k": 34.806544809977524,
  "summary_bg_mad": 0.17659303032844254,
  "summary_bg_mean": 12.844314575195312,
  "summary_bg_median": 0.12136898189783096,
  "summary_bg_n": 88486.0,
  "summary_bg_p05": 0.0006075534911360592,
  "summary_bg_p95": 82.45215606689453,
  "summary_bg_stdv": 39.0341796875,
  "summary_fg_k": 0.16385499783394053,
  "summary_fg_mad": 160.9379458197695,
  "summary_fg_mean": 439.9087219238281,
  "summary_fg_median": 413.1588439941406,
  "summary_fg_n": 28331.0,
  "summary_fg_p05": 228.05982208251953,
  "summary_fg_p95": 732.1866149902344,
  "summary_fg_stdv": 157.7764434814453,
  "tsnr": 64.43498229980469
}