{
  "aor": 0.00016163333333333332,
  "aqi": 0.0033779241666666666,
  "bids_meta": {
    "AcquisitionMatrixPE": 64,
    "AcquisitionNumber": 1,
    "AcquisitionTime": "17:36:58.555000",
    "BandwidthPerPixelPhaseEncode": 58.962,
    "BaseResolution": 64,
    "BodyPartExamined": "HEAD",
    "ConsistencyInfo": "N4_VE11C_LATEST_20160120",
    "ConversionSoftware": "dcm2niix",
    "ConversionSoftwareVersion": "v1.0.20180622 GCC5.3.1",
    "DerivedVendorReportedEchoSpacing": 0.000530002,
    "DeviceSerialNumber": "167013",
    "DwellTime": 3.5e-06,
    "EchoTime": 0.03,
    "EchoTrainLength": 31,
    "EffectiveEchoSpacing": 0.000265001,
    "FlipAngle": 90,
    "ImageOrientationPatientDICOM": [
      0.995427,
      0.0952751,
      -0.00684414,
      -0.0953227,
      0.986203,
      -0.135344
    ],
    "ImageType": [
      "ORIGINAL",
      "PRIMARY",
      "M",
      "ND",
      "MOSAIC"
    ],
    "InPlanePhaseEncodingDirectionDICOM": "COL",
    "InstitutionAddress": "Whiteknights_Campus_StreetNo_Reading_District_GB_RG6_7BE",
    "InstitutionName": "UOR",
    "InstitutionalDepartmentName": "Department",
    "MRAcquisitionType": "2D",
    "MagneticFieldStrength": 3,
    "Manufacturer": "Siemens",
    "ManufacturersModelName": "Prisma_fit",
    "Modality": "MR",
    "ParallelReductionFactorInPlane": 2,
    "PartialFourier": 1,
    "PatientPosition": "HFS",
    "PercentPhaseFOV": 100,
    "PhaseEncodingDirection": "j",
    "PhaseEncodingSteps": 63,
    "PhaseResolution": 1,
    "PixelBandwidth": 2230,
    "ProcedureStepDescription": "head_Kou_Murayama",
    "ProtocolName": "ep2d_bold_PtoA_iPAT2_PreResting",
    "PulseSequenceDetails": "%SiemensSeq%_ep2d_bold",
    "ReceiveCoilActiveElements": "HEA;HEP",
    "ReceiveCoilName": "Head_32",
    "ReconMatrixPE": 64,
    "RepetitionTime": 2,
    "SAR": 0.103155,
    "ScanOptions": "FS",
    "ScanningSequence": "EP",
    "SequenceName": "_epfid2d1_64",
    "SequenceVariant": "SK",
    "SeriesDescription": "ep2d_bold_PtoA_iPAT2_PreResting",
    "SeriesNumber": 6,
    "ShimSetting": [
      3376,
      -11953,
      11443,
      290,
      49,
      -156,
      -27,
      39
    ],
    "SliceThickness": 3,
    "SliceTiming": [
      0,
      1.0175,
      0.055,
      1.07,
      0.1075,
      1.125,
      0.1625,
      1.1775,
      0.215,
      1.2325,
      0.2675,
      1.285,
      0.3225,
      1.34,
      0.375,
      1.3925,
      0.43,
      1.445,
      0.4825,
      1.5,
      0.535,
      1.5525,
      0.59,
      1.6075,
      0.6425,
      1.66,
      0.6975,
      1.7125,
      0.75,
      1.7675,
      0.8025,
      1.82,
      0.8575,
      1.875,
      0.91,
      1.9275,
      0.965
    ],
    "SoftwareVersions": "syngo_MR_E11",
    "SpacingBetweenSlices": 3.75,
    "StationName": "AWP167013",
    "TaskName": "rest",
    "TotalReadoutTime": 0.0166951,
    "TxRefAmp": 243.46,
    "dataset": "<unset>",
    "modality": "bold",
    "run_id": 1,
    "subject_id": "experimental004",
    "task_id": "rest"
  },
  "dummy_trs": 0,
  "dvars_nstd": 30.551141094715728,
  "dvars_std": 1.1374002970568564,
  "dvars_vstd": 0.9718227232441473,
  "efc": 0.48767680609425534,
  "fber": 2237826.25,
  "fd_mean": 0.169082169378629,
  "fd_num": 0,
  "fd_perc": 0.0,
  "fwhm_avg": 2.7234889459561984,
  "fwhm_x": 2.5570366666666664,
  "fwhm_y": 2.9206566666666665,
  "fwhm_z": 2.692773504535262,
  "gcor": 0.0291137,
  "gsr_x": 0.039725594222545624,
  "gsr_y": 0.03633366897702217,
  "provenance": {
    "md5sum": "2ec04d6f560f09cc68bc4035ce9f3a59",
    "settings": {
      "fd_thres": 0.5,
      "testing": false
    },
    "software": "mriqc",
    "version": "0.16.1",
    "webapi_port": null,
    "webapi_url": "https://mriqc.nimh.nih.gov/api/v1"
  },
  "size_t": 300,
  "size_x": 64,
  "size_y": 64,
  "size_z": 37,
  "snr": 2.49375987126952,
  "spacing_tr": 2.0,
  "spacing_x": 3.0,
  "spacing_y": 3.0,
  "spacing_z": 3.749999761581421,
  "summary_bg_k": 30.69951328324281,
  "summary_bg_mad": 0.3130068878477008,
  "summary_bg_mean": 17.137609481811523,
  "summary_bg_median": 0.2147209346294403,
  "summary_bg_n": 85228.0,
  "summary_bg_p05": 0.0017134629248175774,
  "summary_bg_p95": 107.34238433837878,
  "summary_bg_stdv": 50.05575942993164,
  "summary_fg_k": 0.3664766785020146,
  "summary_fg_mad": 143.17409268226638,
  "summary_fg_mean": 391.23016357421875,
  "summary_fg_median": 365.24407958984375,
  "summary_fg_n": 29438.0,
  "summary_fg_p05": 202.17340850830078,
  "summary_fg_p95": 669.2971099853515,
  "summary_fg_stdv": 146.46072387695312,
  "tsnr": 55.55004119873047
}