{
  "aor": 0.00020901098901098902,
  "aqi": 0.004206545824175825,
  "bids_meta": {
    "AcquisitionMatrixPE": 64,
    "AcquisitionNumber": 1,
    "AcquisitionTime": "18:09:57.237500",
    "BandwidthPerPixelPhaseEncode": 58.962,
    "BaseResolution": 64,
    "BodyPartExamined": "HEAD",
    "ConsistencyInfo": "N4_VE11C_LATEST_20160120",
    "ConversionSoftware": "dcm2niix",
    "ConversionSoftwareVersion": "v1.0.20180622 GCC5.3.1",
    "DerivedVendorReportedEchoSpacing": 0.000530002,
    "DeviceSerialNumber": "167013",
    "DwellTime": 3.5e-06,
    "EchoTime": 0.03,
    "EchoTrainLength": 31,
    "EffectiveEchoSpacing": 0.000265001,
    "FlipAngle": 90,
    "ImageOrientationPatientDICOM": [
      0.995427,
      0.0952751,
      -0.00684414,
      -0.0953227,
      0.986203,
      -0.135344
    ],
    "ImageType": [
      "ORIGINAL",
      "PRIMARY",
      "M",
      "ND",
      "MOSAIC"
    ],
    "InPlanePhaseEncodingDirectionDICOM": "COL",
    "InstitutionAddress": "Whiteknights_Campus_StreetNo_Reading_District_GB_RG6_7BE",
    "InstitutionName": "UOR",
    "InstitutionalDepartmentName": "Department",
    "MRAcquisitionType": "2D",
    "MagneticFieldStrength": 3,
    "Manufacturer": "Siemens",
    "ManufacturersModelName": "Prisma_fit",
    "Modality": "MR",
    "ParallelReductionFactorInPlane": 2,
    "PartialFourier": 1,
    "PatientPosition": "HFS",
    "PercentPhaseFOV": 100,
    "PhaseEncodingDirection": "j",
    "PhaseEncodingSteps": 63,
    "PhaseResolution": 1,
    "PixelBandwidth": 2230,
    "ProcedureStepDescription": "head_Kou_Murayama",
    "ProtocolName": "ep2d_bold_PtoA_iPAT2_MagicTrick_Run2",
    "PulseSequenceDetails": "%SiemensSeq%_ep2d_bold",
    "ReceiveCoilActiveElements": "HEA;HEP",
    "ReceiveCoilName": "Head_32",
    "ReconMatrixPE": 64,
    "RepetitionTime": 2,
    "SAR": 0.103289,
    "ScanOptions": "FS",
    "ScanningSequence": "EP",
    "SequenceName": "_epfid2d1_64",
    "SequenceVariant": "SK",
    "SeriesDescription": "ep2d_bold_PtoA_iPAT2_MagicTrick_Run2",
    "SeriesNumber": 10,
    "ShimSetting": [
      3376,
      -11953,
      11443,
      290,
      49,
      -156,
      -27,
      39
    ],
    "SliceThickness": 3,
    "SliceTiming": [
      0,
      1.015,
      0.0525,
      1.07,
      0.105,
      1.1225,
      0.16,
      1.1775,
      0.2125,
      1.23,
      0.2675,
      1.2825,
      0.32,
      1.3375,
      0.3725,
      1.39,
      0.4275,
      1.445,
      0.48,
      1.4975,
      0.535,
      1.55,
      0.5875,
      1.605,
      0.64,
      1.6575,
      0.695,
      1.7125,
      0.7475,
      1.765,
      0.8025,
      1.8175,
      0.855,
      1.8725,
      0.9075,
      1.925,
      0.9625
    ],
    "SoftwareVersions": "syngo_MR_E11",
    "SpacingBetweenSlices": 3.75,
    "StationName": "AWP167013",
    "TaskName": "magictrickwatching",
    "TotalReadoutTime": 0.0166951,
    "TxRefAmp": 243.46,
    "dataset": "<unset>",
    "modality": "bold",
    "run_id": 2,
    "subject_id": "experimental004",
    "task_id": "magictrickwatching"
  },
  "dummy_trs": 0,
  "dvars_nstd": 32.03574775922867,
  "dvars_std": 1.1163312368595038,
  "dvars_vstd": 0.9562065356749306,
  "efc": 0.4868744297276131,
  "fber": 2040152.25,
  "fd_mean": 0.16311576493253396,
  "fd_num": 2,
  "fd_perc": 0.5494505494505495,
  "fwhm_avg": 2.7204133906074843,
  "fwhm_x": 2.5347733333333333,
  "fwhm_y": 2.9239333333333337,
  "fwhm_z": 2.702533505155786,
  "gcor": 0.0121684,
  "gsr_x": 0.04383675381541252,
  "gsr_y": 0.03853371739387512,
  "provenance": {
    "md5sum": "5688154f704b2e27887dc395ffe41c79",
    "settings": {
      "fd_thres": 0.5,
      "testing": false
    },
    "software": "mriqc",
    "version": "0.16.1",
    "webapi_port": null,
    "webapi_url": "https://mriqc.nimh.nih.gov/api/v1"
  },
  "size_t": 364,
  "size_x": 64,
  "size_y": 64,
  "size_z": 37,
  "snr": 2.453416786610642,
  "spacing_tr": 2.0,
  "spacing_x": 3.0,
  "spacing_y": 3.0,
  "spacing_z": 3.749999761581421,
  "summary_bg_k": 35.82208040184608,
  "summary_bg_mad": 0.31478682663593227,
  "summary_bg_mean": 16.585338592529297,
  "summary_bg_median": 0.2138804793357849,
  "summary_bg_n": 85659.0,
  "summary_bg_p05": 0.00108391591347754,
  "summary_bg_p95": 102.20677719116206,
  "summary_bg_stdv": 47.50002670288086,
  "summary_fg_k": 0.6368061914160048,
  "summary_fg_mad": 135.4030997552408,
  "summary_fg_mean": 377.26617431640625,
  "summary_fg_median": 350.3739929199219,
  "summary_fg_n": 29369.0,
  "summary_fg_p05": 196.6440368652344,
  "summary_fg_p95": 650.2738159179687,
  "summary_fg_stdv": 142.80819702148438,
  "tsnr": 51.60545349121094
}