{
  "bids_meta": {
    "AcquisitionMatrixPE": 256,
    "AcquisitionNumber": 1,
    "AcquisitionTime": "17:02:43.660000",
    "BaseResolution": 256,
    "BodyPartExamined": "HEAD",
    "ConsistencyInfo": "N4_VE11C_LATEST_20160120",
    "ConversionSoftware": "dcm2niix",
    "ConversionSoftwareVersion": "v1.0.20181125  GCC5.3.1",
    "DeviceSerialNumber": "167013",
    "DwellTime": 9.8e-06,
    "EchoTime": 0.00229,
    "FlipAngle": 8,
    "ImageOrientationPatientDICOM": [
      -0.112704,
      0.990952,
      0.0728878,
      -0.000502748,
      0.0732983,
      -0.99731
    ],
    "ImageType": [
      "ORIGINAL",
      "PRIMARY",
      "M",
      "ND",
      "NORM"
    ],
    "ImagingFrequency": 123.249,
    "InPlanePhaseEncodingDirectionDICOM": "ROW",
    "InstitutionAddress": "Whiteknights_Campus_StreetNo_Reading_District_GB_RG6_7BE",
    "InstitutionName": "UoR",
    "InstitutionalDepartmentName": "Department",
    "InversionTime": 0.9,
    "MRAcquisitionType": "3D",
    "MagneticFieldStrength": 3,
    "Manufacturer": "Siemens",
    "ManufacturersModelName": "Prisma_fit",
    "Modality": "MR",
    "PartialFourier": 1,
    "PatientPosition": "HFS",
    "PercentPhaseFOV": 100,
    "PhaseEncodingSteps": 255,
    "PhaseResolution": 1,
    "PixelBandwidth": 200,
    "ProcedureStepDescription": "head_Kou_Murayama",
    "ProtocolName": "t1_mprage_sag_p2_iso_192",
    "PulseSequenceDetails": "%SiemensSeq%_tfl",
    "ReceiveCoilActiveElements": "HEA;HEP",
    "ReceiveCoilName": "Head_32",
    "ReconMatrixPE": 256,
    "RepetitionTime": 2.3,
    "SAR": 0.0512617,
    "ScanOptions": "IR",
    "ScanningSequence": "GR_IR",
    "SequenceName": "_tfl3d1_16ns",
    "SequenceVariant": "SK_SP_MP",
    "SeriesDescription": "t1_mprage_sag_p2_iso_192",
    "SeriesNumber": 13,
    "ShimSetting": [
      3382,
      -11946,
      11206,
      -4,
      -40,
      -152,
      -34,
      21
    ],
    "SliceThickness": 0.94,
    "SoftwareVersions": "syngo_MR_E11",
    "StationName": "AWP167013",
    "TxRefAmp": 221.517,
    "dataset": "<unset>",
    "modality": "T1w",
    "rec_id": "NORM",
    "subject_id": "control035"
  },
  "cjv": 0.4446423631059244,
  "cnr": 2.9072819464417177,
  "efc": 0.5333635160890107,
  "fber": 2292.168420099593,
  "fwhm_avg": 3.40867895324284,
  "fwhm_x": 3.416180859728521,
  "fwhm_y": 3.334336,
  "fwhm_z": 3.4755200000000004,
  "icvs_csf": 0.2055743726728783,
  "icvs_gm": 0.4284823820695727,
  "icvs_wm": 0.365943245257549,
  "inu_med": 1.3011213541030884,
  "inu_range": 0.23469712734222425,
  "provenance": {
    "md5sum": "f761a512fe2b7cbf3f20c55fb794965f",
    "settings": {
      "testing": false
    },
    "software": "mriqc",
    "version": "0.16.1",
    "warnings": {
      "large_rot_frame": true,
      "small_air_mask": false
    },
    "webapi_port": null,
    "webapi_url": "https://mriqc.nimh.nih.gov/api/v1"
  },
  "qi_1": 0.0005270484232338598,
  "qi_2": 0.008267535153178924,
  "rpve_csf": 26.890590126746286,
  "rpve_gm": 13.50285586194364,
  "rpve_wm": 18.567283360847078,
  "size_x": 192,
  "size_y": 256,
  "size_z": 256,
  "snr_csf": 0.5941368256062699,
  "snr_gm": 9.32817529388629,
  "snr_total": 8.878077884508848,
  "snr_wm": 16.711921534033984,
  "snrd_csf": 40.09898914226539,
  "snrd_gm": 80.02571889897378,
  "snrd_total": 77.42185601294572,
  "snrd_wm": 112.140859997598,
  "spacing_x": 0.9399999976158142,
  "spacing_y": 0.9375,
  "spacing_z": 0.9375,
  "summary_bg_k": 19.55345964850867,
  "summary_bg_mad": 5.842474404792099,
  "summary_bg_mean": 12.507544060600779,
  "summary_bg_median": 7.881378203630447,
  "summary_bg_n": 2981315.0,
  "summary_bg_p05": 0.0,
  "summary_bg_p95": 43.08041475713253,
  "summary_bg_stdv": 16.451353250742645,
  "summary_csf_k": 2.084058009543088,
  "summary_csf_mad": 164.08440828373742,
  "summary_csf_mean": 608.34047511149,
  "summary_csf_median": 357.60083815455437,
  "summary_csf_n": 24250.0,
  "summary_csf_p05": 174.99331265687943,
  "summary_csf_p95": 2006.2014821670946,
  "summary_csf_stdv": 601.8705615503405,
  "summary_gm_k": 0.5799635485429517,
  "summary_gm_mad": 72.98141756494536,
  "summary_gm_mean": 714.3445328698939,
  "summary_gm_median": 713.6654754728079,
  "summary_gm_n": 18400.0,
  "summary_gm_p05": 591.3037392944098,
  "summary_gm_p95": 840.1048230014741,
  "summary_gm_stdv": 76.5043601392719,
  "summary_wm_k": 1.1036030408159911,
  "summary_wm_mad": 54.364719461540034,
  "summary_wm_mean": 1004.792730377523,
  "summary_wm_median": 1000.0667444318533,
  "summary_wm_n": 204189.0,
  "summary_wm_p05": 914.707411006093,
  "summary_wm_p95": 1110.2056652605534,
  "summary_wm_stdv": 59.84137093493673,
  "tpm_overlap_csf": 0.13202154636383057,
  "tpm_overlap_gm": 0.4033353626728058,
  "tpm_overlap_wm": 0.4414193332195282,
  "wm2max": 0.41368735149472285
}