{
  "aor": 0.0003069333333333334,
  "aqi": 0.0021443933666666667,
  "bids_meta": {
    "AcquisitionMatrixPE": 64,
    "AcquisitionNumber": 1,
    "AcquisitionTime": "13:33:34.517500",
    "BandwidthPerPixelPhaseEncode": 58.962,
    "BaseResolution": 64,
    "BodyPartExamined": "HEAD",
    "ConsistencyInfo": "N4_VE11C_LATEST_20160120",
    "ConversionSoftware": "dcm2niix",
    "ConversionSoftwareVersion": "v1.0.20181125  GCC5.3.1",
    "DerivedVendorReportedEchoSpacing": 0.000530002,
    "DeviceSerialNumber": "167013",
    "DwellTime": 3.5e-06,
    "EchoTime": 0.03,
    "EchoTrainLength": 31,
    "EffectiveEchoSpacing": 0.000265001,
    "FlipAngle": 90,
    "ImageOrientationPatientDICOM": [
      0.988483,
      0.134911,
      -0.0685661,
      -0.137691,
      0.989763,
      -0.0375572
    ],
    "ImageType": [
      "ORIGINAL",
      "PRIMARY",
      "M",
      "ND",
      "MOSAIC"
    ],
    "ImagingFrequency": 123.249,
    "InPlanePhaseEncodingDirectionDICOM": "COL",
    "InstitutionAddress": "Whiteknights_Campus_StreetNo_Reading_District_GB_RG6_7BE",
    "InstitutionName": "UoR",
    "InstitutionalDepartmentName": "Department",
    "MRAcquisitionType": "2D",
    "MagneticFieldStrength": 3,
    "Manufacturer": "Siemens",
    "ManufacturersModelName": "Prisma_fit",
    "Modality": "MR",
    "ParallelReductionFactorInPlane": 2,
    "PartialFourier": 1,
    "PatientPosition": "HFS",
    "PercentPhaseFOV": 100,
    "PhaseEncodingDirection": "j",
    "PhaseEncodingSteps": 63,
    "PhaseResolution": 1,
    "PixelBandwidth": 2230,
    "ProcedureStepDescription": "head_Kou_Murayama",
    "ProtocolName": "ep2d_bold_PtoA_iPAT2_PreResting",
    "PulseSequenceDetails": "%SiemensSeq%_ep2d_bold",
    "ReceiveCoilActiveElements": "HEA;HEP",
    "ReceiveCoilName": "Head_32",
    "ReconMatrixPE": 64,
    "RepetitionTime": 2,
    "SAR": 0.119705,
    "ScanOptions": "FS",
    "ScanningSequence": "EP",
    "SequenceName": "_epfid2d1_64",
    "SequenceVariant": "SK",
    "SeriesDescription": "ep2d_bold_PtoA_iPAT2_PreResting",
    "SeriesNumber": 6,
    "ShimSetting": [
      3382,
      -11993,
      11442,
      495,
      34,
      -239,
      -61,
      71
    ],
    "SliceThickness": 3,
    "SliceTiming": [
      0,
      1.0175,
      0.055,
      1.07,
      0.1075,
      1.125,
      0.16,
      1.1775,
      0.215,
      1.23,
      0.2675,
      1.285,
      0.3225,
      1.3375,
      0.375,
      1.3925,
      0.4275,
      1.445,
      0.4825,
      1.5,
      0.535,
      1.5525,
      0.59,
      1.605,
      0.6425,
      1.66,
      0.695,
      1.7125,
      0.75,
      1.7675,
      0.8025,
      1.82,
      0.8575,
      1.8725,
      0.91,
      1.9275,
      0.9625
    ],
    "SoftwareVersions": "syngo_MR_E11",
    "SpacingBetweenSlices": 3.75,
    "StationName": "AWP167013",
    "TaskName": "rest",
    "TotalReadoutTime": 0.0166951,
    "TxRefAmp": 254.958,
    "dataset": "<unset>",
    "modality": "bold",
    "run_id": 1,
    "subject_id": "experimental024",
    "task_id": "rest"
  },
  "dummy_trs": 0,
  "dvars_nstd": 24.668880826287637,
  "dvars_std": 1.1836813292976591,
  "dvars_vstd": 0.9947989962207356,
  "efc": 0.45345305144918063,
  "fber": 22461384.0,
  "fd_mean": 0.0695543450406339,
  "fd_num": 0,
  "fd_perc": 0.0,
  "fwhm_avg": 2.7126302429352207,
  "fwhm_x": 2.649666456090096,
  "fwhm_y": 2.8323631082373373,
  "fwhm_z": 2.6558611644782277,
  "gcor": 0.0306992,
  "gsr_x": 0.02872677892446518,
  "gsr_y": 0.016932526603341103,
  "provenance": {
    "md5sum": "531fc0905c5135abebd4ef48739e61d7",
    "settings": {
      "fd_thres": 0.5,
      "testing": false
    },
    "software": "mriqc",
    "version": "0.16.1",
    "webapi_port": null,
    "webapi_url": "https://mriqc.nimh.nih.gov/api/v1"
  },
  "size_t": 300,
  "size_x": 64,
  "size_y": 64,
  "size_z": 37,
  "snr": 2.7284034761134697,
  "spacing_tr": 2.0,
  "spacing_x": 3.000000238418579,
  "spacing_y": 3.000000238418579,
  "spacing_z": 3.750000238418579,
  "summary_bg_k": 38.06980524037807,
  "summary_bg_mad": 0.10794786164133138,
  "summary_bg_mean": 12.475350379943848,
  "summary_bg_median": 0.07347923517227173,
  "summary_bg_n": 90686.0,
  "summary_bg_p05": 0.0004722318481071852,
  "summary_bg_p95": 70.90216636657715,
  "summary_bg_stdv": 41.401031494140625,
  "summary_fg_k": 0.33720207104463906,
  "summary_fg_mad": 141.39187523271391,
  "summary_fg_mean": 417.8424987792969,
  "summary_fg_median": 392.86260986328125,
  "summary_fg_n": 26858.0,
  "summary_fg_p05": 228.28556976318362,
  "summary_fg_p95": 694.4469696044919,
  "summary_fg_stdv": 143.98724365234375,
  "tsnr": 68.89442443847656
}