{
  "aor": 0.0008339333333333335,
  "aqi": 0.006184134500000001,
  "bids_meta": {
    "AcquisitionMatrixPE": 64,
    "AcquisitionNumber": 1,
    "AcquisitionTime": "11:28:13.147500",
    "BandwidthPerPixelPhaseEncode": 58.962,
    "BaseResolution": 64,
    "BodyPartExamined": "HEAD",
    "ConsistencyInfo": "N4_VE11C_LATEST_20160120",
    "ConversionSoftware": "dcm2niix",
    "ConversionSoftwareVersion": "v1.0.20181125  GCC5.3.1",
    "DerivedVendorReportedEchoSpacing": 0.000530002,
    "DeviceSerialNumber": "167013",
    "DwellTime": 3.5e-06,
    "EchoTime": 0.03,
    "EchoTrainLength": 31,
    "EffectiveEchoSpacing": 0.000265001,
    "FlipAngle": 90,
    "ImageOrientationPatientDICOM": [
      0.992624,
      0.11866,
      -0.0248484,
      -0.114148,
      0.983813,
      0.138142
    ],
    "ImageType": [
      "ORIGINAL",
      "PRIMARY",
      "M",
      "ND",
      "MOSAIC"
    ],
    "ImagingFrequency": 123.249,
    "InPlanePhaseEncodingDirectionDICOM": "COL",
    "InstitutionAddress": "Whiteknights_Campus_StreetNo_Reading_District_GB_RG6_7BE",
    "InstitutionName": "UoR",
    "InstitutionalDepartmentName": "Department",
    "MRAcquisitionType": "2D",
    "MagneticFieldStrength": 3,
    "Manufacturer": "Siemens",
    "ManufacturersModelName": "Prisma_fit",
    "Modality": "MR",
    "ParallelReductionFactorInPlane": 2,
    "PartialFourier": 1,
    "PatientPosition": "HFS",
    "PercentPhaseFOV": 100,
    "PhaseEncodingDirection": "j",
    "PhaseEncodingSteps": 63,
    "PhaseResolution": 1,
    "PixelBandwidth": 2230,
    "ProcedureStepDescription": "head_Kou_Murayama",
    "ProtocolName": "ep2d_bold_PtoA_iPAT2_PreResting",
    "PulseSequenceDetails": "%SiemensSeq%_ep2d_bold",
    "ReceiveCoilActiveElements": "HEA;HEP",
    "ReceiveCoilName": "Head_32",
    "ReconMatrixPE": 64,
    "RepetitionTime": 2,
    "SAR": 0.107707,
    "ScanOptions": "FS",
    "ScanningSequence": "EP",
    "SequenceName": "_epfid2d1_64",
    "SequenceVariant": "SK",
    "SeriesDescription": "ep2d_bold_PtoA_iPAT2_PreResting",
    "SeriesNumber": 6,
    "ShimSetting": [
      3372,
      -11991,
      11497,
      400,
      -41,
      -273,
      119,
      0
    ],
    "SliceThickness": 3,
    "SliceTiming": [
      0,
      1.015,
      0.0525,
      1.07,
      0.1075,
      1.1225,
      0.16,
      1.1775,
      0.2125,
      1.23,
      0.2675,
      1.2825,
      0.32,
      1.3375,
      0.375,
      1.39,
      0.4275,
      1.445,
      0.48,
      1.4975,
      0.535,
      1.55,
      0.5875,
      1.605,
      0.6425,
      1.6575,
      0.695,
      1.7125,
      0.7475,
      1.765,
      0.8025,
      1.8175,
      0.855,
      1.8725,
      0.91,
      1.925,
      0.9625
    ],
    "SoftwareVersions": "syngo_MR_E11",
    "SpacingBetweenSlices": 3.75,
    "StationName": "AWP167013",
    "TaskName": "rest",
    "TotalReadoutTime": 0.0166951,
    "TxRefAmp": 237.236,
    "dataset": "<unset>",
    "modality": "bold",
    "run_id": 1,
    "subject_id": "control017",
    "task_id": "rest"
  },
  "dummy_trs": 0,
  "dvars_nstd": 23.398581405919746,
  "dvars_std": 1.01653316729097,
  "dvars_vstd": 0.9163436309364552,
  "efc": 0.480400374366754,
  "fber": 690767.9375,
  "fd_mean": 0.08791286288358645,
  "fd_num": 0,
  "fd_perc": 0.0,
  "fwhm_avg": 2.9305789383199894,
  "fwhm_x": 2.8180366666666665,
  "fwhm_y": 3.1733005043825315,
  "fwhm_z": 2.800399643910771,
  "gcor": 0.0309243,
  "gsr_x": 0.020222917199134827,
  "gsr_y": 0.02547716535627842,
  "provenance": {
    "md5sum": "c51e4e10adaebf7e28c2b8374032f69c",
    "settings": {
      "fd_thres": 0.5,
      "testing": false
    },
    "software": "mriqc",
    "version": "0.16.1",
    "webapi_port": null,
    "webapi_url": "https://mriqc.nimh.nih.gov/api/v1"
  },
  "size_t": 300,
  "size_x": 64,
  "size_y": 64,
  "size_z": 37,
  "snr": 2.5715542634437742,
  "spacing_tr": 2.0,
  "spacing_x": 3.0,
  "spacing_y": 2.999999523162842,
  "spacing_z": 3.750000476837158,
  "summary_bg_k": 36.060714708793334,
  "summary_bg_mad": 0.6536999422400906,
  "summary_bg_mean": 14.177397727966309,
  "summary_bg_median": 0.4456992745399475,
  "summary_bg_n": 85882.0,
  "summary_bg_p05": 0.0018530202039983125,
  "summary_bg_p95": 81.03081893920893,
  "summary_bg_stdv": 40.78217697143555,
  "summary_fg_k": 0.12937240450340637,
  "summary_fg_mad": 161.89447943492536,
  "summary_fg_mean": 425.6408386230469,
  "summary_fg_median": 402.8492431640625,
  "summary_fg_n": 30831.0,
  "summary_fg_p05": 214.10407257080078,
  "summary_fg_p95": 711.7760314941406,
  "summary_fg_stdv": 156.6533966064453,
  "tsnr": 46.17322540283203
}