{
  "bids_meta": {
    "AcquisitionMatrixPE": 256,
    "AcquisitionNumber": 1,
    "AcquisitionTime": "11:12:9.492500",
    "BaseResolution": 256,
    "BodyPartExamined": "HEAD",
    "ConsistencyInfo": "N4_VE11C_LATEST_20160120",
    "ConversionSoftware": "dcm2niix",
    "ConversionSoftwareVersion": "v1.0.20181125  GCC5.3.1",
    "DeviceSerialNumber": "167013",
    "DwellTime": 9.8e-06,
    "EchoTime": 0.00229,
    "FlipAngle": 8,
    "ImageOrientationPatientDICOM": [
      -0.00517189,
      0.965808,
      0.259205,
      0.0300356,
      0.259242,
      -0.965345
    ],
    "ImageType": [
      "ORIGINAL",
      "PRIMARY",
      "M",
      "ND",
      "NORM"
    ],
    "ImagingFrequency": 123.249,
    "InPlanePhaseEncodingDirectionDICOM": "ROW",
    "InstitutionAddress": "Whiteknights_Campus_StreetNo_Reading_District_GB_RG6_7BE",
    "InstitutionName": "UoR",
    "InstitutionalDepartmentName": "Department",
    "InversionTime": 0.9,
    "MRAcquisitionType": "3D",
    "MagneticFieldStrength": 3,
    "Manufacturer": "Siemens",
    "ManufacturersModelName": "Prisma_fit",
    "Modality": "MR",
    "PartialFourier": 1,
    "PatientPosition": "HFS",
    "PercentPhaseFOV": 100,
    "PhaseEncodingSteps": 255,
    "PhaseResolution": 1,
    "PixelBandwidth": 200,
    "ProcedureStepDescription": "head_Kou_Murayama",
    "ProtocolName": "t1_mprage_sag_p2_iso_192",
    "PulseSequenceDetails": "%SiemensSeq%_tfl",
    "ReceiveCoilActiveElements": "HEA;HEP",
    "ReceiveCoilName": "Head_32",
    "ReconMatrixPE": 256,
    "RepetitionTime": 2.3,
    "SAR": 0.0598485,
    "ScanOptions": "IR",
    "ScanningSequence": "GR_IR",
    "SequenceName": "_tfl3d1_16ns",
    "SequenceVariant": "SK_SP_MP",
    "SeriesDescription": "t1_mprage_sag_p2_iso_192",
    "SeriesNumber": 13,
    "ShimSetting": [
      3382,
      -11946,
      11206,
      -4,
      -40,
      -152,
      -34,
      21
    ],
    "SliceThickness": 0.94,
    "SoftwareVersions": "syngo_MR_E11",
    "StationName": "AWP167013",
    "TxRefAmp": 243.078,
    "dataset": "<unset>",
    "modality": "T1w",
    "rec_id": "NORM",
    "subject_id": "control001"
  },
  "cjv": 0.31163717220353043,
  "cnr": 4.244533364535055,
  "efc": 0.5066555041285221,
  "fber": 7580.604444444445,
  "fwhm_avg": 4.016165829373361,
  "fwhm_x": 4.050779902645756,
  "fwhm_y": 3.9658349188076607,
  "fwhm_z": 4.031882666666666,
  "icvs_csf": 0.2099172938621072,
  "icvs_gm": 0.43799637136461445,
  "icvs_wm": 0.3520863347732784,
  "inu_med": 1.2475037574768066,
  "inu_range": 0.3099352717399597,
  "provenance": {
    "md5sum": "2e1792f35ba17b0cac136a8ab4a1f499",
    "settings": {
      "testing": false
    },
    "software": "mriqc",
    "version": "0.16.1",
    "warnings": {
      "large_rot_frame": true,
      "small_air_mask": false
    },
    "webapi_port": null,
    "webapi_url": "https://mriqc.nimh.nih.gov/api/v1"
  },
  "qi_1": 0.024170326569043787,
  "qi_2": 0.011976516904846716,
  "rpve_csf": 28.63568593369854,
  "rpve_gm": 14.872595742132527,
  "rpve_wm": 21.949292409386825,
  "size_x": 192,
  "size_y": 256,
  "size_z": 256,
  "snr_csf": 3.153784812132721,
  "snr_gm": 13.248908559500904,
  "snr_total": 12.399682823760449,
  "snr_wm": 20.79635509964772,
  "snrd_csf": 39.99688911003308,
  "snrd_gm": 76.0038367231433,
  "snrd_total": 75.0485901432611,
  "snrd_wm": 109.14504459660692,
  "spacing_x": 0.9400041699409485,
  "spacing_y": 0.9374999403953552,
  "spacing_z": 0.9375,
  "summary_bg_k": 13.948798568133899,
  "summary_bg_mad": 6.002438050565999,
  "summary_bg_mean": 5.069709185266786,
  "summary_bg_median": 4.048582941293716,
  "summary_bg_n": 2605826.0,
  "summary_bg_p05": 0.0,
  "summary_bg_p95": 16.432483702898026,
  "summary_bg_stdv": 6.557171881383811,
  "summary_csf_k": -0.7065211951764572,
  "summary_csf_mad": 138.80637991933872,
  "summary_csf_mean": 371.55492372851944,
  "summary_csf_median": 366.4562941715121,
  "summary_csf_n": 15734.0,
  "summary_csf_p05": 193.00130723007024,
  "summary_csf_p95": 554.7154009416699,
  "summary_csf_stdv": 116.19202654961973,
  "summary_gm_k": 0.05716555269790735,
  "summary_gm_mad": 52.16824835124273,
  "summary_gm_mean": 695.7100237604085,
  "summary_gm_median": 696.3562659025192,
  "summary_gm_n": 45959.0,
  "summary_gm_p05": 607.8828210383654,
  "summary_gm_p95": 780.8406658098102,
  "summary_gm_stdv": 52.55894754588848,
  "summary_wm_k": 0.988448902019269,
  "summary_wm_mad": 42.4584220929742,
  "summary_wm_mean": 996.1068554883525,
  "summary_wm_median": 999.999986499548,
  "summary_wm_n": 187482.0,
  "summary_wm_p05": 908.9068703204393,
  "summary_wm_p95": 1067.754212781787,
  "summary_wm_stdv": 48.08522045241841,
  "tpm_overlap_csf": 0.16459424793720245,
  "tpm_overlap_gm": 0.4498822093009949,
  "tpm_overlap_wm": 0.5051704049110413,
  "wm2max": 0.402521149375704
}