{
  "bids_meta": {
    "AcquisitionMatrixPE": 256,
    "AcquisitionNumber": 1,
    "AcquisitionTime": "15:37:38.400000",
    "BaseResolution": 256,
    "BodyPartExamined": "HEAD",
    "ConsistencyInfo": "N4_VE11C_LATEST_20160120",
    "ConversionSoftware": "dcm2niix",
    "ConversionSoftwareVersion": "v1.0.20181125  GCC5.3.1",
    "DeviceSerialNumber": "167013",
    "DwellTime": 9.8e-06,
    "EchoTime": 0.00229,
    "FlipAngle": 8,
    "ImageOrientationPatientDICOM": [
      0.0232775,
      0.996416,
      0.081328,
      0.0487032,
      0.0801232,
      -0.995594
    ],
    "ImageType": [
      "ORIGINAL",
      "PRIMARY",
      "M",
      "ND",
      "NORM"
    ],
    "ImagingFrequency": 123.249,
    "InPlanePhaseEncodingDirectionDICOM": "ROW",
    "InstitutionAddress": "Whiteknights_Campus_StreetNo_Reading_District_GB_RG6_7BE",
    "InstitutionName": "UoR",
    "InstitutionalDepartmentName": "Department",
    "InversionTime": 0.9,
    "MRAcquisitionType": "3D",
    "MagneticFieldStrength": 3,
    "Manufacturer": "Siemens",
    "ManufacturersModelName": "Prisma_fit",
    "Modality": "MR",
    "PartialFourier": 1,
    "PatientPosition": "HFS",
    "PercentPhaseFOV": 100,
    "PhaseEncodingSteps": 255,
    "PhaseResolution": 1,
    "PixelBandwidth": 200,
    "ProcedureStepDescription": "head_Kou_Murayama",
    "ProtocolName": "t1_mprage_sag_p2_iso_192",
    "PulseSequenceDetails": "%SiemensSeq%_tfl",
    "ReceiveCoilActiveElements": "HEA;HEP",
    "ReceiveCoilName": "Head_32",
    "ReconMatrixPE": 256,
    "RepetitionTime": 2.3,
    "SAR": 0.0533233,
    "ScanOptions": "IR",
    "ScanningSequence": "GR_IR",
    "SequenceName": "_tfl3d1_16ns",
    "SequenceVariant": "SK_SP_MP",
    "SeriesDescription": "t1_mprage_sag_p2_iso_192",
    "SeriesNumber": 13,
    "ShimSetting": [
      3382,
      -11946,
      11206,
      -4,
      -40,
      -152,
      -34,
      21
    ],
    "SliceThickness": 0.94,
    "SoftwareVersions": "syngo_MR_E11",
    "StationName": "AWP167013",
    "TxRefAmp": 228.03,
    "dataset": "<unset>",
    "modality": "T1w",
    "rec_id": "NORM",
    "subject_id": "control029"
  },
  "cjv": 0.3601801999759372,
  "cnr": 3.6615664419110288,
  "efc": 0.5206887613702799,
  "fber": 6532.140086818937,
  "fwhm_avg": 3.8406158568236104,
  "fwhm_x": 3.8036182368458533,
  "fwhm_y": 3.8614082455017247,
  "fwhm_z": 3.8568210881232523,
  "icvs_csf": 0.20521094583759372,
  "icvs_gm": 0.41955387877430045,
  "icvs_wm": 0.37523517538810586,
  "inu_med": 1.2260315418243408,
  "inu_range": 0.2885683655738831,
  "provenance": {
    "md5sum": "375f5fd3ce8bebefcc88b9195709308a",
    "settings": {
      "testing": false
    },
    "software": "mriqc",
    "version": "0.16.1",
    "warnings": {
      "large_rot_frame": true,
      "small_air_mask": false
    },
    "webapi_port": null,
    "webapi_url": "https://mriqc.nimh.nih.gov/api/v1"
  },
  "qi_1": 0.0002867945694306176,
  "qi_2": 0.014707609588053179,
  "rpve_csf": 27.520494052460013,
  "rpve_gm": 14.342380802692283,
  "rpve_wm": 19.583070392055234,
  "size_x": 192,
  "size_y": 256,
  "size_z": 256,
  "snr_csf": 3.062711685598335,
  "snr_gm": 11.778911749023013,
  "snr_total": 12.141627638637525,
  "snr_wm": 21.583259481291226,
  "snrd_csf": 35.747183193428306,
  "snrd_gm": 74.02669457821357,
  "snrd_total": 70.95995260747254,
  "snrd_wm": 103.10598005077578,
  "spacing_x": 0.9399996995925903,
  "spacing_y": 0.9374999403953552,
  "spacing_z": 0.9375000596046448,
  "summary_bg_k": 13.37707203693526,
  "summary_bg_mad": 6.354009559956317,
  "summary_bg_mean": 7.553386197552031,
  "summary_bg_median": 4.340659376233816,
  "summary_bg_n": 2905542.0,
  "summary_bg_p05": 0.0,
  "summary_bg_p95": 21.70329688116908,
  "summary_bg_stdv": 8.430029022086412,
  "summary_csf_k": -0.7372121150285325,
  "summary_csf_mad": 136.36682055598558,
  "summary_csf_mean": 355.5016772791539,
  "summary_csf_median": 346.70329954475164,
  "summary_csf_n": 14616.0,
  "summary_csf_p05": 189.49175979476422,
  "summary_csf_p95": 536.9368175873533,
  "summary_csf_stdv": 113.19754339565931,
  "summary_gm_k": 0.13316860971356093,
  "summary_gm_mad": 59.38555088728404,
  "summary_gm_mean": 718.5269061517222,
  "summary_gm_median": 717.9670388512313,
  "summary_gm_n": 20086.0,
  "summary_gm_p05": 618.5164885856211,
  "summary_gm_p95": 819.2170396810398,
  "summary_gm_stdv": 60.95207958098113,
  "summary_wm_k": 0.7786318118378452,
  "summary_wm_mad": 42.19714041099195,
  "summary_wm_mean": 998.5137884358112,
  "summary_wm_median": 1000.0000081956387,
  "summary_wm_n": 219962.0,
  "summary_wm_p05": 919.010996542871,
  "summary_wm_p95": 1071.4285802096128,
  "summary_wm_stdv": 46.33209992864844,
  "tpm_overlap_csf": 0.1692105233669281,
  "tpm_overlap_gm": 0.4329902231693268,
  "tpm_overlap_wm": 0.4990343451499939,
  "wm2max": 0.41115077034292685
}