{
  "aor": 0.005902933333333332,
  "aqi": 0.006812566266666666,
  "bids_meta": {
    "AcquisitionMatrixPE": 64,
    "AcquisitionNumber": 1,
    "AcquisitionTime": "17:33:50.130000",
    "BandwidthPerPixelPhaseEncode": 58.962,
    "BaseResolution": 64,
    "BodyPartExamined": "HEAD",
    "ConsistencyInfo": "N4_VE11C_LATEST_20160120",
    "ConversionSoftware": "dcm2niix",
    "ConversionSoftwareVersion": "v1.0.20181125  GCC5.3.1",
    "DerivedVendorReportedEchoSpacing": 0.000530002,
    "DeviceSerialNumber": "167013",
    "DwellTime": 3.5e-06,
    "EchoTime": 0.03,
    "EchoTrainLength": 31,
    "EffectiveEchoSpacing": 0.000265001,
    "FlipAngle": 90,
    "ImageOrientationPatientDICOM": [
      0.999531,
      -0.00352166,
      0.0304075,
      0.00122116,
      0.997157,
      0.0753452
    ],
    "ImageType": [
      "ORIGINAL",
      "PRIMARY",
      "M",
      "ND",
      "MOSAIC"
    ],
    "ImagingFrequency": 123.249,
    "InPlanePhaseEncodingDirectionDICOM": "COL",
    "InstitutionAddress": "Whiteknights_Campus_StreetNo_Reading_District_GB_RG6_7BE",
    "InstitutionName": "UoR",
    "InstitutionalDepartmentName": "Department",
    "MRAcquisitionType": "2D",
    "MagneticFieldStrength": 3,
    "Manufacturer": "Siemens",
    "ManufacturersModelName": "Prisma_fit",
    "Modality": "MR",
    "ParallelReductionFactorInPlane": 2,
    "PartialFourier": 1,
    "PatientPosition": "HFS",
    "PercentPhaseFOV": 100,
    "PhaseEncodingDirection": "j",
    "PhaseEncodingSteps": 63,
    "PhaseResolution": 1,
    "PixelBandwidth": 2230,
    "ProcedureStepDescription": "head_Kou_Murayama",
    "ProtocolName": "ep2d_bold_PtoA_iPAT2_PostResting",
    "PulseSequenceDetails": "%SiemensSeq%_ep2d_bold",
    "ReceiveCoilActiveElements": "HEA;HEP",
    "ReceiveCoilName": "Head_32",
    "ReconMatrixPE": 64,
    "RepetitionTime": 2,
    "SAR": 0.11576,
    "ScanOptions": "FS",
    "ScanningSequence": "EP",
    "SequenceName": "_epfid2d1_64",
    "SequenceVariant": "SK",
    "SeriesDescription": "ep2d_bold_PtoA_iPAT2_PostResting",
    "SeriesNumber": 17,
    "ShimSetting": [
      3380,
      -11995,
      11549,
      628,
      -82,
      -76,
      28,
      30
    ],
    "SliceThickness": 3,
    "SliceTiming": [
      0,
      1.015,
      0.0525,
      1.07,
      0.105,
      1.1225,
      0.16,
      1.175,
      0.2125,
      1.23,
      0.2675,
      1.2825,
      0.32,
      1.3375,
      0.3725,
      1.39,
      0.4275,
      1.4425,
      0.48,
      1.4975,
      0.535,
      1.55,
      0.5875,
      1.605,
      0.64,
      1.6575,
      0.695,
      1.71,
      0.7475,
      1.765,
      0.8025,
      1.8175,
      0.855,
      1.8725,
      0.9075,
      1.925,
      0.9625
    ],
    "SoftwareVersions": "syngo_MR_E11",
    "SpacingBetweenSlices": 3.75,
    "StationName": "AWP167013",
    "TaskName": "rest",
    "TotalReadoutTime": 0.0166951,
    "TxRefAmp": 217.944,
    "dataset": "<unset>",
    "modality": "bold",
    "run_id": 2,
    "subject_id": "experimental034",
    "task_id": "rest"
  },
  "dummy_trs": 0,
  "dvars_nstd": 25.108012610969904,
  "dvars_std": 1.1452432106688961,
  "dvars_vstd": 1.0160596374581932,
  "efc": 0.4572418114569413,
  "fber": 2369577.25,
  "fd_mean": 0.13892379068826602,
  "fd_num": 7,
  "fd_perc": 2.3333333333333335,
  "fwhm_avg": 2.9585821828907375,
  "fwhm_x": 2.8583866666666666,
  "fwhm_y": 3.1319469155714446,
  "fwhm_z": 2.8854129664341013,
  "gcor": 0.0318834,
  "gsr_x": 0.01319940760731697,
  "gsr_y": 0.03476274758577347,
  "provenance": {
    "md5sum": "cd7ac43591410e7143e079368d1b1412",
    "settings": {
      "fd_thres": 0.5,
      "testing": false
    },
    "software": "mriqc",
    "version": "0.16.1",
    "webapi_port": null,
    "webapi_url": "https://mriqc.nimh.nih.gov/api/v1"
  },
  "size_t": 300,
  "size_x": 64,
  "size_y": 64,
  "size_z": 37,
  "snr": 2.62112278718374,
  "spacing_tr": 2.0,
  "spacing_x": 3.0,
  "spacing_y": 2.999999761581421,
  "spacing_z": 3.750000476837158,
  "summary_bg_k": 34.21434066986949,
  "summary_bg_mad": 0.3918314332015866,
  "summary_bg_mean": 12.861071586608887,
  "summary_bg_median": 0.26981326937675476,
  "summary_bg_n": 89736.0,
  "summary_bg_p05": 0.0027370061143301427,
  "summary_bg_p95": 81.74546813964844,
  "summary_bg_stdv": 37.9203987121582,
  "summary_fg_k": 0.014649623332729789,
  "summary_fg_mad": 172.79645605093373,
  "summary_fg_mean": 466.857421875,
  "summary_fg_median": 438.3316345214844,
  "summary_fg_n": 28094.0,
  "summary_fg_p05": 245.22767028808596,
  "summary_fg_p95": 777.2267944335937,
  "summary_fg_stdv": 167.22750854492188,
  "tsnr": 41.12512969970703
}