{
  "aor": 0.001668052631578947,
  "aqi": 0.009225655368421053,
  "bids_meta": {
    "AcquisitionMatrixPE": 64,
    "AcquisitionNumber": 1,
    "AcquisitionTime": "18:01:53.070000",
    "BandwidthPerPixelPhaseEncode": 58.962,
    "BaseResolution": 64,
    "BodyPartExamined": "HEAD",
    "ConsistencyInfo": "N4_VE11C_LATEST_20160120",
    "ConversionSoftware": "dcm2niix",
    "ConversionSoftwareVersion": "v1.0.20181125  GCC5.3.1",
    "DerivedVendorReportedEchoSpacing": 0.000530002,
    "DeviceSerialNumber": "167013",
    "DwellTime": 3.5e-06,
    "EchoTime": 0.03,
    "EchoTrainLength": 31,
    "EffectiveEchoSpacing": 0.000265001,
    "FlipAngle": 90,
    "ImageOrientationPatientDICOM": [
      0.995806,
      -0.0376337,
      0.0833879,
      0.0420849,
      0.997745,
      -0.0522808
    ],
    "ImageType": [
      "ORIGINAL",
      "PRIMARY",
      "M",
      "ND",
      "MOSAIC"
    ],
    "ImagingFrequency": 123.249,
    "InPlanePhaseEncodingDirectionDICOM": "COL",
    "InstitutionAddress": "Whiteknights_Campus_StreetNo_Reading_District_GB_RG6_7BE",
    "InstitutionName": "UoR",
    "InstitutionalDepartmentName": "Department",
    "MRAcquisitionType": "2D",
    "MagneticFieldStrength": 3,
    "Manufacturer": "Siemens",
    "ManufacturersModelName": "Prisma_fit",
    "Modality": "MR",
    "ParallelReductionFactorInPlane": 2,
    "PartialFourier": 1,
    "PatientPosition": "HFS",
    "PercentPhaseFOV": 100,
    "PhaseEncodingDirection": "j",
    "PhaseEncodingSteps": 63,
    "PhaseResolution": 1,
    "PixelBandwidth": 2230,
    "ProcedureStepDescription": "head_Kou_Murayama",
    "ProtocolName": "ep2d_bold_PtoA_iPAT2_MagicTrick_Run2",
    "PulseSequenceDetails": "%SiemensSeq%_ep2d_bold",
    "ReceiveCoilActiveElements": "HEA;HEP",
    "ReceiveCoilName": "Head_32",
    "ReconMatrixPE": 64,
    "RepetitionTime": 2,
    "SAR": 0.108191,
    "ScanOptions": "FS",
    "ScanningSequence": "EP",
    "SequenceName": "_epfid2d1_64",
    "SequenceVariant": "SK",
    "SeriesDescription": "ep2d_bold_PtoA_iPAT2_MagicTrick_Run2",
    "SeriesNumber": 10,
    "ShimSetting": [
      3395,
      -11905,
      11472,
      446,
      -14,
      5,
      53,
      22
    ],
    "SliceThickness": 3,
    "SliceTiming": [
      0,
      1.0175,
      0.055,
      1.07,
      0.1075,
      1.125,
      0.1625,
      1.1775,
      0.215,
      1.2325,
      0.2675,
      1.285,
      0.3225,
      1.3375,
      0.375,
      1.3925,
      0.43,
      1.445,
      0.4825,
      1.5,
      0.535,
      1.5525,
      0.59,
      1.605,
      0.6425,
      1.66,
      0.6975,
      1.7125,
      0.75,
      1.7675,
      0.8025,
      1.82,
      0.8575,
      1.8725,
      0.91,
      1.9275,
      0.965
    ],
    "SoftwareVersions": "syngo_MR_E11",
    "SpacingBetweenSlices": 3.75,
    "StationName": "AWP167013",
    "TaskName": "magictrickwatching",
    "TotalReadoutTime": 0.0166951,
    "TxRefAmp": 243.267,
    "dataset": "<unset>",
    "modality": "bold",
    "run_id": 2,
    "subject_id": "control045",
    "task_id": "magictrickwatching"
  },
  "dummy_trs": 3,
  "dvars_nstd": 35.95508401817945,
  "dvars_std": 1.0330423929287607,
  "dvars_vstd": 0.9246561164643797,
  "efc": 0.49225174983853603,
  "fber": 469656.3125,
  "fd_mean": 0.3088947716547764,
  "fd_num": 67,
  "fd_perc": 17.63157894736842,
  "fwhm_avg": 2.8772821429136126,
  "fwhm_x": 2.76642,
  "fwhm_y": 2.993799762074172,
  "fwhm_z": 2.8716266666666663,
  "gcor": 0.0447485,
  "gsr_x": 0.02076636254787445,
  "gsr_y": 0.0667823851108551,
  "provenance": {
    "md5sum": "ef78fd035adfa5d1f8ea8bb8b69ac686",
    "settings": {
      "fd_thres": 0.5,
      "testing": false
    },
    "software": "mriqc",
    "version": "0.16.1",
    "webapi_port": null,
    "webapi_url": "https://mriqc.nimh.nih.gov/api/v1"
  },
  "size_t": 380,
  "size_x": 64,
  "size_y": 64,
  "size_z": 37,
  "snr": 2.2820411790477655,
  "spacing_tr": 2.0,
  "spacing_x": 3.0,
  "spacing_y": 3.000000238418579,
  "spacing_z": 3.75,
  "summary_bg_k": 23.72603708910104,
  "summary_bg_mad": 0.7294752177946493,
  "summary_bg_mean": 21.531991958618164,
  "summary_bg_median": 0.5163202881813049,
  "summary_bg_n": 84731.0,
  "summary_bg_p05": 0.011759254615753889,
  "summary_bg_p95": 141.395263671875,
  "summary_bg_stdv": 59.26266860961914,
  "summary_fg_k": 0.6745021727675629,
  "summary_fg_mad": 163.4656043353312,
  "summary_fg_mean": 429.9361877441406,
  "summary_fg_median": 393.5655517578125,
  "summary_fg_n": 30482.0,
  "summary_fg_p05": 214.0856575012207,
  "summary_fg_p95": 762.5800140380859,
  "summary_fg_stdv": 172.45924377441406,
  "tsnr": 34.208927154541016
}