{
  "aor": 0.002768288043478261,
  "aqi": 0.007740686168478261,
  "bids_meta": {
    "AcquisitionMatrixPE": 64,
    "AcquisitionNumber": 1,
    "AcquisitionTime": "17:47:37.680000",
    "BandwidthPerPixelPhaseEncode": 58.962,
    "BaseResolution": 64,
    "BodyPartExamined": "HEAD",
    "ConsistencyInfo": "N4_VE11C_LATEST_20160120",
    "ConversionSoftware": "dcm2niix",
    "ConversionSoftwareVersion": "v1.0.20181125  GCC5.3.1",
    "DerivedVendorReportedEchoSpacing": 0.000530002,
    "DeviceSerialNumber": "167013",
    "DwellTime": 3.5e-06,
    "EchoTime": 0.03,
    "EchoTrainLength": 31,
    "EffectiveEchoSpacing": 0.000265001,
    "FlipAngle": 90,
    "ImageOrientationPatientDICOM": [
      0.995806,
      -0.0376337,
      0.0833879,
      0.0420849,
      0.997745,
      -0.0522808
    ],
    "ImageType": [
      "ORIGINAL",
      "PRIMARY",
      "M",
      "ND",
      "MOSAIC"
    ],
    "ImagingFrequency": 123.249,
    "InPlanePhaseEncodingDirectionDICOM": "COL",
    "InstitutionAddress": "Whiteknights_Campus_StreetNo_Reading_District_GB_RG6_7BE",
    "InstitutionName": "UoR",
    "InstitutionalDepartmentName": "Department",
    "MRAcquisitionType": "2D",
    "MagneticFieldStrength": 3,
    "Manufacturer": "Siemens",
    "ManufacturersModelName": "Prisma_fit",
    "Modality": "MR",
    "ParallelReductionFactorInPlane": 2,
    "PartialFourier": 1,
    "PatientPosition": "HFS",
    "PercentPhaseFOV": 100,
    "PhaseEncodingDirection": "j",
    "PhaseEncodingSteps": 63,
    "PhaseResolution": 1,
    "PixelBandwidth": 2230,
    "ProcedureStepDescription": "head_Kou_Murayama",
    "ProtocolName": "ep2d_bold_PtoA_iPAT2_MagicTrick_Run1",
    "PulseSequenceDetails": "%SiemensSeq%_ep2d_bold",
    "ReceiveCoilActiveElements": "HEA;HEP",
    "ReceiveCoilName": "Head_32",
    "ReconMatrixPE": 64,
    "RepetitionTime": 2,
    "SAR": 0.108191,
    "ScanOptions": "FS",
    "ScanningSequence": "EP",
    "SequenceName": "_epfid2d1_64",
    "SequenceVariant": "SK",
    "SeriesDescription": "ep2d_bold_PtoA_iPAT2_MagicTrick_Run1",
    "SeriesNumber": 9,
    "ShimSetting": [
      3395,
      -11905,
      11472,
      446,
      -14,
      5,
      53,
      22
    ],
    "SliceThickness": 3,
    "SliceTiming": [
      0,
      1.0175,
      0.055,
      1.07,
      0.1075,
      1.125,
      0.16,
      1.1775,
      0.215,
      1.23,
      0.2675,
      1.285,
      0.3225,
      1.3375,
      0.375,
      1.3925,
      0.4275,
      1.445,
      0.4825,
      1.5,
      0.535,
      1.5525,
      0.59,
      1.605,
      0.6425,
      1.66,
      0.695,
      1.7125,
      0.75,
      1.7675,
      0.8025,
      1.82,
      0.8575,
      1.8725,
      0.91,
      1.9275,
      0.9625
    ],
    "SoftwareVersions": "syngo_MR_E11",
    "SpacingBetweenSlices": 3.75,
    "StationName": "AWP167013",
    "TaskName": "magictrickwatching",
    "TotalReadoutTime": 0.0166951,
    "TxRefAmp": 243.267,
    "dataset": "<unset>",
    "modality": "bold",
    "run_id": 1,
    "subject_id": "control045",
    "task_id": "magictrickwatching"
  },
  "dummy_trs": 0,
  "dvars_nstd": 29.70053676408717,
  "dvars_std": 1.1054383794277933,
  "dvars_vstd": 0.9769678281198916,
  "efc": 0.4929729527606694,
  "fber": 204632.546875,
  "fd_mean": 0.19261775436956105,
  "fd_num": 16,
  "fd_perc": 4.3478260869565215,
  "fwhm_avg": 2.834759921427574,
  "fwhm_x": 2.7363233333333334,
  "fwhm_y": 2.966009764282722,
  "fwhm_z": 2.801946666666667,
  "gcor": 0.0232641,
  "gsr_x": 0.024535665288567543,
  "gsr_y": 0.06095463037490845,
  "provenance": {
    "md5sum": "3e869efa4ca6e6763fb57ac448360b75",
    "settings": {
      "fd_thres": 0.5,
      "testing": false
    },
    "software": "mriqc",
    "version": "0.16.1",
    "webapi_port": null,
    "webapi_url": "https://mriqc.nimh.nih.gov/api/v1"
  },
  "size_t": 368,
  "size_x": 64,
  "size_y": 64,
  "size_z": 37,
  "snr": 2.229007892099844,
  "spacing_tr": 2.0,
  "spacing_x": 3.0,
  "spacing_y": 3.000000238418579,
  "spacing_z": 3.75,
  "summary_bg_k": 24.217712264783856,
  "summary_bg_mad": 1.1371895070286662,
  "summary_bg_mean": 21.688913345336914,
  "summary_bg_median": 0.7770352959632874,
  "summary_bg_n": 84455.0,
  "summary_bg_p05": 0.0030939185991883276,
  "summary_bg_p95": 140.636491394043,
  "summary_bg_stdv": 59.258853912353516,
  "summary_fg_k": 0.6296960041355897,
  "summary_fg_mad": 167.4134942454785,
  "summary_fg_mean": 428.2176208496094,
  "summary_fg_median": 391.8004150390625,
  "summary_fg_n": 31126.0,
  "summary_fg_p05": 207.40687561035156,
  "summary_fg_p95": 769.0260620117188,
  "summary_fg_stdv": 175.7706298828125,
  "tsnr": 38.05763244628906
}