{
  "bids_meta": {
    "AcquisitionMatrixPE": 256,
    "AcquisitionNumber": 1,
    "AcquisitionTime": "16:13:30.532500",
    "BaseResolution": 256,
    "BodyPartExamined": "HEAD",
    "ConsistencyInfo": "N4_VE11C_LATEST_20160120",
    "ConversionSoftware": "dcm2niix",
    "ConversionSoftwareVersion": "v1.0.20181125  GCC5.3.1",
    "DeviceSerialNumber": "167013",
    "DwellTime": 9.8e-06,
    "EchoTime": 0.00229,
    "FlipAngle": 8,
    "ImageOrientationPatientDICOM": [
      -0.0149415,
      0.99972,
      -0.0183247,
      -0.00419722,
      -0.0183893,
      -0.999822
    ],
    "ImageType": [
      "ORIGINAL",
      "PRIMARY",
      "M",
      "ND",
      "NORM"
    ],
    "ImagingFrequency": 123.249,
    "InPlanePhaseEncodingDirectionDICOM": "ROW",
    "InstitutionAddress": "Whiteknights_Campus_StreetNo_Reading_District_GB_RG6_7BE",
    "InstitutionName": "UoR",
    "InstitutionalDepartmentName": "Department",
    "InversionTime": 0.9,
    "MRAcquisitionType": "3D",
    "MagneticFieldStrength": 3,
    "Manufacturer": "Siemens",
    "ManufacturersModelName": "Prisma_fit",
    "Modality": "MR",
    "PartialFourier": 1,
    "PatientPosition": "HFS",
    "PercentPhaseFOV": 100,
    "PhaseEncodingSteps": 255,
    "PhaseResolution": 1,
    "PixelBandwidth": 200,
    "ProcedureStepDescription": "head_Kou_Murayama",
    "ProtocolName": "t1_mprage_sag_p2_iso_192",
    "PulseSequenceDetails": "%SiemensSeq%_tfl",
    "ReceiveCoilActiveElements": "HEA;HEP",
    "ReceiveCoilName": "Head_32",
    "ReconMatrixPE": 256,
    "RepetitionTime": 2.3,
    "SAR": 0.0540278,
    "ScanOptions": "IR",
    "ScanningSequence": "GR_IR",
    "SequenceName": "_tfl3d1_16ns",
    "SequenceVariant": "SK_SP_MP",
    "SeriesDescription": "t1_mprage_sag_p2_iso_192",
    "SeriesNumber": 14,
    "ShimSetting": [
      3382,
      -11946,
      11206,
      -4,
      -40,
      -152,
      -34,
      21
    ],
    "SliceThickness": 0.94,
    "SoftwareVersions": "syngo_MR_E11",
    "StationName": "AWP167013",
    "TxRefAmp": 228.605,
    "dataset": "<unset>",
    "modality": "T1w",
    "rec_id": "NORM",
    "subject_id": "experimental016"
  },
  "cjv": 0.404491980220222,
  "cnr": 3.1514911457600014,
  "efc": 0.5785816923769292,
  "fber": 744.0305325443787,
  "fwhm_avg": 3.9438215610720775,
  "fwhm_x": 3.950675349882899,
  "fwhm_y": 3.8957866666666665,
  "fwhm_z": 3.9850026666666665,
  "icvs_csf": 0.21559863836941395,
  "icvs_gm": 0.4154697764380141,
  "icvs_wm": 0.36893158519257196,
  "inu_med": 1.3679821491241455,
  "inu_range": 0.42446652650833117,
  "provenance": {
    "md5sum": "d84d25a527f577bf496a4e9b44ef9365",
    "settings": {
      "testing": false
    },
    "software": "mriqc",
    "version": "0.16.1",
    "warnings": {
      "large_rot_frame": true,
      "small_air_mask": false
    },
    "webapi_port": null,
    "webapi_url": "https://mriqc.nimh.nih.gov/api/v1"
  },
  "qi_1": 0.0005400759215907157,
  "qi_2": 0.005565749465484478,
  "rpve_csf": 22.747239158625042,
  "rpve_gm": 12.046313532754102,
  "rpve_wm": 16.233628755908992,
  "size_x": 192,
  "size_y": 256,
  "size_z": 256,
  "snr_csf": 3.100447112056842,
  "snr_gm": 11.56528681431217,
  "snr_total": 10.52827855041078,
  "snr_wm": 16.919101724863328,
  "snrd_csf": 16.56580086312697,
  "snrd_gm": 33.134003263056364,
  "snrd_total": 32.04770811609284,
  "snrd_wm": 46.443320222095174,
  "spacing_x": 0.9400013089179993,
  "spacing_y": 0.9375,
  "spacing_z": 0.9375,
  "summary_bg_k": 11.369500320959787,
  "summary_bg_mad": 14.106148497988753,
  "summary_bg_mean": 25.420437851244113,
  "summary_bg_median": 14.271678864955902,
  "summary_bg_n": 3152701.0,
  "summary_bg_p05": 0.0,
  "summary_bg_p95": 89.45653781294823,
  "summary_bg_stdv": 31.146894092984013,
  "summary_csf_k": -0.3085279905026028,
  "summary_csf_mad": 123.19880780580395,
  "summary_csf_mean": 364.94655730732757,
  "summary_csf_median": 356.688553661108,
  "summary_csf_n": 22361.0,
  "summary_csf_p05": 187.3416395932436,
  "summary_csf_p95": 557.0608565658331,
  "summary_csf_stdv": 115.04165850808693,
  "summary_gm_k": 0.1096687838794641,
  "summary_gm_mad": 60.411114219647494,
  "summary_gm_mean": 713.6810960695373,
  "summary_gm_median": 713.4288163036108,
  "summary_gm_n": 22177.0,
  "summary_gm_p05": 610.1142714768648,
  "summary_gm_p95": 815.9780682057143,
  "summary_gm_stdv": 61.68569294436578,
  "summary_wm_k": 0.5364601765107397,
  "summary_wm_mad": 55.504627785564445,
  "summary_wm_mean": 1000.0877238313399,
  "summary_wm_median": 999.9999911934137,
  "summary_wm_n": 247087.0,
  "summary_wm_p05": 902.5802702456713,
  "summary_wm_p95": 1096.7474953830242,
  "summary_wm_stdv": 59.104672569176984,
  "tpm_overlap_csf": 0.15920127928256989,
  "tpm_overlap_gm": 0.4360412061214447,
  "tpm_overlap_wm": 0.4940848648548126,
  "wm2max": 0.38025823287633764
}