{
  "aor": 0.004752166666666667,
  "aqi": 0.0059881948333333325,
  "bids_meta": {
    "AcquisitionMatrixPE": 64,
    "AcquisitionNumber": 1,
    "AcquisitionTime": "12:27:50.385000",
    "BandwidthPerPixelPhaseEncode": 58.962,
    "BaseResolution": 64,
    "BodyPartExamined": "HEAD",
    "ConsistencyInfo": "N4_VE11C_LATEST_20160120",
    "ConversionSoftware": "dcm2niix",
    "ConversionSoftwareVersion": "v1.0.20181125  GCC5.3.1",
    "DerivedVendorReportedEchoSpacing": 0.000530002,
    "DeviceSerialNumber": "167013",
    "DwellTime": 3.5e-06,
    "EchoTime": 0.03,
    "EchoTrainLength": 31,
    "EffectiveEchoSpacing": 0.000265001,
    "FlipAngle": 90,
    "ImageOrientationPatientDICOM": [
      0.999058,
      -0.0423859,
      0.00930529,
      0.0399516,
      0.982097,
      0.184091
    ],
    "ImageType": [
      "ORIGINAL",
      "PRIMARY",
      "M",
      "ND",
      "MOSAIC"
    ],
    "ImagingFrequency": 123.249,
    "InPlanePhaseEncodingDirectionDICOM": "COL",
    "InstitutionAddress": "Whiteknights_Campus_StreetNo_Reading_District_GB_RG6_7BE",
    "InstitutionName": "UoR",
    "InstitutionalDepartmentName": "Department",
    "MRAcquisitionType": "2D",
    "MagneticFieldStrength": 3,
    "Manufacturer": "Siemens",
    "ManufacturersModelName": "Prisma_fit",
    "Modality": "MR",
    "ParallelReductionFactorInPlane": 2,
    "PartialFourier": 1,
    "PatientPosition": "HFS",
    "PercentPhaseFOV": 100,
    "PhaseEncodingDirection": "j",
    "PhaseEncodingSteps": 63,
    "PhaseResolution": 1,
    "PixelBandwidth": 2230,
    "ProcedureStepDescription": "head_Kou_Murayama",
    "ProtocolName": "ep2d_bold_PtoA_iPAT2_PostResting",
    "PulseSequenceDetails": "%SiemensSeq%_ep2d_bold",
    "ReceiveCoilActiveElements": "HEA;HEP",
    "ReceiveCoilName": "Head_32",
    "ReconMatrixPE": 64,
    "RepetitionTime": 2,
    "SAR": 0.107762,
    "ScanOptions": "FS",
    "ScanningSequence": "EP",
    "SequenceName": "_epfid2d1_64",
    "SequenceVariant": "SK",
    "SeriesDescription": "ep2d_bold_PtoA_iPAT2_PostResting",
    "SeriesNumber": 12,
    "ShimSetting": [
      3406,
      -12000,
      11479,
      425,
      45,
      -195,
      -16,
      12
    ],
    "SliceThickness": 3,
    "SliceTiming": [
      0,
      1.0175,
      0.055,
      1.0725,
      0.1075,
      1.125,
      0.1625,
      1.1775,
      0.215,
      1.2325,
      0.2675,
      1.285,
      0.3225,
      1.34,
      0.375,
      1.3925,
      0.43,
      1.445,
      0.4825,
      1.5,
      0.535,
      1.5525,
      0.59,
      1.6075,
      0.6425,
      1.66,
      0.6975,
      1.7125,
      0.75,
      1.7675,
      0.8025,
      1.82,
      0.8575,
      1.875,
      0.91,
      1.9275,
      0.965
    ],
    "SoftwareVersions": "syngo_MR_E11",
    "SpacingBetweenSlices": 3.75,
    "StationName": "AWP167013",
    "TaskName": "rest",
    "TotalReadoutTime": 0.0166951,
    "TxRefAmp": 228.848,
    "dataset": "<unset>",
    "modality": "bold",
    "run_id": 2,
    "subject_id": "experimental036",
    "task_id": "rest"
  },
  "dummy_trs": 0,
  "dvars_nstd": 20.73504321923077,
  "dvars_std": 1.0631354775585287,
  "dvars_vstd": 0.9743975277926427,
  "efc": 0.46531378499940995,
  "fber": 5719302.5,
  "fd_mean": 0.062343265792872,
  "fd_num": 0,
  "fd_perc": 0.0,
  "fwhm_avg": 2.8449844295476723,
  "fwhm_x": 2.744713115203133,
  "fwhm_y": 3.0622666666666665,
  "fwhm_z": 2.727973506773218,
  "gcor": 0.0194145,
  "gsr_x": 0.046890370547771454,
  "gsr_y": 0.015427585691213608,
  "provenance": {
    "md5sum": "271d74964e5a1f3bbe0224fd2e7ffb77",
    "settings": {
      "fd_thres": 0.5,
      "testing": false
    },
    "software": "mriqc",
    "version": "0.16.1",
    "webapi_port": null,
    "webapi_url": "https://mriqc.nimh.nih.gov/api/v1"
  },
  "size_t": 300,
  "size_x": 64,
  "size_y": 64,
  "size_z": 37,
  "snr": 2.5159548007349994,
  "spacing_tr": 2.0,
  "spacing_x": 3.000000238418579,
  "spacing_y": 3.0,
  "spacing_z": 3.749999761581421,
  "summary_bg_k": 40.193950467718736,
  "summary_bg_mad": 0.25064766645715214,
  "summary_bg_mean": 17.237594604492188,
  "summary_bg_median": 0.1718280017375946,
  "summary_bg_n": 88262.0,
  "summary_bg_p05": 0.0015612600836902857,
  "summary_bg_p95": 100.21616325378417,
  "summary_bg_stdv": 53.83516311645508,
  "summary_fg_k": 0.2817086274800378,
  "summary_fg_mad": 183.6900396398567,
  "summary_fg_mean": 495.7019958496094,
  "summary_fg_median": 461.5784912109375,
  "summary_fg_n": 27496.0,
  "summary_fg_p05": 261.0406951904297,
  "summary_fg_p95": 843.6576690673828,
  "summary_fg_stdv": 183.4572296142578,
  "tsnr": 48.760986328125
}