{
  "aor": 0.004563507853403141,
  "aqi": 0.007837091884816754,
  "bids_meta": {
    "AcquisitionMatrixPE": 64,
    "AcquisitionNumber": 1,
    "AcquisitionTime": "11:58:40.032500",
    "BandwidthPerPixelPhaseEncode": 58.962,
    "BaseResolution": 64,
    "BodyPartExamined": "HEAD",
    "ConsistencyInfo": "N4_VE11C_LATEST_20160120",
    "ConversionSoftware": "dcm2niix",
    "ConversionSoftwareVersion": "v1.0.20181125  GCC5.3.1",
    "DerivedVendorReportedEchoSpacing": 0.000530002,
    "DeviceSerialNumber": "167013",
    "DwellTime": 3.5e-06,
    "EchoTime": 0.03,
    "EchoTrainLength": 31,
    "EffectiveEchoSpacing": 0.000265001,
    "FlipAngle": 90,
    "ImageOrientationPatientDICOM": [
      0.999058,
      -0.0423859,
      0.00930529,
      0.0399516,
      0.982097,
      0.184091
    ],
    "ImageType": [
      "ORIGINAL",
      "PRIMARY",
      "M",
      "ND",
      "MOSAIC"
    ],
    "ImagingFrequency": 123.249,
    "InPlanePhaseEncodingDirectionDICOM": "COL",
    "InstitutionAddress": "Whiteknights_Campus_StreetNo_Reading_District_GB_RG6_7BE",
    "InstitutionName": "UoR",
    "InstitutionalDepartmentName": "Department",
    "MRAcquisitionType": "2D",
    "MagneticFieldStrength": 3,
    "Manufacturer": "Siemens",
    "ManufacturersModelName": "Prisma_fit",
    "Modality": "MR",
    "ParallelReductionFactorInPlane": 2,
    "PartialFourier": 1,
    "PatientPosition": "HFS",
    "PercentPhaseFOV": 100,
    "PhaseEncodingDirection": "j",
    "PhaseEncodingSteps": 63,
    "PhaseResolution": 1,
    "PixelBandwidth": 2230,
    "ProcedureStepDescription": "head_Kou_Murayama",
    "ProtocolName": "ep2d_bold_PtoA_iPAT2_MagicTrick_Run2",
    "PulseSequenceDetails": "%SiemensSeq%_ep2d_bold",
    "ReceiveCoilActiveElements": "HEA;HEP",
    "ReceiveCoilName": "Head_32",
    "ReconMatrixPE": 64,
    "RepetitionTime": 2,
    "SAR": 0.107902,
    "ScanOptions": "FS",
    "ScanningSequence": "EP",
    "SequenceName": "_epfid2d1_64",
    "SequenceVariant": "SK",
    "SeriesDescription": "ep2d_bold_PtoA_iPAT2_MagicTrick_Run2",
    "SeriesNumber": 10,
    "ShimSetting": [
      3406,
      -12000,
      11479,
      425,
      45,
      -195,
      -16,
      12
    ],
    "SliceThickness": 3,
    "SliceTiming": [
      0,
      1.0175,
      0.0525,
      1.07,
      0.1075,
      1.1225,
      0.16,
      1.1775,
      0.215,
      1.23,
      0.2675,
      1.285,
      0.32,
      1.3375,
      0.375,
      1.39,
      0.4275,
      1.445,
      0.4825,
      1.4975,
      0.535,
      1.5525,
      0.5875,
      1.605,
      0.6425,
      1.6575,
      0.695,
      1.7125,
      0.75,
      1.765,
      0.8025,
      1.82,
      0.855,
      1.8725,
      0.91,
      1.925,
      0.9625
    ],
    "SoftwareVersions": "syngo_MR_E11",
    "SpacingBetweenSlices": 3.75,
    "StationName": "AWP167013",
    "TaskName": "magictrickwatching",
    "TotalReadoutTime": 0.0166951,
    "TxRefAmp": 228.848,
    "dataset": "<unset>",
    "modality": "bold",
    "run_id": 2,
    "subject_id": "experimental036",
    "task_id": "magictrickwatching"
  },
  "dummy_trs": 0,
  "dvars_nstd": 21.363799557926505,
  "dvars_std": 1.0120941987139114,
  "dvars_vstd": 0.9501768666404192,
  "efc": 0.46409344951110565,
  "fber": 1882647.25,
  "fd_mean": 0.0812495699504502,
  "fd_num": 0,
  "fd_perc": 0.0,
  "fwhm_avg": 2.8644850105148656,
  "fwhm_x": 2.795733111148428,
  "fwhm_y": 3.1332364176594085,
  "fwhm_z": 2.6644855027367593,
  "gcor": 0.0288552,
  "gsr_x": 0.044424109160900116,
  "gsr_y": 0.012237899005413055,
  "provenance": {
    "md5sum": "0aeeac7a109cac3668886cde2ceffc83",
    "settings": {
      "fd_thres": 0.5,
      "testing": false
    },
    "software": "mriqc",
    "version": "0.16.1",
    "webapi_port": null,
    "webapi_url": "https://mriqc.nimh.nih.gov/api/v1"
  },
  "size_t": 382,
  "size_x": 64,
  "size_y": 64,
  "size_z": 37,
  "snr": 2.498302181572009,
  "spacing_tr": 2.0,
  "spacing_x": 3.000000238418579,
  "spacing_y": 3.000000238418579,
  "spacing_z": 3.749999761581421,
  "summary_bg_k": 40.07362357073291,
  "summary_bg_mad": 0.42944968562762775,
  "summary_bg_mean": 17.72454071044922,
  "summary_bg_median": 0.29428064823150635,
  "summary_bg_n": 88474.0,
  "summary_bg_p05": 0.0023779427981935443,
  "summary_bg_p95": 101.8142620086669,
  "summary_bg_stdv": 54.36122131347656,
  "summary_fg_k": 0.2223402891239239,
  "summary_fg_mad": 192.35297833209563,
  "summary_fg_mean": 508.23760986328125,
  "summary_fg_median": 472.3883361816406,
  "summary_fg_n": 27127.0,
  "summary_fg_p05": 265.4978271484375,
  "summary_fg_p95": 863.2243347167969,
  "summary_fg_stdv": 189.08026123046875,
  "tsnr": 40.113990783691406
}