{
  "aor": 0.00555775623268698,
  "aqi": 0.014135242299168974,
  "bids_meta": {
    "AcquisitionMatrixPE": 64,
    "AcquisitionNumber": 1,
    "AcquisitionTime": "16:20:15.692500",
    "BandwidthPerPixelPhaseEncode": 58.962,
    "BaseResolution": 64,
    "BodyPartExamined": "HEAD",
    "ConsistencyInfo": "N4_VE11C_LATEST_20160120",
    "ConversionSoftware": "dcm2niix",
    "ConversionSoftwareVersion": "v1.0.20181125  GCC5.3.1",
    "DerivedVendorReportedEchoSpacing": 0.000530002,
    "DeviceSerialNumber": "167013",
    "DwellTime": 3.5e-06,
    "EchoTime": 0.03,
    "EchoTrainLength": 31,
    "EffectiveEchoSpacing": 0.000265001,
    "FlipAngle": 90,
    "ImageOrientationPatientDICOM": [
      0.999136,
      -0.0314212,
      -0.0271958,
      0.0333193,
      0.996818,
      0.0724131
    ],
    "ImageType": [
      "ORIGINAL",
      "PRIMARY",
      "M",
      "ND",
      "MOSAIC"
    ],
    "ImagingFrequency": 123.248,
    "InPlanePhaseEncodingDirectionDICOM": "COL",
    "InstitutionAddress": "Whiteknights_Campus_StreetNo_Reading_District_GB_RG6_7BE",
    "InstitutionName": "UoR",
    "InstitutionalDepartmentName": "Department",
    "MRAcquisitionType": "2D",
    "MagneticFieldStrength": 3,
    "Manufacturer": "Siemens",
    "ManufacturersModelName": "Prisma_fit",
    "Modality": "MR",
    "ParallelReductionFactorInPlane": 2,
    "PartialFourier": 1,
    "PatientPosition": "HFS",
    "PercentPhaseFOV": 100,
    "PhaseEncodingDirection": "j",
    "PhaseEncodingSteps": 63,
    "PhaseResolution": 1,
    "PixelBandwidth": 2230,
    "ProcedureStepDescription": "head_Kou_Murayama",
    "ProtocolName": "ep2d_bold_PtoA_iPAT2_MagicTrick_Run2",
    "PulseSequenceDetails": "%SiemensSeq%_ep2d_bold",
    "ReceiveCoilActiveElements": "HEA;HEP",
    "ReceiveCoilName": "Head_32",
    "ReconMatrixPE": 64,
    "RepetitionTime": 2,
    "SAR": 0.123795,
    "ScanOptions": "FS",
    "ScanningSequence": "EP",
    "SequenceName": "_epfid2d1_64",
    "SequenceVariant": "SK",
    "SeriesDescription": "ep2d_bold_PtoA_iPAT2_MagicTrick_Run2",
    "SeriesNumber": 10,
    "ShimSetting": [
      3377,
      -11956,
      11473,
      335,
      -15,
      -82,
      -52,
      7
    ],
    "SliceThickness": 3,
    "SliceTiming": [
      0,
      1.0175,
      0.055,
      1.07,
      0.1075,
      1.125,
      0.1625,
      1.1775,
      0.215,
      1.2325,
      0.2675,
      1.285,
      0.3225,
      1.3375,
      0.375,
      1.3925,
      0.43,
      1.445,
      0.4825,
      1.5,
      0.535,
      1.5525,
      0.59,
      1.605,
      0.6425,
      1.66,
      0.6975,
      1.7125,
      0.75,
      1.7675,
      0.8025,
      1.82,
      0.8575,
      1.8725,
      0.91,
      1.9275,
      0.965
    ],
    "SoftwareVersions": "syngo_MR_E11",
    "SpacingBetweenSlices": 3.75,
    "StationName": "AWP167013",
    "TaskName": "magictrickwatching",
    "TotalReadoutTime": 0.0166951,
    "TxRefAmp": 278.089,
    "dataset": "<unset>",
    "modality": "bold",
    "run_id": 2,
    "subject_id": "experimental022",
    "task_id": "magictrickwatching"
  },
  "dummy_trs": 0,
  "dvars_nstd": 26.4272400486111,
  "dvars_std": 0.9751352921111108,
  "dvars_vstd": 0.9453782282500002,
  "efc": 0.5123701464428957,
  "fber": 64464.359375,
  "fd_mean": 0.21380869848273487,
  "fd_num": 20,
  "fd_perc": 5.54016620498615,
  "fwhm_avg": 2.865124371691374,
  "fwhm_x": 2.7463364484074555,
  "fwhm_y": 3.0426366666666667,
  "fwhm_z": 2.8063999999999996,
  "gcor": 0.0164895,
  "gsr_x": 0.06603328883647919,
  "gsr_y": 0.015329443849623203,
  "provenance": {
    "md5sum": "7921b9553ca821d9413d547f1c64d3b5",
    "settings": {
      "fd_thres": 0.5,
      "testing": false
    },
    "software": "mriqc",
    "version": "0.16.1",
    "webapi_port": null,
    "webapi_url": "https://mriqc.nimh.nih.gov/api/v1"
  },
  "size_t": 361,
  "size_x": 64,
  "size_y": 64,
  "size_z": 37,
  "snr": 2.3284927970992335,
  "spacing_tr": 2.0,
  "spacing_x": 3.000000238418579,
  "spacing_y": 3.0,
  "spacing_z": 3.75,
  "summary_bg_k": 24.23393467968033,
  "summary_bg_mad": 2.02207297414451,
  "summary_bg_mean": 24.19779396057129,
  "summary_bg_median": 1.4152268171310425,
  "summary_bg_n": 81901.0,
  "summary_bg_p05": 0.02057052217423916,
  "summary_bg_p95": 137.109375,
  "summary_bg_stdv": 62.6444206237793,
  "summary_fg_k": 0.28630967281493813,
  "summary_fg_mad": 167.23988753428443,
  "summary_fg_mean": 429.0085144042969,
  "summary_fg_median": 395.75408935546875,
  "summary_fg_n": 33198.0,
  "summary_fg_p05": 210.79081115722656,
  "summary_fg_p95": 753.3459350585937,
  "summary_fg_stdv": 169.95892333984375,
  "tsnr": 24.801210403442383
}