{
    "EchoTime1": 0.00519,
    "InPlanePhaseEncodingDirectionDICOM": "COL",
    "EchoTime2": 0.0076500000000000005,
    "ConsistencyInfo": "N4_VE11C_LATEST_20160120",
    "ProcedureStepDescription": "head_Kou_Murayama",
    "DeviceSerialNumber": "167013",
    "AcquisitionMatrixPE": 64,
    "ImageOrientationPatientDICOM": [
        0.999136,
        -0.0314212,
        -0.0271958,
        0.0333193,
        0.996818,
        0.0724131
    ],
    "ManufacturersModelName": "Prisma_fit",
    "ProtocolName": "gre_field_mapping",
    "PhaseEncodingDirection": "j",
    "RepetitionTime": 0.488,
    "SeriesNumber": 8,
    "PhaseEncodingSteps": 64,
    "MRAcquisitionType": "2D",
    "SliceThickness": 3,
    "AcquisitionNumber": 1,
    "InstitutionName": "UoR",
    "DwellTime": 3e-05,
    "TxRefAmp": 278.089,
    "BodyPartExamined": "HEAD",
    "ReceiveCoilActiveElements": "HEA;HEP",
    "SAR": 0.108359,
    "PulseSequenceDetails": "%SiemensSeq%_gre_field_mapping",
    "ScanningSequence": "GR",
    "Manufacturer": "Siemens",
    "ConversionSoftware": "dcm2niix",
    "PercentPhaseFOV": 100,
    "ReconMatrixPE": 64,
    "FlipAngle": 60,
    "ConversionSoftwareVersion": "v1.0.20181125  GCC5.3.1",
    "SeriesDescription": "gre_field_mapping",
    "PartialFourier": 1,
    "InstitutionAddress": "Whiteknights_Campus_StreetNo_Reading_District_GB_RG6_7BE",
    "AcquisitionTime": "16:03:3.527500",
    "ShimSetting": [
        3377,
        -11956,
        11473,
        335,
        -15,
        -82,
        -52,
        7
    ],
    "PatientPosition": "HFS",
    "SequenceName": "_fm2d2r",
    "MagneticFieldStrength": 3,
    "SpacingBetweenSlices": 3.75,
    "ImageType": [
        "ORIGINAL",
        "PRIMARY",
        "P",
        "ND"
    ],
    "ReceiveCoilName": "Head_32",
    "SequenceVariant": "SP",
    "IntendedFor": [], 
    "ImagingFrequency": 123.248,
    "BaseResolution": 64,
    "PixelBandwidth": 260,
    "PhaseResolution": 1,
    "SoftwareVersions": "syngo_MR_E11",
    "StationName": "AWP167013",
    "Modality": "MR",
    "EchoNumber": 2,
    "InstitutionalDepartmentName": "Department"
}
