{
  "bids_meta": {
    "AcquisitionMatrixPE": 256,
    "AcquisitionNumber": 1,
    "AcquisitionTime": "11:42:8.607500",
    "BaseResolution": 256,
    "BodyPartExamined": "HEAD",
    "ConsistencyInfo": "N4_VE11C_LATEST_20160120",
    "ConversionSoftware": "dcm2niix",
    "ConversionSoftwareVersion": "v1.0.20181125  GCC5.3.1",
    "DeviceSerialNumber": "167013",
    "DwellTime": 9.8e-06,
    "EchoTime": 0.00229,
    "FlipAngle": 8,
    "ImageOrientationPatientDICOM": [
      0.0601613,
      0.957032,
      0.283673,
      0.0688512,
      0.279532,
      -0.957664
    ],
    "ImageType": [
      "ORIGINAL",
      "PRIMARY",
      "M",
      "ND",
      "NORM"
    ],
    "ImagingFrequency": 123.249,
    "InPlanePhaseEncodingDirectionDICOM": "ROW",
    "InstitutionAddress": "Whiteknights_Campus_StreetNo_Reading_District_GB_RG6_7BE",
    "InstitutionName": "UoR",
    "InstitutionalDepartmentName": "Department",
    "InversionTime": 0.9,
    "MRAcquisitionType": "3D",
    "MagneticFieldStrength": 3,
    "Manufacturer": "Siemens",
    "ManufacturersModelName": "Prisma_fit",
    "Modality": "MR",
    "PartialFourier": 1,
    "PatientPosition": "HFS",
    "PercentPhaseFOV": 100,
    "PhaseEncodingSteps": 255,
    "PhaseResolution": 1,
    "PixelBandwidth": 200,
    "ProcedureStepDescription": "head_Kou_Murayama",
    "ProtocolName": "t1_mprage_sag_p2_iso_192",
    "PulseSequenceDetails": "%SiemensSeq%_tfl",
    "ReceiveCoilActiveElements": "HEA;HEP",
    "ReceiveCoilName": "Head_32",
    "ReconMatrixPE": 256,
    "RepetitionTime": 2.3,
    "SAR": 0.0514359,
    "ScanOptions": "IR",
    "ScanningSequence": "GR_IR",
    "SequenceName": "_tfl3d1_16ns",
    "SequenceVariant": "SK_SP_MP",
    "SeriesDescription": "t1_mprage_sag_p2_iso_192",
    "SeriesNumber": 13,
    "ShimSetting": [
      3382,
      -11946,
      11206,
      -4,
      -40,
      -152,
      -34,
      21
    ],
    "SliceThickness": 0.94,
    "SoftwareVersions": "syngo_MR_E11",
    "StationName": "AWP167013",
    "TxRefAmp": 249.604,
    "dataset": "<unset>",
    "modality": "T1w",
    "rec_id": "NORM",
    "subject_id": "control031"
  },
  "cjv": 0.39392359830079315,
  "cnr": 3.316373892757883,
  "efc": 0.5795095611819717,
  "fber": 3735.9773050907797,
  "fwhm_avg": 3.731208135484486,
  "fwhm_x": 3.662851073120125,
  "fwhm_y": 3.7225279999999996,
  "fwhm_z": 3.8082453333333333,
  "icvs_csf": 0.19559659806176574,
  "icvs_gm": 0.41938561985516587,
  "icvs_wm": 0.3850177820830684,
  "inu_med": 1.3330014944076538,
  "inu_range": 0.37765062451362597,
  "provenance": {
    "md5sum": "812020a1f9b0e701758bd18edac13107",
    "settings": {
      "testing": false
    },
    "software": "mriqc",
    "version": "0.16.1",
    "warnings": {
      "large_rot_frame": true,
      "small_air_mask": false
    },
    "webapi_port": null,
    "webapi_url": "https://mriqc.nimh.nih.gov/api/v1"
  },
  "qi_1": 0.0,
  "qi_2": 0.012503797350984964,
  "rpve_csf": 22.809921797023243,
  "rpve_gm": 11.49677950618476,
  "rpve_wm": 14.902082604861201,
  "size_x": 192,
  "size_y": 256,
  "size_z": 256,
  "snr_csf": 0.9127839638063178,
  "snr_gm": 10.913507133228249,
  "snr_total": 11.117047637627657,
  "snr_wm": 21.5248518158484,
  "snrd_csf": 44.42477780296403,
  "snrd_gm": 79.20904274283038,
  "snrd_total": 77.46018275927294,
  "snrd_wm": 108.74672773202444,
  "spacing_x": 0.9399999976158142,
  "spacing_y": 0.9375,
  "spacing_z": 0.9375,
  "summary_bg_k": 1545.7148779547754,
  "summary_bg_mad": 6.024423971016144,
  "summary_bg_mean": 7.403376355620147,
  "summary_bg_median": 4.063412219285965,
  "summary_bg_n": 2675678.0,
  "summary_bg_p05": 0.0,
  "summary_bg_p95": 20.832141518592834,
  "summary_bg_stdv": 9.76618367352455,
  "summary_csf_k": 4.8868774710252145,
  "summary_csf_mad": 165.1201274309495,
  "summary_csf_mean": 525.4383985830026,
  "summary_csf_median": 408.51600593328476,
  "summary_csf_n": 23007.0,
  "summary_csf_p05": 178.90459996461868,
  "summary_csf_p95": 1687.786911764741,
  "summary_csf_stdv": 447.5397727767032,
  "summary_gm_k": 0.33256714547399246,
  "summary_gm_mad": 64.23223867689043,
  "summary_gm_mean": 729.8688090126496,
  "summary_gm_median": 728.3809480965137,
  "summary_gm_n": 46800.0,
  "summary_gm_p05": 622.8466927111149,
  "summary_gm_p95": 842.6715706586838,
  "summary_gm_stdv": 66.74052230098762,
  "summary_wm_k": 0.6630574538143121,
  "summary_wm_mad": 42.76492509003009,
  "summary_wm_mean": 998.6131119188697,
  "summary_wm_median": 1000.0000240504742,
  "summary_wm_n": 310117.0,
  "summary_wm_p05": 918.789010822773,
  "summary_wm_p95": 1071.825127363205,
  "summary_wm_stdv": 46.4578534760522,
  "tpm_overlap_csf": 0.14400820434093475,
  "tpm_overlap_gm": 0.4063531458377838,
  "tpm_overlap_wm": 0.49089983105659485,
  "wm2max": 0.38250038309143847
}