{
  "aor": 0.000784318766066838,
  "aqi": 0.0029496684575835473,
  "bids_meta": {
    "AcquisitionMatrixPE": 64,
    "AcquisitionNumber": 1,
    "AcquisitionTime": "09:39:7.855000",
    "BandwidthPerPixelPhaseEncode": 58.962,
    "BaseResolution": 64,
    "BodyPartExamined": "HEAD",
    "ConsistencyInfo": "N4_VE11C_LATEST_20160120",
    "ConversionSoftware": "dcm2niix",
    "ConversionSoftwareVersion": "v1.0.20181125  GCC5.3.1",
    "DerivedVendorReportedEchoSpacing": 0.000530002,
    "DeviceSerialNumber": "167013",
    "DwellTime": 3.5e-06,
    "EchoTime": 0.03,
    "EchoTrainLength": 31,
    "EffectiveEchoSpacing": 0.000265001,
    "FlipAngle": 90,
    "ImageOrientationPatientDICOM": [
      0.994429,
      0.0737818,
      -0.0752836,
      -0.0686653,
      0.99529,
      0.0684288
    ],
    "ImageType": [
      "ORIGINAL",
      "PRIMARY",
      "M",
      "ND",
      "MOSAIC"
    ],
    "ImagingFrequency": 123.249,
    "InPlanePhaseEncodingDirectionDICOM": "COL",
    "InstitutionAddress": "Whiteknights_Campus_StreetNo_Reading_District_GB_RG6_7BE",
    "InstitutionName": "UoR",
    "InstitutionalDepartmentName": "Department",
    "MRAcquisitionType": "2D",
    "MagneticFieldStrength": 3,
    "Manufacturer": "Siemens",
    "ManufacturersModelName": "Prisma_fit",
    "Modality": "MR",
    "ParallelReductionFactorInPlane": 2,
    "PartialFourier": 1,
    "PatientPosition": "HFS",
    "PercentPhaseFOV": 100,
    "PhaseEncodingDirection": "j",
    "PhaseEncodingSteps": 63,
    "PhaseResolution": 1,
    "PixelBandwidth": 2230,
    "ProcedureStepDescription": "head_Kou_Murayama",
    "ProtocolName": "ep2d_bold_PtoA_iPAT2_MagicTrick_Run1",
    "PulseSequenceDetails": "%SiemensSeq%_ep2d_bold",
    "ReceiveCoilActiveElements": "HEA;HEP",
    "ReceiveCoilName": "Head_32",
    "ReconMatrixPE": 64,
    "RepetitionTime": 2,
    "SAR": 0.114175,
    "ScanOptions": "FS",
    "ScanningSequence": "EP",
    "SequenceName": "_epfid2d1_64",
    "SequenceVariant": "SK",
    "SeriesDescription": "ep2d_bold_PtoA_iPAT2_MagicTrick_Run1",
    "SeriesNumber": 9,
    "ShimSetting": [
      3359,
      -11940,
      11449,
      488,
      -9,
      -64,
      -111,
      96
    ],
    "SliceThickness": 3,
    "SliceTiming": [
      0,
      1.0175,
      0.055,
      1.07,
      0.1075,
      1.125,
      0.1625,
      1.1775,
      0.215,
      1.2325,
      0.2675,
      1.285,
      0.3225,
      1.3375,
      0.375,
      1.3925,
      0.43,
      1.445,
      0.4825,
      1.5,
      0.535,
      1.5525,
      0.59,
      1.605,
      0.6425,
      1.66,
      0.6975,
      1.7125,
      0.75,
      1.7675,
      0.8025,
      1.82,
      0.8575,
      1.875,
      0.91,
      1.9275,
      0.965
    ],
    "SoftwareVersions": "syngo_MR_E11",
    "SpacingBetweenSlices": 3.75,
    "StationName": "AWP167013",
    "TaskName": "magictrickwatching",
    "TotalReadoutTime": 0.0166951,
    "TxRefAmp": 222.745,
    "dataset": "<unset>",
    "modality": "bold",
    "run_id": 1,
    "subject_id": "control009",
    "task_id": "magictrickwatching"
  },
  "dummy_trs": 0,
  "dvars_nstd": 21.46853201675258,
  "dvars_std": 1.073032826469072,
  "dvars_vstd": 0.9708058869845364,
  "efc": 0.4566017294058425,
  "fber": 3992446.25,
  "fd_mean": 0.10311162414900779,
  "fd_num": 0,
  "fd_perc": 0.0,
  "fwhm_avg": 2.7866342563019777,
  "fwhm_x": 2.7486395631155074,
  "fwhm_y": 2.9396895327489325,
  "fwhm_z": 2.6715736730414927,
  "gcor": 0.0328368,
  "gsr_x": 0.012469310313463211,
  "gsr_y": 0.03471599519252777,
  "provenance": {
    "md5sum": "6e89edb9af4f9bb5aee39eea306674a3",
    "settings": {
      "fd_thres": 0.5,
      "testing": false
    },
    "software": "mriqc",
    "version": "0.16.1",
    "webapi_port": null,
    "webapi_url": "https://mriqc.nimh.nih.gov/api/v1"
  },
  "size_t": 389,
  "size_x": 64,
  "size_y": 64,
  "size_z": 37,
  "snr": 2.5154554159651132,
  "spacing_tr": 2.0,
  "spacing_x": 3.000000476837158,
  "spacing_y": 3.000000476837158,
  "spacing_z": 3.749999523162842,
  "summary_bg_k": 30.548151934963087,
  "summary_bg_mad": 0.29985720392720294,
  "summary_bg_mean": 13.959268569946289,
  "summary_bg_median": 0.20823004841804504,
  "summary_bg_n": 88945.0,
  "summary_bg_p05": 0.0023350767791271206,
  "summary_bg_p95": 87.39074707031253,
  "summary_bg_stdv": 40.40367126464844,
  "summary_fg_k": 0.574238254354341,
  "summary_fg_mad": 181.40550743719606,
  "summary_fg_mean": 491.07098388671875,
  "summary_fg_median": 458.76202392578125,
  "summary_fg_n": 27138.0,
  "summary_fg_p05": 255.97684631347659,
  "summary_fg_p95": 834.1057830810546,
  "summary_fg_stdv": 182.37396240234375,
  "tsnr": 53.61339569091797
}