{
  "aor": 0.0006580936454849498,
  "aqi": 0.003427813612040134,
  "bids_meta": {
    "AcquisitionMatrixPE": 64,
    "AcquisitionNumber": 1,
    "AcquisitionTime": "10:25:8.337500",
    "BandwidthPerPixelPhaseEncode": 58.962,
    "BaseResolution": 64,
    "BodyPartExamined": "HEAD",
    "ConsistencyInfo": "N4_VE11C_LATEST_20160120",
    "ConversionSoftware": "dcm2niix",
    "ConversionSoftwareVersion": "v1.0.20181125  GCC5.3.1",
    "DerivedVendorReportedEchoSpacing": 0.000530002,
    "DeviceSerialNumber": "167013",
    "DwellTime": 3.5e-06,
    "EchoTime": 0.03,
    "EchoTrainLength": 31,
    "EffectiveEchoSpacing": 0.000265001,
    "FlipAngle": 90,
    "ImageOrientationPatientDICOM": [
      0.999729,
      -0.00703967,
      0.0221895,
      0.0087245,
      0.997011,
      -0.0767709
    ],
    "ImageType": [
      "ORIGINAL",
      "PRIMARY",
      "M",
      "ND",
      "MOSAIC"
    ],
    "ImagingFrequency": 123.249,
    "InPlanePhaseEncodingDirectionDICOM": "COL",
    "InstitutionAddress": "Whiteknights_Campus_StreetNo_Reading_District_GB_RG6_7BE",
    "InstitutionName": "UoR",
    "InstitutionalDepartmentName": "Department",
    "MRAcquisitionType": "2D",
    "MagneticFieldStrength": 3,
    "Manufacturer": "Siemens",
    "ManufacturersModelName": "Prisma_fit",
    "Modality": "MR",
    "ParallelReductionFactorInPlane": 2,
    "PartialFourier": 1,
    "PatientPosition": "HFS",
    "PercentPhaseFOV": 100,
    "PhaseEncodingDirection": "j",
    "PhaseEncodingSteps": 63,
    "PhaseResolution": 1,
    "PixelBandwidth": 2230,
    "ProcedureStepDescription": "head_Kou_Murayama",
    "ProtocolName": "ep2d_bold_PtoA_iPAT2_PostResting",
    "PulseSequenceDetails": "%SiemensSeq%_ep2d_bold",
    "ReceiveCoilActiveElements": "HEA;HEP",
    "ReceiveCoilName": "Head_32",
    "ReconMatrixPE": 64,
    "RepetitionTime": 2,
    "SAR": 0.105558,
    "ScanOptions": "FS",
    "ScanningSequence": "EP",
    "SequenceName": "_epfid2d1_64",
    "SequenceVariant": "SK",
    "SeriesDescription": "ep2d_bold_PtoA_iPAT2_PostResting",
    "SeriesNumber": 12,
    "ShimSetting": [
      3374,
      -11965,
      11507,
      501,
      -50,
      -174,
      -98,
      25
    ],
    "SliceThickness": 3,
    "SliceTiming": [
      0,
      1.0175,
      0.055,
      1.07,
      0.1075,
      1.125,
      0.16,
      1.1775,
      0.215,
      1.23,
      0.2675,
      1.285,
      0.3225,
      1.3375,
      0.375,
      1.3925,
      0.4275,
      1.445,
      0.4825,
      1.4975,
      0.535,
      1.5525,
      0.59,
      1.605,
      0.6425,
      1.66,
      0.695,
      1.7125,
      0.75,
      1.765,
      0.8025,
      1.82,
      0.8575,
      1.8725,
      0.91,
      1.9275,
      0.9625
    ],
    "SoftwareVersions": "syngo_MR_E11",
    "SpacingBetweenSlices": 3.75,
    "StationName": "AWP167013",
    "TaskName": "rest",
    "TotalReadoutTime": 0.0166951,
    "TxRefAmp": 242.526,
    "dataset": "<unset>",
    "modality": "bold",
    "run_id": 2,
    "subject_id": "experimental038",
    "task_id": "rest"
  },
  "dummy_trs": 1,
  "dvars_nstd": 25.959212962684564,
  "dvars_std": 1.1187787804026843,
  "dvars_vstd": 0.9847058609060405,
  "efc": 0.4474349658319914,
  "fber": 11215943.0,
  "fd_mean": 0.19417260725886382,
  "fd_num": 1,
  "fd_perc": 0.33444816053511706,
  "fwhm_avg": 2.6579615026000445,
  "fwhm_x": 2.63336,
  "fwhm_y": 2.84177,
  "fwhm_z": 2.4987545078001334,
  "gcor": 0.0226105,
  "gsr_x": 0.02879132516682148,
  "gsr_y": 0.032133087515830994,
  "provenance": {
    "md5sum": "525f263dcbecb4f8ea9910ee1a709e68",
    "settings": {
      "fd_thres": 0.5,
      "testing": false
    },
    "software": "mriqc",
    "version": "0.16.1",
    "webapi_port": null,
    "webapi_url": "https://mriqc.nimh.nih.gov/api/v1"
  },
  "size_t": 299,
  "size_x": 64,
  "size_y": 64,
  "size_z": 37,
  "snr": 2.740237856744494,
  "spacing_tr": 2.0,
  "spacing_x": 3.0,
  "spacing_y": 3.0,
  "spacing_z": 3.750000238418579,
  "summary_bg_k": 43.66593639620313,
  "summary_bg_mad": 0.16034262819392173,
  "summary_bg_mean": 14.229009628295898,
  "summary_bg_median": 0.10928849875926971,
  "summary_bg_n": 91983.0,
  "summary_bg_p05": 0.0004014028236269952,
  "summary_bg_p95": 82.9913002014159,
  "summary_bg_stdv": 46.781707763671875,
  "summary_fg_k": 0.15549883476701876,
  "summary_fg_mad": 152.49983166438835,
  "summary_fg_mean": 424.2004089355469,
  "summary_fg_median": 403.302734375,
  "summary_fg_n": 25174.0,
  "summary_fg_p05": 223.8898551940918,
  "summary_fg_p95": 694.94370727539,
  "summary_fg_stdv": 147.17507934570312,
  "tsnr": 58.59134292602539
}