{
  "aor": 0.0005146153846153846,
  "aqi": 0.004321380026525198,
  "bids_meta": {
    "AcquisitionMatrixPE": 64,
    "AcquisitionNumber": 1,
    "AcquisitionTime": "09:55:50.135000",
    "BandwidthPerPixelPhaseEncode": 58.962,
    "BaseResolution": 64,
    "BodyPartExamined": "HEAD",
    "ConsistencyInfo": "N4_VE11C_LATEST_20160120",
    "ConversionSoftware": "dcm2niix",
    "ConversionSoftwareVersion": "v1.0.20181125  GCC5.3.1",
    "DerivedVendorReportedEchoSpacing": 0.000530002,
    "DeviceSerialNumber": "167013",
    "DwellTime": 3.5e-06,
    "EchoTime": 0.03,
    "EchoTrainLength": 31,
    "EffectiveEchoSpacing": 0.000265001,
    "FlipAngle": 90,
    "ImageOrientationPatientDICOM": [
      0.999729,
      -0.00703967,
      0.0221895,
      0.0087245,
      0.997011,
      -0.0767709
    ],
    "ImageType": [
      "ORIGINAL",
      "PRIMARY",
      "M",
      "ND",
      "MOSAIC"
    ],
    "ImagingFrequency": 123.249,
    "InPlanePhaseEncodingDirectionDICOM": "COL",
    "InstitutionAddress": "Whiteknights_Campus_StreetNo_Reading_District_GB_RG6_7BE",
    "InstitutionName": "UoR",
    "InstitutionalDepartmentName": "Department",
    "MRAcquisitionType": "2D",
    "MagneticFieldStrength": 3,
    "Manufacturer": "Siemens",
    "ManufacturersModelName": "Prisma_fit",
    "Modality": "MR",
    "ParallelReductionFactorInPlane": 2,
    "PartialFourier": 1,
    "PatientPosition": "HFS",
    "PercentPhaseFOV": 100,
    "PhaseEncodingDirection": "j",
    "PhaseEncodingSteps": 63,
    "PhaseResolution": 1,
    "PixelBandwidth": 2230,
    "ProcedureStepDescription": "head_Kou_Murayama",
    "ProtocolName": "ep2d_bold_PtoA_iPAT2_MagicTrick_Run2",
    "PulseSequenceDetails": "%SiemensSeq%_ep2d_bold",
    "ReceiveCoilActiveElements": "HEA;HEP",
    "ReceiveCoilName": "Head_32",
    "ReconMatrixPE": 64,
    "RepetitionTime": 2,
    "SAR": 0.105695,
    "ScanOptions": "FS",
    "ScanningSequence": "EP",
    "SequenceName": "_epfid2d1_64",
    "SequenceVariant": "SK",
    "SeriesDescription": "ep2d_bold_PtoA_iPAT2_MagicTrick_Run2",
    "SeriesNumber": 10,
    "ShimSetting": [
      3374,
      -11965,
      11507,
      501,
      -50,
      -174,
      -98,
      25
    ],
    "SliceThickness": 3,
    "SliceTiming": [
      0,
      1.0175,
      0.0525,
      1.07,
      0.1075,
      1.1225,
      0.16,
      1.1775,
      0.215,
      1.23,
      0.2675,
      1.285,
      0.32,
      1.3375,
      0.375,
      1.39,
      0.4275,
      1.445,
      0.4825,
      1.4975,
      0.535,
      1.5525,
      0.5875,
      1.605,
      0.6425,
      1.6575,
      0.695,
      1.7125,
      0.75,
      1.765,
      0.8025,
      1.82,
      0.855,
      1.8725,
      0.91,
      1.925,
      0.9625
    ],
    "SoftwareVersions": "syngo_MR_E11",
    "SpacingBetweenSlices": 3.75,
    "StationName": "AWP167013",
    "TaskName": "magictrickwatching",
    "TotalReadoutTime": 0.0166951,
    "TxRefAmp": 242.526,
    "dataset": "<unset>",
    "modality": "bold",
    "run_id": 2,
    "subject_id": "experimental038",
    "task_id": "magictrickwatching"
  },
  "dummy_trs": 0,
  "dvars_nstd": 26.0489637244149,
  "dvars_std": 1.0860458542021278,
  "dvars_vstd": 0.9630925283244681,
  "efc": 0.4477895739169738,
  "fber": 5709475.5,
  "fd_mean": 0.19267429225136762,
  "fd_num": 2,
  "fd_perc": 0.5305039787798409,
  "fwhm_avg": 2.654454391423264,
  "fwhm_x": 2.6075399999999997,
  "fwhm_y": 2.85397,
  "fwhm_z": 2.501853174269792,
  "gcor": 0.0299362,
  "gsr_x": 0.031000401824712753,
  "gsr_y": 0.030469408258795738,
  "provenance": {
    "md5sum": "9afdb2ca6e9fb0968f98fdec5a660c31",
    "settings": {
      "fd_thres": 0.5,
      "testing": false
    },
    "software": "mriqc",
    "version": "0.16.1",
    "webapi_port": null,
    "webapi_url": "https://mriqc.nimh.nih.gov/api/v1"
  },
  "size_t": 377,
  "size_x": 64,
  "size_y": 64,
  "size_z": 37,
  "snr": 2.689007252858641,
  "spacing_tr": 2.0,
  "spacing_x": 3.0,
  "spacing_y": 3.0,
  "spacing_z": 3.750000238418579,
  "summary_bg_k": 45.85345436668373,
  "summary_bg_mad": 0.22417890475866636,
  "summary_bg_mean": 14.192948341369629,
  "summary_bg_median": 0.1535753756761551,
  "summary_bg_n": 91923.0,
  "summary_bg_p05": 0.0014583079959265889,
  "summary_bg_p95": 79.92518463134765,
  "summary_bg_stdv": 47.04851531982422,
  "summary_fg_k": 0.17565026519885407,
  "summary_fg_mad": 153.37856576432446,
  "summary_fg_mean": 420.135498046875,
  "summary_fg_median": 399.2264099121094,
  "summary_fg_n": 25459.0,
  "summary_fg_p05": 220.29989471435545,
  "summary_fg_p95": 694.0183532714843,
  "summary_fg_stdv": 148.4631805419922,
  "tsnr": 52.6524543762207
}