{
  "bids_meta": {
    "AcquisitionMatrixPE": 256,
    "AcquisitionNumber": 1,
    "AcquisitionTime": "14:17:11.955000",
    "BaseResolution": 256,
    "BodyPartExamined": "HEAD",
    "ConsistencyInfo": "N4_VE11C_LATEST_20160120",
    "ConversionSoftware": "dcm2niix",
    "ConversionSoftwareVersion": "v1.0.20181125  GCC5.3.1",
    "DeviceSerialNumber": "167013",
    "DwellTime": 9.8e-06,
    "EchoTime": 0.00229,
    "FlipAngle": 8,
    "ImageOrientationPatientDICOM": [
      0.024608,
      0.976021,
      0.216282,
      -0.0336787,
      0.217034,
      -0.975583
    ],
    "ImageType": [
      "ORIGINAL",
      "PRIMARY",
      "M",
      "ND",
      "NORM"
    ],
    "ImagingFrequency": 123.249,
    "InPlanePhaseEncodingDirectionDICOM": "ROW",
    "InstitutionAddress": "Whiteknights_Campus_StreetNo_Reading_District_GB_RG6_7BE",
    "InstitutionName": "UoR",
    "InstitutionalDepartmentName": "Department",
    "InversionTime": 0.9,
    "MRAcquisitionType": "3D",
    "MagneticFieldStrength": 3,
    "Manufacturer": "Siemens",
    "ManufacturersModelName": "Prisma_fit",
    "Modality": "MR",
    "PartialFourier": 1,
    "PatientPosition": "HFS",
    "PercentPhaseFOV": 100,
    "PhaseEncodingSteps": 255,
    "PhaseResolution": 1,
    "PixelBandwidth": 200,
    "ProcedureStepDescription": "head_Kou_Murayama",
    "ProtocolName": "t1_mprage_sag_p2_iso_192",
    "PulseSequenceDetails": "%SiemensSeq%_tfl",
    "ReceiveCoilActiveElements": "HEA;HEP",
    "ReceiveCoilName": "Head_32",
    "ReconMatrixPE": 256,
    "RepetitionTime": 2.3,
    "SAR": 0.0551476,
    "ScanOptions": "IR",
    "ScanningSequence": "GR_IR",
    "SequenceName": "_tfl3d1_16ns",
    "SequenceVariant": "SK_SP_MP",
    "SeriesDescription": "t1_mprage_sag_p2_iso_192",
    "SeriesNumber": 13,
    "ShimSetting": [
      3382,
      -11946,
      11206,
      -4,
      -40,
      -152,
      -34,
      21
    ],
    "SliceThickness": 0.94,
    "SoftwareVersions": "syngo_MR_E11",
    "StationName": "AWP167013",
    "TxRefAmp": 231.928,
    "dataset": "<unset>",
    "modality": "T1w",
    "rec_id": "NORM",
    "subject_id": "control041"
  },
  "cjv": 0.3443140342048453,
  "cnr": 3.833872393519976,
  "efc": 0.5094047498115474,
  "fber": 3873.9002427644155,
  "fwhm_avg": 3.811170667257494,
  "fwhm_x": 3.7623864255924535,
  "fwhm_y": 3.8514773333333334,
  "fwhm_z": 3.819648242846695,
  "icvs_csf": 0.1879789450308316,
  "icvs_gm": 0.4499668102799084,
  "icvs_wm": 0.36205424468926,
  "inu_med": 1.2694283723831177,
  "inu_range": 0.318906444311142,
  "provenance": {
    "md5sum": "eae846c38b02ddea9d2f29592dcd0e60",
    "settings": {
      "testing": false
    },
    "software": "mriqc",
    "version": "0.16.1",
    "warnings": {
      "large_rot_frame": true,
      "small_air_mask": false
    },
    "webapi_port": null,
    "webapi_url": "https://mriqc.nimh.nih.gov/api/v1"
  },
  "qi_1": 3.526613335636428e-05,
  "qi_2": 0.015090881753474627,
  "rpve_csf": 29.13937927671716,
  "rpve_gm": 13.79003995969592,
  "rpve_wm": 20.107014173051105,
  "size_x": 192,
  "size_y": 256,
  "size_z": 256,
  "snr_csf": 2.6242852103877774,
  "snr_gm": 12.244076829729744,
  "snr_total": 12.352533070316555,
  "snr_wm": 22.189237170832147,
  "snrd_csf": 36.419868932221114,
  "snrd_gm": 81.27915326859832,
  "snrd_total": 77.10036063796899,
  "snrd_wm": 113.60205971308756,
  "spacing_x": 0.9399964809417725,
  "spacing_y": 0.9375,
  "spacing_z": 0.9374999403953552,
  "summary_bg_k": 10.642284680796493,
  "summary_bg_mad": 5.766941054826119,
  "summary_bg_mean": 7.5334177248464735,
  "summary_bg_median": 3.8897426314651966,
  "summary_bg_n": 2553050.0,
  "summary_bg_p05": 0.0,
  "summary_bg_p95": 23.19439124688506,
  "summary_bg_stdv": 7.892599644796493,
  "summary_csf_k": 2.56580069463877,
  "summary_csf_mad": 123.38405985202054,
  "summary_csf_mean": 345.94330511600873,
  "summary_csf_median": 320.59162725508213,
  "summary_csf_n": 10683.0,
  "summary_csf_p05": 186.13138814270496,
  "summary_csf_p95": 563.287556701526,
  "summary_csf_stdv": 122.15769112232476,
  "summary_gm_k": 0.13944333756304816,
  "summary_gm_mad": 56.53026169792516,
  "summary_gm_mean": 717.2085409637147,
  "summary_gm_median": 715.4725366197526,
  "summary_gm_n": 27246.0,
  "summary_gm_p05": 623.415294341743,
  "summary_gm_p95": 816.6778773088008,
  "summary_gm_stdv": 58.43310333518187,
  "summary_wm_k": 0.650550521773047,
  "summary_wm_mad": 41.43653943097285,
  "summary_wm_mean": 998.2119654961035,
  "summary_wm_median": 1000.0000068843365,
  "summary_wm_n": 205527.0,
  "summary_wm_p05": 919.6119925007224,
  "summary_wm_p95": 1068.6707718595862,
  "summary_wm_stdv": 45.06678469440453,
  "tpm_overlap_csf": 0.17680643498897552,
  "tpm_overlap_gm": 0.455827921628952,
  "tpm_overlap_wm": 0.5012310743331909,
  "wm2max": 0.4027541389447625
}