{
  "bids_meta": {
    "AcquisitionMatrixPE": 256,
    "AcquisitionNumber": 1,
    "AcquisitionTime": "12:46:53.500000",
    "BaseResolution": 256,
    "BodyPartExamined": "HEAD",
    "ConsistencyInfo": "N4_VE11C_LATEST_20160120",
    "ConversionSoftware": "dcm2niix",
    "ConversionSoftwareVersion": "v1.0.20181125  GCC5.3.1",
    "DeviceSerialNumber": "167013",
    "DwellTime": 9.8e-06,
    "EchoTime": 0.00229,
    "FlipAngle": 8,
    "ImageOrientationPatientDICOM": [
      0.0680858,
      0.995821,
      0.0608687,
      0.017784,
      0.0597892,
      -0.998053
    ],
    "ImageType": [
      "ORIGINAL",
      "PRIMARY",
      "M",
      "ND",
      "NORM"
    ],
    "ImagingFrequency": 123.249,
    "InPlanePhaseEncodingDirectionDICOM": "ROW",
    "InstitutionAddress": "Whiteknights_Campus_StreetNo_Reading_District_GB_RG6_7BE",
    "InstitutionName": "University_of_Reading_CINN",
    "InstitutionalDepartmentName": "Department",
    "InversionTime": 0.9,
    "MRAcquisitionType": "3D",
    "MagneticFieldStrength": 3,
    "Manufacturer": "Siemens",
    "ManufacturersModelName": "Prisma_fit",
    "Modality": "MR",
    "PartialFourier": 1,
    "PatientPosition": "HFS",
    "PercentPhaseFOV": 100,
    "PhaseEncodingSteps": 255,
    "PhaseResolution": 1,
    "PixelBandwidth": 200,
    "ProcedureStepDescription": "head_Kou_Murayama",
    "ProtocolName": "t1_mprage_sag_p2_iso_192",
    "PulseSequenceDetails": "%SiemensSeq%_tfl",
    "ReceiveCoilActiveElements": "HEA;HEP",
    "ReceiveCoilName": "Head_32",
    "ReconMatrixPE": 256,
    "RepetitionTime": 2.3,
    "SAR": 0.056866,
    "ScanOptions": "IR",
    "ScanningSequence": "GR_IR",
    "SequenceName": "_tfl3d1_16ns",
    "SequenceVariant": "SK_SP_MP",
    "SeriesDescription": "t1_mprage_sag_p2_iso_192",
    "SeriesNumber": 13,
    "ShimSetting": [
      3382,
      -11946,
      11206,
      -4,
      -40,
      -152,
      -34,
      21
    ],
    "SliceThickness": 0.94,
    "SoftwareVersions": "syngo_MR_E11",
    "StationName": "AWP167013",
    "TxRefAmp": 243.872,
    "dataset": "<unset>",
    "modality": "T1w",
    "rec_id": "NORM",
    "subject_id": "control015"
  },
  "cjv": 0.3533514815162482,
  "cnr": 3.7634540296332855,
  "efc": 0.5177944001141835,
  "fber": 5652.081698468154,
  "fwhm_avg": 3.9836551284722983,
  "fwhm_x": 3.874570718750228,
  "fwhm_y": 4.124522666666667,
  "fwhm_z": 3.9518720000000003,
  "icvs_csf": 0.21662948235235666,
  "icvs_gm": 0.41979434320019793,
  "icvs_wm": 0.36357617444744544,
  "inu_med": 1.1891762018203735,
  "inu_range": 0.2997352600097656,
  "provenance": {
    "md5sum": "80f6a8445741b9a17c0141266f4903ea",
    "settings": {
      "testing": false
    },
    "software": "mriqc",
    "version": "0.16.1",
    "warnings": {
      "large_rot_frame": true,
      "small_air_mask": false
    },
    "webapi_port": null,
    "webapi_url": "https://mriqc.nimh.nih.gov/api/v1"
  },
  "qi_1": 0.0,
  "qi_2": 0.006702616381515918,
  "rpve_csf": 26.201798908480267,
  "rpve_gm": 14.194118717156336,
  "rpve_wm": 19.857328174097226,
  "size_x": 192,
  "size_y": 256,
  "size_z": 256,
  "snr_csf": 3.622799089203691,
  "snr_gm": 12.34706229299125,
  "snr_total": 12.307457570531179,
  "snr_wm": 20.9525113293986,
  "snrd_csf": 35.864944301971256,
  "snrd_gm": 66.03612043158351,
  "snrd_total": 64.72254541641672,
  "snrd_wm": 92.26657151569539,
  "spacing_x": 0.9399983286857605,
  "spacing_y": 0.9375,
  "spacing_z": 0.9375,
  "summary_bg_k": 521.6165838949856,
  "summary_bg_mad": 7.100473928224934,
  "summary_bg_mean": 7.320222710769813,
  "summary_bg_median": 4.789196886122227,
  "summary_bg_n": 3156791.0,
  "summary_bg_p05": 0.0,
  "summary_bg_p95": 19.627856090664864,
  "summary_bg_stdv": 8.272635235151002,
  "summary_csf_k": -0.3619832099503406,
  "summary_csf_mad": 121.29006283951445,
  "summary_csf_mean": 388.77893203592544,
  "summary_csf_median": 388.71006201952696,
  "summary_csf_n": 15928.0,
  "summary_csf_p05": 220.95862715505064,
  "summary_csf_p95": 558.5302729159594,
  "summary_csf_stdv": 107.29213797350155,
  "summary_gm_k": 0.0942492864479898,
  "summary_gm_mad": 56.803791425799474,
  "summary_gm_mean": 716.1974092960495,
  "summary_gm_median": 715.7101444900036,
  "summary_gm_n": 28736.0,
  "summary_gm_p05": 620.7898324355483,
  "summary_gm_p95": 811.5922214929014,
  "summary_gm_stdv": 57.96501825303088,
  "summary_wm_k": 0.765766476441037,
  "summary_wm_mad": 43.650454476792625,
  "summary_wm_mean": 998.0513796935514,
  "summary_wm_median": 1000.0000121071935,
  "summary_wm_n": 212815.0,
  "summary_wm_p05": 915.4432080686092,
  "summary_wm_p95": 1072.2305225208402,
  "summary_wm_stdv": 47.72686418944216,
  "tpm_overlap_csf": 0.16121837496757507,
  "tpm_overlap_gm": 0.4483700394630432,
  "tpm_overlap_wm": 0.501787543296814,
  "wm2max": 0.3796587956297092
}