{
    "InPlanePhaseEncodingDirectionDICOM": "COL",
    "ConsistencyInfo": "N4_VE11C_LATEST_20160120",
    "ProcedureStepDescription": "head_Kou_Murayama",
    "DeviceSerialNumber": "167013",
    "AcquisitionMatrixPE": 64,
    "ImageOrientationPatientDICOM": [
        0.999131,
        -0.0166828,
        -0.0382074,
        0.0207544,
        0.99385,
        0.108777
    ],
    "ManufacturersModelName": "Prisma_fit",
    "ProtocolName": "gre_field_mapping",
    "PhaseEncodingDirection": "j",
    "RepetitionTime": 0.488,
    "SeriesNumber": 7,
    "PhaseEncodingSteps": 64,
    "MRAcquisitionType": "2D",
    "SliceThickness": 3,
    "AcquisitionNumber": 1,
    "InstitutionName": "UoR",
    "DwellTime": 3e-05,
    "TxRefAmp": 231.928,
    "BodyPartExamined": "HEAD",
    "ReceiveCoilActiveElements": "HEA;HEP",
    "SAR": 0.0997218,
    "PulseSequenceDetails": "%SiemensSeq%_gre_field_mapping",
    "ScanningSequence": "GR",
    "Manufacturer": "Siemens",
    "ConversionSoftware": "dcm2niix",
    "PercentPhaseFOV": 100,
    "ReconMatrixPE": 64,
    "FlipAngle": 60,
    "ConversionSoftwareVersion": "v1.0.20181125  GCC5.3.1",
    "SeriesDescription": "gre_field_mapping",
    "PartialFourier": 1,
    "InstitutionAddress": "Whiteknights_Campus_StreetNo_Reading_District_GB_RG6_7BE",
    "AcquisitionTime": "13:21:56.557500",
    "ShimSetting": [
        3374,
        -11934,
        11475,
        476,
        -9,
        -67,
        77,
        30
    ],
    "PatientPosition": "HFS",
    "SequenceName": "_fm2d2r",
    "MagneticFieldStrength": 3,
    "SpacingBetweenSlices": 3.75,
    "ImageType": [
        "ORIGINAL",
        "PRIMARY",
        "M",
        "ND"
    ],
    "ReceiveCoilName": "Head_32",
    "EchoTime": 0.00519,
    "SequenceVariant": "SP",
    "IntendedFor": [], 
    "ImagingFrequency": 123.249,
    "BaseResolution": 64,
    "PixelBandwidth": 260,
    "PhaseResolution": 1,
    "SoftwareVersions": "syngo_MR_E11",
    "StationName": "AWP167013",
    "Modality": "MR",
    "EchoNumber": 1,
    "InstitutionalDepartmentName": "Department"
}
