{
  "bids_meta": {
    "AcquisitionMatrixPE": 256,
    "AcquisitionNumber": 1,
    "AcquisitionTime": "12:10:45.640000",
    "BaseResolution": 256,
    "BodyPartExamined": "HEAD",
    "ConsistencyInfo": "N4_VE11C_LATEST_20160120",
    "ConversionSoftware": "dcm2niix",
    "ConversionSoftwareVersion": "v1.0.20181125  GCC5.3.1",
    "DeviceSerialNumber": "167013",
    "DwellTime": 9.8e-06,
    "EchoTime": 0.00229,
    "FlipAngle": 8,
    "ImageOrientationPatientDICOM": [
      0.000291961,
      0.951203,
      0.308564,
      0.0665726,
      0.307861,
      -0.949099
    ],
    "ImageType": [
      "ORIGINAL",
      "PRIMARY",
      "M",
      "ND",
      "NORM"
    ],
    "ImagingFrequency": 123.249,
    "InPlanePhaseEncodingDirectionDICOM": "ROW",
    "InstitutionAddress": "Whiteknights_Campus_StreetNo_Reading_District_GB_RG6_7BE",
    "InstitutionName": "UoR",
    "InstitutionalDepartmentName": "Department",
    "InversionTime": 0.9,
    "MRAcquisitionType": "3D",
    "MagneticFieldStrength": 3,
    "Manufacturer": "Siemens",
    "ManufacturersModelName": "Prisma_fit",
    "Modality": "MR",
    "PartialFourier": 1,
    "PatientPosition": "HFS",
    "PercentPhaseFOV": 100,
    "PhaseEncodingSteps": 255,
    "PhaseResolution": 1,
    "PixelBandwidth": 200,
    "ProcedureStepDescription": "head_Kou_Murayama",
    "ProtocolName": "t1_mprage_sag_p2_iso_192",
    "PulseSequenceDetails": "%SiemensSeq%_tfl",
    "ReceiveCoilActiveElements": "HEA;HEP",
    "ReceiveCoilName": "Head_32",
    "ReconMatrixPE": 256,
    "RepetitionTime": 2.3,
    "SAR": 0.0723738,
    "ScanOptions": "IR",
    "ScanningSequence": "GR_IR",
    "SequenceName": "_tfl3d1_16ns",
    "SequenceVariant": "SK_SP_MP",
    "SeriesDescription": "t1_mprage_sag_p2_iso_192",
    "SeriesNumber": 13,
    "ShimSetting": [
      3382,
      -11946,
      11206,
      -4,
      -40,
      -152,
      -34,
      21
    ],
    "SliceThickness": 0.94,
    "SoftwareVersions": "syngo_MR_E11",
    "StationName": "AWP167013",
    "TxRefAmp": 239.21,
    "dataset": "<unset>",
    "modality": "T1w",
    "rec_id": "NORM",
    "subject_id": "experimental026"
  },
  "cjv": 0.36640031101858495,
  "cnr": 3.6308243182541617,
  "efc": 0.5354048473842943,
  "fber": 4327.575932333718,
  "fwhm_avg": 4.027146741600922,
  "fwhm_x": 4.043722896323732,
  "fwhm_y": 4.0570344087273655,
  "fwhm_z": 3.9806829197516707,
  "icvs_csf": 0.21573120791080025,
  "icvs_gm": 0.42415034289020476,
  "icvs_wm": 0.360118449198995,
  "inu_med": 1.24871826171875,
  "inu_range": 0.33360529541969286,
  "provenance": {
    "md5sum": "2e2fb330854984295132a7d86ea8a1f2",
    "settings": {
      "testing": false
    },
    "software": "mriqc",
    "version": "0.16.1",
    "warnings": {
      "large_rot_frame": true,
      "small_air_mask": false
    },
    "webapi_port": null,
    "webapi_url": "https://mriqc.nimh.nih.gov/api/v1"
  },
  "qi_1": 0.0,
  "qi_2": 0.015100056987764952,
  "rpve_csf": 24.92514319849599,
  "rpve_gm": 13.322416045327728,
  "rpve_wm": 18.878486687673146,
  "size_x": 192,
  "size_y": 256,
  "size_z": 256,
  "snr_csf": 3.2024072314386784,
  "snr_gm": 12.893256491888973,
  "snr_total": 12.243237881594828,
  "snr_wm": 20.634049921456835,
  "snrd_csf": 44.05181336749216,
  "snrd_gm": 88.11662328709156,
  "snrd_total": 84.38444674029562,
  "snrd_wm": 120.98490356630315,
  "spacing_x": 0.9400050640106201,
  "spacing_y": 0.9375000596046448,
  "spacing_z": 0.9374999403953552,
  "summary_bg_k": 10.232336526963675,
  "summary_bg_mad": 5.415316595249262,
  "summary_bg_mean": 7.804844556027873,
  "summary_bg_median": 7.305151075124741,
  "summary_bg_n": 2563947.0,
  "summary_bg_p05": 0.0,
  "summary_bg_p95": 22.130310609936714,
  "summary_bg_stdv": 7.681786558036437,
  "summary_csf_k": -0.45714359243892533,
  "summary_csf_mad": 132.0381605135776,
  "summary_csf_mean": 373.40362026571796,
  "summary_csf_median": 364.12955248728395,
  "summary_csf_n": 14663.0,
  "summary_csf_p05": 205.78503149934113,
  "summary_csf_p95": 556.8566264398396,
  "summary_csf_stdv": 113.70107214639708,
  "summary_gm_k": -0.047253858628390155,
  "summary_gm_mad": 57.17937228513191,
  "summary_gm_mean": 727.688340973365,
  "summary_gm_median": 728.3665336668491,
  "summary_gm_n": 32153.0,
  "summary_gm_p05": 632.8087118826807,
  "summary_gm_p95": 818.5529208369553,
  "summary_gm_stdv": 56.491174860677354,
  "summary_wm_k": 1.0271183112858129,
  "summary_wm_mad": 42.36688865695011,
  "summary_wm_mean": 997.8396113044296,
  "summary_wm_median": 1000.0536964461207,
  "summary_wm_n": 216971.0,
  "summary_wm_p05": 912.4993122369051,
  "summary_wm_p95": 1072.6754924282432,
  "summary_wm_stdv": 48.466074070333704,
  "tpm_overlap_csf": 0.1675334870815277,
  "tpm_overlap_gm": 0.45050641894340515,
  "tpm_overlap_wm": 0.5025893449783325,
  "wm2max": 0.3985614282961916
}