{
  "bids_meta": {
    "AcquisitionMatrixPE": 256,
    "AcquisitionNumber": 1,
    "AcquisitionTime": "17:37:30.150000",
    "BaseResolution": 256,
    "BodyPartExamined": "HEAD",
    "ConsistencyInfo": "N4_VE11C_LATEST_20160120",
    "ConversionSoftware": "dcm2niix",
    "ConversionSoftwareVersion": "v1.0.20181125  GCC5.3.1",
    "DeviceSerialNumber": "167013",
    "DwellTime": 9.8e-06,
    "EchoTime": 0.00229,
    "FlipAngle": 8,
    "ImageOrientationPatientDICOM": [
      0.0460406,
      0.976807,
      0.209112,
      0.0808097,
      0.205006,
      -0.975419
    ],
    "ImageType": [
      "ORIGINAL",
      "PRIMARY",
      "M",
      "ND",
      "NORM"
    ],
    "ImagingFrequency": 123.249,
    "InPlanePhaseEncodingDirectionDICOM": "ROW",
    "InstitutionAddress": "Whiteknights_Campus_StreetNo_Reading_District_GB_RG6_7BE",
    "InstitutionName": "UoR",
    "InstitutionalDepartmentName": "Department",
    "InversionTime": 0.9,
    "MRAcquisitionType": "3D",
    "MagneticFieldStrength": 3,
    "Manufacturer": "Siemens",
    "ManufacturersModelName": "Prisma_fit",
    "Modality": "MR",
    "PartialFourier": 1,
    "PatientPosition": "HFS",
    "PercentPhaseFOV": 100,
    "PhaseEncodingSteps": 255,
    "PhaseResolution": 1,
    "PixelBandwidth": 200,
    "ProcedureStepDescription": "head_Kou_Murayama",
    "ProtocolName": "t1_mprage_sag_p2_iso_192",
    "PulseSequenceDetails": "%SiemensSeq%_tfl",
    "ReceiveCoilActiveElements": "HEA;HEP",
    "ReceiveCoilName": "Head_32",
    "ReconMatrixPE": 256,
    "RepetitionTime": 2.3,
    "SAR": 0.0479428,
    "ScanOptions": "IR",
    "ScanningSequence": "GR_IR",
    "SequenceName": "_tfl3d1_16ns",
    "SequenceVariant": "SK_SP_MP",
    "SeriesDescription": "t1_mprage_sag_p2_iso_192",
    "SeriesNumber": 13,
    "ShimSetting": [
      3382,
      -11946,
      11206,
      -4,
      -40,
      -152,
      -34,
      21
    ],
    "SliceThickness": 0.94,
    "SoftwareVersions": "syngo_MR_E11",
    "StationName": "AWP167013",
    "TxRefAmp": 243.045,
    "dataset": "<unset>",
    "modality": "T1w",
    "rec_id": "NORM",
    "subject_id": "experimental050"
  },
  "cjv": 0.36802714321852914,
  "cnr": 3.5872446838407286,
  "efc": 0.5673022992655526,
  "fber": 3866.481049346017,
  "fwhm_avg": 3.8466640404457313,
  "fwhm_x": 3.849634788003861,
  "fwhm_y": 3.8436266666666667,
  "fwhm_z": 3.8467306666666667,
  "icvs_csf": 0.20874644419011573,
  "icvs_gm": 0.417649452114578,
  "icvs_wm": 0.3736041036953063,
  "inu_med": 1.2372201681137085,
  "inu_range": 0.32767493724822994,
  "provenance": {
    "md5sum": "e82b6151433b87d3e8f6687e66604b27",
    "settings": {
      "testing": false
    },
    "software": "mriqc",
    "version": "0.16.1",
    "warnings": {
      "large_rot_frame": true,
      "small_air_mask": false
    },
    "webapi_port": null,
    "webapi_url": "https://mriqc.nimh.nih.gov/api/v1"
  },
  "qi_1": 0.00011208696297967031,
  "qi_2": 0.011161712230059831,
  "rpve_csf": 21.271212573955655,
  "rpve_gm": 11.253819835383231,
  "rpve_wm": 15.450351460149292,
  "size_x": 192,
  "size_y": 256,
  "size_z": 256,
  "snr_csf": 3.1229131366213205,
  "snr_gm": 11.080240025135371,
  "snr_total": 12.04471060234001,
  "snr_wm": 21.930978645263338,
  "snrd_csf": 43.13455670915422,
  "snrd_gm": 84.31463192833495,
  "snrd_total": 81.79363406445607,
  "snrd_wm": 117.93171355587909,
  "spacing_x": 0.9400034546852112,
  "spacing_y": 0.9375,
  "spacing_z": 0.9375,
  "summary_bg_k": 13.701291337414204,
  "summary_bg_mad": 5.555218179191634,
  "summary_bg_mean": 7.186387977376368,
  "summary_bg_median": 3.746937721967697,
  "summary_bg_n": 2661475.0,
  "summary_bg_p05": 0.0,
  "summary_bg_p95": 22.817889973521233,
  "summary_bg_stdv": 8.490534585169229,
  "summary_csf_k": -0.6124648597092697,
  "summary_csf_mad": 139.022895971565,
  "summary_csf_mean": 367.5156981449514,
  "summary_csf_median": 365.7587668597698,
  "summary_csf_n": 16647.0,
  "summary_csf_p05": 187.82726272940636,
  "summary_csf_p95": 551.1361087709665,
  "summary_csf_stdv": 117.11750054128117,
  "summary_gm_k": 0.026599955414929433,
  "summary_gm_mad": 63.38646383949429,
  "summary_gm_mean": 714.4754537352414,
  "summary_gm_median": 714.9445399492979,
  "summary_gm_n": 30366.0,
  "summary_gm_p05": 606.2833460122347,
  "summary_gm_p95": 821.011700078845,
  "summary_gm_stdv": 64.52322026491518,
  "summary_wm_k": 0.866291621065097,
  "summary_wm_mad": 41.52169485216311,
  "summary_wm_mean": 999.4246516329324,
  "summary_wm_median": 1000.0000327974558,
  "summary_wm_n": 275227.0,
  "summary_wm_p05": 923.1397718340158,
  "summary_wm_p95": 1072.2006404399872,
  "summary_wm_stdv": 45.597519029525685,
  "tpm_overlap_csf": 0.17266441881656647,
  "tpm_overlap_gm": 0.44854605197906494,
  "tpm_overlap_wm": 0.5127058029174805,
  "wm2max": 0.4132488982411561
}