{
    "InPlanePhaseEncodingDirectionDICOM": "COL", 
    "ConsistencyInfo": "N4_VE11C_LATEST_20160120", 
    "ProcedureStepDescription": "head_Kou_Murayama", 
    "DeviceSerialNumber": "167013", 
    "AcquisitionMatrixPE": 64, 
    "ImageOrientationPatientDICOM": [
        0.999136, 
        -0.0314212, 
        -0.0271958, 
        0.0333193, 
        0.996818, 
        0.0724131
    ], 
    "EffectiveEchoSpacing": 0.000265001, 
    "TotalReadoutTime": 0.0166951, 
    "ManufacturersModelName": "Prisma_fit", 
    "ProtocolName": "ep2d_bold_PtoA_iPAT2_MagicTrick_Run1", 
    "PhaseEncodingDirection": "j", 
    "BandwidthPerPixelPhaseEncode": 58.962, 
    "RepetitionTime": 2, 
    "EchoTrainLength": 31, 
    "MagneticFieldStrength": 3, 
    "PhaseEncodingSteps": 63, 
    "MRAcquisitionType": "2D", 
    "ParallelReductionFactorInPlane": 2, 
    "SliceThickness": 3, 
    "AcquisitionNumber": 1, 
    "InstitutionName": "UoR", 
    "DwellTime": 3.5e-06, 
    "TxRefAmp": 278.089, 
    "BodyPartExamined": "HEAD", 
    "ReceiveCoilActiveElements": "HEA;HEP", 
    "DerivedVendorReportedEchoSpacing": 0.000530002, 
    "SAR": 0.123795, 
    "PulseSequenceDetails": "%SiemensSeq%_ep2d_bold", 
    "ScanningSequence": "EP", 
    "Manufacturer": "Siemens", 
    "ConversionSoftware": "dcm2niix", 
    "PercentPhaseFOV": 100, 
    "ReconMatrixPE": 64, 
    "FlipAngle": 90, 
    "ConversionSoftwareVersion": "v1.0.20181125  GCC5.3.1", 
    "SeriesDescription": "ep2d_bold_PtoA_iPAT2_MagicTrick_Run1", 
    "PartialFourier": 1, 
    "InstitutionAddress": "Whiteknights_Campus_StreetNo_Reading_District_GB_RG6_7BE", 
    "AcquisitionTime": "16:05:29.827500", 
    "ShimSetting": [
        3377, 
        -11956, 
        11473, 
        335, 
        -15, 
        -82, 
        -52, 
        7
    ], 
    "PatientPosition": "HFS", 
    "SequenceName": "_epfid2d1_64", 
    "SeriesNumber": 9, 
    "TaskName": "magictrickwatching", 
    "SpacingBetweenSlices": 3.75, 
    "ImageType": [
        "ORIGINAL", 
        "PRIMARY", 
        "M", 
        "ND", 
        "MOSAIC"
    ], 
    "ReceiveCoilName": "Head_32", 
    "EchoTime": 0.03, 
    "SequenceVariant": "SK", 
    "SliceTiming": [
        0, 
        1.015, 
        0.0525, 
        1.07, 
        0.1075, 
        1.1225, 
        0.16, 
        1.1775, 
        0.2125, 
        1.23, 
        0.2675, 
        1.2825, 
        0.32, 
        1.3375, 
        0.375, 
        1.39, 
        0.4275, 
        1.445, 
        0.48, 
        1.4975, 
        0.535, 
        1.55, 
        0.5875, 
        1.605, 
        0.6425, 
        1.6575, 
        0.695, 
        1.7125, 
        0.7475, 
        1.765, 
        0.8025, 
        1.8175, 
        0.855, 
        1.8725, 
        0.91, 
        1.925, 
        0.9625
    ], 
    "ImagingFrequency": 123.248, 
    "BaseResolution": 64, 
    "PixelBandwidth": 2230, 
    "ScanOptions": "FS", 
    "PhaseResolution": 1, 
    "SoftwareVersions": "syngo_MR_E11", 
    "StationName": "AWP167013", 
    "Modality": "MR", 
    "InstitutionalDepartmentName": "Department"
}