{
  "aor": 0.000608958904109589,
  "aqi": 0.002152315863013699,
  "bids_meta": {
    "AcquisitionMatrixPE": 64,
    "AcquisitionNumber": 1,
    "AcquisitionTime": "15:20:18.592500",
    "BandwidthPerPixelPhaseEncode": 58.962,
    "BaseResolution": 64,
    "BodyPartExamined": "HEAD",
    "ConsistencyInfo": "N4_VE11C_LATEST_20160120",
    "ConversionSoftware": "dcm2niix",
    "ConversionSoftwareVersion": "v1.0.20181125  GCC5.3.1",
    "DerivedVendorReportedEchoSpacing": 0.000530002,
    "DeviceSerialNumber": "167013",
    "DwellTime": 3.5e-06,
    "EchoTime": 0.03,
    "EchoTrainLength": 31,
    "EffectiveEchoSpacing": 0.000265001,
    "FlipAngle": 90,
    "ImageOrientationPatientDICOM": [
      0.995958,
      0.0895742,
      0.00665674,
      -0.0894125,
      0.981636,
      0.16851
    ],
    "ImageType": [
      "ORIGINAL",
      "PRIMARY",
      "M",
      "ND",
      "MOSAIC"
    ],
    "ImagingFrequency": 123.249,
    "InPlanePhaseEncodingDirectionDICOM": "COL",
    "InstitutionAddress": "Whiteknights_Campus_StreetNo_Reading_District_GB_RG6_7BE",
    "InstitutionName": "UoR",
    "InstitutionalDepartmentName": "Department",
    "MRAcquisitionType": "2D",
    "MagneticFieldStrength": 3,
    "Manufacturer": "Siemens",
    "ManufacturersModelName": "Prisma_fit",
    "Modality": "MR",
    "ParallelReductionFactorInPlane": 2,
    "PartialFourier": 1,
    "PatientPosition": "HFS",
    "PercentPhaseFOV": 100,
    "PhaseEncodingDirection": "j",
    "PhaseEncodingSteps": 63,
    "PhaseResolution": 1,
    "PixelBandwidth": 2230,
    "ProcedureStepDescription": "head_Kou_Murayama",
    "ProtocolName": "ep2d_bold_PtoA_iPAT2_MagicTrick_Run1",
    "PulseSequenceDetails": "%SiemensSeq%_ep2d_bold",
    "ReceiveCoilActiveElements": "HEA;HEP",
    "ReceiveCoilName": "Head_32",
    "ReconMatrixPE": 64,
    "RepetitionTime": 2,
    "SAR": 0.110568,
    "ScanOptions": "FS",
    "ScanningSequence": "EP",
    "SequenceName": "_epfid2d1_64",
    "SequenceVariant": "SK",
    "SeriesDescription": "ep2d_bold_PtoA_iPAT2_MagicTrick_Run1",
    "SeriesNumber": 9,
    "ShimSetting": [
      3388,
      -11969,
      11505,
      470,
      30,
      -9,
      75,
      -20
    ],
    "SliceThickness": 3,
    "SliceTiming": [
      0,
      1.015,
      0.0525,
      1.07,
      0.105,
      1.1225,
      0.16,
      1.1775,
      0.2125,
      1.23,
      0.2675,
      1.2825,
      0.32,
      1.3375,
      0.375,
      1.39,
      0.4275,
      1.445,
      0.48,
      1.4975,
      0.535,
      1.55,
      0.5875,
      1.605,
      0.6425,
      1.6575,
      0.695,
      1.7125,
      0.7475,
      1.765,
      0.8025,
      1.8175,
      0.855,
      1.8725,
      0.91,
      1.925,
      0.9625
    ],
    "SoftwareVersions": "syngo_MR_E11",
    "SpacingBetweenSlices": 3.75,
    "StationName": "AWP167013",
    "TaskName": "magictrickwatching",
    "TotalReadoutTime": 0.0166951,
    "TxRefAmp": 217.955,
    "dataset": "<unset>",
    "modality": "bold",
    "run_id": 1,
    "subject_id": "experimental028",
    "task_id": "magictrickwatching"
  },
  "dummy_trs": 0,
  "dvars_nstd": 23.442827088406563,
  "dvars_std": 1.1387686747252743,
  "dvars_vstd": 0.9881939612087911,
  "efc": 0.44353059675397477,
  "fber": 17476390.0,
  "fd_mean": 0.15040176274965592,
  "fd_num": 0,
  "fd_perc": 0.0,
  "fwhm_avg": 2.7434719275148303,
  "fwhm_x": 2.643942913089925,
  "fwhm_y": 2.918472869454564,
  "fwhm_z": 2.668,
  "gcor": 0.0177986,
  "gsr_x": 0.008767383173108101,
  "gsr_y": 0.028257742524147034,
  "provenance": {
    "md5sum": "3a7d24c0459550f13d8cfade43d2dbcd",
    "settings": {
      "fd_thres": 0.5,
      "testing": false
    },
    "software": "mriqc",
    "version": "0.16.1",
    "webapi_port": null,
    "webapi_url": "https://mriqc.nimh.nih.gov/api/v1"
  },
  "size_t": 365,
  "size_x": 64,
  "size_y": 64,
  "size_z": 37,
  "snr": 2.4704488023085456,
  "spacing_tr": 2.0,
  "spacing_x": 3.000000476837158,
  "spacing_y": 3.000000476837158,
  "spacing_z": 3.75,
  "summary_bg_k": 31.987956563329426,
  "summary_bg_mad": 0.1322732455823278,
  "summary_bg_mean": 11.491503715515137,
  "summary_bg_median": 0.09037607908248901,
  "summary_bg_n": 90770.0,
  "summary_bg_p05": 0.0007104087475454435,
  "summary_bg_p95": 72.302254486084,
  "summary_bg_stdv": 34.67566680908203,
  "summary_fg_k": 0.5335884075567665,
  "summary_fg_mad": 166.64158460348582,
  "summary_fg_mean": 457.2293701171875,
  "summary_fg_median": 423.951416015625,
  "summary_fg_n": 26923.0,
  "summary_fg_p05": 238.83735046386718,
  "summary_fg_p95": 782.4296264648435,
  "summary_fg_stdv": 171.6058807373047,
  "tsnr": 64.5396728515625
}