{
  "aor": 0.0008313178294573644,
  "aqi": 0.009478007777777778,
  "bids_meta": {
    "AcquisitionMatrixPE": 64,
    "AcquisitionNumber": 1,
    "AcquisitionTime": "15:47:59.427500",
    "BandwidthPerPixelPhaseEncode": 58.962,
    "BaseResolution": 64,
    "BodyPartExamined": "HEAD",
    "ConsistencyInfo": "N4_VE11C_LATEST_20160120",
    "ConversionSoftware": "dcm2niix",
    "ConversionSoftwareVersion": "v1.0.20181125  GCC5.3.1",
    "DerivedVendorReportedEchoSpacing": 0.000530002,
    "DeviceSerialNumber": "167013",
    "DwellTime": 3.5e-06,
    "EchoTime": 0.03,
    "EchoTrainLength": 31,
    "EffectiveEchoSpacing": 0.000265001,
    "FlipAngle": 90,
    "ImageOrientationPatientDICOM": [
      0.995958,
      0.0895742,
      0.00665674,
      -0.0894125,
      0.981636,
      0.16851
    ],
    "ImageType": [
      "ORIGINAL",
      "PRIMARY",
      "M",
      "ND",
      "MOSAIC"
    ],
    "ImagingFrequency": 123.249,
    "InPlanePhaseEncodingDirectionDICOM": "COL",
    "InstitutionAddress": "Whiteknights_Campus_StreetNo_Reading_District_GB_RG6_7BE",
    "InstitutionName": "UoR",
    "InstitutionalDepartmentName": "Department",
    "MRAcquisitionType": "2D",
    "MagneticFieldStrength": 3,
    "Manufacturer": "Siemens",
    "ManufacturersModelName": "Prisma_fit",
    "Modality": "MR",
    "ParallelReductionFactorInPlane": 2,
    "PartialFourier": 1,
    "PatientPosition": "HFS",
    "PercentPhaseFOV": 100,
    "PhaseEncodingDirection": "j",
    "PhaseEncodingSteps": 63,
    "PhaseResolution": 1,
    "PixelBandwidth": 2230,
    "ProcedureStepDescription": "head_Kou_Murayama",
    "ProtocolName": "ep2d_bold_PtoA_iPAT2_MagicTrick_Run3",
    "PulseSequenceDetails": "%SiemensSeq%_ep2d_bold",
    "ReceiveCoilActiveElements": "HEA;HEP",
    "ReceiveCoilName": "Head_32",
    "ReconMatrixPE": 64,
    "RepetitionTime": 2,
    "SAR": 0.110568,
    "ScanOptions": "FS",
    "ScanningSequence": "EP",
    "SequenceName": "_epfid2d1_64",
    "SequenceVariant": "SK",
    "SeriesDescription": "ep2d_bold_PtoA_iPAT2_MagicTrick_Run3",
    "SeriesNumber": 11,
    "ShimSetting": [
      3388,
      -11969,
      11505,
      470,
      30,
      -9,
      75,
      -20
    ],
    "SliceThickness": 3,
    "SliceTiming": [
      0,
      1.0175,
      0.055,
      1.07,
      0.1075,
      1.125,
      0.16,
      1.1775,
      0.215,
      1.23,
      0.2675,
      1.285,
      0.3225,
      1.3375,
      0.375,
      1.3925,
      0.4275,
      1.445,
      0.4825,
      1.5,
      0.535,
      1.5525,
      0.59,
      1.605,
      0.6425,
      1.66,
      0.695,
      1.7125,
      0.75,
      1.7675,
      0.8025,
      1.82,
      0.8575,
      1.8725,
      0.91,
      1.9275,
      0.9625
    ],
    "SoftwareVersions": "syngo_MR_E11",
    "SpacingBetweenSlices": 3.75,
    "StationName": "AWP167013",
    "TaskName": "magictrickwatching",
    "TotalReadoutTime": 0.0166951,
    "TxRefAmp": 217.955,
    "dataset": "<unset>",
    "modality": "bold",
    "run_id": 3,
    "subject_id": "experimental028",
    "task_id": "magictrickwatching"
  },
  "dummy_trs": 0,
  "dvars_nstd": 23.1863220292487,
  "dvars_std": 0.9572395410621761,
  "dvars_vstd": 0.8918567032901554,
  "efc": 0.4480935011726126,
  "fber": 1363983.75,
  "fd_mean": 0.14982159769032827,
  "fd_num": 0,
  "fd_perc": 0.0,
  "fwhm_avg": 2.7601830365335087,
  "fwhm_x": 2.6396429137733914,
  "fwhm_y": 2.962266195827135,
  "fwhm_z": 2.67864,
  "gcor": 0.0192713,
  "gsr_x": 0.00780218793079257,
  "gsr_y": 0.030729524791240692,
  "provenance": {
    "md5sum": "b252faab0c6b001e821189417ab69d29",
    "settings": {
      "fd_thres": 0.5,
      "testing": false
    },
    "software": "mriqc",
    "version": "0.16.1",
    "webapi_port": null,
    "webapi_url": "https://mriqc.nimh.nih.gov/api/v1"
  },
  "size_t": 387,
  "size_x": 64,
  "size_y": 64,
  "size_z": 37,
  "snr": 2.4809155037827906,
  "spacing_tr": 2.0,
  "spacing_x": 3.000000476837158,
  "spacing_y": 3.000000476837158,
  "spacing_z": 3.75,
  "summary_bg_k": 29.999768202109948,
  "summary_bg_mad": 0.4792141568763538,
  "summary_bg_mean": 12.036812782287598,
  "summary_bg_median": 0.33058837056159973,
  "summary_bg_n": 90506.0,
  "summary_bg_p05": 0.003841722325887531,
  "summary_bg_p95": 73.62931060791016,
  "summary_bg_stdv": 33.958038330078125,
  "summary_fg_k": 0.7056055199067277,
  "summary_fg_mad": 163.25871961108444,
  "summary_fg_mean": 452.5952453613281,
  "summary_fg_median": 420.00738525390625,
  "summary_fg_n": 27045.0,
  "summary_fg_p05": 238.76182861328127,
  "summary_fg_p95": 773.2046142578124,
  "summary_fg_stdv": 169.2921905517578,
  "tsnr": 37.10845184326172
}