{
  "bids_meta": {
    "AcquisitionMatrixPE": 256,
    "AcquisitionNumber": 1,
    "AcquisitionTime": "14:01:19.547500",
    "BaseResolution": 256,
    "BodyPartExamined": "HEAD",
    "ConsistencyInfo": "N4_VE11C_LATEST_20160120",
    "ConversionSoftware": "dcm2niix",
    "ConversionSoftwareVersion": "v1.0.20181125  GCC5.3.1",
    "DeviceSerialNumber": "167013",
    "DwellTime": 9.8e-06,
    "EchoTime": 0.00229,
    "FlipAngle": 8,
    "ImageOrientationPatientDICOM": [
      0.0226758,
      0.968864,
      0.246553,
      -0.0431107,
      0.247334,
      -0.967971
    ],
    "ImageType": [
      "ORIGINAL",
      "PRIMARY",
      "M",
      "ND",
      "NORM"
    ],
    "ImagingFrequency": 123.249,
    "InPlanePhaseEncodingDirectionDICOM": "ROW",
    "InstitutionAddress": "Whiteknights_Campus_StreetNo_Reading_District_GB_RG6_7BE",
    "InstitutionName": "UoR",
    "InstitutionalDepartmentName": "Department",
    "InversionTime": 0.9,
    "MRAcquisitionType": "3D",
    "MagneticFieldStrength": 3,
    "Manufacturer": "Siemens",
    "ManufacturersModelName": "Prisma_fit",
    "Modality": "MR",
    "PartialFourier": 1,
    "PatientPosition": "HFS",
    "PercentPhaseFOV": 100,
    "PhaseEncodingSteps": 255,
    "PhaseResolution": 1,
    "PixelBandwidth": 200,
    "ProcedureStepDescription": "head_Kou_Murayama",
    "ProtocolName": "t1_mprage_sag_p2_iso_192",
    "PulseSequenceDetails": "%SiemensSeq%_tfl",
    "ReceiveCoilActiveElements": "HEA;HEP",
    "ReceiveCoilName": "Head_32",
    "ReconMatrixPE": 256,
    "RepetitionTime": 2.3,
    "SAR": 0.0500534,
    "ScanOptions": "IR",
    "ScanningSequence": "GR_IR",
    "SequenceName": "_tfl3d1_16ns",
    "SequenceVariant": "SK_SP_MP",
    "SeriesDescription": "t1_mprage_sag_p2_iso_192",
    "SeriesNumber": 13,
    "ShimSetting": [
      3382,
      -11946,
      11206,
      -4,
      -40,
      -152,
      -34,
      21
    ],
    "SliceThickness": 0.94,
    "SoftwareVersions": "syngo_MR_E11",
    "StationName": "AWP167013",
    "TxRefAmp": 232.019,
    "dataset": "<unset>",
    "modality": "T1w",
    "rec_id": "NORM",
    "subject_id": "control019"
  },
  "cjv": 0.3334471695519376,
  "cnr": 4.005834834070289,
  "efc": 0.5385839883240955,
  "fber": 5390.161833039578,
  "fwhm_avg": 3.9159352088940107,
  "fwhm_x": 3.8088936266820324,
  "fwhm_y": 4.060117333333333,
  "fwhm_z": 3.8787946666666664,
  "icvs_csf": 0.19524990419074992,
  "icvs_gm": 0.4410052166745271,
  "icvs_wm": 0.36374487913472303,
  "inu_med": 1.310537576675415,
  "inu_range": 0.38399901390075697,
  "provenance": {
    "md5sum": "6f1aa22c6ac1f253c763196b669e34d9",
    "settings": {
      "testing": false
    },
    "software": "mriqc",
    "version": "0.16.1",
    "warnings": {
      "large_rot_frame": true,
      "small_air_mask": false
    },
    "webapi_port": null,
    "webapi_url": "https://mriqc.nimh.nih.gov/api/v1"
  },
  "qi_1": 0.03169573021720168,
  "qi_2": 0.013288017325230224,
  "rpve_csf": 25.09791809608509,
  "rpve_gm": 12.289758965011178,
  "rpve_wm": 17.65961536830619,
  "size_x": 192,
  "size_y": 256,
  "size_z": 256,
  "snr_csf": 2.9528582490612982,
  "snr_gm": 11.940913116501342,
  "snr_total": 11.719389558056832,
  "snr_wm": 20.264397308607858,
  "snrd_csf": 33.63974228250036,
  "snrd_gm": 65.24002561894142,
  "snrd_total": 64.32038070530172,
  "snrd_wm": 94.08137421446338,
  "spacing_x": 0.9399999976158142,
  "spacing_y": 0.9375,
  "spacing_z": 0.9375,
  "summary_bg_k": 18.740237017178554,
  "summary_bg_mad": 6.963927144825536,
  "summary_bg_mean": 6.050814542223899,
  "summary_bg_median": 4.757316678762436,
  "summary_bg_n": 2222934.0,
  "summary_bg_p05": 0.0,
  "summary_bg_p95": 19.029266715049744,
  "summary_bg_stdv": 6.997117077609961,
  "summary_csf_k": -0.8586225110075754,
  "summary_csf_mad": 152.31358601374828,
  "summary_csf_mean": 361.540598077358,
  "summary_csf_median": 357.5816004872322,
  "summary_csf_n": 13940.0,
  "summary_csf_p05": 181.68132176995277,
  "summary_csf_p95": 546.9137714222073,
  "summary_csf_stdv": 121.09242786441861,
  "summary_gm_k": 0.043471149396441255,
  "summary_gm_mad": 57.31847726894865,
  "summary_gm_mean": 693.3220084335752,
  "summary_gm_median": 693.4842895269394,
  "summary_gm_n": 37518.0,
  "summary_gm_p05": 596.7120375931263,
  "summary_gm_p95": 788.2090887129307,
  "summary_gm_stdv": 58.075545871446515,
  "summary_wm_k": 0.7379926464705888,
  "summary_wm_mad": 44.908401972400576,
  "summary_wm_mean": 998.911828030779,
  "summary_wm_median": 1000.0602289140224,
  "summary_wm_n": 228716.0,
  "summary_wm_p05": 914.6091862916946,
  "summary_wm_p95": 1077.0805837512016,
  "summary_wm_stdv": 49.35049522730599,
  "tpm_overlap_csf": 0.1694115698337555,
  "tpm_overlap_gm": 0.45209503173828125,
  "tpm_overlap_wm": 0.4893845319747925,
  "wm2max": 0.3913238135633159
}