{
    "InPlanePhaseEncodingDirectionDICOM": "COL", 
    "ConsistencyInfo": "N4_VE11C_LATEST_20160120", 
    "ProcedureStepDescription": "head_Kou_Murayama", 
    "DeviceSerialNumber": "167013", 
    "AcquisitionMatrixPE": 64, 
    "ImageOrientationPatientDICOM": [
        0.999516, 
        -0.021336, 
        0.0226328, 
        0.0209368, 
        0.999624, 
        0.0177276
    ], 
    "EffectiveEchoSpacing": 0.000265001, 
    "TotalReadoutTime": 0.0166951, 
    "ManufacturersModelName": "Prisma_fit", 
    "ProtocolName": "ep2d_bold_PtoA_iPAT2_PostResting", 
    "PhaseEncodingDirection": "j", 
    "BandwidthPerPixelPhaseEncode": 58.962, 
    "RepetitionTime": 2, 
    "EchoTrainLength": 31, 
    "MagneticFieldStrength": 3, 
    "PhaseEncodingSteps": 63, 
    "MRAcquisitionType": "2D", 
    "ParallelReductionFactorInPlane": 2, 
    "SliceThickness": 3, 
    "AcquisitionNumber": 1, 
    "InstitutionName": "UoR", 
    "DwellTime": 3.5e-06, 
    "TxRefAmp": 234.882, 
    "BodyPartExamined": "HEAD", 
    "ReceiveCoilActiveElements": "HEA;HEP", 
    "DerivedVendorReportedEchoSpacing": 0.000530002, 
    "SAR": 0.109434, 
    "PulseSequenceDetails": "%SiemensSeq%_ep2d_bold", 
    "ScanningSequence": "EP", 
    "Manufacturer": "Siemens", 
    "ConversionSoftware": "dcm2niix", 
    "PercentPhaseFOV": 100, 
    "ReconMatrixPE": 64, 
    "FlipAngle": 90, 
    "ConversionSoftwareVersion": "v1.0.20181125  GCC5.3.1", 
    "SeriesDescription": "ep2d_bold_PtoA_iPAT2_PostResting", 
    "PartialFourier": 1, 
    "InstitutionAddress": "Whiteknights_Campus_StreetNo_Reading_District_GB_RG6_7BE", 
    "AcquisitionTime": "17:04:8.090000", 
    "ShimSetting": [
        3389, 
        -11956, 
        11478, 
        517, 
        21, 
        -88, 
        54, 
        23
    ], 
    "PatientPosition": "HFS", 
    "SequenceName": "_epfid2d1_64", 
    "SeriesNumber": 12, 
    "TaskName": "rest", 
    "SpacingBetweenSlices": 3.75, 
    "ImageType": [
        "ORIGINAL", 
        "PRIMARY", 
        "M", 
        "ND", 
        "MOSAIC"
    ], 
    "ReceiveCoilName": "Head_32", 
    "EchoTime": 0.03, 
    "SequenceVariant": "SK", 
    "SliceTiming": [
        0, 
        1.015, 
        0.0525, 
        1.07, 
        0.105, 
        1.1225, 
        0.16, 
        1.175, 
        0.2125, 
        1.23, 
        0.2675, 
        1.2825, 
        0.32, 
        1.3375, 
        0.3725, 
        1.39, 
        0.4275, 
        1.4425, 
        0.48, 
        1.4975, 
        0.535, 
        1.55, 
        0.5875, 
        1.605, 
        0.64, 
        1.6575, 
        0.695, 
        1.71, 
        0.7475, 
        1.765, 
        0.8025, 
        1.8175, 
        0.855, 
        1.8725, 
        0.9075, 
        1.925, 
        0.9625
    ], 
    "ImagingFrequency": 123.248, 
    "BaseResolution": 64, 
    "PixelBandwidth": 2230, 
    "ScanOptions": "FS", 
    "PhaseResolution": 1, 
    "SoftwareVersions": "syngo_MR_E11", 
    "StationName": "AWP167013", 
    "Modality": "MR", 
    "InstitutionalDepartmentName": "Department"
}