{
  "aor": 0.002226966666666667,
  "aqi": 0.0087151264,
  "bids_meta": {
    "AcquisitionMatrixPE": 64,
    "AcquisitionNumber": 1,
    "AcquisitionTime": "17:34:52.592500",
    "BandwidthPerPixelPhaseEncode": 58.962,
    "BaseResolution": 64,
    "BodyPartExamined": "HEAD",
    "ConsistencyInfo": "N4_VE11C_LATEST_20160120",
    "ConversionSoftware": "dcm2niix",
    "ConversionSoftwareVersion": "v1.0.20181125  GCC5.3.1",
    "DerivedVendorReportedEchoSpacing": 0.000530002,
    "DeviceSerialNumber": "167013",
    "DwellTime": 3.5e-06,
    "EchoTime": 0.03,
    "EchoTrainLength": 31,
    "EffectiveEchoSpacing": 0.000265001,
    "FlipAngle": 90,
    "ImageOrientationPatientDICOM": [
      0.995806,
      -0.0376337,
      0.0833879,
      0.0420849,
      0.997745,
      -0.0522808
    ],
    "ImageType": [
      "ORIGINAL",
      "PRIMARY",
      "M",
      "ND",
      "MOSAIC"
    ],
    "ImagingFrequency": 123.249,
    "InPlanePhaseEncodingDirectionDICOM": "COL",
    "InstitutionAddress": "Whiteknights_Campus_StreetNo_Reading_District_GB_RG6_7BE",
    "InstitutionName": "UoR",
    "InstitutionalDepartmentName": "Department",
    "MRAcquisitionType": "2D",
    "MagneticFieldStrength": 3,
    "Manufacturer": "Siemens",
    "ManufacturersModelName": "Prisma_fit",
    "Modality": "MR",
    "ParallelReductionFactorInPlane": 2,
    "PartialFourier": 1,
    "PatientPosition": "HFS",
    "PercentPhaseFOV": 100,
    "PhaseEncodingDirection": "j",
    "PhaseEncodingSteps": 63,
    "PhaseResolution": 1,
    "PixelBandwidth": 2230,
    "ProcedureStepDescription": "head_Kou_Murayama",
    "ProtocolName": "ep2d_bold_PtoA_iPAT2_PreResting",
    "PulseSequenceDetails": "%SiemensSeq%_ep2d_bold",
    "ReceiveCoilActiveElements": "HEA;HEP",
    "ReceiveCoilName": "Head_32",
    "ReconMatrixPE": 64,
    "RepetitionTime": 2,
    "SAR": 0.108051,
    "ScanOptions": "FS",
    "ScanningSequence": "EP",
    "SequenceName": "_epfid2d1_64",
    "SequenceVariant": "SK",
    "SeriesDescription": "ep2d_bold_PtoA_iPAT2_PreResting",
    "SeriesNumber": 6,
    "ShimSetting": [
      3395,
      -11905,
      11472,
      446,
      -14,
      5,
      53,
      22
    ],
    "SliceThickness": 3,
    "SliceTiming": [
      0,
      1.0175,
      0.055,
      1.07,
      0.1075,
      1.125,
      0.16,
      1.1775,
      0.215,
      1.2325,
      0.2675,
      1.285,
      0.3225,
      1.3375,
      0.375,
      1.3925,
      0.4275,
      1.445,
      0.4825,
      1.5,
      0.535,
      1.5525,
      0.59,
      1.605,
      0.6425,
      1.66,
      0.695,
      1.7125,
      0.75,
      1.7675,
      0.8025,
      1.82,
      0.8575,
      1.8725,
      0.91,
      1.9275,
      0.965
    ],
    "SoftwareVersions": "syngo_MR_E11",
    "SpacingBetweenSlices": 3.75,
    "StationName": "AWP167013",
    "TaskName": "rest",
    "TotalReadoutTime": 0.0166951,
    "TxRefAmp": 243.267,
    "dataset": "<unset>",
    "modality": "bold",
    "run_id": 1,
    "subject_id": "control045",
    "task_id": "rest"
  },
  "dummy_trs": 0,
  "dvars_nstd": 26.517803096722393,
  "dvars_std": 1.0274535341137123,
  "dvars_vstd": 0.9408440361204006,
  "efc": 0.49130758281137515,
  "fber": 547419.75,
  "fd_mean": 0.19428224968241517,
  "fd_num": 4,
  "fd_perc": 1.3333333333333333,
  "fwhm_avg": 2.7652961444676603,
  "fwhm_x": 2.7376,
  "fwhm_y": 2.9351364334029806,
  "fwhm_z": 2.6231519999999997,
  "gcor": 0.0238666,
  "gsr_x": 0.020171109586954117,
  "gsr_y": 0.06480634212493896,
  "provenance": {
    "md5sum": "5ca1b9b140060a3d8ca17dd703ad196d",
    "settings": {
      "fd_thres": 0.5,
      "testing": false
    },
    "software": "mriqc",
    "version": "0.16.1",
    "webapi_port": null,
    "webapi_url": "https://mriqc.nimh.nih.gov/api/v1"
  },
  "size_t": 300,
  "size_x": 64,
  "size_y": 64,
  "size_z": 37,
  "snr": 2.259907569416274,
  "spacing_tr": 2.0,
  "spacing_x": 3.0,
  "spacing_y": 3.000000238418579,
  "spacing_z": 3.75,
  "summary_bg_k": 23.58766649320176,
  "summary_bg_mad": 0.6818114362532337,
  "summary_bg_mean": 21.375696182250977,
  "summary_bg_median": 0.4658525586128235,
  "summary_bg_n": 84694.0,
  "summary_bg_p05": 0.001847870479105041,
  "summary_bg_p95": 139.2133598327635,
  "summary_bg_stdv": 58.76570510864258,
  "summary_fg_k": 0.7120751982580638,
  "summary_fg_mad": 165.46142545534158,
  "summary_fg_mean": 431.4864196777344,
  "summary_fg_median": 393.9702453613281,
  "summary_fg_n": 30372.0,
  "summary_fg_p05": 212.51309051513672,
  "summary_fg_p95": 767.291259765625,
  "summary_fg_stdv": 174.32737731933594,
  "tsnr": 36.65403747558594
}