{
  "aor": 0.002504370179948586,
  "aqi": 0.009747343161953729,
  "bids_meta": {
    "AcquisitionMatrixPE": 64,
    "AcquisitionNumber": 1,
    "AcquisitionTime": "18:15:30.150000",
    "BandwidthPerPixelPhaseEncode": 58.962,
    "BaseResolution": 64,
    "BodyPartExamined": "HEAD",
    "ConsistencyInfo": "N4_VE11C_LATEST_20160120",
    "ConversionSoftware": "dcm2niix",
    "ConversionSoftwareVersion": "v1.0.20181125  GCC5.3.1",
    "DerivedVendorReportedEchoSpacing": 0.000530002,
    "DeviceSerialNumber": "167013",
    "DwellTime": 3.5e-06,
    "EchoTime": 0.03,
    "EchoTrainLength": 31,
    "EffectiveEchoSpacing": 0.000265001,
    "FlipAngle": 90,
    "ImageOrientationPatientDICOM": [
      0.995806,
      -0.0376337,
      0.0833879,
      0.0420849,
      0.997745,
      -0.0522808
    ],
    "ImageType": [
      "ORIGINAL",
      "PRIMARY",
      "M",
      "ND",
      "MOSAIC"
    ],
    "ImagingFrequency": 123.249,
    "InPlanePhaseEncodingDirectionDICOM": "COL",
    "InstitutionAddress": "Whiteknights_Campus_StreetNo_Reading_District_GB_RG6_7BE",
    "InstitutionName": "UoR",
    "InstitutionalDepartmentName": "Department",
    "MRAcquisitionType": "2D",
    "MagneticFieldStrength": 3,
    "Manufacturer": "Siemens",
    "ManufacturersModelName": "Prisma_fit",
    "Modality": "MR",
    "ParallelReductionFactorInPlane": 2,
    "PartialFourier": 1,
    "PatientPosition": "HFS",
    "PercentPhaseFOV": 100,
    "PhaseEncodingDirection": "j",
    "PhaseEncodingSteps": 63,
    "PhaseResolution": 1,
    "PixelBandwidth": 2230,
    "ProcedureStepDescription": "head_Kou_Murayama",
    "ProtocolName": "ep2d_bold_PtoA_iPAT2_MagicTrick_Run3",
    "PulseSequenceDetails": "%SiemensSeq%_ep2d_bold",
    "ReceiveCoilActiveElements": "HEA;HEP",
    "ReceiveCoilName": "Head_32",
    "ReconMatrixPE": 64,
    "RepetitionTime": 2,
    "SAR": 0.108191,
    "ScanOptions": "FS",
    "ScanningSequence": "EP",
    "SequenceName": "_epfid2d1_64",
    "SequenceVariant": "SK",
    "SeriesDescription": "ep2d_bold_PtoA_iPAT2_MagicTrick_Run3",
    "SeriesNumber": 11,
    "ShimSetting": [
      3395,
      -11905,
      11472,
      446,
      -14,
      5,
      53,
      22
    ],
    "SliceThickness": 3,
    "SliceTiming": [
      0,
      1.015,
      0.0525,
      1.07,
      0.1075,
      1.1225,
      0.16,
      1.1775,
      0.2125,
      1.23,
      0.2675,
      1.2825,
      0.32,
      1.3375,
      0.375,
      1.39,
      0.4275,
      1.445,
      0.48,
      1.4975,
      0.535,
      1.55,
      0.5875,
      1.605,
      0.6425,
      1.6575,
      0.695,
      1.7125,
      0.7475,
      1.765,
      0.8025,
      1.82,
      0.855,
      1.8725,
      0.91,
      1.925,
      0.9625
    ],
    "SoftwareVersions": "syngo_MR_E11",
    "SpacingBetweenSlices": 3.75,
    "StationName": "AWP167013",
    "TaskName": "magictrickwatching",
    "TotalReadoutTime": 0.0166951,
    "TxRefAmp": 243.267,
    "dataset": "<unset>",
    "modality": "bold",
    "run_id": 3,
    "subject_id": "control045",
    "task_id": "magictrickwatching"
  },
  "dummy_trs": 0,
  "dvars_nstd": 37.40817194118558,
  "dvars_std": 1.1028736401804122,
  "dvars_vstd": 0.9782928140721647,
  "efc": 0.4946982564708056,
  "fber": 225719.609375,
  "fd_mean": 0.3487197582630744,
  "fd_num": 90,
  "fd_perc": 23.13624678663239,
  "fwhm_avg": 2.7935788107859714,
  "fwhm_x": 2.7404233333333337,
  "fwhm_y": 2.948286432357913,
  "fwhm_z": 2.6920266666666666,
  "gcor": 0.0340939,
  "gsr_x": 0.022350825369358063,
  "gsr_y": 0.06288503855466843,
  "provenance": {
    "md5sum": "76726532efa897d27a6e81fc091a484e",
    "settings": {
      "fd_thres": 0.5,
      "testing": false
    },
    "software": "mriqc",
    "version": "0.16.1",
    "webapi_port": null,
    "webapi_url": "https://mriqc.nimh.nih.gov/api/v1"
  },
  "size_t": 389,
  "size_x": 64,
  "size_y": 64,
  "size_z": 37,
  "snr": 2.2866680426812,
  "spacing_tr": 2.0,
  "spacing_x": 3.0,
  "spacing_y": 3.000000238418579,
  "spacing_z": 3.75,
  "summary_bg_k": 23.97166141258069,
  "summary_bg_mad": 1.0485507994889232,
  "summary_bg_mean": 21.86865234375,
  "summary_bg_median": 0.7463632822036743,
  "summary_bg_n": 84463.0,
  "summary_bg_p05": 0.017733106948435308,
  "summary_bg_p95": 140.6588409423827,
  "summary_bg_stdv": 59.611148834228516,
  "summary_fg_k": 0.7553771542166761,
  "summary_fg_mad": 161.40709567339758,
  "summary_fg_mean": 431.373291015625,
  "summary_fg_median": 394.7449035644531,
  "summary_fg_n": 30553.0,
  "summary_fg_p05": 216.2097137451172,
  "summary_fg_p95": 765.6270629882811,
  "summary_fg_stdv": 172.62603759765625,
  "tsnr": 30.943368911743164
}