{
  "aor": 0.004338600000000001,
  "aqi": 0.011291748666666667,
  "bids_meta": {
    "AcquisitionMatrixPE": 64,
    "AcquisitionNumber": 1,
    "AcquisitionTime": "16:16:25.125000",
    "BandwidthPerPixelPhaseEncode": 58.962,
    "BaseResolution": 64,
    "BodyPartExamined": "HEAD",
    "ConsistencyInfo": "N4_VE11C_LATEST_20160120",
    "ConversionSoftware": "dcm2niix",
    "ConversionSoftwareVersion": "v1.0.20181125  GCC5.3.1",
    "DerivedVendorReportedEchoSpacing": 0.000530002,
    "DeviceSerialNumber": "167013",
    "DwellTime": 3.5e-06,
    "EchoTime": 0.03,
    "EchoTrainLength": 31,
    "EffectiveEchoSpacing": 0.000265001,
    "FlipAngle": 90,
    "ImageOrientationPatientDICOM": [
      0.999511,
      0.00796804,
      0.0302391,
      -0.00593129,
      0.997745,
      -0.0668565
    ],
    "ImageType": [
      "ORIGINAL",
      "PRIMARY",
      "M",
      "ND",
      "MOSAIC"
    ],
    "ImagingFrequency": 123.249,
    "InPlanePhaseEncodingDirectionDICOM": "COL",
    "InstitutionAddress": "Whiteknights_Campus_StreetNo_Reading_District_GB_RG6_7BE",
    "InstitutionName": "UoR",
    "InstitutionalDepartmentName": "Department",
    "MRAcquisitionType": "2D",
    "MagneticFieldStrength": 3,
    "Manufacturer": "Siemens",
    "ManufacturersModelName": "Prisma_fit",
    "Modality": "MR",
    "ParallelReductionFactorInPlane": 2,
    "PartialFourier": 1,
    "PatientPosition": "HFS",
    "PercentPhaseFOV": 100,
    "PhaseEncodingDirection": "j",
    "PhaseEncodingSteps": 63,
    "PhaseResolution": 1,
    "PixelBandwidth": 2230,
    "ProcedureStepDescription": "head_Kou_Murayama",
    "ProtocolName": "ep2d_bold_PtoA_iPAT2_PostResting",
    "PulseSequenceDetails": "%SiemensSeq%_ep2d_bold",
    "ReceiveCoilActiveElements": "HEA;HEP",
    "ReceiveCoilName": "Head_32",
    "ReconMatrixPE": 64,
    "RepetitionTime": 2,
    "SAR": 0.100556,
    "ScanOptions": "FS",
    "ScanningSequence": "EP",
    "SequenceName": "_epfid2d1_64",
    "SequenceVariant": "SK",
    "SeriesDescription": "ep2d_bold_PtoA_iPAT2_PostResting",
    "SeriesNumber": 12,
    "ShimSetting": [
      3422,
      -11881,
      11527,
      630,
      139,
      -108,
      -36,
      -54
    ],
    "SliceThickness": 3,
    "SliceTiming": [
      0,
      1.0175,
      0.0525,
      1.07,
      0.1075,
      1.1225,
      0.16,
      1.1775,
      0.2125,
      1.23,
      0.2675,
      1.285,
      0.32,
      1.3375,
      0.375,
      1.39,
      0.4275,
      1.445,
      0.48,
      1.4975,
      0.535,
      1.5525,
      0.5875,
      1.605,
      0.6425,
      1.6575,
      0.695,
      1.7125,
      0.7475,
      1.765,
      0.8025,
      1.82,
      0.855,
      1.8725,
      0.91,
      1.925,
      0.9625
    ],
    "SoftwareVersions": "syngo_MR_E11",
    "SpacingBetweenSlices": 3.75,
    "StationName": "AWP167013",
    "TaskName": "rest",
    "TotalReadoutTime": 0.0166951,
    "TxRefAmp": 250.378,
    "dataset": "<unset>",
    "modality": "bold",
    "run_id": 2,
    "subject_id": "control021",
    "task_id": "rest"
  },
  "dummy_trs": 0,
  "dvars_nstd": 27.140339490568564,
  "dvars_std": 0.9930561981939799,
  "dvars_vstd": 0.9231804985953177,
  "efc": 0.5097672862976924,
  "fber": 584460.8125,
  "fd_mean": 0.12565817039003724,
  "fd_num": 0,
  "fd_perc": 0.0,
  "fwhm_avg": 2.957056502607941,
  "fwhm_x": 2.966693097561749,
  "fwhm_y": 3.226316410262075,
  "fwhm_z": 2.67816,
  "gcor": 0.0153137,
  "gsr_x": -0.0016145578119903803,
  "gsr_y": 0.06338515132665634,
  "provenance": {
    "md5sum": "f395a887a36b80e8cce150ad1e932018",
    "settings": {
      "fd_thres": 0.5,
      "testing": false
    },
    "software": "mriqc",
    "version": "0.16.1",
    "webapi_port": null,
    "webapi_url": "https://mriqc.nimh.nih.gov/api/v1"
  },
  "size_t": 300,
  "size_x": 64,
  "size_y": 64,
  "size_z": 37,
  "snr": 2.0462019527408013,
  "spacing_tr": 2.0,
  "spacing_x": 3.000000238418579,
  "spacing_y": 3.000000238418579,
  "spacing_z": 3.75,
  "summary_bg_k": 29.32576822566311,
  "summary_bg_mad": 0.6022461393919882,
  "summary_bg_mean": 19.535003662109375,
  "summary_bg_median": 0.4107130765914917,
  "summary_bg_n": 78026.0,
  "summary_bg_p05": 0.002427703991997987,
  "summary_bg_p95": 116.27600479125977,
  "summary_bg_stdv": 49.35721206665039,
  "summary_fg_k": 1.6961542504681573,
  "summary_fg_mad": 189.26104144836708,
  "summary_fg_mean": 484.43310546875,
  "summary_fg_median": 436.8392028808594,
  "summary_fg_n": 33951.0,
  "summary_fg_p05": 229.9960479736328,
  "summary_fg_p95": 907.2383117675781,
  "summary_fg_stdv": 213.48468017578125,
  "tsnr": 34.39470672607422
}