{
  "aor": 0.001788891966759003,
  "aqi": 0.005055969806094182,
  "bids_meta": {
    "AcquisitionMatrixPE": 64,
    "AcquisitionNumber": 1,
    "AcquisitionTime": "10:35:53.002500",
    "BandwidthPerPixelPhaseEncode": 58.962,
    "BaseResolution": 64,
    "BodyPartExamined": "HEAD",
    "ConsistencyInfo": "N4_VE11C_LATEST_20160120",
    "ConversionSoftware": "dcm2niix",
    "ConversionSoftwareVersion": "v1.0.20180622 GCC5.3.1",
    "DerivedVendorReportedEchoSpacing": 0.000530002,
    "DeviceSerialNumber": "167013",
    "DwellTime": 3.5e-06,
    "EchoTime": 0.03,
    "EchoTrainLength": 31,
    "EffectiveEchoSpacing": 0.000265001,
    "FlipAngle": 90,
    "ImageOrientationPatientDICOM": [
      0.997903,
      0.0428695,
      -0.0485013,
      -0.0435694,
      0.99896,
      -0.0134649
    ],
    "ImageType": [
      "ORIGINAL",
      "PRIMARY",
      "M",
      "ND",
      "MOSAIC"
    ],
    "InPlanePhaseEncodingDirectionDICOM": "COL",
    "InstitutionAddress": "Whiteknights_Campus_StreetNo_Reading_District_GB_RG6_7BE",
    "InstitutionName": "UoR",
    "InstitutionalDepartmentName": "Department",
    "MRAcquisitionType": "2D",
    "MagneticFieldStrength": 3,
    "Manufacturer": "Siemens",
    "ManufacturersModelName": "Prisma_fit",
    "Modality": "MR",
    "ParallelReductionFactorInPlane": 2,
    "PartialFourier": 1,
    "PatientPosition": "HFS",
    "PercentPhaseFOV": 100,
    "PhaseEncodingDirection": "j",
    "PhaseEncodingSteps": 63,
    "PhaseResolution": 1,
    "PixelBandwidth": 2230,
    "ProcedureStepDescription": "head_Kou_Murayama",
    "ProtocolName": "ep2d_bold_PtoA_iPAT2_MagicTrick_Run3",
    "PulseSequenceDetails": "%SiemensSeq%_ep2d_bold",
    "ReceiveCoilActiveElements": "HEA;HEP",
    "ReceiveCoilName": "Head_32",
    "ReconMatrixPE": 64,
    "RepetitionTime": 2,
    "SAR": 0.140919,
    "ScanOptions": "FS",
    "ScanningSequence": "EP",
    "SequenceName": "_epfid2d1_64",
    "SequenceVariant": "SK",
    "SeriesDescription": "ep2d_bold_PtoA_iPAT2_MagicTrick_Run3",
    "SeriesNumber": 11,
    "ShimSetting": [
      3359,
      -11941,
      11470,
      318,
      -45,
      -25,
      -32,
      -31
    ],
    "SliceThickness": 3,
    "SliceTiming": [
      0,
      1.0175,
      0.055,
      1.07,
      0.1075,
      1.125,
      0.1625,
      1.1775,
      0.215,
      1.2325,
      0.2675,
      1.285,
      0.3225,
      1.34,
      0.375,
      1.3925,
      0.43,
      1.445,
      0.4825,
      1.5,
      0.535,
      1.5525,
      0.59,
      1.6075,
      0.6425,
      1.66,
      0.6975,
      1.7125,
      0.75,
      1.7675,
      0.8025,
      1.82,
      0.8575,
      1.875,
      0.91,
      1.9275,
      0.965
    ],
    "SoftwareVersions": "syngo_MR_E11",
    "SpacingBetweenSlices": 3.75,
    "StationName": "AWP167013",
    "TaskName": "magictrickwatching",
    "TotalReadoutTime": 0.0166951,
    "TxRefAmp": 257.355,
    "dataset": "<unset>",
    "modality": "bold",
    "run_id": 3,
    "subject_id": "control002",
    "task_id": "magictrickwatching"
  },
  "dummy_trs": 0,
  "dvars_nstd": 25.711905150777774,
  "dvars_std": 1.1106039796388898,
  "dvars_vstd": 0.9872412705000003,
  "efc": 0.509639322460947,
  "fber": 384932.8125,
  "fd_mean": 0.10055554848890749,
  "fd_num": 0,
  "fd_perc": 0.0,
  "fwhm_avg": 2.7874024080579574,
  "fwhm_x": 2.6410902098949918,
  "fwhm_y": 2.9873833333333333,
  "fwhm_z": 2.7337336809455466,
  "gcor": 0.015091,
  "gsr_x": 0.035386569797992706,
  "gsr_y": 0.03185353800654411,
  "provenance": {
    "md5sum": "43cbb62059bca1197d3a09964776b8a3",
    "settings": {
      "fd_thres": 0.5,
      "testing": false
    },
    "software": "mriqc",
    "version": "0.16.1",
    "webapi_port": null,
    "webapi_url": "https://mriqc.nimh.nih.gov/api/v1"
  },
  "size_t": 361,
  "size_x": 64,
  "size_y": 64,
  "size_z": 37,
  "snr": 2.2307399026150296,
  "spacing_tr": 2.0,
  "spacing_x": 2.999999761581421,
  "spacing_y": 3.0,
  "spacing_z": 3.749999523162842,
  "summary_bg_k": 19.188377245040506,
  "summary_bg_mad": 0.8700969147120406,
  "summary_bg_mean": 27.608501434326172,
  "summary_bg_median": 0.5878208875656128,
  "summary_bg_n": 81139.0,
  "summary_bg_p05": 0.0,
  "summary_bg_p95": 170.28840637207023,
  "summary_bg_stdv": 70.2456283569336,
  "summary_fg_k": 0.31529736487103843,
  "summary_fg_mad": 204.87863241432996,
  "summary_fg_mean": 496.6097106933594,
  "summary_fg_median": 456.3882751464844,
  "summary_fg_n": 31856.0,
  "summary_fg_p05": 237.62470245361328,
  "summary_fg_p95": 881.5581817626953,
  "summary_fg_stdv": 204.5873260498047,
  "tsnr": 47.651611328125
}