{
  "bids_meta": {
    "AcquisitionMatrixPE": 256,
    "AcquisitionNumber": 1,
    "AcquisitionTime": "14:01:19.547500",
    "BaseResolution": 256,
    "BodyPartExamined": "HEAD",
    "ConsistencyInfo": "N4_VE11C_LATEST_20160120",
    "ConversionSoftware": "dcm2niix",
    "ConversionSoftwareVersion": "v1.0.20181125  GCC5.3.1",
    "DeviceSerialNumber": "167013",
    "DwellTime": 9.8e-06,
    "EchoTime": 0.00229,
    "FlipAngle": 8,
    "ImageOrientationPatientDICOM": [
      0.0226758,
      0.968864,
      0.246553,
      -0.0431107,
      0.247334,
      -0.967971
    ],
    "ImageType": [
      "ORIGINAL",
      "PRIMARY",
      "M",
      "ND",
      "NORM"
    ],
    "ImagingFrequency": 123.249,
    "InPlanePhaseEncodingDirectionDICOM": "ROW",
    "InstitutionAddress": "Whiteknights_Campus_StreetNo_Reading_District_GB_RG6_7BE",
    "InstitutionName": "UoR",
    "InstitutionalDepartmentName": "Department",
    "InversionTime": 0.9,
    "MRAcquisitionType": "3D",
    "MagneticFieldStrength": 3,
    "Manufacturer": "Siemens",
    "ManufacturersModelName": "Prisma_fit",
    "Modality": "MR",
    "PartialFourier": 1,
    "PatientPosition": "HFS",
    "PercentPhaseFOV": 100,
    "PhaseEncodingSteps": 255,
    "PhaseResolution": 1,
    "PixelBandwidth": 200,
    "ProcedureStepDescription": "head_Kou_Murayama",
    "ProtocolName": "t1_mprage_sag_p2_iso_192",
    "PulseSequenceDetails": "%SiemensSeq%_tfl",
    "ReceiveCoilActiveElements": "HEA;HEP",
    "ReceiveCoilName": "Head_32",
    "ReconMatrixPE": 256,
    "RepetitionTime": 2.3,
    "SAR": 0.0500534,
    "ScanOptions": "IR",
    "ScanningSequence": "GR_IR",
    "SequenceName": "_tfl3d1_16ns",
    "SequenceVariant": "SK_SP_MP",
    "SeriesDescription": "t1_mprage_sag_p2_iso_192",
    "SeriesNumber": 13,
    "ShimSetting": [
      3382,
      -11946,
      11206,
      -4,
      -40,
      -152,
      -34,
      21
    ],
    "SliceThickness": 0.94,
    "SoftwareVersions": "syngo_MR_E11",
    "StationName": "AWP167013",
    "TxRefAmp": 232.019,
    "dataset": "<unset>",
    "modality": "T1w",
    "rec_id": "NORM",
    "subject_id": "control019"
  },
  "cjv": 0.34139660523766097,
  "cnr": 3.91969452082485,
  "efc": 0.5403760866180615,
  "fber": 5500.694444444444,
  "fwhm_avg": 3.9164657661715587,
  "fwhm_x": 3.8053757069368332,
  "fwhm_y": 4.061834924911176,
  "fwhm_z": 3.8821866666666667,
  "icvs_csf": 0.19146389692177684,
  "icvs_gm": 0.44222187918634964,
  "icvs_wm": 0.3663142238918735,
  "inu_med": 1.2671315670013428,
  "inu_range": 0.3649404048919678,
  "provenance": {
    "md5sum": "8da7d91709b11767f9b29e75a90d4d5a",
    "settings": {
      "testing": false
    },
    "software": "mriqc",
    "version": "0.16.1",
    "warnings": {
      "large_rot_frame": true,
      "small_air_mask": false
    },
    "webapi_port": null,
    "webapi_url": "https://mriqc.nimh.nih.gov/api/v1"
  },
  "qi_1": 0.031099244096390626,
  "qi_2": 0.013523485923487589,
  "rpve_csf": 25.690922982507445,
  "rpve_gm": 12.386558856998862,
  "rpve_wm": 17.722147203585763,
  "size_x": 192,
  "size_y": 256,
  "size_z": 256,
  "snr_csf": 2.7960704629738187,
  "snr_gm": 11.99054673948779,
  "snr_total": 11.758969900682755,
  "snr_wm": 20.490292499586655,
  "snrd_csf": 31.75324275739551,
  "snrd_gm": 65.09839652546508,
  "snrd_total": 63.26666024983774,
  "snrd_wm": 92.94834146665265,
  "spacing_x": 0.9399965405464172,
  "spacing_y": 0.9374999403953552,
  "spacing_z": 0.9375,
  "summary_bg_k": 22.938644000154884,
  "summary_bg_mad": 7.048392230789398,
  "summary_bg_mean": 6.19774934164866,
  "summary_bg_median": 4.754068315029144,
  "summary_bg_n": 2187586.0,
  "summary_bg_p05": 0.0,
  "summary_bg_p95": 19.138172447681427,
  "summary_bg_stdv": 7.0626092524406365,
  "summary_csf_k": -0.8949345259116446,
  "summary_csf_mad": 151.81152497084858,
  "summary_csf_mean": 356.4552012173687,
  "summary_csf_median": 341.6224731504917,
  "summary_csf_n": 13473.0,
  "summary_csf_p05": 181.08124312758446,
  "summary_csf_p95": 547.3517320036888,
  "summary_csf_stdv": 122.1749592503604,
  "summary_gm_k": 0.041850820129088806,
  "summary_gm_mad": 57.56186988478009,
  "summary_gm_mean": 700.5975125123871,
  "summary_gm_median": 700.3717821538448,
  "summary_gm_n": 37633.0,
  "summary_gm_p05": 603.8276256024837,
  "summary_gm_p95": 796.3673923611641,
  "summary_gm_stdv": 58.409553127205506,
  "summary_wm_k": 0.7093635846785524,
  "summary_wm_mad": 44.730181464625026,
  "summary_wm_mean": 999.4969342763325,
  "summary_wm_median": 999.9999851882458,
  "summary_wm_n": 228178.0,
  "summary_wm_p05": 917.5961343944073,
  "summary_wm_p95": 1077.8935660421848,
  "summary_wm_stdv": 48.803490430130445,
  "tpm_overlap_csf": 0.1709924191236496,
  "tpm_overlap_gm": 0.4493164122104645,
  "tpm_overlap_wm": 0.4866377115249634,
  "wm2max": 0.38751505703960887
}