{
  "aor": 0.001102208436724566,
  "aqi": 0.006096978486352357,
  "bids_meta": {
    "AcquisitionMatrixPE": 64,
    "AcquisitionNumber": 1,
    "AcquisitionTime": "11:14:56.162500",
    "BandwidthPerPixelPhaseEncode": 58.962,
    "BaseResolution": 64,
    "BodyPartExamined": "HEAD",
    "ConsistencyInfo": "N4_VE11C_LATEST_20160120",
    "ConversionSoftware": "dcm2niix",
    "ConversionSoftwareVersion": "v1.0.20181125  GCC5.3.1",
    "DerivedVendorReportedEchoSpacing": 0.000530002,
    "DeviceSerialNumber": "167013",
    "DwellTime": 3.5e-06,
    "EchoTime": 0.03,
    "EchoTrainLength": 31,
    "EffectiveEchoSpacing": 0.000265001,
    "FlipAngle": 90,
    "ImageOrientationPatientDICOM": [
      0.99581,
      -0.0771638,
      0.0490736,
      0.0708565,
      0.99032,
      0.119356
    ],
    "ImageType": [
      "ORIGINAL",
      "PRIMARY",
      "M",
      "ND",
      "MOSAIC"
    ],
    "ImagingFrequency": 123.249,
    "InPlanePhaseEncodingDirectionDICOM": "COL",
    "InstitutionAddress": "Whiteknights_Campus_StreetNo_Reading_District_GB_RG6_7BE",
    "InstitutionName": "UoR",
    "InstitutionalDepartmentName": "Department",
    "MRAcquisitionType": "2D",
    "MagneticFieldStrength": 3,
    "Manufacturer": "Siemens",
    "ManufacturersModelName": "Prisma_fit",
    "Modality": "MR",
    "ParallelReductionFactorInPlane": 2,
    "PartialFourier": 1,
    "PatientPosition": "HFS",
    "PercentPhaseFOV": 100,
    "PhaseEncodingDirection": "j",
    "PhaseEncodingSteps": 63,
    "PhaseResolution": 1,
    "PixelBandwidth": 2230,
    "ProcedureStepDescription": "head_Kou_Murayama",
    "ProtocolName": "ep2d_bold_PtoA_iPAT2_MagicTrick_Run3",
    "PulseSequenceDetails": "%SiemensSeq%_ep2d_bold",
    "ReceiveCoilActiveElements": "HEA;HEP",
    "ReceiveCoilName": "Head_32",
    "ReconMatrixPE": 64,
    "RepetitionTime": 2,
    "SAR": 0.10626,
    "ScanOptions": "FS",
    "ScanningSequence": "EP",
    "SequenceName": "_epfid2d1_64",
    "SequenceVariant": "SK",
    "SeriesDescription": "ep2d_bold_PtoA_iPAT2_MagicTrick_Run3",
    "SeriesNumber": 11,
    "ShimSetting": [
      3402,
      -11986,
      11536,
      414,
      -19,
      -275,
      146,
      38
    ],
    "SliceThickness": 3,
    "SliceTiming": [
      0,
      1.015,
      0.0525,
      1.07,
      0.1075,
      1.1225,
      0.16,
      1.1775,
      0.2125,
      1.23,
      0.2675,
      1.2825,
      0.32,
      1.3375,
      0.375,
      1.39,
      0.4275,
      1.445,
      0.48,
      1.4975,
      0.535,
      1.55,
      0.5875,
      1.605,
      0.6425,
      1.6575,
      0.695,
      1.7125,
      0.7475,
      1.765,
      0.8025,
      1.82,
      0.855,
      1.8725,
      0.91,
      1.925,
      0.9625
    ],
    "SoftwareVersions": "syngo_MR_E11",
    "SpacingBetweenSlices": 3.75,
    "StationName": "AWP167013",
    "TaskName": "magictrickwatching",
    "TotalReadoutTime": 0.0166951,
    "TxRefAmp": 249.604,
    "dataset": "<unset>",
    "modality": "bold",
    "run_id": 3,
    "subject_id": "control031",
    "task_id": "magictrickwatching"
  },
  "dummy_trs": 0,
  "dvars_nstd": 32.197222808980115,
  "dvars_std": 1.1733784318159204,
  "dvars_vstd": 0.9754565644029842,
  "efc": 0.4980905073344688,
  "fber": 740586.6875,
  "fd_mean": 0.20001697765127135,
  "fd_num": 6,
  "fd_perc": 1.488833746898263,
  "fwhm_avg": 2.8598067623759778,
  "fwhm_x": 2.752473333333333,
  "fwhm_y": 3.0505197575664713,
  "fwhm_z": 2.7764271962281284,
  "gcor": 0.0266088,
  "gsr_x": 0.017089903354644775,
  "gsr_y": 0.06348083913326263,
  "provenance": {
    "md5sum": "2d0867c0b0597effef67fcf2f2a67696",
    "settings": {
      "fd_thres": 0.5,
      "testing": false
    },
    "software": "mriqc",
    "version": "0.16.1",
    "webapi_port": null,
    "webapi_url": "https://mriqc.nimh.nih.gov/api/v1"
  },
  "size_t": 403,
  "size_x": 64,
  "size_y": 64,
  "size_z": 37,
  "snr": 2.3327074361499194,
  "spacing_tr": 2.0,
  "spacing_x": 3.0,
  "spacing_y": 3.000000238418579,
  "spacing_z": 3.7499992847442627,
  "summary_bg_k": 20.452804178929515,
  "summary_bg_mad": 0.5850044226865138,
  "summary_bg_mean": 20.774492263793945,
  "summary_bg_median": 0.42267829179763794,
  "summary_bg_n": 82923.0,
  "summary_bg_p05": 0.008082034252583982,
  "summary_bg_p95": 137.85025787353504,
  "summary_bg_stdv": 56.715919494628906,
  "summary_fg_k": 0.9507580700345013,
  "summary_fg_mad": 160.80490163570227,
  "summary_fg_mean": 431.6236877441406,
  "summary_fg_median": 398.34710693359375,
  "summary_fg_n": 31390.0,
  "summary_fg_p05": 214.15722198486327,
  "summary_fg_p95": 753.8537322998047,
  "summary_fg_stdv": 170.76327514648438,
  "tsnr": 44.369598388671875
}