{
  "aor": 0.0007038935574229693,
  "aqi": 0.00495602081232493,
  "bids_meta": {
    "AcquisitionMatrixPE": 64,
    "AcquisitionNumber": 1,
    "AcquisitionTime": "10:46:43.320000",
    "BandwidthPerPixelPhaseEncode": 58.962,
    "BaseResolution": 64,
    "BodyPartExamined": "HEAD",
    "ConsistencyInfo": "N4_VE11C_LATEST_20160120",
    "ConversionSoftware": "dcm2niix",
    "ConversionSoftwareVersion": "v1.0.20181125  GCC5.3.1",
    "DerivedVendorReportedEchoSpacing": 0.000530002,
    "DeviceSerialNumber": "167013",
    "DwellTime": 3.5e-06,
    "EchoTime": 0.03,
    "EchoTrainLength": 31,
    "EffectiveEchoSpacing": 0.000265001,
    "FlipAngle": 90,
    "ImageOrientationPatientDICOM": [
      0.99581,
      -0.0771638,
      0.0490736,
      0.0708565,
      0.99032,
      0.119356
    ],
    "ImageType": [
      "ORIGINAL",
      "PRIMARY",
      "M",
      "ND",
      "MOSAIC"
    ],
    "ImagingFrequency": 123.249,
    "InPlanePhaseEncodingDirectionDICOM": "COL",
    "InstitutionAddress": "Whiteknights_Campus_StreetNo_Reading_District_GB_RG6_7BE",
    "InstitutionName": "UoR",
    "InstitutionalDepartmentName": "Department",
    "MRAcquisitionType": "2D",
    "MagneticFieldStrength": 3,
    "Manufacturer": "Siemens",
    "ManufacturersModelName": "Prisma_fit",
    "Modality": "MR",
    "ParallelReductionFactorInPlane": 2,
    "PartialFourier": 1,
    "PatientPosition": "HFS",
    "PercentPhaseFOV": 100,
    "PhaseEncodingDirection": "j",
    "PhaseEncodingSteps": 63,
    "PhaseResolution": 1,
    "PixelBandwidth": 2230,
    "ProcedureStepDescription": "head_Kou_Murayama",
    "ProtocolName": "ep2d_bold_PtoA_iPAT2_MagicTrick_Run1",
    "PulseSequenceDetails": "%SiemensSeq%_ep2d_bold",
    "ReceiveCoilActiveElements": "HEA;HEP",
    "ReceiveCoilName": "Head_32",
    "ReconMatrixPE": 64,
    "RepetitionTime": 2,
    "SAR": 0.10626,
    "ScanOptions": "FS",
    "ScanningSequence": "EP",
    "SequenceName": "_epfid2d1_64",
    "SequenceVariant": "SK",
    "SeriesDescription": "ep2d_bold_PtoA_iPAT2_MagicTrick_Run1",
    "SeriesNumber": 9,
    "ShimSetting": [
      3402,
      -11986,
      11536,
      414,
      -19,
      -275,
      146,
      38
    ],
    "SliceThickness": 3,
    "SliceTiming": [
      0,
      1.015,
      0.0525,
      1.07,
      0.1075,
      1.1225,
      0.16,
      1.1775,
      0.2125,
      1.23,
      0.2675,
      1.2825,
      0.32,
      1.3375,
      0.375,
      1.39,
      0.4275,
      1.445,
      0.48,
      1.4975,
      0.535,
      1.55,
      0.5875,
      1.605,
      0.6425,
      1.6575,
      0.695,
      1.7125,
      0.7475,
      1.765,
      0.8025,
      1.8175,
      0.855,
      1.8725,
      0.91,
      1.925,
      0.9625
    ],
    "SoftwareVersions": "syngo_MR_E11",
    "SpacingBetweenSlices": 3.75,
    "StationName": "AWP167013",
    "TaskName": "magictrickwatching",
    "TotalReadoutTime": 0.0166951,
    "TxRefAmp": 249.604,
    "dataset": "<unset>",
    "modality": "bold",
    "run_id": 1,
    "subject_id": "control031",
    "task_id": "magictrickwatching"
  },
  "dummy_trs": 0,
  "dvars_nstd": 26.24678550157303,
  "dvars_std": 1.1060685832303372,
  "dvars_vstd": 0.9668264483426976,
  "efc": 0.49742172016633507,
  "fber": 440558.375,
  "fd_mean": 0.1369861570459645,
  "fd_num": 4,
  "fd_perc": 1.1204481792717087,
  "fwhm_avg": 2.8376900912298137,
  "fwhm_x": 2.7063400000000004,
  "fwhm_y": 3.085983088081432,
  "fwhm_z": 2.720747185608009,
  "gcor": 0.0148882,
  "gsr_x": 0.018013805150985718,
  "gsr_y": 0.06083851307630539,
  "provenance": {
    "md5sum": "7403fad1d1df24f9959d495927c8c5c9",
    "settings": {
      "fd_thres": 0.5,
      "testing": false
    },
    "software": "mriqc",
    "version": "0.16.1",
    "webapi_port": null,
    "webapi_url": "https://mriqc.nimh.nih.gov/api/v1"
  },
  "size_t": 357,
  "size_x": 64,
  "size_y": 64,
  "size_z": 37,
  "snr": 2.3225492902648903,
  "spacing_tr": 2.0,
  "spacing_x": 3.0,
  "spacing_y": 3.000000238418579,
  "spacing_z": 3.7499992847442627,
  "summary_bg_k": 20.042719077005394,
  "summary_bg_mad": 0.7702208033320503,
  "summary_bg_mean": 21.75349235534668,
  "summary_bg_median": 0.51950603723526,
  "summary_bg_n": 83057.0,
  "summary_bg_p05": 0.0,
  "summary_bg_p95": 142.80994567871065,
  "summary_bg_stdv": 58.08263397216797,
  "summary_fg_k": 0.8820492200980681,
  "summary_fg_mad": 168.5643343556103,
  "summary_fg_mean": 446.05133056640625,
  "summary_fg_median": 410.0877990722656,
  "summary_fg_n": 30763.0,
  "summary_fg_p05": 221.6568405151367,
  "summary_fg_p95": 779.2542480468749,
  "summary_fg_stdv": 176.56509399414062,
  "tsnr": 49.3403434753418
}