{
  "aor": 0.0014545666666666668,
  "aqi": 0.004331892033333333,
  "bids_meta": {
    "AcquisitionMatrixPE": 64,
    "AcquisitionNumber": 1,
    "AcquisitionTime": "10:32:51.875000",
    "BandwidthPerPixelPhaseEncode": 58.962,
    "BaseResolution": 64,
    "BodyPartExamined": "HEAD",
    "ConsistencyInfo": "N4_VE11C_LATEST_20160120",
    "ConversionSoftware": "dcm2niix",
    "ConversionSoftwareVersion": "v1.0.20181125  GCC5.3.1",
    "DerivedVendorReportedEchoSpacing": 0.000530002,
    "DeviceSerialNumber": "167013",
    "DwellTime": 3.5e-06,
    "EchoTime": 0.03,
    "EchoTrainLength": 31,
    "EffectiveEchoSpacing": 0.000265001,
    "FlipAngle": 90,
    "ImageOrientationPatientDICOM": [
      0.99581,
      -0.0771638,
      0.0490736,
      0.0708565,
      0.99032,
      0.119356
    ],
    "ImageType": [
      "ORIGINAL",
      "PRIMARY",
      "M",
      "ND",
      "MOSAIC"
    ],
    "ImagingFrequency": 123.249,
    "InPlanePhaseEncodingDirectionDICOM": "COL",
    "InstitutionAddress": "Whiteknights_Campus_StreetNo_Reading_District_GB_RG6_7BE",
    "InstitutionName": "UoR",
    "InstitutionalDepartmentName": "Department",
    "MRAcquisitionType": "2D",
    "MagneticFieldStrength": 3,
    "Manufacturer": "Siemens",
    "ManufacturersModelName": "Prisma_fit",
    "Modality": "MR",
    "ParallelReductionFactorInPlane": 2,
    "PartialFourier": 1,
    "PatientPosition": "HFS",
    "PercentPhaseFOV": 100,
    "PhaseEncodingDirection": "j",
    "PhaseEncodingSteps": 63,
    "PhaseResolution": 1,
    "PixelBandwidth": 2230,
    "ProcedureStepDescription": "head_Kou_Murayama",
    "ProtocolName": "ep2d_bold_PtoA_iPAT2_PreResting",
    "PulseSequenceDetails": "%SiemensSeq%_ep2d_bold",
    "ReceiveCoilActiveElements": "HEA;HEP",
    "ReceiveCoilName": "Head_32",
    "ReconMatrixPE": 64,
    "RepetitionTime": 2,
    "SAR": 0.106122,
    "ScanOptions": "FS",
    "ScanningSequence": "EP",
    "SequenceName": "_epfid2d1_64",
    "SequenceVariant": "SK",
    "SeriesDescription": "ep2d_bold_PtoA_iPAT2_PreResting",
    "SeriesNumber": 6,
    "ShimSetting": [
      3402,
      -11986,
      11536,
      414,
      -19,
      -275,
      146,
      38
    ],
    "SliceThickness": 3,
    "SliceTiming": [
      0,
      1.0175,
      0.055,
      1.07,
      0.1075,
      1.125,
      0.16,
      1.1775,
      0.215,
      1.2325,
      0.2675,
      1.285,
      0.3225,
      1.3375,
      0.375,
      1.3925,
      0.4275,
      1.445,
      0.4825,
      1.5,
      0.535,
      1.5525,
      0.59,
      1.605,
      0.6425,
      1.66,
      0.695,
      1.7125,
      0.75,
      1.7675,
      0.8025,
      1.82,
      0.8575,
      1.8725,
      0.91,
      1.9275,
      0.9625
    ],
    "SoftwareVersions": "syngo_MR_E11",
    "SpacingBetweenSlices": 3.75,
    "StationName": "AWP167013",
    "TaskName": "rest",
    "TotalReadoutTime": 0.0166951,
    "TxRefAmp": 249.604,
    "dataset": "<unset>",
    "modality": "bold",
    "run_id": 1,
    "subject_id": "control031",
    "task_id": "rest"
  },
  "dummy_trs": 0,
  "dvars_nstd": 25.048440333578583,
  "dvars_std": 1.0982004013377913,
  "dvars_vstd": 0.9568216916053517,
  "efc": 0.4943859700327336,
  "fber": 668814.125,
  "fd_mean": 0.11099153018499537,
  "fd_num": 1,
  "fd_perc": 0.3333333333333333,
  "fwhm_avg": 2.900936524370239,
  "fwhm_x": 2.770243333333333,
  "fwhm_y": 3.1272864181322717,
  "fwhm_z": 2.8052798216451125,
  "gcor": 0.048156,
  "gsr_x": 0.013576878234744072,
  "gsr_y": 0.062404289841651917,
  "provenance": {
    "md5sum": "ad2c8d55aebb7fda782ab1d7f8342fa1",
    "settings": {
      "fd_thres": 0.5,
      "testing": false
    },
    "software": "mriqc",
    "version": "0.16.1",
    "webapi_port": null,
    "webapi_url": "https://mriqc.nimh.nih.gov/api/v1"
  },
  "size_t": 300,
  "size_x": 64,
  "size_y": 64,
  "size_z": 37,
  "snr": 2.3061230362999585,
  "spacing_tr": 2.0,
  "spacing_x": 3.0,
  "spacing_y": 3.000000238418579,
  "spacing_z": 3.750000238418579,
  "summary_bg_k": 20.91862734245368,
  "summary_bg_mad": 0.6436397965231423,
  "summary_bg_mean": 20.69187355041504,
  "summary_bg_median": 0.442632794380188,
  "summary_bg_n": 83098.0,
  "summary_bg_p05": 0.002826249215286226,
  "summary_bg_p95": 136.9171066284178,
  "summary_bg_stdv": 56.32073974609375,
  "summary_fg_k": 1.0172513431612602,
  "summary_fg_mad": 168.99821539730826,
  "summary_fg_mean": 447.43609619140625,
  "summary_fg_median": 411.14874267578125,
  "summary_fg_n": 30724.0,
  "summary_fg_p05": 221.25812301635744,
  "summary_fg_p95": 783.7418518066406,
  "summary_fg_stdv": 178.2827911376953,
  "tsnr": 51.307106018066406
}