{
  "aor": 0.0017055199999999999,
  "aqi": 0.002581400613333333,
  "bids_meta": {
    "AcquisitionMatrixPE": 64,
    "AcquisitionNumber": 1,
    "AcquisitionTime": "15:09:44.832500",
    "BandwidthPerPixelPhaseEncode": 58.962,
    "BaseResolution": 64,
    "BodyPartExamined": "HEAD",
    "ConsistencyInfo": "N4_VE11C_LATEST_20160120",
    "ConversionSoftware": "dcm2niix",
    "ConversionSoftwareVersion": "v1.0.20181125  GCC5.3.1",
    "DerivedVendorReportedEchoSpacing": 0.000530002,
    "DeviceSerialNumber": "167013",
    "DwellTime": 3.5e-06,
    "EchoTime": 0.03,
    "EchoTrainLength": 31,
    "EffectiveEchoSpacing": 0.000265001,
    "FlipAngle": 90,
    "ImageOrientationPatientDICOM": [
      0.996021,
      -0.0383455,
      0.0804485,
      0.0260818,
      0.988599,
      0.148297
    ],
    "ImageType": [
      "ORIGINAL",
      "PRIMARY",
      "M",
      "ND",
      "MOSAIC"
    ],
    "ImagingFrequency": 123.249,
    "InPlanePhaseEncodingDirectionDICOM": "COL",
    "InstitutionAddress": "Whiteknights_Campus_StreetNo_Reading_District_GB_RG6_7BE",
    "InstitutionName": "UoR",
    "InstitutionalDepartmentName": "Department",
    "MRAcquisitionType": "2D",
    "MagneticFieldStrength": 3,
    "Manufacturer": "Siemens",
    "ManufacturersModelName": "Prisma_fit",
    "Modality": "MR",
    "ParallelReductionFactorInPlane": 2,
    "PartialFourier": 1,
    "PatientPosition": "HFS",
    "PercentPhaseFOV": 100,
    "PhaseEncodingDirection": "j",
    "PhaseEncodingSteps": 63,
    "PhaseResolution": 1,
    "PixelBandwidth": 2230,
    "ProcedureStepDescription": "head_Kou_Murayama",
    "ProtocolName": "ep2d_bold_PtoA_iPAT2_MagicTrick_Run2",
    "PulseSequenceDetails": "%SiemensSeq%_ep2d_bold",
    "ReceiveCoilActiveElements": "HEA;HEP",
    "ReceiveCoilName": "Head_32",
    "ReconMatrixPE": 64,
    "RepetitionTime": 2,
    "SAR": 0.115034,
    "ScanOptions": "FS",
    "ScanningSequence": "EP",
    "SequenceName": "_epfid2d1_64",
    "SequenceVariant": "SK",
    "SeriesDescription": "ep2d_bold_PtoA_iPAT2_MagicTrick_Run2",
    "SeriesNumber": 10,
    "ShimSetting": [
      3395,
      -11990,
      11478,
      414,
      -64,
      -233,
      42,
      32
    ],
    "SliceThickness": 3,
    "SliceTiming": [
      0,
      1.0175,
      0.0525,
      1.07,
      0.1075,
      1.1225,
      0.16,
      1.1775,
      0.2125,
      1.23,
      0.2675,
      1.285,
      0.32,
      1.3375,
      0.375,
      1.39,
      0.4275,
      1.445,
      0.48,
      1.4975,
      0.535,
      1.5525,
      0.5875,
      1.605,
      0.6425,
      1.6575,
      0.695,
      1.7125,
      0.75,
      1.765,
      0.8025,
      1.82,
      0.855,
      1.8725,
      0.91,
      1.925,
      0.9625
    ],
    "SoftwareVersions": "syngo_MR_E11",
    "SpacingBetweenSlices": 3.75,
    "StationName": "AWP167013",
    "TaskName": "magictrickwatching",
    "TotalReadoutTime": 0.0166951,
    "TxRefAmp": 240.398,
    "dataset": "<unset>",
    "modality": "bold",
    "run_id": 2,
    "subject_id": "control033",
    "task_id": "magictrickwatching"
  },
  "dummy_trs": 0,
  "dvars_nstd": 27.759089683957207,
  "dvars_std": 1.240171526122995,
  "dvars_vstd": 1.0126771299197859,
  "efc": 0.462439961167031,
  "fber": 9938454.0,
  "fd_mean": 0.08134725167147656,
  "fd_num": 0,
  "fd_perc": 0.0,
  "fwhm_avg": 2.819231139149393,
  "fwhm_x": 2.6031397931210365,
  "fwhm_y": 3.0556997571548017,
  "fwhm_z": 2.798853867172343,
  "gcor": 0.0622736,
  "gsr_x": 0.0252066720277071,
  "gsr_y": 0.03624971956014633,
  "provenance": {
    "md5sum": "70f8104969a92df8290e1cdfb4a2d906",
    "settings": {
      "fd_thres": 0.5,
      "testing": false
    },
    "software": "mriqc",
    "version": "0.16.1",
    "webapi_port": null,
    "webapi_url": "https://mriqc.nimh.nih.gov/api/v1"
  },
  "size_t": 375,
  "size_x": 64,
  "size_y": 64,
  "size_z": 37,
  "snr": 2.454358375592696,
  "spacing_tr": 2.0,
  "spacing_x": 3.000000238418579,
  "spacing_y": 3.000000238418579,
  "spacing_z": 3.7499992847442627,
  "summary_bg_k": 36.60405786179806,
  "summary_bg_mad": 0.16902534432347976,
  "summary_bg_mean": 15.344724655151367,
  "summary_bg_median": 0.11653679609298706,
  "summary_bg_n": 87889.0,
  "summary_bg_p05": 0.0008838185225613416,
  "summary_bg_p95": 94.95925292968721,
  "summary_bg_stdv": 44.986148834228516,
  "summary_fg_k": 0.44084556863127133,
  "summary_fg_mad": 165.76961469518994,
  "summary_fg_mean": 448.5863342285156,
  "summary_fg_median": 418.2911682128906,
  "summary_fg_n": 27175.0,
  "summary_fg_p05": 225.80173645019534,
  "summary_fg_p95": 769.2946289062498,
  "summary_fg_stdv": 170.42477416992188,
  "tsnr": 63.582618713378906
}