{
  "aor": 0.005212466666666667,
  "aqi": 0.004265436633333334,
  "bids_meta": {
    "AcquisitionMatrixPE": 64,
    "AcquisitionNumber": 1,
    "AcquisitionTime": "15:37:48.652500",
    "BandwidthPerPixelPhaseEncode": 58.962,
    "BaseResolution": 64,
    "BodyPartExamined": "HEAD",
    "ConsistencyInfo": "N4_VE11C_LATEST_20160120",
    "ConversionSoftware": "dcm2niix",
    "ConversionSoftwareVersion": "v1.0.20181125  GCC5.3.1",
    "DerivedVendorReportedEchoSpacing": 0.000530002,
    "DeviceSerialNumber": "167013",
    "DwellTime": 3.5e-06,
    "EchoTime": 0.03,
    "EchoTrainLength": 31,
    "EffectiveEchoSpacing": 0.000265001,
    "FlipAngle": 90,
    "ImageOrientationPatientDICOM": [
      0.996021,
      -0.0383455,
      0.0804485,
      0.0260818,
      0.988599,
      0.148297
    ],
    "ImageType": [
      "ORIGINAL",
      "PRIMARY",
      "M",
      "ND",
      "MOSAIC"
    ],
    "ImagingFrequency": 123.249,
    "InPlanePhaseEncodingDirectionDICOM": "COL",
    "InstitutionAddress": "Whiteknights_Campus_StreetNo_Reading_District_GB_RG6_7BE",
    "InstitutionName": "UoR",
    "InstitutionalDepartmentName": "Department",
    "MRAcquisitionType": "2D",
    "MagneticFieldStrength": 3,
    "Manufacturer": "Siemens",
    "ManufacturersModelName": "Prisma_fit",
    "Modality": "MR",
    "ParallelReductionFactorInPlane": 2,
    "PartialFourier": 1,
    "PatientPosition": "HFS",
    "PercentPhaseFOV": 100,
    "PhaseEncodingDirection": "j",
    "PhaseEncodingSteps": 63,
    "PhaseResolution": 1,
    "PixelBandwidth": 2230,
    "ProcedureStepDescription": "head_Kou_Murayama",
    "ProtocolName": "ep2d_bold_PtoA_iPAT2_PostResting",
    "PulseSequenceDetails": "%SiemensSeq%_ep2d_bold",
    "ReceiveCoilActiveElements": "HEA;HEP",
    "ReceiveCoilName": "Head_32",
    "ReconMatrixPE": 64,
    "RepetitionTime": 2,
    "SAR": 0.114885,
    "ScanOptions": "FS",
    "ScanningSequence": "EP",
    "SequenceName": "_epfid2d1_64",
    "SequenceVariant": "SK",
    "SeriesDescription": "ep2d_bold_PtoA_iPAT2_PostResting",
    "SeriesNumber": 12,
    "ShimSetting": [
      3395,
      -11990,
      11478,
      414,
      -64,
      -233,
      42,
      32
    ],
    "SliceThickness": 3,
    "SliceTiming": [
      0,
      1.015,
      0.0525,
      1.07,
      0.105,
      1.1225,
      0.16,
      1.175,
      0.2125,
      1.23,
      0.2675,
      1.2825,
      0.32,
      1.3375,
      0.3725,
      1.39,
      0.4275,
      1.4425,
      0.48,
      1.4975,
      0.535,
      1.55,
      0.5875,
      1.605,
      0.64,
      1.6575,
      0.695,
      1.71,
      0.7475,
      1.765,
      0.8025,
      1.8175,
      0.855,
      1.8725,
      0.9075,
      1.925,
      0.9625
    ],
    "SoftwareVersions": "syngo_MR_E11",
    "SpacingBetweenSlices": 3.75,
    "StationName": "AWP167013",
    "TaskName": "rest",
    "TotalReadoutTime": 0.0166951,
    "TxRefAmp": 240.398,
    "dataset": "<unset>",
    "modality": "bold",
    "run_id": 2,
    "subject_id": "control033",
    "task_id": "rest"
  },
  "dummy_trs": 0,
  "dvars_nstd": 27.403888217725754,
  "dvars_std": 1.2128887615050166,
  "dvars_vstd": 1.0061774428093642,
  "efc": 0.4660477632758281,
  "fber": 3360686.0,
  "fd_mean": 0.08052760196981057,
  "fd_num": 3,
  "fd_perc": 1.0,
  "fwhm_avg": 2.820876693961701,
  "fwhm_x": 2.605546459596438,
  "fwhm_y": 3.0650297564133204,
  "fwhm_z": 2.7920538658753458,
  "gcor": 0.0331671,
  "gsr_x": 0.024255231022834778,
  "gsr_y": 0.03913353383541107,
  "provenance": {
    "md5sum": "45b1ace588ea30b6067f60931e34204e",
    "settings": {
      "fd_thres": 0.5,
      "testing": false
    },
    "software": "mriqc",
    "version": "0.16.1",
    "webapi_port": null,
    "webapi_url": "https://mriqc.nimh.nih.gov/api/v1"
  },
  "size_t": 300,
  "size_x": 64,
  "size_y": 64,
  "size_z": 37,
  "snr": 2.431799392047413,
  "spacing_tr": 2.0,
  "spacing_x": 3.000000238418579,
  "spacing_y": 3.000000238418579,
  "spacing_z": 3.7499992847442627,
  "summary_bg_k": 36.53469255682676,
  "summary_bg_mad": 0.28870058871532,
  "summary_bg_mean": 15.871561050415039,
  "summary_bg_median": 0.19472558796405792,
  "summary_bg_n": 87466.0,
  "summary_bg_p05": 0.0,
  "summary_bg_p95": 95.63758087158203,
  "summary_bg_stdv": 45.48359298706055,
  "summary_fg_k": 0.48776777137601224,
  "summary_fg_mad": 166.03282997858093,
  "summary_fg_mean": 448.2881164550781,
  "summary_fg_median": 417.2578430175781,
  "summary_fg_n": 27510.0,
  "summary_fg_p05": 224.35192794799804,
  "summary_fg_p95": 770.4307617187499,
  "summary_fg_stdv": 171.58087158203125,
  "tsnr": 55.21630859375
}