{
  "aor": 0.00013136666666666667,
  "aqi": 0.0021295094666666666,
  "bids_meta": {
    "AcquisitionMatrixPE": 64,
    "AcquisitionNumber": 1,
    "AcquisitionTime": "14:40:37.597500",
    "BandwidthPerPixelPhaseEncode": 58.962,
    "BaseResolution": 64,
    "BodyPartExamined": "HEAD",
    "ConsistencyInfo": "N4_VE11C_LATEST_20160120",
    "ConversionSoftware": "dcm2niix",
    "ConversionSoftwareVersion": "v1.0.20181125  GCC5.3.1",
    "DerivedVendorReportedEchoSpacing": 0.000530002,
    "DeviceSerialNumber": "167013",
    "DwellTime": 3.5e-06,
    "EchoTime": 0.03,
    "EchoTrainLength": 31,
    "EffectiveEchoSpacing": 0.000265001,
    "FlipAngle": 90,
    "ImageOrientationPatientDICOM": [
      0.996021,
      -0.0383455,
      0.0804485,
      0.0260818,
      0.988599,
      0.148297
    ],
    "ImageType": [
      "ORIGINAL",
      "PRIMARY",
      "M",
      "ND",
      "MOSAIC"
    ],
    "ImagingFrequency": 123.249,
    "InPlanePhaseEncodingDirectionDICOM": "COL",
    "InstitutionAddress": "Whiteknights_Campus_StreetNo_Reading_District_GB_RG6_7BE",
    "InstitutionName": "UoR",
    "InstitutionalDepartmentName": "Department",
    "MRAcquisitionType": "2D",
    "MagneticFieldStrength": 3,
    "Manufacturer": "Siemens",
    "ManufacturersModelName": "Prisma_fit",
    "Modality": "MR",
    "ParallelReductionFactorInPlane": 2,
    "PartialFourier": 1,
    "PatientPosition": "HFS",
    "PercentPhaseFOV": 100,
    "PhaseEncodingDirection": "j",
    "PhaseEncodingSteps": 63,
    "PhaseResolution": 1,
    "PixelBandwidth": 2230,
    "ProcedureStepDescription": "head_Kou_Murayama",
    "ProtocolName": "ep2d_bold_PtoA_iPAT2_PreResting",
    "PulseSequenceDetails": "%SiemensSeq%_ep2d_bold",
    "ReceiveCoilActiveElements": "HEA;HEP",
    "ReceiveCoilName": "Head_32",
    "ReconMatrixPE": 64,
    "RepetitionTime": 2,
    "SAR": 0.114885,
    "ScanOptions": "FS",
    "ScanningSequence": "EP",
    "SequenceName": "_epfid2d1_64",
    "SequenceVariant": "SK",
    "SeriesDescription": "ep2d_bold_PtoA_iPAT2_PreResting",
    "SeriesNumber": 6,
    "ShimSetting": [
      3395,
      -11990,
      11478,
      414,
      -64,
      -233,
      42,
      32
    ],
    "SliceThickness": 3,
    "SliceTiming": [
      0,
      1.0175,
      0.055,
      1.0725,
      0.1075,
      1.125,
      0.1625,
      1.1775,
      0.215,
      1.2325,
      0.2675,
      1.285,
      0.3225,
      1.34,
      0.375,
      1.3925,
      0.43,
      1.445,
      0.4825,
      1.5,
      0.5375,
      1.5525,
      0.59,
      1.6075,
      0.6425,
      1.66,
      0.6975,
      1.7125,
      0.75,
      1.7675,
      0.805,
      1.82,
      0.8575,
      1.875,
      0.91,
      1.9275,
      0.965
    ],
    "SoftwareVersions": "syngo_MR_E11",
    "SpacingBetweenSlices": 3.75,
    "StationName": "AWP167013",
    "TaskName": "rest",
    "TotalReadoutTime": 0.0166951,
    "TxRefAmp": 240.398,
    "dataset": "<unset>",
    "modality": "bold",
    "run_id": 1,
    "subject_id": "control033",
    "task_id": "rest"
  },
  "dummy_trs": 0,
  "dvars_nstd": 27.79764696585284,
  "dvars_std": 1.2695999543143819,
  "dvars_vstd": 0.9808235040133793,
  "efc": 0.4572074284046687,
  "fber": 98327456.0,
  "fd_mean": 0.042070388601743995,
  "fd_num": 0,
  "fd_perc": 0.0,
  "fwhm_avg": 2.827942249330425,
  "fwhm_x": 2.616496458726211,
  "fwhm_y": 3.071116422596262,
  "fwhm_z": 2.796213866668803,
  "gcor": 0.0699905,
  "gsr_x": 0.02485215850174427,
  "gsr_y": 0.034916818141937256,
  "provenance": {
    "md5sum": "cfd9895ca5ee5ab4e87a85dbcc841997",
    "settings": {
      "fd_thres": 0.5,
      "testing": false
    },
    "software": "mriqc",
    "version": "0.16.1",
    "webapi_port": null,
    "webapi_url": "https://mriqc.nimh.nih.gov/api/v1"
  },
  "size_t": 300,
  "size_x": 64,
  "size_y": 64,
  "size_z": 37,
  "snr": 2.4609189832405374,
  "spacing_tr": 2.0,
  "spacing_x": 3.000000238418579,
  "spacing_y": 3.000000238418579,
  "spacing_z": 3.7499992847442627,
  "summary_bg_k": 36.5178863278447,
  "summary_bg_mad": 0.053043686981411015,
  "summary_bg_mean": 14.386889457702637,
  "summary_bg_median": 0.03623113036155701,
  "summary_bg_n": 88527.0,
  "summary_bg_p05": 0.00017085595754906535,
  "summary_bg_p95": 88.6730888366699,
  "summary_bg_stdv": 43.296470642089844,
  "summary_fg_k": 0.4719209922689802,
  "summary_fg_mad": 165.63899114157587,
  "summary_fg_mean": 449.0482177734375,
  "summary_fg_median": 418.8446960449219,
  "summary_fg_n": 27038.0,
  "summary_fg_p05": 226.1493217468262,
  "summary_fg_p95": 768.8402374267578,
  "summary_fg_stdv": 170.19534301757812,
  "tsnr": 68.5934066772461
}