{
  "aor": 0.0003576943005181347,
  "aqi": 0.003659394715025907,
  "bids_meta": {
    "AcquisitionMatrixPE": 64,
    "AcquisitionNumber": 1,
    "AcquisitionTime": "10:48:54.710000",
    "BandwidthPerPixelPhaseEncode": 58.962,
    "BaseResolution": 64,
    "BodyPartExamined": "HEAD",
    "ConsistencyInfo": "N4_VE11C_LATEST_20160120",
    "ConversionSoftware": "dcm2niix",
    "ConversionSoftwareVersion": "v1.0.20180622 GCC5.3.1",
    "DerivedVendorReportedEchoSpacing": 0.000530002,
    "DeviceSerialNumber": "167013",
    "DwellTime": 3.5e-06,
    "EchoTime": 0.03,
    "EchoTrainLength": 31,
    "EffectiveEchoSpacing": 0.000265001,
    "FlipAngle": 90,
    "ImageOrientationPatientDICOM": [
      0.990798,
      0.13525,
      0.00517066,
      -0.132905,
      0.979426,
      -0.151861
    ],
    "ImageType": [
      "ORIGINAL",
      "PRIMARY",
      "M",
      "ND",
      "MOSAIC"
    ],
    "InPlanePhaseEncodingDirectionDICOM": "COL",
    "InstitutionAddress": "Whiteknights_Campus_StreetNo_Reading_District_GB_RG6_7BE",
    "InstitutionName": "UOR",
    "InstitutionalDepartmentName": "Department",
    "MRAcquisitionType": "2D",
    "MagneticFieldStrength": 3,
    "Manufacturer": "Siemens",
    "ManufacturersModelName": "Prisma_fit",
    "Modality": "MR",
    "ParallelReductionFactorInPlane": 2,
    "PartialFourier": 1,
    "PatientPosition": "HFS",
    "PercentPhaseFOV": 100,
    "PhaseEncodingDirection": "j",
    "PhaseEncodingSteps": 63,
    "PhaseResolution": 1,
    "PixelBandwidth": 2230,
    "ProcedureStepDescription": "head_Kou_Murayama",
    "ProtocolName": "ep2d_bold_PtoA_iPAT2_MagicTrick_Run2",
    "PulseSequenceDetails": "%SiemensSeq%_ep2d_bold",
    "ReceiveCoilActiveElements": "HEA;HEP",
    "ReceiveCoilName": "Head_32",
    "ReconMatrixPE": 64,
    "RepetitionTime": 2,
    "SAR": 0.10332,
    "ScanOptions": "FS",
    "ScanningSequence": "EP",
    "SequenceName": "_epfid2d1_64",
    "SequenceVariant": "SK",
    "SeriesDescription": "ep2d_bold_PtoA_iPAT2_MagicTrick_Run2",
    "SeriesNumber": 10,
    "ShimSetting": [
      3363,
      -11913,
      11504,
      435,
      -61,
      9,
      54,
      43
    ],
    "SliceThickness": 3,
    "SliceTiming": [
      0,
      1.0175,
      0.055,
      1.07,
      0.1075,
      1.125,
      0.16,
      1.1775,
      0.215,
      1.23,
      0.2675,
      1.285,
      0.3225,
      1.3375,
      0.375,
      1.3925,
      0.4275,
      1.445,
      0.4825,
      1.4975,
      0.535,
      1.5525,
      0.59,
      1.605,
      0.6425,
      1.66,
      0.695,
      1.7125,
      0.75,
      1.765,
      0.8025,
      1.82,
      0.8575,
      1.8725,
      0.91,
      1.9275,
      0.9625
    ],
    "SoftwareVersions": "syngo_MR_E11",
    "SpacingBetweenSlices": 3.75,
    "StationName": "AWP167013",
    "TaskName": "magictrickwatching",
    "TotalReadoutTime": 0.0166951,
    "TxRefAmp": 239.212,
    "dataset": "<unset>",
    "modality": "bold",
    "run_id": 2,
    "subject_id": "experimental006",
    "task_id": "magictrickwatching"
  },
  "dummy_trs": 0,
  "dvars_nstd": 27.29730472319479,
  "dvars_std": 1.0989134908831173,
  "dvars_vstd": 0.9492652528311686,
  "efc": 0.4422523252968564,
  "fber": 4025122.75,
  "fd_mean": 0.1316226919406718,
  "fd_num": 2,
  "fd_perc": 0.5181347150259067,
  "fwhm_avg": 2.9371543605990826,
  "fwhm_x": 2.83926,
  "fwhm_y": 3.1650564151305822,
  "fwhm_z": 2.8071466666666667,
  "gcor": 0.0189441,
  "gsr_x": 0.022002317011356354,
  "gsr_y": 0.03638429939746857,
  "provenance": {
    "md5sum": "56ad7f3d8b791dbbb69f49926ac28a13",
    "settings": {
      "fd_thres": 0.5,
      "testing": false
    },
    "software": "mriqc",
    "version": "0.16.1",
    "webapi_port": null,
    "webapi_url": "https://mriqc.nimh.nih.gov/api/v1"
  },
  "size_t": 386,
  "size_x": 64,
  "size_y": 64,
  "size_z": 37,
  "snr": 2.0459174396598647,
  "spacing_tr": 2.0,
  "spacing_x": 3.0,
  "spacing_y": 3.000000238418579,
  "spacing_z": 3.75,
  "summary_bg_k": 52.35890810014115,
  "summary_bg_mad": 0.26302429791714427,
  "summary_bg_mean": 13.736855506896973,
  "summary_bg_median": 0.1789325475692749,
  "summary_bg_n": 90009.0,
  "summary_bg_p05": 0.00046148084802553093,
  "summary_bg_p95": 79.45285339355453,
  "summary_bg_stdv": 44.62522888183594,
  "summary_fg_k": 3.4459595694050664,
  "summary_fg_mad": 149.20110054727112,
  "summary_fg_mean": 429.1217346191406,
  "summary_fg_median": 384.3023681640625,
  "summary_fg_n": 27270.0,
  "summary_fg_p05": 217.56865310668945,
  "summary_fg_p95": 801.7687683105469,
  "summary_fg_stdv": 187.835205078125,
  "tsnr": 50.326019287109375
}