{
  "aor": 0.0016884126984126988,
  "aqi": 0.003998578333333333,
  "bids_meta": {
    "AcquisitionMatrixPE": 64,
    "AcquisitionNumber": 1,
    "AcquisitionTime": "10:34:6.802500",
    "BandwidthPerPixelPhaseEncode": 58.962,
    "BaseResolution": 64,
    "BodyPartExamined": "HEAD",
    "ConsistencyInfo": "N4_VE11C_LATEST_20160120",
    "ConversionSoftware": "dcm2niix",
    "ConversionSoftwareVersion": "v1.0.20180622 GCC5.3.1",
    "DerivedVendorReportedEchoSpacing": 0.000530002,
    "DeviceSerialNumber": "167013",
    "DwellTime": 3.5e-06,
    "EchoTime": 0.03,
    "EchoTrainLength": 31,
    "EffectiveEchoSpacing": 0.000265001,
    "FlipAngle": 90,
    "ImageOrientationPatientDICOM": [
      0.990798,
      0.13525,
      0.00517066,
      -0.132905,
      0.979426,
      -0.151861
    ],
    "ImageType": [
      "ORIGINAL",
      "PRIMARY",
      "M",
      "ND",
      "MOSAIC"
    ],
    "InPlanePhaseEncodingDirectionDICOM": "COL",
    "InstitutionAddress": "Whiteknights_Campus_StreetNo_Reading_District_GB_RG6_7BE",
    "InstitutionName": "UOR",
    "InstitutionalDepartmentName": "Department",
    "MRAcquisitionType": "2D",
    "MagneticFieldStrength": 3,
    "Manufacturer": "Siemens",
    "ManufacturersModelName": "Prisma_fit",
    "Modality": "MR",
    "ParallelReductionFactorInPlane": 2,
    "PartialFourier": 1,
    "PatientPosition": "HFS",
    "PercentPhaseFOV": 100,
    "PhaseEncodingDirection": "j",
    "PhaseEncodingSteps": 63,
    "PhaseResolution": 1,
    "PixelBandwidth": 2230,
    "ProcedureStepDescription": "head_Kou_Murayama",
    "ProtocolName": "ep2d_bold_PtoA_iPAT2_MagicTrick_Run1",
    "PulseSequenceDetails": "%SiemensSeq%_ep2d_bold",
    "ReceiveCoilActiveElements": "HEA;HEP",
    "ReceiveCoilName": "Head_32",
    "ReconMatrixPE": 64,
    "RepetitionTime": 2,
    "SAR": 0.10332,
    "ScanOptions": "FS",
    "ScanningSequence": "EP",
    "SequenceName": "_epfid2d1_64",
    "SequenceVariant": "SK",
    "SeriesDescription": "ep2d_bold_PtoA_iPAT2_MagicTrick_Run1",
    "SeriesNumber": 9,
    "ShimSetting": [
      3363,
      -11913,
      11504,
      435,
      -61,
      9,
      54,
      43
    ],
    "SliceThickness": 3,
    "SliceTiming": [
      0,
      1.0175,
      0.055,
      1.07,
      0.1075,
      1.125,
      0.16,
      1.1775,
      0.215,
      1.2325,
      0.2675,
      1.285,
      0.3225,
      1.3375,
      0.375,
      1.3925,
      0.43,
      1.445,
      0.4825,
      1.5,
      0.535,
      1.5525,
      0.59,
      1.605,
      0.6425,
      1.66,
      0.6975,
      1.7125,
      0.75,
      1.7675,
      0.8025,
      1.82,
      0.8575,
      1.8725,
      0.91,
      1.9275,
      0.965
    ],
    "SoftwareVersions": "syngo_MR_E11",
    "SpacingBetweenSlices": 3.75,
    "StationName": "AWP167013",
    "TaskName": "magictrickwatching",
    "TotalReadoutTime": 0.0166951,
    "TxRefAmp": 239.212,
    "dataset": "<unset>",
    "modality": "bold",
    "run_id": 1,
    "subject_id": "experimental006",
    "task_id": "magictrickwatching"
  },
  "dummy_trs": 1,
  "dvars_nstd": 26.31393957270557,
  "dvars_std": 1.1240586076657824,
  "dvars_vstd": 0.9724686502387259,
  "efc": 0.4395760725813587,
  "fber": 2534830.25,
  "fd_mean": 0.12230088994018415,
  "fd_num": 1,
  "fd_perc": 0.26455026455026454,
  "fwhm_avg": 3.122627689441052,
  "fwhm_x": 3.043336666666667,
  "fwhm_y": 3.334599734989823,
  "fwhm_z": 2.989946666666667,
  "gcor": 0.013966,
  "gsr_x": 0.016646891832351685,
  "gsr_y": 0.03810831159353256,
  "provenance": {
    "md5sum": "fd57287b5bc73b8715d62ca13d47c5dd",
    "settings": {
      "fd_thres": 0.5,
      "testing": false
    },
    "software": "mriqc",
    "version": "0.16.1",
    "webapi_port": null,
    "webapi_url": "https://mriqc.nimh.nih.gov/api/v1"
  },
  "size_t": 378,
  "size_x": 64,
  "size_y": 64,
  "size_z": 37,
  "snr": 1.9718030933042283,
  "spacing_tr": 2.0,
  "spacing_x": 3.0,
  "spacing_y": 3.000000238418579,
  "spacing_z": 3.75,
  "summary_bg_k": 41.08603563362617,
  "summary_bg_mad": 0.34950410530554377,
  "summary_bg_mean": 14.43332576751709,
  "summary_bg_median": 0.2370881736278534,
  "summary_bg_n": 90264.0,
  "summary_bg_p05": 0.0,
  "summary_bg_p95": 83.93763694763182,
  "summary_bg_stdv": 44.819480895996094,
  "summary_fg_k": 3.2493217222619775,
  "summary_fg_mad": 159.97148083294124,
  "summary_fg_mean": 446.2751159667969,
  "summary_fg_median": 396.67333984375,
  "summary_fg_n": 27022.0,
  "summary_fg_p05": 219.57840499877932,
  "summary_fg_p95": 847.8783416748046,
  "summary_fg_stdv": 201.16917419433594,
  "tsnr": 51.716064453125
}