{
  "aor": 0.002391285347043702,
  "aqi": 0.006652038560411311,
  "bids_meta": {
    "AcquisitionMatrixPE": 64,
    "AcquisitionNumber": 1,
    "AcquisitionTime": "17:17:37.580000",
    "BandwidthPerPixelPhaseEncode": 58.962,
    "BaseResolution": 64,
    "BodyPartExamined": "HEAD",
    "ConsistencyInfo": "N4_VE11C_LATEST_20160120",
    "ConversionSoftware": "dcm2niix",
    "ConversionSoftwareVersion": "v1.0.20181125  GCC5.3.1",
    "DerivedVendorReportedEchoSpacing": 0.000530002,
    "DeviceSerialNumber": "167013",
    "DwellTime": 3.5e-06,
    "EchoTime": 0.03,
    "EchoTrainLength": 31,
    "EffectiveEchoSpacing": 0.000265001,
    "FlipAngle": 90,
    "ImageOrientationPatientDICOM": [
      0.999125,
      0.038659,
      -0.0159821,
      -0.0364617,
      0.992068,
      0.1203
    ],
    "ImageType": [
      "ORIGINAL",
      "PRIMARY",
      "M",
      "ND",
      "MOSAIC"
    ],
    "ImagingFrequency": 123.249,
    "InPlanePhaseEncodingDirectionDICOM": "COL",
    "InstitutionAddress": "Whiteknights_Campus_StreetNo_Reading_District_GB_RG6_7BE",
    "InstitutionName": "UoR",
    "InstitutionalDepartmentName": "Department",
    "MRAcquisitionType": "2D",
    "MagneticFieldStrength": 3,
    "Manufacturer": "Siemens",
    "ManufacturersModelName": "Prisma_fit",
    "Modality": "MR",
    "ParallelReductionFactorInPlane": 2,
    "PartialFourier": 1,
    "PatientPosition": "HFS",
    "PercentPhaseFOV": 100,
    "PhaseEncodingDirection": "j",
    "PhaseEncodingSteps": 63,
    "PhaseResolution": 1,
    "PixelBandwidth": 2230,
    "ProcedureStepDescription": "head_Kou_Murayama",
    "ProtocolName": "ep2d_bold_PtoA_iPAT2_MagicTrick_Run1",
    "PulseSequenceDetails": "%SiemensSeq%_ep2d_bold",
    "ReceiveCoilActiveElements": "HEA;HEP",
    "ReceiveCoilName": "Head_32",
    "ReconMatrixPE": 64,
    "RepetitionTime": 2,
    "SAR": 0.138722,
    "ScanOptions": "FS",
    "ScanningSequence": "EP",
    "SequenceName": "_epfid2d1_64",
    "SequenceVariant": "SK",
    "SeriesDescription": "ep2d_bold_PtoA_iPAT2_MagicTrick_Run1",
    "SeriesNumber": 9,
    "ShimSetting": [
      3371,
      -11993,
      11499,
      429,
      -113,
      -168,
      4,
      38
    ],
    "SliceThickness": 3,
    "SliceTiming": [
      0,
      1.0175,
      0.055,
      1.07,
      0.1075,
      1.125,
      0.1625,
      1.1775,
      0.215,
      1.2325,
      0.2675,
      1.285,
      0.3225,
      1.3375,
      0.375,
      1.3925,
      0.43,
      1.445,
      0.4825,
      1.5,
      0.535,
      1.5525,
      0.59,
      1.605,
      0.6425,
      1.66,
      0.6975,
      1.7125,
      0.75,
      1.7675,
      0.8025,
      1.82,
      0.8575,
      1.875,
      0.91,
      1.9275,
      0.965
    ],
    "SoftwareVersions": "syngo_MR_E11",
    "SpacingBetweenSlices": 3.75,
    "StationName": "AWP167013",
    "TaskName": "magictrickwatching",
    "TotalReadoutTime": 0.0166951,
    "TxRefAmp": 264.774,
    "dataset": "<unset>",
    "modality": "bold",
    "run_id": 1,
    "subject_id": "experimental010",
    "task_id": "magictrickwatching"
  },
  "dummy_trs": 0,
  "dvars_nstd": 30.303725370618572,
  "dvars_std": 1.124571006572166,
  "dvars_vstd": 0.990387847912371,
  "efc": 0.4922152112738121,
  "fber": 574682.8125,
  "fd_mean": 0.17382400315195315,
  "fd_num": 12,
  "fd_perc": 3.0848329048843186,
  "fwhm_avg": 2.7691489841649726,
  "fwhm_x": 2.63651,
  "fwhm_y": 2.9047504616976516,
  "fwhm_z": 2.766186490797266,
  "gcor": 0.0121924,
  "gsr_x": 0.030387576669454575,
  "gsr_y": 0.04240863770246506,
  "provenance": {
    "md5sum": "cace144733048e71768a4e8dbe5f5e85",
    "settings": {
      "fd_thres": 0.5,
      "testing": false
    },
    "software": "mriqc",
    "version": "0.16.1",
    "webapi_port": null,
    "webapi_url": "https://mriqc.nimh.nih.gov/api/v1"
  },
  "size_t": 389,
  "size_x": 64,
  "size_y": 64,
  "size_z": 37,
  "snr": 2.328995109957838,
  "spacing_tr": 2.0,
  "spacing_x": 3.0,
  "spacing_y": 2.999999523162842,
  "spacing_z": 3.750000238418579,
  "summary_bg_k": 26.700614617985376,
  "summary_bg_mad": 0.6850130719472061,
  "summary_bg_mean": 16.335420608520508,
  "summary_bg_median": 0.47713005542755127,
  "summary_bg_n": 84060.0,
  "summary_bg_p05": 0.006035669054836035,
  "summary_bg_p95": 96.15554199218754,
  "summary_bg_stdv": 45.07112121582031,
  "summary_fg_k": 1.2543177512167043,
  "summary_fg_mad": 150.4910477289604,
  "summary_fg_mean": 411.0574951171875,
  "summary_fg_median": 380.1088562011719,
  "summary_fg_n": 32127.0,
  "summary_fg_p05": 207.9537811279297,
  "summary_fg_p95": 728.3293457031249,
  "summary_fg_stdv": 163.20469665527344,
  "tsnr": 39.100040435791016
}