{
  "aor": 0.0016992156862745097,
  "aqi": 0.012403415406162464,
  "bids_meta": {
    "AcquisitionMatrixPE": 64,
    "AcquisitionNumber": 1,
    "AcquisitionTime": "10:43:0.870000",
    "BandwidthPerPixelPhaseEncode": 58.962,
    "BaseResolution": 64,
    "BodyPartExamined": "HEAD",
    "ConsistencyInfo": "N4_VE11C_LATEST_20160120",
    "ConversionSoftware": "dcm2niix",
    "ConversionSoftwareVersion": "v1.0.20181125  GCC5.3.1",
    "DerivedVendorReportedEchoSpacing": 0.000530002,
    "DeviceSerialNumber": "167013",
    "DwellTime": 3.5e-06,
    "EchoTime": 0.03,
    "EchoTrainLength": 31,
    "EffectiveEchoSpacing": 0.000265001,
    "FlipAngle": 90,
    "ImageOrientationPatientDICOM": [
      0.998759,
      0.0282752,
      0.0410088,
      -0.029468,
      0.999151,
      0.0287788
    ],
    "ImageType": [
      "ORIGINAL",
      "PRIMARY",
      "M",
      "ND",
      "MOSAIC"
    ],
    "ImagingFrequency": 123.249,
    "InPlanePhaseEncodingDirectionDICOM": "COL",
    "InstitutionAddress": "Whiteknights_Campus_StreetNo_Reading_District_GB_RG6_7BE",
    "InstitutionName": "UoR",
    "InstitutionalDepartmentName": "Department",
    "MRAcquisitionType": "2D",
    "MagneticFieldStrength": 3,
    "Manufacturer": "Siemens",
    "ManufacturersModelName": "Prisma_fit",
    "Modality": "MR",
    "ParallelReductionFactorInPlane": 2,
    "PartialFourier": 1,
    "PatientPosition": "HFS",
    "PercentPhaseFOV": 100,
    "PhaseEncodingDirection": "j",
    "PhaseEncodingSteps": 63,
    "PhaseResolution": 1,
    "PixelBandwidth": 2230,
    "ProcedureStepDescription": "head_Kou_Murayama",
    "ProtocolName": "ep2d_bold_PtoA_iPAT2_MagicTrick_Run1",
    "PulseSequenceDetails": "%SiemensSeq%_ep2d_bold",
    "ReceiveCoilActiveElements": "HEA;HEP",
    "ReceiveCoilName": "Head_32",
    "ReconMatrixPE": 64,
    "RepetitionTime": 2,
    "SAR": 0.156774,
    "ScanOptions": "FS",
    "ScanningSequence": "EP",
    "SequenceName": "_epfid2d1_64",
    "SequenceVariant": "SK",
    "SeriesDescription": "ep2d_bold_PtoA_iPAT2_MagicTrick_Run1",
    "SeriesNumber": 9,
    "ShimSetting": [
      3383,
      -11996,
      11504,
      285,
      -102,
      -308,
      -2,
      59
    ],
    "SliceThickness": 3,
    "SliceTiming": [
      0,
      1.0175,
      0.055,
      1.07,
      0.1075,
      1.125,
      0.1625,
      1.1775,
      0.215,
      1.2325,
      0.2675,
      1.285,
      0.3225,
      1.34,
      0.375,
      1.3925,
      0.43,
      1.445,
      0.4825,
      1.5,
      0.535,
      1.5525,
      0.59,
      1.6075,
      0.6425,
      1.66,
      0.6975,
      1.7125,
      0.75,
      1.7675,
      0.8025,
      1.82,
      0.8575,
      1.875,
      0.91,
      1.9275,
      0.965
    ],
    "SoftwareVersions": "syngo_MR_E11",
    "SpacingBetweenSlices": 3.75,
    "StationName": "AWP167013",
    "TaskName": "magictrickwatching",
    "TotalReadoutTime": 0.0166951,
    "TxRefAmp": 288.502,
    "dataset": "<unset>",
    "modality": "bold",
    "run_id": 1,
    "subject_id": "experimental032",
    "task_id": "magictrickwatching"
  },
  "dummy_trs": 0,
  "dvars_nstd": 29.56837925199438,
  "dvars_std": 1.0154877360674162,
  "dvars_vstd": 0.9105976845224716,
  "efc": 0.5075465827380692,
  "fber": 172239.125,
  "fd_mean": 0.16632674474885945,
  "fd_num": 12,
  "fd_perc": 3.361344537815126,
  "fwhm_avg": 2.8746300823400706,
  "fwhm_x": 2.7204566666666667,
  "fwhm_y": 3.1082335803535446,
  "fwhm_z": 2.7952,
  "gcor": 0.0425956,
  "gsr_x": 0.03749879077076912,
  "gsr_y": 0.04851922765374184,
  "provenance": {
    "md5sum": "b480f22280722f61a39c4e97c6eb8f73",
    "settings": {
      "fd_thres": 0.5,
      "testing": false
    },
    "software": "mriqc",
    "version": "0.16.1",
    "webapi_port": null,
    "webapi_url": "https://mriqc.nimh.nih.gov/api/v1"
  },
  "size_t": 357,
  "size_x": 64,
  "size_y": 64,
  "size_z": 37,
  "snr": 2.129174718103496,
  "spacing_tr": 2.0,
  "spacing_x": 3.0,
  "spacing_y": 2.999999761581421,
  "spacing_z": 3.75,
  "summary_bg_k": 24.34751503628674,
  "summary_bg_mad": 1.2453940983011593,
  "summary_bg_mean": 25.1923885345459,
  "summary_bg_median": 0.8798630237579346,
  "summary_bg_n": 81208.0,
  "summary_bg_p05": 0.016567524522542957,
  "summary_bg_p95": 151.72577667236317,
  "summary_bg_stdv": 63.92228698730469,
  "summary_fg_k": 1.1536043514124374,
  "summary_fg_mad": 194.26066135635259,
  "summary_fg_mean": 469.6387939453125,
  "summary_fg_median": 428.8179016113281,
  "summary_fg_n": 31509.0,
  "summary_fg_p05": 220.72203369140624,
  "summary_fg_p95": 851.9398315429685,
  "summary_fg_stdv": 201.39779663085938,
  "tsnr": 29.215267181396484
}