{
  "aor": 0.0009052357320099254,
  "aqi": 0.007067657295285359,
  "bids_meta": {
    "AcquisitionMatrixPE": 64,
    "AcquisitionNumber": 1,
    "AcquisitionTime": "11:09:47.162500",
    "BandwidthPerPixelPhaseEncode": 58.962,
    "BaseResolution": 64,
    "BodyPartExamined": "HEAD",
    "ConsistencyInfo": "N4_VE11C_LATEST_20160120",
    "ConversionSoftware": "dcm2niix",
    "ConversionSoftwareVersion": "v1.0.20181125  GCC5.3.1",
    "DerivedVendorReportedEchoSpacing": 0.000530002,
    "DeviceSerialNumber": "167013",
    "DwellTime": 3.5e-06,
    "EchoTime": 0.03,
    "EchoTrainLength": 31,
    "EffectiveEchoSpacing": 0.000265001,
    "FlipAngle": 90,
    "ImageOrientationPatientDICOM": [
      0.998759,
      0.0282752,
      0.0410088,
      -0.029468,
      0.999151,
      0.0287788
    ],
    "ImageType": [
      "ORIGINAL",
      "PRIMARY",
      "M",
      "ND",
      "MOSAIC"
    ],
    "ImagingFrequency": 123.249,
    "InPlanePhaseEncodingDirectionDICOM": "COL",
    "InstitutionAddress": "Whiteknights_Campus_StreetNo_Reading_District_GB_RG6_7BE",
    "InstitutionName": "UoR",
    "InstitutionalDepartmentName": "Department",
    "MRAcquisitionType": "2D",
    "MagneticFieldStrength": 3,
    "Manufacturer": "Siemens",
    "ManufacturersModelName": "Prisma_fit",
    "Modality": "MR",
    "ParallelReductionFactorInPlane": 2,
    "PartialFourier": 1,
    "PatientPosition": "HFS",
    "PercentPhaseFOV": 100,
    "PhaseEncodingDirection": "j",
    "PhaseEncodingSteps": 63,
    "PhaseResolution": 1,
    "PixelBandwidth": 2230,
    "ProcedureStepDescription": "head_Kou_Murayama",
    "ProtocolName": "ep2d_bold_PtoA_iPAT2_MagicTrick_Run3",
    "PulseSequenceDetails": "%SiemensSeq%_ep2d_bold",
    "ReceiveCoilActiveElements": "HEA;HEP",
    "ReceiveCoilName": "Head_32",
    "ReconMatrixPE": 64,
    "RepetitionTime": 2,
    "SAR": 0.156774,
    "ScanOptions": "FS",
    "ScanningSequence": "EP",
    "SequenceName": "_epfid2d1_64",
    "SequenceVariant": "SK",
    "SeriesDescription": "ep2d_bold_PtoA_iPAT2_MagicTrick_Run3",
    "SeriesNumber": 11,
    "ShimSetting": [
      3383,
      -11996,
      11504,
      285,
      -102,
      -308,
      -2,
      59
    ],
    "SliceThickness": 3,
    "SliceTiming": [
      0,
      1.015,
      0.0525,
      1.07,
      0.1075,
      1.1225,
      0.16,
      1.1775,
      0.2125,
      1.23,
      0.2675,
      1.285,
      0.32,
      1.3375,
      0.375,
      1.39,
      0.4275,
      1.445,
      0.48,
      1.4975,
      0.535,
      1.5525,
      0.5875,
      1.605,
      0.6425,
      1.6575,
      0.695,
      1.7125,
      0.7475,
      1.765,
      0.8025,
      1.82,
      0.855,
      1.8725,
      0.91,
      1.925,
      0.9625
    ],
    "SoftwareVersions": "syngo_MR_E11",
    "SpacingBetweenSlices": 3.75,
    "StationName": "AWP167013",
    "TaskName": "magictrickwatching",
    "TotalReadoutTime": 0.0166951,
    "TxRefAmp": 288.502,
    "dataset": "<unset>",
    "modality": "bold",
    "run_id": 3,
    "subject_id": "experimental032",
    "task_id": "magictrickwatching"
  },
  "dummy_trs": 0,
  "dvars_nstd": 28.314059708358247,
  "dvars_std": 1.1219622451990046,
  "dvars_vstd": 0.9691864945024875,
  "efc": 0.5060401949754298,
  "fber": 505738.8125,
  "fd_mean": 0.12020710418291014,
  "fd_num": 5,
  "fd_perc": 1.2406947890818858,
  "fwhm_avg": 2.8497834148398216,
  "fwhm_x": 2.688423333333333,
  "fwhm_y": 3.0767669111861315,
  "fwhm_z": 2.78416,
  "gcor": 0.0314219,
  "gsr_x": 0.04282623901963234,
  "gsr_y": 0.04067511111497879,
  "provenance": {
    "md5sum": "6e3140e3d74bfbf5629ce750c0a6a8b9",
    "settings": {
      "fd_thres": 0.5,
      "testing": false
    },
    "software": "mriqc",
    "version": "0.16.1",
    "webapi_port": null,
    "webapi_url": "https://mriqc.nimh.nih.gov/api/v1"
  },
  "size_t": 403,
  "size_x": 64,
  "size_y": 64,
  "size_z": 37,
  "snr": 2.1242314151665913,
  "spacing_tr": 2.0,
  "spacing_x": 3.0,
  "spacing_y": 2.999999761581421,
  "spacing_z": 3.75,
  "summary_bg_k": 23.34601295773724,
  "summary_bg_mad": 0.728345097633224,
  "summary_bg_mean": 24.41858673095703,
  "summary_bg_median": 0.503796398639679,
  "summary_bg_n": 81276.0,
  "summary_bg_p05": 0.004682590835727751,
  "summary_bg_p95": 154.03327560424805,
  "summary_bg_stdv": 64.51615142822266,
  "summary_fg_k": 0.9259118062942164,
  "summary_fg_mad": 189.73145817400803,
  "summary_fg_mean": 456.4582214355469,
  "summary_fg_median": 416.904541015625,
  "summary_fg_n": 31787.0,
  "summary_fg_p05": 211.83915100097656,
  "summary_fg_p95": 828.5585998535153,
  "summary_fg_stdv": 196.25827026367188,
  "tsnr": 42.817405700683594
}