{
  "aor": 0.0016408831168831168,
  "aqi": 0.0033546417922077918,
  "bids_meta": {
    "AcquisitionMatrixPE": 64,
    "AcquisitionNumber": 1,
    "AcquisitionTime": "16:08:50.982500",
    "BandwidthPerPixelPhaseEncode": 58.962,
    "BaseResolution": 64,
    "BodyPartExamined": "HEAD",
    "ConsistencyInfo": "N4_VE11C_LATEST_20160120",
    "ConversionSoftware": "dcm2niix",
    "ConversionSoftwareVersion": "v1.0.20181125  GCC5.3.1",
    "DerivedVendorReportedEchoSpacing": 0.000530002,
    "DeviceSerialNumber": "167013",
    "DwellTime": 3.5e-06,
    "EchoTime": 0.03,
    "EchoTrainLength": 31,
    "EffectiveEchoSpacing": 0.000265001,
    "FlipAngle": 90,
    "ImageOrientationPatientDICOM": [
      0.99363,
      0.112427,
      0.00776271,
      -0.112507,
      0.993592,
      0.0108326
    ],
    "ImageType": [
      "ORIGINAL",
      "PRIMARY",
      "M",
      "ND",
      "MOSAIC"
    ],
    "ImagingFrequency": 123.249,
    "InPlanePhaseEncodingDirectionDICOM": "COL",
    "InstitutionAddress": "Whiteknights_Campus_StreetNo_Reading_District_GB_RG6_7BE",
    "InstitutionName": "UoR",
    "InstitutionalDepartmentName": "Department",
    "MRAcquisitionType": "2D",
    "MagneticFieldStrength": 3,
    "Manufacturer": "Siemens",
    "ManufacturersModelName": "Prisma_fit",
    "Modality": "MR",
    "ParallelReductionFactorInPlane": 2,
    "PartialFourier": 1,
    "PatientPosition": "HFS",
    "PercentPhaseFOV": 100,
    "PhaseEncodingDirection": "j",
    "PhaseEncodingSteps": 63,
    "PhaseResolution": 1,
    "PixelBandwidth": 2230,
    "ProcedureStepDescription": "head_Kou_Murayama",
    "ProtocolName": "ep2d_bold_PtoA_iPAT2_MagicTrick_Run1",
    "PulseSequenceDetails": "%SiemensSeq%_ep2d_bold",
    "ReceiveCoilActiveElements": "HEA;HEP",
    "ReceiveCoilName": "Head_32",
    "ReconMatrixPE": 64,
    "RepetitionTime": 2,
    "SAR": 0.1059,
    "ScanOptions": "FS",
    "ScanningSequence": "EP",
    "SequenceName": "_epfid2d1_64",
    "SequenceVariant": "SK",
    "SeriesDescription": "ep2d_bold_PtoA_iPAT2_MagicTrick_Run1",
    "SeriesNumber": 9,
    "ShimSetting": [
      3350,
      -11928,
      11185,
      381,
      -207,
      -306,
      -576,
      184
    ],
    "SliceThickness": 3,
    "SliceTiming": [
      0,
      1.015,
      0.0525,
      1.07,
      0.1075,
      1.1225,
      0.16,
      1.1775,
      0.2125,
      1.23,
      0.2675,
      1.2825,
      0.32,
      1.3375,
      0.375,
      1.39,
      0.4275,
      1.445,
      0.48,
      1.4975,
      0.535,
      1.55,
      0.5875,
      1.605,
      0.6425,
      1.6575,
      0.695,
      1.7125,
      0.7475,
      1.765,
      0.8025,
      1.8175,
      0.855,
      1.8725,
      0.91,
      1.925,
      0.9625
    ],
    "SoftwareVersions": "syngo_MR_E11",
    "SpacingBetweenSlices": 3.75,
    "StationName": "AWP167013",
    "TaskName": "magictrickwatching",
    "TotalReadoutTime": 0.0166951,
    "TxRefAmp": 221.517,
    "dataset": "<unset>",
    "modality": "bold",
    "run_id": 1,
    "subject_id": "control035",
    "task_id": "magictrickwatching"
  },
  "dummy_trs": 0,
  "dvars_nstd": 26.706489965,
  "dvars_std": 1.1554676441927088,
  "dvars_vstd": 1.0018267990104157,
  "efc": 0.4426484138531585,
  "fber": 5991417.0,
  "fd_mean": 0.17531111336594882,
  "fd_num": 7,
  "fd_perc": 1.8181818181818181,
  "fwhm_avg": 2.7235055311605465,
  "fwhm_x": 2.6432968767370286,
  "fwhm_y": 2.852126213333414,
  "fwhm_z": 2.6750935034111976,
  "gcor": 0.0129291,
  "gsr_x": 0.024472713470458984,
  "gsr_y": 0.0109470896422863,
  "provenance": {
    "md5sum": "8b746dd00c30f41352f959b0d96e2a6f",
    "settings": {
      "fd_thres": 0.5,
      "testing": false
    },
    "software": "mriqc",
    "version": "0.16.1",
    "webapi_port": null,
    "webapi_url": "https://mriqc.nimh.nih.gov/api/v1"
  },
  "size_t": 385,
  "size_x": 64,
  "size_y": 64,
  "size_z": 37,
  "snr": 2.4796784187369796,
  "spacing_tr": 2.0,
  "spacing_x": 2.999999761581421,
  "spacing_y": 3.000000476837158,
  "spacing_z": 3.749999761581421,
  "summary_bg_k": 49.208016140076786,
  "summary_bg_mad": 0.24844273918218135,
  "summary_bg_mean": 11.891810417175293,
  "summary_bg_median": 0.17926344275474548,
  "summary_bg_n": 91701.0,
  "summary_bg_p05": 0.0016722561558708549,
  "summary_bg_p95": 73.34642028808594,
  "summary_bg_stdv": 39.651573181152344,
  "summary_fg_k": 0.7686084353758074,
  "summary_fg_mad": 168.28544153105986,
  "summary_fg_mean": 477.99212646484375,
  "summary_fg_median": 441.2200012207031,
  "summary_fg_n": 26211.0,
  "summary_fg_p05": 256.4828186035156,
  "summary_fg_p95": 824.1367797851562,
  "summary_fg_stdv": 177.93096923828125,
  "tsnr": 59.23296356201172
}