{
  "bids_meta": {
    "AcquisitionMatrixPE": 256,
    "AcquisitionNumber": 1,
    "AcquisitionTime": "15:49:1.462500",
    "BaseResolution": 256,
    "BodyPartExamined": "HEAD",
    "ConsistencyInfo": "N4_VE11C_LATEST_20160120",
    "ConversionSoftware": "dcm2niix",
    "ConversionSoftwareVersion": "v1.0.20181125  GCC5.3.1",
    "DeviceSerialNumber": "167013",
    "DwellTime": 9.8e-06,
    "EchoTime": 0.00229,
    "FlipAngle": 8,
    "ImageOrientationPatientDICOM": [
      0.00944222,
      0.943092,
      0.332397,
      0.0886128,
      0.330315,
      -0.939702
    ],
    "ImageType": [
      "ORIGINAL",
      "PRIMARY",
      "M",
      "ND",
      "NORM"
    ],
    "ImagingFrequency": 123.249,
    "InPlanePhaseEncodingDirectionDICOM": "ROW",
    "InstitutionAddress": "Whiteknights_Campus_StreetNo_Reading_District_GB_RG6_7BE",
    "InstitutionName": "UoR",
    "InstitutionalDepartmentName": "Department",
    "InversionTime": 0.9,
    "MRAcquisitionType": "3D",
    "MagneticFieldStrength": 3,
    "Manufacturer": "Siemens",
    "ManufacturersModelName": "Prisma_fit",
    "Modality": "MR",
    "PartialFourier": 1,
    "PatientPosition": "HFS",
    "PercentPhaseFOV": 100,
    "PhaseEncodingSteps": 255,
    "PhaseResolution": 1,
    "PixelBandwidth": 200,
    "ProcedureStepDescription": "head_Kou_Murayama",
    "ProtocolName": "t1_mprage_sag_p2_iso_192",
    "PulseSequenceDetails": "%SiemensSeq%_tfl",
    "ReceiveCoilActiveElements": "HEA;HEP",
    "ReceiveCoilName": "Head_32",
    "ReconMatrixPE": 256,
    "RepetitionTime": 2.3,
    "SAR": 0.0556828,
    "ScanOptions": "IR",
    "ScanningSequence": "GR_IR",
    "SequenceName": "_tfl3d1_16ns",
    "SequenceVariant": "SK_SP_MP",
    "SeriesDescription": "t1_mprage_sag_p2_iso_192",
    "SeriesNumber": 13,
    "ShimSetting": [
      3382,
      -11946,
      11206,
      -4,
      -40,
      -152,
      -34,
      21
    ],
    "SliceThickness": 0.94,
    "SoftwareVersions": "syngo_MR_E11",
    "StationName": "AWP167013",
    "TxRefAmp": 240.398,
    "dataset": "<unset>",
    "modality": "T1w",
    "rec_id": "NORM",
    "subject_id": "control033"
  },
  "cjv": 0.37647973481039837,
  "cnr": 3.44140362403074,
  "efc": 0.5373815923169619,
  "fber": 7955.26775147929,
  "fwhm_avg": 3.6940116041514126,
  "fwhm_x": 3.6832403812069345,
  "fwhm_y": 3.695968,
  "fwhm_z": 3.7028264312473023,
  "icvs_csf": 0.20603701658203913,
  "icvs_gm": 0.4073957414481932,
  "icvs_wm": 0.3865672419697677,
  "inu_med": 1.249602198600769,
  "inu_range": 0.32197315692901607,
  "provenance": {
    "md5sum": "45ee8dd13ab40120986af929f3bb6990",
    "settings": {
      "testing": false
    },
    "software": "mriqc",
    "version": "0.16.1",
    "warnings": {
      "large_rot_frame": true,
      "small_air_mask": false
    },
    "webapi_port": null,
    "webapi_url": "https://mriqc.nimh.nih.gov/api/v1"
  },
  "qi_1": 0.0,
  "qi_2": 0.004741330803619671,
  "rpve_csf": 26.819665512768754,
  "rpve_gm": 14.095551398727284,
  "rpve_wm": 18.25908153669122,
  "size_x": 192,
  "size_y": 256,
  "size_z": 256,
  "snr_csf": 3.589708729285347,
  "snr_gm": 11.640373095079287,
  "snr_total": 12.18070529894017,
  "snr_wm": 21.312034072455877,
  "snrd_csf": 44.36389724052885,
  "snrd_gm": 78.0659563241588,
  "snrd_total": 76.67799120809066,
  "snrd_wm": 107.60412005958435,
  "spacing_x": 0.9400038123130798,
  "spacing_y": 0.9375,
  "spacing_z": 0.9375000596046448,
  "summary_bg_k": 207.50009194120335,
  "summary_bg_mad": 6.088394987461954,
  "summary_bg_mean": 7.375312846289747,
  "summary_bg_median": 4.10656001418829,
  "summary_bg_n": 2823156.0,
  "summary_bg_p05": 0.0,
  "summary_bg_p95": 20.848689302802086,
  "summary_bg_stdv": 16.635329782376377,
  "summary_csf_k": -0.478375118285411,
  "summary_csf_mad": 117.27965985463572,
  "summary_csf_mean": 394.9842635678804,
  "summary_csf_median": 412.28809578344226,
  "summary_csf_n": 17108.0,
  "summary_csf_p05": 200.7844605911523,
  "summary_csf_p95": 565.4943732358515,
  "summary_csf_stdv": 114.84944242793217,
  "summary_gm_k": 0.01866787159578731,
  "summary_gm_mad": 60.96200622061264,
  "summary_gm_mean": 726.0286731955092,
  "summary_gm_median": 725.4922691732645,
  "summary_gm_n": 18922.0,
  "summary_gm_p05": 622.0938263544813,
  "summary_gm_p95": 830.736031588167,
  "summary_gm_stdv": 62.32386989592833,
  "summary_wm_k": 0.8095385567852436,
  "summary_wm_mad": 42.38459587425437,
  "summary_wm_mean": 997.7630781233123,
  "summary_wm_median": 1000.0000116601586,
  "summary_wm_n": 228928.0,
  "summary_wm_p05": 915.7628831639886,
  "summary_wm_p95": 1069.8115319013596,
  "summary_wm_stdv": 46.92174497118279,
  "tpm_overlap_csf": 0.16232745349407196,
  "tpm_overlap_gm": 0.4202874004840851,
  "tpm_overlap_wm": 0.48671984672546387,
  "wm2max": 0.39931044631782536
}