{
  "aor": 0.00027823529411764706,
  "aqi": 0.002157847928388747,
  "bids_meta": {
    "AcquisitionMatrixPE": 64,
    "AcquisitionNumber": 1,
    "AcquisitionTime": "14:54:42.980000",
    "BandwidthPerPixelPhaseEncode": 58.962,
    "BaseResolution": 64,
    "BodyPartExamined": "HEAD",
    "ConsistencyInfo": "N4_VE11C_LATEST_20160120",
    "ConversionSoftware": "dcm2niix",
    "ConversionSoftwareVersion": "v1.0.20181125  GCC5.3.1",
    "DerivedVendorReportedEchoSpacing": 0.000530002,
    "DeviceSerialNumber": "167013",
    "DwellTime": 3.5e-06,
    "EchoTime": 0.03,
    "EchoTrainLength": 31,
    "EffectiveEchoSpacing": 0.000265001,
    "FlipAngle": 90,
    "ImageOrientationPatientDICOM": [
      0.996021,
      -0.0383455,
      0.0804485,
      0.0260818,
      0.988599,
      0.148297
    ],
    "ImageType": [
      "ORIGINAL",
      "PRIMARY",
      "M",
      "ND",
      "MOSAIC"
    ],
    "ImagingFrequency": 123.249,
    "InPlanePhaseEncodingDirectionDICOM": "COL",
    "InstitutionAddress": "Whiteknights_Campus_StreetNo_Reading_District_GB_RG6_7BE",
    "InstitutionName": "UoR",
    "InstitutionalDepartmentName": "Department",
    "MRAcquisitionType": "2D",
    "MagneticFieldStrength": 3,
    "Manufacturer": "Siemens",
    "ManufacturersModelName": "Prisma_fit",
    "Modality": "MR",
    "ParallelReductionFactorInPlane": 2,
    "PartialFourier": 1,
    "PatientPosition": "HFS",
    "PercentPhaseFOV": 100,
    "PhaseEncodingDirection": "j",
    "PhaseEncodingSteps": 63,
    "PhaseResolution": 1,
    "PixelBandwidth": 2230,
    "ProcedureStepDescription": "head_Kou_Murayama",
    "ProtocolName": "ep2d_bold_PtoA_iPAT2_MagicTrick_Run1",
    "PulseSequenceDetails": "%SiemensSeq%_ep2d_bold",
    "ReceiveCoilActiveElements": "HEA;HEP",
    "ReceiveCoilName": "Head_32",
    "ReconMatrixPE": 64,
    "RepetitionTime": 2,
    "SAR": 0.115034,
    "ScanOptions": "FS",
    "ScanningSequence": "EP",
    "SequenceName": "_epfid2d1_64",
    "SequenceVariant": "SK",
    "SeriesDescription": "ep2d_bold_PtoA_iPAT2_MagicTrick_Run1",
    "SeriesNumber": 9,
    "ShimSetting": [
      3395,
      -11990,
      11478,
      414,
      -64,
      -233,
      42,
      32
    ],
    "SliceThickness": 3,
    "SliceTiming": [
      0,
      1.0175,
      0.055,
      1.07,
      0.1075,
      1.125,
      0.16,
      1.1775,
      0.215,
      1.2325,
      0.2675,
      1.285,
      0.3225,
      1.3375,
      0.375,
      1.3925,
      0.4275,
      1.445,
      0.4825,
      1.5,
      0.535,
      1.5525,
      0.59,
      1.605,
      0.6425,
      1.66,
      0.6975,
      1.7125,
      0.75,
      1.7675,
      0.8025,
      1.82,
      0.8575,
      1.8725,
      0.91,
      1.9275,
      0.965
    ],
    "SoftwareVersions": "syngo_MR_E11",
    "SpacingBetweenSlices": 3.75,
    "StationName": "AWP167013",
    "TaskName": "magictrickwatching",
    "TotalReadoutTime": 0.0166951,
    "TxRefAmp": 240.398,
    "dataset": "<unset>",
    "modality": "bold",
    "run_id": 1,
    "subject_id": "control033",
    "task_id": "magictrickwatching"
  },
  "dummy_trs": 0,
  "dvars_nstd": 27.74509918987179,
  "dvars_std": 1.2474883353846153,
  "dvars_vstd": 0.9980961994102561,
  "efc": 0.4590050732156109,
  "fber": 43978936.0,
  "fd_mean": 0.06674191560586555,
  "fd_num": 0,
  "fd_perc": 0.0,
  "fwhm_avg": 2.826560026595974,
  "fwhm_x": 2.6172397920004693,
  "fwhm_y": 3.0731330891026585,
  "fwhm_z": 2.7893071986847935,
  "gcor": 0.0574518,
  "gsr_x": 0.02580934204161167,
  "gsr_y": 0.03534417971968651,
  "provenance": {
    "md5sum": "0c0f1bc96afc78783f2b8a877dcedd83",
    "settings": {
      "fd_thres": 0.5,
      "testing": false
    },
    "software": "mriqc",
    "version": "0.16.1",
    "webapi_port": null,
    "webapi_url": "https://mriqc.nimh.nih.gov/api/v1"
  },
  "size_t": 391,
  "size_x": 64,
  "size_y": 64,
  "size_z": 37,
  "snr": 2.4361499261551747,
  "spacing_tr": 2.0,
  "spacing_x": 3.000000238418579,
  "spacing_y": 3.000000238418579,
  "spacing_z": 3.7499992847442627,
  "summary_bg_k": 35.12849613151755,
  "summary_bg_mad": 0.08336091809753166,
  "summary_bg_mean": 15.24116039276123,
  "summary_bg_median": 0.05781305208802223,
  "summary_bg_n": 88307.0,
  "summary_bg_p05": 0.0002877024642657489,
  "summary_bg_p95": 93.3715476989745,
  "summary_bg_stdv": 44.96913146972656,
  "summary_fg_k": 0.5316527620661602,
  "summary_fg_mad": 167.23595118195868,
  "summary_fg_mean": 452.2833557128906,
  "summary_fg_median": 420.7882080078125,
  "summary_fg_n": 26836.0,
  "summary_fg_p05": 226.17178344726562,
  "summary_fg_p95": 779.3060760498047,
  "summary_fg_stdv": 172.7235107421875,
  "tsnr": 69.15240478515625
}