{
  "aor": 0.001311432291666667,
  "aqi": 0.0030060744531250003,
  "bids_meta": {
    "AcquisitionMatrixPE": 64,
    "AcquisitionNumber": 1,
    "AcquisitionTime": "16:58:22.095000",
    "BandwidthPerPixelPhaseEncode": 58.962,
    "BaseResolution": 64,
    "BodyPartExamined": "HEAD",
    "ConsistencyInfo": "N4_VE11C_LATEST_20160120",
    "ConversionSoftware": "dcm2niix",
    "ConversionSoftwareVersion": "v1.0.20181125  GCC5.3.1",
    "DerivedVendorReportedEchoSpacing": 0.000530002,
    "DeviceSerialNumber": "167013",
    "DwellTime": 3.5e-06,
    "EchoTime": 0.03,
    "EchoTrainLength": 31,
    "EffectiveEchoSpacing": 0.000265001,
    "FlipAngle": 90,
    "ImageOrientationPatientDICOM": [
      0.995663,
      -0.0618624,
      0.0694916,
      0.0551433,
      0.993971,
      0.0947649
    ],
    "ImageType": [
      "ORIGINAL",
      "PRIMARY",
      "M",
      "ND",
      "MOSAIC"
    ],
    "ImagingFrequency": 123.249,
    "InPlanePhaseEncodingDirectionDICOM": "COL",
    "InstitutionAddress": "Whiteknights_Campus_StreetNo_Reading_District_GB_RG6_7BE",
    "InstitutionName": "UoR",
    "InstitutionalDepartmentName": "Department",
    "MRAcquisitionType": "2D",
    "MagneticFieldStrength": 3,
    "Manufacturer": "Siemens",
    "ManufacturersModelName": "Prisma_fit",
    "Modality": "MR",
    "ParallelReductionFactorInPlane": 2,
    "PartialFourier": 1,
    "PatientPosition": "HFS",
    "PercentPhaseFOV": 100,
    "PhaseEncodingDirection": "j",
    "PhaseEncodingSteps": 63,
    "PhaseResolution": 1,
    "PixelBandwidth": 2230,
    "ProcedureStepDescription": "head_Kou_Murayama",
    "ProtocolName": "ep2d_bold_PtoA_iPAT2_MagicTrick_Run2",
    "PulseSequenceDetails": "%SiemensSeq%_ep2d_bold",
    "ReceiveCoilActiveElements": "HEA;HEP",
    "ReceiveCoilName": "Head_32",
    "ReconMatrixPE": 64,
    "RepetitionTime": 2,
    "SAR": 0.0990438,
    "ScanOptions": "FS",
    "ScanningSequence": "EP",
    "SequenceName": "_epfid2d1_64",
    "SequenceVariant": "SK",
    "SeriesDescription": "ep2d_bold_PtoA_iPAT2_MagicTrick_Run2",
    "SeriesNumber": 10,
    "ShimSetting": [
      3378,
      -11986,
      11489,
      420,
      -79,
      -216,
      40,
      4
    ],
    "SliceThickness": 3,
    "SliceTiming": [
      0,
      1.0175,
      0.055,
      1.07,
      0.1075,
      1.125,
      0.16,
      1.1775,
      0.215,
      1.2325,
      0.2675,
      1.285,
      0.3225,
      1.3375,
      0.375,
      1.3925,
      0.4275,
      1.445,
      0.4825,
      1.5,
      0.535,
      1.5525,
      0.59,
      1.605,
      0.6425,
      1.66,
      0.6975,
      1.7125,
      0.75,
      1.7675,
      0.8025,
      1.82,
      0.8575,
      1.8725,
      0.91,
      1.9275,
      0.965
    ],
    "SoftwareVersions": "syngo_MR_E11",
    "SpacingBetweenSlices": 3.75,
    "StationName": "AWP167013",
    "TaskName": "magictrickwatching",
    "TotalReadoutTime": 0.0166951,
    "TxRefAmp": 243.045,
    "dataset": "<unset>",
    "modality": "bold",
    "run_id": 2,
    "subject_id": "experimental050",
    "task_id": "magictrickwatching"
  },
  "dummy_trs": 0,
  "dvars_nstd": 24.502407113785917,
  "dvars_std": 1.1403666377023505,
  "dvars_vstd": 0.9973003640208871,
  "efc": 0.4906891084582642,
  "fber": 629657.8125,
  "fd_mean": 0.13445984126948343,
  "fd_num": 5,
  "fd_perc": 1.3020833333333333,
  "fwhm_avg": 2.7717660325936273,
  "fwhm_x": 2.741493333333333,
  "fwhm_y": 2.933079766899763,
  "fwhm_z": 2.640724997547786,
  "gcor": 0.0218705,
  "gsr_x": 0.007445647846907377,
  "gsr_y": 0.0450400710105896,
  "provenance": {
    "md5sum": "4afb7fe659a4d383b9435b593d02717a",
    "settings": {
      "fd_thres": 0.5,
      "testing": false
    },
    "software": "mriqc",
    "version": "0.16.1",
    "webapi_port": null,
    "webapi_url": "https://mriqc.nimh.nih.gov/api/v1"
  },
  "size_t": 384,
  "size_x": 64,
  "size_y": 64,
  "size_z": 37,
  "snr": 2.638336715214158,
  "spacing_tr": 2.0,
  "spacing_x": 3.0,
  "spacing_y": 3.000000238418579,
  "spacing_z": 3.750000476837158,
  "summary_bg_k": 24.015865621598557,
  "summary_bg_mad": 0.7392324330642782,
  "summary_bg_mean": 19.991811752319336,
  "summary_bg_median": 0.49863359332084656,
  "summary_bg_n": 84399.0,
  "summary_bg_p05": 0.0,
  "summary_bg_p95": 126.16365203857379,
  "summary_bg_stdv": 52.59065246582031,
  "summary_fg_k": -0.1283797932662889,
  "summary_fg_mad": 193.9398260190899,
  "summary_fg_mean": 521.5302734375,
  "summary_fg_median": 491.477783203125,
  "summary_fg_n": 29599.0,
  "summary_fg_p05": 267.19716186523436,
  "summary_fg_p95": 865.9455932617186,
  "summary_fg_stdv": 186.28004455566406,
  "tsnr": 57.17809295654297
}