{
  "aor": 0.0010681428571428571,
  "aqi": 0.002550323594285714,
  "bids_meta": {
    "AcquisitionMatrixPE": 64,
    "AcquisitionNumber": 1,
    "AcquisitionTime": "10:16:51.535000",
    "BandwidthPerPixelPhaseEncode": 58.962,
    "BaseResolution": 64,
    "BodyPartExamined": "HEAD",
    "ConsistencyInfo": "N4_VE11C_LATEST_20160120",
    "ConversionSoftware": "dcm2niix",
    "ConversionSoftwareVersion": "v1.0.20181125  GCC5.3.1",
    "DerivedVendorReportedEchoSpacing": 0.000530002,
    "DeviceSerialNumber": "167013",
    "DwellTime": 3.5e-06,
    "EchoTime": 0.03,
    "EchoTrainLength": 31,
    "EffectiveEchoSpacing": 0.000265001,
    "FlipAngle": 90,
    "ImageOrientationPatientDICOM": [
      0.999509,
      0.0242512,
      0.0198277,
      -0.0249511,
      0.999046,
      0.0358482
    ],
    "ImageType": [
      "ORIGINAL",
      "PRIMARY",
      "M",
      "ND",
      "MOSAIC"
    ],
    "ImagingFrequency": 123.249,
    "InPlanePhaseEncodingDirectionDICOM": "COL",
    "InstitutionAddress": "Whiteknights_Campus_StreetNo_Reading_District_GB_RG6_7BE",
    "InstitutionName": "UoR",
    "InstitutionalDepartmentName": "Department",
    "MRAcquisitionType": "2D",
    "MagneticFieldStrength": 3,
    "Manufacturer": "Siemens",
    "ManufacturersModelName": "Prisma_fit",
    "Modality": "MR",
    "ParallelReductionFactorInPlane": 2,
    "PartialFourier": 1,
    "PatientPosition": "HFS",
    "PercentPhaseFOV": 100,
    "PhaseEncodingDirection": "j",
    "PhaseEncodingSteps": 63,
    "PhaseResolution": 1,
    "PixelBandwidth": 2230,
    "ProcedureStepDescription": "head_Kou_Murayama",
    "ProtocolName": "ep2d_bold_PtoA_iPAT2_MagicTrick_Run1",
    "PulseSequenceDetails": "%SiemensSeq%_ep2d_bold",
    "ReceiveCoilActiveElements": "HEA;HEP",
    "ReceiveCoilName": "Head_32",
    "ReconMatrixPE": 64,
    "RepetitionTime": 2,
    "SAR": 0.0987836,
    "ScanOptions": "FS",
    "ScanningSequence": "EP",
    "SequenceName": "_epfid2d1_64",
    "SequenceVariant": "SK",
    "SeriesDescription": "ep2d_bold_PtoA_iPAT2_MagicTrick_Run1",
    "SeriesNumber": 9,
    "ShimSetting": [
      3381,
      -11977,
      11456,
      308,
      -10,
      -98,
      29,
      -20
    ],
    "SliceThickness": 3,
    "SliceTiming": [
      0,
      1.0175,
      0.055,
      1.0725,
      0.1075,
      1.125,
      0.1625,
      1.1775,
      0.215,
      1.2325,
      0.27,
      1.285,
      0.3225,
      1.34,
      0.375,
      1.3925,
      0.43,
      1.445,
      0.4825,
      1.5,
      0.5375,
      1.5525,
      0.59,
      1.6075,
      0.6425,
      1.66,
      0.6975,
      1.7125,
      0.75,
      1.7675,
      0.805,
      1.82,
      0.8575,
      1.875,
      0.91,
      1.9275,
      0.965
    ],
    "SoftwareVersions": "syngo_MR_E11",
    "SpacingBetweenSlices": 3.75,
    "StationName": "AWP167013",
    "TaskName": "magictrickwatching",
    "TotalReadoutTime": 0.0166951,
    "TxRefAmp": 230.721,
    "dataset": "<unset>",
    "modality": "bold",
    "run_id": 1,
    "subject_id": "experimental008",
    "task_id": "magictrickwatching"
  },
  "dummy_trs": 0,
  "dvars_nstd": 26.075098436590267,
  "dvars_std": 1.1767900981948418,
  "dvars_vstd": 1.010478551489971,
  "efc": 0.44621047703920763,
  "fber": 8611842.0,
  "fd_mean": 0.10996927768896793,
  "fd_num": 1,
  "fd_perc": 0.2857142857142857,
  "fwhm_avg": 2.8545820207569244,
  "fwhm_x": 2.7048129034149007,
  "fwhm_y": 3.11464,
  "fwhm_z": 2.744293158855873,
  "gcor": 0.0174288,
  "gsr_x": 0.026194792240858078,
  "gsr_y": 0.02267390489578247,
  "provenance": {
    "md5sum": "3c10cc344178eb9907bdac02bbac9583",
    "settings": {
      "fd_thres": 0.5,
      "testing": false
    },
    "software": "mriqc",
    "version": "0.16.1",
    "webapi_port": null,
    "webapi_url": "https://mriqc.nimh.nih.gov/api/v1"
  },
  "size_t": 350,
  "size_x": 64,
  "size_y": 64,
  "size_z": 37,
  "snr": 2.5963520797283683,
  "spacing_tr": 2.0,
  "spacing_x": 3.000000476837158,
  "spacing_y": 3.0,
  "spacing_z": 3.750000238418579,
  "summary_bg_k": 52.690739006516495,
  "summary_bg_mad": 0.17713531546354355,
  "summary_bg_mean": 12.430855751037598,
  "summary_bg_median": 0.12185772508382797,
  "summary_bg_n": 91711.0,
  "summary_bg_p05": 0.0006565455114468932,
  "summary_bg_p95": 74.82374572753906,
  "summary_bg_stdv": 42.3090705871582,
  "summary_fg_k": 0.9680834296850467,
  "summary_fg_mad": 141.24267843048239,
  "summary_fg_mean": 402.3612060546875,
  "summary_fg_median": 377.93304443359375,
  "summary_fg_n": 25924.0,
  "summary_fg_p05": 210.63882904052733,
  "summary_fg_p95": 674.732760620117,
  "summary_fg_stdv": 145.56028747558594,
  "tsnr": 60.069313049316406
}