{
  "aor": 0.0011999,
  "aqi": 0.0024004720733333336,
  "bids_meta": {
    "AcquisitionMatrixPE": 64,
    "AcquisitionNumber": 1,
    "AcquisitionTime": "10:04:3.642500",
    "BandwidthPerPixelPhaseEncode": 58.962,
    "BaseResolution": 64,
    "BodyPartExamined": "HEAD",
    "ConsistencyInfo": "N4_VE11C_LATEST_20160120",
    "ConversionSoftware": "dcm2niix",
    "ConversionSoftwareVersion": "v1.0.20181125  GCC5.3.1",
    "DerivedVendorReportedEchoSpacing": 0.000530002,
    "DeviceSerialNumber": "167013",
    "DwellTime": 3.5e-06,
    "EchoTime": 0.03,
    "EchoTrainLength": 31,
    "EffectiveEchoSpacing": 0.000265001,
    "FlipAngle": 90,
    "ImageOrientationPatientDICOM": [
      0.999509,
      0.0242512,
      0.0198277,
      -0.0249511,
      0.999046,
      0.0358482
    ],
    "ImageType": [
      "ORIGINAL",
      "PRIMARY",
      "M",
      "ND",
      "MOSAIC"
    ],
    "ImagingFrequency": 123.249,
    "InPlanePhaseEncodingDirectionDICOM": "COL",
    "InstitutionAddress": "Whiteknights_Campus_StreetNo_Reading_District_GB_RG6_7BE",
    "InstitutionName": "UoR",
    "InstitutionalDepartmentName": "Department",
    "MRAcquisitionType": "2D",
    "MagneticFieldStrength": 3,
    "Manufacturer": "Siemens",
    "ManufacturersModelName": "Prisma_fit",
    "Modality": "MR",
    "ParallelReductionFactorInPlane": 2,
    "PartialFourier": 1,
    "PatientPosition": "HFS",
    "PercentPhaseFOV": 100,
    "PhaseEncodingDirection": "j",
    "PhaseEncodingSteps": 63,
    "PhaseResolution": 1,
    "PixelBandwidth": 2230,
    "ProcedureStepDescription": "head_Kou_Murayama",
    "ProtocolName": "ep2d_bold_PtoA_iPAT2_PreResting",
    "PulseSequenceDetails": "%SiemensSeq%_ep2d_bold",
    "ReceiveCoilActiveElements": "HEA;HEP",
    "ReceiveCoilName": "Head_32",
    "ReconMatrixPE": 64,
    "RepetitionTime": 2,
    "SAR": 0.0986556,
    "ScanOptions": "FS",
    "ScanningSequence": "EP",
    "SequenceName": "_epfid2d1_64",
    "SequenceVariant": "SK",
    "SeriesDescription": "ep2d_bold_PtoA_iPAT2_PreResting",
    "SeriesNumber": 6,
    "ShimSetting": [
      3381,
      -11977,
      11456,
      308,
      -10,
      -98,
      29,
      -20
    ],
    "SliceThickness": 3,
    "SliceTiming": [
      0,
      1.015,
      0.0525,
      1.07,
      0.1075,
      1.1225,
      0.16,
      1.1775,
      0.2125,
      1.23,
      0.2675,
      1.285,
      0.32,
      1.3375,
      0.375,
      1.39,
      0.4275,
      1.445,
      0.48,
      1.4975,
      0.535,
      1.5525,
      0.5875,
      1.605,
      0.6425,
      1.6575,
      0.695,
      1.7125,
      0.7475,
      1.765,
      0.8025,
      1.82,
      0.855,
      1.8725,
      0.91,
      1.925,
      0.9625
    ],
    "SoftwareVersions": "syngo_MR_E11",
    "SpacingBetweenSlices": 3.75,
    "StationName": "AWP167013",
    "TaskName": "rest",
    "TotalReadoutTime": 0.0166951,
    "TxRefAmp": 230.721,
    "dataset": "<unset>",
    "modality": "bold",
    "run_id": 1,
    "subject_id": "experimental008",
    "task_id": "rest"
  },
  "dummy_trs": 0,
  "dvars_nstd": 26.314390457023418,
  "dvars_std": 1.1670350174916384,
  "dvars_vstd": 0.999565011973244,
  "efc": 0.4440106977224047,
  "fber": 9169490.0,
  "fd_mean": 0.12317823270504467,
  "fd_num": 3,
  "fd_perc": 1.0,
  "fwhm_avg": 2.8834397952226625,
  "fwhm_x": 2.76520289381617,
  "fwhm_y": 3.1355166666666663,
  "fwhm_z": 2.7495998251851512,
  "gcor": 0.0286585,
  "gsr_x": 0.024292627349495888,
  "gsr_y": 0.023932041600346565,
  "provenance": {
    "md5sum": "36af3be90667cf4ce627b784684137ab",
    "settings": {
      "fd_thres": 0.5,
      "testing": false
    },
    "software": "mriqc",
    "version": "0.16.1",
    "webapi_port": null,
    "webapi_url": "https://mriqc.nimh.nih.gov/api/v1"
  },
  "size_t": 300,
  "size_x": 64,
  "size_y": 64,
  "size_z": 37,
  "snr": 2.559180469952687,
  "spacing_tr": 2.0,
  "spacing_x": 3.000000476837158,
  "spacing_y": 3.0,
  "spacing_z": 3.750000238418579,
  "summary_bg_k": 43.98023833818744,
  "summary_bg_mad": 0.17401314371124488,
  "summary_bg_mean": 12.972719192504883,
  "summary_bg_median": 0.11944855004549026,
  "summary_bg_n": 92317.0,
  "summary_bg_p05": 0.0006369649432599545,
  "summary_bg_p95": 76.98264617919897,
  "summary_bg_stdv": 43.610172271728516,
  "summary_fg_k": 1.0261774256547218,
  "summary_fg_mad": 142.3646972023211,
  "summary_fg_mean": 402.739013671875,
  "summary_fg_median": 377.87445068359375,
  "summary_fg_n": 25912.0,
  "summary_fg_p05": 209.64738082885742,
  "summary_fg_p95": 679.1265716552732,
  "summary_fg_stdv": 147.65162658691406,
  "tsnr": 63.78197479248047
}