{
  "aor": 0.0033349602122015915,
  "aqi": 0.008755420159151194,
  "bids_meta": {
    "AcquisitionMatrixPE": 64,
    "AcquisitionNumber": 1,
    "AcquisitionTime": "13:24:40.777500",
    "BandwidthPerPixelPhaseEncode": 58.962,
    "BaseResolution": 64,
    "BodyPartExamined": "HEAD",
    "ConsistencyInfo": "N4_VE11C_LATEST_20160120",
    "ConversionSoftware": "dcm2niix",
    "ConversionSoftwareVersion": "v1.0.20181125  GCC5.3.1",
    "DerivedVendorReportedEchoSpacing": 0.000530002,
    "DeviceSerialNumber": "167013",
    "DwellTime": 3.5e-06,
    "EchoTime": 0.03,
    "EchoTrainLength": 31,
    "EffectiveEchoSpacing": 0.000265001,
    "FlipAngle": 90,
    "ImageOrientationPatientDICOM": [
      0.997424,
      -0.0608751,
      -0.0379422,
      0.0639761,
      0.994175,
      0.0867315
    ],
    "ImageType": [
      "ORIGINAL",
      "PRIMARY",
      "M",
      "ND",
      "MOSAIC"
    ],
    "ImagingFrequency": 123.249,
    "InPlanePhaseEncodingDirectionDICOM": "COL",
    "InstitutionAddress": "Whiteknights_Campus_StreetNo_Reading_District_GB_RG6_7BE",
    "InstitutionName": "UoR",
    "InstitutionalDepartmentName": "Department",
    "MRAcquisitionType": "2D",
    "MagneticFieldStrength": 3,
    "Manufacturer": "Siemens",
    "ManufacturersModelName": "Prisma_fit",
    "Modality": "MR",
    "ParallelReductionFactorInPlane": 2,
    "PartialFourier": 1,
    "PatientPosition": "HFS",
    "PercentPhaseFOV": 100,
    "PhaseEncodingDirection": "j",
    "PhaseEncodingSteps": 63,
    "PhaseResolution": 1,
    "PixelBandwidth": 2230,
    "ProcedureStepDescription": "head_Kou_Murayama",
    "ProtocolName": "ep2d_bold_PtoA_iPAT2_MagicTrick_Run2",
    "PulseSequenceDetails": "%SiemensSeq%_ep2d_bold",
    "ReceiveCoilActiveElements": "HEA;HEP",
    "ReceiveCoilName": "Head_32",
    "ReconMatrixPE": 64,
    "RepetitionTime": 2,
    "SAR": 0.106648,
    "ScanOptions": "FS",
    "ScanningSequence": "EP",
    "SequenceName": "_epfid2d1_64",
    "SequenceVariant": "SK",
    "SeriesDescription": "ep2d_bold_PtoA_iPAT2_MagicTrick_Run2",
    "SeriesNumber": 10,
    "ShimSetting": [
      3362,
      -11951,
      11463,
      392,
      -40,
      -59,
      -88,
      57
    ],
    "SliceThickness": 3,
    "SliceTiming": [
      0,
      1.0175,
      0.055,
      1.07,
      0.1075,
      1.125,
      0.16,
      1.1775,
      0.215,
      1.23,
      0.2675,
      1.285,
      0.3225,
      1.3375,
      0.375,
      1.3925,
      0.4275,
      1.445,
      0.4825,
      1.4975,
      0.535,
      1.5525,
      0.59,
      1.605,
      0.6425,
      1.66,
      0.695,
      1.7125,
      0.75,
      1.765,
      0.8025,
      1.82,
      0.8575,
      1.8725,
      0.91,
      1.9275,
      0.9625
    ],
    "SoftwareVersions": "syngo_MR_E11",
    "SpacingBetweenSlices": 3.75,
    "StationName": "AWP167013",
    "TaskName": "magictrickwatching",
    "TotalReadoutTime": 0.0166951,
    "TxRefAmp": 221.913,
    "dataset": "<unset>",
    "modality": "bold",
    "run_id": 2,
    "subject_id": "control037",
    "task_id": "magictrickwatching"
  },
  "dummy_trs": 0,
  "dvars_nstd": 37.45316827545211,
  "dvars_std": 1.0886587460638288,
  "dvars_vstd": 0.9637246487234049,
  "efc": 0.4660516537129354,
  "fber": 1225983.5,
  "fd_mean": 0.3469041353147713,
  "fd_num": 88,
  "fd_perc": 23.342175066312997,
  "fwhm_avg": 2.777914595818384,
  "fwhm_x": 2.6744331207884855,
  "fwhm_y": 3.0488199999999996,
  "fwhm_z": 2.6104906666666663,
  "gcor": 0.0518299,
  "gsr_x": 0.025789650157094002,
  "gsr_y": 0.019850190728902817,
  "provenance": {
    "md5sum": "3f25398945351e65e6e16d66895c89c0",
    "settings": {
      "fd_thres": 0.5,
      "testing": false
    },
    "software": "mriqc",
    "version": "0.16.1",
    "webapi_port": null,
    "webapi_url": "https://mriqc.nimh.nih.gov/api/v1"
  },
  "size_t": 377,
  "size_x": 64,
  "size_y": 64,
  "size_z": 37,
  "snr": 2.6072913160480047,
  "spacing_tr": 2.0,
  "spacing_x": 3.000000238418579,
  "spacing_y": 3.0,
  "spacing_z": 3.75,
  "summary_bg_k": 32.237756161030724,
  "summary_bg_mad": 0.4815235008753087,
  "summary_bg_mean": 14.828155517578125,
  "summary_bg_median": 0.34210360050201416,
  "summary_bg_n": 88834.0,
  "summary_bg_p05": 0.005126302735880018,
  "summary_bg_p95": 92.89230537414551,
  "summary_bg_stdv": 45.59915542602539,
  "summary_fg_k": -0.040843008112663615,
  "summary_fg_mad": 163.74494961417193,
  "summary_fg_mean": 443.4999694824219,
  "summary_fg_median": 416.48199462890625,
  "summary_fg_n": 28336.0,
  "summary_fg_p05": 230.65859985351562,
  "summary_fg_p95": 740.8875427246094,
  "summary_fg_stdv": 159.73460388183594,
  "tsnr": 32.17184829711914
}