{
  "aor": 0.0017519333333333332,
  "aqi": 0.011320874533333332,
  "bids_meta": {
    "AcquisitionMatrixPE": 64,
    "AcquisitionNumber": 1,
    "AcquisitionTime": "13:56:54.960000",
    "BandwidthPerPixelPhaseEncode": 58.962,
    "BaseResolution": 64,
    "BodyPartExamined": "HEAD",
    "ConsistencyInfo": "N4_VE11C_LATEST_20160120",
    "ConversionSoftware": "dcm2niix",
    "ConversionSoftwareVersion": "v1.0.20181125  GCC5.3.1",
    "DerivedVendorReportedEchoSpacing": 0.000530002,
    "DeviceSerialNumber": "167013",
    "DwellTime": 3.5e-06,
    "EchoTime": 0.03,
    "EchoTrainLength": 31,
    "EffectiveEchoSpacing": 0.000265001,
    "FlipAngle": 90,
    "ImageOrientationPatientDICOM": [
      0.997424,
      -0.0608751,
      -0.0379422,
      0.0639761,
      0.994175,
      0.0867315
    ],
    "ImageType": [
      "ORIGINAL",
      "PRIMARY",
      "M",
      "ND",
      "MOSAIC"
    ],
    "ImagingFrequency": 123.249,
    "InPlanePhaseEncodingDirectionDICOM": "COL",
    "InstitutionAddress": "Whiteknights_Campus_StreetNo_Reading_District_GB_RG6_7BE",
    "InstitutionName": "UoR",
    "InstitutionalDepartmentName": "Department",
    "MRAcquisitionType": "2D",
    "MagneticFieldStrength": 3,
    "Manufacturer": "Siemens",
    "ManufacturersModelName": "Prisma_fit",
    "Modality": "MR",
    "ParallelReductionFactorInPlane": 2,
    "PartialFourier": 1,
    "PatientPosition": "HFS",
    "PercentPhaseFOV": 100,
    "PhaseEncodingDirection": "j",
    "PhaseEncodingSteps": 63,
    "PhaseResolution": 1,
    "PixelBandwidth": 2230,
    "ProcedureStepDescription": "head_Kou_Murayama",
    "ProtocolName": "ep2d_bold_PtoA_iPAT2_PostResting",
    "PulseSequenceDetails": "%SiemensSeq%_ep2d_bold",
    "ReceiveCoilActiveElements": "HEA;HEP",
    "ReceiveCoilName": "Head_32",
    "ReconMatrixPE": 64,
    "RepetitionTime": 2,
    "SAR": 0.10651,
    "ScanOptions": "FS",
    "ScanningSequence": "EP",
    "SequenceName": "_epfid2d1_64",
    "SequenceVariant": "SK",
    "SeriesDescription": "ep2d_bold_PtoA_iPAT2_PostResting",
    "SeriesNumber": 12,
    "ShimSetting": [
      3362,
      -11951,
      11463,
      392,
      -40,
      -59,
      -88,
      57
    ],
    "SliceThickness": 3,
    "SliceTiming": [
      0,
      1.0175,
      0.0525,
      1.07,
      0.1075,
      1.125,
      0.16,
      1.1775,
      0.215,
      1.23,
      0.2675,
      1.285,
      0.32,
      1.3375,
      0.375,
      1.3925,
      0.4275,
      1.445,
      0.4825,
      1.4975,
      0.535,
      1.5525,
      0.59,
      1.605,
      0.6425,
      1.66,
      0.695,
      1.7125,
      0.75,
      1.765,
      0.8025,
      1.82,
      0.8575,
      1.8725,
      0.91,
      1.9275,
      0.9625
    ],
    "SoftwareVersions": "syngo_MR_E11",
    "SpacingBetweenSlices": 3.75,
    "StationName": "AWP167013",
    "TaskName": "rest",
    "TotalReadoutTime": 0.0166951,
    "TxRefAmp": 221.913,
    "dataset": "<unset>",
    "modality": "bold",
    "run_id": 2,
    "subject_id": "control037",
    "task_id": "rest"
  },
  "dummy_trs": 0,
  "dvars_nstd": 39.53799570551837,
  "dvars_std": 1.0405722823411363,
  "dvars_vstd": 0.9239872154849498,
  "efc": 0.4717569797307828,
  "fber": 413430.46875,
  "fd_mean": 0.42909734977795927,
  "fd_num": 83,
  "fd_perc": 27.666666666666668,
  "fwhm_avg": 2.778868818613517,
  "fwhm_x": 2.6528064558405515,
  "fwhm_y": 3.005933333333333,
  "fwhm_z": 2.6778666666666666,
  "gcor": 0.0464346,
  "gsr_x": 0.02817838452756405,
  "gsr_y": 0.019825007766485214,
  "provenance": {
    "md5sum": "af352f81dc2e0753709fd40a48b36a12",
    "settings": {
      "fd_thres": 0.5,
      "testing": false
    },
    "software": "mriqc",
    "version": "0.16.1",
    "webapi_port": null,
    "webapi_url": "https://mriqc.nimh.nih.gov/api/v1"
  },
  "size_t": 300,
  "size_x": 64,
  "size_y": 64,
  "size_z": 37,
  "snr": 2.677802152119254,
  "spacing_tr": 2.0,
  "spacing_x": 3.000000238418579,
  "spacing_y": 3.0,
  "spacing_z": 3.75,
  "summary_bg_k": 26.615104487682306,
  "summary_bg_mad": 0.8257954801990947,
  "summary_bg_mean": 15.463510513305664,
  "summary_bg_median": 0.5806591510772705,
  "summary_bg_n": 88852.0,
  "summary_bg_p05": 0.010658511240035296,
  "summary_bg_p95": 97.50455589294421,
  "summary_bg_stdv": 44.30704116821289,
  "summary_fg_k": 0.005341438374612206,
  "summary_fg_mad": 158.1871594709388,
  "summary_fg_mean": 437.502685546875,
  "summary_fg_median": 412.00103759765625,
  "summary_fg_n": 28505.0,
  "summary_fg_p05": 232.34795227050782,
  "summary_fg_p95": 724.8712524414061,
  "summary_fg_stdv": 153.85520935058594,
  "tsnr": 28.7950439453125
}