{
  "aor": 0.0014167112299465242,
  "aqi": 0.007849599251336898,
  "bids_meta": {
    "AcquisitionMatrixPE": 64,
    "AcquisitionNumber": 1,
    "AcquisitionTime": "16:49:44.180000",
    "BandwidthPerPixelPhaseEncode": 58.962,
    "BaseResolution": 64,
    "BodyPartExamined": "HEAD",
    "ConsistencyInfo": "N4_VE11C_LATEST_20160120",
    "ConversionSoftware": "dcm2niix",
    "ConversionSoftwareVersion": "v1.0.20181125  GCC5.3.1",
    "DerivedVendorReportedEchoSpacing": 0.000530002,
    "DeviceSerialNumber": "167013",
    "DwellTime": 3.5e-06,
    "EchoTime": 0.03,
    "EchoTrainLength": 31,
    "EffectiveEchoSpacing": 0.000265001,
    "FlipAngle": 90,
    "ImageOrientationPatientDICOM": [
      0.999516,
      -0.021336,
      0.0226328,
      0.0209368,
      0.999624,
      0.0177276
    ],
    "ImageType": [
      "ORIGINAL",
      "PRIMARY",
      "M",
      "ND",
      "MOSAIC"
    ],
    "ImagingFrequency": 123.248,
    "InPlanePhaseEncodingDirectionDICOM": "COL",
    "InstitutionAddress": "Whiteknights_Campus_StreetNo_Reading_District_GB_RG6_7BE",
    "InstitutionName": "UoR",
    "InstitutionalDepartmentName": "Department",
    "MRAcquisitionType": "2D",
    "MagneticFieldStrength": 3,
    "Manufacturer": "Siemens",
    "ManufacturersModelName": "Prisma_fit",
    "Modality": "MR",
    "ParallelReductionFactorInPlane": 2,
    "PartialFourier": 1,
    "PatientPosition": "HFS",
    "PercentPhaseFOV": 100,
    "PhaseEncodingDirection": "j",
    "PhaseEncodingSteps": 63,
    "PhaseResolution": 1,
    "PixelBandwidth": 2230,
    "ProcedureStepDescription": "head_Kou_Murayama",
    "ProtocolName": "ep2d_bold_PtoA_iPAT2_MagicTrick_Run3",
    "PulseSequenceDetails": "%SiemensSeq%_ep2d_bold",
    "ReceiveCoilActiveElements": "HEA;HEP",
    "ReceiveCoilName": "Head_32",
    "ReconMatrixPE": 64,
    "RepetitionTime": 2,
    "SAR": 0.109576,
    "ScanOptions": "FS",
    "ScanningSequence": "EP",
    "SequenceName": "_epfid2d1_64",
    "SequenceVariant": "SK",
    "SeriesDescription": "ep2d_bold_PtoA_iPAT2_MagicTrick_Run3",
    "SeriesNumber": 11,
    "ShimSetting": [
      3389,
      -11956,
      11478,
      517,
      21,
      -88,
      54,
      23
    ],
    "SliceThickness": 3,
    "SliceTiming": [
      0,
      1.0175,
      0.0525,
      1.07,
      0.1075,
      1.1225,
      0.16,
      1.1775,
      0.215,
      1.23,
      0.2675,
      1.285,
      0.32,
      1.3375,
      0.375,
      1.39,
      0.4275,
      1.445,
      0.4825,
      1.4975,
      0.535,
      1.5525,
      0.5875,
      1.605,
      0.6425,
      1.6575,
      0.695,
      1.7125,
      0.75,
      1.765,
      0.8025,
      1.82,
      0.855,
      1.8725,
      0.91,
      1.9275,
      0.9625
    ],
    "SoftwareVersions": "syngo_MR_E11",
    "SpacingBetweenSlices": 3.75,
    "StationName": "AWP167013",
    "TaskName": "magictrickwatching",
    "TotalReadoutTime": 0.0166951,
    "TxRefAmp": 234.882,
    "dataset": "<unset>",
    "modality": "bold",
    "run_id": 3,
    "subject_id": "experimental020",
    "task_id": "magictrickwatching"
  },
  "dummy_trs": 0,
  "dvars_nstd": 24.893642778364615,
  "dvars_std": 1.0394718609383375,
  "dvars_vstd": 0.9211766439142088,
  "efc": 0.486165318704597,
  "fber": 229076.421875,
  "fd_mean": 0.14142611405699643,
  "fd_num": 3,
  "fd_perc": 0.8021390374331551,
  "fwhm_avg": 2.947371985501833,
  "fwhm_x": 2.8961528730022312,
  "fwhm_y": 3.1435897501699333,
  "fwhm_z": 2.8023733333333336,
  "gcor": 0.0145018,
  "gsr_x": 0.010082896798849106,
  "gsr_y": 0.05137369781732559,
  "provenance": {
    "md5sum": "dd0f523a4d8a44e119b53cbc563c6eee",
    "settings": {
      "fd_thres": 0.5,
      "testing": false
    },
    "software": "mriqc",
    "version": "0.16.1",
    "webapi_port": null,
    "webapi_url": "https://mriqc.nimh.nih.gov/api/v1"
  },
  "size_t": 374,
  "size_x": 64,
  "size_y": 64,
  "size_z": 37,
  "snr": 2.3924532054785517,
  "spacing_tr": 2.0,
  "spacing_x": 3.000000476837158,
  "spacing_y": 3.000000238418579,
  "spacing_z": 3.75,
  "summary_bg_k": 20.618070280726602,
  "summary_bg_mad": 1.2376497800399535,
  "summary_bg_mean": 19.63094711303711,
  "summary_bg_median": 0.856025218963623,
  "summary_bg_n": 84704.0,
  "summary_bg_p05": 0.009326587105169894,
  "summary_bg_p95": 122.29402313232394,
  "summary_bg_stdv": 49.595237731933594,
  "summary_fg_k": 0.07212421036028038,
  "summary_fg_mad": 202.20535148543024,
  "summary_fg_mean": 511.3041687011719,
  "summary_fg_median": 474.01763916015625,
  "summary_fg_n": 30066.0,
  "summary_fg_p05": 253.81941604614258,
  "summary_fg_p95": 884.1736907958984,
  "summary_fg_stdv": 198.1270751953125,
  "tsnr": 38.20378875732422
}