{
  "aor": 0.004939866666666667,
  "aqi": 0.00883395096,
  "bids_meta": {
    "AcquisitionMatrixPE": 64,
    "AcquisitionNumber": 1,
    "AcquisitionTime": "17:05:7.692500",
    "BandwidthPerPixelPhaseEncode": 58.962,
    "BaseResolution": 64,
    "BodyPartExamined": "HEAD",
    "ConsistencyInfo": "N4_VE11C_LATEST_20160120",
    "ConversionSoftware": "dcm2niix",
    "ConversionSoftwareVersion": "v1.0.20181125  GCC5.3.1",
    "DerivedVendorReportedEchoSpacing": 0.000530002,
    "DeviceSerialNumber": "167013",
    "DwellTime": 3.5e-06,
    "EchoTime": 0.03,
    "EchoTrainLength": 31,
    "EffectiveEchoSpacing": 0.000265001,
    "FlipAngle": 90,
    "ImageOrientationPatientDICOM": [
      0.999531,
      -0.00352166,
      0.0304075,
      0.00122116,
      0.997157,
      0.0753452
    ],
    "ImageType": [
      "ORIGINAL",
      "PRIMARY",
      "M",
      "ND",
      "MOSAIC"
    ],
    "ImagingFrequency": 123.249,
    "InPlanePhaseEncodingDirectionDICOM": "COL",
    "InstitutionAddress": "Whiteknights_Campus_StreetNo_Reading_District_GB_RG6_7BE",
    "InstitutionName": "UoR",
    "InstitutionalDepartmentName": "Department",
    "MRAcquisitionType": "2D",
    "MagneticFieldStrength": 3,
    "Manufacturer": "Siemens",
    "ManufacturersModelName": "Prisma_fit",
    "Modality": "MR",
    "ParallelReductionFactorInPlane": 2,
    "PartialFourier": 1,
    "PatientPosition": "HFS",
    "PercentPhaseFOV": 100,
    "PhaseEncodingDirection": "j",
    "PhaseEncodingSteps": 63,
    "PhaseResolution": 1,
    "PixelBandwidth": 2230,
    "ProcedureStepDescription": "head_Kou_Murayama",
    "ProtocolName": "ep2d_bold_PtoA_iPAT2_MagicTrick_Run2",
    "PulseSequenceDetails": "%SiemensSeq%_ep2d_bold",
    "ReceiveCoilActiveElements": "HEA;HEP",
    "ReceiveCoilName": "Head_32",
    "ReconMatrixPE": 64,
    "RepetitionTime": 2,
    "SAR": 0.11591,
    "ScanOptions": "FS",
    "ScanningSequence": "EP",
    "SequenceName": "_epfid2d1_64",
    "SequenceVariant": "SK",
    "SeriesDescription": "ep2d_bold_PtoA_iPAT2_MagicTrick_Run2",
    "SeriesNumber": 15,
    "ShimSetting": [
      3380,
      -11995,
      11549,
      628,
      -82,
      -76,
      28,
      30
    ],
    "SliceThickness": 3,
    "SliceTiming": [
      0,
      1.0175,
      0.0525,
      1.07,
      0.1075,
      1.1225,
      0.16,
      1.1775,
      0.215,
      1.23,
      0.2675,
      1.285,
      0.32,
      1.3375,
      0.375,
      1.39,
      0.4275,
      1.445,
      0.4825,
      1.4975,
      0.535,
      1.5525,
      0.5875,
      1.605,
      0.6425,
      1.6575,
      0.695,
      1.7125,
      0.75,
      1.765,
      0.8025,
      1.82,
      0.855,
      1.8725,
      0.91,
      1.925,
      0.9625
    ],
    "SoftwareVersions": "syngo_MR_E11",
    "SpacingBetweenSlices": 3.75,
    "StationName": "AWP167013",
    "TaskName": "magictrickwatching",
    "TotalReadoutTime": 0.0166951,
    "TxRefAmp": 217.944,
    "dataset": "<unset>",
    "modality": "bold",
    "run_id": 2,
    "subject_id": "experimental034",
    "task_id": "magictrickwatching"
  },
  "dummy_trs": 0,
  "dvars_nstd": 30.372047571925094,
  "dvars_std": 1.0954916036898397,
  "dvars_vstd": 0.9784808704278075,
  "efc": 0.45676828217281423,
  "fber": 1178169.5,
  "fd_mean": 0.23789273944898823,
  "fd_num": 27,
  "fd_perc": 7.2,
  "fwhm_avg": 2.9611313132706965,
  "fwhm_x": 2.9138533333333334,
  "fwhm_y": 3.199993587645975,
  "fwhm_z": 2.7695470188327813,
  "gcor": 0.0319402,
  "gsr_x": 0.009798480197787285,
  "gsr_y": 0.03473690524697304,
  "provenance": {
    "md5sum": "7412e74bfea909960d3c1734e3822e63",
    "settings": {
      "fd_thres": 0.5,
      "testing": false
    },
    "software": "mriqc",
    "version": "0.16.1",
    "webapi_port": null,
    "webapi_url": "https://mriqc.nimh.nih.gov/api/v1"
  },
  "size_t": 375,
  "size_x": 64,
  "size_y": 64,
  "size_z": 37,
  "snr": 2.542501596080725,
  "spacing_tr": 2.0,
  "spacing_x": 3.0,
  "spacing_y": 2.999999761581421,
  "spacing_z": 3.749999523162842,
  "summary_bg_k": 33.78760228411346,
  "summary_bg_mad": 0.5520351660542772,
  "summary_bg_mean": 13.410476684570312,
  "summary_bg_median": 0.38438981771469116,
  "summary_bg_n": 89280.0,
  "summary_bg_p05": 0.005305656022392213,
  "summary_bg_p95": 82.19524917602543,
  "summary_bg_stdv": 38.179649353027344,
  "summary_fg_k": 0.02420167826610875,
  "summary_fg_mad": 187.72618075933005,
  "summary_fg_mean": 485.7587585449219,
  "summary_fg_median": 455.61724853515625,
  "summary_fg_n": 27961.0,
  "summary_fg_p05": 250.73316955566406,
  "summary_fg_p95": 816.4429321289062,
  "summary_fg_stdv": 179.19717407226562,
  "tsnr": 33.89304733276367
}