{
  "aor": 0.00408114973262032,
  "aqi": 0.007890543743315508,
  "bids_meta": {
    "AcquisitionMatrixPE": 64,
    "AcquisitionNumber": 1,
    "AcquisitionTime": "17:19:17.890000",
    "BandwidthPerPixelPhaseEncode": 58.962,
    "BaseResolution": 64,
    "BodyPartExamined": "HEAD",
    "ConsistencyInfo": "N4_VE11C_LATEST_20160120",
    "ConversionSoftware": "dcm2niix",
    "ConversionSoftwareVersion": "v1.0.20181125  GCC5.3.1",
    "DerivedVendorReportedEchoSpacing": 0.000530002,
    "DeviceSerialNumber": "167013",
    "DwellTime": 3.5e-06,
    "EchoTime": 0.03,
    "EchoTrainLength": 31,
    "EffectiveEchoSpacing": 0.000265001,
    "FlipAngle": 90,
    "ImageOrientationPatientDICOM": [
      0.999531,
      -0.00352166,
      0.0304075,
      0.00122116,
      0.997157,
      0.0753452
    ],
    "ImageType": [
      "ORIGINAL",
      "PRIMARY",
      "M",
      "ND",
      "MOSAIC"
    ],
    "ImagingFrequency": 123.249,
    "InPlanePhaseEncodingDirectionDICOM": "COL",
    "InstitutionAddress": "Whiteknights_Campus_StreetNo_Reading_District_GB_RG6_7BE",
    "InstitutionName": "UoR",
    "InstitutionalDepartmentName": "Department",
    "MRAcquisitionType": "2D",
    "MagneticFieldStrength": 3,
    "Manufacturer": "Siemens",
    "ManufacturersModelName": "Prisma_fit",
    "Modality": "MR",
    "ParallelReductionFactorInPlane": 2,
    "PartialFourier": 1,
    "PatientPosition": "HFS",
    "PercentPhaseFOV": 100,
    "PhaseEncodingDirection": "j",
    "PhaseEncodingSteps": 63,
    "PhaseResolution": 1,
    "PixelBandwidth": 2230,
    "ProcedureStepDescription": "head_Kou_Murayama",
    "ProtocolName": "ep2d_bold_PtoA_iPAT2_MagicTrick_Run3",
    "PulseSequenceDetails": "%SiemensSeq%_ep2d_bold",
    "ReceiveCoilActiveElements": "HEA;HEP",
    "ReceiveCoilName": "Head_32",
    "ReconMatrixPE": 64,
    "RepetitionTime": 2,
    "SAR": 0.11591,
    "ScanOptions": "FS",
    "ScanningSequence": "EP",
    "SequenceName": "_epfid2d1_64",
    "SequenceVariant": "SK",
    "SeriesDescription": "ep2d_bold_PtoA_iPAT2_MagicTrick_Run3",
    "SeriesNumber": 16,
    "ShimSetting": [
      3380,
      -11995,
      11549,
      628,
      -82,
      -76,
      28,
      30
    ],
    "SliceThickness": 3,
    "SliceTiming": [
      0,
      1.0175,
      0.0525,
      1.07,
      0.1075,
      1.1225,
      0.16,
      1.1775,
      0.215,
      1.23,
      0.2675,
      1.285,
      0.32,
      1.3375,
      0.375,
      1.39,
      0.4275,
      1.445,
      0.4825,
      1.4975,
      0.535,
      1.5525,
      0.5875,
      1.605,
      0.6425,
      1.6575,
      0.695,
      1.7125,
      0.75,
      1.765,
      0.8025,
      1.82,
      0.855,
      1.8725,
      0.91,
      1.9275,
      0.9625
    ],
    "SoftwareVersions": "syngo_MR_E11",
    "SpacingBetweenSlices": 3.75,
    "StationName": "AWP167013",
    "TaskName": "magictrickwatching",
    "TotalReadoutTime": 0.0166951,
    "TxRefAmp": 217.944,
    "dataset": "<unset>",
    "modality": "bold",
    "run_id": 3,
    "subject_id": "experimental034",
    "task_id": "magictrickwatching"
  },
  "dummy_trs": 0,
  "dvars_nstd": 30.05579372635391,
  "dvars_std": 1.116809364691689,
  "dvars_vstd": 0.9930174212332444,
  "efc": 0.4576141893762787,
  "fber": 945671.4375,
  "fd_mean": 0.23886025191740004,
  "fd_num": 31,
  "fd_perc": 8.288770053475936,
  "fwhm_avg": 2.9052490904923762,
  "fwhm_x": 2.7983666666666664,
  "fwhm_y": 3.095886912705653,
  "fwhm_z": 2.8214936921048093,
  "gcor": 0.0411813,
  "gsr_x": 0.01426920760422945,
  "gsr_y": 0.03382134065032005,
  "provenance": {
    "md5sum": "59a936a5f747916491f3d5ef3d131070",
    "settings": {
      "fd_thres": 0.5,
      "testing": false
    },
    "software": "mriqc",
    "version": "0.16.1",
    "webapi_port": null,
    "webapi_url": "https://mriqc.nimh.nih.gov/api/v1"
  },
  "size_t": 374,
  "size_x": 64,
  "size_y": 64,
  "size_z": 37,
  "snr": 2.6304357134220036,
  "spacing_tr": 2.0,
  "spacing_x": 3.0,
  "spacing_y": 2.999999761581421,
  "spacing_z": 3.749999523162842,
  "summary_bg_k": 36.50346691914038,
  "summary_bg_mad": 0.6104093472306307,
  "summary_bg_mean": 12.886929512023926,
  "summary_bg_median": 0.42894524335861206,
  "summary_bg_n": 89828.0,
  "summary_bg_p05": 0.007751079020090402,
  "summary_bg_p95": 78.38244857788085,
  "summary_bg_stdv": 37.369468688964844,
  "summary_fg_k": -0.059979670412750874,
  "summary_fg_mad": 171.6008682114897,
  "summary_fg_mean": 463.0211181640625,
  "summary_fg_median": 434.87158203125,
  "summary_fg_n": 27984.0,
  "summary_fg_p05": 243.73819732666016,
  "summary_fg_p95": 769.241177368164,
  "summary_fg_stdv": 165.320068359375,
  "tsnr": 37.215858459472656
}