{
  "aor": 0.0016063000000000002,
  "aqi": 0.003473736833333333,
  "bids_meta": {
    "AcquisitionMatrixPE": 64,
    "AcquisitionNumber": 1,
    "AcquisitionTime": "19:19:41.415000",
    "BandwidthPerPixelPhaseEncode": 58.962,
    "BaseResolution": 64,
    "BodyPartExamined": "HEAD",
    "ConsistencyInfo": "N4_VE11C_LATEST_20160120",
    "ConversionSoftware": "dcm2niix",
    "ConversionSoftwareVersion": "v1.0.20181125  GCC5.3.1",
    "DerivedVendorReportedEchoSpacing": 0.000530002,
    "DeviceSerialNumber": "167013",
    "DwellTime": 3.5e-06,
    "EchoTime": 0.03,
    "EchoTrainLength": 31,
    "EffectiveEchoSpacing": 0.000265001,
    "FlipAngle": 90,
    "ImageOrientationPatientDICOM": [
      0.994893,
      0.034129,
      -0.0949902,
      -0.0389156,
      0.99804,
      -0.0490023
    ],
    "ImageType": [
      "ORIGINAL",
      "PRIMARY",
      "M",
      "ND",
      "MOSAIC"
    ],
    "ImagingFrequency": 123.249,
    "InPlanePhaseEncodingDirectionDICOM": "COL",
    "InstitutionAddress": "Whiteknights_Campus_StreetNo_Reading_District_GB_RG6_7BE",
    "InstitutionName": "UoR",
    "InstitutionalDepartmentName": "Department",
    "MRAcquisitionType": "2D",
    "MagneticFieldStrength": 3,
    "Manufacturer": "Siemens",
    "ManufacturersModelName": "Prisma_fit",
    "Modality": "MR",
    "ParallelReductionFactorInPlane": 2,
    "PartialFourier": 1,
    "PatientPosition": "HFS",
    "PercentPhaseFOV": 100,
    "PhaseEncodingDirection": "j",
    "PhaseEncodingSteps": 63,
    "PhaseResolution": 1,
    "PixelBandwidth": 2230,
    "ProcedureStepDescription": "head_Kou_Murayama",
    "ProtocolName": "ep2d_bold_PtoA_iPAT2_PostResting",
    "PulseSequenceDetails": "%SiemensSeq%_ep2d_bold",
    "ReceiveCoilActiveElements": "HEA;HEP",
    "ReceiveCoilName": "Head_32",
    "ReconMatrixPE": 64,
    "RepetitionTime": 2,
    "SAR": 0.153345,
    "ScanOptions": "FS",
    "ScanningSequence": "EP",
    "SequenceName": "_epfid2d1_64",
    "SequenceVariant": "SK",
    "SeriesDescription": "ep2d_bold_PtoA_iPAT2_PostResting",
    "SeriesNumber": 12,
    "ShimSetting": [
      3364,
      -11967,
      11461,
      295,
      25,
      -177,
      -13,
      49
    ],
    "SliceThickness": 3,
    "SliceTiming": [
      0,
      1.0175,
      0.055,
      1.07,
      0.1075,
      1.125,
      0.16,
      1.1775,
      0.215,
      1.23,
      0.2675,
      1.285,
      0.3225,
      1.3375,
      0.375,
      1.3925,
      0.4275,
      1.445,
      0.4825,
      1.4975,
      0.535,
      1.5525,
      0.59,
      1.605,
      0.6425,
      1.66,
      0.695,
      1.7125,
      0.75,
      1.765,
      0.8025,
      1.82,
      0.8575,
      1.8725,
      0.91,
      1.9275,
      0.9625
    ],
    "SoftwareVersions": "syngo_MR_E11",
    "SpacingBetweenSlices": 3.75,
    "StationName": "AWP167013",
    "TaskName": "rest",
    "TotalReadoutTime": 0.0166951,
    "TxRefAmp": 283.366,
    "dataset": "<unset>",
    "modality": "bold",
    "run_id": 2,
    "subject_id": "control007",
    "task_id": "rest"
  },
  "dummy_trs": 0,
  "dvars_nstd": 22.701071366354522,
  "dvars_std": 1.091091338963211,
  "dvars_vstd": 0.9889590234448158,
  "efc": 0.5328399967237725,
  "fber": 724930.75,
  "fd_mean": 0.11838170029506143,
  "fd_num": 0,
  "fd_perc": 0.0,
  "fwhm_avg": 2.893035414203301,
  "fwhm_x": 2.78136,
  "fwhm_y": 3.0883597545592183,
  "fwhm_z": 2.809386488050684,
  "gcor": 0.015081,
  "gsr_x": 0.03496856242418289,
  "gsr_y": 0.06959851831197739,
  "provenance": {
    "md5sum": "b96d26118015adf623b572b94954b9b0",
    "settings": {
      "fd_thres": 0.5,
      "testing": false
    },
    "software": "mriqc",
    "version": "0.16.1",
    "webapi_port": null,
    "webapi_url": "https://mriqc.nimh.nih.gov/api/v1"
  },
  "size_t": 300,
  "size_x": 64,
  "size_y": 64,
  "size_z": 37,
  "snr": 2.380878679119801,
  "spacing_tr": 2.0,
  "spacing_x": 3.0,
  "spacing_y": 3.000000238418579,
  "spacing_z": 3.750000238418579,
  "summary_bg_k": 17.054885939907216,
  "summary_bg_mad": 0.5837924101349798,
  "summary_bg_mean": 27.233591079711914,
  "summary_bg_median": 0.39637404680252075,
  "summary_bg_n": 78033.0,
  "summary_bg_p05": 0.001554874866269529,
  "summary_bg_p95": 169.6455749511716,
  "summary_bg_stdv": 68.27435302734375,
  "summary_fg_k": 0.3819247791106495,
  "summary_fg_mad": 172.43562375440717,
  "summary_fg_mean": 450.8264465332031,
  "summary_fg_median": 417.8684387207031,
  "summary_fg_n": 34652.0,
  "summary_fg_p05": 224.50089645385742,
  "summary_fg_p95": 785.479586791992,
  "summary_fg_stdv": 175.5076446533203,
  "tsnr": 55.74909210205078
}