{
  "aor": 0.005572857142857143,
  "aqi": 0.0037420228285714283,
  "bids_meta": {
    "AcquisitionMatrixPE": 64,
    "AcquisitionNumber": 1,
    "AcquisitionTime": "18:37:2.087500",
    "BandwidthPerPixelPhaseEncode": 58.962,
    "BaseResolution": 64,
    "BodyPartExamined": "HEAD",
    "ConsistencyInfo": "N4_VE11C_LATEST_20160120",
    "ConversionSoftware": "dcm2niix",
    "ConversionSoftwareVersion": "v1.0.20181125  GCC5.3.1",
    "DerivedVendorReportedEchoSpacing": 0.000530002,
    "DeviceSerialNumber": "167013",
    "DwellTime": 3.5e-06,
    "EchoTime": 0.03,
    "EchoTrainLength": 31,
    "EffectiveEchoSpacing": 0.000265001,
    "FlipAngle": 90,
    "ImageOrientationPatientDICOM": [
      0.994893,
      0.034129,
      -0.0949902,
      -0.0389156,
      0.99804,
      -0.0490023
    ],
    "ImageType": [
      "ORIGINAL",
      "PRIMARY",
      "M",
      "ND",
      "MOSAIC"
    ],
    "ImagingFrequency": 123.249,
    "InPlanePhaseEncodingDirectionDICOM": "COL",
    "InstitutionAddress": "Whiteknights_Campus_StreetNo_Reading_District_GB_RG6_7BE",
    "InstitutionName": "UoR",
    "InstitutionalDepartmentName": "Department",
    "MRAcquisitionType": "2D",
    "MagneticFieldStrength": 3,
    "Manufacturer": "Siemens",
    "ManufacturersModelName": "Prisma_fit",
    "Modality": "MR",
    "ParallelReductionFactorInPlane": 2,
    "PartialFourier": 1,
    "PatientPosition": "HFS",
    "PercentPhaseFOV": 100,
    "PhaseEncodingDirection": "j",
    "PhaseEncodingSteps": 63,
    "PhaseResolution": 1,
    "PixelBandwidth": 2230,
    "ProcedureStepDescription": "head_Kou_Murayama",
    "ProtocolName": "ep2d_bold_PtoA_iPAT2_MagicTrick_Run1",
    "PulseSequenceDetails": "%SiemensSeq%_ep2d_bold",
    "ReceiveCoilActiveElements": "HEA;HEP",
    "ReceiveCoilName": "Head_32",
    "ReconMatrixPE": 64,
    "RepetitionTime": 2,
    "SAR": 0.153544,
    "ScanOptions": "FS",
    "ScanningSequence": "EP",
    "SequenceName": "_epfid2d1_64",
    "SequenceVariant": "SK",
    "SeriesDescription": "ep2d_bold_PtoA_iPAT2_MagicTrick_Run1",
    "SeriesNumber": 9,
    "ShimSetting": [
      3364,
      -11967,
      11461,
      295,
      25,
      -177,
      -13,
      49
    ],
    "SliceThickness": 3,
    "SliceTiming": [
      0,
      1.0175,
      0.055,
      1.07,
      0.1075,
      1.125,
      0.1625,
      1.1775,
      0.215,
      1.2325,
      0.2675,
      1.285,
      0.3225,
      1.34,
      0.375,
      1.3925,
      0.43,
      1.445,
      0.4825,
      1.5,
      0.535,
      1.5525,
      0.59,
      1.6075,
      0.6425,
      1.66,
      0.6975,
      1.7125,
      0.75,
      1.7675,
      0.8025,
      1.82,
      0.8575,
      1.875,
      0.91,
      1.9275,
      0.965
    ],
    "SoftwareVersions": "syngo_MR_E11",
    "SpacingBetweenSlices": 3.75,
    "StationName": "AWP167013",
    "TaskName": "magictrickwatching",
    "TotalReadoutTime": 0.0166951,
    "TxRefAmp": 283.366,
    "dataset": "<unset>",
    "modality": "bold",
    "run_id": 1,
    "subject_id": "control007",
    "task_id": "magictrickwatching"
  },
  "dummy_trs": 0,
  "dvars_nstd": 21.415632690830922,
  "dvars_std": 1.1299976240401144,
  "dvars_vstd": 1.0415020162750719,
  "efc": 0.5294676712069156,
  "fber": 319434.21875,
  "fd_mean": 0.0974279882239268,
  "fd_num": 0,
  "fd_perc": 0.0,
  "fwhm_avg": 2.9086965242073197,
  "fwhm_x": 2.79284,
  "fwhm_y": 3.155303082572374,
  "fwhm_z": 2.777946490049585,
  "gcor": 0.0191261,
  "gsr_x": 0.03083188645541668,
  "gsr_y": 0.07003413885831833,
  "provenance": {
    "md5sum": "b4644a15c2772f54b8e1e209c1b87a85",
    "settings": {
      "fd_thres": 0.5,
      "testing": false
    },
    "software": "mriqc",
    "version": "0.16.1",
    "webapi_port": null,
    "webapi_url": "https://mriqc.nimh.nih.gov/api/v1"
  },
  "size_t": 350,
  "size_x": 64,
  "size_y": 64,
  "size_z": 37,
  "snr": 2.349862113444801,
  "spacing_tr": 2.0,
  "spacing_x": 3.0,
  "spacing_y": 3.000000238418579,
  "spacing_z": 3.750000238418579,
  "summary_bg_k": 16.853660633302223,
  "summary_bg_mad": 0.8310833522761469,
  "summary_bg_mean": 27.883438110351562,
  "summary_bg_median": 0.5640968084335327,
  "summary_bg_n": 77993.0,
  "summary_bg_p05": 0.002505547134205699,
  "summary_bg_p95": 175.74992980957018,
  "summary_bg_stdv": 69.71623992919922,
  "summary_fg_k": 0.29810698714490735,
  "summary_fg_mad": 189.486137457799,
  "summary_fg_mean": 479.4219665527344,
  "summary_fg_median": 443.74713134765625,
  "summary_fg_n": 34171.0,
  "summary_fg_p05": 232.89995574951172,
  "summary_fg_p95": 836.357421875,
  "summary_fg_stdv": 188.83688354492188,
  "tsnr": 52.32243347167969
}