{
  "aor": 0.0006768681318681318,
  "aqi": 0.002635145082417582,
  "bids_meta": {
    "AcquisitionMatrixPE": 64,
    "AcquisitionNumber": 1,
    "AcquisitionTime": "13:37:32.567500",
    "BandwidthPerPixelPhaseEncode": 58.962,
    "BaseResolution": 64,
    "BodyPartExamined": "HEAD",
    "ConsistencyInfo": "N4_VE11C_LATEST_20160120",
    "ConversionSoftware": "dcm2niix",
    "ConversionSoftwareVersion": "v1.0.20181125  GCC5.3.1",
    "DerivedVendorReportedEchoSpacing": 0.000530002,
    "DeviceSerialNumber": "167013",
    "DwellTime": 3.5e-06,
    "EchoTime": 0.03,
    "EchoTrainLength": 31,
    "EffectiveEchoSpacing": 0.000265001,
    "FlipAngle": 90,
    "ImageOrientationPatientDICOM": [
      0.998038,
      -0.0622785,
      0.00650899,
      0.0598188,
      0.978993,
      0.194923
    ],
    "ImageType": [
      "ORIGINAL",
      "PRIMARY",
      "M",
      "ND",
      "MOSAIC"
    ],
    "ImagingFrequency": 123.249,
    "InPlanePhaseEncodingDirectionDICOM": "COL",
    "InstitutionAddress": "Whiteknights_Campus_StreetNo_Reading_District_GB_RG6_7BE",
    "InstitutionName": "UoR",
    "InstitutionalDepartmentName": "Department",
    "MRAcquisitionType": "2D",
    "MagneticFieldStrength": 3,
    "Manufacturer": "Siemens",
    "ManufacturersModelName": "Prisma_fit",
    "Modality": "MR",
    "ParallelReductionFactorInPlane": 2,
    "PartialFourier": 1,
    "PatientPosition": "HFS",
    "PercentPhaseFOV": 100,
    "PhaseEncodingDirection": "j",
    "PhaseEncodingSteps": 63,
    "PhaseResolution": 1,
    "PixelBandwidth": 2230,
    "ProcedureStepDescription": "head_Kou_Murayama",
    "ProtocolName": "ep2d_bold_PtoA_iPAT2_MagicTrick_Run2",
    "PulseSequenceDetails": "%SiemensSeq%_ep2d_bold",
    "ReceiveCoilActiveElements": "HEA;HEP",
    "ReceiveCoilName": "Head_32",
    "ReconMatrixPE": 64,
    "RepetitionTime": 2,
    "SAR": 0.100615,
    "ScanOptions": "FS",
    "ScanningSequence": "EP",
    "SequenceName": "_epfid2d1_64",
    "SequenceVariant": "SK",
    "SeriesDescription": "ep2d_bold_PtoA_iPAT2_MagicTrick_Run2",
    "SeriesNumber": 10,
    "ShimSetting": [
      3372,
      -11939,
      11488,
      599,
      -14,
      -69,
      -55,
      13
    ],
    "SliceThickness": 3,
    "SliceTiming": [
      0,
      1.0175,
      0.055,
      1.07,
      0.1075,
      1.125,
      0.16,
      1.1775,
      0.215,
      1.23,
      0.2675,
      1.285,
      0.3225,
      1.3375,
      0.375,
      1.3925,
      0.4275,
      1.445,
      0.4825,
      1.4975,
      0.535,
      1.5525,
      0.59,
      1.605,
      0.6425,
      1.66,
      0.695,
      1.7125,
      0.75,
      1.7675,
      0.8025,
      1.82,
      0.8575,
      1.8725,
      0.91,
      1.9275,
      0.9625
    ],
    "SoftwareVersions": "syngo_MR_E11",
    "SpacingBetweenSlices": 3.75,
    "StationName": "AWP167013",
    "TaskName": "magictrickwatching",
    "TotalReadoutTime": 0.0166951,
    "TxRefAmp": 222.943,
    "dataset": "<unset>",
    "modality": "bold",
    "run_id": 2,
    "subject_id": "control039",
    "task_id": "magictrickwatching"
  },
  "dummy_trs": 1,
  "dvars_nstd": 22.549011220027545,
  "dvars_std": 1.0788525255096426,
  "dvars_vstd": 0.9871627695316811,
  "efc": 0.4621134273173904,
  "fber": 5589926.0,
  "fd_mean": 0.15016207477802254,
  "fd_num": 1,
  "fd_perc": 0.27472527472527475,
  "fwhm_avg": 2.5740355983993832,
  "fwhm_x": 2.4561333333333333,
  "fwhm_y": 2.757083114220054,
  "fwhm_z": 2.508890347644762,
  "gcor": 0.0222173,
  "gsr_x": 0.017628835514187813,
  "gsr_y": 0.023646624758839607,
  "provenance": {
    "md5sum": "1eaed8f3562fac66ea408bc336809b9c",
    "settings": {
      "fd_thres": 0.5,
      "testing": false
    },
    "software": "mriqc",
    "version": "0.16.1",
    "webapi_port": null,
    "webapi_url": "https://mriqc.nimh.nih.gov/api/v1"
  },
  "size_t": 364,
  "size_x": 64,
  "size_y": 64,
  "size_z": 37,
  "snr": 2.704777134448804,
  "spacing_tr": 2.0,
  "spacing_x": 3.0,
  "spacing_y": 3.000000238418579,
  "spacing_z": 3.750000476837158,
  "summary_bg_k": 31.215940539312,
  "summary_bg_mad": 0.23710517349434046,
  "summary_bg_mean": 13.88846492767334,
  "summary_bg_median": 0.16327913105487823,
  "summary_bg_n": 89606.0,
  "summary_bg_p05": 0.001421328284777701,
  "summary_bg_p95": 86.72595596313477,
  "summary_bg_stdv": 42.87898635864258,
  "summary_fg_k": 0.12266302770297344,
  "summary_fg_mad": 151.19239712437837,
  "summary_fg_mean": 427.12335205078125,
  "summary_fg_median": 404.8026123046875,
  "summary_fg_n": 27856.0,
  "summary_fg_p05": 225.2572479248047,
  "summary_fg_p95": 704.2286682128906,
  "summary_fg_stdv": 149.65940856933594,
  "tsnr": 60.37076187133789
}