{
  "aor": 0.0011903266331658292,
  "aqi": 0.004201131984924623,
  "bids_meta": {
    "AcquisitionMatrixPE": 64,
    "AcquisitionNumber": 1,
    "AcquisitionTime": "13:52:9.625000",
    "BandwidthPerPixelPhaseEncode": 58.962,
    "BaseResolution": 64,
    "BodyPartExamined": "HEAD",
    "ConsistencyInfo": "N4_VE11C_LATEST_20160120",
    "ConversionSoftware": "dcm2niix",
    "ConversionSoftwareVersion": "v1.0.20181125  GCC5.3.1",
    "DerivedVendorReportedEchoSpacing": 0.000530002,
    "DeviceSerialNumber": "167013",
    "DwellTime": 3.5e-06,
    "EchoTime": 0.03,
    "EchoTrainLength": 31,
    "EffectiveEchoSpacing": 0.000265001,
    "FlipAngle": 90,
    "ImageOrientationPatientDICOM": [
      0.998038,
      -0.0622785,
      0.00650899,
      0.0598188,
      0.978993,
      0.194923
    ],
    "ImageType": [
      "ORIGINAL",
      "PRIMARY",
      "M",
      "ND",
      "MOSAIC"
    ],
    "ImagingFrequency": 123.249,
    "InPlanePhaseEncodingDirectionDICOM": "COL",
    "InstitutionAddress": "Whiteknights_Campus_StreetNo_Reading_District_GB_RG6_7BE",
    "InstitutionName": "UoR",
    "InstitutionalDepartmentName": "Department",
    "MRAcquisitionType": "2D",
    "MagneticFieldStrength": 3,
    "Manufacturer": "Siemens",
    "ManufacturersModelName": "Prisma_fit",
    "Modality": "MR",
    "ParallelReductionFactorInPlane": 2,
    "PartialFourier": 1,
    "PatientPosition": "HFS",
    "PercentPhaseFOV": 100,
    "PhaseEncodingDirection": "j",
    "PhaseEncodingSteps": 63,
    "PhaseResolution": 1,
    "PixelBandwidth": 2230,
    "ProcedureStepDescription": "head_Kou_Murayama",
    "ProtocolName": "ep2d_bold_PtoA_iPAT2_MagicTrick_Run3",
    "PulseSequenceDetails": "%SiemensSeq%_ep2d_bold",
    "ReceiveCoilActiveElements": "HEA;HEP",
    "ReceiveCoilName": "Head_32",
    "ReconMatrixPE": 64,
    "RepetitionTime": 2,
    "SAR": 0.100615,
    "ScanOptions": "FS",
    "ScanningSequence": "EP",
    "SequenceName": "_epfid2d1_64",
    "SequenceVariant": "SK",
    "SeriesDescription": "ep2d_bold_PtoA_iPAT2_MagicTrick_Run3",
    "SeriesNumber": 11,
    "ShimSetting": [
      3372,
      -11939,
      11488,
      599,
      -14,
      -69,
      -55,
      13
    ],
    "SliceThickness": 3,
    "SliceTiming": [
      0,
      1.0175,
      0.055,
      1.07,
      0.1075,
      1.125,
      0.16,
      1.1775,
      0.215,
      1.23,
      0.2675,
      1.285,
      0.3225,
      1.3375,
      0.375,
      1.3925,
      0.4275,
      1.445,
      0.4825,
      1.4975,
      0.535,
      1.5525,
      0.59,
      1.605,
      0.6425,
      1.66,
      0.695,
      1.7125,
      0.75,
      1.7675,
      0.8025,
      1.82,
      0.8575,
      1.8725,
      0.91,
      1.9275,
      0.9625
    ],
    "SoftwareVersions": "syngo_MR_E11",
    "SpacingBetweenSlices": 3.75,
    "StationName": "AWP167013",
    "TaskName": "magictrickwatching",
    "TotalReadoutTime": 0.0166951,
    "TxRefAmp": 222.943,
    "dataset": "<unset>",
    "modality": "bold",
    "run_id": 3,
    "subject_id": "control039",
    "task_id": "magictrickwatching"
  },
  "dummy_trs": 1,
  "dvars_nstd": 23.776051338891666,
  "dvars_std": 1.0754857631989934,
  "dvars_vstd": 0.9826798036523936,
  "efc": 0.4654240841487492,
  "fber": 2248083.0,
  "fd_mean": 0.1671569833013063,
  "fd_num": 4,
  "fd_perc": 1.0050251256281406,
  "fwhm_avg": 2.5811813753108077,
  "fwhm_x": 2.4474733333333334,
  "fwhm_y": 2.782836445506696,
  "fwhm_z": 2.5132343470923937,
  "gcor": 0.0239737,
  "gsr_x": 0.018992358818650246,
  "gsr_y": 0.023878974840044975,
  "provenance": {
    "md5sum": "9091de68aa35da0f41cdfafde01d9afc",
    "settings": {
      "fd_thres": 0.5,
      "testing": false
    },
    "software": "mriqc",
    "version": "0.16.1",
    "webapi_port": null,
    "webapi_url": "https://mriqc.nimh.nih.gov/api/v1"
  },
  "size_t": 398,
  "size_x": 64,
  "size_y": 64,
  "size_z": 37,
  "snr": 2.702916735503185,
  "spacing_tr": 2.0,
  "spacing_x": 3.0,
  "spacing_y": 3.000000238418579,
  "spacing_z": 3.750000476837158,
  "summary_bg_k": 32.12725508181353,
  "summary_bg_mad": 0.3637462075097709,
  "summary_bg_mean": 13.817926406860352,
  "summary_bg_median": 0.2506122589111328,
  "summary_bg_n": 89097.0,
  "summary_bg_p05": 0.0024669221602380276,
  "summary_bg_p95": 84.34126586914059,
  "summary_bg_stdv": 41.29287338256836,
  "summary_fg_k": 0.09630067379235552,
  "summary_fg_mad": 151.1039423106217,
  "summary_fg_mean": 425.7913818359375,
  "summary_fg_median": 403.71270751953125,
  "summary_fg_n": 28009.0,
  "summary_fg_p05": 224.1448486328125,
  "summary_fg_p95": 701.6975708007812,
  "summary_fg_stdv": 149.3592071533203,
  "tsnr": 51.75386047363281
}