{
  "aor": 0.0026840999999999996,
  "aqi": 0.007838296799999998,
  "bids_meta": {
    "AcquisitionMatrixPE": 64,
    "AcquisitionNumber": 1,
    "AcquisitionTime": "14:07:2.705000",
    "BandwidthPerPixelPhaseEncode": 58.962,
    "BaseResolution": 64,
    "BodyPartExamined": "HEAD",
    "ConsistencyInfo": "N4_VE11C_LATEST_20160120",
    "ConversionSoftware": "dcm2niix",
    "ConversionSoftwareVersion": "v1.0.20181125  GCC5.3.1",
    "DerivedVendorReportedEchoSpacing": 0.000530002,
    "DeviceSerialNumber": "167013",
    "DwellTime": 3.5e-06,
    "EchoTime": 0.03,
    "EchoTrainLength": 31,
    "EffectiveEchoSpacing": 0.000265001,
    "FlipAngle": 90,
    "ImageOrientationPatientDICOM": [
      0.998038,
      -0.0622785,
      0.00650899,
      0.0598188,
      0.978993,
      0.194923
    ],
    "ImageType": [
      "ORIGINAL",
      "PRIMARY",
      "M",
      "ND",
      "MOSAIC"
    ],
    "ImagingFrequency": 123.249,
    "InPlanePhaseEncodingDirectionDICOM": "COL",
    "InstitutionAddress": "Whiteknights_Campus_StreetNo_Reading_District_GB_RG6_7BE",
    "InstitutionName": "UoR",
    "InstitutionalDepartmentName": "Department",
    "MRAcquisitionType": "2D",
    "MagneticFieldStrength": 3,
    "Manufacturer": "Siemens",
    "ManufacturersModelName": "Prisma_fit",
    "Modality": "MR",
    "ParallelReductionFactorInPlane": 2,
    "PartialFourier": 1,
    "PatientPosition": "HFS",
    "PercentPhaseFOV": 100,
    "PhaseEncodingDirection": "j",
    "PhaseEncodingSteps": 63,
    "PhaseResolution": 1,
    "PixelBandwidth": 2230,
    "ProcedureStepDescription": "head_Kou_Murayama",
    "ProtocolName": "ep2d_bold_PtoA_iPAT2_PostResting",
    "PulseSequenceDetails": "%SiemensSeq%_ep2d_bold",
    "ReceiveCoilActiveElements": "HEA;HEP",
    "ReceiveCoilName": "Head_32",
    "ReconMatrixPE": 64,
    "RepetitionTime": 2,
    "SAR": 0.100485,
    "ScanOptions": "FS",
    "ScanningSequence": "EP",
    "SequenceName": "_epfid2d1_64",
    "SequenceVariant": "SK",
    "SeriesDescription": "ep2d_bold_PtoA_iPAT2_PostResting",
    "SeriesNumber": 12,
    "ShimSetting": [
      3372,
      -11939,
      11488,
      599,
      -14,
      -69,
      -55,
      13
    ],
    "SliceThickness": 3,
    "SliceTiming": [
      0,
      1.0175,
      0.055,
      1.0725,
      0.1075,
      1.125,
      0.1625,
      1.1775,
      0.215,
      1.2325,
      0.27,
      1.285,
      0.3225,
      1.34,
      0.375,
      1.3925,
      0.43,
      1.445,
      0.4825,
      1.5,
      0.5375,
      1.5525,
      0.59,
      1.6075,
      0.6425,
      1.66,
      0.6975,
      1.7125,
      0.75,
      1.7675,
      0.805,
      1.82,
      0.8575,
      1.875,
      0.91,
      1.9275,
      0.965
    ],
    "SoftwareVersions": "syngo_MR_E11",
    "SpacingBetweenSlices": 3.75,
    "StationName": "AWP167013",
    "TaskName": "rest",
    "TotalReadoutTime": 0.0166951,
    "TxRefAmp": 222.943,
    "dataset": "<unset>",
    "modality": "bold",
    "run_id": 2,
    "subject_id": "control039",
    "task_id": "rest"
  },
  "dummy_trs": 0,
  "dvars_nstd": 25.70212730381272,
  "dvars_std": 1.015696754013378,
  "dvars_vstd": 0.9528083469899671,
  "efc": 0.4702558493155858,
  "fber": 626915.4375,
  "fd_mean": 0.24273620209178046,
  "fd_num": 6,
  "fd_perc": 2.0,
  "fwhm_avg": 2.5534889349806833,
  "fwhm_x": 2.4711,
  "fwhm_y": 2.757143114215286,
  "fwhm_z": 2.4322236907267643,
  "gcor": 0.0212613,
  "gsr_x": 0.021314317360520363,
  "gsr_y": 0.02628723345696926,
  "provenance": {
    "md5sum": "1c656db5cedcb7e9b884a180bc69b794",
    "settings": {
      "fd_thres": 0.5,
      "testing": false
    },
    "software": "mriqc",
    "version": "0.16.1",
    "webapi_port": null,
    "webapi_url": "https://mriqc.nimh.nih.gov/api/v1"
  },
  "size_t": 300,
  "size_x": 64,
  "size_y": 64,
  "size_z": 37,
  "snr": 2.6681622205077233,
  "spacing_tr": 2.0,
  "spacing_x": 3.0,
  "spacing_y": 3.000000238418579,
  "spacing_z": 3.750000476837158,
  "summary_bg_k": 33.693488829651315,
  "summary_bg_mad": 0.6649499693089134,
  "summary_bg_mean": 14.553421974182129,
  "summary_bg_median": 0.44925644993782043,
  "summary_bg_n": 88646.0,
  "summary_bg_p05": 3.397460841370048e-05,
  "summary_bg_p95": 85.31430053710938,
  "summary_bg_stdv": 41.78379821777344,
  "summary_fg_k": 0.17679689892520667,
  "summary_fg_mad": 149.3059115836227,
  "summary_fg_mean": 418.0869140625,
  "summary_fg_median": 396.36517333984375,
  "summary_fg_n": 28392.0,
  "summary_fg_p05": 217.7270851135254,
  "summary_fg_p95": 693.9753692626953,
  "summary_fg_stdv": 148.55101013183594,
  "tsnr": 39.305641174316406
}