{
  "aor": 0.0013861204013377929,
  "aqi": 0.004780173244147157,
  "bids_meta": {
    "AcquisitionMatrixPE": 64,
    "AcquisitionNumber": 1,
    "AcquisitionTime": "13:50:17.610000",
    "BandwidthPerPixelPhaseEncode": 58.962,
    "BaseResolution": 64,
    "BodyPartExamined": "HEAD",
    "ConsistencyInfo": "N4_VE11C_LATEST_20160120",
    "ConversionSoftware": "dcm2niix",
    "ConversionSoftwareVersion": "v1.0.20181125  GCC5.3.1",
    "DerivedVendorReportedEchoSpacing": 0.000530002,
    "DeviceSerialNumber": "167013",
    "DwellTime": 3.5e-06,
    "EchoTime": 0.03,
    "EchoTrainLength": 31,
    "EffectiveEchoSpacing": 0.000265001,
    "FlipAngle": 90,
    "ImageOrientationPatientDICOM": [
      0.998813,
      -0.0113367,
      -0.0473786,
      0.0160394,
      0.994849,
      0.100089
    ],
    "ImageType": [
      "ORIGINAL",
      "PRIMARY",
      "M",
      "ND",
      "MOSAIC"
    ],
    "ImagingFrequency": 123.249,
    "InPlanePhaseEncodingDirectionDICOM": "COL",
    "InstitutionAddress": "Whiteknights_Campus_StreetNo_Reading_District_GB_RG6_7BE",
    "InstitutionName": "UoR",
    "InstitutionalDepartmentName": "Department",
    "MRAcquisitionType": "2D",
    "MagneticFieldStrength": 3,
    "Manufacturer": "Siemens",
    "ManufacturersModelName": "Prisma_fit",
    "Modality": "MR",
    "ParallelReductionFactorInPlane": 2,
    "PartialFourier": 1,
    "PatientPosition": "HFS",
    "PercentPhaseFOV": 100,
    "PhaseEncodingDirection": "j",
    "PhaseEncodingSteps": 63,
    "PhaseResolution": 1,
    "PixelBandwidth": 2230,
    "ProcedureStepDescription": "head_Kou_Murayama",
    "ProtocolName": "ep2d_bold_PtoA_iPAT2_PostResting",
    "PulseSequenceDetails": "%SiemensSeq%_ep2d_bold",
    "ReceiveCoilActiveElements": "HEA;HEP",
    "ReceiveCoilName": "Head_32",
    "ReconMatrixPE": 64,
    "RepetitionTime": 2,
    "SAR": 0.10327,
    "ScanOptions": "FS",
    "ScanningSequence": "EP",
    "SequenceName": "_epfid2d1_64",
    "SequenceVariant": "SK",
    "SeriesDescription": "ep2d_bold_PtoA_iPAT2_PostResting",
    "SeriesNumber": 12,
    "ShimSetting": [
      3373,
      -11982,
      11474,
      382,
      28,
      -295,
      94,
      82
    ],
    "SliceThickness": 3,
    "SliceTiming": [
      0,
      1.015,
      0.0525,
      1.07,
      0.1075,
      1.1225,
      0.16,
      1.1775,
      0.2125,
      1.23,
      0.2675,
      1.285,
      0.32,
      1.3375,
      0.375,
      1.39,
      0.4275,
      1.445,
      0.48,
      1.4975,
      0.535,
      1.5525,
      0.5875,
      1.605,
      0.6425,
      1.6575,
      0.695,
      1.7125,
      0.7475,
      1.765,
      0.8025,
      1.82,
      0.855,
      1.8725,
      0.91,
      1.925,
      0.9625
    ],
    "SoftwareVersions": "syngo_MR_E11",
    "SpacingBetweenSlices": 3.75,
    "StationName": "AWP167013",
    "TaskName": "rest",
    "TotalReadoutTime": 0.0166951,
    "TxRefAmp": 232.019,
    "dataset": "<unset>",
    "modality": "bold",
    "run_id": 2,
    "subject_id": "control019",
    "task_id": "rest"
  },
  "dummy_trs": 1,
  "dvars_nstd": 29.608625341711406,
  "dvars_std": 1.1584257326845637,
  "dvars_vstd": 0.9619458014429529,
  "efc": 0.4693411760075762,
  "fber": 2587461.5,
  "fd_mean": 0.12128586286364715,
  "fd_num": 1,
  "fd_perc": 0.33444816053511706,
  "fwhm_avg": 2.7807965776671613,
  "fwhm_x": 2.6638002116998205,
  "fwhm_y": 3.011709521301664,
  "fwhm_z": 2.66688,
  "gcor": 0.0206475,
  "gsr_x": 0.01273711584508419,
  "gsr_y": 0.03934222832322121,
  "provenance": {
    "md5sum": "6435a549ff4b11800bfccae377b3f29e",
    "settings": {
      "fd_thres": 0.5,
      "testing": false
    },
    "software": "mriqc",
    "version": "0.16.1",
    "webapi_port": null,
    "webapi_url": "https://mriqc.nimh.nih.gov/api/v1"
  },
  "size_t": 299,
  "size_x": 64,
  "size_y": 64,
  "size_z": 37,
  "snr": 2.6806937205574877,
  "spacing_tr": 2.0,
  "spacing_x": 2.999999761581421,
  "spacing_y": 3.000000476837158,
  "spacing_z": 3.75,
  "summary_bg_k": 36.296184323358865,
  "summary_bg_mad": 0.3374281497635012,
  "summary_bg_mean": 13.025951385498047,
  "summary_bg_median": 0.2316097915172577,
  "summary_bg_n": 88010.0,
  "summary_bg_p05": 0.0014813186251558365,
  "summary_bg_p95": 81.5541473388672,
  "summary_bg_stdv": 37.64387130737305,
  "summary_fg_k": 0.10412459589861633,
  "summary_fg_mad": 153.696324412413,
  "summary_fg_mean": 425.99896240234375,
  "summary_fg_median": 402.2255859375,
  "summary_fg_n": 28746.0,
  "summary_fg_p05": 223.46097946166992,
  "summary_fg_p95": 703.0007171630859,
  "summary_fg_stdv": 150.042724609375,
  "tsnr": 51.41653823852539
}