{
  "aor": 0.0017166333333333331,
  "aqi": 0.0027386158999999997,
  "bids_meta": {
    "AcquisitionMatrixPE": 64,
    "AcquisitionNumber": 1,
    "AcquisitionTime": "13:17:24.510000",
    "BandwidthPerPixelPhaseEncode": 58.962,
    "BaseResolution": 64,
    "BodyPartExamined": "HEAD",
    "ConsistencyInfo": "N4_VE11C_LATEST_20160120",
    "ConversionSoftware": "dcm2niix",
    "ConversionSoftwareVersion": "v1.0.20181125  GCC5.3.1",
    "DerivedVendorReportedEchoSpacing": 0.000530002,
    "DeviceSerialNumber": "167013",
    "DwellTime": 3.5e-06,
    "EchoTime": 0.03,
    "EchoTrainLength": 31,
    "EffectiveEchoSpacing": 0.000265001,
    "FlipAngle": 90,
    "ImageOrientationPatientDICOM": [
      0.997139,
      0.0225192,
      0.0721531,
      -0.0276784,
      0.997069,
      0.0713204
    ],
    "ImageType": [
      "ORIGINAL",
      "PRIMARY",
      "M",
      "ND",
      "MOSAIC"
    ],
    "ImagingFrequency": 123.249,
    "InPlanePhaseEncodingDirectionDICOM": "COL",
    "InstitutionAddress": "Whiteknights_Campus_StreetNo_Reading_District_GB_RG6_7BE",
    "InstitutionName": "UoR",
    "InstitutionalDepartmentName": "Department",
    "MRAcquisitionType": "2D",
    "MagneticFieldStrength": 3,
    "Manufacturer": "Siemens",
    "ManufacturersModelName": "Prisma_fit",
    "Modality": "MR",
    "ParallelReductionFactorInPlane": 2,
    "PartialFourier": 1,
    "PatientPosition": "HFS",
    "PercentPhaseFOV": 100,
    "PhaseEncodingDirection": "j",
    "PhaseEncodingSteps": 63,
    "PhaseResolution": 1,
    "PixelBandwidth": 2230,
    "ProcedureStepDescription": "head_Kou_Murayama",
    "ProtocolName": "ep2d_bold_PtoA_iPAT2_PostResting",
    "PulseSequenceDetails": "%SiemensSeq%_ep2d_bold",
    "ReceiveCoilActiveElements": "HEA;HEP",
    "ReceiveCoilName": "Head_32",
    "ReconMatrixPE": 64,
    "RepetitionTime": 2,
    "SAR": 0.110657,
    "ScanOptions": "FS",
    "ScanningSequence": "EP",
    "SequenceName": "_epfid2d1_64",
    "SequenceVariant": "SK",
    "SeriesDescription": "ep2d_bold_PtoA_iPAT2_PostResting",
    "SeriesNumber": 12,
    "ShimSetting": [
      3394,
      -11965,
      11497,
      486,
      -11,
      -243,
      -67,
      14
    ],
    "SliceThickness": 3,
    "SliceTiming": [
      0,
      1.0175,
      0.0525,
      1.07,
      0.1075,
      1.1225,
      0.16,
      1.1775,
      0.215,
      1.23,
      0.2675,
      1.285,
      0.32,
      1.3375,
      0.375,
      1.39,
      0.4275,
      1.445,
      0.4825,
      1.4975,
      0.535,
      1.5525,
      0.5875,
      1.605,
      0.6425,
      1.6575,
      0.695,
      1.7125,
      0.75,
      1.765,
      0.8025,
      1.82,
      0.855,
      1.8725,
      0.91,
      1.925,
      0.9625
    ],
    "SoftwareVersions": "syngo_MR_E11",
    "SpacingBetweenSlices": 3.75,
    "StationName": "AWP167013",
    "TaskName": "rest",
    "TotalReadoutTime": 0.0166951,
    "TxRefAmp": 230.327,
    "dataset": "<unset>",
    "modality": "bold",
    "run_id": 2,
    "subject_id": "control013",
    "task_id": "rest"
  },
  "dummy_trs": 0,
  "dvars_nstd": 24.55061257377927,
  "dvars_std": 1.2217331485618719,
  "dvars_vstd": 1.006355810802675,
  "efc": 0.45330432109003826,
  "fber": 14423232.0,
  "fd_mean": 0.08061091323759195,
  "fd_num": 1,
  "fd_perc": 0.3333333333333333,
  "fwhm_avg": 2.9188023117678177,
  "fwhm_x": 2.8089537798045123,
  "fwhm_y": 3.1503599999999996,
  "fwhm_z": 2.7970931554989398,
  "gcor": 0.0689078,
  "gsr_x": 0.01576921157538891,
  "gsr_y": 0.03412644565105438,
  "provenance": {
    "md5sum": "94ca3967f9de4553665d968347853b82",
    "settings": {
      "fd_thres": 0.5,
      "testing": false
    },
    "software": "mriqc",
    "version": "0.16.1",
    "webapi_port": null,
    "webapi_url": "https://mriqc.nimh.nih.gov/api/v1"
  },
  "size_t": 300,
  "size_x": 64,
  "size_y": 64,
  "size_z": 37,
  "snr": 2.585515180717892,
  "spacing_tr": 2.0,
  "spacing_x": 2.999999523162842,
  "spacing_y": 3.0,
  "spacing_z": 3.750000238418579,
  "summary_bg_k": 31.320183501342456,
  "summary_bg_mad": 0.16760267914512195,
  "summary_bg_mean": 16.04721450805664,
  "summary_bg_median": 0.11415853351354599,
  "summary_bg_n": 90059.0,
  "summary_bg_p05": 0.00027446556778159046,
  "summary_bg_p95": 105.87709426879871,
  "summary_bg_stdv": 48.63178634643555,
  "summary_fg_k": 0.03197016802039032,
  "summary_fg_mad": 194.2917902115263,
  "summary_fg_mean": 514.5806884765625,
  "summary_fg_median": 483.1374206542969,
  "summary_fg_n": 26495.0,
  "summary_fg_p05": 267.0061401367187,
  "summary_fg_p95": 860.7460937499998,
  "summary_fg_stdv": 186.85958862304688,
  "tsnr": 61.495086669921875
}