{
  "aor": 0.0004852,
  "aqi": 0.003728432599999999,
  "bids_meta": {
    "AcquisitionMatrixPE": 64,
    "AcquisitionNumber": 1,
    "AcquisitionTime": "12:21:50.282500",
    "BandwidthPerPixelPhaseEncode": 58.962,
    "BaseResolution": 64,
    "BodyPartExamined": "HEAD",
    "ConsistencyInfo": "N4_VE11C_LATEST_20160120",
    "ConversionSoftware": "dcm2niix",
    "ConversionSoftwareVersion": "v1.0.20181125  GCC5.3.1",
    "DerivedVendorReportedEchoSpacing": 0.000530002,
    "DeviceSerialNumber": "167013",
    "DwellTime": 3.5e-06,
    "EchoTime": 0.03,
    "EchoTrainLength": 31,
    "EffectiveEchoSpacing": 0.000265001,
    "FlipAngle": 90,
    "ImageOrientationPatientDICOM": [
      0.997139,
      0.0225192,
      0.0721531,
      -0.0276784,
      0.997069,
      0.0713204
    ],
    "ImageType": [
      "ORIGINAL",
      "PRIMARY",
      "M",
      "ND",
      "MOSAIC"
    ],
    "ImagingFrequency": 123.249,
    "InPlanePhaseEncodingDirectionDICOM": "COL",
    "InstitutionAddress": "Whiteknights_Campus_StreetNo_Reading_District_GB_RG6_7BE",
    "InstitutionName": "UoR",
    "InstitutionalDepartmentName": "Department",
    "MRAcquisitionType": "2D",
    "MagneticFieldStrength": 3,
    "Manufacturer": "Siemens",
    "ManufacturersModelName": "Prisma_fit",
    "Modality": "MR",
    "ParallelReductionFactorInPlane": 2,
    "PartialFourier": 1,
    "PatientPosition": "HFS",
    "PercentPhaseFOV": 100,
    "PhaseEncodingDirection": "j",
    "PhaseEncodingSteps": 63,
    "PhaseResolution": 1,
    "PixelBandwidth": 2230,
    "ProcedureStepDescription": "head_Kou_Murayama",
    "ProtocolName": "ep2d_bold_PtoA_iPAT2_PreResting",
    "PulseSequenceDetails": "%SiemensSeq%_ep2d_bold",
    "ReceiveCoilActiveElements": "HEA;HEP",
    "ReceiveCoilName": "Head_32",
    "ReconMatrixPE": 64,
    "RepetitionTime": 2,
    "SAR": 0.110657,
    "ScanOptions": "FS",
    "ScanningSequence": "EP",
    "SequenceName": "_epfid2d1_64",
    "SequenceVariant": "SK",
    "SeriesDescription": "ep2d_bold_PtoA_iPAT2_PreResting",
    "SeriesNumber": 6,
    "ShimSetting": [
      3394,
      -11965,
      11497,
      486,
      -11,
      -243,
      -67,
      14
    ],
    "SliceThickness": 3,
    "SliceTiming": [
      0,
      1.015,
      0.0525,
      1.07,
      0.105,
      1.1225,
      0.16,
      1.175,
      0.2125,
      1.23,
      0.2675,
      1.2825,
      0.32,
      1.3375,
      0.3725,
      1.39,
      0.4275,
      1.4425,
      0.48,
      1.4975,
      0.535,
      1.55,
      0.5875,
      1.605,
      0.64,
      1.6575,
      0.695,
      1.71,
      0.7475,
      1.765,
      0.8025,
      1.8175,
      0.855,
      1.8725,
      0.9075,
      1.925,
      0.9625
    ],
    "SoftwareVersions": "syngo_MR_E11",
    "SpacingBetweenSlices": 3.75,
    "StationName": "AWP167013",
    "TaskName": "rest",
    "TotalReadoutTime": 0.0166951,
    "TxRefAmp": 230.327,
    "dataset": "<unset>",
    "modality": "bold",
    "run_id": 1,
    "subject_id": "control013",
    "task_id": "rest"
  },
  "dummy_trs": 0,
  "dvars_nstd": 24.79640681267558,
  "dvars_std": 1.1131923013377925,
  "dvars_vstd": 0.9497552203010036,
  "efc": 0.4515754423836412,
  "fber": 5622328.5,
  "fd_mean": 0.11865526621956016,
  "fd_num": 0,
  "fd_perc": 0.0,
  "fwhm_avg": 2.9161967575257193,
  "fwhm_x": 2.824507115609982,
  "fwhm_y": 3.1500833333333333,
  "fwhm_z": 2.773999823633841,
  "gcor": 0.0537315,
  "gsr_x": 0.01459245290607214,
  "gsr_y": 0.03268842026591301,
  "provenance": {
    "md5sum": "315ca74bdaf38e5fa27f09a99f935735",
    "settings": {
      "fd_thres": 0.5,
      "testing": false
    },
    "software": "mriqc",
    "version": "0.16.1",
    "webapi_port": null,
    "webapi_url": "https://mriqc.nimh.nih.gov/api/v1"
  },
  "size_t": 300,
  "size_x": 64,
  "size_y": 64,
  "size_z": 37,
  "snr": 2.577526410670605,
  "spacing_tr": 2.0,
  "spacing_x": 2.999999523162842,
  "spacing_y": 3.0,
  "spacing_z": 3.750000238418579,
  "summary_bg_k": 32.14443021695997,
  "summary_bg_mad": 0.2655535511255814,
  "summary_bg_mean": 15.264859199523926,
  "summary_bg_median": 0.18183715641498566,
  "summary_bg_n": 90414.0,
  "summary_bg_p05": 0.0013314603304024788,
  "summary_bg_p95": 96.20959243774408,
  "summary_bg_stdv": 45.25818634033203,
  "summary_fg_k": -0.04135254300204849,
  "summary_fg_mad": 191.6932547313867,
  "summary_fg_mean": 507.0830078125,
  "summary_fg_median": 475.22943115234375,
  "summary_fg_n": 26368.0,
  "summary_fg_p05": 261.94066162109374,
  "summary_fg_p95": 849.0151336669921,
  "summary_fg_stdv": 184.3707275390625,
  "tsnr": 53.8466796875
}