{
  "aor": 0.0009282597402597402,
  "aqi": 0.003929720597402597,
  "bids_meta": {
    "AcquisitionMatrixPE": 64,
    "AcquisitionNumber": 1,
    "AcquisitionTime": "12:35:30.385000",
    "BandwidthPerPixelPhaseEncode": 58.962,
    "BaseResolution": 64,
    "BodyPartExamined": "HEAD",
    "ConsistencyInfo": "N4_VE11C_LATEST_20160120",
    "ConversionSoftware": "dcm2niix",
    "ConversionSoftwareVersion": "v1.0.20181125  GCC5.3.1",
    "DerivedVendorReportedEchoSpacing": 0.000530002,
    "DeviceSerialNumber": "167013",
    "DwellTime": 3.5e-06,
    "EchoTime": 0.03,
    "EchoTrainLength": 31,
    "EffectiveEchoSpacing": 0.000265001,
    "FlipAngle": 90,
    "ImageOrientationPatientDICOM": [
      0.997139,
      0.0225192,
      0.0721531,
      -0.0276784,
      0.997069,
      0.0713204
    ],
    "ImageType": [
      "ORIGINAL",
      "PRIMARY",
      "M",
      "ND",
      "MOSAIC"
    ],
    "ImagingFrequency": 123.249,
    "InPlanePhaseEncodingDirectionDICOM": "COL",
    "InstitutionAddress": "Whiteknights_Campus_StreetNo_Reading_District_GB_RG6_7BE",
    "InstitutionName": "UoR",
    "InstitutionalDepartmentName": "Department",
    "MRAcquisitionType": "2D",
    "MagneticFieldStrength": 3,
    "Manufacturer": "Siemens",
    "ManufacturersModelName": "Prisma_fit",
    "Modality": "MR",
    "ParallelReductionFactorInPlane": 2,
    "PartialFourier": 1,
    "PatientPosition": "HFS",
    "PercentPhaseFOV": 100,
    "PhaseEncodingDirection": "j",
    "PhaseEncodingSteps": 63,
    "PhaseResolution": 1,
    "PixelBandwidth": 2230,
    "ProcedureStepDescription": "head_Kou_Murayama",
    "ProtocolName": "ep2d_bold_PtoA_iPAT2_MagicTrick_Run1",
    "PulseSequenceDetails": "%SiemensSeq%_ep2d_bold",
    "ReceiveCoilActiveElements": "HEA;HEP",
    "ReceiveCoilName": "Head_32",
    "ReconMatrixPE": 64,
    "RepetitionTime": 2,
    "SAR": 0.1108,
    "ScanOptions": "FS",
    "ScanningSequence": "EP",
    "SequenceName": "_epfid2d1_64",
    "SequenceVariant": "SK",
    "SeriesDescription": "ep2d_bold_PtoA_iPAT2_MagicTrick_Run1",
    "SeriesNumber": 9,
    "ShimSetting": [
      3394,
      -11965,
      11497,
      486,
      -11,
      -243,
      -67,
      14
    ],
    "SliceThickness": 3,
    "SliceTiming": [
      0,
      1.0175,
      0.0525,
      1.07,
      0.1075,
      1.1225,
      0.16,
      1.1775,
      0.215,
      1.23,
      0.2675,
      1.285,
      0.32,
      1.3375,
      0.375,
      1.3925,
      0.4275,
      1.445,
      0.4825,
      1.4975,
      0.535,
      1.5525,
      0.5875,
      1.605,
      0.6425,
      1.66,
      0.695,
      1.7125,
      0.75,
      1.765,
      0.8025,
      1.82,
      0.855,
      1.8725,
      0.91,
      1.9275,
      0.9625
    ],
    "SoftwareVersions": "syngo_MR_E11",
    "SpacingBetweenSlices": 3.75,
    "StationName": "AWP167013",
    "TaskName": "magictrickwatching",
    "TotalReadoutTime": 0.0166951,
    "TxRefAmp": 230.327,
    "dataset": "<unset>",
    "modality": "bold",
    "run_id": 1,
    "subject_id": "control013",
    "task_id": "magictrickwatching"
  },
  "dummy_trs": 0,
  "dvars_nstd": 23.964742104036443,
  "dvars_std": 1.1538317220052088,
  "dvars_vstd": 0.9723190238541667,
  "efc": 0.452354633848063,
  "fber": 4239587.0,
  "fd_mean": 0.0815743520634888,
  "fd_num": 0,
  "fd_perc": 0.0,
  "fwhm_avg": 2.9180054808671443,
  "fwhm_x": 2.8193931092681006,
  "fwhm_y": 3.125636666666667,
  "fwhm_z": 2.8089866666666667,
  "gcor": 0.0542998,
  "gsr_x": 0.014190073125064373,
  "gsr_y": 0.03280235454440117,
  "provenance": {
    "md5sum": "74f3b4d2933dd2947aa28bf42fe08d61",
    "settings": {
      "fd_thres": 0.5,
      "testing": false
    },
    "software": "mriqc",
    "version": "0.16.1",
    "webapi_port": null,
    "webapi_url": "https://mriqc.nimh.nih.gov/api/v1"
  },
  "size_t": 385,
  "size_x": 64,
  "size_y": 64,
  "size_z": 37,
  "snr": 2.5840760274822347,
  "spacing_tr": 2.0,
  "spacing_x": 3.000000238418579,
  "spacing_y": 3.0,
  "spacing_z": 3.75,
  "summary_bg_k": 32.29394121078364,
  "summary_bg_mad": 0.3168685321590363,
  "summary_bg_mean": 15.367765426635742,
  "summary_bg_median": 0.21904534101486206,
  "summary_bg_n": 90128.0,
  "summary_bg_p05": 0.0016358295630197973,
  "summary_bg_p95": 97.81450386047356,
  "summary_bg_stdv": 45.953609466552734,
  "summary_fg_k": 0.04211042358393824,
  "summary_fg_mad": 192.7128604746125,
  "summary_fg_mean": 513.38427734375,
  "summary_fg_median": 481.13250732421875,
  "summary_fg_n": 26428.0,
  "summary_fg_p05": 266.5385940551758,
  "summary_fg_p95": 859.8651062011718,
  "summary_fg_stdv": 186.1877899169922,
  "tsnr": 52.770267486572266
}