{
  "bids_meta": {
    "AcquisitionMatrixPE": 256,
    "AcquisitionNumber": 1,
    "AcquisitionTime": "14:15:28.805000",
    "BaseResolution": 256,
    "BodyPartExamined": "HEAD",
    "ConsistencyInfo": "N4_VE11C_LATEST_20160120",
    "ConversionSoftware": "dcm2niix",
    "ConversionSoftwareVersion": "v1.0.20181125  GCC5.3.1",
    "DeviceSerialNumber": "167013",
    "DwellTime": 9.8e-06,
    "EchoTime": 0.00229,
    "FlipAngle": 8,
    "ImageOrientationPatientDICOM": [
      -0.0577262,
      0.953829,
      0.29475,
      -0.0481802,
      0.292236,
      -0.955132
    ],
    "ImageType": [
      "ORIGINAL",
      "PRIMARY",
      "M",
      "ND",
      "NORM"
    ],
    "ImagingFrequency": 123.249,
    "InPlanePhaseEncodingDirectionDICOM": "ROW",
    "InstitutionAddress": "Whiteknights_Campus_StreetNo_Reading_District_GB_RG6_7BE",
    "InstitutionName": "UoR",
    "InstitutionalDepartmentName": "Department",
    "InversionTime": 0.9,
    "MRAcquisitionType": "3D",
    "MagneticFieldStrength": 3,
    "Manufacturer": "Siemens",
    "ManufacturersModelName": "Prisma_fit",
    "Modality": "MR",
    "PartialFourier": 1,
    "PatientPosition": "HFS",
    "PercentPhaseFOV": 100,
    "PhaseEncodingSteps": 255,
    "PhaseResolution": 1,
    "PixelBandwidth": 200,
    "ProcedureStepDescription": "head_Kou_Murayama",
    "ProtocolName": "t1_mprage_sag_p2_iso_192",
    "PulseSequenceDetails": "%SiemensSeq%_tfl",
    "ReceiveCoilActiveElements": "HEA;HEP",
    "ReceiveCoilName": "Head_32",
    "ReconMatrixPE": 256,
    "RepetitionTime": 2.3,
    "SAR": 0.0480903,
    "ScanOptions": "IR",
    "ScanningSequence": "GR_IR",
    "SequenceName": "_tfl3d1_16ns",
    "SequenceVariant": "SK_SP_MP",
    "SeriesDescription": "t1_mprage_sag_p2_iso_192",
    "SeriesNumber": 13,
    "ShimSetting": [
      3382,
      -11946,
      11206,
      -4,
      -40,
      -152,
      -34,
      21
    ],
    "SliceThickness": 0.94,
    "SoftwareVersions": "syngo_MR_E11",
    "StationName": "AWP167013",
    "TxRefAmp": 220.698,
    "dataset": "<unset>",
    "modality": "T1w",
    "rec_id": "NORM",
    "subject_id": "experimental046"
  },
  "cjv": 0.34366171591815925,
  "cnr": 3.8109241005722536,
  "efc": 0.5489697288769214,
  "fber": 7245.908960394494,
  "fwhm_avg": 3.8708570704009464,
  "fwhm_x": 3.849616298737409,
  "fwhm_y": 3.8968746666666667,
  "fwhm_z": 3.8660802457987624,
  "icvs_csf": 0.20182906637145837,
  "icvs_gm": 0.41566970546340987,
  "icvs_wm": 0.38250122816513177,
  "inu_med": 1.182895302772522,
  "inu_range": 0.30304589271545357,
  "provenance": {
    "md5sum": "1de53e992a3f436fb6c8e05ecbaeff38",
    "settings": {
      "testing": false
    },
    "software": "mriqc",
    "version": "0.16.1",
    "warnings": {
      "large_rot_frame": true,
      "small_air_mask": false
    },
    "webapi_port": null,
    "webapi_url": "https://mriqc.nimh.nih.gov/api/v1"
  },
  "qi_1": 0.0,
  "qi_2": 0.016842917308338333,
  "rpve_csf": 23.249383517438716,
  "rpve_gm": 12.223121888239172,
  "rpve_wm": 16.566478277865752,
  "size_x": 192,
  "size_y": 256,
  "size_z": 256,
  "snr_csf": 3.55159195903758,
  "snr_gm": 11.28364429036982,
  "snr_total": 12.673071504860431,
  "snr_wm": 23.183978265173895,
  "snrd_csf": 42.62431005148844,
  "snrd_gm": 77.72668303506717,
  "snrd_total": 76.68569328463478,
  "snrd_wm": 109.70608676734871,
  "spacing_x": 0.9400001764297485,
  "spacing_y": 0.9375,
  "spacing_z": 0.9374999403953552,
  "summary_bg_k": 37.60267647883157,
  "summary_bg_mad": 5.971741589697476,
  "summary_bg_mean": 6.4915749758835055,
  "summary_bg_median": 4.027878493070602,
  "summary_bg_n": 2274523.0,
  "summary_bg_p05": 0.0,
  "summary_bg_p95": 20.139392465353012,
  "summary_bg_stdv": 6.922781506546632,
  "summary_csf_k": -0.414023020594263,
  "summary_csf_mad": 120.70969797601977,
  "summary_csf_mean": 377.3610331251505,
  "summary_csf_median": 388.5318748652935,
  "summary_csf_n": 13963.0,
  "summary_csf_p05": 192.62763179838657,
  "summary_csf_p95": 540.043466091156,
  "summary_csf_stdv": 109.39262341759726,
  "summary_gm_k": 0.03848306007952429,
  "summary_gm_mad": 61.99875538067941,
  "summary_gm_mean": 707.9767359979533,
  "summary_gm_median": 708.499301224947,
  "summary_gm_n": 31802.0,
  "summary_gm_p05": 602.6452967152,
  "summary_gm_p95": 810.6444895267487,
  "summary_gm_stdv": 62.78894864813381,
  "summary_wm_k": 1.121613833627559,
  "summary_wm_mad": 38.17888724199847,
  "summary_wm_mean": 999.2707247801128,
  "summary_wm_median": 1000.0000357627869,
  "summary_wm_n": 282661.0,
  "summary_wm_p05": 927.2266805171967,
  "summary_wm_p95": 1067.7498571574688,
  "summary_wm_stdv": 43.13316098816109,
  "tpm_overlap_csf": 0.16734647750854492,
  "tpm_overlap_gm": 0.437985897064209,
  "tpm_overlap_wm": 0.5060240626335144,
  "wm2max": 0.44002310878058204
}