{
  "aor": 0.0027456621004566207,
  "aqi": 0.011879038584474887,
  "bids_meta": {
    "AcquisitionMatrixPE": 64,
    "AcquisitionNumber": 1,
    "AcquisitionTime": "15:37:33.790000",
    "BandwidthPerPixelPhaseEncode": 58.962,
    "BaseResolution": 64,
    "BodyPartExamined": "HEAD",
    "ConsistencyInfo": "N4_VE11C_LATEST_20160120",
    "ConversionSoftware": "dcm2niix",
    "ConversionSoftwareVersion": "v1.0.20181125  GCC5.3.1",
    "DerivedVendorReportedEchoSpacing": 0.000530002,
    "DeviceSerialNumber": "167013",
    "DwellTime": 3.5e-06,
    "EchoTime": 0.03,
    "EchoTrainLength": 31,
    "EffectiveEchoSpacing": 0.000265001,
    "FlipAngle": 90,
    "ImageOrientationPatientDICOM": [
      0.99988,
      0.0148629,
      -0.00447096,
      -0.0153583,
      0.989048,
      -0.146792
    ],
    "ImageType": [
      "ORIGINAL",
      "PRIMARY",
      "M",
      "ND",
      "MOSAIC"
    ],
    "ImagingFrequency": 123.249,
    "InPlanePhaseEncodingDirectionDICOM": "COL",
    "InstitutionAddress": "Whiteknights_Campus_StreetNo_Reading_District_GB_RG6_7BE",
    "InstitutionName": "UoR",
    "InstitutionalDepartmentName": "Department",
    "MRAcquisitionType": "2D",
    "MagneticFieldStrength": 3,
    "Manufacturer": "Siemens",
    "ManufacturersModelName": "Prisma_fit",
    "Modality": "MR",
    "ParallelReductionFactorInPlane": 2,
    "PartialFourier": 1,
    "PatientPosition": "HFS",
    "PercentPhaseFOV": 100,
    "PhaseEncodingDirection": "j",
    "PhaseEncodingSteps": 63,
    "PhaseResolution": 1,
    "PixelBandwidth": 2230,
    "ProcedureStepDescription": "head_Kou_Murayama",
    "ProtocolName": "ep2d_bold_PtoA_iPAT2_MagicTrick_Run3",
    "PulseSequenceDetails": "%SiemensSeq%_ep2d_bold",
    "ReceiveCoilActiveElements": "HEA;HEP",
    "ReceiveCoilName": "Head_32",
    "ReconMatrixPE": 64,
    "RepetitionTime": 2,
    "SAR": 0.111615,
    "ScanOptions": "FS",
    "ScanningSequence": "EP",
    "SequenceName": "_epfid2d1_64",
    "SequenceVariant": "SK",
    "SeriesDescription": "ep2d_bold_PtoA_iPAT2_MagicTrick_Run3",
    "SeriesNumber": 11,
    "ShimSetting": [
      3376,
      -11965,
      11415,
      262,
      17,
      -354,
      -228,
      -26
    ],
    "SliceThickness": 3,
    "SliceTiming": [
      0,
      1.015,
      0.0525,
      1.07,
      0.105,
      1.1225,
      0.16,
      1.175,
      0.2125,
      1.23,
      0.2675,
      1.2825,
      0.32,
      1.3375,
      0.3725,
      1.39,
      0.4275,
      1.4425,
      0.48,
      1.4975,
      0.535,
      1.55,
      0.5875,
      1.605,
      0.64,
      1.6575,
      0.695,
      1.71,
      0.7475,
      1.765,
      0.8025,
      1.8175,
      0.855,
      1.8725,
      0.9075,
      1.925,
      0.9625
    ],
    "SoftwareVersions": "syngo_MR_E11",
    "SpacingBetweenSlices": 3.75,
    "StationName": "AWP167013",
    "TaskName": "magictrickwatching",
    "TotalReadoutTime": 0.0166951,
    "TxRefAmp": 228.605,
    "acq_id": "2",
    "dataset": "<unset>",
    "modality": "bold",
    "run_id": 2,
    "subject_id": "experimental016",
    "task_id": "magictrickwatching"
  },
  "dummy_trs": 0,
  "dvars_nstd": 42.95677699495416,
  "dvars_std": 1.064324148256881,
  "dvars_vstd": 0.9461205227064222,
  "efc": 0.5101223675439447,
  "fber": 224674.203125,
  "fd_mean": 0.29872254169395707,
  "fd_num": 43,
  "fd_perc": 19.634703196347033,
  "fwhm_avg": 2.9141867571312723,
  "fwhm_x": 2.6993097854781323,
  "fwhm_y": 3.057117152582352,
  "fwhm_z": 2.9861333333333335,
  "gcor": 0.0303489,
  "gsr_x": 0.06770101189613342,
  "gsr_y": 0.026820750907063484,
  "provenance": {
    "md5sum": "07bff62fdd6d2272ceebf4ea6ee99c53",
    "settings": {
      "fd_thres": 0.5,
      "testing": false
    },
    "software": "mriqc",
    "version": "0.16.1",
    "webapi_port": null,
    "webapi_url": "https://mriqc.nimh.nih.gov/api/v1"
  },
  "size_t": 219,
  "size_x": 64,
  "size_y": 64,
  "size_z": 37,
  "snr": 2.281661674290053,
  "spacing_tr": 2.0,
  "spacing_x": 3.000000238418579,
  "spacing_y": 2.999999523162842,
  "spacing_z": 3.75,
  "summary_bg_k": 40.71499855917559,
  "summary_bg_mad": 1.0103686143897868,
  "summary_bg_mean": 20.84427833557129,
  "summary_bg_median": 0.7027736902236938,
  "summary_bg_n": 80998.0,
  "summary_bg_p05": 0.008404357684776188,
  "summary_bg_p95": 110.86307907104477,
  "summary_bg_stdv": 61.847843170166016,
  "summary_fg_k": 0.9584046952422125,
  "summary_fg_mad": 146.2294260139084,
  "summary_fg_mean": 407.3403625488281,
  "summary_fg_median": 372.95440673828125,
  "summary_fg_n": 33285.0,
  "summary_fg_p05": 209.66298217773436,
  "summary_fg_p95": 739.2254028320312,
  "summary_fg_stdv": 163.4549102783203,
  "tsnr": 30.037506103515625
}