{
  "aor": 0.0018454241645244217,
  "aqi": 0.014982022390745503,
  "bids_meta": {
    "AcquisitionMatrixPE": 64,
    "AcquisitionNumber": 1,
    "AcquisitionTime": "15:47:7.212500",
    "BandwidthPerPixelPhaseEncode": 58.962,
    "BaseResolution": 64,
    "BodyPartExamined": "HEAD",
    "ConsistencyInfo": "N4_VE11C_LATEST_20160120",
    "ConversionSoftware": "dcm2niix",
    "ConversionSoftwareVersion": "v1.0.20181125  GCC5.3.1",
    "DerivedVendorReportedEchoSpacing": 0.000530002,
    "DeviceSerialNumber": "167013",
    "DwellTime": 3.5e-06,
    "EchoTime": 0.03,
    "EchoTrainLength": 31,
    "EffectiveEchoSpacing": 0.000265001,
    "FlipAngle": 90,
    "ImageOrientationPatientDICOM": [
      0.99988,
      0.0148629,
      -0.00447096,
      -0.0153583,
      0.989048,
      -0.146792
    ],
    "ImageType": [
      "ORIGINAL",
      "PRIMARY",
      "M",
      "ND",
      "MOSAIC"
    ],
    "ImagingFrequency": 123.249,
    "InPlanePhaseEncodingDirectionDICOM": "COL",
    "InstitutionAddress": "Whiteknights_Campus_StreetNo_Reading_District_GB_RG6_7BE",
    "InstitutionName": "UoR",
    "InstitutionalDepartmentName": "Department",
    "MRAcquisitionType": "2D",
    "MagneticFieldStrength": 3,
    "Manufacturer": "Siemens",
    "ManufacturersModelName": "Prisma_fit",
    "Modality": "MR",
    "ParallelReductionFactorInPlane": 2,
    "PartialFourier": 1,
    "PatientPosition": "HFS",
    "PercentPhaseFOV": 100,
    "PhaseEncodingDirection": "j",
    "PhaseEncodingSteps": 63,
    "PhaseResolution": 1,
    "PixelBandwidth": 2230,
    "ProcedureStepDescription": "head_Kou_Murayama",
    "ProtocolName": "ep2d_bold_PtoA_iPAT2_MagicTrick_Run3",
    "PulseSequenceDetails": "%SiemensSeq%_ep2d_bold",
    "ReceiveCoilActiveElements": "HEA;HEP",
    "ReceiveCoilName": "Head_32",
    "ReconMatrixPE": 64,
    "RepetitionTime": 2,
    "SAR": 0.111615,
    "ScanOptions": "FS",
    "ScanningSequence": "EP",
    "SequenceName": "_epfid2d1_64",
    "SequenceVariant": "SK",
    "SeriesDescription": "ep2d_bold_PtoA_iPAT2_MagicTrick_Run3",
    "SeriesNumber": 12,
    "ShimSetting": [
      3376,
      -11965,
      11415,
      262,
      17,
      -354,
      -228,
      -26
    ],
    "SliceThickness": 3,
    "SliceTiming": [
      0,
      1.0175,
      0.055,
      1.07,
      0.1075,
      1.125,
      0.1625,
      1.1775,
      0.215,
      1.2325,
      0.2675,
      1.285,
      0.3225,
      1.34,
      0.375,
      1.3925,
      0.43,
      1.445,
      0.4825,
      1.5,
      0.535,
      1.5525,
      0.59,
      1.6075,
      0.6425,
      1.66,
      0.6975,
      1.7125,
      0.75,
      1.7675,
      0.8025,
      1.82,
      0.8575,
      1.875,
      0.91,
      1.9275,
      0.965
    ],
    "SoftwareVersions": "syngo_MR_E11",
    "SpacingBetweenSlices": 3.75,
    "StationName": "AWP167013",
    "TaskName": "magictrickwatching",
    "TotalReadoutTime": 0.0166951,
    "TxRefAmp": 228.605,
    "dataset": "<unset>",
    "modality": "bold",
    "run_id": 3,
    "subject_id": "experimental016",
    "task_id": "magictrickwatching"
  },
  "dummy_trs": 0,
  "dvars_nstd": 40.147406406159746,
  "dvars_std": 1.015542659046391,
  "dvars_vstd": 0.9243801762113398,
  "efc": 0.509783268633917,
  "fber": 168079.765625,
  "fd_mean": 0.28492206960674205,
  "fd_num": 59,
  "fd_perc": 15.167095115681233,
  "fwhm_avg": 2.935963424489795,
  "fwhm_x": 2.7061397849353326,
  "fwhm_y": 3.0735904885340513,
  "fwhm_z": 3.02816,
  "gcor": 0.0260245,
  "gsr_x": 0.06811519712209702,
  "gsr_y": 0.027911150828003883,
  "provenance": {
    "md5sum": "b845d445f793caf25c3f3eb181a04634",
    "settings": {
      "fd_thres": 0.5,
      "testing": false
    },
    "software": "mriqc",
    "version": "0.16.1",
    "webapi_port": null,
    "webapi_url": "https://mriqc.nimh.nih.gov/api/v1"
  },
  "size_t": 389,
  "size_x": 64,
  "size_y": 64,
  "size_z": 37,
  "snr": 2.28090533802111,
  "spacing_tr": 2.0,
  "spacing_x": 3.000000238418579,
  "spacing_y": 2.999999523162842,
  "spacing_z": 3.75,
  "summary_bg_k": 43.21900333927815,
  "summary_bg_mad": 1.163715687811123,
  "summary_bg_mean": 20.225574493408203,
  "summary_bg_median": 0.8422839045524597,
  "summary_bg_n": 80969.0,
  "summary_bg_p05": 0.02031804248690605,
  "summary_bg_p95": 107.302163696289,
  "summary_bg_stdv": 59.990596771240234,
  "summary_fg_k": 0.9581202608100026,
  "summary_fg_mad": 145.73672591446945,
  "summary_fg_mean": 406.3544006347656,
  "summary_fg_median": 371.7930603027344,
  "summary_fg_n": 33228.0,
  "summary_fg_p05": 209.07326431274416,
  "summary_fg_p95": 737.0534149169921,
  "summary_fg_stdv": 162.9999542236328,
  "tsnr": 26.92209243774414
}