{
  "aor": 0.004542566666666666,
  "aqi": 0.009576879900000002,
  "bids_meta": {
    "AcquisitionMatrixPE": 64,
    "AcquisitionNumber": 1,
    "AcquisitionTime": "14:59:29.392500",
    "BandwidthPerPixelPhaseEncode": 58.962,
    "BaseResolution": 64,
    "BodyPartExamined": "HEAD",
    "ConsistencyInfo": "N4_VE11C_LATEST_20160120",
    "ConversionSoftware": "dcm2niix",
    "ConversionSoftwareVersion": "v1.0.20181125  GCC5.3.1",
    "DerivedVendorReportedEchoSpacing": 0.000530002,
    "DeviceSerialNumber": "167013",
    "DwellTime": 3.5e-06,
    "EchoTime": 0.03,
    "EchoTrainLength": 31,
    "EffectiveEchoSpacing": 0.000265001,
    "FlipAngle": 90,
    "ImageOrientationPatientDICOM": [
      0.99988,
      0.0148629,
      -0.00447096,
      -0.0153583,
      0.989048,
      -0.146792
    ],
    "ImageType": [
      "ORIGINAL",
      "PRIMARY",
      "M",
      "ND",
      "MOSAIC"
    ],
    "ImagingFrequency": 123.249,
    "InPlanePhaseEncodingDirectionDICOM": "COL",
    "InstitutionAddress": "Whiteknights_Campus_StreetNo_Reading_District_GB_RG6_7BE",
    "InstitutionName": "UoR",
    "InstitutionalDepartmentName": "Department",
    "MRAcquisitionType": "2D",
    "MagneticFieldStrength": 3,
    "Manufacturer": "Siemens",
    "ManufacturersModelName": "Prisma_fit",
    "Modality": "MR",
    "ParallelReductionFactorInPlane": 2,
    "PartialFourier": 1,
    "PatientPosition": "HFS",
    "PercentPhaseFOV": 100,
    "PhaseEncodingDirection": "j",
    "PhaseEncodingSteps": 63,
    "PhaseResolution": 1,
    "PixelBandwidth": 2230,
    "ProcedureStepDescription": "head_Kou_Murayama",
    "ProtocolName": "ep2d_bold_PtoA_iPAT2_PreResting",
    "PulseSequenceDetails": "%SiemensSeq%_ep2d_bold",
    "ReceiveCoilActiveElements": "HEA;HEP",
    "ReceiveCoilName": "Head_32",
    "ReconMatrixPE": 64,
    "RepetitionTime": 2,
    "SAR": 0.11147,
    "ScanOptions": "FS",
    "ScanningSequence": "EP",
    "SequenceName": "_epfid2d1_64",
    "SequenceVariant": "SK",
    "SeriesDescription": "ep2d_bold_PtoA_iPAT2_PreResting",
    "SeriesNumber": 6,
    "ShimSetting": [
      3376,
      -11965,
      11415,
      262,
      17,
      -354,
      -228,
      -26
    ],
    "SliceThickness": 3,
    "SliceTiming": [
      0,
      1.015,
      0.0525,
      1.07,
      0.1075,
      1.1225,
      0.16,
      1.1775,
      0.2125,
      1.23,
      0.2675,
      1.2825,
      0.32,
      1.3375,
      0.375,
      1.39,
      0.4275,
      1.445,
      0.48,
      1.4975,
      0.535,
      1.55,
      0.5875,
      1.605,
      0.6425,
      1.6575,
      0.695,
      1.7125,
      0.7475,
      1.765,
      0.8025,
      1.82,
      0.855,
      1.8725,
      0.91,
      1.925,
      0.9625
    ],
    "SoftwareVersions": "syngo_MR_E11",
    "SpacingBetweenSlices": 3.75,
    "StationName": "AWP167013",
    "TaskName": "rest",
    "TotalReadoutTime": 0.0166951,
    "TxRefAmp": 228.605,
    "dataset": "<unset>",
    "modality": "bold",
    "run_id": 1,
    "subject_id": "experimental016",
    "task_id": "rest"
  },
  "dummy_trs": 0,
  "dvars_nstd": 24.786717838829443,
  "dvars_std": 1.0162492493645487,
  "dvars_vstd": 0.9581322120066883,
  "efc": 0.5068577125027058,
  "fber": 550076.25,
  "fd_mean": 0.0817898667268488,
  "fd_num": 0,
  "fd_perc": 0.0,
  "fwhm_avg": 2.883064535049099,
  "fwhm_x": 2.655996455587033,
  "fwhm_y": 3.03810381622693,
  "fwhm_z": 2.955093333333333,
  "gcor": 0.011509,
  "gsr_x": 0.06792576611042023,
  "gsr_y": 0.023683857172727585,
  "provenance": {
    "md5sum": "c2b9def0504e55bfde48dcf811fc78fd",
    "settings": {
      "fd_thres": 0.5,
      "testing": false
    },
    "software": "mriqc",
    "version": "0.16.1",
    "webapi_port": null,
    "webapi_url": "https://mriqc.nimh.nih.gov/api/v1"
  },
  "size_t": 300,
  "size_x": 64,
  "size_y": 64,
  "size_z": 37,
  "snr": 2.2558093457327075,
  "spacing_tr": 2.0,
  "spacing_x": 3.000000238418579,
  "spacing_y": 2.999999523162842,
  "spacing_z": 3.75,
  "summary_bg_k": 49.51620514904209,
  "summary_bg_mad": 0.6385885367897066,
  "summary_bg_mean": 19.68817138671875,
  "summary_bg_median": 0.43392446637153625,
  "summary_bg_n": 80981.0,
  "summary_bg_p05": 0.0012337847147136927,
  "summary_bg_p95": 103.74456024169922,
  "summary_bg_stdv": 60.47024917602539,
  "summary_fg_k": 0.9976423322917909,
  "summary_fg_mad": 151.13036564117613,
  "summary_fg_mean": 410.59088134765625,
  "summary_fg_median": 376.2565612792969,
  "summary_fg_n": 33233.0,
  "summary_fg_p05": 208.92775573730466,
  "summary_fg_p95": 749.2213012695311,
  "summary_fg_stdv": 166.79197692871094,
  "tsnr": 36.4182014465332
}