{
  "bids_meta": {
    "AcquisitionMatrixPE": 256,
    "AcquisitionNumber": 1,
    "AcquisitionTime": "17:05:42.890000",
    "BaseResolution": 256,
    "BodyPartExamined": "HEAD",
    "ConsistencyInfo": "N4_VE11C_LATEST_20160120",
    "ConversionSoftware": "dcm2niix",
    "ConversionSoftwareVersion": "v1.0.20181125  GCC5.3.1",
    "DeviceSerialNumber": "167013",
    "DwellTime": 9.8e-06,
    "EchoTime": 0.00229,
    "FlipAngle": 8,
    "ImageOrientationPatientDICOM": [
      -0.0252179,
      0.995738,
      0.0887135,
      0.0103238,
      0.0889964,
      -0.995978
    ],
    "ImageType": [
      "ORIGINAL",
      "PRIMARY",
      "M",
      "ND",
      "NORM"
    ],
    "ImagingFrequency": 123.249,
    "InPlanePhaseEncodingDirectionDICOM": "ROW",
    "InstitutionAddress": "Whiteknights_Campus_StreetNo_Reading_District_GB_RG6_7BE",
    "InstitutionName": "UoR",
    "InstitutionalDepartmentName": "Department",
    "InversionTime": 0.9,
    "MRAcquisitionType": "3D",
    "MagneticFieldStrength": 3,
    "Manufacturer": "Siemens",
    "ManufacturersModelName": "Prisma_fit",
    "Modality": "MR",
    "PartialFourier": 1,
    "PatientPosition": "HFS",
    "PercentPhaseFOV": 100,
    "PhaseEncodingSteps": 255,
    "PhaseResolution": 1,
    "PixelBandwidth": 200,
    "ProcedureStepDescription": "head_Kou_Murayama",
    "ProtocolName": "t1_mprage_sag_p2_iso_192",
    "PulseSequenceDetails": "%SiemensSeq%_tfl",
    "ReceiveCoilActiveElements": "HEA;HEP",
    "ReceiveCoilName": "Head_32",
    "ReconMatrixPE": 256,
    "RepetitionTime": 2.3,
    "SAR": 0.0423806,
    "ScanOptions": "IR",
    "ScanningSequence": "GR_IR",
    "SequenceName": "_tfl3d1_16ns",
    "SequenceVariant": "SK_SP_MP",
    "SeriesDescription": "t1_mprage_sag_p2_iso_192",
    "SeriesNumber": 13,
    "ShimSetting": [
      3382,
      -11946,
      11206,
      -4,
      -40,
      -152,
      -34,
      21
    ],
    "SliceThickness": 0.94,
    "SoftwareVersions": "syngo_MR_E11",
    "StationName": "AWP167013",
    "TxRefAmp": 220.915,
    "dataset": "<unset>",
    "modality": "T1w",
    "rec_id": "NORM",
    "subject_id": "control047"
  },
  "cjv": 0.351622218127142,
  "cnr": 3.7135392294950336,
  "efc": 0.5294258740039772,
  "fber": 3215.5570934256057,
  "fwhm_avg": 3.8083227644022206,
  "fwhm_x": 3.7528936265399953,
  "fwhm_y": 3.935754666666667,
  "fwhm_z": 3.73632,
  "icvs_csf": 0.21190592450148563,
  "icvs_gm": 0.4207284835669404,
  "icvs_wm": 0.367365591931574,
  "inu_med": 1.3276209831237793,
  "inu_range": 0.32342567443847625,
  "provenance": {
    "md5sum": "f852d32f2ee8b683671606d07bc44a06",
    "settings": {
      "testing": false
    },
    "software": "mriqc",
    "version": "0.16.1",
    "warnings": {
      "large_rot_frame": true,
      "small_air_mask": false
    },
    "webapi_port": null,
    "webapi_url": "https://mriqc.nimh.nih.gov/api/v1"
  },
  "qi_1": 0.0,
  "qi_2": 0.007314392633332228,
  "rpve_csf": 23.681542822103125,
  "rpve_gm": 12.725275063728958,
  "rpve_wm": 17.75843461883179,
  "size_x": 192,
  "size_y": 256,
  "size_z": 256,
  "snr_csf": 2.8161465573414457,
  "snr_gm": 11.151835333531599,
  "snr_total": 12.455145424324451,
  "snr_wm": 23.39745438210031,
  "snrd_csf": 34.544185673440275,
  "snrd_gm": 76.03145439637117,
  "snrd_total": 72.38776270850538,
  "snrd_wm": 106.58764805570466,
  "spacing_x": 0.9399999976158142,
  "spacing_y": 0.9375,
  "spacing_z": 0.9375,
  "summary_bg_k": 95.91811494843708,
  "summary_bg_mad": 6.14645676971779,
  "summary_bg_mean": 6.079187627594888,
  "summary_bg_median": 4.1457220911979675,
  "summary_bg_n": 2285581.0,
  "summary_bg_p05": 0.0,
  "summary_bg_p95": 16.79017446935177,
  "summary_bg_stdv": 6.440474397361091,
  "summary_csf_k": -0.759348355128945,
  "summary_csf_mad": 137.3733088031926,
  "summary_csf_mean": 342.27073901569383,
  "summary_csf_median": 324.0918244794011,
  "summary_csf_n": 18885.0,
  "summary_csf_p05": 178.22459270060062,
  "summary_csf_p95": 529.9683835282922,
  "summary_csf_stdv": 115.08038985155312,
  "summary_gm_k": 0.17322225328184349,
  "summary_gm_mad": 62.002382664528206,
  "summary_gm_mean": 713.8704492326656,
  "summary_gm_median": 713.3233073167503,
  "summary_gm_n": 28008.0,
  "summary_gm_p05": 609.2319988356903,
  "summary_gm_p95": 821.6302969492972,
  "summary_gm_stdv": 63.96351377072848,
  "summary_wm_k": 0.7948788404662732,
  "summary_wm_mad": 38.79950835884355,
  "summary_wm_mean": 999.1211507958404,
  "summary_wm_median": 999.9999899230897,
  "summary_wm_n": 247678.0,
  "summary_wm_p05": 927.4498533271253,
  "summary_wm_p95": 1067.7307245880365,
  "summary_wm_stdv": 42.739605550249365,
  "tpm_overlap_csf": 0.1688421070575714,
  "tpm_overlap_gm": 0.4340440332889557,
  "tpm_overlap_wm": 0.5021095275878906,
  "wm2max": 0.4079790270407408
}