{
  "aor": 0.0028118666666666664,
  "aqi": 0.004752977366666667,
  "bids_meta": {
    "AcquisitionMatrixPE": 64,
    "AcquisitionNumber": 1,
    "AcquisitionTime": "15:07:21.700000",
    "BandwidthPerPixelPhaseEncode": 58.962,
    "BaseResolution": 64,
    "BodyPartExamined": "HEAD",
    "ConsistencyInfo": "N4_VE11C_LATEST_20160120",
    "ConversionSoftware": "dcm2niix",
    "ConversionSoftwareVersion": "v1.0.20181125  GCC5.3.1",
    "DerivedVendorReportedEchoSpacing": 0.000530002,
    "DeviceSerialNumber": "167013",
    "DwellTime": 3.5e-06,
    "EchoTime": 0.03,
    "EchoTrainLength": 31,
    "EffectiveEchoSpacing": 0.000265001,
    "FlipAngle": 90,
    "ImageOrientationPatientDICOM": [
      0.995958,
      0.0895742,
      0.00665674,
      -0.0894125,
      0.981636,
      0.16851
    ],
    "ImageType": [
      "ORIGINAL",
      "PRIMARY",
      "M",
      "ND",
      "MOSAIC"
    ],
    "ImagingFrequency": 123.249,
    "InPlanePhaseEncodingDirectionDICOM": "COL",
    "InstitutionAddress": "Whiteknights_Campus_StreetNo_Reading_District_GB_RG6_7BE",
    "InstitutionName": "UoR",
    "InstitutionalDepartmentName": "Department",
    "MRAcquisitionType": "2D",
    "MagneticFieldStrength": 3,
    "Manufacturer": "Siemens",
    "ManufacturersModelName": "Prisma_fit",
    "Modality": "MR",
    "ParallelReductionFactorInPlane": 2,
    "PartialFourier": 1,
    "PatientPosition": "HFS",
    "PercentPhaseFOV": 100,
    "PhaseEncodingDirection": "j",
    "PhaseEncodingSteps": 63,
    "PhaseResolution": 1,
    "PixelBandwidth": 2230,
    "ProcedureStepDescription": "head_Kou_Murayama",
    "ProtocolName": "ep2d_bold_PtoA_iPAT2_PreResting",
    "PulseSequenceDetails": "%SiemensSeq%_ep2d_bold",
    "ReceiveCoilActiveElements": "HEA;HEP",
    "ReceiveCoilName": "Head_32",
    "ReconMatrixPE": 64,
    "RepetitionTime": 2,
    "SAR": 0.110425,
    "ScanOptions": "FS",
    "ScanningSequence": "EP",
    "SequenceName": "_epfid2d1_64",
    "SequenceVariant": "SK",
    "SeriesDescription": "ep2d_bold_PtoA_iPAT2_PreResting",
    "SeriesNumber": 6,
    "ShimSetting": [
      3388,
      -11969,
      11505,
      470,
      30,
      -9,
      75,
      -20
    ],
    "SliceThickness": 3,
    "SliceTiming": [
      0,
      1.0175,
      0.055,
      1.0725,
      0.1075,
      1.125,
      0.1625,
      1.1775,
      0.215,
      1.2325,
      0.27,
      1.285,
      0.3225,
      1.34,
      0.375,
      1.3925,
      0.43,
      1.445,
      0.4825,
      1.5,
      0.5375,
      1.5525,
      0.59,
      1.6075,
      0.6425,
      1.66,
      0.6975,
      1.7125,
      0.75,
      1.7675,
      0.805,
      1.82,
      0.8575,
      1.875,
      0.91,
      1.9275,
      0.965
    ],
    "SoftwareVersions": "syngo_MR_E11",
    "SpacingBetweenSlices": 3.75,
    "StationName": "AWP167013",
    "TaskName": "rest",
    "TotalReadoutTime": 0.0166951,
    "TxRefAmp": 217.955,
    "dataset": "<unset>",
    "modality": "bold",
    "run_id": 1,
    "subject_id": "experimental028",
    "task_id": "rest"
  },
  "dummy_trs": 0,
  "dvars_nstd": 21.944798249799337,
  "dvars_std": 1.0776293034113718,
  "dvars_vstd": 0.9707135479264216,
  "efc": 0.4444450597680867,
  "fber": 3974231.75,
  "fd_mean": 0.12855463857189653,
  "fd_num": 0,
  "fd_perc": 0.0,
  "fwhm_avg": 2.765564368204623,
  "fwhm_x": 2.6773262411171213,
  "fwhm_y": 2.9559561968300825,
  "fwhm_z": 2.6634106666666666,
  "gcor": 0.0386822,
  "gsr_x": 0.007175654172897339,
  "gsr_y": 0.029268572106957436,
  "provenance": {
    "md5sum": "a7700f3ceca85fb580a0d8a1df5708b4",
    "settings": {
      "fd_thres": 0.5,
      "testing": false
    },
    "software": "mriqc",
    "version": "0.16.1",
    "webapi_port": null,
    "webapi_url": "https://mriqc.nimh.nih.gov/api/v1"
  },
  "size_t": 300,
  "size_x": 64,
  "size_y": 64,
  "size_z": 37,
  "snr": 2.4972817504173923,
  "spacing_tr": 2.0,
  "spacing_x": 3.000000476837158,
  "spacing_y": 3.000000476837158,
  "spacing_z": 3.75,
  "summary_bg_k": 30.629899768144192,
  "summary_bg_mad": 0.28788452372112033,
  "summary_bg_mean": 11.528217315673828,
  "summary_bg_median": 0.1983405351638794,
  "summary_bg_n": 90693.0,
  "summary_bg_p05": 0.0020234748255461457,
  "summary_bg_p95": 71.69119262695308,
  "summary_bg_stdv": 34.0599365234375,
  "summary_fg_k": 0.5084726580453118,
  "summary_fg_mad": 167.56947786206473,
  "summary_fg_mean": 459.54345703125,
  "summary_fg_median": 427.2218322753906,
  "summary_fg_n": 26781.0,
  "summary_fg_p05": 240.27236938476562,
  "summary_fg_p95": 782.68994140625,
  "summary_fg_stdv": 171.07154846191406,
  "tsnr": 49.978031158447266
}