{
  "aor": 0.00024100775193798448,
  "aqi": 0.004164743333333333,
  "bids_meta": {
    "AcquisitionMatrixPE": 64,
    "AcquisitionNumber": 1,
    "AcquisitionTime": "09:40:11.295000",
    "BandwidthPerPixelPhaseEncode": 58.962,
    "BaseResolution": 64,
    "BodyPartExamined": "HEAD",
    "ConsistencyInfo": "N4_VE11C_LATEST_20160120",
    "ConversionSoftware": "dcm2niix",
    "ConversionSoftwareVersion": "v1.0.20181125  GCC5.3.1",
    "DerivedVendorReportedEchoSpacing": 0.000530002,
    "DeviceSerialNumber": "167013",
    "DwellTime": 3.5e-06,
    "EchoTime": 0.03,
    "EchoTrainLength": 31,
    "EffectiveEchoSpacing": 0.000265001,
    "FlipAngle": 90,
    "ImageOrientationPatientDICOM": [
      0.999729,
      -0.00703967,
      0.0221895,
      0.0087245,
      0.997011,
      -0.0767709
    ],
    "ImageType": [
      "ORIGINAL",
      "PRIMARY",
      "M",
      "ND",
      "MOSAIC"
    ],
    "ImagingFrequency": 123.249,
    "InPlanePhaseEncodingDirectionDICOM": "COL",
    "InstitutionAddress": "Whiteknights_Campus_StreetNo_Reading_District_GB_RG6_7BE",
    "InstitutionName": "UoR",
    "InstitutionalDepartmentName": "Department",
    "MRAcquisitionType": "2D",
    "MagneticFieldStrength": 3,
    "Manufacturer": "Siemens",
    "ManufacturersModelName": "Prisma_fit",
    "Modality": "MR",
    "ParallelReductionFactorInPlane": 2,
    "PartialFourier": 1,
    "PatientPosition": "HFS",
    "PercentPhaseFOV": 100,
    "PhaseEncodingDirection": "j",
    "PhaseEncodingSteps": 63,
    "PhaseResolution": 1,
    "PixelBandwidth": 2230,
    "ProcedureStepDescription": "head_Kou_Murayama",
    "ProtocolName": "ep2d_bold_PtoA_iPAT2_MagicTrick_Run1",
    "PulseSequenceDetails": "%SiemensSeq%_ep2d_bold",
    "ReceiveCoilActiveElements": "HEA;HEP",
    "ReceiveCoilName": "Head_32",
    "ReconMatrixPE": 64,
    "RepetitionTime": 2,
    "SAR": 0.105695,
    "ScanOptions": "FS",
    "ScanningSequence": "EP",
    "SequenceName": "_epfid2d1_64",
    "SequenceVariant": "SK",
    "SeriesDescription": "ep2d_bold_PtoA_iPAT2_MagicTrick_Run1",
    "SeriesNumber": 9,
    "ShimSetting": [
      3374,
      -11965,
      11507,
      501,
      -50,
      -174,
      -98,
      25
    ],
    "SliceThickness": 3,
    "SliceTiming": [
      0,
      1.0175,
      0.055,
      1.07,
      0.1075,
      1.125,
      0.16,
      1.1775,
      0.215,
      1.23,
      0.2675,
      1.285,
      0.3225,
      1.3375,
      0.375,
      1.3925,
      0.4275,
      1.445,
      0.4825,
      1.4975,
      0.535,
      1.5525,
      0.59,
      1.605,
      0.6425,
      1.66,
      0.695,
      1.7125,
      0.75,
      1.765,
      0.8025,
      1.82,
      0.8575,
      1.8725,
      0.91,
      1.9275,
      0.9625
    ],
    "SoftwareVersions": "syngo_MR_E11",
    "SpacingBetweenSlices": 3.75,
    "StationName": "AWP167013",
    "TaskName": "magictrickwatching",
    "TotalReadoutTime": 0.0166951,
    "TxRefAmp": 242.526,
    "dataset": "<unset>",
    "modality": "bold",
    "run_id": 1,
    "subject_id": "experimental038",
    "task_id": "magictrickwatching"
  },
  "dummy_trs": 0,
  "dvars_nstd": 26.06421719676166,
  "dvars_std": 1.0845621240414514,
  "dvars_vstd": 0.953622079611399,
  "efc": 0.44666702509109607,
  "fber": 7710179.0,
  "fd_mean": 0.1737722102140663,
  "fd_num": 0,
  "fd_perc": 0.0,
  "fwhm_avg": 2.6691377245282806,
  "fwhm_x": 2.6217133333333336,
  "fwhm_y": 2.8730733333333336,
  "fwhm_z": 2.5126265069181755,
  "gcor": 0.0241679,
  "gsr_x": 0.03063952550292015,
  "gsr_y": 0.028479652479290962,
  "provenance": {
    "md5sum": "ad7e52a959a833461fd840d7416e094b",
    "settings": {
      "fd_thres": 0.5,
      "testing": false
    },
    "software": "mriqc",
    "version": "0.16.1",
    "webapi_port": null,
    "webapi_url": "https://mriqc.nimh.nih.gov/api/v1"
  },
  "size_t": 387,
  "size_x": 64,
  "size_y": 64,
  "size_z": 37,
  "snr": 2.71885292197006,
  "spacing_tr": 2.0,
  "spacing_x": 3.0,
  "spacing_y": 3.0,
  "spacing_z": 3.750000238418579,
  "summary_bg_k": 43.68897977428143,
  "summary_bg_mad": 0.1897927600491227,
  "summary_bg_mean": 14.53309440612793,
  "summary_bg_median": 0.12865008413791656,
  "summary_bg_n": 92228.0,
  "summary_bg_p05": 0.000396075907337945,
  "summary_bg_p95": 82.24363708496085,
  "summary_bg_stdv": 47.39950942993164,
  "summary_fg_k": 0.0343713839099129,
  "summary_fg_mad": 154.94582218054808,
  "summary_fg_mean": 427.11785888671875,
  "summary_fg_median": 405.8921203613281,
  "summary_fg_n": 25023.0,
  "summary_fg_p05": 223.52156219482424,
  "summary_fg_p95": 699.2270996093747,
  "summary_fg_stdv": 149.28501892089844,
  "tsnr": 52.82848358154297
}