{
  "aor": 0.00017725333333333334,
  "aqi": 0.003355970986666667,
  "bids_meta": {
    "AcquisitionMatrixPE": 64,
    "AcquisitionNumber": 1,
    "AcquisitionTime": "10:10:53.625000",
    "BandwidthPerPixelPhaseEncode": 58.962,
    "BaseResolution": 64,
    "BodyPartExamined": "HEAD",
    "ConsistencyInfo": "N4_VE11C_LATEST_20160120",
    "ConversionSoftware": "dcm2niix",
    "ConversionSoftwareVersion": "v1.0.20181125  GCC5.3.1",
    "DerivedVendorReportedEchoSpacing": 0.000530002,
    "DeviceSerialNumber": "167013",
    "DwellTime": 3.5e-06,
    "EchoTime": 0.03,
    "EchoTrainLength": 31,
    "EffectiveEchoSpacing": 0.000265001,
    "FlipAngle": 90,
    "ImageOrientationPatientDICOM": [
      0.999729,
      -0.00703967,
      0.0221895,
      0.0087245,
      0.997011,
      -0.0767709
    ],
    "ImageType": [
      "ORIGINAL",
      "PRIMARY",
      "M",
      "ND",
      "MOSAIC"
    ],
    "ImagingFrequency": 123.249,
    "InPlanePhaseEncodingDirectionDICOM": "COL",
    "InstitutionAddress": "Whiteknights_Campus_StreetNo_Reading_District_GB_RG6_7BE",
    "InstitutionName": "UoR",
    "InstitutionalDepartmentName": "Department",
    "MRAcquisitionType": "2D",
    "MagneticFieldStrength": 3,
    "Manufacturer": "Siemens",
    "ManufacturersModelName": "Prisma_fit",
    "Modality": "MR",
    "ParallelReductionFactorInPlane": 2,
    "PartialFourier": 1,
    "PatientPosition": "HFS",
    "PercentPhaseFOV": 100,
    "PhaseEncodingDirection": "j",
    "PhaseEncodingSteps": 63,
    "PhaseResolution": 1,
    "PixelBandwidth": 2230,
    "ProcedureStepDescription": "head_Kou_Murayama",
    "ProtocolName": "ep2d_bold_PtoA_iPAT2_MagicTrick_Run3",
    "PulseSequenceDetails": "%SiemensSeq%_ep2d_bold",
    "ReceiveCoilActiveElements": "HEA;HEP",
    "ReceiveCoilName": "Head_32",
    "ReconMatrixPE": 64,
    "RepetitionTime": 2,
    "SAR": 0.105695,
    "ScanOptions": "FS",
    "ScanningSequence": "EP",
    "SequenceName": "_epfid2d1_64",
    "SequenceVariant": "SK",
    "SeriesDescription": "ep2d_bold_PtoA_iPAT2_MagicTrick_Run3",
    "SeriesNumber": 11,
    "ShimSetting": [
      3374,
      -11965,
      11507,
      501,
      -50,
      -174,
      -98,
      25
    ],
    "SliceThickness": 3,
    "SliceTiming": [
      0,
      1.0175,
      0.055,
      1.07,
      0.1075,
      1.125,
      0.1625,
      1.1775,
      0.215,
      1.2325,
      0.2675,
      1.285,
      0.3225,
      1.3375,
      0.375,
      1.3925,
      0.43,
      1.445,
      0.4825,
      1.5,
      0.535,
      1.5525,
      0.59,
      1.605,
      0.6425,
      1.66,
      0.6975,
      1.7125,
      0.75,
      1.7675,
      0.8025,
      1.82,
      0.8575,
      1.8725,
      0.91,
      1.9275,
      0.965
    ],
    "SoftwareVersions": "syngo_MR_E11",
    "SpacingBetweenSlices": 3.75,
    "StationName": "AWP167013",
    "TaskName": "magictrickwatching",
    "TotalReadoutTime": 0.0166951,
    "TxRefAmp": 242.526,
    "dataset": "<unset>",
    "modality": "bold",
    "run_id": 3,
    "subject_id": "experimental038",
    "task_id": "magictrickwatching"
  },
  "dummy_trs": 0,
  "dvars_nstd": 26.462084566310164,
  "dvars_std": 1.1165491880748668,
  "dvars_vstd": 0.9714437218181817,
  "efc": 0.4467332150953945,
  "fber": 12040614.0,
  "fd_mean": 0.19606916898871837,
  "fd_num": 2,
  "fd_perc": 0.5333333333333333,
  "fwhm_avg": 2.6466666134380796,
  "fwhm_x": 2.604373333333333,
  "fwhm_y": 2.8239866666666664,
  "fwhm_z": 2.5116398403142393,
  "gcor": 0.0174604,
  "gsr_x": 0.031156126409769058,
  "gsr_y": 0.029494797810912132,
  "provenance": {
    "md5sum": "2f2623853c1b77bdda3107aefcc07400",
    "settings": {
      "fd_thres": 0.5,
      "testing": false
    },
    "software": "mriqc",
    "version": "0.16.1",
    "webapi_port": null,
    "webapi_url": "https://mriqc.nimh.nih.gov/api/v1"
  },
  "size_t": 375,
  "size_x": 64,
  "size_y": 64,
  "size_z": 37,
  "snr": 2.7029581953574233,
  "spacing_tr": 2.0,
  "spacing_x": 3.0,
  "spacing_y": 3.0,
  "spacing_z": 3.750000238418579,
  "summary_bg_k": 45.462255274060006,
  "summary_bg_mad": 0.15051016617339913,
  "summary_bg_mean": 13.956700325012207,
  "summary_bg_median": 0.1029563844203949,
  "summary_bg_n": 92038.0,
  "summary_bg_p05": 0.0007678584981476888,
  "summary_bg_p95": 80.66122589111322,
  "summary_bg_stdv": 46.70063018798828,
  "summary_fg_k": 0.20336477880836457,
  "summary_fg_mad": 152.2886033789546,
  "summary_fg_mean": 417.3683776855469,
  "summary_fg_median": 397.6437072753906,
  "summary_fg_n": 25446.0,
  "summary_fg_p05": 217.86246871948242,
  "summary_fg_p95": 686.1596832275391,
  "summary_fg_stdv": 147.1113739013672,
  "tsnr": 59.862548828125
}