{
  "aor": 0.0018782999999999998,
  "aqi": 0.005571793033333334,
  "bids_meta": {
    "AcquisitionMatrixPE": 64,
    "AcquisitionNumber": 1,
    "AcquisitionTime": "09:26:33.457500",
    "BandwidthPerPixelPhaseEncode": 58.962,
    "BaseResolution": 64,
    "BodyPartExamined": "HEAD",
    "ConsistencyInfo": "N4_VE11C_LATEST_20160120",
    "ConversionSoftware": "dcm2niix",
    "ConversionSoftwareVersion": "v1.0.20181125  GCC5.3.1",
    "DerivedVendorReportedEchoSpacing": 0.000530002,
    "DeviceSerialNumber": "167013",
    "DwellTime": 3.5e-06,
    "EchoTime": 0.03,
    "EchoTrainLength": 31,
    "EffectiveEchoSpacing": 0.000265001,
    "FlipAngle": 90,
    "ImageOrientationPatientDICOM": [
      0.999729,
      -0.00703967,
      0.0221895,
      0.0087245,
      0.997011,
      -0.0767709
    ],
    "ImageType": [
      "ORIGINAL",
      "PRIMARY",
      "M",
      "ND",
      "MOSAIC"
    ],
    "ImagingFrequency": 123.249,
    "InPlanePhaseEncodingDirectionDICOM": "COL",
    "InstitutionAddress": "Whiteknights_Campus_StreetNo_Reading_District_GB_RG6_7BE",
    "InstitutionName": "UoR",
    "InstitutionalDepartmentName": "Department",
    "MRAcquisitionType": "2D",
    "MagneticFieldStrength": 3,
    "Manufacturer": "Siemens",
    "ManufacturersModelName": "Prisma_fit",
    "Modality": "MR",
    "ParallelReductionFactorInPlane": 2,
    "PartialFourier": 1,
    "PatientPosition": "HFS",
    "PercentPhaseFOV": 100,
    "PhaseEncodingDirection": "j",
    "PhaseEncodingSteps": 63,
    "PhaseResolution": 1,
    "PixelBandwidth": 2230,
    "ProcedureStepDescription": "head_Kou_Murayama",
    "ProtocolName": "ep2d_bold_PtoA_iPAT2_PreResting",
    "PulseSequenceDetails": "%SiemensSeq%_ep2d_bold",
    "ReceiveCoilActiveElements": "HEA;HEP",
    "ReceiveCoilName": "Head_32",
    "ReconMatrixPE": 64,
    "RepetitionTime": 2,
    "SAR": 0.105558,
    "ScanOptions": "FS",
    "ScanningSequence": "EP",
    "SequenceName": "_epfid2d1_64",
    "SequenceVariant": "SK",
    "SeriesDescription": "ep2d_bold_PtoA_iPAT2_PreResting",
    "SeriesNumber": 6,
    "ShimSetting": [
      3374,
      -11965,
      11507,
      501,
      -50,
      -174,
      -98,
      25
    ],
    "SliceThickness": 3,
    "SliceTiming": [
      0,
      1.0175,
      0.0525,
      1.07,
      0.1075,
      1.125,
      0.16,
      1.1775,
      0.215,
      1.23,
      0.2675,
      1.285,
      0.32,
      1.3375,
      0.375,
      1.3925,
      0.4275,
      1.445,
      0.4825,
      1.4975,
      0.535,
      1.5525,
      0.59,
      1.605,
      0.6425,
      1.66,
      0.695,
      1.7125,
      0.75,
      1.765,
      0.8025,
      1.82,
      0.8575,
      1.8725,
      0.91,
      1.9275,
      0.9625
    ],
    "SoftwareVersions": "syngo_MR_E11",
    "SpacingBetweenSlices": 3.75,
    "StationName": "AWP167013",
    "TaskName": "rest",
    "TotalReadoutTime": 0.0166951,
    "TxRefAmp": 242.526,
    "dataset": "<unset>",
    "modality": "bold",
    "run_id": 1,
    "subject_id": "experimental038",
    "task_id": "rest"
  },
  "dummy_trs": 0,
  "dvars_nstd": 28.098927539598662,
  "dvars_std": 1.0919540938127088,
  "dvars_vstd": 0.9605679768561876,
  "efc": 0.44811963018940076,
  "fber": 2769982.5,
  "fd_mean": 0.24613446152786486,
  "fd_num": 8,
  "fd_perc": 2.6666666666666665,
  "fwhm_avg": 2.692090168223123,
  "fwhm_x": 2.6500033333333333,
  "fwhm_y": 2.87827,
  "fwhm_z": 2.547997171336036,
  "gcor": 0.036637,
  "gsr_x": 0.030144115909934044,
  "gsr_y": 0.02979893423616886,
  "provenance": {
    "md5sum": "000748e9c4a0ffa162e67dd7b4f29bac",
    "settings": {
      "fd_thres": 0.5,
      "testing": false
    },
    "software": "mriqc",
    "version": "0.16.1",
    "webapi_port": null,
    "webapi_url": "https://mriqc.nimh.nih.gov/api/v1"
  },
  "size_t": 300,
  "size_x": 64,
  "size_y": 64,
  "size_z": 37,
  "snr": 2.6819866429600063,
  "spacing_tr": 2.0,
  "spacing_x": 3.0,
  "spacing_y": 3.0,
  "spacing_z": 3.750000238418579,
  "summary_bg_k": 43.31954138623479,
  "summary_bg_mad": 0.3134182230864512,
  "summary_bg_mean": 14.401537895202637,
  "summary_bg_median": 0.21174393594264984,
  "summary_bg_n": 92181.0,
  "summary_bg_p05": 0.00017976366507355124,
  "summary_bg_p95": 79.9959487915039,
  "summary_bg_stdv": 45.304542541503906,
  "summary_fg_k": 0.07592679395014246,
  "summary_fg_mad": 154.98749322068613,
  "summary_fg_mean": 420.7442932128906,
  "summary_fg_median": 399.86822509765625,
  "summary_fg_n": 25309.0,
  "summary_fg_p05": 217.56126403808594,
  "summary_fg_p95": 693.4020141601562,
  "summary_fg_stdv": 149.09109497070312,
  "tsnr": 45.78237533569336
}