{
  "bids_meta": {
    "AcquisitionMatrixPE": 256,
    "AcquisitionNumber": 1,
    "AcquisitionTime": "11:00:50.560000",
    "BaseResolution": 256,
    "BodyPartExamined": "HEAD",
    "ConsistencyInfo": "N4_VE11C_LATEST_20160120",
    "ConversionSoftware": "dcm2niix",
    "ConversionSoftwareVersion": "v1.0.20180622 GCC5.3.1",
    "DeviceSerialNumber": "167013",
    "DwellTime": 9.8e-06,
    "EchoTime": 0.00229,
    "FlipAngle": 8,
    "ImageOrientationPatientDICOM": [
      -0.0362791,
      0.990869,
      0.129854,
      -0.0536285,
      0.127822,
      -0.990346
    ],
    "ImageType": [
      "ORIGINAL",
      "PRIMARY",
      "M",
      "ND",
      "NORM"
    ],
    "InPlanePhaseEncodingDirectionDICOM": "ROW",
    "InstitutionAddress": "Whiteknights_Campus_StreetNo_Reading_District_GB_RG6_7BE",
    "InstitutionName": "UoR",
    "InstitutionalDepartmentName": "Department",
    "InversionTime": 0.9,
    "MRAcquisitionType": "3D",
    "MagneticFieldStrength": 3,
    "Manufacturer": "Siemens",
    "ManufacturersModelName": "Prisma_fit",
    "Modality": "MR",
    "ParallelReductionFactorInPlane": 2,
    "PartialFourier": 1,
    "PatientPosition": "HFS",
    "PercentPhaseFOV": 100,
    "PhaseEncodingSteps": 255,
    "PhaseResolution": 1,
    "PixelBandwidth": 200,
    "ProcedureStepDescription": "head_Kou_Murayama",
    "ProtocolName": "t1_mprage_sag_p2_iso_192",
    "PulseSequenceDetails": "%SiemensSeq%_tfl",
    "ReceiveCoilActiveElements": "HEA;HEP",
    "ReceiveCoilName": "Head_32",
    "ReconMatrixPE": 256,
    "RepetitionTime": 2.3,
    "SAR": 0.0682128,
    "ScanOptions": "IR",
    "ScanningSequence": "GR_IR",
    "SequenceName": "_tfl3d1_16ns",
    "SequenceVariant": "SK_SP_MP",
    "SeriesDescription": "t1_mprage_sag_p2_iso_192",
    "SeriesNumber": 13,
    "ShimSetting": [
      3382,
      -11946,
      11206,
      -4,
      -40,
      -152,
      -34,
      21
    ],
    "SliceThickness": 0.94,
    "SoftwareVersions": "syngo_MR_E11",
    "StationName": "AWP167013",
    "TxRefAmp": 257.355,
    "dataset": "<unset>",
    "modality": "T1w",
    "rec_id": "NORM",
    "subject_id": "control002"
  },
  "cjv": 0.36383042235872576,
  "cnr": 3.5703842363819662,
  "efc": 0.597544805223091,
  "fber": 3952.0228447809627,
  "fwhm_avg": 3.8964974453081296,
  "fwhm_x": 3.865577419247534,
  "fwhm_y": 3.9323202500101884,
  "fwhm_z": 3.8915946666666668,
  "icvs_csf": 0.20354875192387928,
  "icvs_gm": 0.4090812594834157,
  "icvs_wm": 0.387369988592705,
  "inu_med": 1.2338758707046509,
  "inu_range": 0.34537658691406237,
  "provenance": {
    "md5sum": "e64fdbae901d238b69a3259ec6c87094",
    "settings": {
      "testing": false
    },
    "software": "mriqc",
    "version": "0.16.1",
    "warnings": {
      "large_rot_frame": true,
      "small_air_mask": false
    },
    "webapi_port": null,
    "webapi_url": "https://mriqc.nimh.nih.gov/api/v1"
  },
  "qi_1": 7.250504560753279e-05,
  "qi_2": 0.012364373100951067,
  "rpve_csf": 22.62906236156198,
  "rpve_gm": 11.915346212912636,
  "rpve_wm": 15.697125726232837,
  "size_x": 192,
  "size_y": 256,
  "size_z": 256,
  "snr_csf": 2.9679245643233823,
  "snr_gm": 11.32599728898331,
  "snr_total": 11.968278377644824,
  "snr_wm": 21.61091327962778,
  "snrd_csf": 38.158418509863,
  "snrd_gm": 84.38733486298614,
  "snrd_total": 80.2068374377131,
  "snrd_wm": 118.07475894029018,
  "spacing_x": 0.9399992823600769,
  "spacing_y": 0.9374999403953552,
  "spacing_z": 0.9375,
  "summary_bg_k": 1442.6737120269056,
  "summary_bg_mad": 5.5487762728632894,
  "summary_bg_mean": 7.330812901082491,
  "summary_bg_median": 3.7425927221775055,
  "summary_bg_n": 2451446.0,
  "summary_bg_p05": 0.0,
  "summary_bg_p95": 22.351595424115658,
  "summary_bg_stdv": 16.204107594499128,
  "summary_csf_k": -0.4147146368834296,
  "summary_csf_mad": 116.71696757293684,
  "summary_csf_mean": 334.5812545395764,
  "summary_csf_median": 323.18847569637,
  "summary_csf_n": 10810.0,
  "summary_csf_p05": 178.8595458019525,
  "summary_csf_p95": 527.4794588500633,
  "summary_csf_stdv": 108.88872670393259,
  "summary_gm_k": 0.021509053031532943,
  "summary_gm_mad": 61.884268709850296,
  "summary_gm_mean": 714.9382528219579,
  "summary_gm_median": 714.7312490269542,
  "summary_gm_n": 27575.0,
  "summary_gm_p05": 610.2349413964897,
  "summary_gm_p95": 819.3159234300256,
  "summary_gm_stdv": 63.10422569462041,
  "summary_wm_k": 0.8835514040234012,
  "summary_wm_mad": 41.924087394967074,
  "summary_wm_mean": 998.1186728076889,
  "summary_wm_median": 1000.0519636385143,
  "summary_wm_n": 288965.0,
  "summary_wm_p05": 918.2867087498307,
  "summary_wm_p95": 1069.7577530890703,
  "summary_wm_stdv": 46.27524160103282,
  "tpm_overlap_csf": 0.16736873984336853,
  "tpm_overlap_gm": 0.429151326417923,
  "tpm_overlap_wm": 0.5093417763710022,
  "wm2max": 0.4491525423728814
}