{
  "aor": 0.0002039,
  "aqi": 0.004832864933333333,
  "bids_meta": {
    "AcquisitionMatrixPE": 64,
    "AcquisitionNumber": 1,
    "AcquisitionTime": "11:16:5.147500",
    "BandwidthPerPixelPhaseEncode": 58.962,
    "BaseResolution": 64,
    "BodyPartExamined": "HEAD",
    "ConsistencyInfo": "N4_VE11C_LATEST_20160120",
    "ConversionSoftware": "dcm2niix",
    "ConversionSoftwareVersion": "v1.0.20181125  GCC5.3.1",
    "DerivedVendorReportedEchoSpacing": 0.000530002,
    "DeviceSerialNumber": "167013",
    "DwellTime": 3.5e-06,
    "EchoTime": 0.03,
    "EchoTrainLength": 31,
    "EffectiveEchoSpacing": 0.000265001,
    "FlipAngle": 90,
    "ImageOrientationPatientDICOM": [
      0.99525,
      0.0872945,
      -0.0431008,
      -0.0939036,
      0.977601,
      -0.188356
    ],
    "ImageType": [
      "ORIGINAL",
      "PRIMARY",
      "M",
      "ND",
      "MOSAIC"
    ],
    "ImagingFrequency": 123.249,
    "InPlanePhaseEncodingDirectionDICOM": "COL",
    "InstitutionAddress": "Whiteknights_Campus_StreetNo_Reading_District_GB_RG6_7BE",
    "InstitutionName": "UoR",
    "InstitutionalDepartmentName": "Department",
    "MRAcquisitionType": "2D",
    "MagneticFieldStrength": 3,
    "Manufacturer": "Siemens",
    "ManufacturersModelName": "Prisma_fit",
    "Modality": "MR",
    "ParallelReductionFactorInPlane": 2,
    "PartialFourier": 1,
    "PatientPosition": "HFS",
    "PercentPhaseFOV": 100,
    "PhaseEncodingDirection": "j",
    "PhaseEncodingSteps": 63,
    "PhaseResolution": 1,
    "PixelBandwidth": 2230,
    "ProcedureStepDescription": "head_Kou_Murayama",
    "ProtocolName": "ep2d_bold_PtoA_iPAT2_PreResting",
    "PulseSequenceDetails": "%SiemensSeq%_ep2d_bold",
    "ReceiveCoilActiveElements": "HEA;HEP",
    "ReceiveCoilName": "Head_32",
    "ReconMatrixPE": 64,
    "RepetitionTime": 2,
    "SAR": 0.103405,
    "ScanOptions": "FS",
    "ScanningSequence": "EP",
    "SequenceName": "_epfid2d1_64",
    "SequenceVariant": "SK",
    "SeriesDescription": "ep2d_bold_PtoA_iPAT2_PreResting",
    "SeriesNumber": 6,
    "ShimSetting": [
      3415,
      -11943,
      11437,
      344,
      124,
      -145,
      -156,
      63
    ],
    "SliceThickness": 3,
    "SliceTiming": [
      0,
      1.0175,
      0.055,
      1.07,
      0.1075,
      1.125,
      0.16,
      1.1775,
      0.215,
      1.2325,
      0.2675,
      1.285,
      0.3225,
      1.3375,
      0.375,
      1.3925,
      0.4275,
      1.445,
      0.4825,
      1.5,
      0.535,
      1.5525,
      0.59,
      1.605,
      0.6425,
      1.66,
      0.6975,
      1.7125,
      0.75,
      1.7675,
      0.8025,
      1.82,
      0.8575,
      1.8725,
      0.91,
      1.9275,
      0.965
    ],
    "SoftwareVersions": "syngo_MR_E11",
    "SpacingBetweenSlices": 3.75,
    "StationName": "AWP167013",
    "TaskName": "rest",
    "TotalReadoutTime": 0.0166951,
    "TxRefAmp": 242.395,
    "dataset": "<unset>",
    "modality": "bold",
    "run_id": 1,
    "subject_id": "control023",
    "task_id": "rest"
  },
  "dummy_trs": 0,
  "dvars_nstd": 22.65852567110368,
  "dvars_std": 1.0290877187625413,
  "dvars_vstd": 0.9169183246153837,
  "efc": 0.42855120470097907,
  "fber": 5670197.5,
  "fd_mean": 0.08440014222383123,
  "fd_num": 0,
  "fd_perc": 0.0,
  "fwhm_avg": 2.6944028808717664,
  "fwhm_x": 2.5625168703172103,
  "fwhm_y": 2.865153105631422,
  "fwhm_z": 2.6555386666666667,
  "gcor": 0.0370917,
  "gsr_x": 0.027702348306775093,
  "gsr_y": 0.03594095632433891,
  "provenance": {
    "md5sum": "d225e4fb9d5cbe0704f67769289f0976",
    "settings": {
      "fd_thres": 0.5,
      "testing": false
    },
    "software": "mriqc",
    "version": "0.16.1",
    "webapi_port": null,
    "webapi_url": "https://mriqc.nimh.nih.gov/api/v1"
  },
  "size_t": 300,
  "size_x": 64,
  "size_y": 64,
  "size_z": 37,
  "snr": 2.7028835693562585,
  "spacing_tr": 2.0,
  "spacing_x": 2.999999761581421,
  "spacing_y": 3.000000238418579,
  "spacing_z": 3.75,
  "summary_bg_k": 38.15241273229225,
  "summary_bg_mad": 0.20438486423942956,
  "summary_bg_mean": 11.606819152832031,
  "summary_bg_median": 0.13926750421524048,
  "summary_bg_n": 95095.0,
  "summary_bg_p05": 0.0006587785494048147,
  "summary_bg_p95": 67.0170265197754,
  "summary_bg_stdv": 38.54764175415039,
  "summary_fg_k": 1.147798034821669,
  "summary_fg_mad": 126.37014394438194,
  "summary_fg_mean": 375.9469299316406,
  "summary_fg_median": 355.60272216796875,
  "summary_fg_n": 23104.0,
  "summary_fg_p05": 201.98299560546874,
  "summary_fg_p95": 622.9782135009763,
  "summary_fg_stdv": 131.5613555908203,
  "tsnr": 49.267147064208984
}