{
  "aor": 0.0007385496183206107,
  "aqi": 0.002525845776081425,
  "bids_meta": {
    "AcquisitionMatrixPE": 64,
    "AcquisitionNumber": 1,
    "AcquisitionTime": "11:42:8.315000",
    "BandwidthPerPixelPhaseEncode": 58.962,
    "BaseResolution": 64,
    "BodyPartExamined": "HEAD",
    "ConsistencyInfo": "N4_VE11C_LATEST_20160120",
    "ConversionSoftware": "dcm2niix",
    "ConversionSoftwareVersion": "v1.0.20181125  GCC5.3.1",
    "DerivedVendorReportedEchoSpacing": 0.000530002,
    "DeviceSerialNumber": "167013",
    "DwellTime": 3.5e-06,
    "EchoTime": 0.03,
    "EchoTrainLength": 31,
    "EffectiveEchoSpacing": 0.000265001,
    "FlipAngle": 90,
    "ImageOrientationPatientDICOM": [
      0.99525,
      0.0872945,
      -0.0431008,
      -0.0939036,
      0.977601,
      -0.188356
    ],
    "ImageType": [
      "ORIGINAL",
      "PRIMARY",
      "M",
      "ND",
      "MOSAIC"
    ],
    "ImagingFrequency": 123.249,
    "InPlanePhaseEncodingDirectionDICOM": "COL",
    "InstitutionAddress": "Whiteknights_Campus_StreetNo_Reading_District_GB_RG6_7BE",
    "InstitutionName": "UoR",
    "InstitutionalDepartmentName": "Department",
    "MRAcquisitionType": "2D",
    "MagneticFieldStrength": 3,
    "Manufacturer": "Siemens",
    "ManufacturersModelName": "Prisma_fit",
    "Modality": "MR",
    "ParallelReductionFactorInPlane": 2,
    "PartialFourier": 1,
    "PatientPosition": "HFS",
    "PercentPhaseFOV": 100,
    "PhaseEncodingDirection": "j",
    "PhaseEncodingSteps": 63,
    "PhaseResolution": 1,
    "PixelBandwidth": 2230,
    "ProcedureStepDescription": "head_Kou_Murayama",
    "ProtocolName": "ep2d_bold_PtoA_iPAT2_MagicTrick_Run2",
    "PulseSequenceDetails": "%SiemensSeq%_ep2d_bold",
    "ReceiveCoilActiveElements": "HEA;HEP",
    "ReceiveCoilName": "Head_32",
    "ReconMatrixPE": 64,
    "RepetitionTime": 2,
    "SAR": 0.103539,
    "ScanOptions": "FS",
    "ScanningSequence": "EP",
    "SequenceName": "_epfid2d1_64",
    "SequenceVariant": "SK",
    "SeriesDescription": "ep2d_bold_PtoA_iPAT2_MagicTrick_Run2",
    "SeriesNumber": 10,
    "ShimSetting": [
      3415,
      -11943,
      11437,
      344,
      124,
      -145,
      -156,
      63
    ],
    "SliceThickness": 3,
    "SliceTiming": [
      0,
      1.015,
      0.0525,
      1.07,
      0.105,
      1.1225,
      0.16,
      1.175,
      0.2125,
      1.23,
      0.2675,
      1.2825,
      0.32,
      1.3375,
      0.3725,
      1.39,
      0.4275,
      1.4425,
      0.48,
      1.4975,
      0.535,
      1.55,
      0.5875,
      1.605,
      0.64,
      1.6575,
      0.695,
      1.71,
      0.7475,
      1.765,
      0.8025,
      1.8175,
      0.855,
      1.8725,
      0.9075,
      1.925,
      0.9625
    ],
    "SoftwareVersions": "syngo_MR_E11",
    "SpacingBetweenSlices": 3.75,
    "StationName": "AWP167013",
    "TaskName": "magictrickwatching",
    "TotalReadoutTime": 0.0166951,
    "TxRefAmp": 242.395,
    "dataset": "<unset>",
    "modality": "bold",
    "run_id": 2,
    "subject_id": "control023",
    "task_id": "magictrickwatching"
  },
  "dummy_trs": 0,
  "dvars_nstd": 22.77088358951533,
  "dvars_std": 1.137588935969387,
  "dvars_vstd": 1.0053843063775505,
  "efc": 0.42770700613543333,
  "fber": 9271787.0,
  "fd_mean": 0.09120620724901833,
  "fd_num": 0,
  "fd_perc": 0.0,
  "fwhm_avg": 2.6681795482746167,
  "fwhm_x": 2.5459102023307643,
  "fwhm_y": 2.8207564424930855,
  "fwhm_z": 2.637872,
  "gcor": 0.0217901,
  "gsr_x": 0.02851511724293232,
  "gsr_y": 0.038985464721918106,
  "provenance": {
    "md5sum": "cc91e8e45bfcc1e4e709021953a35c7c",
    "settings": {
      "fd_thres": 0.5,
      "testing": false
    },
    "software": "mriqc",
    "version": "0.16.1",
    "webapi_port": null,
    "webapi_url": "https://mriqc.nimh.nih.gov/api/v1"
  },
  "size_t": 393,
  "size_x": 64,
  "size_y": 64,
  "size_z": 37,
  "snr": 2.6848323070909967,
  "spacing_tr": 2.0,
  "spacing_x": 2.999999761581421,
  "spacing_y": 3.000000238418579,
  "spacing_z": 3.75,
  "summary_bg_k": 36.55449420082722,
  "summary_bg_mad": 0.16903590211955313,
  "summary_bg_mean": 12.192967414855957,
  "summary_bg_median": 0.11673366278409958,
  "summary_bg_n": 95376.0,
  "summary_bg_p05": 0.0008194709662348032,
  "summary_bg_p95": 73.90827941894531,
  "summary_bg_stdv": 41.621639251708984,
  "summary_fg_k": 1.278712599630972,
  "summary_fg_mad": 127.03210719382793,
  "summary_fg_mean": 380.365478515625,
  "summary_fg_median": 359.75909423828125,
  "summary_fg_n": 23219.0,
  "summary_fg_p05": 204.66445922851562,
  "summary_fg_p95": 630.1127136230468,
  "summary_fg_stdv": 133.9939727783203,
  "tsnr": 62.585243225097656
}