{
  "bids_meta": {
    "AcquisitionMatrixPE": 256,
    "AcquisitionNumber": 1,
    "AcquisitionTime": "17:37:30.150000",
    "BaseResolution": 256,
    "BodyPartExamined": "HEAD",
    "ConsistencyInfo": "N4_VE11C_LATEST_20160120",
    "ConversionSoftware": "dcm2niix",
    "ConversionSoftwareVersion": "v1.0.20181125  GCC5.3.1",
    "DeviceSerialNumber": "167013",
    "DwellTime": 9.8e-06,
    "EchoTime": 0.00229,
    "FlipAngle": 8,
    "ImageOrientationPatientDICOM": [
      0.0460406,
      0.976807,
      0.209112,
      0.0808097,
      0.205006,
      -0.975419
    ],
    "ImageType": [
      "ORIGINAL",
      "PRIMARY",
      "M",
      "ND",
      "NORM"
    ],
    "ImagingFrequency": 123.249,
    "InPlanePhaseEncodingDirectionDICOM": "ROW",
    "InstitutionAddress": "Whiteknights_Campus_StreetNo_Reading_District_GB_RG6_7BE",
    "InstitutionName": "UoR",
    "InstitutionalDepartmentName": "Department",
    "InversionTime": 0.9,
    "MRAcquisitionType": "3D",
    "MagneticFieldStrength": 3,
    "Manufacturer": "Siemens",
    "ManufacturersModelName": "Prisma_fit",
    "Modality": "MR",
    "PartialFourier": 1,
    "PatientPosition": "HFS",
    "PercentPhaseFOV": 100,
    "PhaseEncodingSteps": 255,
    "PhaseResolution": 1,
    "PixelBandwidth": 200,
    "ProcedureStepDescription": "head_Kou_Murayama",
    "ProtocolName": "t1_mprage_sag_p2_iso_192",
    "PulseSequenceDetails": "%SiemensSeq%_tfl",
    "ReceiveCoilActiveElements": "HEA;HEP",
    "ReceiveCoilName": "Head_32",
    "ReconMatrixPE": 256,
    "RepetitionTime": 2.3,
    "SAR": 0.0479428,
    "ScanOptions": "IR",
    "ScanningSequence": "GR_IR",
    "SequenceName": "_tfl3d1_16ns",
    "SequenceVariant": "SK_SP_MP",
    "SeriesDescription": "t1_mprage_sag_p2_iso_192",
    "SeriesNumber": 13,
    "ShimSetting": [
      3382,
      -11946,
      11206,
      -4,
      -40,
      -152,
      -34,
      21
    ],
    "SliceThickness": 0.94,
    "SoftwareVersions": "syngo_MR_E11",
    "StationName": "AWP167013",
    "TxRefAmp": 243.045,
    "dataset": "<unset>",
    "modality": "T1w",
    "rec_id": "NORM",
    "subject_id": "experimental050"
  },
  "cjv": 0.3717143323559556,
  "cnr": 3.551276194915922,
  "efc": 0.5605609999721973,
  "fber": 3769.461336287975,
  "fwhm_avg": 3.8539323247715065,
  "fwhm_x": 3.854138307647853,
  "fwhm_y": 3.856992,
  "fwhm_z": 3.8506666666666667,
  "icvs_csf": 0.2107992658174148,
  "icvs_gm": 0.41713167695179815,
  "icvs_wm": 0.37206905723078704,
  "inu_med": 1.3138831853866577,
  "inu_range": 0.36251404881477356,
  "provenance": {
    "md5sum": "ed19420c0455f519e5f31b6a7743fd87",
    "settings": {
      "testing": false
    },
    "software": "mriqc",
    "version": "0.16.1",
    "warnings": {
      "large_rot_frame": true,
      "small_air_mask": false
    },
    "webapi_port": null,
    "webapi_url": "https://mriqc.nimh.nih.gov/api/v1"
  },
  "qi_1": 0.0001225735808522995,
  "qi_2": 0.01929637565500252,
  "rpve_csf": 21.030780399274047,
  "rpve_gm": 11.207475898453966,
  "rpve_wm": 15.429238033584044,
  "size_x": 192,
  "size_y": 256,
  "size_z": 256,
  "snr_csf": 3.0286417697356494,
  "snr_gm": 11.104794185185266,
  "snr_total": 11.904783392805987,
  "snr_wm": 21.58091422349704,
  "snrd_csf": 41.43655263209424,
  "snrd_gm": 82.44461287956187,
  "snrd_total": 79.66164411065891,
  "snrd_wm": 115.1037668203206,
  "spacing_x": 0.9399999976158142,
  "spacing_y": 0.9375,
  "spacing_z": 0.9375,
  "summary_bg_k": 13.93640266197119,
  "summary_bg_mad": 5.691702374553704,
  "summary_bg_mean": 7.333572930322348,
  "summary_bg_median": 3.838994912803173,
  "summary_bg_n": 2687524.0,
  "summary_bg_p05": 0.0,
  "summary_bg_p95": 23.20846924558282,
  "summary_bg_stdv": 8.732140903503918,
  "summary_csf_k": -0.5444562597254068,
  "summary_csf_mad": 140.8265148128212,
  "summary_csf_mean": 366.07240918920706,
  "summary_csf_median": 359.99302295967937,
  "summary_csf_n": 17552.0,
  "summary_csf_p05": 188.45975026488304,
  "summary_csf_p95": 554.819106454961,
  "summary_csf_stdv": 118.85947402825877,
  "summary_gm_k": 0.013087300018574943,
  "summary_gm_mad": 63.384867352984436,
  "summary_gm_mean": 715.7214607025679,
  "summary_gm_median": 716.2633841857314,
  "summary_gm_n": 30570.0,
  "summary_gm_p05": 607.9571943730116,
  "summary_gm_p95": 822.1847438253462,
  "summary_gm_stdv": 64.4993195740601,
  "summary_wm_k": 0.8915166961671348,
  "summary_wm_mad": 42.08410240579103,
  "summary_wm_mean": 999.133244353746,
  "summary_wm_median": 1000.0000081956387,
  "summary_wm_n": 275386.0,
  "summary_wm_p05": 920.951612945646,
  "summary_wm_p95": 1072.5919120013714,
  "summary_wm_stdv": 46.337156165138744,
  "tpm_overlap_csf": 0.17131729423999786,
  "tpm_overlap_gm": 0.4466026723384857,
  "tpm_overlap_wm": 0.5121142864227295,
  "wm2max": 0.4017385614805814
}