{
  "bids_meta": {
    "AcquisitionMatrixPE": 256,
    "AcquisitionNumber": 1,
    "AcquisitionTime": "16:04:19.670000",
    "BaseResolution": 256,
    "BodyPartExamined": "HEAD",
    "ConsistencyInfo": "N4_VE11C_LATEST_20160120",
    "ConversionSoftware": "dcm2niix",
    "ConversionSoftwareVersion": "v1.0.20181125  GCC5.3.1",
    "DeviceSerialNumber": "167013",
    "DwellTime": 9.8e-06,
    "EchoTime": 0.00229,
    "FlipAngle": 8,
    "ImageOrientationPatientDICOM": [
      -0.0416198,
      0.986236,
      -0.160018,
      0.0763441,
      -0.15655,
      -0.984715
    ],
    "ImageType": [
      "ORIGINAL",
      "PRIMARY",
      "M",
      "ND",
      "NORM"
    ],
    "ImagingFrequency": 123.249,
    "InPlanePhaseEncodingDirectionDICOM": "ROW",
    "InstitutionAddress": "Whiteknights_Campus_StreetNo_Reading_District_GB_RG6_7BE",
    "InstitutionName": "UoR",
    "InstitutionalDepartmentName": "Department",
    "InversionTime": 0.9,
    "MRAcquisitionType": "3D",
    "MagneticFieldStrength": 3,
    "Manufacturer": "Siemens",
    "ManufacturersModelName": "Prisma_fit",
    "Modality": "MR",
    "PartialFourier": 1,
    "PatientPosition": "HFS",
    "PercentPhaseFOV": 100,
    "PhaseEncodingSteps": 255,
    "PhaseResolution": 1,
    "PixelBandwidth": 200,
    "ProcedureStepDescription": "head_Kou_Murayama",
    "ProtocolName": "t1_mprage_sag_p2_iso_192",
    "PulseSequenceDetails": "%SiemensSeq%_tfl",
    "ReceiveCoilActiveElements": "HEA;HEP",
    "ReceiveCoilName": "Head_32",
    "ReconMatrixPE": 256,
    "RepetitionTime": 2.3,
    "SAR": 0.0398648,
    "ScanOptions": "IR",
    "ScanningSequence": "GR_IR",
    "SequenceName": "_tfl3d1_16ns",
    "SequenceVariant": "SK_SP_MP",
    "SeriesDescription": "t1_mprage_sag_p2_iso_192",
    "SeriesNumber": 13,
    "ShimSetting": [
      3382,
      -11946,
      11206,
      -4,
      -40,
      -152,
      -34,
      21
    ],
    "SliceThickness": 0.94,
    "SoftwareVersions": "syngo_MR_E11",
    "StationName": "AWP167013",
    "TxRefAmp": 220.901,
    "dataset": "<unset>",
    "modality": "T1w",
    "rec_id": "NORM",
    "subject_id": "experimental012"
  },
  "cjv": 0.3538528152617763,
  "cnr": 3.767701179139387,
  "efc": 0.5316481910494005,
  "fber": 6036.614366729678,
  "fwhm_avg": 3.901240914053053,
  "fwhm_x": 3.8207040754924915,
  "fwhm_y": 4.010272,
  "fwhm_z": 3.8727466666666666,
  "icvs_csf": 0.19768739918544462,
  "icvs_gm": 0.4286135808091469,
  "icvs_wm": 0.3736990200054085,
  "inu_med": 1.22151517868042,
  "inu_range": 0.3011488914489746,
  "provenance": {
    "md5sum": "578af43b5e9911e4e3973ac25c35a668",
    "settings": {
      "testing": false
    },
    "software": "mriqc",
    "version": "0.16.1",
    "warnings": {
      "large_rot_frame": true,
      "small_air_mask": false
    },
    "webapi_port": null,
    "webapi_url": "https://mriqc.nimh.nih.gov/api/v1"
  },
  "qi_1": 0.0,
  "qi_2": 0.01845526726845467,
  "rpve_csf": 27.767932686533303,
  "rpve_gm": 14.095463740247762,
  "rpve_wm": 19.60723545400679,
  "size_x": 192,
  "size_y": 256,
  "size_z": 256,
  "snr_csf": 2.685455103904628,
  "snr_gm": 12.052534667787622,
  "snr_total": 12.284344076572745,
  "snr_wm": 22.11504245802599,
  "snrd_csf": 38.236668584008676,
  "snrd_gm": 70.59629630512313,
  "snrd_total": 69.11322725278563,
  "snrd_wm": 98.5067168692251,
  "spacing_x": 0.939999520778656,
  "spacing_y": 0.9375,
  "spacing_z": 0.9375,
  "summary_bg_k": 16.55558563329881,
  "summary_bg_mad": 6.650677309783977,
  "summary_bg_mean": 7.722182935939052,
  "summary_bg_median": 4.54188634827733,
  "summary_bg_n": 3151486.0,
  "summary_bg_p05": 0.0,
  "summary_bg_p95": 22.821577083319426,
  "summary_bg_stdv": 8.657154230357422,
  "summary_csf_k": 12.949922197861396,
  "summary_csf_mad": 160.07348949986311,
  "summary_csf_mean": 382.6773421571951,
  "summary_csf_median": 388.1630647648126,
  "summary_csf_n": 14270.0,
  "summary_csf_p05": 183.35763406008482,
  "summary_csf_p95": 572.3085198519751,
  "summary_csf_stdv": 144.53768498835188,
  "summary_gm_k": 0.009183114568192874,
  "summary_gm_mad": 59.0247611243328,
  "summary_gm_mean": 716.0960705301592,
  "summary_gm_median": 716.6648076213896,
  "summary_gm_n": 32102.0,
  "summary_gm_p05": 617.2479619979858,
  "summary_gm_p95": 813.5023103803396,
  "summary_gm_stdv": 59.46082421501523,
  "summary_wm_k": 0.7966329862101222,
  "summary_wm_mad": 41.23419932066066,
  "summary_wm_mean": 997.9642957786558,
  "summary_wm_median": 1000.0000140145421,
  "summary_wm_n": 228188.0,
  "summary_wm_p05": 919.0310771390796,
  "summary_wm_p95": 1067.960091225803,
  "summary_wm_stdv": 45.21799244719489,
  "tpm_overlap_csf": 0.16041651368141174,
  "tpm_overlap_gm": 0.4448995888233185,
  "tpm_overlap_wm": 0.49623098969459534,
  "wm2max": 0.38690502017616174
}