{
  "aor": 0.004178393782383419,
  "aqi": 0.004227217746113989,
  "bids_meta": {
    "AcquisitionMatrixPE": 64,
    "AcquisitionNumber": 1,
    "AcquisitionTime": "15:32:35.735000",
    "BandwidthPerPixelPhaseEncode": 58.962,
    "BaseResolution": 64,
    "BodyPartExamined": "HEAD",
    "ConsistencyInfo": "N4_VE11C_LATEST_20160120",
    "ConversionSoftware": "dcm2niix",
    "ConversionSoftwareVersion": "v1.0.20181125  GCC5.3.1",
    "DerivedVendorReportedEchoSpacing": 0.000530002,
    "DeviceSerialNumber": "167013",
    "DwellTime": 3.5e-06,
    "EchoTime": 0.03,
    "EchoTrainLength": 31,
    "EffectiveEchoSpacing": 0.000265001,
    "FlipAngle": 90,
    "ImageOrientationPatientDICOM": [
      0.9996,
      -0.0113934,
      0.0259006,
      0.00750203,
      0.989307,
      0.145656
    ],
    "ImageType": [
      "ORIGINAL",
      "PRIMARY",
      "M",
      "ND",
      "MOSAIC"
    ],
    "ImagingFrequency": 123.249,
    "InPlanePhaseEncodingDirectionDICOM": "COL",
    "InstitutionAddress": "Whiteknights_Campus_StreetNo_Reading_District_GB_RG6_7BE",
    "InstitutionName": "UoR",
    "InstitutionalDepartmentName": "Department",
    "MRAcquisitionType": "2D",
    "MagneticFieldStrength": 3,
    "Manufacturer": "Siemens",
    "ManufacturersModelName": "Prisma_fit",
    "Modality": "MR",
    "ParallelReductionFactorInPlane": 2,
    "PartialFourier": 1,
    "PatientPosition": "HFS",
    "PercentPhaseFOV": 100,
    "PhaseEncodingDirection": "j",
    "PhaseEncodingSteps": 63,
    "PhaseResolution": 1,
    "PixelBandwidth": 2230,
    "ProcedureStepDescription": "head_Kou_Murayama",
    "ProtocolName": "ep2d_bold_PtoA_iPAT2_MagicTrick_Run3",
    "PulseSequenceDetails": "%SiemensSeq%_ep2d_bold",
    "ReceiveCoilActiveElements": "HEA;HEP",
    "ReceiveCoilName": "Head_32",
    "ReconMatrixPE": 64,
    "RepetitionTime": 2,
    "SAR": 0.115696,
    "ScanOptions": "FS",
    "ScanningSequence": "EP",
    "SequenceName": "_epfid2d1_64",
    "SequenceVariant": "SK",
    "SeriesDescription": "ep2d_bold_PtoA_iPAT2_MagicTrick_Run3",
    "SeriesNumber": 11,
    "ShimSetting": [
      3395,
      -11970,
      11510,
      459,
      -16,
      -104,
      -42,
      41
    ],
    "SliceThickness": 3,
    "SliceTiming": [
      0,
      1.015,
      0.0525,
      1.07,
      0.1075,
      1.1225,
      0.16,
      1.1775,
      0.2125,
      1.23,
      0.2675,
      1.2825,
      0.32,
      1.3375,
      0.375,
      1.39,
      0.4275,
      1.445,
      0.48,
      1.4975,
      0.535,
      1.55,
      0.5875,
      1.605,
      0.6425,
      1.6575,
      0.695,
      1.7125,
      0.7475,
      1.765,
      0.8025,
      1.8175,
      0.855,
      1.8725,
      0.91,
      1.925,
      0.9625
    ],
    "SoftwareVersions": "syngo_MR_E11",
    "SpacingBetweenSlices": 3.75,
    "StationName": "AWP167013",
    "TaskName": "magictrickwatching",
    "TotalReadoutTime": 0.0166951,
    "TxRefAmp": 228.216,
    "dataset": "<unset>",
    "modality": "bold",
    "run_id": 3,
    "subject_id": "control049",
    "task_id": "magictrickwatching"
  },
  "dummy_trs": 0,
  "dvars_nstd": 21.58590257293505,
  "dvars_std": 1.1083001533246752,
  "dvars_vstd": 0.9934829545194817,
  "efc": 0.4446809043743478,
  "fber": 3747759.75,
  "fd_mean": 0.07038063914894958,
  "fd_num": 0,
  "fd_perc": 0.0,
  "fwhm_avg": 3.008931251432133,
  "fwhm_x": 2.8990362058772714,
  "fwhm_y": 3.2265038461723083,
  "fwhm_z": 2.9012537022468186,
  "gcor": 0.0146451,
  "gsr_x": 0.03770032152533531,
  "gsr_y": 0.01758725754916668,
  "provenance": {
    "md5sum": "c80fe3665cc418789c0d4293168630e4",
    "settings": {
      "fd_thres": 0.5,
      "testing": false
    },
    "software": "mriqc",
    "version": "0.16.1",
    "webapi_port": null,
    "webapi_url": "https://mriqc.nimh.nih.gov/api/v1"
  },
  "size_t": 386,
  "size_x": 64,
  "size_y": 64,
  "size_z": 37,
  "snr": 2.375411381401202,
  "spacing_tr": 2.0,
  "spacing_x": 3.000000476837158,
  "spacing_y": 2.999999523162842,
  "spacing_z": 3.749999523162842,
  "summary_bg_k": 32.4992967414759,
  "summary_bg_mad": 0.3270469072418546,
  "summary_bg_mean": 18.288557052612305,
  "summary_bg_median": 0.2205897867679596,
  "summary_bg_n": 92335.0,
  "summary_bg_p05": 0.0,
  "summary_bg_p95": 118.27417602539064,
  "summary_bg_stdv": 57.059959411621094,
  "summary_fg_k": 0.53617215062543,
  "summary_fg_mad": 198.89465295233418,
  "summary_fg_mean": 501.46063232421875,
  "summary_fg_median": 466.90673828125,
  "summary_fg_n": 25721.0,
  "summary_fg_p05": 248.67584228515625,
  "summary_fg_p95": 868.6508178710938,
  "summary_fg_stdv": 196.554443359375,
  "tsnr": 52.24531173706055
}