{
  "aor": 0.0006108549222797928,
  "aqi": 0.009548904041450777,
  "bids_meta": {
    "AcquisitionMatrixPE": 64,
    "AcquisitionNumber": 1,
    "AcquisitionTime": "17:11:26.375000",
    "BandwidthPerPixelPhaseEncode": 58.962,
    "BaseResolution": 64,
    "BodyPartExamined": "HEAD",
    "ConsistencyInfo": "N4_VE11C_LATEST_20160120",
    "ConversionSoftware": "dcm2niix",
    "ConversionSoftwareVersion": "v1.0.20181125  GCC5.3.1",
    "DerivedVendorReportedEchoSpacing": 0.000530002,
    "DeviceSerialNumber": "167013",
    "DwellTime": 3.5e-06,
    "EchoTime": 0.03,
    "EchoTrainLength": 31,
    "EffectiveEchoSpacing": 0.000265001,
    "FlipAngle": 90,
    "ImageOrientationPatientDICOM": [
      0.999748,
      0.0128646,
      0.0184095,
      -0.0111677,
      0.995926,
      -0.0894824
    ],
    "ImageType": [
      "ORIGINAL",
      "PRIMARY",
      "M",
      "ND",
      "MOSAIC"
    ],
    "ImagingFrequency": 123.249,
    "InPlanePhaseEncodingDirectionDICOM": "COL",
    "InstitutionAddress": "Whiteknights_Campus_StreetNo_Reading_District_GB_RG6_7BE",
    "InstitutionName": "UoR",
    "InstitutionalDepartmentName": "Department",
    "MRAcquisitionType": "2D",
    "MagneticFieldStrength": 3,
    "Manufacturer": "Siemens",
    "ManufacturersModelName": "Prisma_fit",
    "Modality": "MR",
    "ParallelReductionFactorInPlane": 2,
    "PartialFourier": 1,
    "PatientPosition": "HFS",
    "PercentPhaseFOV": 100,
    "PhaseEncodingDirection": "j",
    "PhaseEncodingSteps": 63,
    "PhaseResolution": 1,
    "PixelBandwidth": 2230,
    "ProcedureStepDescription": "head_Kou_Murayama",
    "ProtocolName": "ep2d_bold_PtoA_iPAT2_MagicTrick_Run2",
    "PulseSequenceDetails": "%SiemensSeq%_ep2d_bold",
    "ReceiveCoilActiveElements": "HEA;HEP",
    "ReceiveCoilName": "Head_32",
    "ReconMatrixPE": 64,
    "RepetitionTime": 2,
    "SAR": 0.107077,
    "ScanOptions": "FS",
    "ScanningSequence": "EP",
    "SequenceName": "_epfid2d1_64",
    "SequenceVariant": "SK",
    "SeriesDescription": "ep2d_bold_PtoA_iPAT2_MagicTrick_Run2",
    "SeriesNumber": 10,
    "ShimSetting": [
      3391,
      -11915,
      11498,
      378,
      -10,
      -65,
      24,
      36
    ],
    "SliceThickness": 3,
    "SliceTiming": [
      0,
      1.015,
      0.0525,
      1.07,
      0.105,
      1.1225,
      0.16,
      1.175,
      0.2125,
      1.23,
      0.2675,
      1.2825,
      0.32,
      1.3375,
      0.3725,
      1.39,
      0.4275,
      1.4425,
      0.48,
      1.4975,
      0.535,
      1.55,
      0.5875,
      1.605,
      0.64,
      1.6575,
      0.695,
      1.71,
      0.7475,
      1.765,
      0.8025,
      1.8175,
      0.855,
      1.8725,
      0.9075,
      1.925,
      0.9625
    ],
    "SoftwareVersions": "syngo_MR_E11",
    "SpacingBetweenSlices": 3.75,
    "StationName": "AWP167013",
    "TaskName": "magictrickwatching",
    "TotalReadoutTime": 0.0166951,
    "TxRefAmp": 249.649,
    "dataset": "<unset>",
    "modality": "bold",
    "run_id": 2,
    "subject_id": "control027",
    "task_id": "magictrickwatching"
  },
  "dummy_trs": 1,
  "dvars_nstd": 30.952249849090915,
  "dvars_std": 1.0628166323896115,
  "dvars_vstd": 0.9155070291948048,
  "efc": 0.5155752883110878,
  "fber": 112116.484375,
  "fd_mean": 0.15437438560309102,
  "fd_num": 3,
  "fd_perc": 0.7772020725388601,
  "fwhm_avg": 2.8912134263117544,
  "fwhm_x": 2.7168431174180414,
  "fwhm_y": 3.113330494850555,
  "fwhm_z": 2.8434666666666666,
  "gcor": 0.0108346,
  "gsr_x": 0.0371282696723938,
  "gsr_y": 0.058491550385951996,
  "provenance": {
    "md5sum": "e52405894e5299d9a1714bfc22a2770c",
    "settings": {
      "fd_thres": 0.5,
      "testing": false
    },
    "software": "mriqc",
    "version": "0.16.1",
    "webapi_port": null,
    "webapi_url": "https://mriqc.nimh.nih.gov/api/v1"
  },
  "size_t": 386,
  "size_x": 64,
  "size_y": 64,
  "size_z": 37,
  "snr": 2.191065982307814,
  "spacing_tr": 2.0,
  "spacing_x": 3.000000238418579,
  "spacing_y": 2.999999523162842,
  "spacing_z": 3.75,
  "summary_bg_k": 26.59877762986227,
  "summary_bg_mad": 1.4102075299228058,
  "summary_bg_mean": 21.269006729125977,
  "summary_bg_median": 0.9600139856338501,
  "summary_bg_n": 78664.0,
  "summary_bg_p05": 0.004457078198902309,
  "summary_bg_p95": 123.40369987487784,
  "summary_bg_stdv": 55.63274002075195,
  "summary_fg_k": 1.041357303029991,
  "summary_fg_mad": 171.0064337648733,
  "summary_fg_mean": 429.8390197753906,
  "summary_fg_median": 394.52703857421875,
  "summary_fg_n": 33956.0,
  "summary_fg_p05": 208.4863624572754,
  "summary_fg_p95": 774.0145568847656,
  "summary_fg_stdv": 180.0590362548828,
  "tsnr": 34.85962677001953
}