{
  "aor": 0.002621421188630491,
  "aqi": 0.01124857046511628,
  "bids_meta": {
    "AcquisitionMatrixPE": 64,
    "AcquisitionNumber": 1,
    "AcquisitionTime": "17:26:44.880000",
    "BandwidthPerPixelPhaseEncode": 58.962,
    "BaseResolution": 64,
    "BodyPartExamined": "HEAD",
    "ConsistencyInfo": "N4_VE11C_LATEST_20160120",
    "ConversionSoftware": "dcm2niix",
    "ConversionSoftwareVersion": "v1.0.20181125  GCC5.3.1",
    "DerivedVendorReportedEchoSpacing": 0.000530002,
    "DeviceSerialNumber": "167013",
    "DwellTime": 3.5e-06,
    "EchoTime": 0.03,
    "EchoTrainLength": 31,
    "EffectiveEchoSpacing": 0.000265001,
    "FlipAngle": 90,
    "ImageOrientationPatientDICOM": [
      0.999748,
      0.0128646,
      0.0184095,
      -0.0111677,
      0.995926,
      -0.0894824
    ],
    "ImageType": [
      "ORIGINAL",
      "PRIMARY",
      "M",
      "ND",
      "MOSAIC"
    ],
    "ImagingFrequency": 123.249,
    "InPlanePhaseEncodingDirectionDICOM": "COL",
    "InstitutionAddress": "Whiteknights_Campus_StreetNo_Reading_District_GB_RG6_7BE",
    "InstitutionName": "UoR",
    "InstitutionalDepartmentName": "Department",
    "MRAcquisitionType": "2D",
    "MagneticFieldStrength": 3,
    "Manufacturer": "Siemens",
    "ManufacturersModelName": "Prisma_fit",
    "Modality": "MR",
    "ParallelReductionFactorInPlane": 2,
    "PartialFourier": 1,
    "PatientPosition": "HFS",
    "PercentPhaseFOV": 100,
    "PhaseEncodingDirection": "j",
    "PhaseEncodingSteps": 63,
    "PhaseResolution": 1,
    "PixelBandwidth": 2230,
    "ProcedureStepDescription": "head_Kou_Murayama",
    "ProtocolName": "ep2d_bold_PtoA_iPAT2_MagicTrick_Run3",
    "PulseSequenceDetails": "%SiemensSeq%_ep2d_bold",
    "ReceiveCoilActiveElements": "HEA;HEP",
    "ReceiveCoilName": "Head_32",
    "ReconMatrixPE": 64,
    "RepetitionTime": 2,
    "SAR": 0.107077,
    "ScanOptions": "FS",
    "ScanningSequence": "EP",
    "SequenceName": "_epfid2d1_64",
    "SequenceVariant": "SK",
    "SeriesDescription": "ep2d_bold_PtoA_iPAT2_MagicTrick_Run3",
    "SeriesNumber": 11,
    "ShimSetting": [
      3391,
      -11915,
      11498,
      378,
      -10,
      -65,
      24,
      36
    ],
    "SliceThickness": 3,
    "SliceTiming": [
      0,
      1.0175,
      0.055,
      1.07,
      0.1075,
      1.125,
      0.16,
      1.1775,
      0.215,
      1.2325,
      0.2675,
      1.285,
      0.3225,
      1.3375,
      0.375,
      1.3925,
      0.4275,
      1.445,
      0.4825,
      1.5,
      0.535,
      1.5525,
      0.59,
      1.605,
      0.6425,
      1.66,
      0.6975,
      1.7125,
      0.75,
      1.7675,
      0.8025,
      1.82,
      0.8575,
      1.8725,
      0.91,
      1.9275,
      0.965
    ],
    "SoftwareVersions": "syngo_MR_E11",
    "SpacingBetweenSlices": 3.75,
    "StationName": "AWP167013",
    "TaskName": "magictrickwatching",
    "TotalReadoutTime": 0.0166951,
    "TxRefAmp": 249.649,
    "dataset": "<unset>",
    "modality": "bold",
    "run_id": 3,
    "subject_id": "control027",
    "task_id": "magictrickwatching"
  },
  "dummy_trs": 0,
  "dvars_nstd": 29.713518231269436,
  "dvars_std": 1.015829752020725,
  "dvars_vstd": 0.9119826988341974,
  "efc": 0.512947876353329,
  "fber": 117500.296875,
  "fd_mean": 0.16487953236698247,
  "fd_num": 5,
  "fd_perc": 1.2919896640826873,
  "fwhm_avg": 2.852368979059269,
  "fwhm_x": 2.7292964497616725,
  "fwhm_y": 3.0665571540827994,
  "fwhm_z": 2.7612533333333333,
  "gcor": 0.0122078,
  "gsr_x": 0.03968508541584015,
  "gsr_y": 0.05462433397769928,
  "provenance": {
    "md5sum": "c5e0edc84a2f52e0fd8ae1818f5581d6",
    "settings": {
      "fd_thres": 0.5,
      "testing": false
    },
    "software": "mriqc",
    "version": "0.16.1",
    "webapi_port": null,
    "webapi_url": "https://mriqc.nimh.nih.gov/api/v1"
  },
  "size_t": 387,
  "size_x": 64,
  "size_y": 64,
  "size_z": 37,
  "snr": 2.2539307740366397,
  "spacing_tr": 2.0,
  "spacing_x": 3.000000238418579,
  "spacing_y": 2.999999523162842,
  "spacing_z": 3.75,
  "summary_bg_k": 26.74529399288376,
  "summary_bg_mad": 1.4228545918125914,
  "summary_bg_mean": 21.387178421020508,
  "summary_bg_median": 0.9684323668479919,
  "summary_bg_n": 79896.0,
  "summary_bg_p05": 0.002426465740427375,
  "summary_bg_p95": 123.7874870300293,
  "summary_bg_stdv": 57.44746017456055,
  "summary_fg_k": 1.0553941492253296,
  "summary_fg_mad": 164.39677788751484,
  "summary_fg_mean": 428.884521484375,
  "summary_fg_median": 393.3813781738281,
  "summary_fg_n": 33123.0,
  "summary_fg_p05": 215.35492553710938,
  "summary_fg_p95": 764.5855468750001,
  "summary_fg_stdv": 174.52862548828125,
  "tsnr": 32.54423522949219
}