{
  "aor": 0.00144300518134715,
  "aqi": 0.0038645608031088086,
  "bids_meta": {
    "AcquisitionMatrixPE": 64,
    "AcquisitionNumber": 1,
    "AcquisitionTime": "17:12:14.005000",
    "BandwidthPerPixelPhaseEncode": 58.962,
    "BaseResolution": 64,
    "BodyPartExamined": "HEAD",
    "ConsistencyInfo": "N4_VE11C_LATEST_20160120",
    "ConversionSoftware": "dcm2niix",
    "ConversionSoftwareVersion": "v1.0.20181125  GCC5.3.1",
    "DerivedVendorReportedEchoSpacing": 0.000530002,
    "DeviceSerialNumber": "167013",
    "DwellTime": 3.5e-06,
    "EchoTime": 0.03,
    "EchoTrainLength": 31,
    "EffectiveEchoSpacing": 0.000265001,
    "FlipAngle": 90,
    "ImageOrientationPatientDICOM": [
      0.995663,
      -0.0618624,
      0.0694916,
      0.0551433,
      0.993971,
      0.0947649
    ],
    "ImageType": [
      "ORIGINAL",
      "PRIMARY",
      "M",
      "ND",
      "MOSAIC"
    ],
    "ImagingFrequency": 123.249,
    "InPlanePhaseEncodingDirectionDICOM": "COL",
    "InstitutionAddress": "Whiteknights_Campus_StreetNo_Reading_District_GB_RG6_7BE",
    "InstitutionName": "UoR",
    "InstitutionalDepartmentName": "Department",
    "MRAcquisitionType": "2D",
    "MagneticFieldStrength": 3,
    "Manufacturer": "Siemens",
    "ManufacturersModelName": "Prisma_fit",
    "Modality": "MR",
    "ParallelReductionFactorInPlane": 2,
    "PartialFourier": 1,
    "PatientPosition": "HFS",
    "PercentPhaseFOV": 100,
    "PhaseEncodingDirection": "j",
    "PhaseEncodingSteps": 63,
    "PhaseResolution": 1,
    "PixelBandwidth": 2230,
    "ProcedureStepDescription": "head_Kou_Murayama",
    "ProtocolName": "ep2d_bold_PtoA_iPAT2_MagicTrick_Run3",
    "PulseSequenceDetails": "%SiemensSeq%_ep2d_bold",
    "ReceiveCoilActiveElements": "HEA;HEP",
    "ReceiveCoilName": "Head_32",
    "ReconMatrixPE": 64,
    "RepetitionTime": 2,
    "SAR": 0.0990438,
    "ScanOptions": "FS",
    "ScanningSequence": "EP",
    "SequenceName": "_epfid2d1_64",
    "SequenceVariant": "SK",
    "SeriesDescription": "ep2d_bold_PtoA_iPAT2_MagicTrick_Run3",
    "SeriesNumber": 11,
    "ShimSetting": [
      3378,
      -11986,
      11489,
      420,
      -79,
      -216,
      40,
      4
    ],
    "SliceThickness": 3,
    "SliceTiming": [
      0,
      1.0175,
      0.0525,
      1.07,
      0.1075,
      1.125,
      0.16,
      1.1775,
      0.215,
      1.23,
      0.2675,
      1.285,
      0.32,
      1.3375,
      0.375,
      1.3925,
      0.4275,
      1.445,
      0.4825,
      1.4975,
      0.535,
      1.5525,
      0.5875,
      1.605,
      0.6425,
      1.66,
      0.695,
      1.7125,
      0.75,
      1.765,
      0.8025,
      1.82,
      0.8575,
      1.8725,
      0.91,
      1.9275,
      0.9625
    ],
    "SoftwareVersions": "syngo_MR_E11",
    "SpacingBetweenSlices": 3.75,
    "StationName": "AWP167013",
    "TaskName": "magictrickwatching",
    "TotalReadoutTime": 0.0166951,
    "TxRefAmp": 243.045,
    "dataset": "<unset>",
    "modality": "bold",
    "run_id": 3,
    "subject_id": "experimental050",
    "task_id": "magictrickwatching"
  },
  "dummy_trs": 0,
  "dvars_nstd": 24.60303448763639,
  "dvars_std": 1.126951904467532,
  "dvars_vstd": 0.9920754446493505,
  "efc": 0.4932784046470664,
  "fber": 831221.375,
  "fd_mean": 0.12694840001841987,
  "fd_num": 6,
  "fd_perc": 1.5544041450777202,
  "fwhm_avg": 2.8056931393485276,
  "fwhm_x": 2.7294699999999996,
  "fwhm_y": 2.962489764562467,
  "fwhm_z": 2.7251196534831172,
  "gcor": 0.0232016,
  "gsr_x": 0.00982657540589571,
  "gsr_y": 0.04627329856157303,
  "provenance": {
    "md5sum": "6ddfae5c269b20990de01edb548f616a",
    "settings": {
      "fd_thres": 0.5,
      "testing": false
    },
    "software": "mriqc",
    "version": "0.16.1",
    "webapi_port": null,
    "webapi_url": "https://mriqc.nimh.nih.gov/api/v1"
  },
  "size_t": 386,
  "size_x": 64,
  "size_y": 64,
  "size_z": 37,
  "snr": 2.6486647411470714,
  "spacing_tr": 2.0,
  "spacing_x": 3.0,
  "spacing_y": 3.000000238418579,
  "spacing_z": 3.750000476837158,
  "summary_bg_k": 26.688376258529654,
  "summary_bg_mad": 0.6638749130075623,
  "summary_bg_mean": 20.356796264648438,
  "summary_bg_median": 0.44777682423591614,
  "summary_bg_n": 84498.0,
  "summary_bg_p05": 0.0,
  "summary_bg_p95": 127.75796051025381,
  "summary_bg_stdv": 54.4112434387207,
  "summary_fg_k": -0.13707505025043565,
  "summary_fg_mad": 187.16242271359704,
  "summary_fg_mean": 506.5463562011719,
  "summary_fg_median": 477.3879089355469,
  "summary_fg_n": 29988.0,
  "summary_fg_p05": 261.5180435180664,
  "summary_fg_p95": 843.838168334961,
  "summary_fg_stdv": 180.23419189453125,
  "tsnr": 52.47807693481445
}