{
  "aor": 0.003677266666666667,
  "aqi": 0.002727928593333333,
  "bids_meta": {
    "AcquisitionMatrixPE": 64,
    "AcquisitionNumber": 1,
    "AcquisitionTime": "16:31:35.615000",
    "BandwidthPerPixelPhaseEncode": 58.962,
    "BaseResolution": 64,
    "BodyPartExamined": "HEAD",
    "ConsistencyInfo": "N4_VE11C_LATEST_20160120",
    "ConversionSoftware": "dcm2niix",
    "ConversionSoftwareVersion": "v1.0.20181125  GCC5.3.1",
    "DerivedVendorReportedEchoSpacing": 0.000530002,
    "DeviceSerialNumber": "167013",
    "DwellTime": 3.5e-06,
    "EchoTime": 0.03,
    "EchoTrainLength": 31,
    "EffectiveEchoSpacing": 0.000265001,
    "FlipAngle": 90,
    "ImageOrientationPatientDICOM": [
      0.995663,
      -0.0618624,
      0.0694916,
      0.0551433,
      0.993971,
      0.0947649
    ],
    "ImageType": [
      "ORIGINAL",
      "PRIMARY",
      "M",
      "ND",
      "MOSAIC"
    ],
    "ImagingFrequency": 123.249,
    "InPlanePhaseEncodingDirectionDICOM": "COL",
    "InstitutionAddress": "Whiteknights_Campus_StreetNo_Reading_District_GB_RG6_7BE",
    "InstitutionName": "UoR",
    "InstitutionalDepartmentName": "Department",
    "MRAcquisitionType": "2D",
    "MagneticFieldStrength": 3,
    "Manufacturer": "Siemens",
    "ManufacturersModelName": "Prisma_fit",
    "Modality": "MR",
    "ParallelReductionFactorInPlane": 2,
    "PartialFourier": 1,
    "PatientPosition": "HFS",
    "PercentPhaseFOV": 100,
    "PhaseEncodingDirection": "j",
    "PhaseEncodingSteps": 63,
    "PhaseResolution": 1,
    "PixelBandwidth": 2230,
    "ProcedureStepDescription": "head_Kou_Murayama",
    "ProtocolName": "ep2d_bold_PtoA_iPAT2_PreResting",
    "PulseSequenceDetails": "%SiemensSeq%_ep2d_bold",
    "ReceiveCoilActiveElements": "HEA;HEP",
    "ReceiveCoilName": "Head_32",
    "ReconMatrixPE": 64,
    "RepetitionTime": 2,
    "SAR": 0.0989154,
    "ScanOptions": "FS",
    "ScanningSequence": "EP",
    "SequenceName": "_epfid2d1_64",
    "SequenceVariant": "SK",
    "SeriesDescription": "ep2d_bold_PtoA_iPAT2_PreResting",
    "SeriesNumber": 6,
    "ShimSetting": [
      3378,
      -11986,
      11489,
      420,
      -79,
      -216,
      40,
      4
    ],
    "SliceThickness": 3,
    "SliceTiming": [
      0,
      1.0175,
      0.055,
      1.0725,
      0.1075,
      1.125,
      0.1625,
      1.1775,
      0.215,
      1.2325,
      0.2675,
      1.285,
      0.3225,
      1.34,
      0.375,
      1.3925,
      0.43,
      1.445,
      0.4825,
      1.5,
      0.535,
      1.5525,
      0.59,
      1.6075,
      0.6425,
      1.66,
      0.6975,
      1.7125,
      0.75,
      1.7675,
      0.8025,
      1.82,
      0.8575,
      1.875,
      0.91,
      1.9275,
      0.965
    ],
    "SoftwareVersions": "syngo_MR_E11",
    "SpacingBetweenSlices": 3.75,
    "StationName": "AWP167013",
    "TaskName": "rest",
    "TotalReadoutTime": 0.0166951,
    "TxRefAmp": 243.045,
    "dataset": "<unset>",
    "modality": "bold",
    "run_id": 1,
    "subject_id": "experimental050",
    "task_id": "rest"
  },
  "dummy_trs": 0,
  "dvars_nstd": 23.361862533344485,
  "dvars_std": 1.1480118765886291,
  "dvars_vstd": 1.0096721120735783,
  "efc": 0.4850009213930786,
  "fber": 2787280.5,
  "fd_mean": 0.11609625551557691,
  "fd_num": 3,
  "fd_perc": 1.0,
  "fwhm_avg": 2.880970913435798,
  "fwhm_x": 2.8311433333333333,
  "fwhm_y": 3.061396423368738,
  "fwhm_z": 2.7503729836053235,
  "gcor": 0.0250057,
  "gsr_x": 0.003819738980382681,
  "gsr_y": 0.046943049877882004,
  "provenance": {
    "md5sum": "528b7991d8512e760a09cab68fb3c03e",
    "settings": {
      "fd_thres": 0.5,
      "testing": false
    },
    "software": "mriqc",
    "version": "0.16.1",
    "webapi_port": null,
    "webapi_url": "https://mriqc.nimh.nih.gov/api/v1"
  },
  "size_t": 300,
  "size_x": 64,
  "size_y": 64,
  "size_z": 37,
  "snr": 2.6258934303049624,
  "spacing_tr": 2.0,
  "spacing_x": 3.0,
  "spacing_y": 3.000000238418579,
  "spacing_z": 3.750000476837158,
  "summary_bg_k": 22.43936669321767,
  "summary_bg_mad": 0.3691611564790053,
  "summary_bg_mean": 20.9729061126709,
  "summary_bg_median": 0.25180357694625854,
  "summary_bg_n": 85368.0,
  "summary_bg_p05": 0.00048619913723086945,
  "summary_bg_p95": 137.81957931518534,
  "summary_bg_stdv": 56.15543746948242,
  "summary_fg_k": -0.13421623300603436,
  "summary_fg_mad": 201.56071723530334,
  "summary_fg_mean": 538.198974609375,
  "summary_fg_median": 507.20330810546875,
  "summary_fg_n": 28810.0,
  "summary_fg_p05": 274.7349609375,
  "summary_fg_p95": 895.9473541259764,
  "summary_fg_stdv": 193.15121459960938,
  "tsnr": 59.95907211303711
}