{
  "aor": 0.0005307297297297297,
  "aqi": 0.00535228572972973,
  "bids_meta": {
    "AcquisitionMatrixPE": 64,
    "AcquisitionNumber": 1,
    "AcquisitionTime": "16:44:46.540000",
    "BandwidthPerPixelPhaseEncode": 58.962,
    "BaseResolution": 64,
    "BodyPartExamined": "HEAD",
    "ConsistencyInfo": "N4_VE11C_LATEST_20160120",
    "ConversionSoftware": "dcm2niix",
    "ConversionSoftwareVersion": "v1.0.20181125  GCC5.3.1",
    "DerivedVendorReportedEchoSpacing": 0.000530002,
    "DeviceSerialNumber": "167013",
    "DwellTime": 3.5e-06,
    "EchoTime": 0.03,
    "EchoTrainLength": 31,
    "EffectiveEchoSpacing": 0.000265001,
    "FlipAngle": 90,
    "ImageOrientationPatientDICOM": [
      0.995663,
      -0.0618624,
      0.0694916,
      0.0551433,
      0.993971,
      0.0947649
    ],
    "ImageType": [
      "ORIGINAL",
      "PRIMARY",
      "M",
      "ND",
      "MOSAIC"
    ],
    "ImagingFrequency": 123.249,
    "InPlanePhaseEncodingDirectionDICOM": "COL",
    "InstitutionAddress": "Whiteknights_Campus_StreetNo_Reading_District_GB_RG6_7BE",
    "InstitutionName": "UoR",
    "InstitutionalDepartmentName": "Department",
    "MRAcquisitionType": "2D",
    "MagneticFieldStrength": 3,
    "Manufacturer": "Siemens",
    "ManufacturersModelName": "Prisma_fit",
    "Modality": "MR",
    "ParallelReductionFactorInPlane": 2,
    "PartialFourier": 1,
    "PatientPosition": "HFS",
    "PercentPhaseFOV": 100,
    "PhaseEncodingDirection": "j",
    "PhaseEncodingSteps": 63,
    "PhaseResolution": 1,
    "PixelBandwidth": 2230,
    "ProcedureStepDescription": "head_Kou_Murayama",
    "ProtocolName": "ep2d_bold_PtoA_iPAT2_MagicTrick_Run1",
    "PulseSequenceDetails": "%SiemensSeq%_ep2d_bold",
    "ReceiveCoilActiveElements": "HEA;HEP",
    "ReceiveCoilName": "Head_32",
    "ReconMatrixPE": 64,
    "RepetitionTime": 2,
    "SAR": 0.0990438,
    "ScanOptions": "FS",
    "ScanningSequence": "EP",
    "SequenceName": "_epfid2d1_64",
    "SequenceVariant": "SK",
    "SeriesDescription": "ep2d_bold_PtoA_iPAT2_MagicTrick_Run1",
    "SeriesNumber": 9,
    "ShimSetting": [
      3378,
      -11986,
      11489,
      420,
      -79,
      -216,
      40,
      4
    ],
    "SliceThickness": 3,
    "SliceTiming": [
      0,
      1.0175,
      0.055,
      1.07,
      0.1075,
      1.125,
      0.16,
      1.1775,
      0.215,
      1.2325,
      0.2675,
      1.285,
      0.3225,
      1.3375,
      0.375,
      1.3925,
      0.4275,
      1.445,
      0.4825,
      1.5,
      0.535,
      1.5525,
      0.59,
      1.605,
      0.6425,
      1.66,
      0.695,
      1.7125,
      0.75,
      1.7675,
      0.8025,
      1.82,
      0.8575,
      1.8725,
      0.91,
      1.9275,
      0.965
    ],
    "SoftwareVersions": "syngo_MR_E11",
    "SpacingBetweenSlices": 3.75,
    "StationName": "AWP167013",
    "TaskName": "magictrickwatching",
    "TotalReadoutTime": 0.0166951,
    "TxRefAmp": 243.045,
    "dataset": "<unset>",
    "modality": "bold",
    "run_id": 1,
    "subject_id": "experimental050",
    "task_id": "magictrickwatching"
  },
  "dummy_trs": 0,
  "dvars_nstd": 24.80473071785906,
  "dvars_std": 1.0419923139566414,
  "dvars_vstd": 0.925489191734417,
  "efc": 0.4883336065102206,
  "fber": 744759.25,
  "fd_mean": 0.1384653671149461,
  "fd_num": 4,
  "fd_perc": 1.0810810810810811,
  "fwhm_avg": 2.8393931392149248,
  "fwhm_x": 2.8120066666666665,
  "fwhm_y": 3.0035864279630635,
  "fwhm_z": 2.702586323015045,
  "gcor": 0.0338506,
  "gsr_x": 0.0058500515297055244,
  "gsr_y": 0.04357083514332771,
  "provenance": {
    "md5sum": "214dd25b4da04a4a791111fadba46c32",
    "settings": {
      "fd_thres": 0.5,
      "testing": false
    },
    "software": "mriqc",
    "version": "0.16.1",
    "webapi_port": null,
    "webapi_url": "https://mriqc.nimh.nih.gov/api/v1"
  },
  "size_t": 370,
  "size_x": 64,
  "size_y": 64,
  "size_z": 37,
  "snr": 2.609809762013219,
  "spacing_tr": 2.0,
  "spacing_x": 3.0,
  "spacing_y": 3.000000238418579,
  "spacing_z": 3.750000476837158,
  "summary_bg_k": 23.424475198413447,
  "summary_bg_mad": 0.7165056023762997,
  "summary_bg_mean": 20.32036590576172,
  "summary_bg_median": 0.4883611798286438,
  "summary_bg_n": 84628.0,
  "summary_bg_p05": 0.002641099400352687,
  "summary_bg_p95": 128.952990722656,
  "summary_bg_stdv": 54.07027053833008,
  "summary_fg_k": -0.17437592956397108,
  "summary_fg_mad": 201.1572863673436,
  "summary_fg_mean": 530.9713134765625,
  "summary_fg_median": 501.0929870605469,
  "summary_fg_n": 29555.0,
  "summary_fg_p05": 267.8101043701172,
  "summary_fg_p95": 886.6040466308593,
  "summary_fg_stdv": 192.00039672851562,
  "tsnr": 45.863555908203125
}