{
  "bids_meta": {
    "AcquisitionMatrixPE": 256,
    "AcquisitionNumber": 1,
    "AcquisitionTime": "11:17:20.660000",
    "BaseResolution": 256,
    "BodyPartExamined": "HEAD",
    "ConsistencyInfo": "N4_VE11C_LATEST_20160120",
    "ConversionSoftware": "dcm2niix",
    "ConversionSoftwareVersion": "v1.0.20181125  GCC5.3.1",
    "DeviceSerialNumber": "167013",
    "DwellTime": 9.8e-06,
    "EchoTime": 0.00229,
    "FlipAngle": 8,
    "ImageOrientationPatientDICOM": [
      -0.0266,
      0.99116,
      0.129981,
      0.0165028,
      0.130445,
      -0.991318
    ],
    "ImageType": [
      "ORIGINAL",
      "PRIMARY",
      "M",
      "ND",
      "NORM"
    ],
    "ImagingFrequency": 123.249,
    "InPlanePhaseEncodingDirectionDICOM": "ROW",
    "InstitutionAddress": "Whiteknights_Campus_StreetNo_Reading_District_GB_RG6_7BE",
    "InstitutionName": "UoR",
    "InstitutionalDepartmentName": "Department",
    "InversionTime": 0.9,
    "MRAcquisitionType": "3D",
    "MagneticFieldStrength": 3,
    "Manufacturer": "Siemens",
    "ManufacturersModelName": "Prisma_fit",
    "Modality": "MR",
    "PartialFourier": 1,
    "PatientPosition": "HFS",
    "PercentPhaseFOV": 100,
    "PhaseEncodingSteps": 255,
    "PhaseResolution": 1,
    "PixelBandwidth": 200,
    "ProcedureStepDescription": "head_Kou_Murayama",
    "ProtocolName": "t1_mprage_sag_p2_iso_192",
    "PulseSequenceDetails": "%SiemensSeq%_tfl",
    "ReceiveCoilActiveElements": "HEA;HEP",
    "ReceiveCoilName": "Head_32",
    "ReconMatrixPE": 256,
    "RepetitionTime": 2.3,
    "SAR": 0.0478169,
    "ScanOptions": "IR",
    "ScanningSequence": "GR_IR",
    "SequenceName": "_tfl3d1_16ns",
    "SequenceVariant": "SK_SP_MP",
    "SeriesDescription": "t1_mprage_sag_p2_iso_192",
    "SeriesNumber": 14,
    "ShimSetting": [
      3382,
      -11946,
      11206,
      -4,
      -40,
      -152,
      -34,
      21
    ],
    "SliceThickness": 0.94,
    "SoftwareVersions": "syngo_MR_E11",
    "StationName": "AWP167013",
    "TxRefAmp": 230.721,
    "dataset": "<unset>",
    "modality": "T1w",
    "rec_id": "NORM",
    "subject_id": "experimental008"
  },
  "cjv": 0.3400415698323193,
  "cnr": 3.951746754819194,
  "efc": 0.5095189316547447,
  "fber": 5707.58664489796,
  "fwhm_avg": 3.929432683216291,
  "fwhm_x": 3.867370049648874,
  "fwhm_y": 3.9203093333333334,
  "fwhm_z": 4.000618666666666,
  "icvs_csf": 0.1967131510303553,
  "icvs_gm": 0.4166428365794098,
  "icvs_wm": 0.3866440123902349,
  "inu_med": 1.3310489654541016,
  "inu_range": 0.2993273437023163,
  "provenance": {
    "md5sum": "eace5e012e707160a412791924b76f35",
    "settings": {
      "testing": false
    },
    "software": "mriqc",
    "version": "0.16.1",
    "warnings": {
      "large_rot_frame": true,
      "small_air_mask": false
    },
    "webapi_port": null,
    "webapi_url": "https://mriqc.nimh.nih.gov/api/v1"
  },
  "qi_1": 0.025450979545680753,
  "qi_2": 0.00964125957282668,
  "rpve_csf": 27.316362991862377,
  "rpve_gm": 13.914576408793437,
  "rpve_wm": 18.407711848441675,
  "size_x": 192,
  "size_y": 256,
  "size_z": 256,
  "snr_csf": 2.9771084966348575,
  "snr_gm": 11.808415525641452,
  "snr_total": 12.547687198046555,
  "snr_wm": 22.857537571863354,
  "snrd_csf": 35.19997987772426,
  "snrd_gm": 68.22569566314401,
  "snrd_total": 66.68245355913727,
  "snrd_wm": 96.62168513654353,
  "spacing_x": 0.9399979710578918,
  "spacing_y": 0.9375,
  "spacing_z": 0.9375,
  "summary_bg_k": 9.414051692809105,
  "summary_bg_mad": 6.780428165674603,
  "summary_bg_mean": 5.612631752847191,
  "summary_bg_median": 4.573329299688339,
  "summary_bg_n": 2737072.0,
  "summary_bg_p05": 0.0,
  "summary_bg_p95": 18.241347547620535,
  "summary_bg_stdv": 6.4159475756744735,
  "summary_csf_k": 10.303627889125341,
  "summary_csf_mad": 150.78747636619542,
  "summary_csf_mean": 364.7564791865168,
  "summary_csf_median": 364.3072544410825,
  "summary_csf_n": 16061.0,
  "summary_csf_p05": 185.63559384644032,
  "summary_csf_p95": 547.2923960797489,
  "summary_csf_stdv": 122.36568244441322,
  "summary_gm_k": -0.03683759712584722,
  "summary_gm_mad": 59.94514901016865,
  "summary_gm_mean": 706.2531859011224,
  "summary_gm_median": 706.111649941653,
  "summary_gm_n": 39629.0,
  "summary_gm_p05": 608.7205237187445,
  "summary_gm_p95": 805.3736836053431,
  "summary_gm_stdv": 59.796569601173864,
  "summary_wm_k": 0.8909966000454945,
  "summary_wm_mad": 39.98911611346726,
  "summary_wm_mean": 997.8690832316488,
  "summary_wm_median": 1000.0000270977616,
  "summary_wm_n": 247738.0,
  "summary_wm_p05": 921.9935807473958,
  "summary_wm_p95": 1064.8581517115235,
  "summary_wm_stdv": 43.74915739241296,
  "tpm_overlap_csf": 0.1669929325580597,
  "tpm_overlap_gm": 0.4429554045200348,
  "tpm_overlap_wm": 0.5066413283348083,
  "wm2max": 0.42744284826214657
}