{
  "aor": 0.002775266666666666,
  "aqi": 0.008340598166666666,
  "bids_meta": {
    "AcquisitionMatrixPE": 64,
    "AcquisitionNumber": 1,
    "AcquisitionTime": "11:24:19.365000",
    "BandwidthPerPixelPhaseEncode": 58.962,
    "BaseResolution": 64,
    "BodyPartExamined": "HEAD",
    "ConsistencyInfo": "N4_VE11C_LATEST_20160120",
    "ConversionSoftware": "dcm2niix",
    "ConversionSoftwareVersion": "v1.0.20181125  GCC5.3.1",
    "DerivedVendorReportedEchoSpacing": 0.000530002,
    "DeviceSerialNumber": "167013",
    "DwellTime": 3.5e-06,
    "EchoTime": 0.03,
    "EchoTrainLength": 31,
    "EffectiveEchoSpacing": 0.000265001,
    "FlipAngle": 90,
    "ImageOrientationPatientDICOM": [
      0.998759,
      0.0282752,
      0.0410088,
      -0.029468,
      0.999151,
      0.0287788
    ],
    "ImageType": [
      "ORIGINAL",
      "PRIMARY",
      "M",
      "ND",
      "MOSAIC"
    ],
    "ImagingFrequency": 123.249,
    "InPlanePhaseEncodingDirectionDICOM": "COL",
    "InstitutionAddress": "Whiteknights_Campus_StreetNo_Reading_District_GB_RG6_7BE",
    "InstitutionName": "UoR",
    "InstitutionalDepartmentName": "Department",
    "MRAcquisitionType": "2D",
    "MagneticFieldStrength": 3,
    "Manufacturer": "Siemens",
    "ManufacturersModelName": "Prisma_fit",
    "Modality": "MR",
    "ParallelReductionFactorInPlane": 2,
    "PartialFourier": 1,
    "PatientPosition": "HFS",
    "PercentPhaseFOV": 100,
    "PhaseEncodingDirection": "j",
    "PhaseEncodingSteps": 63,
    "PhaseResolution": 1,
    "PixelBandwidth": 2230,
    "ProcedureStepDescription": "head_Kou_Murayama",
    "ProtocolName": "ep2d_bold_PtoA_iPAT2_PostResting",
    "PulseSequenceDetails": "%SiemensSeq%_ep2d_bold",
    "ReceiveCoilActiveElements": "HEA;HEP",
    "ReceiveCoilName": "Head_32",
    "ReconMatrixPE": 64,
    "RepetitionTime": 2,
    "SAR": 0.156571,
    "ScanOptions": "FS",
    "ScanningSequence": "EP",
    "SequenceName": "_epfid2d1_64",
    "SequenceVariant": "SK",
    "SeriesDescription": "ep2d_bold_PtoA_iPAT2_PostResting",
    "SeriesNumber": 12,
    "ShimSetting": [
      3383,
      -11996,
      11504,
      285,
      -102,
      -308,
      -2,
      59
    ],
    "SliceThickness": 3,
    "SliceTiming": [
      0,
      1.0175,
      0.055,
      1.0725,
      0.1075,
      1.125,
      0.1625,
      1.1775,
      0.215,
      1.2325,
      0.2675,
      1.285,
      0.3225,
      1.34,
      0.375,
      1.3925,
      0.43,
      1.445,
      0.4825,
      1.5,
      0.535,
      1.5525,
      0.59,
      1.6075,
      0.6425,
      1.66,
      0.6975,
      1.7125,
      0.75,
      1.7675,
      0.805,
      1.82,
      0.8575,
      1.875,
      0.91,
      1.9275,
      0.965
    ],
    "SoftwareVersions": "syngo_MR_E11",
    "SpacingBetweenSlices": 3.75,
    "StationName": "AWP167013",
    "TaskName": "rest",
    "TotalReadoutTime": 0.0166951,
    "TxRefAmp": 288.502,
    "dataset": "<unset>",
    "modality": "bold",
    "run_id": 2,
    "subject_id": "experimental032",
    "task_id": "rest"
  },
  "dummy_trs": 0,
  "dvars_nstd": 31.023741138193973,
  "dvars_std": 1.1164063525418058,
  "dvars_vstd": 0.9667160027090302,
  "efc": 0.506838943772337,
  "fber": 507147.875,
  "fd_mean": 0.15248192029219898,
  "fd_num": 7,
  "fd_perc": 2.3333333333333335,
  "fwhm_avg": 2.8665078599113074,
  "fwhm_x": 2.724766666666667,
  "fwhm_y": 3.100436913067255,
  "fwhm_z": 2.7743200000000003,
  "gcor": 0.0443914,
  "gsr_x": 0.04168110340833664,
  "gsr_y": 0.0428934209048748,
  "provenance": {
    "md5sum": "7cdc28987bf91afe8c2a6a14c0de4c4c",
    "settings": {
      "fd_thres": 0.5,
      "testing": false
    },
    "software": "mriqc",
    "version": "0.16.1",
    "webapi_port": null,
    "webapi_url": "https://mriqc.nimh.nih.gov/api/v1"
  },
  "size_t": 300,
  "size_x": 64,
  "size_y": 64,
  "size_z": 37,
  "snr": 2.1439326992350005,
  "spacing_tr": 2.0,
  "spacing_x": 3.0,
  "spacing_y": 2.999999761581421,
  "spacing_z": 3.75,
  "summary_bg_k": 22.656134340794804,
  "summary_bg_mad": 0.7325300547300291,
  "summary_bg_mean": 25.517200469970703,
  "summary_bg_median": 0.5178298950195312,
  "summary_bg_n": 81556.0,
  "summary_bg_p05": 0.008571273880079389,
  "summary_bg_p95": 161.76677322387695,
  "summary_bg_stdv": 67.27836608886719,
  "summary_fg_k": 0.9060170614718812,
  "summary_fg_mad": 190.229859197505,
  "summary_fg_mean": 458.98687744140625,
  "summary_fg_median": 419.6859130859375,
  "summary_fg_n": 31612.0,
  "summary_fg_p05": 214.5553062438965,
  "summary_fg_p95": 829.2761718749998,
  "summary_fg_stdv": 195.7520751953125,
  "tsnr": 38.47883224487305
}