{
  "aor": 0.0016138333333333337,
  "aqi": 0.011175127066666667,
  "bids_meta": {
    "AcquisitionMatrixPE": 64,
    "AcquisitionNumber": 1,
    "AcquisitionTime": "10:30:19.257500",
    "BandwidthPerPixelPhaseEncode": 58.962,
    "BaseResolution": 64,
    "BodyPartExamined": "HEAD",
    "ConsistencyInfo": "N4_VE11C_LATEST_20160120",
    "ConversionSoftware": "dcm2niix",
    "ConversionSoftwareVersion": "v1.0.20181125  GCC5.3.1",
    "DerivedVendorReportedEchoSpacing": 0.000530002,
    "DeviceSerialNumber": "167013",
    "DwellTime": 3.5e-06,
    "EchoTime": 0.03,
    "EchoTrainLength": 31,
    "EffectiveEchoSpacing": 0.000265001,
    "FlipAngle": 90,
    "ImageOrientationPatientDICOM": [
      0.998759,
      0.0282752,
      0.0410088,
      -0.029468,
      0.999151,
      0.0287788
    ],
    "ImageType": [
      "ORIGINAL",
      "PRIMARY",
      "M",
      "ND",
      "MOSAIC"
    ],
    "ImagingFrequency": 123.249,
    "InPlanePhaseEncodingDirectionDICOM": "COL",
    "InstitutionAddress": "Whiteknights_Campus_StreetNo_Reading_District_GB_RG6_7BE",
    "InstitutionName": "UoR",
    "InstitutionalDepartmentName": "Department",
    "MRAcquisitionType": "2D",
    "MagneticFieldStrength": 3,
    "Manufacturer": "Siemens",
    "ManufacturersModelName": "Prisma_fit",
    "Modality": "MR",
    "ParallelReductionFactorInPlane": 2,
    "PartialFourier": 1,
    "PatientPosition": "HFS",
    "PercentPhaseFOV": 100,
    "PhaseEncodingDirection": "j",
    "PhaseEncodingSteps": 63,
    "PhaseResolution": 1,
    "PixelBandwidth": 2230,
    "ProcedureStepDescription": "head_Kou_Murayama",
    "ProtocolName": "ep2d_bold_PtoA_iPAT2_PreResting",
    "PulseSequenceDetails": "%SiemensSeq%_ep2d_bold",
    "ReceiveCoilActiveElements": "HEA;HEP",
    "ReceiveCoilName": "Head_32",
    "ReconMatrixPE": 64,
    "RepetitionTime": 2,
    "SAR": 0.156571,
    "ScanOptions": "FS",
    "ScanningSequence": "EP",
    "SequenceName": "_epfid2d1_64",
    "SequenceVariant": "SK",
    "SeriesDescription": "ep2d_bold_PtoA_iPAT2_PreResting",
    "SeriesNumber": 6,
    "ShimSetting": [
      3383,
      -11996,
      11504,
      285,
      -102,
      -308,
      -2,
      59
    ],
    "SliceThickness": 3,
    "SliceTiming": [
      0,
      1.0175,
      0.055,
      1.07,
      0.1075,
      1.125,
      0.16,
      1.1775,
      0.215,
      1.2325,
      0.2675,
      1.285,
      0.3225,
      1.3375,
      0.375,
      1.3925,
      0.43,
      1.445,
      0.4825,
      1.5,
      0.535,
      1.5525,
      0.59,
      1.605,
      0.6425,
      1.66,
      0.6975,
      1.7125,
      0.75,
      1.7675,
      0.8025,
      1.82,
      0.8575,
      1.8725,
      0.91,
      1.9275,
      0.965
    ],
    "SoftwareVersions": "syngo_MR_E11",
    "SpacingBetweenSlices": 3.75,
    "StationName": "AWP167013",
    "TaskName": "rest",
    "TotalReadoutTime": 0.0166951,
    "TxRefAmp": 288.502,
    "dataset": "<unset>",
    "modality": "bold",
    "run_id": 1,
    "subject_id": "experimental032",
    "task_id": "rest"
  },
  "dummy_trs": 0,
  "dvars_nstd": 30.72021800123747,
  "dvars_std": 1.0282647014715722,
  "dvars_vstd": 0.9170291658528426,
  "efc": 0.5051722069127077,
  "fber": 299602.5,
  "fd_mean": 0.16271294561552752,
  "fd_num": 8,
  "fd_perc": 2.6666666666666665,
  "fwhm_avg": 2.891730083013558,
  "fwhm_x": 2.76212,
  "fwhm_y": 3.1336569157073426,
  "fwhm_z": 2.7794133333333333,
  "gcor": 0.0454219,
  "gsr_x": 0.03665079176425934,
  "gsr_y": 0.05771061033010483,
  "provenance": {
    "md5sum": "5eab1e902df6ef82817603da5176baef",
    "settings": {
      "fd_thres": 0.5,
      "testing": false
    },
    "software": "mriqc",
    "version": "0.16.1",
    "webapi_port": null,
    "webapi_url": "https://mriqc.nimh.nih.gov/api/v1"
  },
  "size_t": 300,
  "size_x": 64,
  "size_y": 64,
  "size_z": 37,
  "snr": 2.116065989640926,
  "spacing_tr": 2.0,
  "spacing_x": 3.0,
  "spacing_y": 2.999999761581421,
  "spacing_z": 3.75,
  "summary_bg_k": 20.897850821192588,
  "summary_bg_mad": 0.9789638626198433,
  "summary_bg_mean": 27.05474853515625,
  "summary_bg_median": 0.6831062436103821,
  "summary_bg_n": 81971.0,
  "summary_bg_p05": 0.011124744545668364,
  "summary_bg_p95": 165.03133392333984,
  "summary_bg_stdv": 68.52098083496094,
  "summary_fg_k": 1.2850768965123889,
  "summary_fg_mad": 197.4062140734835,
  "summary_fg_mean": 478.2516174316406,
  "summary_fg_median": 435.7812805175781,
  "summary_fg_n": 31235.0,
  "summary_fg_p05": 224.5752655029297,
  "summary_fg_p95": 867.3777221679688,
  "summary_fg_stdv": 205.93606567382812,
  "tsnr": 31.57813262939453
}