{
  "bids_meta": {
    "AcquisitionMatrixPE": 256,
    "AcquisitionNumber": 1,
    "AcquisitionTime": "14:47:33.922500",
    "BaseResolution": 256,
    "BodyPartExamined": "HEAD",
    "ConsistencyInfo": "N4_VE11C_LATEST_20160120",
    "ConversionSoftware": "dcm2niix",
    "ConversionSoftwareVersion": "v1.0.20181125  GCC5.3.1",
    "DeviceSerialNumber": "167013",
    "DwellTime": 9.8e-06,
    "EchoTime": 0.00229,
    "FlipAngle": 8,
    "ImageOrientationPatientDICOM": [
      -0.123598,
      0.981133,
      0.148667,
      -0.0873298,
      0.13848,
      -0.986507
    ],
    "ImageType": [
      "ORIGINAL",
      "PRIMARY",
      "M",
      "ND",
      "NORM"
    ],
    "ImagingFrequency": 123.249,
    "InPlanePhaseEncodingDirectionDICOM": "ROW",
    "InstitutionAddress": "Whiteknights_Campus_StreetNo_Reading_District_GB_RG6_7BE",
    "InstitutionName": "UoR",
    "InstitutionalDepartmentName": "Department",
    "InversionTime": 0.9,
    "MRAcquisitionType": "3D",
    "MagneticFieldStrength": 3,
    "Manufacturer": "Siemens",
    "ManufacturersModelName": "Prisma_fit",
    "Modality": "MR",
    "PartialFourier": 1,
    "PatientPosition": "HFS",
    "PercentPhaseFOV": 100,
    "PhaseEncodingSteps": 255,
    "PhaseResolution": 1,
    "PixelBandwidth": 200,
    "ProcedureStepDescription": "head_Kou_Murayama",
    "ProtocolName": "t1_mprage_sag_p2_iso_192",
    "PulseSequenceDetails": "%SiemensSeq%_tfl",
    "ReceiveCoilActiveElements": "HEA;HEP",
    "ReceiveCoilName": "Head_32",
    "ReconMatrixPE": 256,
    "RepetitionTime": 2.3,
    "SAR": 0.0580193,
    "ScanOptions": "IR",
    "ScanningSequence": "GR_IR",
    "SequenceName": "_tfl3d1_16ns",
    "SequenceVariant": "SK_SP_MP",
    "SeriesDescription": "t1_mprage_sag_p2_iso_192",
    "SeriesNumber": 13,
    "ShimSetting": [
      3382,
      -11946,
      11206,
      -4,
      -40,
      -152,
      -34,
      21
    ],
    "SliceThickness": 0.94,
    "SoftwareVersions": "syngo_MR_E11",
    "StationName": "AWP167013",
    "TxRefAmp": 254.958,
    "dataset": "<unset>",
    "modality": "T1w",
    "rec_id": "NORM",
    "subject_id": "experimental024"
  },
  "cjv": 0.36877993178401774,
  "cnr": 3.6024939975668375,
  "efc": 0.5260178912392298,
  "fber": 5388.502073264892,
  "fwhm_avg": 3.9495192409977364,
  "fwhm_x": 3.8865950563265423,
  "fwhm_y": 4.051392,
  "fwhm_z": 3.9105706666666666,
  "icvs_csf": 0.2255544243091044,
  "icvs_gm": 0.4276962906971588,
  "icvs_wm": 0.34674928499373675,
  "inu_med": 1.2996196746826172,
  "inu_range": 0.3665809214115141,
  "provenance": {
    "md5sum": "fd62aaa698421a90ebe6a046d44329e5",
    "settings": {
      "testing": false
    },
    "software": "mriqc",
    "version": "0.16.1",
    "warnings": {
      "large_rot_frame": true,
      "small_air_mask": false
    },
    "webapi_port": null,
    "webapi_url": "https://mriqc.nimh.nih.gov/api/v1"
  },
  "qi_1": 0.0,
  "qi_2": 0.016023455920768658,
  "rpve_csf": 25.782332508663167,
  "rpve_gm": 13.934955065093252,
  "rpve_wm": 20.196762824190262,
  "size_x": 192,
  "size_y": 256,
  "size_z": 256,
  "snr_csf": 3.2362089640324925,
  "snr_gm": 11.98687773151143,
  "snr_total": 10.92949970748407,
  "snr_wm": 17.56541242690828,
  "snrd_csf": 30.77024547506101,
  "snrd_gm": 62.42425649341438,
  "snrd_total": 60.6598930252644,
  "snrd_wm": 88.78517710731779,
  "spacing_x": 0.9400027394294739,
  "spacing_y": 0.9375,
  "spacing_z": 0.9375,
  "summary_bg_k": 11.038384084809682,
  "summary_bg_mad": 7.378893520493837,
  "summary_bg_mean": 9.715532274920179,
  "summary_bg_median": 4.976988047361374,
  "summary_bg_n": 3459967.0,
  "summary_bg_p05": 0.0,
  "summary_bg_p95": 29.915444284677505,
  "summary_bg_stdv": 10.54776840156479,
  "summary_csf_k": -0.6241980441312092,
  "summary_csf_mad": 120.60127044247992,
  "summary_csf_mean": 353.11970911146005,
  "summary_csf_median": 346.56961929798126,
  "summary_csf_n": 16773.0,
  "summary_csf_p05": 187.7341297864914,
  "summary_csf_p95": 530.5255194485187,
  "summary_csf_stdv": 107.08804401075561,
  "summary_gm_k": 0.046681016515831786,
  "summary_gm_mad": 57.99968992990317,
  "summary_gm_mean": 702.3652528345682,
  "summary_gm_median": 703.0932146906853,
  "summary_gm_n": 23818.0,
  "summary_gm_p05": 603.0637823387981,
  "summary_gm_p95": 798.3677503973244,
  "summary_gm_stdv": 58.65401070909686,
  "summary_wm_k": 0.6975083727993332,
  "summary_wm_mad": 51.4935687612957,
  "summary_wm_mean": 996.5740836786682,
  "summary_wm_median": 999.9999855160713,
  "summary_wm_n": 188506.0,
  "summary_wm_p05": 894.8410445153713,
  "summary_wm_p95": 1083.431430310011,
  "summary_wm_stdv": 56.9299091176043,
  "tpm_overlap_csf": 0.16820785403251648,
  "tpm_overlap_gm": 0.44846853613853455,
  "tpm_overlap_wm": 0.5038286447525024,
  "wm2max": 0.38781312911192745
}