{
  "bids_meta": {
    "AcquisitionMatrixPE": 256,
    "AcquisitionNumber": 1,
    "AcquisitionTime": "12:46:53.500000",
    "BaseResolution": 256,
    "BodyPartExamined": "HEAD",
    "ConsistencyInfo": "N4_VE11C_LATEST_20160120",
    "ConversionSoftware": "dcm2niix",
    "ConversionSoftwareVersion": "v1.0.20181125  GCC5.3.1",
    "DeviceSerialNumber": "167013",
    "DwellTime": 9.8e-06,
    "EchoTime": 0.00229,
    "FlipAngle": 8,
    "ImageOrientationPatientDICOM": [
      0.0680858,
      0.995821,
      0.0608687,
      0.017784,
      0.0597892,
      -0.998053
    ],
    "ImageType": [
      "ORIGINAL",
      "PRIMARY",
      "M",
      "ND",
      "NORM"
    ],
    "ImagingFrequency": 123.249,
    "InPlanePhaseEncodingDirectionDICOM": "ROW",
    "InstitutionAddress": "Whiteknights_Campus_StreetNo_Reading_District_GB_RG6_7BE",
    "InstitutionName": "University_of_Reading_CINN",
    "InstitutionalDepartmentName": "Department",
    "InversionTime": 0.9,
    "MRAcquisitionType": "3D",
    "MagneticFieldStrength": 3,
    "Manufacturer": "Siemens",
    "ManufacturersModelName": "Prisma_fit",
    "Modality": "MR",
    "PartialFourier": 1,
    "PatientPosition": "HFS",
    "PercentPhaseFOV": 100,
    "PhaseEncodingSteps": 255,
    "PhaseResolution": 1,
    "PixelBandwidth": 200,
    "ProcedureStepDescription": "head_Kou_Murayama",
    "ProtocolName": "t1_mprage_sag_p2_iso_192",
    "PulseSequenceDetails": "%SiemensSeq%_tfl",
    "ReceiveCoilActiveElements": "HEA;HEP",
    "ReceiveCoilName": "Head_32",
    "ReconMatrixPE": 256,
    "RepetitionTime": 2.3,
    "SAR": 0.056866,
    "ScanOptions": "IR",
    "ScanningSequence": "GR_IR",
    "SequenceName": "_tfl3d1_16ns",
    "SequenceVariant": "SK_SP_MP",
    "SeriesDescription": "t1_mprage_sag_p2_iso_192",
    "SeriesNumber": 13,
    "ShimSetting": [
      3382,
      -11946,
      11206,
      -4,
      -40,
      -152,
      -34,
      21
    ],
    "SliceThickness": 0.94,
    "SoftwareVersions": "syngo_MR_E11",
    "StationName": "AWP167013",
    "TxRefAmp": 243.872,
    "dataset": "<unset>",
    "modality": "T1w",
    "rec_id": "NORM",
    "subject_id": "control015"
  },
  "cjv": 0.3506765534081474,
  "cnr": 3.6592585555086683,
  "efc": 0.5254003226467717,
  "fber": 5680.782778355879,
  "fwhm_avg": 3.7522247501723935,
  "fwhm_x": 3.6991595838505145,
  "fwhm_y": 3.7836906666666668,
  "fwhm_z": 3.773824,
  "icvs_csf": 0.19514252143340638,
  "icvs_gm": 0.4410897918286263,
  "icvs_wm": 0.36376768673796733,
  "inu_med": 1.2483205795288086,
  "inu_range": 0.3085958957672119,
  "provenance": {
    "md5sum": "5e7b20df7a340334e540f99df53b4698",
    "settings": {
      "testing": false
    },
    "software": "mriqc",
    "version": "0.16.1",
    "warnings": {
      "large_rot_frame": false,
      "small_air_mask": false
    },
    "webapi_port": null,
    "webapi_url": "https://mriqc.nimh.nih.gov/api/v1"
  },
  "qi_1": 0.0,
  "qi_2": 0.004016252302007536,
  "rpve_csf": 27.453546027587542,
  "rpve_gm": 13.359830586391144,
  "rpve_wm": 18.84124976825719,
  "size_x": 192,
  "size_y": 256,
  "size_z": 256,
  "snr_csf": 0.8417004718452358,
  "snr_gm": 11.00523455566437,
  "snr_total": 10.852978786918897,
  "snr_wm": 20.712001333247088,
  "snrd_csf": 36.416129382680104,
  "snrd_gm": 63.887696210264096,
  "snrd_total": 63.67982125048431,
  "snrd_wm": 90.73563815850872,
  "spacing_x": 0.9399999976158142,
  "spacing_y": 0.9375,
  "spacing_z": 0.9375,
  "summary_bg_k": 2471.2433454747797,
  "summary_bg_mad": 7.220276191343561,
  "summary_bg_mean": 7.614217752008587,
  "summary_bg_median": 4.870002284646034,
  "summary_bg_n": 3177354.0,
  "summary_bg_p05": 0.0,
  "summary_bg_p95": 23.957269303500652,
  "summary_bg_stdv": 10.686735002208499,
  "summary_csf_k": 4.570024684219578,
  "summary_csf_mad": 143.1827351170469,
  "summary_csf_mean": 552.430953029595,
  "summary_csf_median": 401.34317215159535,
  "summary_csf_n": 13954.0,
  "summary_csf_p05": 220.53648249171675,
  "summary_csf_p95": 1824.1889606136822,
  "summary_csf_stdv": 476.8071355333184,
  "summary_gm_k": 1.0259874088407468,
  "summary_gm_mad": 60.20778695039711,
  "summary_gm_mean": 705.7582461863968,
  "summary_gm_median": 704.1080722510815,
  "summary_gm_n": 40408.0,
  "summary_gm_p05": 603.8017348721623,
  "summary_gm_p95": 810.9339288175106,
  "summary_gm_stdv": 63.97858729428066,
  "summary_wm_k": 1.3030726430759154,
  "summary_wm_mad": 43.55456928326599,
  "summary_wm_mean": 998.5899419403496,
  "summary_wm_median": 999.999985255301,
  "summary_wm_n": 217919.0,
  "summary_wm_p05": 916.6601074486971,
  "summary_wm_p95": 1074.1496974602342,
  "summary_wm_stdv": 48.281075050772515,
  "tpm_overlap_csf": 0.1469511240720749,
  "tpm_overlap_gm": 0.4447079300880432,
  "tpm_overlap_wm": 0.49379152059555054,
  "wm2max": 0.37784686024943764
}