{
  "bids_meta": {
    "AcquisitionMatrixPE": 256,
    "AcquisitionNumber": 1,
    "AcquisitionTime": "12:39:10.630000",
    "BaseResolution": 256,
    "BodyPartExamined": "HEAD",
    "ConsistencyInfo": "N4_VE11C_LATEST_20160120",
    "ConversionSoftware": "dcm2niix",
    "ConversionSoftwareVersion": "v1.0.20181125  GCC5.3.1",
    "DeviceSerialNumber": "167013",
    "DwellTime": 9.8e-06,
    "EchoTime": 0.00229,
    "FlipAngle": 8,
    "ImageOrientationPatientDICOM": [
      0,
      1,
      0,
      0,
      0,
      -1
    ],
    "ImageType": [
      "ORIGINAL",
      "PRIMARY",
      "M",
      "ND",
      "NORM"
    ],
    "ImagingFrequency": 123.249,
    "InPlanePhaseEncodingDirectionDICOM": "ROW",
    "InstitutionAddress": "Whiteknights_Campus_StreetNo_Reading_District_GB_RG6_7BE",
    "InstitutionName": "UoR",
    "InstitutionalDepartmentName": "Department",
    "InversionTime": 0.9,
    "MRAcquisitionType": "3D",
    "MagneticFieldStrength": 3,
    "Manufacturer": "Siemens",
    "ManufacturersModelName": "Prisma_fit",
    "Modality": "MR",
    "PartialFourier": 1,
    "PatientPosition": "HFS",
    "PercentPhaseFOV": 100,
    "PhaseEncodingSteps": 255,
    "PhaseResolution": 1,
    "PixelBandwidth": 200,
    "ProcedureStepDescription": "head_Kou_Murayama",
    "ProtocolName": "t1_mprage_sag_p2_iso_192",
    "PulseSequenceDetails": "%SiemensSeq%_tfl",
    "ReceiveCoilActiveElements": "HEA;HEP",
    "ReceiveCoilName": "Head_32",
    "ReconMatrixPE": 256,
    "RepetitionTime": 2.3,
    "SAR": 0.0567636,
    "ScanOptions": "IR",
    "ScanningSequence": "GR_IR",
    "SequenceName": "_tfl3d1_16ns",
    "SequenceVariant": "SK_SP_MP",
    "SeriesDescription": "t1_mprage_sag_p2_iso_192",
    "SeriesNumber": 13,
    "ShimSetting": [
      3382,
      -11946,
      11206,
      -4,
      -40,
      -152,
      -34,
      21
    ],
    "SliceThickness": 0.94,
    "SoftwareVersions": "syngo_MR_E11",
    "StationName": "AWP167013",
    "TxRefAmp": 243.036,
    "dataset": "<unset>",
    "modality": "T1w",
    "rec_id": "NORM",
    "subject_id": "control017"
  },
  "cjv": 0.3431771064941445,
  "cnr": 3.927716722851349,
  "efc": 0.5642040642576378,
  "fber": 2716.3951247165533,
  "fwhm_avg": 3.9706673477191234,
  "fwhm_x": 3.8554687098240374,
  "fwhm_y": 3.993792,
  "fwhm_z": 4.062741333333333,
  "icvs_csf": 0.18852976430756413,
  "icvs_gm": 0.4282143808289275,
  "icvs_wm": 0.3832558548635084,
  "inu_med": 1.184532642364502,
  "inu_range": 0.3503466546535492,
  "provenance": {
    "md5sum": "0fa597851056a4f468666242768f36e2",
    "settings": {
      "testing": false
    },
    "software": "mriqc",
    "version": "0.16.1",
    "warnings": {
      "large_rot_frame": true,
      "small_air_mask": false
    },
    "webapi_port": null,
    "webapi_url": "https://mriqc.nimh.nih.gov/api/v1"
  },
  "qi_1": 0.0,
  "qi_2": 0.01200426835065351,
  "rpve_csf": 24.21143518392675,
  "rpve_gm": 11.87185548690024,
  "rpve_wm": 15.970592973510662,
  "size_x": 192,
  "size_y": 256,
  "size_z": 256,
  "snr_csf": 2.87991965611913,
  "snr_gm": 11.937223148077972,
  "snr_total": 12.399876580027486,
  "snr_wm": 22.38248693588535,
  "snrd_csf": 30.758197212086017,
  "snrd_gm": 68.43922451329556,
  "snrd_total": 65.31798906277886,
  "snrd_wm": 96.75654546295505,
  "spacing_x": 0.94000244140625,
  "spacing_y": 0.9375,
  "spacing_z": 0.9375,
  "summary_bg_k": 8.312501003808034,
  "summary_bg_mad": 6.7709774825006495,
  "summary_bg_mean": 6.6555615144608,
  "summary_bg_median": 4.5669549107551575,
  "summary_bg_n": 2093568.0,
  "summary_bg_p05": 0.0,
  "summary_bg_p95": 18.485293686389923,
  "summary_bg_stdv": 6.713385470637493,
  "summary_csf_k": -0.0021919070458769063,
  "summary_csf_mad": 116.71875469834454,
  "summary_csf_mean": 335.10535096564627,
  "summary_csf_median": 317.89268289506435,
  "summary_csf_n": 15049.0,
  "summary_csf_p05": 184.309251755476,
  "summary_csf_p95": 530.4626865863797,
  "summary_csf_stdv": 110.37881564636285,
  "summary_gm_k": -0.041186628086583355,
  "summary_gm_mad": 59.8103010954224,
  "summary_gm_mean": 706.6360463257905,
  "summary_gm_median": 707.3343260586262,
  "summary_gm_n": 40360.0,
  "summary_gm_p05": 607.7855827063322,
  "summary_gm_p95": 802.4819384582338,
  "summary_gm_stdv": 59.25377740002137,
  "summary_wm_k": 0.910836013605687,
  "summary_wm_mad": 40.6258648950039,
  "summary_wm_mean": 997.1897208271602,
  "summary_wm_median": 1000.0000199228525,
  "summary_wm_n": 274972.0,
  "summary_wm_p05": 918.2841481268406,
  "summary_wm_p95": 1064.9160218685865,
  "summary_wm_stdv": 44.67770737088768,
  "tpm_overlap_csf": 0.18181060254573822,
  "tpm_overlap_gm": 0.46480801701545715,
  "tpm_overlap_wm": 0.5188133120536804,
  "wm2max": 0.38190652187454577
}