{
  "aor": 0.0023634563758389267,
  "aqi": 0.0062044237583892626,
  "bids_meta": {
    "AcquisitionMatrixPE": 64,
    "AcquisitionNumber": 1,
    "AcquisitionTime": "17:59:19.342500",
    "BandwidthPerPixelPhaseEncode": 58.962,
    "BaseResolution": 64,
    "BodyPartExamined": "HEAD",
    "ConsistencyInfo": "N4_VE11C_LATEST_20160120",
    "ConversionSoftware": "dcm2niix",
    "ConversionSoftwareVersion": "v1.0.20181125  GCC5.3.1",
    "DerivedVendorReportedEchoSpacing": 0.000530002,
    "DeviceSerialNumber": "167013",
    "DwellTime": 3.5e-06,
    "EchoTime": 0.03,
    "EchoTrainLength": 31,
    "EffectiveEchoSpacing": 0.000265001,
    "FlipAngle": 90,
    "ImageOrientationPatientDICOM": [
      0.999125,
      0.038659,
      -0.0159821,
      -0.0364617,
      0.992068,
      0.1203
    ],
    "ImageType": [
      "ORIGINAL",
      "PRIMARY",
      "M",
      "ND",
      "MOSAIC"
    ],
    "ImagingFrequency": 123.249,
    "InPlanePhaseEncodingDirectionDICOM": "COL",
    "InstitutionAddress": "Whiteknights_Campus_StreetNo_Reading_District_GB_RG6_7BE",
    "InstitutionName": "UoR",
    "InstitutionalDepartmentName": "Department",
    "MRAcquisitionType": "2D",
    "MagneticFieldStrength": 3,
    "Manufacturer": "Siemens",
    "ManufacturersModelName": "Prisma_fit",
    "Modality": "MR",
    "ParallelReductionFactorInPlane": 2,
    "PartialFourier": 1,
    "PatientPosition": "HFS",
    "PercentPhaseFOV": 100,
    "PhaseEncodingDirection": "j",
    "PhaseEncodingSteps": 63,
    "PhaseResolution": 1,
    "PixelBandwidth": 2230,
    "ProcedureStepDescription": "head_Kou_Murayama",
    "ProtocolName": "ep2d_bold_PtoA_iPAT2_PostResting",
    "PulseSequenceDetails": "%SiemensSeq%_ep2d_bold",
    "ReceiveCoilActiveElements": "HEA;HEP",
    "ReceiveCoilName": "Head_32",
    "ReconMatrixPE": 64,
    "RepetitionTime": 2,
    "SAR": 0.138542,
    "ScanOptions": "FS",
    "ScanningSequence": "EP",
    "SequenceName": "_epfid2d1_64",
    "SequenceVariant": "SK",
    "SeriesDescription": "ep2d_bold_PtoA_iPAT2_PostResting",
    "SeriesNumber": 12,
    "ShimSetting": [
      3371,
      -11993,
      11499,
      429,
      -113,
      -168,
      4,
      38
    ],
    "SliceThickness": 3,
    "SliceTiming": [
      0,
      1.0175,
      0.0525,
      1.07,
      0.1075,
      1.125,
      0.16,
      1.1775,
      0.215,
      1.23,
      0.2675,
      1.285,
      0.32,
      1.3375,
      0.375,
      1.3925,
      0.4275,
      1.445,
      0.4825,
      1.4975,
      0.535,
      1.5525,
      0.5875,
      1.605,
      0.6425,
      1.66,
      0.695,
      1.7125,
      0.75,
      1.765,
      0.8025,
      1.82,
      0.855,
      1.8725,
      0.91,
      1.9275,
      0.9625
    ],
    "SoftwareVersions": "syngo_MR_E11",
    "SpacingBetweenSlices": 3.75,
    "StationName": "AWP167013",
    "TaskName": "rest",
    "TotalReadoutTime": 0.0166951,
    "TxRefAmp": 264.774,
    "dataset": "<unset>",
    "modality": "bold",
    "run_id": 2,
    "subject_id": "experimental010",
    "task_id": "rest"
  },
  "dummy_trs": 2,
  "dvars_nstd": 26.201086050740734,
  "dvars_std": 1.0404031387205388,
  "dvars_vstd": 0.9648358539393944,
  "efc": 0.48295197537439494,
  "fber": 1886569.125,
  "fd_mean": 0.16403299270263452,
  "fd_num": 8,
  "fd_perc": 2.684563758389262,
  "fwhm_avg": 2.783524538701933,
  "fwhm_x": 2.6502166666666667,
  "fwhm_y": 2.8994237941843344,
  "fwhm_z": 2.8009331552547994,
  "gcor": 0.0100112,
  "gsr_x": 0.03602781891822815,
  "gsr_y": 0.043062854558229446,
  "provenance": {
    "md5sum": "3c33570664c587154bd1a8b7f2b99ec2",
    "settings": {
      "fd_thres": 0.5,
      "testing": false
    },
    "software": "mriqc",
    "version": "0.16.1",
    "webapi_port": null,
    "webapi_url": "https://mriqc.nimh.nih.gov/api/v1"
  },
  "size_t": 298,
  "size_x": 64,
  "size_y": 64,
  "size_z": 37,
  "snr": 2.237702325553396,
  "spacing_tr": 2.0,
  "spacing_x": 3.0,
  "spacing_y": 2.999999523162842,
  "spacing_z": 3.750000238418579,
  "summary_bg_k": 28.747600788631566,
  "summary_bg_mad": 0.35090942666742253,
  "summary_bg_mean": 14.808802604675293,
  "summary_bg_median": 0.24227938055992126,
  "summary_bg_n": 85540.0,
  "summary_bg_p05": 0.0027092952281236645,
  "summary_bg_p95": 87.21152420043947,
  "summary_bg_stdv": 43.19255447387695,
  "summary_fg_k": 1.9294671595976505,
  "summary_fg_mad": 138.9937996258986,
  "summary_fg_mean": 393.150146484375,
  "summary_fg_median": 358.53631591796875,
  "summary_fg_n": 31234.0,
  "summary_fg_p05": 200.9920883178711,
  "summary_fg_p95": 706.82421875,
  "summary_fg_stdv": 160.22264099121094,
  "tsnr": 42.06657409667969
}