{
  "aor": 0.000786979865771812,
  "aqi": 0.003927945637583892,
  "bids_meta": {
    "AcquisitionMatrixPE": 64,
    "AcquisitionNumber": 1,
    "AcquisitionTime": "17:04:35.112500",
    "BandwidthPerPixelPhaseEncode": 58.962,
    "BaseResolution": 64,
    "BodyPartExamined": "HEAD",
    "ConsistencyInfo": "N4_VE11C_LATEST_20160120",
    "ConversionSoftware": "dcm2niix",
    "ConversionSoftwareVersion": "v1.0.20181125  GCC5.3.1",
    "DerivedVendorReportedEchoSpacing": 0.000530002,
    "DeviceSerialNumber": "167013",
    "DwellTime": 3.5e-06,
    "EchoTime": 0.03,
    "EchoTrainLength": 31,
    "EffectiveEchoSpacing": 0.000265001,
    "FlipAngle": 90,
    "ImageOrientationPatientDICOM": [
      0.999125,
      0.038659,
      -0.0159821,
      -0.0364617,
      0.992068,
      0.1203
    ],
    "ImageType": [
      "ORIGINAL",
      "PRIMARY",
      "M",
      "ND",
      "MOSAIC"
    ],
    "ImagingFrequency": 123.249,
    "InPlanePhaseEncodingDirectionDICOM": "COL",
    "InstitutionAddress": "Whiteknights_Campus_StreetNo_Reading_District_GB_RG6_7BE",
    "InstitutionName": "UoR",
    "InstitutionalDepartmentName": "Department",
    "MRAcquisitionType": "2D",
    "MagneticFieldStrength": 3,
    "Manufacturer": "Siemens",
    "ManufacturersModelName": "Prisma_fit",
    "Modality": "MR",
    "ParallelReductionFactorInPlane": 2,
    "PartialFourier": 1,
    "PatientPosition": "HFS",
    "PercentPhaseFOV": 100,
    "PhaseEncodingDirection": "j",
    "PhaseEncodingSteps": 63,
    "PhaseResolution": 1,
    "PixelBandwidth": 2230,
    "ProcedureStepDescription": "head_Kou_Murayama",
    "ProtocolName": "ep2d_bold_PtoA_iPAT2_PreResting",
    "PulseSequenceDetails": "%SiemensSeq%_ep2d_bold",
    "ReceiveCoilActiveElements": "HEA;HEP",
    "ReceiveCoilName": "Head_32",
    "ReconMatrixPE": 64,
    "RepetitionTime": 2,
    "SAR": 0.138542,
    "ScanOptions": "FS",
    "ScanningSequence": "EP",
    "SequenceName": "_epfid2d1_64",
    "SequenceVariant": "SK",
    "SeriesDescription": "ep2d_bold_PtoA_iPAT2_PreResting",
    "SeriesNumber": 6,
    "ShimSetting": [
      3371,
      -11993,
      11499,
      429,
      -113,
      -168,
      4,
      38
    ],
    "SliceThickness": 3,
    "SliceTiming": [
      0,
      1.015,
      0.0525,
      1.07,
      0.1075,
      1.1225,
      0.16,
      1.1775,
      0.2125,
      1.23,
      0.2675,
      1.2825,
      0.32,
      1.3375,
      0.375,
      1.39,
      0.4275,
      1.445,
      0.48,
      1.4975,
      0.535,
      1.55,
      0.5875,
      1.605,
      0.6425,
      1.6575,
      0.695,
      1.7125,
      0.7475,
      1.765,
      0.8025,
      1.8175,
      0.855,
      1.8725,
      0.91,
      1.925,
      0.9625
    ],
    "SoftwareVersions": "syngo_MR_E11",
    "SpacingBetweenSlices": 3.75,
    "StationName": "AWP167013",
    "TaskName": "rest",
    "TotalReadoutTime": 0.0166951,
    "TxRefAmp": 264.774,
    "dataset": "<unset>",
    "modality": "bold",
    "run_id": 1,
    "subject_id": "experimental010",
    "task_id": "rest"
  },
  "dummy_trs": 2,
  "dvars_nstd": 28.054420426329965,
  "dvars_std": 1.1376851876094267,
  "dvars_vstd": 0.9697452900336705,
  "efc": 0.48706364166206106,
  "fber": 2140463.0,
  "fd_mean": 0.12122341312396114,
  "fd_num": 3,
  "fd_perc": 1.0067114093959733,
  "fwhm_avg": 2.7854527682529735,
  "fwhm_x": 2.70993,
  "fwhm_y": 2.9828204741065463,
  "fwhm_z": 2.663607830652375,
  "gcor": 0.0138176,
  "gsr_x": 0.020417459309101105,
  "gsr_y": 0.03608306497335434,
  "provenance": {
    "md5sum": "aa6c2e53711c31b02a0170e662a05671",
    "settings": {
      "fd_thres": 0.5,
      "testing": false
    },
    "software": "mriqc",
    "version": "0.16.1",
    "webapi_port": null,
    "webapi_url": "https://mriqc.nimh.nih.gov/api/v1"
  },
  "size_t": 298,
  "size_x": 64,
  "size_y": 64,
  "size_z": 37,
  "snr": 2.3345687826489923,
  "spacing_tr": 2.0,
  "spacing_x": 3.0,
  "spacing_y": 2.999999523162842,
  "spacing_z": 3.750000238418579,
  "summary_bg_k": 24.920768355547125,
  "summary_bg_mad": 0.36306803489206496,
  "summary_bg_mean": 17.88188934326172,
  "summary_bg_median": 0.2448856681585312,
  "summary_bg_n": 83874.0,
  "summary_bg_p05": 0.0,
  "summary_bg_p95": 110.74526939392061,
  "summary_bg_stdv": 50.70476531982422,
  "summary_fg_k": 0.8499115322322721,
  "summary_fg_mad": 174.977851298117,
  "summary_fg_mean": 457.0220642089844,
  "summary_fg_median": 421.8011779785156,
  "summary_fg_n": 31000.0,
  "summary_fg_p05": 227.81655578613282,
  "summary_fg_p95": 800.6233062744141,
  "summary_fg_stdv": 180.67335510253906,
  "tsnr": 50.62809371948242
}