{
  "aor": 0.0012037919463087248,
  "aqi": 0.002927374832214765,
  "bids_meta": {
    "AcquisitionMatrixPE": 64,
    "AcquisitionNumber": 1,
    "AcquisitionTime": "16:51:20.120000",
    "BandwidthPerPixelPhaseEncode": 58.962,
    "BaseResolution": 64,
    "BodyPartExamined": "HEAD",
    "ConsistencyInfo": "N4_VE11C_LATEST_20160120",
    "ConversionSoftware": "dcm2niix",
    "ConversionSoftwareVersion": "v1.0.20181125  GCC5.3.1",
    "DerivedVendorReportedEchoSpacing": 0.000530002,
    "DeviceSerialNumber": "167013",
    "DwellTime": 3.5e-06,
    "EchoTime": 0.03,
    "EchoTrainLength": 31,
    "EffectiveEchoSpacing": 0.000265001,
    "FlipAngle": 90,
    "ImageOrientationPatientDICOM": [
      0.99363,
      0.112427,
      0.00776271,
      -0.112507,
      0.993592,
      0.0108326
    ],
    "ImageType": [
      "ORIGINAL",
      "PRIMARY",
      "M",
      "ND",
      "MOSAIC"
    ],
    "ImagingFrequency": 123.249,
    "InPlanePhaseEncodingDirectionDICOM": "COL",
    "InstitutionAddress": "Whiteknights_Campus_StreetNo_Reading_District_GB_RG6_7BE",
    "InstitutionName": "UoR",
    "InstitutionalDepartmentName": "Department",
    "MRAcquisitionType": "2D",
    "MagneticFieldStrength": 3,
    "Manufacturer": "Siemens",
    "ManufacturersModelName": "Prisma_fit",
    "Modality": "MR",
    "ParallelReductionFactorInPlane": 2,
    "PartialFourier": 1,
    "PatientPosition": "HFS",
    "PercentPhaseFOV": 100,
    "PhaseEncodingDirection": "j",
    "PhaseEncodingSteps": 63,
    "PhaseResolution": 1,
    "PixelBandwidth": 2230,
    "ProcedureStepDescription": "head_Kou_Murayama",
    "ProtocolName": "ep2d_bold_PtoA_iPAT2_PostResting",
    "PulseSequenceDetails": "%SiemensSeq%_ep2d_bold",
    "ReceiveCoilActiveElements": "HEA;HEP",
    "ReceiveCoilName": "Head_32",
    "ReconMatrixPE": 64,
    "RepetitionTime": 2,
    "SAR": 0.105763,
    "ScanOptions": "FS",
    "ScanningSequence": "EP",
    "SequenceName": "_epfid2d1_64",
    "SequenceVariant": "SK",
    "SeriesDescription": "ep2d_bold_PtoA_iPAT2_PostResting",
    "SeriesNumber": 12,
    "ShimSetting": [
      3350,
      -11928,
      11185,
      381,
      -207,
      -306,
      -576,
      184
    ],
    "SliceThickness": 3,
    "SliceTiming": [
      0,
      1.015,
      0.0525,
      1.07,
      0.1075,
      1.1225,
      0.16,
      1.1775,
      0.2125,
      1.23,
      0.2675,
      1.2825,
      0.32,
      1.3375,
      0.375,
      1.39,
      0.4275,
      1.445,
      0.48,
      1.4975,
      0.535,
      1.5525,
      0.5875,
      1.605,
      0.6425,
      1.6575,
      0.695,
      1.7125,
      0.7475,
      1.765,
      0.8025,
      1.82,
      0.855,
      1.8725,
      0.91,
      1.925,
      0.9625
    ],
    "SoftwareVersions": "syngo_MR_E11",
    "SpacingBetweenSlices": 3.75,
    "StationName": "AWP167013",
    "TaskName": "rest",
    "TotalReadoutTime": 0.0166951,
    "TxRefAmp": 221.517,
    "dataset": "<unset>",
    "modality": "bold",
    "run_id": 2,
    "subject_id": "control035",
    "task_id": "rest"
  },
  "dummy_trs": 2,
  "dvars_nstd": 25.972474461077436,
  "dvars_std": 1.1572341934006747,
  "dvars_vstd": 0.9908862960606056,
  "efc": 0.4439023437916191,
  "fber": 11950894.0,
  "fd_mean": 0.17224017009042328,
  "fd_num": 2,
  "fd_perc": 0.6711409395973155,
  "fwhm_avg": 2.7729377515718476,
  "fwhm_x": 2.6852768800732996,
  "fwhm_y": 2.921909535574987,
  "fwhm_z": 2.711626839067258,
  "gcor": 0.0189266,
  "gsr_x": 0.025234537199139595,
  "gsr_y": 0.01204032450914383,
  "provenance": {
    "md5sum": "e650fc0ef9dc12a1a3621fba1d2561d7",
    "settings": {
      "fd_thres": 0.5,
      "testing": false
    },
    "software": "mriqc",
    "version": "0.16.1",
    "webapi_port": null,
    "webapi_url": "https://mriqc.nimh.nih.gov/api/v1"
  },
  "size_t": 298,
  "size_x": 64,
  "size_y": 64,
  "size_z": 37,
  "snr": 2.4836790365837627,
  "spacing_tr": 2.0,
  "spacing_x": 2.999999761581421,
  "spacing_y": 3.000000476837158,
  "spacing_z": 3.749999761581421,
  "summary_bg_k": 50.163036520061276,
  "summary_bg_mad": 0.18091352902223337,
  "summary_bg_mean": 12.801178932189941,
  "summary_bg_median": 0.12584014236927032,
  "summary_bg_n": 91645.0,
  "summary_bg_p05": 0.0009681914234533905,
  "summary_bg_p95": 79.61948394775393,
  "summary_bg_stdv": 42.73427200317383,
  "summary_fg_k": 0.7130879587916024,
  "summary_fg_mad": 176.07224773553196,
  "summary_fg_mean": 495.8298645019531,
  "summary_fg_median": 457.77081298828125,
  "summary_fg_n": 26162.0,
  "summary_fg_p05": 266.81097106933595,
  "summary_fg_p95": 854.7374572753904,
  "summary_fg_stdv": 184.3080596923828,
  "tsnr": 61.38157653808594
}