{
    "InPlanePhaseEncodingDirectionDICOM": "COL", 
    "ConsistencyInfo": "N4_VE11C_LATEST_20160120", 
    "ProcedureStepDescription": "head_Kou_Murayama", 
    "DeviceSerialNumber": "167013", 
    "AcquisitionMatrixPE": 64, 
    "ImageOrientationPatientDICOM": [
        0.999503, 
        0.028511, 
        -0.0134359, 
        -0.0256492, 
        0.98352, 
        0.178973
    ], 
    "EffectiveEchoSpacing": 0.000265001, 
    "TotalReadoutTime": 0.0166951, 
    "ManufacturersModelName": "Prisma_fit", 
    "ProtocolName": "ep2d_bold_PtoA_iPAT2_MagicTrick_Run1", 
    "PhaseEncodingDirection": "j", 
    "BandwidthPerPixelPhaseEncode": 58.962, 
    "RepetitionTime": 2, 
    "EchoTrainLength": 31, 
    "MagneticFieldStrength": 3, 
    "PhaseEncodingSteps": 63, 
    "MRAcquisitionType": "2D", 
    "ParallelReductionFactorInPlane": 2, 
    "SliceThickness": 3, 
    "AcquisitionNumber": 1, 
    "InstitutionName": "UoR", 
    "DwellTime": 3.5e-06, 
    "TxRefAmp": 237.635, 
    "BodyPartExamined": "HEAD", 
    "ReceiveCoilActiveElements": "HEA;HEP", 
    "DerivedVendorReportedEchoSpacing": 0.000530002, 
    "SAR": 0.116054, 
    "PulseSequenceDetails": "%SiemensSeq%_ep2d_bold", 
    "ScanningSequence": "EP", 
    "Manufacturer": "Siemens", 
    "ConversionSoftware": "dcm2niix", 
    "PercentPhaseFOV": 100, 
    "ReconMatrixPE": 64, 
    "FlipAngle": 90, 
    "ConversionSoftwareVersion": "v1.0.20181125  GCC5.3.1", 
    "SeriesDescription": "ep2d_bold_PtoA_iPAT2_MagicTrick_Run1", 
    "PartialFourier": 1, 
    "InstitutionAddress": "Whiteknights_Campus_StreetNo_Reading_District_GB_RG6_7BE", 
    "AcquisitionTime": "10:25:48.745000", 
    "ShimSetting": [
        3362, 
        -11963, 
        11501, 
        458, 
        -51, 
        -63, 
        103, 
        -5
    ], 
    "PatientPosition": "HFS", 
    "SequenceName": "_epfid2d1_64", 
    "SeriesNumber": 9, 
    "TaskName": "magictrickwatching", 
    "SpacingBetweenSlices": 3.75, 
    "ImageType": [
        "ORIGINAL", 
        "PRIMARY", 
        "M", 
        "ND", 
        "MOSAIC"
    ], 
    "ReceiveCoilName": "Head_32", 
    "EchoTime": 0.03, 
    "SequenceVariant": "SK", 
    "SliceTiming": [
        0, 
        1.0175, 
        0.055, 
        1.07, 
        0.1075, 
        1.125, 
        0.16, 
        1.1775, 
        0.215, 
        1.2325, 
        0.2675, 
        1.285, 
        0.3225, 
        1.3375, 
        0.375, 
        1.3925, 
        0.4275, 
        1.445, 
        0.4825, 
        1.5, 
        0.535, 
        1.5525, 
        0.59, 
        1.605, 
        0.6425, 
        1.66, 
        0.6975, 
        1.7125, 
        0.75, 
        1.7675, 
        0.8025, 
        1.82, 
        0.8575, 
        1.8725, 
        0.91, 
        1.9275, 
        0.965
    ], 
    "ImagingFrequency": 123.249, 
    "BaseResolution": 64, 
    "PixelBandwidth": 2230, 
    "ScanOptions": "FS", 
    "PhaseResolution": 1, 
    "SoftwareVersions": "syngo_MR_E11", 
    "StationName": "AWP167013", 
    "Modality": "MR", 
    "InstitutionalDepartmentName": "Department"
}