{
  "aor": 0.0008406905370843991,
  "aqi": 0.0036644792327365735,
  "bids_meta": {
    "AcquisitionMatrixPE": 64,
    "AcquisitionNumber": 1,
    "AcquisitionTime": "10:05:34.180000",
    "BandwidthPerPixelPhaseEncode": 58.962,
    "BaseResolution": 64,
    "BodyPartExamined": "HEAD",
    "ConsistencyInfo": "N4_VE11C_LATEST_20160120",
    "ConversionSoftware": "dcm2niix",
    "ConversionSoftwareVersion": "v1.0.20180622 GCC5.3.1",
    "DerivedVendorReportedEchoSpacing": 0.000530002,
    "DeviceSerialNumber": "167013",
    "DwellTime": 3.5e-06,
    "EchoTime": 0.03,
    "EchoTrainLength": 31,
    "EffectiveEchoSpacing": 0.000265001,
    "FlipAngle": 90,
    "ImageOrientationPatientDICOM": [
      0.997903,
      0.0428695,
      -0.0485013,
      -0.0435694,
      0.99896,
      -0.0134649
    ],
    "ImageType": [
      "ORIGINAL",
      "PRIMARY",
      "M",
      "ND",
      "MOSAIC"
    ],
    "InPlanePhaseEncodingDirectionDICOM": "COL",
    "InstitutionAddress": "Whiteknights_Campus_StreetNo_Reading_District_GB_RG6_7BE",
    "InstitutionName": "UoR",
    "InstitutionalDepartmentName": "Department",
    "MRAcquisitionType": "2D",
    "MagneticFieldStrength": 3,
    "Manufacturer": "Siemens",
    "ManufacturersModelName": "Prisma_fit",
    "Modality": "MR",
    "ParallelReductionFactorInPlane": 2,
    "PartialFourier": 1,
    "PatientPosition": "HFS",
    "PercentPhaseFOV": 100,
    "PhaseEncodingDirection": "j",
    "PhaseEncodingSteps": 63,
    "PhaseResolution": 1,
    "PixelBandwidth": 2230,
    "ProcedureStepDescription": "head_Kou_Murayama",
    "ProtocolName": "ep2d_bold_PtoA_iPAT2_MagicTrick_Run1",
    "PulseSequenceDetails": "%SiemensSeq%_ep2d_bold",
    "ReceiveCoilActiveElements": "HEA;HEP",
    "ReceiveCoilName": "Head_32",
    "ReconMatrixPE": 64,
    "RepetitionTime": 2,
    "SAR": 0.140919,
    "ScanOptions": "FS",
    "ScanningSequence": "EP",
    "SequenceName": "_epfid2d1_64",
    "SequenceVariant": "SK",
    "SeriesDescription": "ep2d_bold_PtoA_iPAT2_MagicTrick_Run1",
    "SeriesNumber": 9,
    "ShimSetting": [
      3359,
      -11941,
      11470,
      318,
      -45,
      -25,
      -32,
      -31
    ],
    "SliceThickness": 3,
    "SliceTiming": [
      0,
      1.0175,
      0.0525,
      1.07,
      0.1075,
      1.1225,
      0.16,
      1.1775,
      0.2125,
      1.23,
      0.2675,
      1.285,
      0.32,
      1.3375,
      0.375,
      1.39,
      0.4275,
      1.445,
      0.48,
      1.4975,
      0.535,
      1.5525,
      0.5875,
      1.605,
      0.6425,
      1.6575,
      0.695,
      1.7125,
      0.75,
      1.765,
      0.8025,
      1.82,
      0.855,
      1.8725,
      0.91,
      1.925,
      0.9625
    ],
    "SoftwareVersions": "syngo_MR_E11",
    "SpacingBetweenSlices": 3.75,
    "StationName": "AWP167013",
    "TaskName": "magictrickwatching",
    "TotalReadoutTime": 0.0166951,
    "TxRefAmp": 257.355,
    "dataset": "<unset>",
    "modality": "bold",
    "run_id": 1,
    "subject_id": "control002",
    "task_id": "magictrickwatching"
  },
  "dummy_trs": 1,
  "dvars_nstd": 27.420364893102573,
  "dvars_std": 1.151264066153846,
  "dvars_vstd": 0.9855759825384612,
  "efc": 0.5059665921112377,
  "fber": 1067971.75,
  "fd_mean": 0.09363241505683347,
  "fd_num": 0,
  "fd_perc": 0.0,
  "fwhm_avg": 2.742879071125598,
  "fwhm_x": 2.6094235407116844,
  "fwhm_y": 2.9506,
  "fwhm_z": 2.6686136726651095,
  "gcor": 0.0218824,
  "gsr_x": 0.03343687579035759,
  "gsr_y": 0.03267849236726761,
  "provenance": {
    "md5sum": "04172f90115249d4e82c3e946a5c5ace",
    "settings": {
      "fd_thres": 0.5,
      "testing": false
    },
    "software": "mriqc",
    "version": "0.16.1",
    "webapi_port": null,
    "webapi_url": "https://mriqc.nimh.nih.gov/api/v1"
  },
  "size_t": 391,
  "size_x": 64,
  "size_y": 64,
  "size_z": 37,
  "snr": 2.2349760571914765,
  "spacing_tr": 2.0,
  "spacing_x": 2.999999761581421,
  "spacing_y": 3.0,
  "spacing_z": 3.749999523162842,
  "summary_bg_k": 21.026376547661236,
  "summary_bg_mad": 0.5473274777513024,
  "summary_bg_mean": 25.706140518188477,
  "summary_bg_median": 0.3755640983581543,
  "summary_bg_n": 81090.0,
  "summary_bg_p05": 0.0010512287844903771,
  "summary_bg_p95": 162.407682800293,
  "summary_bg_stdv": 67.99695587158203,
  "summary_fg_k": 0.3216811934870156,
  "summary_fg_mad": 203.19826242552747,
  "summary_fg_mean": 494.3476867675781,
  "summary_fg_median": 453.7467346191406,
  "summary_fg_n": 31785.0,
  "summary_fg_p05": 237.25881958007812,
  "summary_fg_p95": 876.7854492187499,
  "summary_fg_stdv": 203.0176544189453,
  "tsnr": 52.207008361816406
}