{
  "aor": 0.005931633333333333,
  "aqi": 0.008494309866666666,
  "bids_meta": {
    "AcquisitionMatrixPE": 64,
    "AcquisitionNumber": 1,
    "AcquisitionTime": "14:51:46.775000",
    "BandwidthPerPixelPhaseEncode": 58.962,
    "BaseResolution": 64,
    "BodyPartExamined": "HEAD",
    "ConsistencyInfo": "N4_VE11C_LATEST_20160120",
    "ConversionSoftware": "dcm2niix",
    "ConversionSoftwareVersion": "v1.0.20181125  GCC5.3.1",
    "DerivedVendorReportedEchoSpacing": 0.000530002,
    "DeviceSerialNumber": "167013",
    "DwellTime": 3.5e-06,
    "EchoTime": 0.03,
    "EchoTrainLength": 31,
    "EffectiveEchoSpacing": 0.000265001,
    "FlipAngle": 90,
    "ImageOrientationPatientDICOM": [
      0.9996,
      -0.0113934,
      0.0259006,
      0.00750203,
      0.989307,
      0.145656
    ],
    "ImageType": [
      "ORIGINAL",
      "PRIMARY",
      "M",
      "ND",
      "MOSAIC"
    ],
    "ImagingFrequency": 123.249,
    "InPlanePhaseEncodingDirectionDICOM": "COL",
    "InstitutionAddress": "Whiteknights_Campus_StreetNo_Reading_District_GB_RG6_7BE",
    "InstitutionName": "UoR",
    "InstitutionalDepartmentName": "Department",
    "MRAcquisitionType": "2D",
    "MagneticFieldStrength": 3,
    "Manufacturer": "Siemens",
    "ManufacturersModelName": "Prisma_fit",
    "Modality": "MR",
    "ParallelReductionFactorInPlane": 2,
    "PartialFourier": 1,
    "PatientPosition": "HFS",
    "PercentPhaseFOV": 100,
    "PhaseEncodingDirection": "j",
    "PhaseEncodingSteps": 63,
    "PhaseResolution": 1,
    "PixelBandwidth": 2230,
    "ProcedureStepDescription": "head_Kou_Murayama",
    "ProtocolName": "ep2d_bold_PtoA_iPAT2_PreResting",
    "PulseSequenceDetails": "%SiemensSeq%_ep2d_bold",
    "ReceiveCoilActiveElements": "HEA;HEP",
    "ReceiveCoilName": "Head_32",
    "ReconMatrixPE": 64,
    "RepetitionTime": 2,
    "SAR": 0.115546,
    "ScanOptions": "FS",
    "ScanningSequence": "EP",
    "SequenceName": "_epfid2d1_64",
    "SequenceVariant": "SK",
    "SeriesDescription": "ep2d_bold_PtoA_iPAT2_PreResting",
    "SeriesNumber": 6,
    "ShimSetting": [
      3395,
      -11970,
      11510,
      459,
      -16,
      -104,
      -42,
      41
    ],
    "SliceThickness": 3,
    "SliceTiming": [
      0,
      1.0175,
      0.055,
      1.07,
      0.1075,
      1.125,
      0.16,
      1.1775,
      0.215,
      1.23,
      0.2675,
      1.285,
      0.3225,
      1.3375,
      0.375,
      1.3925,
      0.4275,
      1.445,
      0.4825,
      1.5,
      0.535,
      1.5525,
      0.59,
      1.605,
      0.6425,
      1.66,
      0.695,
      1.7125,
      0.75,
      1.7675,
      0.8025,
      1.82,
      0.8575,
      1.8725,
      0.91,
      1.9275,
      0.9625
    ],
    "SoftwareVersions": "syngo_MR_E11",
    "SpacingBetweenSlices": 3.75,
    "StationName": "AWP167013",
    "TaskName": "rest",
    "TotalReadoutTime": 0.0166951,
    "TxRefAmp": 228.216,
    "dataset": "<unset>",
    "modality": "bold",
    "run_id": 1,
    "subject_id": "control049",
    "task_id": "rest"
  },
  "dummy_trs": 0,
  "dvars_nstd": 23.534655637759194,
  "dvars_std": 1.067058238996655,
  "dvars_vstd": 0.9550126544147153,
  "efc": 0.44385886552827136,
  "fber": 886444.25,
  "fd_mean": 0.08199003256653407,
  "fd_num": 1,
  "fd_perc": 0.3333333333333333,
  "fwhm_avg": 2.9851975647858477,
  "fwhm_x": 2.9326328672038926,
  "fwhm_y": 3.281012811830392,
  "fwhm_z": 2.7419470153232592,
  "gcor": 0.0173618,
  "gsr_x": 0.03685624897480011,
  "gsr_y": 0.01696186326444149,
  "provenance": {
    "md5sum": "4a46d89b388ff1d9f446c47dd350b147",
    "settings": {
      "fd_thres": 0.5,
      "testing": false
    },
    "software": "mriqc",
    "version": "0.16.1",
    "webapi_port": null,
    "webapi_url": "https://mriqc.nimh.nih.gov/api/v1"
  },
  "size_t": 300,
  "size_x": 64,
  "size_y": 64,
  "size_z": 37,
  "snr": 2.3536752168897275,
  "spacing_tr": 2.0,
  "spacing_x": 3.000000476837158,
  "spacing_y": 3.000000476837158,
  "spacing_z": 3.749999523162842,
  "summary_bg_k": 34.406203916039146,
  "summary_bg_mad": 0.6836427404367084,
  "summary_bg_mean": 18.55594253540039,
  "summary_bg_median": 0.46356406807899475,
  "summary_bg_n": 92387.0,
  "summary_bg_p05": 0.0,
  "summary_bg_p95": 117.32550201416012,
  "summary_bg_stdv": 56.16783142089844,
  "summary_fg_k": 1.1091879907601916,
  "summary_fg_mad": 201.77020357171938,
  "summary_fg_mean": 512.0541381835938,
  "summary_fg_median": 475.84857177734375,
  "summary_fg_n": 25126.0,
  "summary_fg_p05": 252.87932205200195,
  "summary_fg_p95": 883.6512451171875,
  "summary_fg_stdv": 202.16854858398438,
  "tsnr": 31.983530044555664
}