{
  "aor": 0.002032033333333333,
  "aqi": 0.0026910457000000002,
  "bids_meta": {
    "AcquisitionMatrixPE": 64,
    "AcquisitionNumber": 1,
    "AcquisitionTime": "11:17:52.005000",
    "BandwidthPerPixelPhaseEncode": 58.962,
    "BaseResolution": 64,
    "BodyPartExamined": "HEAD",
    "ConsistencyInfo": "N4_VE11C_LATEST_20160120",
    "ConversionSoftware": "dcm2niix",
    "ConversionSoftwareVersion": "v1.0.20181125  GCC5.3.1",
    "DerivedVendorReportedEchoSpacing": 0.000530002,
    "DeviceSerialNumber": "167013",
    "DwellTime": 3.5e-06,
    "EchoTime": 0.03,
    "EchoTrainLength": 31,
    "EffectiveEchoSpacing": 0.000265001,
    "FlipAngle": 90,
    "ImageOrientationPatientDICOM": [
      0.999907,
      0.013491,
      -0.00204317,
      -0.0134386,
      0.999626,
      0.0238112
    ],
    "ImageType": [
      "ORIGINAL",
      "PRIMARY",
      "M",
      "ND",
      "MOSAIC"
    ],
    "ImagingFrequency": 123.249,
    "InPlanePhaseEncodingDirectionDICOM": "COL",
    "InstitutionAddress": "Whiteknights_Campus_StreetNo_Reading_District_GB_RG6_7BE",
    "InstitutionName": "UoR",
    "InstitutionalDepartmentName": "Department",
    "MRAcquisitionType": "2D",
    "MagneticFieldStrength": 3,
    "Manufacturer": "Siemens",
    "ManufacturersModelName": "Prisma_fit",
    "Modality": "MR",
    "ParallelReductionFactorInPlane": 2,
    "PartialFourier": 1,
    "PatientPosition": "HFS",
    "PercentPhaseFOV": 100,
    "PhaseEncodingDirection": "j",
    "PhaseEncodingSteps": 63,
    "PhaseResolution": 1,
    "PixelBandwidth": 2230,
    "ProcedureStepDescription": "head_Kou_Murayama",
    "ProtocolName": "ep2d_bold_PtoA_iPAT2_PostResting",
    "PulseSequenceDetails": "%SiemensSeq%_ep2d_bold",
    "ReceiveCoilActiveElements": "HEA;HEP",
    "ReceiveCoilName": "Head_32",
    "ReconMatrixPE": 64,
    "RepetitionTime": 2,
    "SAR": 0.100016,
    "ScanOptions": "FS",
    "ScanningSequence": "EP",
    "SequenceName": "_epfid2d1_64",
    "SequenceVariant": "SK",
    "SeriesDescription": "ep2d_bold_PtoA_iPAT2_PostResting",
    "SeriesNumber": 12,
    "ShimSetting": [
      3377,
      -11967,
      11460,
      506,
      -63,
      -217,
      21,
      40
    ],
    "SliceThickness": 3,
    "SliceTiming": [
      0,
      1.015,
      0.0525,
      1.07,
      0.1075,
      1.1225,
      0.16,
      1.1775,
      0.2125,
      1.23,
      0.2675,
      1.2825,
      0.32,
      1.3375,
      0.375,
      1.39,
      0.4275,
      1.445,
      0.48,
      1.4975,
      0.535,
      1.55,
      0.5875,
      1.605,
      0.6425,
      1.6575,
      0.695,
      1.7125,
      0.7475,
      1.765,
      0.8025,
      1.82,
      0.855,
      1.8725,
      0.91,
      1.925,
      0.9625
    ],
    "SoftwareVersions": "syngo_MR_E11",
    "SpacingBetweenSlices": 3.75,
    "StationName": "AWP167013",
    "TaskName": "rest",
    "TotalReadoutTime": 0.0166951,
    "TxRefAmp": 230.657,
    "dataset": "<unset>",
    "modality": "bold",
    "run_id": 2,
    "subject_id": "experimental044",
    "task_id": "rest"
  },
  "dummy_trs": 0,
  "dvars_nstd": 26.30546602983278,
  "dvars_std": 1.2015044061538467,
  "dvars_vstd": 1.016292026889632,
  "efc": 0.46009634082420703,
  "fber": 10817785.0,
  "fd_mean": 0.15075272614036236,
  "fd_num": 1,
  "fd_perc": 0.3333333333333333,
  "fwhm_avg": 2.8058757721534597,
  "fwhm_x": 2.704886666666667,
  "fwhm_y": 3.0050871443124048,
  "fwhm_z": 2.707653505481307,
  "gcor": 0.0171465,
  "gsr_x": 0.011577113531529903,
  "gsr_y": 0.036888979375362396,
  "provenance": {
    "md5sum": "4824a3f3f69b18e623f020667b8f32e6",
    "settings": {
      "fd_thres": 0.5,
      "testing": false
    },
    "software": "mriqc",
    "version": "0.16.1",
    "webapi_port": null,
    "webapi_url": "https://mriqc.nimh.nih.gov/api/v1"
  },
  "size_t": 300,
  "size_x": 64,
  "size_y": 64,
  "size_z": 37,
  "snr": 2.434629273335115,
  "spacing_tr": 2.0,
  "spacing_x": 3.0,
  "spacing_y": 2.999999523162842,
  "spacing_z": 3.749999761581421,
  "summary_bg_k": 36.63489219798377,
  "summary_bg_mad": 0.17173274847456912,
  "summary_bg_mean": 14.715471267700195,
  "summary_bg_median": 0.11583197861909866,
  "summary_bg_n": 88607.0,
  "summary_bg_p05": 0.0,
  "summary_bg_p95": 99.72520523071282,
  "summary_bg_stdv": 44.98649978637695,
  "summary_fg_k": 0.07438986881228127,
  "summary_fg_mad": 173.23768947484933,
  "summary_fg_mean": 451.50421142578125,
  "summary_fg_median": 417.952880859375,
  "summary_fg_n": 28254.0,
  "summary_fg_p05": 228.65392150878904,
  "summary_fg_p95": 772.9088043212889,
  "summary_fg_stdv": 171.6669921875,
  "tsnr": 62.03648376464844
}