{
  "aor": 0.003119659090909091,
  "aqi": 0.0047124563920454545,
  "bids_meta": {
    "AcquisitionMatrixPE": 64,
    "AcquisitionNumber": 1,
    "AcquisitionTime": "10:50:45.925000",
    "BandwidthPerPixelPhaseEncode": 58.962,
    "BaseResolution": 64,
    "BodyPartExamined": "HEAD",
    "ConsistencyInfo": "N4_VE11C_LATEST_20160120",
    "ConversionSoftware": "dcm2niix",
    "ConversionSoftwareVersion": "v1.0.20181125  GCC5.3.1",
    "DerivedVendorReportedEchoSpacing": 0.000530002,
    "DeviceSerialNumber": "167013",
    "DwellTime": 3.5e-06,
    "EchoTime": 0.03,
    "EchoTrainLength": 31,
    "EffectiveEchoSpacing": 0.000265001,
    "FlipAngle": 90,
    "ImageOrientationPatientDICOM": [
      0.999907,
      0.013491,
      -0.00204317,
      -0.0134386,
      0.999626,
      0.0238112
    ],
    "ImageType": [
      "ORIGINAL",
      "PRIMARY",
      "M",
      "ND",
      "MOSAIC"
    ],
    "ImagingFrequency": 123.249,
    "InPlanePhaseEncodingDirectionDICOM": "COL",
    "InstitutionAddress": "Whiteknights_Campus_StreetNo_Reading_District_GB_RG6_7BE",
    "InstitutionName": "UoR",
    "InstitutionalDepartmentName": "Department",
    "MRAcquisitionType": "2D",
    "MagneticFieldStrength": 3,
    "Manufacturer": "Siemens",
    "ManufacturersModelName": "Prisma_fit",
    "Modality": "MR",
    "ParallelReductionFactorInPlane": 2,
    "PartialFourier": 1,
    "PatientPosition": "HFS",
    "PercentPhaseFOV": 100,
    "PhaseEncodingDirection": "j",
    "PhaseEncodingSteps": 63,
    "PhaseResolution": 1,
    "PixelBandwidth": 2230,
    "ProcedureStepDescription": "head_Kou_Murayama",
    "ProtocolName": "ep2d_bold_PtoA_iPAT2_MagicTrick_Run2",
    "PulseSequenceDetails": "%SiemensSeq%_ep2d_bold",
    "ReceiveCoilActiveElements": "HEA;HEP",
    "ReceiveCoilName": "Head_32",
    "ReconMatrixPE": 64,
    "RepetitionTime": 2,
    "SAR": 0.100146,
    "ScanOptions": "FS",
    "ScanningSequence": "EP",
    "SequenceName": "_epfid2d1_64",
    "SequenceVariant": "SK",
    "SeriesDescription": "ep2d_bold_PtoA_iPAT2_MagicTrick_Run2",
    "SeriesNumber": 10,
    "ShimSetting": [
      3377,
      -11967,
      11460,
      506,
      -63,
      -217,
      21,
      40
    ],
    "SliceThickness": 3,
    "SliceTiming": [
      0,
      1.015,
      0.0525,
      1.07,
      0.105,
      1.1225,
      0.16,
      1.175,
      0.2125,
      1.23,
      0.2675,
      1.2825,
      0.32,
      1.3375,
      0.3725,
      1.39,
      0.4275,
      1.4425,
      0.48,
      1.4975,
      0.535,
      1.55,
      0.5875,
      1.605,
      0.64,
      1.6575,
      0.695,
      1.71,
      0.7475,
      1.765,
      0.8025,
      1.8175,
      0.855,
      1.8725,
      0.9075,
      1.925,
      0.9625
    ],
    "SoftwareVersions": "syngo_MR_E11",
    "SpacingBetweenSlices": 3.75,
    "StationName": "AWP167013",
    "TaskName": "magictrickwatching",
    "TotalReadoutTime": 0.0166951,
    "TxRefAmp": 230.657,
    "dataset": "<unset>",
    "modality": "bold",
    "run_id": 2,
    "subject_id": "experimental044",
    "task_id": "magictrickwatching"
  },
  "dummy_trs": 0,
  "dvars_nstd": 26.211280029145282,
  "dvars_std": 1.167224721766382,
  "dvars_vstd": 1.010821721168091,
  "efc": 0.46383936190921976,
  "fber": 1043160.8125,
  "fd_mean": 0.16935080800129662,
  "fd_num": 4,
  "fd_perc": 1.1363636363636365,
  "fwhm_avg": 2.7505233243821956,
  "fwhm_x": 2.6355633333333333,
  "fwhm_y": 2.9649238045952804,
  "fwhm_z": 2.651082835217974,
  "gcor": 0.0159486,
  "gsr_x": 0.010048752650618553,
  "gsr_y": 0.04108608141541481,
  "provenance": {
    "md5sum": "92de5e81c4ebd3104562cf19820701ce",
    "settings": {
      "fd_thres": 0.5,
      "testing": false
    },
    "software": "mriqc",
    "version": "0.16.1",
    "webapi_port": null,
    "webapi_url": "https://mriqc.nimh.nih.gov/api/v1"
  },
  "size_t": 352,
  "size_x": 64,
  "size_y": 64,
  "size_z": 37,
  "snr": 2.4615929545909014,
  "spacing_tr": 2.0,
  "spacing_x": 3.0,
  "spacing_y": 2.999999523162842,
  "spacing_z": 3.749999761581421,
  "summary_bg_k": 38.59529510835098,
  "summary_bg_mad": 0.5211361004404947,
  "summary_bg_mean": 15.418051719665527,
  "summary_bg_median": 0.3515009582042694,
  "summary_bg_n": 88519.0,
  "summary_bg_p05": 0.0,
  "summary_bg_p95": 98.09316253662082,
  "summary_bg_stdv": 43.95634078979492,
  "summary_fg_k": 0.21149764594910625,
  "summary_fg_mad": 169.3704495419508,
  "summary_fg_mean": 450.59234619140625,
  "summary_fg_median": 417.27105712890625,
  "summary_fg_n": 27956.0,
  "summary_fg_p05": 231.0280647277832,
  "summary_fg_p95": 767.2470397949219,
  "summary_fg_stdv": 169.50958251953125,
  "tsnr": 50.51884841918945
}