{
  "bids_meta": {
    "AcquisitionMatrixPE": 256,
    "AcquisitionNumber": 1,
    "AcquisitionTime": "14:51:41.732500",
    "BaseResolution": 256,
    "BodyPartExamined": "HEAD",
    "ConsistencyInfo": "N4_VE11C_LATEST_20160120",
    "ConversionSoftware": "dcm2niix",
    "ConversionSoftwareVersion": "v1.0.20181125  GCC5.3.1",
    "DeviceSerialNumber": "167013",
    "DwellTime": 9.8e-06,
    "EchoTime": 0.00229,
    "FlipAngle": 8,
    "ImageOrientationPatientDICOM": [
      -0.00874996,
      0.991179,
      0.132242,
      0.0137635,
      0.132354,
      -0.991107
    ],
    "ImageType": [
      "ORIGINAL",
      "PRIMARY",
      "M",
      "ND",
      "NORM"
    ],
    "ImagingFrequency": 123.249,
    "InPlanePhaseEncodingDirectionDICOM": "ROW",
    "InstitutionAddress": "Whiteknights_Campus_StreetNo_Reading_District_GB_RG6_7BE",
    "InstitutionName": "UoR",
    "InstitutionalDepartmentName": "Department",
    "InversionTime": 0.9,
    "MRAcquisitionType": "3D",
    "MagneticFieldStrength": 3,
    "Manufacturer": "Siemens",
    "ManufacturersModelName": "Prisma_fit",
    "Modality": "MR",
    "PartialFourier": 1,
    "PatientPosition": "HFS",
    "PercentPhaseFOV": 100,
    "PhaseEncodingSteps": 255,
    "PhaseResolution": 1,
    "PixelBandwidth": 200,
    "ProcedureStepDescription": "head_Kou_Murayama",
    "ProtocolName": "t1_mprage_sag_p2_iso_192",
    "PulseSequenceDetails": "%SiemensSeq%_tfl",
    "ReceiveCoilActiveElements": "HEA;HEP",
    "ReceiveCoilName": "Head_32",
    "ReconMatrixPE": 256,
    "RepetitionTime": 2.3,
    "SAR": 0.0611244,
    "ScanOptions": "IR",
    "ScanningSequence": "GR_IR",
    "SequenceName": "_tfl3d1_16ns",
    "SequenceVariant": "SK_SP_MP",
    "SeriesDescription": "t1_mprage_sag_p2_iso_192",
    "SeriesNumber": 13,
    "ShimSetting": [
      3382,
      -11946,
      11206,
      -4,
      -40,
      -152,
      -34,
      21
    ],
    "SliceThickness": 0.94,
    "SoftwareVersions": "syngo_MR_E11",
    "StationName": "AWP167013",
    "TxRefAmp": 253.71,
    "dataset": "<unset>",
    "modality": "T1w",
    "rec_id": "NORM",
    "subject_id": "experimental030"
  },
  "cjv": 0.411096650953919,
  "cnr": 3.2398071843712053,
  "efc": 0.5917015064813704,
  "fber": 3463.4023873385067,
  "fwhm_avg": 3.7257822300284005,
  "fwhm_x": 3.6790109287434976,
  "fwhm_y": 3.75377042800837,
  "fwhm_z": 3.7445653333333335,
  "icvs_csf": 0.19310058703520358,
  "icvs_gm": 0.4246403570846509,
  "icvs_wm": 0.3822590558801455,
  "inu_med": 1.20941162109375,
  "inu_range": 0.3415782153606415,
  "provenance": {
    "md5sum": "f965fa913da38f585aef7b7be0b71cf7",
    "settings": {
      "testing": false
    },
    "software": "mriqc",
    "version": "0.16.1",
    "warnings": {
      "large_rot_frame": true,
      "small_air_mask": false
    },
    "webapi_port": null,
    "webapi_url": "https://mriqc.nimh.nih.gov/api/v1"
  },
  "qi_1": 1.0045506142827006e-05,
  "qi_2": 0.016814067232672224,
  "rpve_csf": 24.10083898842188,
  "rpve_gm": 11.991246603701603,
  "rpve_wm": 16.01145581666592,
  "size_x": 192,
  "size_y": 256,
  "size_z": 256,
  "snr_csf": 2.7513348928116406,
  "snr_gm": 11.225874046284975,
  "snr_total": 11.275623943036118,
  "snr_wm": 19.84966289001174,
  "snrd_csf": 35.70293367125029,
  "snrd_gm": 76.25463505299653,
  "snrd_total": 72.07665335171123,
  "snrd_wm": 104.27239133088686,
  "spacing_x": 0.940005362033844,
  "spacing_y": 0.9375000596046448,
  "spacing_z": 0.9375,
  "summary_bg_k": 11.245976873667503,
  "summary_bg_mad": 6.2829321943594865,
  "summary_bg_mean": 8.858076827777058,
  "summary_bg_median": 4.2377733662724495,
  "summary_bg_n": 2343763.0,
  "summary_bg_p05": 0.0,
  "summary_bg_p95": 29.263543110340834,
  "summary_bg_stdv": 9.838000647998921,
  "summary_csf_k": 0.38254954080826264,
  "summary_csf_mad": 142.04521028599217,
  "summary_csf_mean": 360.61435807521,
  "summary_csf_median": 342.40063455328345,
  "summary_csf_n": 17379.0,
  "summary_csf_p05": 186.3990341875702,
  "summary_csf_p95": 564.1965297907591,
  "summary_csf_stdv": 124.44533172545138,
  "summary_gm_k": -0.011947237925476806,
  "summary_gm_mad": 64.18779376940232,
  "summary_gm_mean": 732.4617202029557,
  "summary_gm_median": 731.3022417202592,
  "summary_gm_n": 30521.0,
  "summary_gm_p05": 626.9041221700609,
  "summary_gm_p95": 842.0570213198662,
  "summary_gm_stdv": 65.14328045142595,
  "summary_wm_k": 0.6876115794291771,
  "summary_wm_mad": 46.27294656656649,
  "summary_wm_mean": 999.7380706674556,
  "summary_wm_median": 999.9999800249934,
  "summary_wm_n": 264459.0,
  "summary_wm_p05": 916.1035208143294,
  "summary_wm_p95": 1081.6057509295642,
  "summary_wm_stdv": 50.378593072943374,
  "tpm_overlap_csf": 0.1786695420742035,
  "tpm_overlap_gm": 0.4501703381538391,
  "tpm_overlap_wm": 0.5089052319526672,
  "wm2max": 0.40360060648259466
}