{
  "bids_meta": {
    "AcquisitionMatrixPE": 256,
    "AcquisitionNumber": 1,
    "AcquisitionTime": "18:10:33.835000",
    "BaseResolution": 256,
    "BodyPartExamined": "HEAD",
    "ConsistencyInfo": "N4_VE11C_LATEST_20160120",
    "ConversionSoftware": "dcm2niix",
    "ConversionSoftwareVersion": "v1.0.20181125  GCC5.3.1",
    "DeviceSerialNumber": "167013",
    "DwellTime": 9.8e-06,
    "EchoTime": 0.00229,
    "FlipAngle": 8,
    "ImageOrientationPatientDICOM": [
      -0.0351663,
      0.982821,
      0.181183,
      -0.0227142,
      0.180462,
      -0.98332
    ],
    "ImageType": [
      "ORIGINAL",
      "PRIMARY",
      "M",
      "ND",
      "NORM"
    ],
    "ImagingFrequency": 123.249,
    "InPlanePhaseEncodingDirectionDICOM": "ROW",
    "InstitutionAddress": "Whiteknights_Campus_StreetNo_Reading_District_GB_RG6_7BE",
    "InstitutionName": "UoR",
    "InstitutionalDepartmentName": "Department",
    "InversionTime": 0.9,
    "MRAcquisitionType": "3D",
    "MagneticFieldStrength": 3,
    "Manufacturer": "Siemens",
    "ManufacturersModelName": "Prisma_fit",
    "Modality": "MR",
    "PartialFourier": 1,
    "PatientPosition": "HFS",
    "PercentPhaseFOV": 100,
    "PhaseEncodingSteps": 255,
    "PhaseResolution": 1,
    "PixelBandwidth": 200,
    "ProcedureStepDescription": "head_Kou_Murayama",
    "ProtocolName": "t1_mprage_sag_p2_iso_192",
    "PulseSequenceDetails": "%SiemensSeq%_tfl",
    "ReceiveCoilActiveElements": "HEA;HEP",
    "ReceiveCoilName": "Head_32",
    "ReconMatrixPE": 256,
    "RepetitionTime": 2.3,
    "SAR": 0.0671493,
    "ScanOptions": "IR",
    "ScanningSequence": "GR_IR",
    "SequenceName": "_tfl3d1_16ns",
    "SequenceVariant": "SK_SP_MP",
    "SeriesDescription": "t1_mprage_sag_p2_iso_192",
    "SeriesNumber": 13,
    "ShimSetting": [
      3382,
      -11946,
      11206,
      -4,
      -40,
      -152,
      -34,
      21
    ],
    "SliceThickness": 0.94,
    "SoftwareVersions": "syngo_MR_E11",
    "StationName": "AWP167013",
    "TxRefAmp": 264.774,
    "dataset": "<unset>",
    "modality": "T1w",
    "rec_id": "NORM",
    "subject_id": "experimental010"
  },
  "cjv": 0.4081676700795679,
  "cnr": 3.269741220750155,
  "efc": 0.5262973927348915,
  "fber": 8753.093940348666,
  "fwhm_avg": 4.019647774855908,
  "fwhm_x": 4.020308657901059,
  "fwhm_y": 4.079914666666666,
  "fwhm_z": 3.95872,
  "icvs_csf": 0.22434512198298753,
  "icvs_gm": 0.39363701135168094,
  "icvs_wm": 0.38201786666533155,
  "inu_med": 1.2812310457229614,
  "inu_range": 0.3691192388534543,
  "provenance": {
    "md5sum": "e72d53341ec71eff42b875b4b327c796",
    "settings": {
      "testing": false
    },
    "software": "mriqc",
    "version": "0.16.1",
    "warnings": {
      "large_rot_frame": true,
      "small_air_mask": false
    },
    "webapi_port": null,
    "webapi_url": "https://mriqc.nimh.nih.gov/api/v1"
  },
  "qi_1": 0.0,
  "qi_2": 0.014664223077021248,
  "rpve_csf": 21.630576730817296,
  "rpve_gm": 12.380487868330183,
  "rpve_wm": 16.043763130994027,
  "size_x": 192,
  "size_y": 256,
  "size_z": 256,
  "snr_csf": 3.1428523926731105,
  "snr_gm": 11.584189550506611,
  "snr_total": 11.569166348134809,
  "snr_wm": 19.98045710122471,
  "snrd_csf": 41.20396743147151,
  "snrd_gm": 84.93435157909403,
  "snrd_total": 80.59664243906967,
  "snrd_wm": 115.65160830664347,
  "spacing_x": 0.9399949908256531,
  "spacing_y": 0.9375,
  "spacing_z": 0.9375,
  "summary_bg_k": 16.61776673224069,
  "summary_bg_mad": 5.664740810075387,
  "summary_bg_mean": 6.960479302533576,
  "summary_bg_median": 3.8208096139132977,
  "summary_bg_n": 3572010.0,
  "summary_bg_p05": 0.0,
  "summary_bg_p95": 22.924857683479786,
  "summary_bg_stdv": 8.631101709992913,
  "summary_csf_k": -0.6018883348626956,
  "summary_csf_mad": 128.89337785243998,
  "summary_csf_mean": 367.21163856415245,
  "summary_csf_median": 356.2766529843211,
  "summary_csf_n": 21994.0,
  "summary_csf_p05": 197.9428563242778,
  "summary_csf_p95": 555.2909972220659,
  "summary_csf_stdv": 113.35834744171626,
  "summary_gm_k": 0.00311457215413391,
  "summary_gm_mad": 62.43529545017873,
  "summary_gm_mean": 734.8493169914647,
  "summary_gm_median": 734.3983696307987,
  "summary_gm_n": 23716.0,
  "summary_gm_p05": 631.6518154479563,
  "summary_gm_p95": 840.8549853228033,
  "summary_gm_stdv": 63.39527535197799,
  "summary_wm_k": 0.6538997045801938,
  "summary_wm_mad": 45.97470802380025,
  "summary_wm_mean": 999.240206909029,
  "summary_wm_median": 1000.0000118501484,
  "summary_wm_n": 280125.0,
  "summary_wm_p05": 915.2777117155492,
  "summary_wm_p95": 1079.6832732185721,
  "summary_wm_stdv": 50.04881629408726,
  "tpm_overlap_csf": 0.1587471067905426,
  "tpm_overlap_gm": 0.4250277578830719,
  "tpm_overlap_wm": 0.4895021319389343,
  "wm2max": 0.3764209492192362
}