{
  "bids_meta": {
    "AcquisitionMatrixPE": 256,
    "AcquisitionNumber": 1,
    "AcquisitionTime": "11:42:8.607500",
    "BaseResolution": 256,
    "BodyPartExamined": "HEAD",
    "ConsistencyInfo": "N4_VE11C_LATEST_20160120",
    "ConversionSoftware": "dcm2niix",
    "ConversionSoftwareVersion": "v1.0.20181125  GCC5.3.1",
    "DeviceSerialNumber": "167013",
    "DwellTime": 9.8e-06,
    "EchoTime": 0.00229,
    "FlipAngle": 8,
    "ImageOrientationPatientDICOM": [
      0.0601613,
      0.957032,
      0.283673,
      0.0688512,
      0.279532,
      -0.957664
    ],
    "ImageType": [
      "ORIGINAL",
      "PRIMARY",
      "M",
      "ND",
      "NORM"
    ],
    "ImagingFrequency": 123.249,
    "InPlanePhaseEncodingDirectionDICOM": "ROW",
    "InstitutionAddress": "Whiteknights_Campus_StreetNo_Reading_District_GB_RG6_7BE",
    "InstitutionName": "UoR",
    "InstitutionalDepartmentName": "Department",
    "InversionTime": 0.9,
    "MRAcquisitionType": "3D",
    "MagneticFieldStrength": 3,
    "Manufacturer": "Siemens",
    "ManufacturersModelName": "Prisma_fit",
    "Modality": "MR",
    "PartialFourier": 1,
    "PatientPosition": "HFS",
    "PercentPhaseFOV": 100,
    "PhaseEncodingSteps": 255,
    "PhaseResolution": 1,
    "PixelBandwidth": 200,
    "ProcedureStepDescription": "head_Kou_Murayama",
    "ProtocolName": "t1_mprage_sag_p2_iso_192",
    "PulseSequenceDetails": "%SiemensSeq%_tfl",
    "ReceiveCoilActiveElements": "HEA;HEP",
    "ReceiveCoilName": "Head_32",
    "ReconMatrixPE": 256,
    "RepetitionTime": 2.3,
    "SAR": 0.0514359,
    "ScanOptions": "IR",
    "ScanningSequence": "GR_IR",
    "SequenceName": "_tfl3d1_16ns",
    "SequenceVariant": "SK_SP_MP",
    "SeriesDescription": "t1_mprage_sag_p2_iso_192",
    "SeriesNumber": 13,
    "ShimSetting": [
      3382,
      -11946,
      11206,
      -4,
      -40,
      -152,
      -34,
      21
    ],
    "SliceThickness": 0.94,
    "SoftwareVersions": "syngo_MR_E11",
    "StationName": "AWP167013",
    "TxRefAmp": 249.604,
    "dataset": "<unset>",
    "modality": "T1w",
    "rec_id": "NORM",
    "subject_id": "control031"
  },
  "cjv": 0.3904500896394177,
  "cnr": 3.396989645566879,
  "efc": 0.576866053765608,
  "fber": 8044.710059171598,
  "fwhm_avg": 4.017846803089975,
  "fwhm_x": 3.8963993382439757,
  "fwhm_y": 4.125738404359283,
  "fwhm_z": 4.031402666666667,
  "icvs_csf": 0.20904653052163116,
  "icvs_gm": 0.3980902626988693,
  "icvs_wm": 0.3928632067794995,
  "inu_med": 1.2550649642944336,
  "inu_range": 0.3549655735492705,
  "provenance": {
    "md5sum": "ba5329d9c993dedeadb1588d1f02fd66",
    "settings": {
      "testing": false
    },
    "software": "mriqc",
    "version": "0.16.1",
    "warnings": {
      "large_rot_frame": true,
      "small_air_mask": false
    },
    "webapi_port": null,
    "webapi_url": "https://mriqc.nimh.nih.gov/api/v1"
  },
  "qi_1": 0.0,
  "qi_2": 0.015704839227345207,
  "rpve_csf": 22.767657405531125,
  "rpve_gm": 12.466260237897737,
  "rpve_wm": 15.609901148437265,
  "size_x": 192,
  "size_y": 256,
  "size_z": 256,
  "snr_csf": 3.124904521510264,
  "snr_gm": 11.885661778216397,
  "snr_total": 12.318493330253673,
  "snr_wm": 21.94491369103436,
  "snrd_csf": 42.56389120124279,
  "snrd_gm": 79.44554338117622,
  "snrd_total": 76.5888646179988,
  "snrd_wm": 107.75715927157738,
  "spacing_x": 0.9400037527084351,
  "spacing_y": 0.9375000596046448,
  "spacing_z": 0.9375,
  "summary_bg_k": 10.25731191592418,
  "summary_bg_mad": 6.07974811761314,
  "summary_bg_mean": 7.272726021189402,
  "summary_bg_median": 4.100727789103985,
  "summary_bg_n": 2654988.0,
  "summary_bg_p05": 0.0,
  "summary_bg_p95": 20.734665863215923,
  "summary_bg_stdv": 7.612929013466277,
  "summary_csf_k": -0.7607857618238016,
  "summary_csf_mad": 144.50105561228415,
  "summary_csf_mean": 381.22482731073393,
  "summary_csf_median": 394.99827253073454,
  "summary_csf_n": 22542.0,
  "summary_csf_p05": 177.95137119181453,
  "summary_csf_p95": 567.8035191308707,
  "summary_csf_stdv": 126.40050546499971,
  "summary_gm_k": 0.1135237192404488,
  "summary_gm_mad": 60.71185092095375,
  "summary_gm_mean": 737.5494572198055,
  "summary_gm_median": 737.2646510973573,
  "summary_gm_n": 34603.0,
  "summary_gm_p05": 635.5550505816936,
  "summary_gm_p95": 840.9379804134369,
  "summary_gm_stdv": 62.0288555730092,
  "summary_wm_k": 0.7029040197649632,
  "summary_wm_mad": 41.87319478187078,
  "summary_wm_mean": 998.7911280420097,
  "summary_wm_median": 1000.0000132471323,
  "summary_wm_n": 305658.0,
  "summary_wm_p05": 921.0465641245246,
  "summary_wm_p95": 1070.809763520956,
  "summary_wm_stdv": 45.56857190279733,
  "tpm_overlap_csf": 0.158523827791214,
  "tpm_overlap_gm": 0.41772621870040894,
  "tpm_overlap_wm": 0.49663880467414856,
  "wm2max": 0.37992627051698413
}