{
  "bids_meta": {
    "AcquisitionMatrixPE": 256,
    "AcquisitionNumber": 1,
    "AcquisitionTime": "18:10:33.835000",
    "BaseResolution": 256,
    "BodyPartExamined": "HEAD",
    "ConsistencyInfo": "N4_VE11C_LATEST_20160120",
    "ConversionSoftware": "dcm2niix",
    "ConversionSoftwareVersion": "v1.0.20181125  GCC5.3.1",
    "DeviceSerialNumber": "167013",
    "DwellTime": 9.8e-06,
    "EchoTime": 0.00229,
    "FlipAngle": 8,
    "ImageOrientationPatientDICOM": [
      -0.0351663,
      0.982821,
      0.181183,
      -0.0227142,
      0.180462,
      -0.98332
    ],
    "ImageType": [
      "ORIGINAL",
      "PRIMARY",
      "M",
      "ND",
      "NORM"
    ],
    "ImagingFrequency": 123.249,
    "InPlanePhaseEncodingDirectionDICOM": "ROW",
    "InstitutionAddress": "Whiteknights_Campus_StreetNo_Reading_District_GB_RG6_7BE",
    "InstitutionName": "UoR",
    "InstitutionalDepartmentName": "Department",
    "InversionTime": 0.9,
    "MRAcquisitionType": "3D",
    "MagneticFieldStrength": 3,
    "Manufacturer": "Siemens",
    "ManufacturersModelName": "Prisma_fit",
    "Modality": "MR",
    "PartialFourier": 1,
    "PatientPosition": "HFS",
    "PercentPhaseFOV": 100,
    "PhaseEncodingSteps": 255,
    "PhaseResolution": 1,
    "PixelBandwidth": 200,
    "ProcedureStepDescription": "head_Kou_Murayama",
    "ProtocolName": "t1_mprage_sag_p2_iso_192",
    "PulseSequenceDetails": "%SiemensSeq%_tfl",
    "ReceiveCoilActiveElements": "HEA;HEP",
    "ReceiveCoilName": "Head_32",
    "ReconMatrixPE": 256,
    "RepetitionTime": 2.3,
    "SAR": 0.0671493,
    "ScanOptions": "IR",
    "ScanningSequence": "GR_IR",
    "SequenceName": "_tfl3d1_16ns",
    "SequenceVariant": "SK_SP_MP",
    "SeriesDescription": "t1_mprage_sag_p2_iso_192",
    "SeriesNumber": 13,
    "ShimSetting": [
      3382,
      -11946,
      11206,
      -4,
      -40,
      -152,
      -34,
      21
    ],
    "SliceThickness": 0.94,
    "SoftwareVersions": "syngo_MR_E11",
    "StationName": "AWP167013",
    "TxRefAmp": 264.774,
    "dataset": "<unset>",
    "modality": "T1w",
    "rec_id": "NORM",
    "subject_id": "experimental010"
  },
  "cjv": 0.40119694697878866,
  "cnr": 3.312514664696702,
  "efc": 0.5334006009668952,
  "fber": 4197.849880258225,
  "fwhm_avg": 4.009765223251924,
  "fwhm_x": 4.014127669755773,
  "fwhm_y": 4.069002666666667,
  "fwhm_z": 3.9461653333333335,
  "icvs_csf": 0.22627257691451064,
  "icvs_gm": 0.3927335911730313,
  "icvs_wm": 0.38099383191245806,
  "inu_med": 1.3454176187515259,
  "inu_range": 0.37667281627655,
  "provenance": {
    "md5sum": "361a578edd41b7d109f21df95b668233",
    "settings": {
      "testing": false
    },
    "software": "mriqc",
    "version": "0.16.1",
    "warnings": {
      "large_rot_frame": true,
      "small_air_mask": false
    },
    "webapi_port": null,
    "webapi_url": "https://mriqc.nimh.nih.gov/api/v1"
  },
  "qi_1": 0.0,
  "qi_2": 0.009911547629500625,
  "rpve_csf": 21.449614097656358,
  "rpve_gm": 12.369327542908328,
  "rpve_wm": 16.05725361064306,
  "size_x": 192,
  "size_y": 256,
  "size_z": 256,
  "snr_csf": 3.335796695749718,
  "snr_gm": 11.61286588145342,
  "snr_total": 11.626404155013347,
  "snr_wm": 19.930549887836907,
  "snrd_csf": 44.171539180843716,
  "snrd_gm": 85.95289427869217,
  "snrd_total": 82.53276626077412,
  "snrd_wm": 117.47386532278648,
  "spacing_x": 0.9399999976158142,
  "spacing_y": 0.9375,
  "spacing_z": 0.9375,
  "summary_bg_k": 17.36210377782095,
  "summary_bg_mad": 5.57686934311668,
  "summary_bg_mean": 6.921681715133467,
  "summary_bg_median": 3.761541210114956,
  "summary_bg_n": 3581904.0,
  "summary_bg_p05": 0.0,
  "summary_bg_p95": 22.797219455242157,
  "summary_bg_stdv": 8.62984652508746,
  "summary_csf_k": -0.6121959648442328,
  "summary_csf_mad": 129.4932161867623,
  "summary_csf_mean": 378.1893519733914,
  "summary_csf_median": 376.0116383899003,
  "summary_csf_n": 21198.0,
  "summary_csf_p05": 204.31153041031212,
  "summary_csf_p95": 558.8738349452615,
  "summary_csf_stdv": 112.7175315356183,
  "summary_gm_k": 0.034445567837664726,
  "summary_gm_mad": 61.768052876034744,
  "summary_gm_mean": 731.8759499793526,
  "summary_gm_median": 731.676758415997,
  "summary_gm_n": 23571.0,
  "summary_gm_p05": 628.376857759431,
  "summary_gm_p95": 836.2305061426014,
  "summary_gm_stdv": 63.00436472977876,
  "summary_wm_k": 0.7174445140022518,
  "summary_wm_mad": 45.88242505018723,
  "summary_wm_mean": 999.7734222723977,
  "summary_wm_median": 1000.0000314041972,
  "summary_wm_n": 279851.0,
  "summary_wm_p05": 916.6761942952871,
  "summary_wm_p95": 1081.2721187621355,
  "summary_wm_stdv": 50.174142227143015,
  "tpm_overlap_csf": 0.15729844570159912,
  "tpm_overlap_gm": 0.423778772354126,
  "tpm_overlap_wm": 0.4892767667770386,
  "wm2max": 0.3803021436157531
}