{
  "bids_meta": {
    "AcquisitionMatrixPE": 256,
    "AcquisitionNumber": 1,
    "AcquisitionTime": "11:12:9.492500",
    "BaseResolution": 256,
    "BodyPartExamined": "HEAD",
    "ConsistencyInfo": "N4_VE11C_LATEST_20160120",
    "ConversionSoftware": "dcm2niix",
    "ConversionSoftwareVersion": "v1.0.20181125  GCC5.3.1",
    "DeviceSerialNumber": "167013",
    "DwellTime": 9.8e-06,
    "EchoTime": 0.00229,
    "FlipAngle": 8,
    "ImageOrientationPatientDICOM": [
      -0.00517189,
      0.965808,
      0.259205,
      0.0300356,
      0.259242,
      -0.965345
    ],
    "ImageType": [
      "ORIGINAL",
      "PRIMARY",
      "M",
      "ND",
      "NORM"
    ],
    "ImagingFrequency": 123.249,
    "InPlanePhaseEncodingDirectionDICOM": "ROW",
    "InstitutionAddress": "Whiteknights_Campus_StreetNo_Reading_District_GB_RG6_7BE",
    "InstitutionName": "UoR",
    "InstitutionalDepartmentName": "Department",
    "InversionTime": 0.9,
    "MRAcquisitionType": "3D",
    "MagneticFieldStrength": 3,
    "Manufacturer": "Siemens",
    "ManufacturersModelName": "Prisma_fit",
    "Modality": "MR",
    "PartialFourier": 1,
    "PatientPosition": "HFS",
    "PercentPhaseFOV": 100,
    "PhaseEncodingSteps": 255,
    "PhaseResolution": 1,
    "PixelBandwidth": 200,
    "ProcedureStepDescription": "head_Kou_Murayama",
    "ProtocolName": "t1_mprage_sag_p2_iso_192",
    "PulseSequenceDetails": "%SiemensSeq%_tfl",
    "ReceiveCoilActiveElements": "HEA;HEP",
    "ReceiveCoilName": "Head_32",
    "ReconMatrixPE": 256,
    "RepetitionTime": 2.3,
    "SAR": 0.0598485,
    "ScanOptions": "IR",
    "ScanningSequence": "GR_IR",
    "SequenceName": "_tfl3d1_16ns",
    "SequenceVariant": "SK_SP_MP",
    "SeriesDescription": "t1_mprage_sag_p2_iso_192",
    "SeriesNumber": 13,
    "ShimSetting": [
      3382,
      -11946,
      11206,
      -4,
      -40,
      -152,
      -34,
      21
    ],
    "SliceThickness": 0.94,
    "SoftwareVersions": "syngo_MR_E11",
    "StationName": "AWP167013",
    "TxRefAmp": 243.078,
    "dataset": "<unset>",
    "modality": "T1w",
    "rec_id": "NORM",
    "subject_id": "control001"
  },
  "cjv": 0.30954867284834137,
  "cnr": 4.310363987706085,
  "efc": 0.499113245607256,
  "fber": 7889.760591672754,
  "fwhm_avg": 4.01522705779725,
  "fwhm_x": 4.0495638400584175,
  "fwhm_y": 3.9630613333333335,
  "fwhm_z": 4.033056,
  "icvs_csf": 0.2140900456024317,
  "icvs_gm": 0.4358084906840833,
  "icvs_wm": 0.35010146371348505,
  "inu_med": 1.2737067937850952,
  "inu_range": 0.30009233951568604,
  "provenance": {
    "md5sum": "3a71c584a744a309c90103c4fd330a01",
    "settings": {
      "testing": false
    },
    "software": "mriqc",
    "version": "0.16.1",
    "warnings": {
      "large_rot_frame": true,
      "small_air_mask": false
    },
    "webapi_port": null,
    "webapi_url": "https://mriqc.nimh.nih.gov/api/v1"
  },
  "qi_1": 0.024562006931262082,
  "qi_2": 0.01003438940264278,
  "rpve_csf": 28.03491964418021,
  "rpve_gm": 14.819093360196028,
  "rpve_wm": 21.932186454820187,
  "size_x": 192,
  "size_y": 256,
  "size_z": 256,
  "snr_csf": 3.388030845626066,
  "snr_gm": 13.115140807839827,
  "snr_total": 12.47727288519973,
  "snr_wm": 20.928647002133292,
  "snrd_csf": 42.074405527283744,
  "snrd_gm": 77.45488420300845,
  "snrd_total": 77.16825754031903,
  "snrd_wm": 111.97548289066489,
  "spacing_x": 0.9399999976158142,
  "spacing_y": 0.9375,
  "spacing_z": 0.9375,
  "summary_bg_k": 42.63449815712318,
  "summary_bg_mad": 5.850712795461187,
  "summary_bg_mean": 5.027875891467065,
  "summary_bg_median": 3.946245811879635,
  "summary_bg_n": 2703514.0,
  "summary_bg_p05": 0.0,
  "summary_bg_p95": 16.10494912415743,
  "summary_bg_stdv": 7.125887403059256,
  "summary_csf_k": -0.6858367252554785,
  "summary_csf_mad": 131.72010158430186,
  "summary_csf_mean": 376.8851293411792,
  "summary_csf_median": 375.746594466269,
  "summary_csf_n": 14914.0,
  "summary_csf_p05": 204.74083169661463,
  "summary_csf_p95": 549.9680142961442,
  "summary_csf_stdv": 110.90040624342546,
  "summary_gm_k": 0.034122164968109825,
  "summary_gm_mad": 52.57735147272553,
  "summary_gm_mean": 691.2608763491038,
  "summary_gm_median": 691.7128976471722,
  "summary_gm_n": 45618.0,
  "summary_gm_p05": 603.4556433409452,
  "summary_gm_p95": 776.405198811181,
  "summary_gm_stdv": 52.74097519514427,
  "summary_wm_k": 0.8484520827166699,
  "summary_wm_mad": 42.85251804243194,
  "summary_wm_mean": 996.5770119249479,
  "summary_wm_median": 1000.0000197887421,
  "summary_wm_n": 187620.0,
  "summary_wm_p05": 910.729540206492,
  "summary_wm_p95": 1068.8460109122097,
  "summary_wm_stdv": 47.781271035921016,
  "tpm_overlap_csf": 0.16187572479248047,
  "tpm_overlap_gm": 0.45036014914512634,
  "tpm_overlap_wm": 0.5055792927742004,
  "wm2max": 0.41785324330949036
}