{
  "bids_meta": {
    "AcquisitionMatrixPE": 256,
    "AcquisitionNumber": 1,
    "AcquisitionTime": "12:50:50.517500",
    "BaseResolution": 256,
    "BodyPartExamined": "HEAD",
    "ConsistencyInfo": "N4_VE11C_LATEST_20160120",
    "ConversionSoftware": "dcm2niix",
    "ConversionSoftwareVersion": "v1.0.20181125  GCC5.3.1",
    "DeviceSerialNumber": "167013",
    "DwellTime": 9.8e-06,
    "EchoTime": 0.00229,
    "FlipAngle": 8,
    "ImageOrientationPatientDICOM": [
      0.00297213,
      0.999213,
      0.0395632,
      0.0480179,
      0.0393751,
      -0.99807
    ],
    "ImageType": [
      "ORIGINAL",
      "PRIMARY",
      "M",
      "ND",
      "NORM"
    ],
    "ImagingFrequency": 123.249,
    "InPlanePhaseEncodingDirectionDICOM": "ROW",
    "InstitutionAddress": "Whiteknights_Campus_StreetNo_Reading_District_GB_RG6_7BE",
    "InstitutionName": "UoR",
    "InstitutionalDepartmentName": "Department",
    "InversionTime": 0.9,
    "MRAcquisitionType": "3D",
    "MagneticFieldStrength": 3,
    "Manufacturer": "Siemens",
    "ManufacturersModelName": "Prisma_fit",
    "Modality": "MR",
    "PartialFourier": 1,
    "PatientPosition": "HFS",
    "PercentPhaseFOV": 100,
    "PhaseEncodingSteps": 255,
    "PhaseResolution": 1,
    "PixelBandwidth": 200,
    "ProcedureStepDescription": "head_Kou_Murayama",
    "ProtocolName": "t1_mprage_sag_p2_iso_192",
    "PulseSequenceDetails": "%SiemensSeq%_tfl",
    "ReceiveCoilActiveElements": "HEA;HEP",
    "ReceiveCoilName": "Head_32",
    "ReconMatrixPE": 256,
    "RepetitionTime": 2.3,
    "SAR": 0.0559847,
    "ScanOptions": "IR",
    "ScanningSequence": "GR_IR",
    "SequenceName": "_tfl3d1_16ns",
    "SequenceVariant": "SK_SP_MP",
    "SeriesDescription": "t1_mprage_sag_p2_iso_192",
    "SeriesNumber": 13,
    "ShimSetting": [
      3382,
      -11946,
      11206,
      -4,
      -40,
      -152,
      -34,
      21
    ],
    "SliceThickness": 0.94,
    "SoftwareVersions": "syngo_MR_E11",
    "StationName": "AWP167013",
    "TxRefAmp": 220.456,
    "dataset": "<unset>",
    "modality": "T1w",
    "rec_id": "NORM",
    "subject_id": "experimental040"
  },
  "cjv": 0.3496081496783901,
  "cnr": 3.7346692474491268,
  "efc": 0.5183644710939789,
  "fber": 2700.861288714845,
  "fwhm_avg": 3.843430490251544,
  "fwhm_x": 3.848702137421299,
  "fwhm_y": 3.8348053333333336,
  "fwhm_z": 3.846784,
  "icvs_csf": 0.20733160823084507,
  "icvs_gm": 0.42137629049393954,
  "icvs_wm": 0.3712921012752154,
  "inu_med": 1.4231747388839722,
  "inu_range": 0.36683720350265503,
  "provenance": {
    "md5sum": "48bc762da6527ea230f2b16e634d4e01",
    "settings": {
      "testing": false
    },
    "software": "mriqc",
    "version": "0.16.1",
    "warnings": {
      "large_rot_frame": true,
      "small_air_mask": false
    },
    "webapi_port": null,
    "webapi_url": "https://mriqc.nimh.nih.gov/api/v1"
  },
  "qi_1": 0.0007965491145583735,
  "qi_2": 0.010908162329671966,
  "rpve_csf": 25.420153690423575,
  "rpve_gm": 13.434736937857904,
  "rpve_wm": 18.5752041395248,
  "size_x": 192,
  "size_y": 256,
  "size_z": 256,
  "snr_csf": 2.56120766598466,
  "snr_gm": 11.10606801306224,
  "snr_total": 11.922969990842804,
  "snr_wm": 22.101634293481514,
  "snrd_csf": 32.561850461749756,
  "snrd_gm": 68.85024563104898,
  "snrd_total": 66.32496742123395,
  "snrd_wm": 97.56280617090312,
  "spacing_x": 0.9399999976158142,
  "spacing_y": 0.9375,
  "spacing_z": 0.9375,
  "summary_bg_k": 253.94083711602917,
  "summary_bg_mad": 6.715021755666761,
  "summary_bg_mean": 8.260975922915376,
  "summary_bg_median": 4.5795379392802715,
  "summary_bg_n": 3295970.0,
  "summary_bg_p05": 0.0,
  "summary_bg_p95": 22.9480142891407,
  "summary_bg_stdv": 11.185456435636707,
  "summary_csf_k": 52.70174962692756,
  "summary_csf_mad": 133.4424045556667,
  "summary_csf_mean": 348.5426929550151,
  "summary_csf_median": 333.75269904732704,
  "summary_csf_n": 15774.0,
  "summary_csf_p05": 182.2580612944439,
  "summary_csf_p95": 539.6809325367212,
  "summary_csf_stdv": 130.30654409987363,
  "summary_gm_k": 0.03405835194454232,
  "summary_gm_mad": 62.225868269178655,
  "summary_gm_mean": 705.0916085669459,
  "summary_gm_median": 705.7017639838159,
  "summary_gm_n": 28055.0,
  "summary_gm_p05": 598.8626535981894,
  "summary_gm_p95": 809.4207496196032,
  "summary_gm_stdv": 63.54086666222287,
  "summary_wm_k": 1.040491129628017,
  "summary_wm_mad": 40.66318729820428,
  "summary_wm_mean": 998.4684371493195,
  "summary_wm_median": 999.9999823234975,
  "summary_wm_n": 244970.0,
  "summary_wm_p05": 921.6445914283395,
  "summary_wm_p95": 1069.0956481546164,
  "summary_wm_stdv": 45.245429725987705,
  "tpm_overlap_csf": 0.17390218377113342,
  "tpm_overlap_gm": 0.4441016912460327,
  "tpm_overlap_wm": 0.5165746212005615,
  "wm2max": 0.4143370114161759
}