{
  "aor": 0.0015401666666666665,
  "aqi": 0.005825122433333333,
  "bids_meta": {
    "AcquisitionMatrixPE": 64,
    "AcquisitionNumber": 1,
    "AcquisitionTime": "15:21:45.360000",
    "BandwidthPerPixelPhaseEncode": 58.962,
    "BaseResolution": 64,
    "BodyPartExamined": "HEAD",
    "ConsistencyInfo": "N4_VE11C_LATEST_20160120",
    "ConversionSoftware": "dcm2niix",
    "ConversionSoftwareVersion": "v1.0.20181125  GCC5.3.1",
    "DerivedVendorReportedEchoSpacing": 0.000530002,
    "DeviceSerialNumber": "167013",
    "DwellTime": 3.5e-06,
    "EchoTime": 0.03,
    "EchoTrainLength": 31,
    "EffectiveEchoSpacing": 0.000265001,
    "FlipAngle": 90,
    "ImageOrientationPatientDICOM": [
      0.999511,
      0.00796804,
      0.0302391,
      -0.00593129,
      0.997745,
      -0.0668565
    ],
    "ImageType": [
      "ORIGINAL",
      "PRIMARY",
      "M",
      "ND",
      "MOSAIC"
    ],
    "ImagingFrequency": 123.249,
    "InPlanePhaseEncodingDirectionDICOM": "COL",
    "InstitutionAddress": "Whiteknights_Campus_StreetNo_Reading_District_GB_RG6_7BE",
    "InstitutionName": "UoR",
    "InstitutionalDepartmentName": "Department",
    "MRAcquisitionType": "2D",
    "MagneticFieldStrength": 3,
    "Manufacturer": "Siemens",
    "ManufacturersModelName": "Prisma_fit",
    "Modality": "MR",
    "ParallelReductionFactorInPlane": 2,
    "PartialFourier": 1,
    "PatientPosition": "HFS",
    "PercentPhaseFOV": 100,
    "PhaseEncodingDirection": "j",
    "PhaseEncodingSteps": 63,
    "PhaseResolution": 1,
    "PixelBandwidth": 2230,
    "ProcedureStepDescription": "head_Kou_Murayama",
    "ProtocolName": "ep2d_bold_PtoA_iPAT2_PreResting",
    "PulseSequenceDetails": "%SiemensSeq%_ep2d_bold",
    "ReceiveCoilActiveElements": "HEA;HEP",
    "ReceiveCoilName": "Head_32",
    "ReconMatrixPE": 64,
    "RepetitionTime": 2,
    "SAR": 0.100556,
    "ScanOptions": "FS",
    "ScanningSequence": "EP",
    "SequenceName": "_epfid2d1_64",
    "SequenceVariant": "SK",
    "SeriesDescription": "ep2d_bold_PtoA_iPAT2_PreResting",
    "SeriesNumber": 6,
    "ShimSetting": [
      3422,
      -11881,
      11527,
      630,
      139,
      -108,
      -36,
      -54
    ],
    "SliceThickness": 3,
    "SliceTiming": [
      0,
      1.0175,
      0.0525,
      1.07,
      0.1075,
      1.1225,
      0.16,
      1.1775,
      0.215,
      1.23,
      0.2675,
      1.285,
      0.32,
      1.3375,
      0.375,
      1.39,
      0.4275,
      1.445,
      0.4825,
      1.4975,
      0.535,
      1.5525,
      0.5875,
      1.605,
      0.6425,
      1.66,
      0.695,
      1.7125,
      0.75,
      1.765,
      0.8025,
      1.82,
      0.855,
      1.8725,
      0.91,
      1.9275,
      0.9625
    ],
    "SoftwareVersions": "syngo_MR_E11",
    "SpacingBetweenSlices": 3.75,
    "StationName": "AWP167013",
    "TaskName": "rest",
    "TotalReadoutTime": 0.0166951,
    "TxRefAmp": 250.378,
    "dataset": "<unset>",
    "modality": "bold",
    "run_id": 1,
    "subject_id": "control021",
    "task_id": "rest"
  },
  "dummy_trs": 0,
  "dvars_nstd": 24.49430043397994,
  "dvars_std": 1.0177142357859525,
  "dvars_vstd": 0.9328759059866225,
  "efc": 0.5021012851247173,
  "fber": 1146534.5,
  "fd_mean": 0.0857467717775138,
  "fd_num": 0,
  "fd_perc": 0.0,
  "fwhm_avg": 3.051158719841741,
  "fwhm_x": 3.046116424583084,
  "fwhm_y": 3.3351997349421394,
  "fwhm_z": 2.77216,
  "gcor": 0.0179261,
  "gsr_x": -0.0021805677097290754,
  "gsr_y": 0.060009248554706573,
  "provenance": {
    "md5sum": "602fd0e19702e9d1129852dc059494ae",
    "settings": {
      "fd_thres": 0.5,
      "testing": false
    },
    "software": "mriqc",
    "version": "0.16.1",
    "webapi_port": null,
    "webapi_url": "https://mriqc.nimh.nih.gov/api/v1"
  },
  "size_t": 300,
  "size_x": 64,
  "size_y": 64,
  "size_z": 37,
  "snr": 2.003881473934882,
  "spacing_tr": 2.0,
  "spacing_x": 3.000000238418579,
  "spacing_y": 3.000000238418579,
  "spacing_z": 3.75,
  "summary_bg_k": 24.00985919987631,
  "summary_bg_mad": 0.455886319315777,
  "summary_bg_mean": 19.187828063964844,
  "summary_bg_median": 0.3102256953716278,
  "summary_bg_n": 78665.0,
  "summary_bg_p05": 0.001776056317612529,
  "summary_bg_p95": 116.0785781860353,
  "summary_bg_stdv": 49.36024475097656,
  "summary_fg_k": 1.838493837479695,
  "summary_fg_mad": 198.11629583670455,
  "summary_fg_mean": 502.3113098144531,
  "summary_fg_median": 450.6511535644531,
  "summary_fg_n": 33229.0,
  "summary_fg_p05": 235.2560241699219,
  "summary_fg_p95": 944.9945556640625,
  "summary_fg_stdv": 224.8857421875,
  "tsnr": 43.83121109008789
}