{
  "aor": 0.0009621883656509697,
  "aqi": 0.005393355235457064,
  "bids_meta": {
    "AcquisitionMatrixPE": 64,
    "AcquisitionNumber": 1,
    "AcquisitionTime": "15:48:57.952500",
    "BandwidthPerPixelPhaseEncode": 58.962,
    "BaseResolution": 64,
    "BodyPartExamined": "HEAD",
    "ConsistencyInfo": "N4_VE11C_LATEST_20160120",
    "ConversionSoftware": "dcm2niix",
    "ConversionSoftwareVersion": "v1.0.20181125  GCC5.3.1",
    "DerivedVendorReportedEchoSpacing": 0.000530002,
    "DeviceSerialNumber": "167013",
    "DwellTime": 3.5e-06,
    "EchoTime": 0.03,
    "EchoTrainLength": 31,
    "EffectiveEchoSpacing": 0.000265001,
    "FlipAngle": 90,
    "ImageOrientationPatientDICOM": [
      0.999511,
      0.00796804,
      0.0302391,
      -0.00593129,
      0.997745,
      -0.0668565
    ],
    "ImageType": [
      "ORIGINAL",
      "PRIMARY",
      "M",
      "ND",
      "MOSAIC"
    ],
    "ImagingFrequency": 123.249,
    "InPlanePhaseEncodingDirectionDICOM": "COL",
    "InstitutionAddress": "Whiteknights_Campus_StreetNo_Reading_District_GB_RG6_7BE",
    "InstitutionName": "UoR",
    "InstitutionalDepartmentName": "Department",
    "MRAcquisitionType": "2D",
    "MagneticFieldStrength": 3,
    "Manufacturer": "Siemens",
    "ManufacturersModelName": "Prisma_fit",
    "Modality": "MR",
    "ParallelReductionFactorInPlane": 2,
    "PartialFourier": 1,
    "PatientPosition": "HFS",
    "PercentPhaseFOV": 100,
    "PhaseEncodingDirection": "j",
    "PhaseEncodingSteps": 63,
    "PhaseResolution": 1,
    "PixelBandwidth": 2230,
    "ProcedureStepDescription": "head_Kou_Murayama",
    "ProtocolName": "ep2d_bold_PtoA_iPAT2_MagicTrick_Run2",
    "PulseSequenceDetails": "%SiemensSeq%_ep2d_bold",
    "ReceiveCoilActiveElements": "HEA;HEP",
    "ReceiveCoilName": "Head_32",
    "ReconMatrixPE": 64,
    "RepetitionTime": 2,
    "SAR": 0.100687,
    "ScanOptions": "FS",
    "ScanningSequence": "EP",
    "SequenceName": "_epfid2d1_64",
    "SequenceVariant": "SK",
    "SeriesDescription": "ep2d_bold_PtoA_iPAT2_MagicTrick_Run2",
    "SeriesNumber": 10,
    "ShimSetting": [
      3422,
      -11881,
      11527,
      630,
      139,
      -108,
      -36,
      -54
    ],
    "SliceThickness": 3,
    "SliceTiming": [
      0,
      1.0175,
      0.055,
      1.0725,
      0.1075,
      1.125,
      0.1625,
      1.1775,
      0.215,
      1.2325,
      0.27,
      1.285,
      0.3225,
      1.34,
      0.375,
      1.3925,
      0.43,
      1.445,
      0.4825,
      1.5,
      0.5375,
      1.5525,
      0.59,
      1.6075,
      0.6425,
      1.66,
      0.6975,
      1.7125,
      0.75,
      1.7675,
      0.805,
      1.82,
      0.8575,
      1.875,
      0.91,
      1.9275,
      0.965
    ],
    "SoftwareVersions": "syngo_MR_E11",
    "SpacingBetweenSlices": 3.75,
    "StationName": "AWP167013",
    "TaskName": "magictrickwatching",
    "TotalReadoutTime": 0.0166951,
    "TxRefAmp": 250.378,
    "dataset": "<unset>",
    "modality": "bold",
    "run_id": 2,
    "subject_id": "control021",
    "task_id": "magictrickwatching"
  },
  "dummy_trs": 0,
  "dvars_nstd": 25.586274999888893,
  "dvars_std": 1.030030614527778,
  "dvars_vstd": 0.9388483907777773,
  "efc": 0.5048415723320622,
  "fber": 2267241.0,
  "fd_mean": 0.09932772345506466,
  "fd_num": 0,
  "fd_perc": 0.0,
  "fwhm_avg": 3.010860945274313,
  "fwhm_x": 3.010619760737438,
  "fwhm_y": 3.2495097417521683,
  "fwhm_z": 2.772453333333333,
  "gcor": 0.00700717,
  "gsr_x": -0.0035708399955183268,
  "gsr_y": 0.06206279620528221,
  "provenance": {
    "md5sum": "383fd6247d4c92ba18ea7e37ee61a6df",
    "settings": {
      "fd_thres": 0.5,
      "testing": false
    },
    "software": "mriqc",
    "version": "0.16.1",
    "webapi_port": null,
    "webapi_url": "https://mriqc.nimh.nih.gov/api/v1"
  },
  "size_t": 361,
  "size_x": 64,
  "size_y": 64,
  "size_z": 37,
  "snr": 2.023991886799638,
  "spacing_tr": 2.0,
  "spacing_x": 3.000000238418579,
  "spacing_y": 3.000000238418579,
  "spacing_z": 3.75,
  "summary_bg_k": 27.444213018997377,
  "summary_bg_mad": 0.32511957216208953,
  "summary_bg_mean": 19.330135345458984,
  "summary_bg_median": 0.22194191813468933,
  "summary_bg_n": 78519.0,
  "summary_bg_p05": 0.0011249360628426076,
  "summary_bg_p95": 117.63875503540038,
  "summary_bg_stdv": 49.91279220581055,
  "summary_fg_k": 1.7819650761134742,
  "summary_fg_mad": 194.81028020551327,
  "summary_fg_mean": 497.87701416015625,
  "summary_fg_median": 447.166748046875,
  "summary_fg_n": 33378.0,
  "summary_fg_p05": 234.4261505126953,
  "summary_fg_p95": 933.3034149169918,
  "summary_fg_stdv": 220.9297637939453,
  "tsnr": 47.954341888427734
}