{
  "bids_meta": {
    "AcquisitionMatrixPE": 256,
    "AcquisitionNumber": 1,
    "AcquisitionTime": "11:29:35.532500",
    "BaseResolution": 256,
    "BodyPartExamined": "HEAD",
    "ConsistencyInfo": "N4_VE11C_LATEST_20160120",
    "ConversionSoftware": "dcm2niix",
    "ConversionSoftwareVersion": "v1.0.20181125  GCC5.3.1",
    "DeviceSerialNumber": "167013",
    "DwellTime": 9.8e-06,
    "EchoTime": 0.00229,
    "FlipAngle": 8,
    "ImageOrientationPatientDICOM": [
      -0.013187,
      0.991785,
      0.127237,
      -0.00374973,
      0.127199,
      -0.99187
    ],
    "ImageType": [
      "ORIGINAL",
      "PRIMARY",
      "M",
      "ND",
      "NORM"
    ],
    "ImagingFrequency": 123.249,
    "InPlanePhaseEncodingDirectionDICOM": "ROW",
    "InstitutionAddress": "Whiteknights_Campus_StreetNo_Reading_District_GB_RG6_7BE",
    "InstitutionName": "UoR",
    "InstitutionalDepartmentName": "Department",
    "InversionTime": 0.9,
    "MRAcquisitionType": "3D",
    "MagneticFieldStrength": 3,
    "Manufacturer": "Siemens",
    "ManufacturersModelName": "Prisma_fit",
    "Modality": "MR",
    "PartialFourier": 1,
    "PatientPosition": "HFS",
    "PercentPhaseFOV": 100,
    "PhaseEncodingSteps": 255,
    "PhaseResolution": 1,
    "PixelBandwidth": 200,
    "ProcedureStepDescription": "head_Kou_Murayama",
    "ProtocolName": "t1_mprage_sag_p2_iso_192",
    "PulseSequenceDetails": "%SiemensSeq%_tfl",
    "ReceiveCoilActiveElements": "HEA;HEP",
    "ReceiveCoilName": "Head_32",
    "ReconMatrixPE": 256,
    "RepetitionTime": 2.3,
    "SAR": 0.0484762,
    "ScanOptions": "IR",
    "ScanningSequence": "GR_IR",
    "SequenceName": "_tfl3d1_16ns",
    "SequenceVariant": "SK_SP_MP",
    "SeriesDescription": "t1_mprage_sag_p2_iso_192",
    "SeriesNumber": 13,
    "ShimSetting": [
      3382,
      -11946,
      11206,
      -4,
      -40,
      -152,
      -34,
      21
    ],
    "SliceThickness": 0.94,
    "SoftwareVersions": "syngo_MR_E11",
    "StationName": "AWP167013",
    "TxRefAmp": 230.657,
    "dataset": "<unset>",
    "modality": "T1w",
    "rec_id": "NORM",
    "subject_id": "experimental044"
  },
  "cjv": 0.3517458613301899,
  "cnr": 3.8047333518507425,
  "efc": 0.5181775115573202,
  "fber": 7107.223062381853,
  "fwhm_avg": 3.8757283152877737,
  "fwhm_x": 3.8216489458633207,
  "fwhm_y": 3.943850666666667,
  "fwhm_z": 3.8616853333333334,
  "icvs_csf": 0.22355508336873847,
  "icvs_gm": 0.40783971892614945,
  "icvs_wm": 0.3686051977051121,
  "inu_med": 1.331954836845398,
  "inu_range": 0.30449786186218253,
  "provenance": {
    "md5sum": "9fd40bc4b2430fcc62e3f2836b1cf9d6",
    "settings": {
      "testing": false
    },
    "software": "mriqc",
    "version": "0.16.1",
    "warnings": {
      "large_rot_frame": true,
      "small_air_mask": false
    },
    "webapi_port": null,
    "webapi_url": "https://mriqc.nimh.nih.gov/api/v1"
  },
  "qi_1": 0.025113094052368036,
  "qi_2": 0.010123131627480032,
  "rpve_csf": 23.257458392475115,
  "rpve_gm": 13.201019562563776,
  "rpve_wm": 18.23150067492908,
  "size_x": 192,
  "size_y": 256,
  "size_z": 256,
  "snr_csf": 3.410789614516823,
  "snr_gm": 11.365655852363826,
  "snr_total": 12.741155256338962,
  "snr_wm": 23.44702030213623,
  "snrd_csf": 42.2412312020522,
  "snrd_gm": 76.4401959601439,
  "snrd_total": 75.40085085766776,
  "snrd_wm": 107.52112541080722,
  "spacing_x": 0.9399999976158142,
  "spacing_y": 0.9375,
  "spacing_z": 0.9375,
  "summary_bg_k": 15.145133308731896,
  "summary_bg_mad": 6.093094558153928,
  "summary_bg_mean": 5.602557057808649,
  "summary_bg_median": 4.109729826450348,
  "summary_bg_n": 2388530.0,
  "summary_bg_p05": 0.0,
  "summary_bg_p95": 16.69577741995454,
  "summary_bg_stdv": 6.395022283676575,
  "summary_csf_k": 5.5166501305093725,
  "summary_csf_mad": 125.63199342093631,
  "summary_csf_mean": 377.7281862102944,
  "summary_csf_median": 392.86448559723794,
  "summary_csf_n": 24518.0,
  "summary_csf_p05": 185.8548256577924,
  "summary_csf_p95": 538.947400859557,
  "summary_csf_stdv": 115.18050602919448,
  "summary_gm_k": 0.008840284546066002,
  "summary_gm_mad": 62.68271026700854,
  "summary_gm_mean": 710.4051339586531,
  "summary_gm_median": 710.9318883530796,
  "summary_gm_n": 30453.0,
  "summary_gm_p05": 607.3666967265308,
  "summary_gm_p95": 813.2127894088626,
  "summary_gm_stdv": 62.5498629277058,
  "summary_wm_k": 0.8267155647354967,
  "summary_wm_mad": 38.99580517218514,
  "summary_wm_mean": 999.2440362084592,
  "summary_wm_median": 1000.0000100210309,
  "summary_wm_n": 242511.0,
  "summary_wm_p05": 927.771508321166,
  "summary_wm_p95": 1067.1427210606635,
  "summary_wm_stdv": 42.64925501709184,
  "tpm_overlap_csf": 0.1727135330438614,
  "tpm_overlap_gm": 0.4547889530658722,
  "tpm_overlap_wm": 0.5195145606994629,
  "wm2max": 0.4035742422357673
}