{
  "bids_meta": {
    "AcquisitionMatrixPE": 256,
    "AcquisitionNumber": 1,
    "AcquisitionTime": "10:37:20.220000",
    "BaseResolution": 256,
    "BodyPartExamined": "HEAD",
    "ConsistencyInfo": "N4_VE11C_LATEST_20160120",
    "ConversionSoftware": "dcm2niix",
    "ConversionSoftwareVersion": "v1.0.20181125  GCC5.3.1",
    "DeviceSerialNumber": "167013",
    "DwellTime": 9.8e-06,
    "EchoTime": 0.00229,
    "FlipAngle": 8,
    "ImageOrientationPatientDICOM": [
      0.00295708,
      0.983764,
      0.179445,
      0.0230958,
      0.179331,
      -0.983518
    ],
    "ImageType": [
      "ORIGINAL",
      "PRIMARY",
      "M",
      "ND",
      "NORM"
    ],
    "ImagingFrequency": 123.249,
    "InPlanePhaseEncodingDirectionDICOM": "ROW",
    "InstitutionAddress": "Whiteknights_Campus_StreetNo_Reading_District_GB_RG6_7BE",
    "InstitutionName": "UoR",
    "InstitutionalDepartmentName": "Department",
    "InversionTime": 0.9,
    "MRAcquisitionType": "3D",
    "MagneticFieldStrength": 3,
    "Manufacturer": "Siemens",
    "ManufacturersModelName": "Prisma_fit",
    "Modality": "MR",
    "PartialFourier": 1,
    "PatientPosition": "HFS",
    "PercentPhaseFOV": 100,
    "PhaseEncodingSteps": 255,
    "PhaseResolution": 1,
    "PixelBandwidth": 200,
    "ProcedureStepDescription": "head_Kou_Murayama",
    "ProtocolName": "t1_mprage_sag_p2_iso_192",
    "PulseSequenceDetails": "%SiemensSeq%_tfl",
    "ReceiveCoilActiveElements": "HEA;HEP",
    "ReceiveCoilName": "Head_32",
    "ReconMatrixPE": 256,
    "RepetitionTime": 2.3,
    "SAR": 0.0511624,
    "ScanOptions": "IR",
    "ScanningSequence": "GR_IR",
    "SequenceName": "_tfl3d1_16ns",
    "SequenceVariant": "SK_SP_MP",
    "SeriesDescription": "t1_mprage_sag_p2_iso_192",
    "SeriesNumber": 13,
    "ShimSetting": [
      3382,
      -11946,
      11206,
      -4,
      -40,
      -152,
      -34,
      21
    ],
    "SliceThickness": 0.94,
    "SoftwareVersions": "syngo_MR_E11",
    "StationName": "AWP167013",
    "TxRefAmp": 242.526,
    "dataset": "<unset>",
    "modality": "T1w",
    "rec_id": "NORM",
    "subject_id": "experimental038"
  },
  "cjv": 0.35434861004403356,
  "cnr": 3.7272876192802302,
  "efc": 0.5577408878627942,
  "fber": 2788.708012760368,
  "fwhm_avg": 3.927384184457473,
  "fwhm_x": 3.9441472140108145,
  "fwhm_y": 3.9664109188442818,
  "fwhm_z": 3.8715944205173227,
  "icvs_csf": 0.20467101480137345,
  "icvs_gm": 0.4190747479148765,
  "icvs_wm": 0.37625423728375007,
  "inu_med": 1.1901397705078125,
  "inu_range": 0.2795992016792297,
  "provenance": {
    "md5sum": "958551a2d1ebf5c4c60838eadebc38b0",
    "settings": {
      "testing": false
    },
    "software": "mriqc",
    "version": "0.16.1",
    "warnings": {
      "large_rot_frame": true,
      "small_air_mask": false
    },
    "webapi_port": null,
    "webapi_url": "https://mriqc.nimh.nih.gov/api/v1"
  },
  "qi_1": 0.0,
  "qi_2": 0.005782244034534056,
  "rpve_csf": 26.898307203545087,
  "rpve_gm": 14.069299956899485,
  "rpve_wm": 19.26914620711969,
  "size_x": 192,
  "size_y": 256,
  "size_z": 256,
  "snr_csf": 2.9707579344252864,
  "snr_gm": 11.388279673373331,
  "snr_total": 12.455911203626066,
  "snr_wm": 23.008696003079578,
  "snrd_csf": 34.541498548477556,
  "snrd_gm": 69.20839626188173,
  "snrd_total": 66.93031143238149,
  "snrd_wm": 97.04103948678517,
  "spacing_x": 0.9400054812431335,
  "spacing_y": 0.9374999403953552,
  "spacing_z": 0.9375000596046448,
  "summary_bg_k": 957.645180961171,
  "summary_bg_mad": 6.751126757472889,
  "summary_bg_mean": 7.493457266527762,
  "summary_bg_median": 4.553565800189972,
  "summary_bg_n": 2461644.0,
  "summary_bg_p05": 0.0,
  "summary_bg_p95": 22.76782900094986,
  "summary_bg_stdv": 10.516786698272853,
  "summary_csf_k": -0.5935465651204757,
  "summary_csf_mad": 140.3595745455681,
  "summary_csf_mean": 361.7419429122893,
  "summary_csf_median": 355.94731582701206,
  "summary_csf_n": 11716.0,
  "summary_csf_p05": 183.0348847657442,
  "summary_csf_p95": 558.7502142861485,
  "summary_csf_stdv": 119.81189067210147,
  "summary_gm_k": 0.09705435089948233,
  "summary_gm_mad": 61.76368668661008,
  "summary_gm_mean": 712.848122514445,
  "summary_gm_median": 713.1868597865105,
  "summary_gm_n": 28737.0,
  "summary_gm_p05": 608.9225098967553,
  "summary_gm_p95": 814.2267928123474,
  "summary_gm_stdv": 62.623545546156066,
  "summary_wm_k": 0.707741991193866,
  "summary_wm_mad": 39.86814044615747,
  "summary_wm_mean": 1000.3832135138078,
  "summary_wm_median": 999.9999705255032,
  "summary_wm_n": 230233.0,
  "summary_wm_p05": 929.6658393144608,
  "summary_wm_p95": 1071.872468560934,
  "summary_wm_stdv": 43.461732845545065,
  "tpm_overlap_csf": 0.16825541853904724,
  "tpm_overlap_gm": 0.430711567401886,
  "tpm_overlap_wm": 0.4960537254810333,
  "wm2max": 0.38210674817775686
}