{
  "bids_meta": {
    "AcquisitionMatrixPE": 256,
    "AcquisitionNumber": 1,
    "AcquisitionTime": "12:50:50.517500",
    "BaseResolution": 256,
    "BodyPartExamined": "HEAD",
    "ConsistencyInfo": "N4_VE11C_LATEST_20160120",
    "ConversionSoftware": "dcm2niix",
    "ConversionSoftwareVersion": "v1.0.20181125  GCC5.3.1",
    "DeviceSerialNumber": "167013",
    "DwellTime": 9.8e-06,
    "EchoTime": 0.00229,
    "FlipAngle": 8,
    "ImageOrientationPatientDICOM": [
      0.00297213,
      0.999213,
      0.0395632,
      0.0480179,
      0.0393751,
      -0.99807
    ],
    "ImageType": [
      "ORIGINAL",
      "PRIMARY",
      "M",
      "ND",
      "NORM"
    ],
    "ImagingFrequency": 123.249,
    "InPlanePhaseEncodingDirectionDICOM": "ROW",
    "InstitutionAddress": "Whiteknights_Campus_StreetNo_Reading_District_GB_RG6_7BE",
    "InstitutionName": "UoR",
    "InstitutionalDepartmentName": "Department",
    "InversionTime": 0.9,
    "MRAcquisitionType": "3D",
    "MagneticFieldStrength": 3,
    "Manufacturer": "Siemens",
    "ManufacturersModelName": "Prisma_fit",
    "Modality": "MR",
    "PartialFourier": 1,
    "PatientPosition": "HFS",
    "PercentPhaseFOV": 100,
    "PhaseEncodingSteps": 255,
    "PhaseResolution": 1,
    "PixelBandwidth": 200,
    "ProcedureStepDescription": "head_Kou_Murayama",
    "ProtocolName": "t1_mprage_sag_p2_iso_192",
    "PulseSequenceDetails": "%SiemensSeq%_tfl",
    "ReceiveCoilActiveElements": "HEA;HEP",
    "ReceiveCoilName": "Head_32",
    "ReconMatrixPE": 256,
    "RepetitionTime": 2.3,
    "SAR": 0.0559847,
    "ScanOptions": "IR",
    "ScanningSequence": "GR_IR",
    "SequenceName": "_tfl3d1_16ns",
    "SequenceVariant": "SK_SP_MP",
    "SeriesDescription": "t1_mprage_sag_p2_iso_192",
    "SeriesNumber": 13,
    "ShimSetting": [
      3382,
      -11946,
      11206,
      -4,
      -40,
      -152,
      -34,
      21
    ],
    "SliceThickness": 0.94,
    "SoftwareVersions": "syngo_MR_E11",
    "StationName": "AWP167013",
    "TxRefAmp": 220.456,
    "dataset": "<unset>",
    "modality": "T1w",
    "rec_id": "NORM",
    "subject_id": "experimental040"
  },
  "cjv": 0.34455705028380973,
  "cnr": 3.7823671418610454,
  "efc": 0.5270124114515129,
  "fber": 5866.890292334797,
  "fwhm_avg": 3.8618696963235233,
  "fwhm_x": 3.876873333576402,
  "fwhm_y": 3.8473170887275003,
  "fwhm_z": 3.8614186666666668,
  "icvs_csf": 0.20583661190569916,
  "icvs_gm": 0.4201731188454104,
  "icvs_wm": 0.37399026924889045,
  "inu_med": 1.2704461812973022,
  "inu_range": 0.32828888893127406,
  "provenance": {
    "md5sum": "a794a2e4be6d3dfe3f9b8fd2bd7debba",
    "settings": {
      "testing": false
    },
    "software": "mriqc",
    "version": "0.16.1",
    "warnings": {
      "large_rot_frame": true,
      "small_air_mask": false
    },
    "webapi_port": null,
    "webapi_url": "https://mriqc.nimh.nih.gov/api/v1"
  },
  "qi_1": 0.0007604995191707839,
  "qi_2": 0.014648690130958127,
  "rpve_csf": 25.837198662678162,
  "rpve_gm": 13.589534574220465,
  "rpve_wm": 18.69956285917607,
  "size_x": 192,
  "size_y": 256,
  "size_z": 256,
  "snr_csf": 2.8343441247335166,
  "snr_gm": 11.169208696638805,
  "snr_total": 11.966086486568889,
  "snr_wm": 21.894706638334345,
  "snrd_csf": 32.0437847262984,
  "snrd_gm": 69.38045100308403,
  "snrd_total": 66.70649371825073,
  "snrd_wm": 98.69524542536975,
  "spacing_x": 0.9399997591972351,
  "spacing_y": 0.9375000596046448,
  "spacing_z": 0.9375,
  "summary_bg_k": 258.1987616887673,
  "summary_bg_mad": 6.63797328032558,
  "summary_bg_mean": 8.119457211865118,
  "summary_bg_median": 4.526445433497429,
  "summary_bg_n": 3284568.0,
  "summary_bg_p05": 0.0,
  "summary_bg_p95": 22.58302667364478,
  "summary_bg_stdv": 10.933477733066022,
  "summary_csf_k": -0.17127643867275255,
  "summary_csf_mad": 131.44645990271093,
  "summary_csf_mean": 341.1766234395002,
  "summary_csf_median": 324.6740588657558,
  "summary_csf_n": 14604.0,
  "summary_csf_p05": 181.5080018585548,
  "summary_csf_p95": 533.8671786094084,
  "summary_csf_stdv": 114.54605667433772,
  "summary_gm_k": 0.01174876324443419,
  "summary_gm_mad": 61.711268078631214,
  "summary_gm_mean": 703.018081808792,
  "summary_gm_median": 702.9766560196877,
  "summary_gm_n": 27123.0,
  "summary_gm_p05": 598.2829251725227,
  "summary_gm_p95": 807.3801039531827,
  "summary_gm_stdv": 62.93764544494868,
  "summary_wm_k": 1.1605957979395747,
  "summary_wm_mad": 40.63023205649833,
  "summary_wm_mean": 997.0987837364228,
  "summary_wm_median": 1000.0000373460352,
  "summary_wm_n": 244390.0,
  "summary_wm_p05": 916.6544007770717,
  "summary_wm_p95": 1065.9286990948021,
  "summary_wm_stdv": 45.67304819160236,
  "tpm_overlap_csf": 0.17572860419750214,
  "tpm_overlap_gm": 0.4400078356266022,
  "tpm_overlap_wm": 0.5156482458114624,
  "wm2max": 0.4193700949754041
}