{
  "aor": 0.002265509641873278,
  "aqi": 0.006295705289256198,
  "bids_meta": {
    "AcquisitionMatrixPE": 64,
    "AcquisitionNumber": 1,
    "AcquisitionTime": "10:54:45.145000",
    "BandwidthPerPixelPhaseEncode": 58.962,
    "BaseResolution": 64,
    "BodyPartExamined": "HEAD",
    "ConsistencyInfo": "N4_VE11C_LATEST_20160120",
    "ConversionSoftware": "dcm2niix",
    "ConversionSoftwareVersion": "v1.0.20181125  GCC5.3.1",
    "DerivedVendorReportedEchoSpacing": 0.000530002,
    "DeviceSerialNumber": "167013",
    "DwellTime": 3.5e-06,
    "EchoTime": 0.03,
    "EchoTrainLength": 31,
    "EffectiveEchoSpacing": 0.000265001,
    "FlipAngle": 90,
    "ImageOrientationPatientDICOM": [
      0.999503,
      0.028511,
      -0.0134359,
      -0.0256492,
      0.98352,
      0.178973
    ],
    "ImageType": [
      "ORIGINAL",
      "PRIMARY",
      "M",
      "ND",
      "MOSAIC"
    ],
    "ImagingFrequency": 123.249,
    "InPlanePhaseEncodingDirectionDICOM": "COL",
    "InstitutionAddress": "Whiteknights_Campus_StreetNo_Reading_District_GB_RG6_7BE",
    "InstitutionName": "UoR",
    "InstitutionalDepartmentName": "Department",
    "MRAcquisitionType": "2D",
    "MagneticFieldStrength": 3,
    "Manufacturer": "Siemens",
    "ManufacturersModelName": "Prisma_fit",
    "Modality": "MR",
    "ParallelReductionFactorInPlane": 2,
    "PartialFourier": 1,
    "PatientPosition": "HFS",
    "PercentPhaseFOV": 100,
    "PhaseEncodingDirection": "j",
    "PhaseEncodingSteps": 63,
    "PhaseResolution": 1,
    "PixelBandwidth": 2230,
    "ProcedureStepDescription": "head_Kou_Murayama",
    "ProtocolName": "ep2d_bold_PtoA_iPAT2_MagicTrick_Run3",
    "PulseSequenceDetails": "%SiemensSeq%_ep2d_bold",
    "ReceiveCoilActiveElements": "HEA;HEP",
    "ReceiveCoilName": "Head_32",
    "ReconMatrixPE": 64,
    "RepetitionTime": 2,
    "SAR": 0.116054,
    "ScanOptions": "FS",
    "ScanningSequence": "EP",
    "SequenceName": "_epfid2d1_64",
    "SequenceVariant": "SK",
    "SeriesDescription": "ep2d_bold_PtoA_iPAT2_MagicTrick_Run3",
    "SeriesNumber": 11,
    "ShimSetting": [
      3362,
      -11963,
      11501,
      458,
      -51,
      -63,
      103,
      -5
    ],
    "SliceThickness": 3,
    "SliceTiming": [
      0,
      1.0175,
      0.055,
      1.07,
      0.1075,
      1.125,
      0.16,
      1.1775,
      0.215,
      1.23,
      0.2675,
      1.285,
      0.3225,
      1.3375,
      0.375,
      1.3925,
      0.4275,
      1.445,
      0.4825,
      1.4975,
      0.535,
      1.5525,
      0.59,
      1.605,
      0.6425,
      1.66,
      0.695,
      1.7125,
      0.75,
      1.765,
      0.8025,
      1.82,
      0.8575,
      1.8725,
      0.91,
      1.9275,
      0.9625
    ],
    "SoftwareVersions": "syngo_MR_E11",
    "SpacingBetweenSlices": 3.75,
    "StationName": "AWP167013",
    "TaskName": "magictrickwatching",
    "TotalReadoutTime": 0.0166951,
    "TxRefAmp": 237.635,
    "dataset": "<unset>",
    "modality": "bold",
    "run_id": 3,
    "subject_id": "experimental014",
    "task_id": "magictrickwatching"
  },
  "dummy_trs": 1,
  "dvars_nstd": 20.100180088425414,
  "dvars_std": 0.9479170735911597,
  "dvars_vstd": 0.8930160984254137,
  "efc": 0.5461737864538571,
  "fber": 156507.71875,
  "fd_mean": 0.08651150749626457,
  "fd_num": 2,
  "fd_perc": 0.5509641873278237,
  "fwhm_avg": 2.9065977333382427,
  "fwhm_x": 2.84707644040136,
  "fwhm_y": 3.164156415202108,
  "fwhm_z": 2.708560344411258,
  "gcor": 0.0294009,
  "gsr_x": -0.022828415036201477,
  "gsr_y": 0.11464305967092514,
  "provenance": {
    "md5sum": "a1429b30bbf2fc4996e5a73f4bf88e35",
    "settings": {
      "fd_thres": 0.5,
      "testing": false
    },
    "software": "mriqc",
    "version": "0.16.1",
    "webapi_port": null,
    "webapi_url": "https://mriqc.nimh.nih.gov/api/v1"
  },
  "size_t": 363,
  "size_x": 64,
  "size_y": 64,
  "size_z": 37,
  "snr": 2.0887521905565407,
  "spacing_tr": 2.0,
  "spacing_x": 3.000000238418579,
  "spacing_y": 3.000000238418579,
  "spacing_z": 3.749999523162842,
  "summary_bg_k": 11.963088598672554,
  "summary_bg_mad": 1.4132317604684181,
  "summary_bg_mean": 25.967939376831055,
  "summary_bg_median": 0.9554951190948486,
  "summary_bg_n": 71110.0,
  "summary_bg_p05": 3.733027333510117e-05,
  "summary_bg_p95": 162.7738395690918,
  "summary_bg_stdv": 56.85352325439453,
  "summary_fg_k": 1.1428349772289126,
  "summary_fg_mad": 236.37743683850795,
  "summary_fg_mean": 590.8400268554688,
  "summary_fg_median": 533.1943359375,
  "summary_fg_n": 38428.0,
  "summary_fg_p05": 281.4967330932617,
  "summary_fg_p95": 1078.0473999023438,
  "summary_fg_stdv": 255.2659912109375,
  "tsnr": 39.667030334472656
}