{
  "bids_meta": {
    "AcquisitionMatrixPE": 256,
    "AcquisitionNumber": 1,
    "AcquisitionTime": "16:04:19.670000",
    "BaseResolution": 256,
    "BodyPartExamined": "HEAD",
    "ConsistencyInfo": "N4_VE11C_LATEST_20160120",
    "ConversionSoftware": "dcm2niix",
    "ConversionSoftwareVersion": "v1.0.20181125  GCC5.3.1",
    "DeviceSerialNumber": "167013",
    "DwellTime": 9.8e-06,
    "EchoTime": 0.00229,
    "FlipAngle": 8,
    "ImageOrientationPatientDICOM": [
      -0.0416198,
      0.986236,
      -0.160018,
      0.0763441,
      -0.15655,
      -0.984715
    ],
    "ImageType": [
      "ORIGINAL",
      "PRIMARY",
      "M",
      "ND",
      "NORM"
    ],
    "ImagingFrequency": 123.249,
    "InPlanePhaseEncodingDirectionDICOM": "ROW",
    "InstitutionAddress": "Whiteknights_Campus_StreetNo_Reading_District_GB_RG6_7BE",
    "InstitutionName": "UoR",
    "InstitutionalDepartmentName": "Department",
    "InversionTime": 0.9,
    "MRAcquisitionType": "3D",
    "MagneticFieldStrength": 3,
    "Manufacturer": "Siemens",
    "ManufacturersModelName": "Prisma_fit",
    "Modality": "MR",
    "PartialFourier": 1,
    "PatientPosition": "HFS",
    "PercentPhaseFOV": 100,
    "PhaseEncodingSteps": 255,
    "PhaseResolution": 1,
    "PixelBandwidth": 200,
    "ProcedureStepDescription": "head_Kou_Murayama",
    "ProtocolName": "t1_mprage_sag_p2_iso_192",
    "PulseSequenceDetails": "%SiemensSeq%_tfl",
    "ReceiveCoilActiveElements": "HEA;HEP",
    "ReceiveCoilName": "Head_32",
    "ReconMatrixPE": 256,
    "RepetitionTime": 2.3,
    "SAR": 0.0398648,
    "ScanOptions": "IR",
    "ScanningSequence": "GR_IR",
    "SequenceName": "_tfl3d1_16ns",
    "SequenceVariant": "SK_SP_MP",
    "SeriesDescription": "t1_mprage_sag_p2_iso_192",
    "SeriesNumber": 13,
    "ShimSetting": [
      3382,
      -11946,
      11206,
      -4,
      -40,
      -152,
      -34,
      21
    ],
    "SliceThickness": 0.94,
    "SoftwareVersions": "syngo_MR_E11",
    "StationName": "AWP167013",
    "TxRefAmp": 220.901,
    "dataset": "<unset>",
    "modality": "T1w",
    "rec_id": "NORM",
    "subject_id": "experimental012"
  },
  "cjv": 0.3578180475016539,
  "cnr": 3.7217455488774966,
  "efc": 0.5097037202454114,
  "fber": 5680.591221303948,
  "fwhm_avg": 3.9036217148148977,
  "fwhm_x": 3.821574477778025,
  "fwhm_y": 4.015562666666667,
  "fwhm_z": 3.873728,
  "icvs_csf": 0.19818794006357537,
  "icvs_gm": 0.42864651199035464,
  "icvs_wm": 0.37316554794607,
  "inu_med": 1.275849461555481,
  "inu_range": 0.3088044106960295,
  "provenance": {
    "md5sum": "5c58879654503a47ae54a41f72818663",
    "settings": {
      "testing": false
    },
    "software": "mriqc",
    "version": "0.16.1",
    "warnings": {
      "large_rot_frame": true,
      "small_air_mask": false
    },
    "webapi_port": null,
    "webapi_url": "https://mriqc.nimh.nih.gov/api/v1"
  },
  "qi_1": 0.0,
  "qi_2": 0.011437260291375071,
  "rpve_csf": 27.692675222813236,
  "rpve_gm": 14.080224642614024,
  "rpve_wm": 19.59340151537699,
  "size_x": 192,
  "size_y": 256,
  "size_z": 256,
  "snr_csf": 2.6963813750826415,
  "snr_gm": 11.996704091529795,
  "snr_total": 12.293483611408284,
  "snr_wm": 22.18736536761242,
  "snrd_csf": 37.19359621831643,
  "snrd_gm": 68.42177501940941,
  "snrd_total": 66.93625854724928,
  "snrd_wm": 95.193404404022,
  "spacing_x": 0.9399999976158142,
  "spacing_y": 0.9375,
  "spacing_z": 0.9375,
  "summary_bg_k": 21.41134267241623,
  "summary_bg_mad": 6.882161286718574,
  "summary_bg_mean": 8.071689191333153,
  "summary_bg_median": 4.6419472470879555,
  "summary_bg_n": 3193876.0,
  "summary_bg_p05": 0.0,
  "summary_bg_p95": 23.54939091205597,
  "summary_bg_stdv": 9.444292558382292,
  "summary_csf_k": 15.372285648223432,
  "summary_csf_mad": 155.77184570914235,
  "summary_csf_mean": 382.96961509415956,
  "summary_csf_median": 390.7160963341594,
  "summary_csf_n": 14728.0,
  "summary_csf_p05": 183.07387069612741,
  "summary_csf_p95": 568.8451610298828,
  "summary_csf_stdv": 144.89895061650898,
  "summary_gm_k": -0.012444301716874051,
  "summary_gm_mad": 59.589445287441315,
  "summary_gm_mean": 718.3363628427679,
  "summary_gm_median": 718.7659048326313,
  "summary_gm_n": 32552.0,
  "summary_gm_p05": 618.9951740322635,
  "summary_gm_p95": 816.8694972619414,
  "summary_gm_stdv": 59.91269426931619,
  "summary_wm_k": 0.7806681714961416,
  "summary_wm_mad": 41.04118133177296,
  "summary_wm_mean": 998.3010431985033,
  "summary_wm_median": 999.9999770708382,
  "summary_wm_n": 228240.0,
  "summary_wm_p05": 920.6906100809574,
  "summary_wm_p95": 1068.8366581983864,
  "summary_wm_stdv": 45.07059625257425,
  "tpm_overlap_csf": 0.16031424701213837,
  "tpm_overlap_gm": 0.446113646030426,
  "tpm_overlap_wm": 0.49671176075935364,
  "wm2max": 0.3844563419517716
}