{
  "bids_meta": {
    "AcquisitionMatrixPE": 256,
    "AcquisitionNumber": 1,
    "AcquisitionTime": "12:39:10.630000",
    "BaseResolution": 256,
    "BodyPartExamined": "HEAD",
    "ConsistencyInfo": "N4_VE11C_LATEST_20160120",
    "ConversionSoftware": "dcm2niix",
    "ConversionSoftwareVersion": "v1.0.20181125  GCC5.3.1",
    "DeviceSerialNumber": "167013",
    "DwellTime": 9.8e-06,
    "EchoTime": 0.00229,
    "FlipAngle": 8,
    "ImageOrientationPatientDICOM": [
      0,
      1,
      0,
      0,
      0,
      -1
    ],
    "ImageType": [
      "ORIGINAL",
      "PRIMARY",
      "M",
      "ND",
      "NORM"
    ],
    "ImagingFrequency": 123.249,
    "InPlanePhaseEncodingDirectionDICOM": "ROW",
    "InstitutionAddress": "Whiteknights_Campus_StreetNo_Reading_District_GB_RG6_7BE",
    "InstitutionName": "UoR",
    "InstitutionalDepartmentName": "Department",
    "InversionTime": 0.9,
    "MRAcquisitionType": "3D",
    "MagneticFieldStrength": 3,
    "Manufacturer": "Siemens",
    "ManufacturersModelName": "Prisma_fit",
    "Modality": "MR",
    "PartialFourier": 1,
    "PatientPosition": "HFS",
    "PercentPhaseFOV": 100,
    "PhaseEncodingSteps": 255,
    "PhaseResolution": 1,
    "PixelBandwidth": 200,
    "ProcedureStepDescription": "head_Kou_Murayama",
    "ProtocolName": "t1_mprage_sag_p2_iso_192",
    "PulseSequenceDetails": "%SiemensSeq%_tfl",
    "ReceiveCoilActiveElements": "HEA;HEP",
    "ReceiveCoilName": "Head_32",
    "ReconMatrixPE": 256,
    "RepetitionTime": 2.3,
    "SAR": 0.0567636,
    "ScanOptions": "IR",
    "ScanningSequence": "GR_IR",
    "SequenceName": "_tfl3d1_16ns",
    "SequenceVariant": "SK_SP_MP",
    "SeriesDescription": "t1_mprage_sag_p2_iso_192",
    "SeriesNumber": 13,
    "ShimSetting": [
      3382,
      -11946,
      11206,
      -4,
      -40,
      -152,
      -34,
      21
    ],
    "SliceThickness": 0.94,
    "SoftwareVersions": "syngo_MR_E11",
    "StationName": "AWP167013",
    "TxRefAmp": 243.036,
    "dataset": "<unset>",
    "modality": "T1w",
    "rec_id": "NORM",
    "subject_id": "control017"
  },
  "cjv": 0.3483584791112563,
  "cnr": 3.8456337045721876,
  "efc": 0.5529222548130851,
  "fber": 2802.0534802472453,
  "fwhm_avg": 3.9566916722788665,
  "fwhm_x": 3.8418723501699334,
  "fwhm_y": 3.9819413333333333,
  "fwhm_z": 4.046261333333333,
  "icvs_csf": 0.19203272612118466,
  "icvs_gm": 0.42721150780986505,
  "icvs_wm": 0.3807557660689503,
  "inu_med": 1.2574849128723145,
  "inu_range": 0.3815974235534667,
  "provenance": {
    "md5sum": "05cb50bf50fc82c7fc3ec2fb0f63662c",
    "settings": {
      "testing": false
    },
    "software": "mriqc",
    "version": "0.16.1",
    "warnings": {
      "large_rot_frame": true,
      "small_air_mask": false
    },
    "webapi_port": null,
    "webapi_url": "https://mriqc.nimh.nih.gov/api/v1"
  },
  "qi_1": 0.0,
  "qi_2": 0.005103116821524397,
  "rpve_csf": 23.730979383111013,
  "rpve_gm": 11.801030783355309,
  "rpve_wm": 15.925465276246017,
  "size_x": 192,
  "size_y": 256,
  "size_z": 256,
  "snr_csf": 2.8285546251975284,
  "snr_gm": 11.888888003238232,
  "snr_total": 12.248009208473784,
  "snr_wm": 22.026584996985594,
  "snrd_csf": 31.962853815740488,
  "snrd_gm": 69.04281923400096,
  "snrd_total": 66.08602340397341,
  "snrd_wm": 97.25239716217882,
  "spacing_x": 0.9399999976158142,
  "spacing_y": 0.9375,
  "spacing_z": 0.9375,
  "summary_bg_k": 658.4522828064977,
  "summary_bg_mad": 6.7364547506840715,
  "summary_bg_mean": 6.850478567575982,
  "summary_bg_median": 4.543669681996107,
  "summary_bg_n": 2111250.0,
  "summary_bg_p05": 0.0,
  "summary_bg_p95": 18.567341540008783,
  "summary_bg_stdv": 7.903252774682236,
  "summary_csf_k": 1.053197423451624,
  "summary_csf_mad": 125.41449091397011,
  "summary_csf_mean": 345.6278358580084,
  "summary_csf_median": 328.6587736643851,
  "summary_csf_n": 15989.0,
  "summary_csf_p05": 187.9732975848019,
  "summary_csf_p95": 545.4423027142882,
  "summary_csf_stdv": 116.18955240370066,
  "summary_gm_k": -0.026843025341307225,
  "summary_gm_mad": 60.12909610795782,
  "summary_gm_mean": 709.8494160513227,
  "summary_gm_median": 709.9343641400337,
  "summary_gm_n": 40537.0,
  "summary_gm_p05": 611.028211259842,
  "summary_gm_p95": 806.9781733974814,
  "summary_gm_stdv": 59.71337330040965,
  "summary_wm_k": 0.9421053561319375,
  "summary_wm_mad": 40.91772515230325,
  "summary_wm_mean": 997.1336708465889,
  "summary_wm_median": 999.9999928511679,
  "summary_wm_n": 275411.0,
  "summary_wm_p05": 916.8676660768688,
  "summary_wm_p95": 1065.9112505838275,
  "summary_wm_stdv": 45.39960132348559,
  "tpm_overlap_csf": 0.1758602112531662,
  "tpm_overlap_gm": 0.46115922927856445,
  "tpm_overlap_wm": 0.5166242122650146,
  "wm2max": 0.3823239255383032
}