{
  "bids_meta": {
    "AcquisitionMatrixPE": 256,
    "AcquisitionNumber": 1,
    "AcquisitionTime": "15:57:27.305000",
    "BaseResolution": 256,
    "BodyPartExamined": "HEAD",
    "ConsistencyInfo": "N4_VE11C_LATEST_20160120",
    "ConversionSoftware": "dcm2niix",
    "ConversionSoftwareVersion": "v1.0.20180622 GCC5.3.1",
    "DeviceSerialNumber": "167013",
    "DwellTime": 9.8e-06,
    "EchoTime": 0.00229,
    "FlipAngle": 8,
    "ImageOrientationPatientDICOM": [
      -0.114855,
      0.984241,
      0.134451,
      -0.043844,
      0.130193,
      -0.990519
    ],
    "ImageType": [
      "ORIGINAL",
      "PRIMARY",
      "M",
      "ND",
      "NORM"
    ],
    "InPlanePhaseEncodingDirectionDICOM": "ROW",
    "InstitutionAddress": "Whiteknights_Campus_StreetNo_Reading_District_GB_RG6_7BE",
    "InstitutionName": "UOR",
    "InstitutionalDepartmentName": "Department",
    "InversionTime": 0.9,
    "MRAcquisitionType": "3D",
    "MagneticFieldStrength": 3,
    "Manufacturer": "Siemens",
    "ManufacturersModelName": "Prisma_fit",
    "Modality": "MR",
    "ParallelReductionFactorInPlane": 2,
    "PartialFourier": 1,
    "PatientPosition": "HFS",
    "PercentPhaseFOV": 100,
    "PhaseEncodingSteps": 255,
    "PhaseResolution": 1,
    "PixelBandwidth": 200,
    "ProcedureStepDescription": "head_Kou_Murayama",
    "ProtocolName": "t1_mprage_sag_p2_iso_192",
    "PulseSequenceDetails": "%SiemensSeq%_tfl",
    "ReceiveCoilActiveElements": "HEA;HEP",
    "ReceiveCoilName": "Head_32",
    "ReconMatrixPE": 256,
    "RepetitionTime": 2.3,
    "SAR": 0.0564603,
    "ScanOptions": "IR",
    "ScanningSequence": "GR_IR",
    "SequenceName": "_tfl3d1_16ns",
    "SequenceVariant": "SK_SP_MP",
    "SeriesDescription": "t1_mprage_sag_p2_iso_192",
    "SeriesNumber": 13,
    "ShimSetting": [
      3382,
      -11946,
      11206,
      -4,
      -40,
      -152,
      -34,
      21
    ],
    "SliceThickness": 0.94,
    "SoftwareVersions": "syngo_MR_E11",
    "StationName": "AWP167013",
    "TxRefAmp": 229.234,
    "dataset": "<unset>",
    "modality": "T1w",
    "rec_id": "NORM",
    "subject_id": "experimental005"
  },
  "cjv": 0.34168802776329443,
  "cnr": 3.893728327663503,
  "efc": 0.5425635054234546,
  "fber": 6047.291208568299,
  "fwhm_avg": 3.874288505944343,
  "fwhm_x": 3.852699938761969,
  "fwhm_y": 3.865120245737727,
  "fwhm_z": 3.9050453333333333,
  "icvs_csf": 0.18879580499966203,
  "icvs_gm": 0.4406773971925498,
  "icvs_wm": 0.3705267978077882,
  "inu_med": 1.296186923980713,
  "inu_range": 0.378753352165222,
  "provenance": {
    "md5sum": "1c2070324cddbe59ead6d27c6f4025f5",
    "settings": {
      "testing": false
    },
    "software": "mriqc",
    "version": "0.16.1",
    "warnings": {
      "large_rot_frame": true,
      "small_air_mask": false
    },
    "webapi_port": null,
    "webapi_url": "https://mriqc.nimh.nih.gov/api/v1"
  },
  "qi_1": 0.0,
  "qi_2": 0.008509192124502919,
  "rpve_csf": 25.606129838779204,
  "rpve_gm": 12.200478182787194,
  "rpve_wm": 17.237233035563982,
  "size_x": 192,
  "size_y": 256,
  "size_z": 256,
  "snr_csf": 3.1233023719477737,
  "snr_gm": 12.000085429980428,
  "snr_total": 11.7440089186819,
  "snr_wm": 20.1086389541175,
  "snrd_csf": 36.79104479251522,
  "snrd_gm": 71.17181992150581,
  "snrd_total": 69.87103946817507,
  "snrd_wm": 101.65025369050416,
  "spacing_x": 0.9400005340576172,
  "spacing_y": 0.9374999403953552,
  "spacing_z": 0.9375,
  "summary_bg_k": 7.018627274711612,
  "summary_bg_mad": 6.445004679209659,
  "summary_bg_mean": 6.854927861795428,
  "summary_bg_median": 4.347089596092701,
  "summary_bg_n": 2595600.0,
  "summary_bg_p05": 0.0,
  "summary_bg_p95": 21.56608085334301,
  "summary_bg_stdv": 7.2432984479625695,
  "summary_csf_k": -0.8082213729346788,
  "summary_csf_mad": 144.76150120380657,
  "summary_csf_mean": 359.3493421008837,
  "summary_csf_median": 361.9375506564975,
  "summary_csf_n": 14504.0,
  "summary_csf_p05": 184.7230799794197,
  "summary_csf_p95": 534.8049317374825,
  "summary_csf_stdv": 115.87897365585545,
  "summary_gm_k": 0.05002935981515533,
  "summary_gm_mad": 58.2561461912977,
  "summary_gm_mean": 699.2115437328572,
  "summary_gm_median": 700.1637035161257,
  "summary_gm_n": 44340.0,
  "summary_gm_p05": 601.7614026591182,
  "summary_gm_p95": 793.4285348504782,
  "summary_gm_stdv": 58.34590196554176,
  "summary_wm_k": 0.9383331005567541,
  "summary_wm_mad": 44.19431780029481,
  "summary_wm_mean": 997.434774961897,
  "summary_wm_median": 999.9999742284417,
  "summary_wm_n": 235468.0,
  "summary_wm_p05": 909.8402068912983,
  "summary_wm_p95": 1073.6182188168168,
  "summary_wm_stdv": 49.729763067365376,
  "tpm_overlap_csf": 0.16892533004283905,
  "tpm_overlap_gm": 0.4398135244846344,
  "tpm_overlap_wm": 0.48764726519584656,
  "wm2max": 0.40538746738682657
}