{
  "aor": 0.013690430107526878,
  "aqi": 0.008709847741935483,
  "bids_meta": {
    "AcquisitionMatrixPE": 64,
    "AcquisitionNumber": 1,
    "AcquisitionTime": "16:37:52.072500",
    "BandwidthPerPixelPhaseEncode": 58.962,
    "BaseResolution": 64,
    "BodyPartExamined": "HEAD",
    "ConsistencyInfo": "N4_VE11C_LATEST_20160120",
    "ConversionSoftware": "dcm2niix",
    "ConversionSoftwareVersion": "v1.0.20181125  GCC5.3.1",
    "DerivedVendorReportedEchoSpacing": 0.000530002,
    "DeviceSerialNumber": "167013",
    "DwellTime": 3.5e-06,
    "EchoTime": 0.03,
    "EchoTrainLength": 31,
    "EffectiveEchoSpacing": 0.000265001,
    "FlipAngle": 90,
    "ImageOrientationPatientDICOM": [
      0.99363,
      0.112427,
      0.00776271,
      -0.112507,
      0.993592,
      0.0108326
    ],
    "ImageType": [
      "ORIGINAL",
      "PRIMARY",
      "M",
      "ND",
      "MOSAIC"
    ],
    "ImagingFrequency": 123.249,
    "InPlanePhaseEncodingDirectionDICOM": "COL",
    "InstitutionAddress": "Whiteknights_Campus_StreetNo_Reading_District_GB_RG6_7BE",
    "InstitutionName": "UoR",
    "InstitutionalDepartmentName": "Department",
    "MRAcquisitionType": "2D",
    "MagneticFieldStrength": 3,
    "Manufacturer": "Siemens",
    "ManufacturersModelName": "Prisma_fit",
    "Modality": "MR",
    "ParallelReductionFactorInPlane": 2,
    "PartialFourier": 1,
    "PatientPosition": "HFS",
    "PercentPhaseFOV": 100,
    "PhaseEncodingDirection": "j",
    "PhaseEncodingSteps": 63,
    "PhaseResolution": 1,
    "PixelBandwidth": 2230,
    "ProcedureStepDescription": "head_Kou_Murayama",
    "ProtocolName": "ep2d_bold_PtoA_iPAT2_MagicTrick_Run3",
    "PulseSequenceDetails": "%SiemensSeq%_ep2d_bold",
    "ReceiveCoilActiveElements": "HEA;HEP",
    "ReceiveCoilName": "Head_32",
    "ReconMatrixPE": 64,
    "RepetitionTime": 2,
    "SAR": 0.1059,
    "ScanOptions": "FS",
    "ScanningSequence": "EP",
    "SequenceName": "_epfid2d1_64",
    "SequenceVariant": "SK",
    "SeriesDescription": "ep2d_bold_PtoA_iPAT2_MagicTrick_Run3",
    "SeriesNumber": 11,
    "ShimSetting": [
      3350,
      -11928,
      11185,
      381,
      -207,
      -306,
      -576,
      184
    ],
    "SliceThickness": 3,
    "SliceTiming": [
      0,
      1.0175,
      0.055,
      1.0725,
      0.1075,
      1.125,
      0.1625,
      1.1775,
      0.215,
      1.2325,
      0.27,
      1.285,
      0.3225,
      1.34,
      0.375,
      1.3925,
      0.43,
      1.445,
      0.4825,
      1.5,
      0.5375,
      1.5525,
      0.59,
      1.6075,
      0.6425,
      1.66,
      0.6975,
      1.7125,
      0.75,
      1.7675,
      0.805,
      1.82,
      0.8575,
      1.875,
      0.91,
      1.9275,
      0.965
    ],
    "SoftwareVersions": "syngo_MR_E11",
    "SpacingBetweenSlices": 3.75,
    "StationName": "AWP167013",
    "TaskName": "magictrickwatching",
    "TotalReadoutTime": 0.0166951,
    "TxRefAmp": 221.517,
    "dataset": "<unset>",
    "modality": "bold",
    "run_id": 3,
    "subject_id": "control035",
    "task_id": "magictrickwatching"
  },
  "dummy_trs": 0,
  "dvars_nstd": 28.928983693504055,
  "dvars_std": 1.1825892750943396,
  "dvars_vstd": 1.13008703657682,
  "efc": 0.44762754246880243,
  "fber": 1341204.0,
  "fd_mean": 0.21663840415241195,
  "fd_num": 17,
  "fd_perc": 4.56989247311828,
  "fwhm_avg": 2.771048862816085,
  "fwhm_x": 2.6792168795916935,
  "fwhm_y": 2.9180628695197313,
  "fwhm_z": 2.71586683933683,
  "gcor": 0.0204648,
  "gsr_x": 0.027194911614060402,
  "gsr_y": 0.01199311763048172,
  "provenance": {
    "md5sum": "1b50cf343477d079a2641d6caf56ea7c",
    "settings": {
      "fd_thres": 0.5,
      "testing": false
    },
    "software": "mriqc",
    "version": "0.16.1",
    "webapi_port": null,
    "webapi_url": "https://mriqc.nimh.nih.gov/api/v1"
  },
  "size_t": 372,
  "size_x": 64,
  "size_y": 64,
  "size_z": 37,
  "snr": 2.46211012266799,
  "spacing_tr": 2.0,
  "spacing_x": 2.999999761581421,
  "spacing_y": 3.000000476837158,
  "spacing_z": 3.749999761581421,
  "summary_bg_k": 53.73674332073291,
  "summary_bg_mad": 0.5392784370210773,
  "summary_bg_mean": 13.077448844909668,
  "summary_bg_median": 0.3704780638217926,
  "summary_bg_n": 91459.0,
  "summary_bg_p05": 0.0019510241807438435,
  "summary_bg_p95": 76.28418960571261,
  "summary_bg_stdv": 41.11199951171875,
  "summary_fg_k": 0.7185774605268089,
  "summary_fg_mad": 174.35801154309937,
  "summary_fg_mean": 490.363525390625,
  "summary_fg_median": 452.4630432128906,
  "summary_fg_n": 26517.0,
  "summary_fg_p05": 261.3833068847656,
  "summary_fg_p95": 847.6486816406245,
  "summary_fg_stdv": 183.7669677734375,
  "tsnr": 36.093685150146484
}