{
  "aor": 0.0058570234986945165,
  "aqi": 0.0030080956919060053,
  "bids_meta": {
    "AcquisitionMatrixPE": 64,
    "AcquisitionNumber": 1,
    "AcquisitionTime": "13:34:59.942500",
    "BandwidthPerPixelPhaseEncode": 58.962,
    "BaseResolution": 64,
    "BodyPartExamined": "HEAD",
    "ConsistencyInfo": "N4_VE11C_LATEST_20160120",
    "ConversionSoftware": "dcm2niix",
    "ConversionSoftwareVersion": "v1.0.20181125  GCC5.3.1",
    "DerivedVendorReportedEchoSpacing": 0.000530002,
    "DeviceSerialNumber": "167013",
    "DwellTime": 3.5e-06,
    "EchoTime": 0.03,
    "EchoTrainLength": 31,
    "EffectiveEchoSpacing": 0.000265001,
    "FlipAngle": 90,
    "ImageOrientationPatientDICOM": [
      0.997164,
      0.069413,
      -0.0290858,
      -0.0693787,
      0.997588,
      0.00218523
    ],
    "ImageType": [
      "ORIGINAL",
      "PRIMARY",
      "M",
      "ND",
      "MOSAIC"
    ],
    "ImagingFrequency": 123.249,
    "InPlanePhaseEncodingDirectionDICOM": "COL",
    "InstitutionAddress": "Whiteknights_Campus_StreetNo_Reading_District_GB_RG6_7BE",
    "InstitutionName": "UoR",
    "InstitutionalDepartmentName": "Department",
    "MRAcquisitionType": "2D",
    "MagneticFieldStrength": 3,
    "Manufacturer": "Siemens",
    "ManufacturersModelName": "Prisma_fit",
    "Modality": "MR",
    "ParallelReductionFactorInPlane": 2,
    "PartialFourier": 1,
    "PatientPosition": "HFS",
    "PercentPhaseFOV": 100,
    "PhaseEncodingDirection": "j",
    "PhaseEncodingSteps": 63,
    "PhaseResolution": 1,
    "PixelBandwidth": 2230,
    "ProcedureStepDescription": "head_Kou_Murayama",
    "ProtocolName": "ep2d_bold_PtoA_iPAT2_MagicTrick_Run2",
    "PulseSequenceDetails": "%SiemensSeq%_ep2d_bold",
    "ReceiveCoilActiveElements": "HEA;HEP",
    "ReceiveCoilName": "Head_32",
    "ReconMatrixPE": 64,
    "RepetitionTime": 2,
    "SAR": 0.0993485,
    "ScanOptions": "FS",
    "ScanningSequence": "EP",
    "SequenceName": "_epfid2d1_64",
    "SequenceVariant": "SK",
    "SeriesDescription": "ep2d_bold_PtoA_iPAT2_MagicTrick_Run2",
    "SeriesNumber": 10,
    "ShimSetting": [
      3390,
      -11937,
      11489,
      499,
      30,
      20,
      111,
      60
    ],
    "SliceThickness": 3,
    "SliceTiming": [
      0,
      1.0175,
      0.0525,
      1.07,
      0.1075,
      1.125,
      0.16,
      1.1775,
      0.215,
      1.23,
      0.2675,
      1.285,
      0.32,
      1.3375,
      0.375,
      1.3925,
      0.4275,
      1.445,
      0.4825,
      1.4975,
      0.535,
      1.5525,
      0.59,
      1.605,
      0.6425,
      1.66,
      0.695,
      1.7125,
      0.75,
      1.765,
      0.8025,
      1.82,
      0.8575,
      1.8725,
      0.91,
      1.9275,
      0.9625
    ],
    "SoftwareVersions": "syngo_MR_E11",
    "SpacingBetweenSlices": 3.75,
    "StationName": "AWP167013",
    "TaskName": "magictrickwatching",
    "TotalReadoutTime": 0.0166951,
    "TxRefAmp": 220.698,
    "dataset": "<unset>",
    "modality": "bold",
    "run_id": 2,
    "subject_id": "experimental046",
    "task_id": "magictrickwatching"
  },
  "dummy_trs": 0,
  "dvars_nstd": 27.098824326413617,
  "dvars_std": 1.2329929968324613,
  "dvars_vstd": 1.0329470092408382,
  "efc": 0.4747069299541261,
  "fber": 6112438.5,
  "fd_mean": 0.11766976600229594,
  "fd_num": 0,
  "fd_perc": 0.0,
  "fwhm_avg": 2.930808964165411,
  "fwhm_x": 2.8415935591628996,
  "fwhm_y": 3.1633666666666667,
  "fwhm_z": 2.7874666666666665,
  "gcor": 0.0314517,
  "gsr_x": 0.013332209549844265,
  "gsr_y": 0.03283658251166344,
  "provenance": {
    "md5sum": "e63b4cf2dba6f60e19e3262442e3e775",
    "settings": {
      "fd_thres": 0.5,
      "testing": false
    },
    "software": "mriqc",
    "version": "0.16.1",
    "webapi_port": null,
    "webapi_url": "https://mriqc.nimh.nih.gov/api/v1"
  },
  "size_t": 383,
  "size_x": 64,
  "size_y": 64,
  "size_z": 37,
  "snr": 2.430461097975026,
  "spacing_tr": 2.0,
  "spacing_x": 2.999999761581421,
  "spacing_y": 3.0,
  "spacing_z": 3.75,
  "summary_bg_k": 27.698547354074563,
  "summary_bg_mad": 0.23363207489164523,
  "summary_bg_mean": 16.50977897644043,
  "summary_bg_median": 0.15907742083072662,
  "summary_bg_n": 85267.0,
  "summary_bg_p05": 0.00010586972202872861,
  "summary_bg_p95": 102.20907516479485,
  "summary_bg_stdv": 47.37599182128906,
  "summary_fg_k": 0.012484857856083664,
  "summary_fg_mad": 196.7350207565151,
  "summary_fg_mean": 498.7706298828125,
  "summary_fg_median": 463.0765686035156,
  "summary_fg_n": 29720.0,
  "summary_fg_p05": 250.35425567626953,
  "summary_fg_p95": 855.0263061523438,
  "summary_fg_stdv": 190.52713012695312,
  "tsnr": 56.85893249511719
}