{
  "aor": 0.0007100273224043715,
  "aqi": 0.002896330573770492,
  "bids_meta": {
    "AcquisitionMatrixPE": 64,
    "AcquisitionNumber": 1,
    "AcquisitionTime": "13:21:42.047500",
    "BandwidthPerPixelPhaseEncode": 58.962,
    "BaseResolution": 64,
    "BodyPartExamined": "HEAD",
    "ConsistencyInfo": "N4_VE11C_LATEST_20160120",
    "ConversionSoftware": "dcm2niix",
    "ConversionSoftwareVersion": "v1.0.20181125  GCC5.3.1",
    "DerivedVendorReportedEchoSpacing": 0.000530002,
    "DeviceSerialNumber": "167013",
    "DwellTime": 3.5e-06,
    "EchoTime": 0.03,
    "EchoTrainLength": 31,
    "EffectiveEchoSpacing": 0.000265001,
    "FlipAngle": 90,
    "ImageOrientationPatientDICOM": [
      0.997164,
      0.069413,
      -0.0290858,
      -0.0693787,
      0.997588,
      0.00218523
    ],
    "ImageType": [
      "ORIGINAL",
      "PRIMARY",
      "M",
      "ND",
      "MOSAIC"
    ],
    "ImagingFrequency": 123.249,
    "InPlanePhaseEncodingDirectionDICOM": "COL",
    "InstitutionAddress": "Whiteknights_Campus_StreetNo_Reading_District_GB_RG6_7BE",
    "InstitutionName": "UoR",
    "InstitutionalDepartmentName": "Department",
    "MRAcquisitionType": "2D",
    "MagneticFieldStrength": 3,
    "Manufacturer": "Siemens",
    "ManufacturersModelName": "Prisma_fit",
    "Modality": "MR",
    "ParallelReductionFactorInPlane": 2,
    "PartialFourier": 1,
    "PatientPosition": "HFS",
    "PercentPhaseFOV": 100,
    "PhaseEncodingDirection": "j",
    "PhaseEncodingSteps": 63,
    "PhaseResolution": 1,
    "PixelBandwidth": 2230,
    "ProcedureStepDescription": "head_Kou_Murayama",
    "ProtocolName": "ep2d_bold_PtoA_iPAT2_MagicTrick_Run1",
    "PulseSequenceDetails": "%SiemensSeq%_ep2d_bold",
    "ReceiveCoilActiveElements": "HEA;HEP",
    "ReceiveCoilName": "Head_32",
    "ReconMatrixPE": 64,
    "RepetitionTime": 2,
    "SAR": 0.0993485,
    "ScanOptions": "FS",
    "ScanningSequence": "EP",
    "SequenceName": "_epfid2d1_64",
    "SequenceVariant": "SK",
    "SeriesDescription": "ep2d_bold_PtoA_iPAT2_MagicTrick_Run1",
    "SeriesNumber": 9,
    "ShimSetting": [
      3390,
      -11937,
      11489,
      499,
      30,
      20,
      111,
      60
    ],
    "SliceThickness": 3,
    "SliceTiming": [
      0,
      1.015,
      0.0525,
      1.07,
      0.1075,
      1.1225,
      0.16,
      1.1775,
      0.2125,
      1.23,
      0.2675,
      1.2825,
      0.32,
      1.3375,
      0.375,
      1.39,
      0.4275,
      1.445,
      0.48,
      1.4975,
      0.535,
      1.55,
      0.5875,
      1.605,
      0.6425,
      1.6575,
      0.695,
      1.7125,
      0.7475,
      1.765,
      0.8025,
      1.8175,
      0.855,
      1.8725,
      0.91,
      1.925,
      0.9625
    ],
    "SoftwareVersions": "syngo_MR_E11",
    "SpacingBetweenSlices": 3.75,
    "StationName": "AWP167013",
    "TaskName": "magictrickwatching",
    "TotalReadoutTime": 0.0166951,
    "TxRefAmp": 220.698,
    "dataset": "<unset>",
    "modality": "bold",
    "run_id": 1,
    "subject_id": "experimental046",
    "task_id": "magictrickwatching"
  },
  "dummy_trs": 2,
  "dvars_nstd": 26.793354311178106,
  "dvars_std": 1.1659490105753418,
  "dvars_vstd": 0.982591405315069,
  "efc": 0.474274039965728,
  "fber": 2577864.0,
  "fd_mean": 0.10713779346390451,
  "fd_num": 0,
  "fd_perc": 0.0,
  "fwhm_avg": 2.948395631409404,
  "fwhm_x": 2.8633868942282112,
  "fwhm_y": 3.12764,
  "fwhm_z": 2.85416,
  "gcor": 0.0134034,
  "gsr_x": 0.014615229330956936,
  "gsr_y": 0.03130793944001198,
  "provenance": {
    "md5sum": "7cdef9f19d57a5f78bf156fda3703a31",
    "settings": {
      "fd_thres": 0.5,
      "testing": false
    },
    "software": "mriqc",
    "version": "0.16.1",
    "webapi_port": null,
    "webapi_url": "https://mriqc.nimh.nih.gov/api/v1"
  },
  "size_t": 366,
  "size_x": 64,
  "size_y": 64,
  "size_z": 37,
  "snr": 2.423394034689501,
  "spacing_tr": 2.0,
  "spacing_x": 2.999999761581421,
  "spacing_y": 3.0,
  "spacing_z": 3.75,
  "summary_bg_k": 29.18006444838442,
  "summary_bg_mad": 0.3585639881282193,
  "summary_bg_mean": 16.175477981567383,
  "summary_bg_median": 0.24271684885025024,
  "summary_bg_n": 85592.0,
  "summary_bg_p05": 0.00028084264049539344,
  "summary_bg_p95": 96.93199653625487,
  "summary_bg_stdv": 46.05169677734375,
  "summary_fg_k": 0.051482972666848426,
  "summary_fg_mad": 192.31408988584303,
  "summary_fg_mean": 490.875,
  "summary_fg_median": 455.0972595214844,
  "summary_fg_n": 29682.0,
  "summary_fg_p05": 246.52871017456056,
  "summary_fg_p95": 842.5121307373041,
  "summary_fg_stdv": 187.79017639160156,
  "tsnr": 58.86820602416992
}