{
  "aor": 0.0011283999999999999,
  "aqi": 0.003942349433333333,
  "bids_meta": {
    "AcquisitionMatrixPE": 64,
    "AcquisitionNumber": 1,
    "AcquisitionTime": "13:08:46.442500",
    "BandwidthPerPixelPhaseEncode": 58.962,
    "BaseResolution": 64,
    "BodyPartExamined": "HEAD",
    "ConsistencyInfo": "N4_VE11C_LATEST_20160120",
    "ConversionSoftware": "dcm2niix",
    "ConversionSoftwareVersion": "v1.0.20181125  GCC5.3.1",
    "DerivedVendorReportedEchoSpacing": 0.000530002,
    "DeviceSerialNumber": "167013",
    "DwellTime": 3.5e-06,
    "EchoTime": 0.03,
    "EchoTrainLength": 31,
    "EffectiveEchoSpacing": 0.000265001,
    "FlipAngle": 90,
    "ImageOrientationPatientDICOM": [
      0.997164,
      0.069413,
      -0.0290858,
      -0.0693787,
      0.997588,
      0.00218523
    ],
    "ImageType": [
      "ORIGINAL",
      "PRIMARY",
      "M",
      "ND",
      "MOSAIC"
    ],
    "ImagingFrequency": 123.249,
    "InPlanePhaseEncodingDirectionDICOM": "COL",
    "InstitutionAddress": "Whiteknights_Campus_StreetNo_Reading_District_GB_RG6_7BE",
    "InstitutionName": "UoR",
    "InstitutionalDepartmentName": "Department",
    "MRAcquisitionType": "2D",
    "MagneticFieldStrength": 3,
    "Manufacturer": "Siemens",
    "ManufacturersModelName": "Prisma_fit",
    "Modality": "MR",
    "ParallelReductionFactorInPlane": 2,
    "PartialFourier": 1,
    "PatientPosition": "HFS",
    "PercentPhaseFOV": 100,
    "PhaseEncodingDirection": "j",
    "PhaseEncodingSteps": 63,
    "PhaseResolution": 1,
    "PixelBandwidth": 2230,
    "ProcedureStepDescription": "head_Kou_Murayama",
    "ProtocolName": "ep2d_bold_PtoA_iPAT2_PreResting",
    "PulseSequenceDetails": "%SiemensSeq%_ep2d_bold",
    "ReceiveCoilActiveElements": "HEA;HEP",
    "ReceiveCoilName": "Head_32",
    "ReconMatrixPE": 64,
    "RepetitionTime": 2,
    "SAR": 0.0992197,
    "ScanOptions": "FS",
    "ScanningSequence": "EP",
    "SequenceName": "_epfid2d1_64",
    "SequenceVariant": "SK",
    "SeriesDescription": "ep2d_bold_PtoA_iPAT2_PreResting",
    "SeriesNumber": 6,
    "ShimSetting": [
      3390,
      -11937,
      11489,
      499,
      30,
      20,
      111,
      60
    ],
    "SliceThickness": 3,
    "SliceTiming": [
      0,
      1.015,
      0.0525,
      1.07,
      0.1075,
      1.1225,
      0.16,
      1.1775,
      0.2125,
      1.23,
      0.2675,
      1.2825,
      0.32,
      1.3375,
      0.375,
      1.39,
      0.4275,
      1.445,
      0.48,
      1.4975,
      0.535,
      1.55,
      0.5875,
      1.605,
      0.6425,
      1.6575,
      0.695,
      1.7125,
      0.7475,
      1.765,
      0.8025,
      1.8175,
      0.855,
      1.8725,
      0.91,
      1.925,
      0.9625
    ],
    "SoftwareVersions": "syngo_MR_E11",
    "SpacingBetweenSlices": 3.75,
    "StationName": "AWP167013",
    "TaskName": "rest",
    "TotalReadoutTime": 0.0166951,
    "TxRefAmp": 220.698,
    "dataset": "<unset>",
    "modality": "bold",
    "run_id": 1,
    "subject_id": "experimental046",
    "task_id": "rest"
  },
  "dummy_trs": 0,
  "dvars_nstd": 25.53824003702342,
  "dvars_std": 1.1242347284949832,
  "dvars_vstd": 0.9592674494648834,
  "efc": 0.4760959211483791,
  "fber": 2352736.25,
  "fd_mean": 0.1182087507029141,
  "fd_num": 0,
  "fd_perc": 0.0,
  "fwhm_avg": 2.9573911111111113,
  "fwhm_x": 2.8899566666666665,
  "fwhm_y": 3.142136666666667,
  "fwhm_z": 2.84008,
  "gcor": 0.0246202,
  "gsr_x": 0.012736060656607151,
  "gsr_y": 0.03457238897681236,
  "provenance": {
    "md5sum": "4588fb258c4f10b46bf99237384edc0c",
    "settings": {
      "fd_thres": 0.5,
      "testing": false
    },
    "software": "mriqc",
    "version": "0.16.1",
    "webapi_port": null,
    "webapi_url": "https://mriqc.nimh.nih.gov/api/v1"
  },
  "size_t": 300,
  "size_x": 64,
  "size_y": 64,
  "size_z": 37,
  "snr": 2.421275249325573,
  "spacing_tr": 2.0,
  "spacing_x": 3.0,
  "spacing_y": 3.0,
  "spacing_z": 3.75,
  "summary_bg_k": 27.456742767992445,
  "summary_bg_mad": 0.3578536172529479,
  "summary_bg_mean": 16.04943084716797,
  "summary_bg_median": 0.24332445859909058,
  "summary_bg_n": 85251.0,
  "summary_bg_p05": 0.0011444781557656825,
  "summary_bg_p95": 95.42156982421875,
  "summary_bg_stdv": 44.818416595458984,
  "summary_fg_k": 0.0747532572794265,
  "summary_fg_mad": 190.89123425637356,
  "summary_fg_mean": 487.5950012207031,
  "summary_fg_median": 451.7700500488281,
  "summary_fg_n": 29777.0,
  "summary_fg_p05": 245.09920654296877,
  "summary_fg_p95": 838.0098266601559,
  "summary_fg_stdv": 186.58038330078125,
  "tsnr": 53.53437042236328
}