{
  "bids_meta": {
    "AcquisitionMatrixPE": 256,
    "AcquisitionNumber": 1,
    "AcquisitionTime": "12:37:9.752500",
    "BaseResolution": 256,
    "BodyPartExamined": "HEAD",
    "ConsistencyInfo": "N4_VE11C_LATEST_20160120",
    "ConversionSoftware": "dcm2niix",
    "ConversionSoftwareVersion": "v1.0.20181125  GCC5.3.1",
    "DeviceSerialNumber": "167013",
    "DwellTime": 9.8e-06,
    "EchoTime": 0.00229,
    "FlipAngle": 8,
    "ImageOrientationPatientDICOM": [
      0.0403414,
      0.981567,
      0.186811,
      0.0740493,
      0.183512,
      -0.980225
    ],
    "ImageType": [
      "ORIGINAL",
      "PRIMARY",
      "M",
      "ND",
      "NORM"
    ],
    "ImagingFrequency": 123.249,
    "InPlanePhaseEncodingDirectionDICOM": "ROW",
    "InstitutionAddress": "Whiteknights_Campus_StreetNo_Reading_District_GB_RG6_7BE",
    "InstitutionName": "UoR",
    "InstitutionalDepartmentName": "Department",
    "InversionTime": 0.9,
    "MRAcquisitionType": "3D",
    "MagneticFieldStrength": 3,
    "Manufacturer": "Siemens",
    "ManufacturersModelName": "Prisma_fit",
    "Modality": "MR",
    "PartialFourier": 1,
    "PatientPosition": "HFS",
    "PercentPhaseFOV": 100,
    "PhaseEncodingSteps": 255,
    "PhaseResolution": 1,
    "PixelBandwidth": 200,
    "ProcedureStepDescription": "head_Kou_Murayama",
    "ProtocolName": "t1_mprage_sag_p2_iso_192",
    "PulseSequenceDetails": "%SiemensSeq%_tfl",
    "ReceiveCoilActiveElements": "HEA;HEP",
    "ReceiveCoilName": "Head_32",
    "ReconMatrixPE": 256,
    "RepetitionTime": 2.3,
    "SAR": 0.0653791,
    "ScanOptions": "IR",
    "ScanningSequence": "GR_IR",
    "SequenceName": "_tfl3d1_16ns",
    "SequenceVariant": "SK_SP_MP",
    "SeriesDescription": "t1_mprage_sag_p2_iso_192",
    "SeriesNumber": 13,
    "ShimSetting": [
      3382,
      -11946,
      11206,
      -4,
      -40,
      -152,
      -34,
      21
    ],
    "SliceThickness": 0.94,
    "SoftwareVersions": "syngo_MR_E11",
    "StationName": "AWP167013",
    "TxRefAmp": 302.158,
    "dataset": "<unset>",
    "modality": "T1w",
    "rec_id": "NORM",
    "subject_id": "experimental018"
  },
  "cjv": 0.43091933042756375,
  "cnr": 2.6394121544855507,
  "efc": 0.642159218783707,
  "fber": 1170.8913079419776,
  "fwhm_avg": 3.7717563646528185,
  "fwhm_x": 3.704677336801052,
  "fwhm_y": 3.8195837571574045,
  "fwhm_z": 3.7910079999999997,
  "icvs_csf": 0.21033683489139382,
  "icvs_gm": 0.3957580999668952,
  "icvs_wm": 0.393905065141711,
  "inu_med": 1.2437857389450073,
  "inu_range": 0.3642595291137696,
  "provenance": {
    "md5sum": "436707ad53f1159393c1ddecb9b7841a",
    "settings": {
      "testing": false
    },
    "software": "mriqc",
    "version": "0.16.1",
    "warnings": {
      "large_rot_frame": true,
      "small_air_mask": false
    },
    "webapi_port": null,
    "webapi_url": "https://mriqc.nimh.nih.gov/api/v1"
  },
  "qi_1": 0.0007379469550118188,
  "qi_2": 0.0011859679281374417,
  "rpve_csf": 21.95545201881967,
  "rpve_gm": 11.657543879493996,
  "rpve_wm": 14.27428891174919,
  "size_x": 192,
  "size_y": 256,
  "size_z": 256,
  "snr_csf": 2.9209021050403976,
  "snr_gm": 11.780812410216267,
  "snr_total": 11.028279765943202,
  "snr_wm": 18.383124782572942,
  "snrd_csf": 39.35804135041682,
  "snrd_gm": 82.02639415394168,
  "snrd_total": 77.54153797734882,
  "snrd_wm": 111.24017842768797,
  "spacing_x": 0.9400008916854858,
  "spacing_y": 0.9375000596046448,
  "spacing_z": 0.9375,
  "summary_bg_k": 612.8908606441398,
  "summary_bg_mad": 5.889385961399737,
  "summary_bg_mean": 16.892696456298037,
  "summary_bg_median": 7.807684019207954,
  "summary_bg_n": 1656407.0,
  "summary_bg_p05": 0.0,
  "summary_bg_p95": 42.87377364933491,
  "summary_bg_stdv": 54.9865981748849,
  "summary_csf_k": -0.4940815288025555,
  "summary_csf_mad": 132.7142664060251,
  "summary_csf_mean": 368.1338411813643,
  "summary_csf_median": 353.81136529147625,
  "summary_csf_n": 25008.0,
  "summary_csf_p05": 190.90129869244993,
  "summary_csf_p95": 573.727798499167,
  "summary_csf_stdv": 121.1284317425719,
  "summary_gm_k": 0.06176365397255301,
  "summary_gm_mad": 61.78778202606448,
  "summary_gm_mean": 737.7886695362466,
  "summary_gm_median": 737.3809648491442,
  "summary_gm_n": 13672.0,
  "summary_gm_p05": 635.0626355465502,
  "summary_gm_p95": 840.8327781036496,
  "summary_gm_stdv": 62.58940146503486,
  "summary_wm_k": 0.5267457475934605,
  "summary_wm_mad": 51.37981545634943,
  "summary_wm_mean": 1001.2626967576689,
  "summary_wm_median": 999.9999505653977,
  "summary_wm_n": 278296.0,
  "summary_wm_p05": 913.9784494414926,
  "summary_wm_p95": 1092.8018088638783,
  "summary_wm_stdv": 54.397615516579094,
  "tpm_overlap_csf": 0.16847527027130127,
  "tpm_overlap_gm": 0.423666775226593,
  "tpm_overlap_wm": 0.49564772844314575,
  "wm2max": 0.3221329921016635
}