{
  "bids_meta": {
    "AcquisitionMatrixPE": 256,
    "AcquisitionNumber": 1,
    "AcquisitionTime": "12:40:51.302500",
    "BaseResolution": 256,
    "BodyPartExamined": "HEAD",
    "ConsistencyInfo": "N4_VE11C_LATEST_20160120",
    "ConversionSoftware": "dcm2niix",
    "ConversionSoftwareVersion": "v1.0.20181125  GCC5.3.1",
    "DeviceSerialNumber": "167013",
    "DwellTime": 9.8e-06,
    "EchoTime": 0.00229,
    "FlipAngle": 8,
    "ImageOrientationPatientDICOM": [
      0.0357084,
      0.92466,
      0.379117,
      0.0246755,
      0.378427,
      -0.925302
    ],
    "ImageType": [
      "ORIGINAL",
      "PRIMARY",
      "M",
      "ND",
      "NORM"
    ],
    "ImagingFrequency": 123.249,
    "InPlanePhaseEncodingDirectionDICOM": "ROW",
    "InstitutionAddress": "Whiteknights_Campus_StreetNo_Reading_District_GB_RG6_7BE",
    "InstitutionName": "UoR",
    "InstitutionalDepartmentName": "Department",
    "InversionTime": 0.9,
    "MRAcquisitionType": "3D",
    "MagneticFieldStrength": 3,
    "Manufacturer": "Siemens",
    "ManufacturersModelName": "Prisma_fit",
    "Modality": "MR",
    "PartialFourier": 1,
    "PatientPosition": "HFS",
    "PercentPhaseFOV": 100,
    "PhaseEncodingSteps": 255,
    "PhaseResolution": 1,
    "PixelBandwidth": 200,
    "ProcedureStepDescription": "head_Kou_Murayama",
    "ProtocolName": "t1_mprage_sag_p2_iso_192",
    "PulseSequenceDetails": "%SiemensSeq%_tfl",
    "ReceiveCoilActiveElements": "HEA;HEP",
    "ReceiveCoilName": "Head_32",
    "ReconMatrixPE": 256,
    "RepetitionTime": 2.3,
    "SAR": 0.0522308,
    "ScanOptions": "IR",
    "ScanningSequence": "GR_IR",
    "SequenceName": "_tfl3d1_16ns",
    "SequenceVariant": "SK_SP_MP",
    "SeriesDescription": "t1_mprage_sag_p2_iso_192",
    "SeriesNumber": 13,
    "ShimSetting": [
      3382,
      -11946,
      11206,
      -4,
      -40,
      -152,
      -34,
      21
    ],
    "SliceThickness": 0.94,
    "SoftwareVersions": "syngo_MR_E11",
    "StationName": "AWP167013",
    "TxRefAmp": 228.848,
    "dataset": "<unset>",
    "modality": "T1w",
    "rec_id": "NORM",
    "subject_id": "experimental036"
  },
  "cjv": 0.32009438702218646,
  "cnr": 4.074854123129622,
  "efc": 0.5178531536586962,
  "fber": 8131.21111042222,
  "fwhm_avg": 3.6363857052271733,
  "fwhm_x": 3.6660851156815193,
  "fwhm_y": 3.5576533333333336,
  "fwhm_z": 3.6854186666666666,
  "icvs_csf": 0.16091172400305703,
  "icvs_gm": 0.48532390088986876,
  "icvs_wm": 0.3537643751070742,
  "inu_med": 1.2995752096176147,
  "inu_range": 0.35484790802001953,
  "provenance": {
    "md5sum": "1f34a24c66ba32059b2943d867da35b1",
    "settings": {
      "testing": false
    },
    "software": "mriqc",
    "version": "0.16.1",
    "warnings": {
      "large_rot_frame": true,
      "small_air_mask": false
    },
    "webapi_port": null,
    "webapi_url": "https://mriqc.nimh.nih.gov/api/v1"
  },
  "qi_1": 0.0,
  "qi_2": 0.005204319358031885,
  "rpve_csf": 29.710408638244964,
  "rpve_gm": 11.327917582939428,
  "rpve_wm": 17.29512961834598,
  "size_x": 192,
  "size_y": 256,
  "size_z": 256,
  "snr_csf": 0.6223546147117299,
  "snr_gm": 11.17853580823136,
  "snr_total": 10.564861415064899,
  "snr_wm": 19.89369382225161,
  "snrd_csf": 52.37362945844509,
  "snrd_gm": 77.06996658489281,
  "snrd_total": 81.04223552154288,
  "snrd_wm": 113.68311052129073,
  "spacing_x": 0.9399999976158142,
  "spacing_y": 0.9375,
  "spacing_z": 0.9375,
  "summary_bg_k": 15.88706559052197,
  "summary_bg_mad": 5.762829398555372,
  "summary_bg_mean": 6.041254066680492,
  "summary_bg_median": 3.8869693614542484,
  "summary_bg_n": 2755708.0,
  "summary_bg_p05": 0.0,
  "summary_bg_p95": 16.1031587831676,
  "summary_bg_stdv": 6.488339719369438,
  "summary_csf_k": -1.162223740777398,
  "summary_csf_mad": 331.3169536756755,
  "summary_csf_mean": 888.5471938424499,
  "summary_csf_median": 460.6984162218869,
  "summary_csf_n": 13107.0,
  "summary_csf_p05": 196.69298927485943,
  "summary_csf_p95": 2162.975053796544,
  "summary_csf_stdv": 740.2224238057483,
  "summary_gm_k": 0.29927107346235937,
  "summary_gm_mad": 59.366290153372006,
  "summary_gm_mean": 679.2441941818576,
  "summary_gm_median": 677.9368149787188,
  "summary_gm_n": 81799.0,
  "summary_gm_p05": 582.4901228807867,
  "summary_gm_p95": 779.8617893457413,
  "summary_gm_stdv": 60.645927398482186,
  "summary_wm_k": 1.1704696268317853,
  "summary_wm_mad": 43.72432464300742,
  "summary_wm_mean": 998.2909351704939,
  "summary_wm_median": 999.9999906420708,
  "summary_wm_n": 227822.0,
  "summary_wm_p05": 911.216674592346,
  "summary_wm_p95": 1076.6288151964545,
  "summary_wm_stdv": 50.26707482676246,
  "tpm_overlap_csf": 0.1437709778547287,
  "tpm_overlap_gm": 0.4395076036453247,
  "tpm_overlap_wm": 0.49356773495674133,
  "wm2max": 0.3759898687803874
}