{
  "bids_meta": {
    "AcquisitionMatrixPE": 256,
    "AcquisitionNumber": 1,
    "AcquisitionTime": "14:15:28.805000",
    "BaseResolution": 256,
    "BodyPartExamined": "HEAD",
    "ConsistencyInfo": "N4_VE11C_LATEST_20160120",
    "ConversionSoftware": "dcm2niix",
    "ConversionSoftwareVersion": "v1.0.20181125  GCC5.3.1",
    "DeviceSerialNumber": "167013",
    "DwellTime": 9.8e-06,
    "EchoTime": 0.00229,
    "FlipAngle": 8,
    "ImageOrientationPatientDICOM": [
      -0.0577262,
      0.953829,
      0.29475,
      -0.0481802,
      0.292236,
      -0.955132
    ],
    "ImageType": [
      "ORIGINAL",
      "PRIMARY",
      "M",
      "ND",
      "NORM"
    ],
    "ImagingFrequency": 123.249,
    "InPlanePhaseEncodingDirectionDICOM": "ROW",
    "InstitutionAddress": "Whiteknights_Campus_StreetNo_Reading_District_GB_RG6_7BE",
    "InstitutionName": "UoR",
    "InstitutionalDepartmentName": "Department",
    "InversionTime": 0.9,
    "MRAcquisitionType": "3D",
    "MagneticFieldStrength": 3,
    "Manufacturer": "Siemens",
    "ManufacturersModelName": "Prisma_fit",
    "Modality": "MR",
    "PartialFourier": 1,
    "PatientPosition": "HFS",
    "PercentPhaseFOV": 100,
    "PhaseEncodingSteps": 255,
    "PhaseResolution": 1,
    "PixelBandwidth": 200,
    "ProcedureStepDescription": "head_Kou_Murayama",
    "ProtocolName": "t1_mprage_sag_p2_iso_192",
    "PulseSequenceDetails": "%SiemensSeq%_tfl",
    "ReceiveCoilActiveElements": "HEA;HEP",
    "ReceiveCoilName": "Head_32",
    "ReconMatrixPE": 256,
    "RepetitionTime": 2.3,
    "SAR": 0.0480903,
    "ScanOptions": "IR",
    "ScanningSequence": "GR_IR",
    "SequenceName": "_tfl3d1_16ns",
    "SequenceVariant": "SK_SP_MP",
    "SeriesDescription": "t1_mprage_sag_p2_iso_192",
    "SeriesNumber": 13,
    "ShimSetting": [
      3382,
      -11946,
      11206,
      -4,
      -40,
      -152,
      -34,
      21
    ],
    "SliceThickness": 0.94,
    "SoftwareVersions": "syngo_MR_E11",
    "StationName": "AWP167013",
    "TxRefAmp": 220.698,
    "dataset": "<unset>",
    "modality": "T1w",
    "rec_id": "NORM",
    "subject_id": "experimental046"
  },
  "cjv": 0.35009613025432595,
  "cnr": 3.7384078619212695,
  "efc": 0.5411158648459943,
  "fber": 3330.8741099577087,
  "fwhm_avg": 3.8776216959311314,
  "fwhm_x": 3.8555957544600603,
  "fwhm_y": 3.9102506666666668,
  "fwhm_z": 3.8670186666666666,
  "icvs_csf": 0.20490971401486466,
  "icvs_gm": 0.4150603885497085,
  "icvs_wm": 0.38002989743542687,
  "inu_med": 1.4106040000915527,
  "inu_range": 0.37174739837646475,
  "provenance": {
    "md5sum": "5f1e23af6319d0fbddbbb66a989f3996",
    "settings": {
      "testing": false
    },
    "software": "mriqc",
    "version": "0.16.1",
    "warnings": {
      "large_rot_frame": true,
      "small_air_mask": false
    },
    "webapi_port": null,
    "webapi_url": "https://mriqc.nimh.nih.gov/api/v1"
  },
  "qi_1": 0.0,
  "qi_2": 0.009551570857395492,
  "rpve_csf": 22.838697263946433,
  "rpve_gm": 12.148485330130923,
  "rpve_wm": 16.53142686371378,
  "size_x": 192,
  "size_y": 256,
  "size_z": 256,
  "snr_csf": 3.6293555333955867,
  "snr_gm": 11.271922237499814,
  "snr_total": 12.635807090940391,
  "snr_wm": 23.006143501925774,
  "snrd_csf": 42.9859449719995,
  "snrd_gm": 77.2524124616319,
  "snrd_total": 76.23847990033524,
  "snrd_wm": 108.47708226737431,
  "spacing_x": 0.9399999976158142,
  "spacing_y": 0.9375,
  "spacing_z": 0.9375,
  "summary_bg_k": 15.054446945356982,
  "summary_bg_mad": 6.039398794105927,
  "summary_bg_mean": 6.528238102011073,
  "summary_bg_median": 4.073512583971024,
  "summary_bg_n": 2262914.0,
  "summary_bg_p05": 0.0,
  "summary_bg_p95": 20.41492934525013,
  "summary_bg_stdv": 6.903245771380019,
  "summary_csf_k": -0.42717440704231047,
  "summary_csf_mad": 119.45369010202536,
  "summary_csf_mean": 384.3875179172998,
  "summary_csf_median": 396.26751485466957,
  "summary_csf_n": 14797.0,
  "summary_csf_p05": 198.73057438731195,
  "summary_csf_p95": 547.0348468869925,
  "summary_csf_stdv": 109.18029960196331,
  "summary_gm_k": 0.062225777395358506,
  "summary_gm_mad": 62.43052939488568,
  "summary_gm_mean": 711.9069178279808,
  "summary_gm_median": 712.154205814004,
  "summary_gm_n": 32173.0,
  "summary_gm_p05": 606.1007793545723,
  "summary_gm_p95": 815.7161582976579,
  "summary_gm_stdv": 63.17849991755919,
  "summary_wm_k": 1.1048868317179554,
  "summary_wm_mad": 38.343159785835304,
  "summary_wm_mean": 999.4342819854069,
  "summary_wm_median": 999.9999729394913,
  "summary_wm_n": 282940.0,
  "summary_wm_p05": 927.0556778311729,
  "summary_wm_p95": 1068.9181218892336,
  "summary_wm_stdv": 43.466572556811,
  "tpm_overlap_csf": 0.1649179309606552,
  "tpm_overlap_gm": 0.4401412010192871,
  "tpm_overlap_wm": 0.5072770118713379,
  "wm2max": 0.4273550597188245
}