{
  "aor": 0.0002041917808219178,
  "aqi": 0.0035094185205479453,
  "bids_meta": {
    "AcquisitionMatrixPE": 64,
    "AcquisitionNumber": 1,
    "AcquisitionTime": "12:09:39.397500",
    "BandwidthPerPixelPhaseEncode": 58.962,
    "BaseResolution": 64,
    "BodyPartExamined": "HEAD",
    "ConsistencyInfo": "N4_VE11C_LATEST_20160120",
    "ConversionSoftware": "dcm2niix",
    "ConversionSoftwareVersion": "v1.0.20181125  GCC5.3.1",
    "DerivedVendorReportedEchoSpacing": 0.000530002,
    "DeviceSerialNumber": "167013",
    "DwellTime": 3.5e-06,
    "EchoTime": 0.03,
    "EchoTrainLength": 31,
    "EffectiveEchoSpacing": 0.000265001,
    "FlipAngle": 90,
    "ImageOrientationPatientDICOM": [
      0.998842,
      -0.00487424,
      0.0478638,
      0.00976283,
      0.994691,
      -0.10244
    ],
    "ImageType": [
      "ORIGINAL",
      "PRIMARY",
      "M",
      "ND",
      "MOSAIC"
    ],
    "ImagingFrequency": 123.249,
    "InPlanePhaseEncodingDirectionDICOM": "COL",
    "InstitutionAddress": "Whiteknights_Campus_StreetNo_Reading_District_GB_RG6_7BE",
    "InstitutionName": "UoR",
    "InstitutionalDepartmentName": "Department",
    "MRAcquisitionType": "2D",
    "MagneticFieldStrength": 3,
    "Manufacturer": "Siemens",
    "ManufacturersModelName": "Prisma_fit",
    "Modality": "MR",
    "ParallelReductionFactorInPlane": 2,
    "PartialFourier": 1,
    "PatientPosition": "HFS",
    "PercentPhaseFOV": 100,
    "PhaseEncodingDirection": "j",
    "PhaseEncodingSteps": 63,
    "PhaseResolution": 1,
    "PixelBandwidth": 2230,
    "ProcedureStepDescription": "head_Kou_Murayama",
    "ProtocolName": "ep2d_bold_PtoA_iPAT2_MagicTrick_Run2",
    "PulseSequenceDetails": "%SiemensSeq%_ep2d_bold",
    "ReceiveCoilActiveElements": "HEA;HEP",
    "ReceiveCoilName": "Head_32",
    "ReconMatrixPE": 64,
    "RepetitionTime": 2,
    "SAR": 0.115657,
    "ScanOptions": "FS",
    "ScanningSequence": "EP",
    "SequenceName": "_epfid2d1_64",
    "SequenceVariant": "SK",
    "SeriesDescription": "ep2d_bold_PtoA_iPAT2_MagicTrick_Run2",
    "SeriesNumber": 10,
    "ShimSetting": [
      3375,
      -11920,
      11467,
      415,
      -42,
      -24,
      -110,
      44
    ],
    "SliceThickness": 3,
    "SliceTiming": [
      0,
      1.0175,
      0.055,
      1.07,
      0.1075,
      1.125,
      0.16,
      1.1775,
      0.215,
      1.23,
      0.2675,
      1.285,
      0.3225,
      1.3375,
      0.375,
      1.3925,
      0.4275,
      1.445,
      0.4825,
      1.4975,
      0.535,
      1.5525,
      0.59,
      1.605,
      0.6425,
      1.66,
      0.695,
      1.7125,
      0.75,
      1.765,
      0.8025,
      1.82,
      0.8575,
      1.8725,
      0.91,
      1.9275,
      0.9625
    ],
    "SoftwareVersions": "syngo_MR_E11",
    "SpacingBetweenSlices": 3.75,
    "StationName": "AWP167013",
    "TaskName": "magictrickwatching",
    "TotalReadoutTime": 0.0166951,
    "TxRefAmp": 220.456,
    "dataset": "<unset>",
    "modality": "bold",
    "run_id": 2,
    "subject_id": "experimental040",
    "task_id": "magictrickwatching"
  },
  "dummy_trs": 0,
  "dvars_nstd": 25.09808624197804,
  "dvars_std": 1.0813170834340657,
  "dvars_vstd": 0.9619369011538466,
  "efc": 0.46772627659372795,
  "fber": 5310748.0,
  "fd_mean": 0.10181559758825263,
  "fd_num": 0,
  "fd_perc": 0.0,
  "fwhm_avg": 2.7749410477299494,
  "fwhm_x": 2.6888735470258034,
  "fwhm_y": 2.863363105773679,
  "fwhm_z": 2.7725864903903648,
  "gcor": 0.0153,
  "gsr_x": 0.03675175830721855,
  "gsr_y": 0.019857389852404594,
  "provenance": {
    "md5sum": "505fd2f01484e1a36ec3c52da2053648",
    "settings": {
      "fd_thres": 0.5,
      "testing": false
    },
    "software": "mriqc",
    "version": "0.16.1",
    "webapi_port": null,
    "webapi_url": "https://mriqc.nimh.nih.gov/api/v1"
  },
  "size_t": 365,
  "size_x": 64,
  "size_y": 64,
  "size_z": 37,
  "snr": 2.4854739099199397,
  "spacing_tr": 2.0,
  "spacing_x": 2.999999761581421,
  "spacing_y": 3.000000238418579,
  "spacing_z": 3.750000238418579,
  "summary_bg_k": 37.3817874253512,
  "summary_bg_mad": 0.21426389085255063,
  "summary_bg_mean": 13.084497451782227,
  "summary_bg_median": 0.14654922485351562,
  "summary_bg_n": 87875.0,
  "summary_bg_p05": 0.0010008932440541685,
  "summary_bg_p95": 73.04173812866219,
  "summary_bg_stdv": 42.38712692260742,
  "summary_fg_k": 0.7713966698348309,
  "summary_fg_mad": 133.0426457226652,
  "summary_fg_mean": 395.2972717285156,
  "summary_fg_median": 364.894775390625,
  "summary_fg_n": 29131.0,
  "summary_fg_p05": 213.51425170898438,
  "summary_fg_p95": 684.5728454589844,
  "summary_fg_stdv": 146.8084259033203,
  "tsnr": 57.108558654785156
}