{
  "bids_meta": {
    "AcquisitionMatrixPE": 256,
    "AcquisitionNumber": 1,
    "AcquisitionTime": "14:18:6.402500",
    "BaseResolution": 256,
    "BodyPartExamined": "HEAD",
    "ConsistencyInfo": "N4_VE11C_LATEST_20160120",
    "ConversionSoftware": "dcm2niix",
    "ConversionSoftwareVersion": "v1.0.20181125  GCC5.3.1",
    "DeviceSerialNumber": "167013",
    "DwellTime": 9.8e-06,
    "EchoTime": 0.00229,
    "FlipAngle": 8,
    "ImageOrientationPatientDICOM": [
      0.055986,
      0.934755,
      0.350854,
      0.0279259,
      0.349801,
      -0.936408
    ],
    "ImageType": [
      "ORIGINAL",
      "PRIMARY",
      "M",
      "ND",
      "NORM"
    ],
    "ImagingFrequency": 123.249,
    "InPlanePhaseEncodingDirectionDICOM": "ROW",
    "InstitutionAddress": "Whiteknights_Campus_StreetNo_Reading_District_GB_RG6_7BE",
    "InstitutionName": "UoR",
    "InstitutionalDepartmentName": "Department",
    "InversionTime": 0.9,
    "MRAcquisitionType": "3D",
    "MagneticFieldStrength": 3,
    "Manufacturer": "Siemens",
    "ManufacturersModelName": "Prisma_fit",
    "Modality": "MR",
    "PartialFourier": 1,
    "PatientPosition": "HFS",
    "PercentPhaseFOV": 100,
    "PhaseEncodingSteps": 255,
    "PhaseResolution": 1,
    "PixelBandwidth": 200,
    "ProcedureStepDescription": "head_Kou_Murayama",
    "ProtocolName": "t1_mprage_sag_p2_iso_192",
    "PulseSequenceDetails": "%SiemensSeq%_tfl",
    "ReceiveCoilActiveElements": "HEA;HEP",
    "ReceiveCoilName": "Head_32",
    "ReconMatrixPE": 256,
    "RepetitionTime": 2.3,
    "SAR": 0.0487035,
    "ScanOptions": "IR",
    "ScanningSequence": "GR_IR",
    "SequenceName": "_tfl3d1_16ns",
    "SequenceVariant": "SK_SP_MP",
    "SeriesDescription": "t1_mprage_sag_p2_iso_192",
    "SeriesNumber": 13,
    "ShimSetting": [
      3382,
      -11946,
      11206,
      -4,
      -40,
      -152,
      -34,
      21
    ],
    "SliceThickness": 0.94,
    "SoftwareVersions": "syngo_MR_E11",
    "StationName": "AWP167013",
    "TxRefAmp": 222.943,
    "dataset": "<unset>",
    "modality": "T1w",
    "rec_id": "NORM",
    "subject_id": "control039"
  },
  "cjv": 0.38079649293009343,
  "cnr": 3.491515334800112,
  "efc": 0.5159347740568877,
  "fber": 5878.690511621316,
  "fwhm_avg": 3.841642395664891,
  "fwhm_x": 3.8203085203280054,
  "fwhm_y": 3.8875946666666668,
  "fwhm_z": 3.8170240000000004,
  "icvs_csf": 0.21089250691014652,
  "icvs_gm": 0.43646674133833196,
  "icvs_wm": 0.3526407517515215,
  "inu_med": 1.4323718547821045,
  "inu_range": 0.39201604127883916,
  "provenance": {
    "md5sum": "c56ffaa361004864972e2892ef55ada6",
    "settings": {
      "testing": false
    },
    "software": "mriqc",
    "version": "0.16.1",
    "warnings": {
      "large_rot_frame": true,
      "small_air_mask": false
    },
    "webapi_port": null,
    "webapi_url": "https://mriqc.nimh.nih.gov/api/v1"
  },
  "qi_1": 0.0,
  "qi_2": 0.014169640667510539,
  "rpve_csf": 24.709053064360887,
  "rpve_gm": 12.854414348629716,
  "rpve_wm": 18.864335457462577,
  "size_x": 192,
  "size_y": 256,
  "size_z": 256,
  "snr_csf": 2.7271435072393437,
  "snr_gm": 11.66611238098192,
  "snr_total": 11.162249154148434,
  "snr_wm": 19.093491574224036,
  "snrd_csf": 31.83134108608389,
  "snrd_gm": 68.50761113271697,
  "snrd_total": 65.3144820566547,
  "snrd_wm": 95.60449395116322,
  "spacing_x": 0.9399999976158142,
  "spacing_y": 0.9375,
  "spacing_z": 0.9375,
  "summary_bg_k": 14.2737143378315,
  "summary_bg_mad": 6.852945895644758,
  "summary_bg_mean": 7.7939609318422205,
  "summary_bg_median": 4.622241765260696,
  "summary_bg_n": 2913467.0,
  "summary_bg_p05": 0.0,
  "summary_bg_p95": 23.276288889348507,
  "summary_bg_stdv": 8.591287684134977,
  "summary_csf_k": -0.4722699176027949,
  "summary_csf_mad": 134.44827185741144,
  "summary_csf_mean": 354.17593892044965,
  "summary_csf_median": 332.96648716181517,
  "summary_csf_n": 13178.0,
  "summary_csf_p05": 184.3861764181405,
  "summary_csf_p95": 559.3077616028487,
  "summary_csf_stdv": 122.08886426975756,
  "summary_gm_k": -0.0367499801707134,
  "summary_gm_mad": 61.431764993101226,
  "summary_gm_mean": 715.9928797362629,
  "summary_gm_median": 716.612553678453,
  "summary_gm_n": 29357.0,
  "summary_gm_p05": 613.7126477137208,
  "summary_gm_p95": 816.8161519467831,
  "summary_gm_stdv": 61.42580536111865,
  "summary_wm_k": 0.9152887330493851,
  "summary_wm_mad": 46.502132863303714,
  "summary_wm_mean": 999.5213933130988,
  "summary_wm_median": 1000.0550219267607,
  "summary_wm_n": 211435.0,
  "summary_wm_p05": 911.0768679454923,
  "summary_wm_p95": 1083.6955872029066,
  "summary_wm_stdv": 52.37662546492778,
  "tpm_overlap_csf": 0.17159941792488098,
  "tpm_overlap_gm": 0.45074862241744995,
  "tpm_overlap_wm": 0.5094996690750122,
  "wm2max": 0.3918668334123938
}