{
  "bids_meta": {
    "AcquisitionMatrixPE": 256,
    "AcquisitionNumber": 1,
    "AcquisitionTime": "15:57:59.345000",
    "BaseResolution": 256,
    "BodyPartExamined": "HEAD",
    "ConsistencyInfo": "N4_VE11C_LATEST_20160120",
    "ConversionSoftware": "dcm2niix",
    "ConversionSoftwareVersion": "v1.0.20181125  GCC5.3.1",
    "DeviceSerialNumber": "167013",
    "DwellTime": 9.8e-06,
    "EchoTime": 0.00229,
    "FlipAngle": 8,
    "ImageOrientationPatientDICOM": [
      0.00574082,
      0.978073,
      0.208183,
      0.0277038,
      0.207951,
      -0.977747
    ],
    "ImageType": [
      "ORIGINAL",
      "PRIMARY",
      "M",
      "ND",
      "NORM"
    ],
    "ImagingFrequency": 123.249,
    "InPlanePhaseEncodingDirectionDICOM": "ROW",
    "InstitutionAddress": "Whiteknights_Campus_StreetNo_Reading_District_GB_RG6_7BE",
    "InstitutionName": "UoR",
    "InstitutionalDepartmentName": "Department",
    "InversionTime": 0.9,
    "MRAcquisitionType": "3D",
    "MagneticFieldStrength": 3,
    "Manufacturer": "Siemens",
    "ManufacturersModelName": "Prisma_fit",
    "Modality": "MR",
    "PartialFourier": 1,
    "PatientPosition": "HFS",
    "PercentPhaseFOV": 100,
    "PhaseEncodingSteps": 255,
    "PhaseResolution": 1,
    "PixelBandwidth": 200,
    "ProcedureStepDescription": "head_Kou_Murayama",
    "ProtocolName": "t1_mprage_sag_p2_iso_192",
    "PulseSequenceDetails": "%SiemensSeq%_tfl",
    "ReceiveCoilActiveElements": "HEA;HEP",
    "ReceiveCoilName": "Head_32",
    "ReconMatrixPE": 256,
    "RepetitionTime": 2.3,
    "SAR": 0.0560035,
    "ScanOptions": "IR",
    "ScanningSequence": "GR_IR",
    "SequenceName": "_tfl3d1_16ns",
    "SequenceVariant": "SK_SP_MP",
    "SeriesDescription": "t1_mprage_sag_p2_iso_192",
    "SeriesNumber": 13,
    "ShimSetting": [
      3382,
      -11946,
      11206,
      -4,
      -40,
      -152,
      -34,
      21
    ],
    "SliceThickness": 0.94,
    "SoftwareVersions": "syngo_MR_E11",
    "StationName": "AWP167013",
    "TxRefAmp": 228.216,
    "dataset": "<unset>",
    "modality": "T1w",
    "rec_id": "NORM",
    "subject_id": "control049"
  },
  "cjv": 0.3659298026763151,
  "cnr": 3.616598464309272,
  "efc": 0.5026340972185801,
  "fber": 8547.474878789493,
  "fwhm_avg": 3.9206995872630284,
  "fwhm_x": 3.9489680951224186,
  "fwhm_y": 3.8759573333333335,
  "fwhm_z": 3.9371733333333334,
  "icvs_csf": 0.21391017909237753,
  "icvs_gm": 0.4261939536670986,
  "icvs_wm": 0.35989586724052386,
  "inu_med": 1.3525751829147339,
  "inu_range": 0.392594766616821,
  "provenance": {
    "md5sum": "9cafb4118caf1570fe55daf717452a4b",
    "settings": {
      "testing": false
    },
    "software": "mriqc",
    "version": "0.16.1",
    "warnings": {
      "large_rot_frame": true,
      "small_air_mask": false
    },
    "webapi_port": null,
    "webapi_url": "https://mriqc.nimh.nih.gov/api/v1"
  },
  "qi_1": 0.0,
  "qi_2": 0.01276425071457781,
  "rpve_csf": 26.160975538174828,
  "rpve_gm": 13.836900686842,
  "rpve_wm": 19.85563170062497,
  "size_x": 192,
  "size_y": 256,
  "size_z": 256,
  "snr_csf": 3.4685690692101545,
  "snr_gm": 11.391334978067666,
  "snr_total": 11.449717514413472,
  "snr_wm": 19.489248495962592,
  "snrd_csf": 47.294453118248704,
  "snrd_gm": 81.39740584764816,
  "snrd_total": 81.2544437744685,
  "snrd_wm": 115.07147235750867,
  "spacing_x": 0.9399999976158142,
  "spacing_y": 0.9375,
  "spacing_z": 0.9375,
  "summary_bg_k": 30.29031324679498,
  "summary_bg_mad": 5.693299518315272,
  "summary_bg_mean": 6.4460471532156705,
  "summary_bg_median": 3.8400721698999405,
  "summary_bg_n": 2780800.0,
  "summary_bg_p05": 0.0,
  "summary_bg_p95": 19.313304148614407,
  "summary_bg_stdv": 7.654936890157186,
  "summary_csf_k": -0.6808849483514692,
  "summary_csf_mad": 128.93648909125764,
  "summary_csf_mean": 390.58673847326145,
  "summary_csf_median": 411.00066547840834,
  "summary_csf_n": 13127.0,
  "summary_csf_p05": 189.42285411022604,
  "summary_csf_p95": 559.0919192776082,
  "summary_csf_stdv": 118.48834553873408,
  "summary_gm_k": 0.03850851039809822,
  "summary_gm_mad": 61.37041980772198,
  "summary_gm_mean": 708.3480747318215,
  "summary_gm_median": 707.363882355392,
  "summary_gm_n": 27857.0,
  "summary_gm_p05": 605.7713848017156,
  "summary_gm_p95": 811.1135969221591,
  "summary_gm_stdv": 62.09554782327331,
  "summary_wm_k": 0.9079511881534827,
  "summary_wm_mad": 45.71384613235498,
  "summary_wm_mean": 998.4591985468821,
  "summary_wm_median": 999.9999703615904,
  "summary_wm_n": 208801.0,
  "summary_wm_p05": 908.8547279760242,
  "summary_wm_p95": 1078.6085065454245,
  "summary_wm_stdv": 51.31021732015001,
  "tpm_overlap_csf": 0.16546866297721863,
  "tpm_overlap_gm": 0.44821998476982117,
  "tpm_overlap_wm": 0.5049192309379578,
  "wm2max": 0.3809400882004948
}