{
  "bids_meta": {
    "AcquisitionMatrixPE": 256,
    "AcquisitionNumber": 1,
    "AcquisitionTime": "12:20:6.312500",
    "BaseResolution": 256,
    "BodyPartExamined": "HEAD",
    "ConsistencyInfo": "N4_VE11C_LATEST_20160120",
    "ConversionSoftware": "dcm2niix",
    "ConversionSoftwareVersion": "v1.0.20181125  GCC5.3.1",
    "DeviceSerialNumber": "167013",
    "DwellTime": 9.8e-06,
    "EchoTime": 0.00229,
    "FlipAngle": 8,
    "ImageOrientationPatientDICOM": [
      -0.08606,
      0.995864,
      0.0291158,
      -0.0454581,
      0.0252688,
      -0.998647
    ],
    "ImageType": [
      "ORIGINAL",
      "PRIMARY",
      "M",
      "ND",
      "NORM"
    ],
    "ImagingFrequency": 123.249,
    "InPlanePhaseEncodingDirectionDICOM": "ROW",
    "InstitutionAddress": "Whiteknights_Campus_StreetNo_Reading_District_GB_RG6_7BE",
    "InstitutionName": "UoR",
    "InstitutionalDepartmentName": "Department",
    "InversionTime": 0.9,
    "MRAcquisitionType": "3D",
    "MagneticFieldStrength": 3,
    "Manufacturer": "Siemens",
    "ManufacturersModelName": "Prisma_fit",
    "Modality": "MR",
    "PartialFourier": 1,
    "PatientPosition": "HFS",
    "PercentPhaseFOV": 100,
    "PhaseEncodingSteps": 255,
    "PhaseResolution": 1,
    "PixelBandwidth": 200,
    "ProcedureStepDescription": "head_Kou_Murayama",
    "ProtocolName": "t1_mprage_sag_p2_iso_192",
    "PulseSequenceDetails": "%SiemensSeq%_tfl",
    "ReceiveCoilActiveElements": "HEA;HEP",
    "ReceiveCoilName": "Head_32",
    "ReconMatrixPE": 256,
    "RepetitionTime": 2.3,
    "SAR": 0.0501186,
    "ScanOptions": "IR",
    "ScanningSequence": "GR_IR",
    "SequenceName": "_tfl3d1_16ns",
    "SequenceVariant": "SK_SP_MP",
    "SeriesDescription": "t1_mprage_sag_p2_iso_192",
    "SeriesNumber": 13,
    "ShimSetting": [
      3382,
      -11946,
      11206,
      -4,
      -40,
      -152,
      -34,
      21
    ],
    "SliceThickness": 0.94,
    "SoftwareVersions": "syngo_MR_E11",
    "StationName": "AWP167013",
    "TxRefAmp": 242.395,
    "dataset": "<unset>",
    "modality": "T1w",
    "rec_id": "NORM",
    "subject_id": "control023"
  },
  "cjv": 0.36139921228065297,
  "cnr": 3.6455894327871596,
  "efc": 0.537358674910375,
  "fber": 4537.519290123457,
  "fwhm_avg": 3.923725351313678,
  "fwhm_x": 3.838428878197696,
  "fwhm_y": 4.003541842410004,
  "fwhm_z": 3.9292053333333334,
  "icvs_csf": 0.2074434843980753,
  "icvs_gm": 0.41602991712195375,
  "icvs_wm": 0.37652659847997094,
  "inu_med": 1.2300002574920654,
  "inu_range": 0.3205254912376403,
  "provenance": {
    "md5sum": "26849b46257c3cbac802114dbc77b2bd",
    "settings": {
      "testing": false
    },
    "software": "mriqc",
    "version": "0.16.1",
    "warnings": {
      "large_rot_frame": true,
      "small_air_mask": false
    },
    "webapi_port": null,
    "webapi_url": "https://mriqc.nimh.nih.gov/api/v1"
  },
  "qi_1": 0.0,
  "qi_2": 0.003765822894207344,
  "rpve_csf": 28.29429255877307,
  "rpve_gm": 15.020102618713393,
  "rpve_wm": 20.516186218591027,
  "size_x": 192,
  "size_y": 256,
  "size_z": 256,
  "snr_csf": 2.876314455349534,
  "snr_gm": 11.611002999450314,
  "snr_total": 11.754875880164818,
  "snr_wm": 20.77731018569461,
  "snrd_csf": 29.402581726839205,
  "snrd_gm": 61.31744078461064,
  "snrd_total": 58.90115296961653,
  "snrd_wm": 85.98343639739976,
  "spacing_x": 0.9400017857551575,
  "spacing_y": 0.9374998807907104,
  "spacing_z": 0.9375,
  "summary_bg_k": 1116.802548060529,
  "summary_bg_mad": 7.619332441591939,
  "summary_bg_mean": 7.774933064358336,
  "summary_bg_median": 5.1969050243496895,
  "summary_bg_n": 2593934.0,
  "summary_bg_p05": 0.0,
  "summary_bg_p95": 21.134080432355404,
  "summary_bg_stdv": 10.176264307166852,
  "summary_csf_k": -0.7519640152318856,
  "summary_csf_mad": 139.88751920855313,
  "summary_csf_mean": 354.7516877852907,
  "summary_csf_median": 341.95635060220957,
  "summary_csf_n": 11339.0,
  "summary_csf_p05": 179.92840062081814,
  "summary_csf_p95": 548.3485464747996,
  "summary_csf_stdv": 118.88174148121358,
  "summary_gm_k": 0.05724769651363815,
  "summary_gm_mad": 60.52660714837642,
  "summary_gm_mean": 713.0052602261078,
  "summary_gm_median": 713.1308561190963,
  "summary_gm_n": 18307.0,
  "summary_gm_p05": 612.4841288141906,
  "summary_gm_p95": 814.5513448387385,
  "summary_gm_stdv": 61.41686285736634,
  "summary_wm_k": 0.8436539177729303,
  "summary_wm_mad": 43.14768034339705,
  "summary_wm_mean": 1000.2513254430529,
  "summary_wm_median": 1000.0000134631991,
  "summary_wm_n": 207492.0,
  "summary_wm_p05": 920.6605967581272,
  "summary_wm_p95": 1079.1084566116333,
  "summary_wm_stdv": 48.12931004020493,
  "tpm_overlap_csf": 0.16761113703250885,
  "tpm_overlap_gm": 0.4373198449611664,
  "tpm_overlap_wm": 0.503921389579773,
  "wm2max": 0.37112120692611006
}