{
  "aor": 0.001188817480719794,
  "aqi": 0.0031150095372750645,
  "bids_meta": {
    "AcquisitionMatrixPE": 64,
    "AcquisitionNumber": 1,
    "AcquisitionTime": "13:24:14.427500",
    "BandwidthPerPixelPhaseEncode": 58.962,
    "BaseResolution": 64,
    "BodyPartExamined": "HEAD",
    "ConsistencyInfo": "N4_VE11C_LATEST_20160120",
    "ConversionSoftware": "dcm2niix",
    "ConversionSoftwareVersion": "v1.0.20181125  GCC5.3.1",
    "DerivedVendorReportedEchoSpacing": 0.000530002,
    "DeviceSerialNumber": "167013",
    "DwellTime": 3.5e-06,
    "EchoTime": 0.03,
    "EchoTrainLength": 31,
    "EffectiveEchoSpacing": 0.000265001,
    "FlipAngle": 90,
    "ImageOrientationPatientDICOM": [
      0.999131,
      -0.0166828,
      -0.0382074,
      0.0207544,
      0.99385,
      0.108777
    ],
    "ImageType": [
      "ORIGINAL",
      "PRIMARY",
      "M",
      "ND",
      "MOSAIC"
    ],
    "ImagingFrequency": 123.249,
    "InPlanePhaseEncodingDirectionDICOM": "COL",
    "InstitutionAddress": "Whiteknights_Campus_StreetNo_Reading_District_GB_RG6_7BE",
    "InstitutionName": "UoR",
    "InstitutionalDepartmentName": "Department",
    "MRAcquisitionType": "2D",
    "MagneticFieldStrength": 3,
    "Manufacturer": "Siemens",
    "ManufacturersModelName": "Prisma_fit",
    "Modality": "MR",
    "ParallelReductionFactorInPlane": 2,
    "PartialFourier": 1,
    "PatientPosition": "HFS",
    "PercentPhaseFOV": 100,
    "PhaseEncodingDirection": "j",
    "PhaseEncodingSteps": 63,
    "PhaseResolution": 1,
    "PixelBandwidth": 2230,
    "ProcedureStepDescription": "head_Kou_Murayama",
    "ProtocolName": "ep2d_bold_PtoA_iPAT2_MagicTrick_Run1",
    "PulseSequenceDetails": "%SiemensSeq%_ep2d_bold",
    "ReceiveCoilActiveElements": "HEA;HEP",
    "ReceiveCoilName": "Head_32",
    "ReconMatrixPE": 64,
    "RepetitionTime": 2,
    "SAR": 0.113928,
    "ScanOptions": "FS",
    "ScanningSequence": "EP",
    "SequenceName": "_epfid2d1_64",
    "SequenceVariant": "SK",
    "SeriesDescription": "ep2d_bold_PtoA_iPAT2_MagicTrick_Run1",
    "SeriesNumber": 9,
    "ShimSetting": [
      3374,
      -11934,
      11475,
      476,
      -9,
      -67,
      77,
      30
    ],
    "SliceThickness": 3,
    "SliceTiming": [
      0,
      1.0175,
      0.055,
      1.07,
      0.1075,
      1.125,
      0.16,
      1.1775,
      0.215,
      1.2325,
      0.2675,
      1.285,
      0.3225,
      1.3375,
      0.375,
      1.3925,
      0.43,
      1.445,
      0.4825,
      1.5,
      0.535,
      1.5525,
      0.59,
      1.605,
      0.6425,
      1.66,
      0.6975,
      1.7125,
      0.75,
      1.7675,
      0.8025,
      1.82,
      0.8575,
      1.8725,
      0.91,
      1.9275,
      0.965
    ],
    "SoftwareVersions": "syngo_MR_E11",
    "SpacingBetweenSlices": 3.75,
    "StationName": "AWP167013",
    "TaskName": "magictrickwatching",
    "TotalReadoutTime": 0.0166951,
    "TxRefAmp": 231.928,
    "dataset": "<unset>",
    "modality": "bold",
    "run_id": 1,
    "subject_id": "control041",
    "task_id": "magictrickwatching"
  },
  "dummy_trs": 1,
  "dvars_nstd": 26.032141095902087,
  "dvars_std": 1.17973594628866,
  "dvars_vstd": 0.9916065216752573,
  "efc": 0.43593107473940745,
  "fber": 10581145.0,
  "fd_mean": 0.10441309211246669,
  "fd_num": 0,
  "fd_perc": 0.0,
  "fwhm_avg": 2.852120160933542,
  "fwhm_x": 2.7072004302979202,
  "fwhm_y": 3.040306183423013,
  "fwhm_z": 2.8088538690796923,
  "gcor": 0.0214444,
  "gsr_x": 0.020703120157122612,
  "gsr_y": 0.022833243012428284,
  "provenance": {
    "md5sum": "36d796158b0c9351dc0540780287374c",
    "settings": {
      "fd_thres": 0.5,
      "testing": false
    },
    "software": "mriqc",
    "version": "0.16.1",
    "webapi_port": null,
    "webapi_url": "https://mriqc.nimh.nih.gov/api/v1"
  },
  "size_t": 389,
  "size_x": 64,
  "size_y": 64,
  "size_z": 37,
  "snr": 2.5324886789626184,
  "spacing_tr": 2.0,
  "spacing_x": 2.999999523162842,
  "spacing_y": 3.000000476837158,
  "spacing_z": 3.7499992847442627,
  "summary_bg_k": 44.98517271971803,
  "summary_bg_mad": 0.1896908063793951,
  "summary_bg_mean": 11.941573143005371,
  "summary_bg_median": 0.12867793440818787,
  "summary_bg_n": 92767.0,
  "summary_bg_p05": 0.00040819941496010885,
  "summary_bg_p95": 68.09718322753906,
  "summary_bg_stdv": 38.10689926147461,
  "summary_fg_k": 0.3350438523710233,
  "summary_fg_mad": 173.04951373550713,
  "summary_fg_mean": 472.27484130859375,
  "summary_fg_median": 439.43560791015625,
  "summary_fg_n": 25679.0,
  "summary_fg_p05": 246.53198852539063,
  "summary_fg_p95": 801.0211059570312,
  "summary_fg_stdv": 173.51589965820312,
  "tsnr": 57.35243606567383
}