{
  "bids_meta": {
    "AcquisitionMatrixPE": 256,
    "AcquisitionNumber": 1,
    "AcquisitionTime": "17:53:12.667500",
    "BaseResolution": 256,
    "BodyPartExamined": "HEAD",
    "ConsistencyInfo": "N4_VE11C_LATEST_20160120",
    "ConversionSoftware": "dcm2niix",
    "ConversionSoftwareVersion": "v1.0.20181125  GCC5.3.1",
    "DeviceSerialNumber": "167013",
    "DwellTime": 9.8e-06,
    "EchoTime": 0.00229,
    "FlipAngle": 8,
    "ImageOrientationPatientDICOM": [
      -0.0153455,
      0.989686,
      0.142432,
      0.0163902,
      0.142679,
      -0.989633
    ],
    "ImageType": [
      "ORIGINAL",
      "PRIMARY",
      "M",
      "ND",
      "NORM"
    ],
    "ImagingFrequency": 123.249,
    "InPlanePhaseEncodingDirectionDICOM": "ROW",
    "InstitutionAddress": "Whiteknights_Campus_StreetNo_Reading_District_GB_RG6_7BE",
    "InstitutionName": "UoR",
    "InstitutionalDepartmentName": "Department",
    "InversionTime": 0.9,
    "MRAcquisitionType": "3D",
    "MagneticFieldStrength": 3,
    "Manufacturer": "Siemens",
    "ManufacturersModelName": "Prisma_fit",
    "Modality": "MR",
    "PartialFourier": 1,
    "PatientPosition": "HFS",
    "PercentPhaseFOV": 100,
    "PhaseEncodingSteps": 255,
    "PhaseResolution": 1,
    "PixelBandwidth": 200,
    "ProcedureStepDescription": "head_Kou_Murayama",
    "ProtocolName": "t1_mprage_sag_p2_iso_192",
    "PulseSequenceDetails": "%SiemensSeq%_tfl",
    "ReceiveCoilActiveElements": "HEA;HEP",
    "ReceiveCoilName": "Head_32",
    "ReconMatrixPE": 256,
    "RepetitionTime": 2.3,
    "SAR": 0.0518314,
    "ScanOptions": "IR",
    "ScanningSequence": "GR_IR",
    "SequenceName": "_tfl3d1_16ns",
    "SequenceVariant": "SK_SP_MP",
    "SeriesDescription": "t1_mprage_sag_p2_iso_192",
    "SeriesNumber": 13,
    "ShimSetting": [
      3382,
      -11946,
      11206,
      -4,
      -40,
      -152,
      -34,
      21
    ],
    "SliceThickness": 0.94,
    "SoftwareVersions": "syngo_MR_E11",
    "StationName": "AWP167013",
    "TxRefAmp": 249.649,
    "dataset": "<unset>",
    "modality": "T1w",
    "rec_id": "NORM",
    "subject_id": "control027"
  },
  "cjv": 0.39911401493948273,
  "cnr": 3.336165135339476,
  "efc": 0.589474680877603,
  "fber": 6448.486549306509,
  "fwhm_avg": 3.8947203058433537,
  "fwhm_x": 3.8356595841967285,
  "fwhm_y": 3.9421226666666667,
  "fwhm_z": 3.906378666666667,
  "icvs_csf": 0.20088500872394682,
  "icvs_gm": 0.4156971966679217,
  "icvs_wm": 0.38341779460813147,
  "inu_med": 1.2901568412780762,
  "inu_range": 0.3957205176353453,
  "provenance": {
    "md5sum": "6a19501529f607bb37cc7032ade0d64e",
    "settings": {
      "testing": false
    },
    "software": "mriqc",
    "version": "0.16.1",
    "warnings": {
      "large_rot_frame": true,
      "small_air_mask": false
    },
    "webapi_port": null,
    "webapi_url": "https://mriqc.nimh.nih.gov/api/v1"
  },
  "qi_1": 0.0,
  "qi_2": 0.012497164282634607,
  "rpve_csf": 21.716599373713752,
  "rpve_gm": 11.260900049717447,
  "rpve_wm": 14.90546413842086,
  "size_x": 192,
  "size_y": 256,
  "size_z": 256,
  "snr_csf": 2.964105082307434,
  "snr_gm": 11.266213439281728,
  "snr_total": 11.470222353838082,
  "snr_wm": 20.18034853992508,
  "snrd_csf": 37.74783576787508,
  "snrd_gm": 69.74014843505866,
  "snrd_total": 67.80322895267624,
  "snrd_wm": 95.92170265509493,
  "spacing_x": 0.9399999976158142,
  "spacing_y": 0.9375,
  "spacing_z": 0.9375,
  "summary_bg_k": 64.45432626784006,
  "summary_bg_mad": 6.829907532934749,
  "summary_bg_mean": 7.319752057149971,
  "summary_bg_median": 4.606702625751495,
  "summary_bg_n": 2517364.0,
  "summary_bg_p05": 0.0,
  "summary_bg_p95": 23.206264477223158,
  "summary_bg_stdv": 8.580323545841111,
  "summary_csf_k": 7.678468830623192,
  "summary_csf_mad": 149.40422728294763,
  "summary_csf_mean": 392.4710451958371,
  "summary_csf_median": 393.5275718048215,
  "summary_csf_n": 16261.0,
  "summary_csf_p05": 191.06299140304327,
  "summary_csf_p95": 581.6537902839482,
  "summary_csf_stdv": 132.76029706840956,
  "summary_gm_k": 0.06648530041368295,
  "summary_gm_mad": 63.26201852380811,
  "summary_gm_mean": 726.3046266423736,
  "summary_gm_median": 727.0528419092298,
  "summary_gm_n": 34497.0,
  "summary_gm_p05": 618.3346599414945,
  "summary_gm_p95": 831.9129104278982,
  "summary_gm_stdv": 64.53297799097648,
  "summary_wm_k": 0.6926616898148441,
  "summary_wm_mad": 45.67500662650113,
  "summary_wm_mean": 999.9764779058038,
  "summary_wm_median": 999.9999724850059,
  "summary_wm_n": 301441.0,
  "summary_wm_p05": 918.8068387061357,
  "summary_wm_p95": 1080.9627711325884,
  "summary_wm_stdv": 49.553074457851146,
  "tpm_overlap_csf": 0.15191470086574554,
  "tpm_overlap_gm": 0.42836281657218933,
  "tpm_overlap_wm": 0.48079854249954224,
  "wm2max": 0.3688928541082505
}