{
  "bids_meta": {
    "AcquisitionMatrixPE": 256,
    "AcquisitionNumber": 1,
    "AcquisitionTime": "16:13:30.532500",
    "BaseResolution": 256,
    "BodyPartExamined": "HEAD",
    "ConsistencyInfo": "N4_VE11C_LATEST_20160120",
    "ConversionSoftware": "dcm2niix",
    "ConversionSoftwareVersion": "v1.0.20181125  GCC5.3.1",
    "DeviceSerialNumber": "167013",
    "DwellTime": 9.8e-06,
    "EchoTime": 0.00229,
    "FlipAngle": 8,
    "ImageOrientationPatientDICOM": [
      -0.0149415,
      0.99972,
      -0.0183247,
      -0.00419722,
      -0.0183893,
      -0.999822
    ],
    "ImageType": [
      "ORIGINAL",
      "PRIMARY",
      "M",
      "ND",
      "NORM"
    ],
    "ImagingFrequency": 123.249,
    "InPlanePhaseEncodingDirectionDICOM": "ROW",
    "InstitutionAddress": "Whiteknights_Campus_StreetNo_Reading_District_GB_RG6_7BE",
    "InstitutionName": "UoR",
    "InstitutionalDepartmentName": "Department",
    "InversionTime": 0.9,
    "MRAcquisitionType": "3D",
    "MagneticFieldStrength": 3,
    "Manufacturer": "Siemens",
    "ManufacturersModelName": "Prisma_fit",
    "Modality": "MR",
    "PartialFourier": 1,
    "PatientPosition": "HFS",
    "PercentPhaseFOV": 100,
    "PhaseEncodingSteps": 255,
    "PhaseResolution": 1,
    "PixelBandwidth": 200,
    "ProcedureStepDescription": "head_Kou_Murayama",
    "ProtocolName": "t1_mprage_sag_p2_iso_192",
    "PulseSequenceDetails": "%SiemensSeq%_tfl",
    "ReceiveCoilActiveElements": "HEA;HEP",
    "ReceiveCoilName": "Head_32",
    "ReconMatrixPE": 256,
    "RepetitionTime": 2.3,
    "SAR": 0.0540278,
    "ScanOptions": "IR",
    "ScanningSequence": "GR_IR",
    "SequenceName": "_tfl3d1_16ns",
    "SequenceVariant": "SK_SP_MP",
    "SeriesDescription": "t1_mprage_sag_p2_iso_192",
    "SeriesNumber": 14,
    "ShimSetting": [
      3382,
      -11946,
      11206,
      -4,
      -40,
      -152,
      -34,
      21
    ],
    "SliceThickness": 0.94,
    "SoftwareVersions": "syngo_MR_E11",
    "StationName": "AWP167013",
    "TxRefAmp": 228.605,
    "dataset": "<unset>",
    "modality": "T1w",
    "rec_id": "NORM",
    "subject_id": "experimental016"
  },
  "cjv": 0.38835285804987535,
  "cnr": 3.249514907010315,
  "efc": 0.5800092534345557,
  "fber": 677.7447140428478,
  "fwhm_avg": 3.9385594832370283,
  "fwhm_x": 3.940585116377752,
  "fwhm_y": 3.8988159999999996,
  "fwhm_z": 3.9762773333333334,
  "icvs_csf": 0.21865615771480626,
  "icvs_gm": 0.41566873505933666,
  "icvs_wm": 0.3656751072258571,
  "inu_med": 1.3912920951843262,
  "inu_range": 0.4121080815792084,
  "provenance": {
    "md5sum": "30ddd2b1e810464844d5ec96cc9e9fd1",
    "settings": {
      "testing": false
    },
    "software": "mriqc",
    "version": "0.16.1",
    "warnings": {
      "large_rot_frame": true,
      "small_air_mask": false
    },
    "webapi_port": null,
    "webapi_url": "https://mriqc.nimh.nih.gov/api/v1"
  },
  "qi_1": 3.7765304898189095e-06,
  "qi_2": 0.005110233364266202,
  "rpve_csf": 22.14014805872641,
  "rpve_gm": 11.867665511644237,
  "rpve_wm": 16.070231004745757,
  "size_x": 192,
  "size_y": 256,
  "size_z": 256,
  "snr_csf": 3.151547540087523,
  "snr_gm": 11.506833533356904,
  "snr_total": 10.51962867533878,
  "snr_wm": 16.90050495257191,
  "snrd_csf": 16.9078302624618,
  "snrd_gm": 33.19547417875352,
  "snrd_total": 32.41937987611569,
  "snrd_wm": 47.15483518713174,
  "spacing_x": 0.9399999976158142,
  "spacing_y": 0.9375,
  "spacing_z": 0.9375,
  "summary_bg_k": 12.850304508839509,
  "summary_bg_mad": 13.893302047784774,
  "summary_bg_mean": 25.846825781561066,
  "summary_bg_median": 14.028934478759766,
  "summary_bg_n": 3195069.0,
  "summary_bg_p05": 0.0,
  "summary_bg_p95": 91.18807411193848,
  "summary_bg_stdv": 32.49054987304046,
  "summary_csf_k": -0.14356717155112753,
  "summary_csf_mad": 120.40861774746804,
  "summary_csf_mean": 365.76204733928756,
  "summary_csf_median": 358.55983708798885,
  "summary_csf_n": 23675.0,
  "summary_csf_p05": 189.70297845751048,
  "summary_csf_p95": 555.2553625747562,
  "summary_csf_stdv": 113.7702223767274,
  "summary_gm_k": 0.15205063287175813,
  "summary_gm_mad": 59.87931935214841,
  "summary_gm_mean": 704.1415361866972,
  "summary_gm_median": 703.9675481021404,
  "summary_gm_n": 22940.0,
  "summary_gm_p05": 602.2577731311321,
  "summary_gm_p95": 804.4717115163803,
  "summary_gm_stdv": 61.1768826084897,
  "summary_wm_k": 0.6946696501505469,
  "summary_wm_mad": 55.08572390876068,
  "summary_wm_mean": 1000.5434666915487,
  "summary_wm_median": 999.9999858140945,
  "summary_wm_n": 248859.0,
  "summary_wm_p05": 903.9346649497747,
  "summary_wm_p95": 1097.7641229629517,
  "summary_wm_stdv": 59.16970998491227,
  "tpm_overlap_csf": 0.15322807431221008,
  "tpm_overlap_gm": 0.4327528178691864,
  "tpm_overlap_wm": 0.49077919125556946,
  "wm2max": 0.387615798440798
}