{
  "aor": 0.002358633333333333,
  "aqi": 0.0044531368,
  "bids_meta": {
    "AcquisitionMatrixPE": 64,
    "AcquisitionNumber": 1,
    "AcquisitionTime": "09:26:25.270000",
    "BandwidthPerPixelPhaseEncode": 58.962,
    "BaseResolution": 64,
    "BodyPartExamined": "HEAD",
    "ConsistencyInfo": "N4_VE11C_LATEST_20160120",
    "ConversionSoftware": "dcm2niix",
    "ConversionSoftwareVersion": "v1.0.20181125  GCC5.3.1",
    "DerivedVendorReportedEchoSpacing": 0.000530002,
    "DeviceSerialNumber": "167013",
    "DwellTime": 3.5e-06,
    "EchoTime": 0.03,
    "EchoTrainLength": 31,
    "EffectiveEchoSpacing": 0.000265001,
    "FlipAngle": 90,
    "ImageOrientationPatientDICOM": [
      0.994429,
      0.0737818,
      -0.0752836,
      -0.0686653,
      0.99529,
      0.0684288
    ],
    "ImageType": [
      "ORIGINAL",
      "PRIMARY",
      "M",
      "ND",
      "MOSAIC"
    ],
    "ImagingFrequency": 123.249,
    "InPlanePhaseEncodingDirectionDICOM": "COL",
    "InstitutionAddress": "Whiteknights_Campus_StreetNo_Reading_District_GB_RG6_7BE",
    "InstitutionName": "UoR",
    "InstitutionalDepartmentName": "Department",
    "MRAcquisitionType": "2D",
    "MagneticFieldStrength": 3,
    "Manufacturer": "Siemens",
    "ManufacturersModelName": "Prisma_fit",
    "Modality": "MR",
    "ParallelReductionFactorInPlane": 2,
    "PartialFourier": 1,
    "PatientPosition": "HFS",
    "PercentPhaseFOV": 100,
    "PhaseEncodingDirection": "j",
    "PhaseEncodingSteps": 63,
    "PhaseResolution": 1,
    "PixelBandwidth": 2230,
    "ProcedureStepDescription": "head_Kou_Murayama",
    "ProtocolName": "ep2d_bold_PtoA_iPAT2_PreResting",
    "PulseSequenceDetails": "%SiemensSeq%_ep2d_bold",
    "ReceiveCoilActiveElements": "HEA;HEP",
    "ReceiveCoilName": "Head_32",
    "ReconMatrixPE": 64,
    "RepetitionTime": 2,
    "SAR": 0.114027,
    "ScanOptions": "FS",
    "ScanningSequence": "EP",
    "SequenceName": "_epfid2d1_64",
    "SequenceVariant": "SK",
    "SeriesDescription": "ep2d_bold_PtoA_iPAT2_PreResting",
    "SeriesNumber": 6,
    "ShimSetting": [
      3359,
      -11940,
      11449,
      488,
      -9,
      -64,
      -111,
      96
    ],
    "SliceThickness": 3,
    "SliceTiming": [
      0,
      1.0175,
      0.0525,
      1.07,
      0.1075,
      1.1225,
      0.16,
      1.1775,
      0.215,
      1.23,
      0.2675,
      1.285,
      0.32,
      1.3375,
      0.375,
      1.39,
      0.4275,
      1.445,
      0.4825,
      1.4975,
      0.535,
      1.5525,
      0.5875,
      1.605,
      0.6425,
      1.6575,
      0.695,
      1.7125,
      0.75,
      1.765,
      0.8025,
      1.82,
      0.855,
      1.8725,
      0.91,
      1.925,
      0.9625
    ],
    "SoftwareVersions": "syngo_MR_E11",
    "SpacingBetweenSlices": 3.75,
    "StationName": "AWP167013",
    "TaskName": "rest",
    "TotalReadoutTime": 0.0166951,
    "TxRefAmp": 222.745,
    "dataset": "<unset>",
    "modality": "bold",
    "run_id": 1,
    "subject_id": "control009",
    "task_id": "rest"
  },
  "dummy_trs": 0,
  "dvars_nstd": 24.33381922347825,
  "dvars_std": 1.0986120797324421,
  "dvars_vstd": 0.9928471997324411,
  "efc": 0.45772128154367814,
  "fber": 2123797.0,
  "fd_mean": 0.16395143223320066,
  "fd_num": 7,
  "fd_perc": 2.3333333333333335,
  "fwhm_avg": 2.7582128431878092,
  "fwhm_x": 2.7163533333333336,
  "fwhm_y": 2.9495595311801384,
  "fwhm_z": 2.6087256650499553,
  "gcor": 0.0575949,
  "gsr_x": 0.011925108730793,
  "gsr_y": 0.0340140126645565,
  "provenance": {
    "md5sum": "f861d9fa2c1b5c3d8392aa5db53946b1",
    "settings": {
      "fd_thres": 0.5,
      "testing": false
    },
    "software": "mriqc",
    "version": "0.16.1",
    "webapi_port": null,
    "webapi_url": "https://mriqc.nimh.nih.gov/api/v1"
  },
  "size_t": 300,
  "size_x": 64,
  "size_y": 64,
  "size_z": 37,
  "snr": 2.5061375541728736,
  "spacing_tr": 2.0,
  "spacing_x": 3.0,
  "spacing_y": 3.000000476837158,
  "spacing_z": 3.749999523162842,
  "summary_bg_k": 30.41389117787562,
  "summary_bg_mad": 0.3929123433667775,
  "summary_bg_mean": 13.967321395874023,
  "summary_bg_median": 0.26787132024765015,
  "summary_bg_n": 88983.0,
  "summary_bg_p05": 0.0013233916717581451,
  "summary_bg_p95": 84.78848495483369,
  "summary_bg_stdv": 39.09727478027344,
  "summary_fg_k": 0.6552447497403358,
  "summary_fg_mad": 179.31098341375335,
  "summary_fg_mean": 486.3956604003906,
  "summary_fg_median": 454.52178955078125,
  "summary_fg_n": 27135.0,
  "summary_fg_p05": 253.00134429931643,
  "summary_fg_p95": 825.4015808105468,
  "summary_fg_stdv": 181.36012268066406,
  "tsnr": 45.226654052734375
}