{
  "aor": 0.0018410666666666667,
  "aqi": 0.003944889633333334,
  "bids_meta": {
    "AcquisitionMatrixPE": 64,
    "AcquisitionNumber": 1,
    "AcquisitionTime": "10:22:47.055000",
    "BandwidthPerPixelPhaseEncode": 58.962,
    "BaseResolution": 64,
    "BodyPartExamined": "HEAD",
    "ConsistencyInfo": "N4_VE11C_LATEST_20160120",
    "ConversionSoftware": "dcm2niix",
    "ConversionSoftwareVersion": "v1.0.20181125  GCC5.3.1",
    "DerivedVendorReportedEchoSpacing": 0.000530002,
    "DeviceSerialNumber": "167013",
    "DwellTime": 3.5e-06,
    "EchoTime": 0.03,
    "EchoTrainLength": 31,
    "EffectiveEchoSpacing": 0.000265001,
    "FlipAngle": 90,
    "ImageOrientationPatientDICOM": [
      0.994429,
      0.0737818,
      -0.0752836,
      -0.0686653,
      0.99529,
      0.0684288
    ],
    "ImageType": [
      "ORIGINAL",
      "PRIMARY",
      "M",
      "ND",
      "MOSAIC"
    ],
    "ImagingFrequency": 123.249,
    "InPlanePhaseEncodingDirectionDICOM": "COL",
    "InstitutionAddress": "Whiteknights_Campus_StreetNo_Reading_District_GB_RG6_7BE",
    "InstitutionName": "UoR",
    "InstitutionalDepartmentName": "Department",
    "MRAcquisitionType": "2D",
    "MagneticFieldStrength": 3,
    "Manufacturer": "Siemens",
    "ManufacturersModelName": "Prisma_fit",
    "Modality": "MR",
    "ParallelReductionFactorInPlane": 2,
    "PartialFourier": 1,
    "PatientPosition": "HFS",
    "PercentPhaseFOV": 100,
    "PhaseEncodingDirection": "j",
    "PhaseEncodingSteps": 63,
    "PhaseResolution": 1,
    "PixelBandwidth": 2230,
    "ProcedureStepDescription": "head_Kou_Murayama",
    "ProtocolName": "ep2d_bold_PtoA_iPAT2_PostResting",
    "PulseSequenceDetails": "%SiemensSeq%_ep2d_bold",
    "ReceiveCoilActiveElements": "HEA;HEP",
    "ReceiveCoilName": "Head_32",
    "ReconMatrixPE": 64,
    "RepetitionTime": 2,
    "SAR": 0.114027,
    "ScanOptions": "FS",
    "ScanningSequence": "EP",
    "SequenceName": "_epfid2d1_64",
    "SequenceVariant": "SK",
    "SeriesDescription": "ep2d_bold_PtoA_iPAT2_PostResting",
    "SeriesNumber": 12,
    "ShimSetting": [
      3359,
      -11940,
      11449,
      488,
      -9,
      -64,
      -111,
      96
    ],
    "SliceThickness": 3,
    "SliceTiming": [
      0,
      1.0175,
      0.0525,
      1.07,
      0.1075,
      1.125,
      0.16,
      1.1775,
      0.215,
      1.23,
      0.2675,
      1.285,
      0.32,
      1.3375,
      0.375,
      1.3925,
      0.4275,
      1.445,
      0.4825,
      1.4975,
      0.535,
      1.5525,
      0.5875,
      1.605,
      0.6425,
      1.66,
      0.695,
      1.7125,
      0.75,
      1.765,
      0.8025,
      1.82,
      0.8575,
      1.8725,
      0.91,
      1.9275,
      0.9625
    ],
    "SoftwareVersions": "syngo_MR_E11",
    "SpacingBetweenSlices": 3.75,
    "StationName": "AWP167013",
    "TaskName": "rest",
    "TotalReadoutTime": 0.0166951,
    "TxRefAmp": 222.745,
    "dataset": "<unset>",
    "modality": "bold",
    "run_id": 2,
    "subject_id": "control009",
    "task_id": "rest"
  },
  "dummy_trs": 0,
  "dvars_nstd": 23.235825829096992,
  "dvars_std": 1.0695752874247495,
  "dvars_vstd": 0.9601613279264213,
  "efc": 0.45773374145711637,
  "fber": 3060643.5,
  "fd_mean": 0.13570421679347364,
  "fd_num": 4,
  "fd_perc": 1.3333333333333333,
  "fwhm_avg": 2.7955808431420963,
  "fwhm_x": 2.738103333333333,
  "fwhm_y": 2.9901961913877817,
  "fwhm_z": 2.6584430047051755,
  "gcor": 0.0438348,
  "gsr_x": 0.014844308607280254,
  "gsr_y": 0.02952551282942295,
  "provenance": {
    "md5sum": "d6f31dfa45ecfd638e094509b789a990",
    "settings": {
      "fd_thres": 0.5,
      "testing": false
    },
    "software": "mriqc",
    "version": "0.16.1",
    "webapi_port": null,
    "webapi_url": "https://mriqc.nimh.nih.gov/api/v1"
  },
  "size_t": 300,
  "size_x": 64,
  "size_y": 64,
  "size_z": 37,
  "snr": 2.5000710697532456,
  "spacing_tr": 2.0,
  "spacing_x": 3.0,
  "spacing_y": 3.000000476837158,
  "spacing_z": 3.749999523162842,
  "summary_bg_k": 32.751786445003745,
  "summary_bg_mad": 0.343334981049489,
  "summary_bg_mean": 14.630366325378418,
  "summary_bg_median": 0.23725029826164246,
  "summary_bg_n": 88986.0,
  "summary_bg_p05": 0.002099303819704801,
  "summary_bg_p95": 91.96093940734863,
  "summary_bg_stdv": 41.57351303100586,
  "summary_fg_k": 0.45953756881089136,
  "summary_fg_mad": 183.50220324123228,
  "summary_fg_mean": 497.8157043457031,
  "summary_fg_median": 464.728515625,
  "summary_fg_n": 26847.0,
  "summary_fg_p05": 258.9307800292969,
  "summary_fg_p95": 851.8374328613276,
  "summary_fg_stdv": 185.88265991210938,
  "tsnr": 48.508056640625
}