{
  "bids_meta": {
    "AcquisitionMatrixPE": 256,
    "AcquisitionNumber": 1,
    "AcquisitionTime": "11:36:17.327500",
    "BaseResolution": 256,
    "BodyPartExamined": "HEAD",
    "ConsistencyInfo": "N4_VE11C_LATEST_20160120",
    "ConversionSoftware": "dcm2niix",
    "ConversionSoftwareVersion": "v1.0.20181125  GCC5.3.1",
    "DeviceSerialNumber": "167013",
    "DwellTime": 9.8e-06,
    "EchoTime": 0.00229,
    "FlipAngle": 8,
    "ImageOrientationPatientDICOM": [
      -0.0350025,
      0.983784,
      0.175906,
      0.0353807,
      0.177123,
      -0.983553
    ],
    "ImageType": [
      "ORIGINAL",
      "PRIMARY",
      "M",
      "ND",
      "NORM"
    ],
    "ImagingFrequency": 123.249,
    "InPlanePhaseEncodingDirectionDICOM": "ROW",
    "InstitutionAddress": "Whiteknights_Campus_StreetNo_Reading_District_GB_RG6_7BE",
    "InstitutionName": "UoR",
    "InstitutionalDepartmentName": "Department",
    "InversionTime": 0.9,
    "MRAcquisitionType": "3D",
    "MagneticFieldStrength": 3,
    "Manufacturer": "Siemens",
    "ManufacturersModelName": "Prisma_fit",
    "Modality": "MR",
    "PartialFourier": 1,
    "PatientPosition": "HFS",
    "PercentPhaseFOV": 100,
    "PhaseEncodingSteps": 255,
    "PhaseResolution": 1,
    "PixelBandwidth": 200,
    "ProcedureStepDescription": "head_Kou_Murayama",
    "ProtocolName": "t1_mprage_sag_p2_iso_192",
    "PulseSequenceDetails": "%SiemensSeq%_tfl",
    "ReceiveCoilActiveElements": "HEA;HEP",
    "ReceiveCoilName": "Head_32",
    "ReconMatrixPE": 256,
    "RepetitionTime": 2.3,
    "SAR": 0.0758876,
    "ScanOptions": "IR",
    "ScanningSequence": "GR_IR",
    "SequenceName": "_tfl3d1_16ns",
    "SequenceVariant": "SK_SP_MP",
    "SeriesDescription": "t1_mprage_sag_p2_iso_192",
    "SeriesNumber": 13,
    "ShimSetting": [
      3382,
      -11946,
      11206,
      -4,
      -40,
      -152,
      -34,
      21
    ],
    "SliceThickness": 0.94,
    "SoftwareVersions": "syngo_MR_E11",
    "StationName": "AWP167013",
    "TxRefAmp": 288.502,
    "dataset": "<unset>",
    "modality": "T1w",
    "rec_id": "NORM",
    "subject_id": "experimental032"
  },
  "cjv": 0.4048155575180087,
  "cnr": 3.1014709702333274,
  "efc": 0.6196270804273332,
  "fber": 2035.8478223593966,
  "fwhm_avg": 3.50747139774689,
  "fwhm_x": 3.4866808599073353,
  "fwhm_y": 3.432096,
  "fwhm_z": 3.6036373333333334,
  "icvs_csf": 0.18928705151356529,
  "icvs_gm": 0.4415492576499346,
  "icvs_wm": 0.36916369083650014,
  "inu_med": 1.3235728740692139,
  "inu_range": 0.42446057796478254,
  "provenance": {
    "md5sum": "3df8a6bc9fcc4c970184d979322e9e2b",
    "settings": {
      "testing": false
    },
    "software": "mriqc",
    "version": "0.16.1",
    "warnings": {
      "large_rot_frame": true,
      "small_air_mask": false
    },
    "webapi_port": null,
    "webapi_url": "https://mriqc.nimh.nih.gov/api/v1"
  },
  "qi_1": 0.0,
  "qi_2": 0.007369098262270581,
  "rpve_csf": 21.31031030175868,
  "rpve_gm": 9.949396990872135,
  "rpve_wm": 13.603099668687715,
  "size_x": 192,
  "size_y": 256,
  "size_z": 256,
  "snr_csf": 0.6805796762918814,
  "snr_gm": 9.4940085662508,
  "snr_total": 9.932131896158317,
  "snr_wm": 19.62180744593227,
  "snrd_csf": 40.44454812706026,
  "snrd_gm": 76.7321249949305,
  "snrd_total": 74.81593581541543,
  "snrd_wm": 107.27113432425551,
  "spacing_x": 0.9399999976158142,
  "spacing_y": 0.9375,
  "spacing_z": 0.9375,
  "summary_bg_k": 413.97081012846706,
  "summary_bg_mad": 6.107294243976622,
  "summary_bg_mean": 9.769526676619941,
  "summary_bg_median": 8.238614737987518,
  "summary_bg_n": 2327700.0,
  "summary_bg_p05": 0.0,
  "summary_bg_p95": 29.59798628091812,
  "summary_bg_stdv": 12.32760732697079,
  "summary_csf_k": 2.6149807995225833,
  "summary_csf_mad": 151.04243449686626,
  "summary_csf_mean": 596.3769876990075,
  "summary_csf_median": 377.03104946762323,
  "summary_csf_n": 25746.0,
  "summary_csf_p05": 199.55755698680878,
  "summary_csf_p95": 1952.151204686612,
  "summary_csf_stdv": 553.9744138732663,
  "summary_gm_k": 1.0226604592285842,
  "summary_gm_mad": 68.42431514084919,
  "summary_gm_mean": 719.5300213775988,
  "summary_gm_median": 715.3100962787867,
  "summary_gm_n": 46179.0,
  "summary_gm_p05": 604.5464981347322,
  "summary_gm_p95": 851.5523733347654,
  "summary_gm_stdv": 75.34250114413274,
  "summary_wm_k": 0.8363133727553711,
  "summary_wm_mad": 46.82258920382076,
  "summary_wm_mean": 1000.4887290205806,
  "summary_wm_median": 1000.0000055581331,
  "summary_wm_n": 290900.0,
  "summary_wm_p05": 917.7664251178503,
  "summary_wm_p95": 1083.911822333932,
  "summary_wm_stdv": 50.96361736850293,
  "tpm_overlap_csf": 0.15008634328842163,
  "tpm_overlap_gm": 0.41578829288482666,
  "tpm_overlap_wm": 0.48540550470352173,
  "wm2max": 0.3801964379198718
}