{
  "aor": 0.0049855012853470436,
  "aqi": 0.006380055938303342,
  "bids_meta": {
    "AcquisitionMatrixPE": 64,
    "AcquisitionNumber": 1,
    "AcquisitionTime": "12:20:0.945000",
    "BandwidthPerPixelPhaseEncode": 58.962,
    "BaseResolution": 64,
    "BodyPartExamined": "HEAD",
    "ConsistencyInfo": "N4_VE11C_LATEST_20160120",
    "ConversionSoftware": "dcm2niix",
    "ConversionSoftwareVersion": "v1.0.20181125  GCC5.3.1",
    "DerivedVendorReportedEchoSpacing": 0.000530002,
    "DeviceSerialNumber": "167013",
    "DwellTime": 3.5e-06,
    "EchoTime": 0.03,
    "EchoTrainLength": 31,
    "EffectiveEchoSpacing": 0.000265001,
    "FlipAngle": 90,
    "ImageOrientationPatientDICOM": [
      0.997522,
      -0.0690278,
      0.0136385,
      0.0695786,
      0.996553,
      -0.0451831
    ],
    "ImageType": [
      "ORIGINAL",
      "PRIMARY",
      "M",
      "ND",
      "MOSAIC"
    ],
    "ImagingFrequency": 123.249,
    "InPlanePhaseEncodingDirectionDICOM": "COL",
    "InstitutionAddress": "Whiteknights_Campus_StreetNo_Reading_District_GB_RG6_7BE",
    "InstitutionName": "University_of_Reading_CINN",
    "InstitutionalDepartmentName": "Department",
    "MRAcquisitionType": "2D",
    "MagneticFieldStrength": 3,
    "Manufacturer": "Siemens",
    "ManufacturersModelName": "Prisma_fit",
    "Modality": "MR",
    "ParallelReductionFactorInPlane": 2,
    "PartialFourier": 1,
    "PatientPosition": "HFS",
    "PercentPhaseFOV": 100,
    "PhaseEncodingDirection": "j",
    "PhaseEncodingSteps": 63,
    "PhaseResolution": 1,
    "PixelBandwidth": 2230,
    "ProcedureStepDescription": "head_Kou_Murayama",
    "ProtocolName": "ep2d_bold_PtoA_iPAT2_MagicTrick_Run3",
    "PulseSequenceDetails": "%SiemensSeq%_ep2d_bold",
    "ReceiveCoilActiveElements": "HEA;HEP",
    "ReceiveCoilName": "Head_32",
    "ReconMatrixPE": 64,
    "RepetitionTime": 2,
    "SAR": 0.117478,
    "ScanOptions": "FS",
    "ScanningSequence": "EP",
    "SequenceName": "_epfid2d1_64",
    "SequenceVariant": "SK",
    "SeriesDescription": "ep2d_bold_PtoA_iPAT2_MagicTrick_Run3",
    "SeriesNumber": 11,
    "ShimSetting": [
      3382,
      -11984,
      11439,
      324,
      49,
      -462,
      -6,
      44
    ],
    "SliceThickness": 3,
    "SliceTiming": [
      0,
      1.0175,
      0.0525,
      1.07,
      0.1075,
      1.1225,
      0.16,
      1.1775,
      0.215,
      1.23,
      0.2675,
      1.285,
      0.32,
      1.3375,
      0.375,
      1.3925,
      0.4275,
      1.445,
      0.4825,
      1.4975,
      0.535,
      1.5525,
      0.5875,
      1.605,
      0.6425,
      1.66,
      0.695,
      1.7125,
      0.75,
      1.765,
      0.8025,
      1.82,
      0.855,
      1.8725,
      0.91,
      1.9275,
      0.9625
    ],
    "SoftwareVersions": "syngo_MR_E11",
    "SpacingBetweenSlices": 3.75,
    "StationName": "AWP167013",
    "TaskName": "magictrickwatching",
    "TotalReadoutTime": 0.0166951,
    "TxRefAmp": 243.872,
    "dataset": "<unset>",
    "modality": "bold",
    "run_id": 3,
    "subject_id": "control015",
    "task_id": "magictrickwatching"
  },
  "dummy_trs": 0,
  "dvars_nstd": 24.63144515729381,
  "dvars_std": 1.154595962603093,
  "dvars_vstd": 1.0272444602061857,
  "efc": 0.4439552327068885,
  "fber": 2509761.25,
  "fd_mean": 0.09762551080383904,
  "fd_num": 6,
  "fd_perc": 1.5424164524421593,
  "fwhm_avg": 2.8708031853767912,
  "fwhm_x": 2.7925862227970404,
  "fwhm_y": 2.917476666666667,
  "fwhm_z": 2.902346666666667,
  "gcor": 0.0448442,
  "gsr_x": 0.014664302580058575,
  "gsr_y": 0.0352843701839447,
  "provenance": {
    "md5sum": "959935bba56543911b87da65eee8c327",
    "settings": {
      "fd_thres": 0.5,
      "testing": false
    },
    "software": "mriqc",
    "version": "0.16.1",
    "webapi_port": null,
    "webapi_url": "https://mriqc.nimh.nih.gov/api/v1"
  },
  "size_t": 389,
  "size_x": 64,
  "size_y": 64,
  "size_z": 37,
  "snr": 2.3280830761003086,
  "spacing_tr": 2.0,
  "spacing_x": 3.000000476837158,
  "spacing_y": 3.0,
  "spacing_z": 3.75,
  "summary_bg_k": 42.34658974776399,
  "summary_bg_mad": 0.31321335826173,
  "summary_bg_mean": 11.393628120422363,
  "summary_bg_median": 0.21706590056419373,
  "summary_bg_n": 92091.0,
  "summary_bg_p05": 0.0029224094469100237,
  "summary_bg_p95": 65.96187210083008,
  "summary_bg_stdv": 35.21882247924805,
  "summary_fg_k": 2.3656480732826815,
  "summary_fg_mad": 128.5092347154207,
  "summary_fg_mean": 387.86431884765625,
  "summary_fg_median": 354.33782958984375,
  "summary_fg_n": 26652.0,
  "summary_fg_p05": 209.6028564453125,
  "summary_fg_p95": 688.1197296142577,
  "summary_fg_stdv": 152.1986846923828,
  "tsnr": 42.77085876464844
}