{
  "bids_meta": {
    "AcquisitionMatrixPE": 256,
    "AcquisitionNumber": 1,
    "AcquisitionTime": "14:08:0.967500",
    "BaseResolution": 256,
    "BodyPartExamined": "HEAD",
    "ConsistencyInfo": "N4_VE11C_LATEST_20160120",
    "ConversionSoftware": "dcm2niix",
    "ConversionSoftwareVersion": "v1.0.20181125  GCC5.3.1",
    "DeviceSerialNumber": "167013",
    "DwellTime": 9.8e-06,
    "EchoTime": 0.00229,
    "FlipAngle": 8,
    "ImageOrientationPatientDICOM": [
      0.0688055,
      0.961504,
      0.266037,
      -0.020286,
      0.267963,
      -0.963216
    ],
    "ImageType": [
      "ORIGINAL",
      "PRIMARY",
      "M",
      "ND",
      "NORM"
    ],
    "ImagingFrequency": 123.249,
    "InPlanePhaseEncodingDirectionDICOM": "ROW",
    "InstitutionAddress": "Whiteknights_Campus_StreetNo_Reading_District_GB_RG6_7BE",
    "InstitutionName": "UoR",
    "InstitutionalDepartmentName": "Department",
    "InversionTime": 0.9,
    "MRAcquisitionType": "3D",
    "MagneticFieldStrength": 3,
    "Manufacturer": "Siemens",
    "ManufacturersModelName": "Prisma_fit",
    "Modality": "MR",
    "PartialFourier": 1,
    "PatientPosition": "HFS",
    "PercentPhaseFOV": 100,
    "PhaseEncodingSteps": 255,
    "PhaseResolution": 1,
    "PixelBandwidth": 200,
    "ProcedureStepDescription": "head_Kou_Murayama",
    "ProtocolName": "t1_mprage_sag_p2_iso_192",
    "PulseSequenceDetails": "%SiemensSeq%_tfl",
    "ReceiveCoilActiveElements": "HEA;HEP",
    "ReceiveCoilName": "Head_32",
    "ReconMatrixPE": 256,
    "RepetitionTime": 2.3,
    "SAR": 0.0516238,
    "ScanOptions": "IR",
    "ScanningSequence": "GR_IR",
    "SequenceName": "_tfl3d1_16ns",
    "SequenceVariant": "SK_SP_MP",
    "SeriesDescription": "t1_mprage_sag_p2_iso_192",
    "SeriesNumber": 13,
    "ShimSetting": [
      3382,
      -11946,
      11206,
      -4,
      -40,
      -152,
      -34,
      21
    ],
    "SliceThickness": 0.94,
    "SoftwareVersions": "syngo_MR_E11",
    "StationName": "AWP167013",
    "TxRefAmp": 221.913,
    "dataset": "<unset>",
    "modality": "T1w",
    "rec_id": "NORM",
    "subject_id": "control037"
  },
  "cjv": 0.41432853848656004,
  "cnr": 3.1958259410398364,
  "efc": 0.5919835494641452,
  "fber": 669.4445417220143,
  "fwhm_avg": 3.98874566138876,
  "fwhm_x": 3.955303650832944,
  "fwhm_y": 4.01184,
  "fwhm_z": 3.9990933333333336,
  "icvs_csf": 0.24190945075931566,
  "icvs_gm": 0.38418262058782704,
  "icvs_wm": 0.37390792865285727,
  "inu_med": 1.3280541896820068,
  "inu_range": 0.3369354724884033,
  "provenance": {
    "md5sum": "d14f9fc350b74b2f399d08af8945d0f4",
    "settings": {
      "testing": false
    },
    "software": "mriqc",
    "version": "0.16.1",
    "warnings": {
      "large_rot_frame": true,
      "small_air_mask": false
    },
    "webapi_port": null,
    "webapi_url": "https://mriqc.nimh.nih.gov/api/v1"
  },
  "qi_1": 0.0,
  "qi_2": 0.011793452334198071,
  "rpve_csf": 22.622172007246917,
  "rpve_gm": 13.713997505563787,
  "rpve_wm": 17.779009752288736,
  "size_x": 192,
  "size_y": 256,
  "size_z": 256,
  "snr_csf": 3.623269072843217,
  "snr_gm": 10.970717095102769,
  "snr_total": 11.205199484684607,
  "snr_wm": 19.02161228610784,
  "snrd_csf": 35.02611407126689,
  "snrd_gm": 65.68173135422076,
  "snrd_total": 63.82214135687641,
  "snrd_wm": 90.75857864514158,
  "spacing_x": 0.9399986267089844,
  "spacing_y": 0.9375,
  "spacing_z": 0.9375,
  "summary_bg_k": 14.630792761867944,
  "summary_bg_mad": 7.218451505933403,
  "summary_bg_mean": 15.853347896901852,
  "summary_bg_median": 9.281095772981644,
  "summary_bg_n": 2024490.0,
  "summary_bg_p05": 0.0,
  "summary_bg_p95": 51.5024740844965,
  "summary_bg_stdv": 18.967142725972042,
  "summary_csf_k": -0.3011693945862586,
  "summary_csf_mad": 111.43484512284691,
  "summary_csf_mean": 377.50676346246973,
  "summary_csf_median": 385.92622013390064,
  "summary_csf_n": 26854.0,
  "summary_csf_p05": 194.1422656774521,
  "summary_csf_p95": 538.9387773714959,
  "summary_csf_stdv": 106.51128212419658,
  "summary_gm_k": 0.0020492500645605816,
  "summary_gm_mad": 65.41721677252147,
  "summary_gm_mean": 722.9653356683689,
  "summary_gm_median": 723.6972466260195,
  "summary_gm_n": 21708.0,
  "summary_gm_p05": 612.5028725557029,
  "summary_gm_p95": 830.5819971263409,
  "summary_gm_stdv": 65.96474699457393,
  "summary_wm_k": 0.6202396935577696,
  "summary_wm_mad": 49.062912579391096,
  "summary_wm_mean": 1002.0107544888639,
  "summary_wm_median": 1000.000032261014,
  "summary_wm_n": 243617.0,
  "summary_wm_p05": 919.0567051917315,
  "summary_wm_p95": 1091.137349769473,
  "summary_wm_stdv": 52.571672937905994,
  "tpm_overlap_csf": 0.17282454669475555,
  "tpm_overlap_gm": 0.4363456964492798,
  "tpm_overlap_wm": 0.5208757519721985,
  "wm2max": 0.3713381733947287
}