{
  "aor": 0.0006567914438502674,
  "aqi": 0.0025757296524064168,
  "bids_meta": {
    "AcquisitionMatrixPE": 64,
    "AcquisitionNumber": 1,
    "AcquisitionTime": "15:23:31.480000",
    "BandwidthPerPixelPhaseEncode": 58.962,
    "BaseResolution": 64,
    "BodyPartExamined": "HEAD",
    "ConsistencyInfo": "N4_VE11C_LATEST_20160120",
    "ConversionSoftware": "dcm2niix",
    "ConversionSoftwareVersion": "v1.0.20181125  GCC5.3.1",
    "DerivedVendorReportedEchoSpacing": 0.000530002,
    "DeviceSerialNumber": "167013",
    "DwellTime": 3.5e-06,
    "EchoTime": 0.03,
    "EchoTrainLength": 31,
    "EffectiveEchoSpacing": 0.000265001,
    "FlipAngle": 90,
    "ImageOrientationPatientDICOM": [
      0.996021,
      -0.0383455,
      0.0804485,
      0.0260818,
      0.988599,
      0.148297
    ],
    "ImageType": [
      "ORIGINAL",
      "PRIMARY",
      "M",
      "ND",
      "MOSAIC"
    ],
    "ImagingFrequency": 123.249,
    "InPlanePhaseEncodingDirectionDICOM": "COL",
    "InstitutionAddress": "Whiteknights_Campus_StreetNo_Reading_District_GB_RG6_7BE",
    "InstitutionName": "UoR",
    "InstitutionalDepartmentName": "Department",
    "MRAcquisitionType": "2D",
    "MagneticFieldStrength": 3,
    "Manufacturer": "Siemens",
    "ManufacturersModelName": "Prisma_fit",
    "Modality": "MR",
    "ParallelReductionFactorInPlane": 2,
    "PartialFourier": 1,
    "PatientPosition": "HFS",
    "PercentPhaseFOV": 100,
    "PhaseEncodingDirection": "j",
    "PhaseEncodingSteps": 63,
    "PhaseResolution": 1,
    "PixelBandwidth": 2230,
    "ProcedureStepDescription": "head_Kou_Murayama",
    "ProtocolName": "ep2d_bold_PtoA_iPAT2_MagicTrick_Run3",
    "PulseSequenceDetails": "%SiemensSeq%_ep2d_bold",
    "ReceiveCoilActiveElements": "HEA;HEP",
    "ReceiveCoilName": "Head_32",
    "ReconMatrixPE": 64,
    "RepetitionTime": 2,
    "SAR": 0.115034,
    "ScanOptions": "FS",
    "ScanningSequence": "EP",
    "SequenceName": "_epfid2d1_64",
    "SequenceVariant": "SK",
    "SeriesDescription": "ep2d_bold_PtoA_iPAT2_MagicTrick_Run3",
    "SeriesNumber": 11,
    "ShimSetting": [
      3395,
      -11990,
      11478,
      414,
      -64,
      -233,
      42,
      32
    ],
    "SliceThickness": 3,
    "SliceTiming": [
      0,
      1.015,
      0.0525,
      1.07,
      0.105,
      1.1225,
      0.16,
      1.175,
      0.2125,
      1.23,
      0.2675,
      1.2825,
      0.32,
      1.3375,
      0.3725,
      1.39,
      0.4275,
      1.4425,
      0.48,
      1.4975,
      0.535,
      1.55,
      0.5875,
      1.605,
      0.64,
      1.6575,
      0.695,
      1.71,
      0.7475,
      1.765,
      0.8025,
      1.8175,
      0.855,
      1.8725,
      0.9075,
      1.925,
      0.9625
    ],
    "SoftwareVersions": "syngo_MR_E11",
    "SpacingBetweenSlices": 3.75,
    "StationName": "AWP167013",
    "TaskName": "magictrickwatching",
    "TotalReadoutTime": 0.0166951,
    "TxRefAmp": 240.398,
    "dataset": "<unset>",
    "modality": "bold",
    "run_id": 3,
    "subject_id": "control033",
    "task_id": "magictrickwatching"
  },
  "dummy_trs": 0,
  "dvars_nstd": 27.750707595630036,
  "dvars_std": 1.2390609108310984,
  "dvars_vstd": 1.0043998245576409,
  "efc": 0.46228823411984654,
  "fber": 29602006.0,
  "fd_mean": 0.07140442237253486,
  "fd_num": 0,
  "fd_perc": 0.0,
  "fwhm_avg": 2.811745582651555,
  "fwhm_x": 2.599393126752128,
  "fwhm_y": 3.0540564239520687,
  "fwhm_z": 2.781787197250467,
  "gcor": 0.0522092,
  "gsr_x": 0.025966975837945938,
  "gsr_y": 0.038243766874074936,
  "provenance": {
    "md5sum": "0f710061a5a013094b96aeee42aadc50",
    "settings": {
      "fd_thres": 0.5,
      "testing": false
    },
    "software": "mriqc",
    "version": "0.16.1",
    "webapi_port": null,
    "webapi_url": "https://mriqc.nimh.nih.gov/api/v1"
  },
  "size_t": 374,
  "size_x": 64,
  "size_y": 64,
  "size_z": 37,
  "snr": 2.4558211690708074,
  "spacing_tr": 2.0,
  "spacing_x": 3.000000238418579,
  "spacing_y": 3.000000238418579,
  "spacing_z": 3.7499992847442627,
  "summary_bg_k": 36.32182113207773,
  "summary_bg_mad": 0.10069687223748523,
  "summary_bg_mean": 15.768476486206055,
  "summary_bg_median": 0.06897499412298203,
  "summary_bg_n": 88137.0,
  "summary_bg_p05": 0.00041817952296696603,
  "summary_bg_p95": 98.6191909790038,
  "summary_bg_stdv": 46.647132873535156,
  "summary_fg_k": 0.47402160280399164,
  "summary_fg_mad": 165.36249632476412,
  "summary_fg_mean": 449.12591552734375,
  "summary_fg_median": 418.6183776855469,
  "summary_fg_n": 27171.0,
  "summary_fg_p05": 226.5480728149414,
  "summary_fg_p95": 770.1891784667969,
  "summary_fg_stdv": 170.4564971923828,
  "tsnr": 65.27754211425781
}