{
  "aor": 0.0012058953168044078,
  "aqi": 0.003968990495867768,
  "bids_meta": {
    "AcquisitionMatrixPE": 64,
    "AcquisitionNumber": 1,
    "AcquisitionTime": "09:55:38.742500",
    "BandwidthPerPixelPhaseEncode": 58.962,
    "BaseResolution": 64,
    "BodyPartExamined": "HEAD",
    "ConsistencyInfo": "N4_VE11C_LATEST_20160120",
    "ConversionSoftware": "dcm2niix",
    "ConversionSoftwareVersion": "v1.0.20181125  GCC5.3.1",
    "DerivedVendorReportedEchoSpacing": 0.000530002,
    "DeviceSerialNumber": "167013",
    "DwellTime": 3.5e-06,
    "EchoTime": 0.03,
    "EchoTrainLength": 31,
    "EffectiveEchoSpacing": 0.000265001,
    "FlipAngle": 90,
    "ImageOrientationPatientDICOM": [
      0.994069,
      0.102576,
      -0.0361338,
      -0.105007,
      0.991757,
      -0.0734332
    ],
    "ImageType": [
      "ORIGINAL",
      "PRIMARY",
      "M",
      "ND",
      "MOSAIC"
    ],
    "ImagingFrequency": 123.249,
    "InPlanePhaseEncodingDirectionDICOM": "COL",
    "InstitutionAddress": "Whiteknights_Campus_StreetNo_Reading_District_GB_RG6_7BE",
    "InstitutionName": "UoR",
    "InstitutionalDepartmentName": "Department",
    "MRAcquisitionType": "2D",
    "MagneticFieldStrength": 3,
    "Manufacturer": "Siemens",
    "ManufacturersModelName": "Prisma_fit",
    "Modality": "MR",
    "ParallelReductionFactorInPlane": 2,
    "PartialFourier": 1,
    "PatientPosition": "HFS",
    "PercentPhaseFOV": 100,
    "PhaseEncodingDirection": "j",
    "PhaseEncodingSteps": 63,
    "PhaseResolution": 1,
    "PixelBandwidth": 2230,
    "ProcedureStepDescription": "head_Kou_Murayama",
    "ProtocolName": "ep2d_bold_PtoA_iPAT2_MagicTrick_Run2",
    "PulseSequenceDetails": "%SiemensSeq%_ep2d_bold",
    "ReceiveCoilActiveElements": "HEA;HEP",
    "ReceiveCoilName": "Head_32",
    "ReconMatrixPE": 64,
    "RepetitionTime": 2,
    "SAR": 0.121159,
    "ScanOptions": "FS",
    "ScanningSequence": "EP",
    "SequenceName": "_epfid2d1_64",
    "SequenceVariant": "SK",
    "SeriesDescription": "ep2d_bold_PtoA_iPAT2_MagicTrick_Run2",
    "SeriesNumber": 10,
    "ShimSetting": [
      3367,
      -11912,
      11491,
      429,
      -39,
      -85,
      -17,
      38
    ],
    "SliceThickness": 3,
    "SliceTiming": [
      0,
      1.015,
      0.0525,
      1.07,
      0.1075,
      1.1225,
      0.16,
      1.1775,
      0.2125,
      1.23,
      0.2675,
      1.2825,
      0.32,
      1.3375,
      0.375,
      1.39,
      0.4275,
      1.445,
      0.48,
      1.4975,
      0.535,
      1.55,
      0.5875,
      1.605,
      0.6425,
      1.6575,
      0.695,
      1.7125,
      0.7475,
      1.765,
      0.8025,
      1.8175,
      0.855,
      1.8725,
      0.91,
      1.925,
      0.9625
    ],
    "SoftwareVersions": "syngo_MR_E11",
    "SpacingBetweenSlices": 3.75,
    "StationName": "AWP167013",
    "TaskName": "magictrickwatching",
    "TotalReadoutTime": 0.0166951,
    "TxRefAmp": 250.764,
    "dataset": "<unset>",
    "modality": "bold",
    "run_id": 2,
    "subject_id": "control025",
    "task_id": "magictrickwatching"
  },
  "dummy_trs": 0,
  "dvars_nstd": 21.772505412707194,
  "dvars_std": 1.0989494056353593,
  "dvars_vstd": 0.9748549745303868,
  "efc": 0.5123346067741859,
  "fber": 1208890.25,
  "fd_mean": 0.0860613764975607,
  "fd_num": 0,
  "fd_perc": 0.0,
  "fwhm_avg": 2.925281089954987,
  "fwhm_x": 2.74225,
  "fwhm_y": 3.125273084958944,
  "fwhm_z": 2.908320184906018,
  "gcor": 0.0328343,
  "gsr_x": 0.05891625955700874,
  "gsr_y": 0.045309122651815414,
  "provenance": {
    "md5sum": "024a23a0636705c1c80412dbda6fecc8",
    "settings": {
      "fd_thres": 0.5,
      "testing": false
    },
    "software": "mriqc",
    "version": "0.16.1",
    "webapi_port": null,
    "webapi_url": "https://mriqc.nimh.nih.gov/api/v1"
  },
  "size_t": 363,
  "size_x": 64,
  "size_y": 64,
  "size_z": 37,
  "snr": 2.4026980874310815,
  "spacing_tr": 2.0,
  "spacing_x": 3.0,
  "spacing_y": 3.000000238418579,
  "spacing_z": 3.749999761581421,
  "summary_bg_k": 16.68563708444705,
  "summary_bg_mad": 0.5235694161279508,
  "summary_bg_mean": 32.14072799682617,
  "summary_bg_median": 0.35471880435943604,
  "summary_bg_n": 82725.0,
  "summary_bg_p05": 0.0,
  "summary_bg_p95": 210.42054138183596,
  "summary_bg_stdv": 83.54532623291016,
  "summary_fg_k": 0.07435398356448264,
  "summary_fg_mad": 203.09578152877103,
  "summary_fg_mean": 511.023193359375,
  "summary_fg_median": 474.60064697265625,
  "summary_fg_n": 30731.0,
  "summary_fg_p05": 252.56050872802734,
  "summary_fg_p95": 877.328369140625,
  "summary_fg_stdv": 197.52499389648438,
  "tsnr": 56.665985107421875
}