{
  "bids_meta": {
    "AcquisitionMatrixPE": 256,
    "AcquisitionNumber": 1,
    "AcquisitionTime": "16:59:15.962500",
    "BaseResolution": 256,
    "BodyPartExamined": "HEAD",
    "ConsistencyInfo": "N4_VE11C_LATEST_20160120",
    "ConversionSoftware": "dcm2niix",
    "ConversionSoftwareVersion": "v1.0.20181125  GCC5.3.1",
    "DeviceSerialNumber": "167013",
    "DwellTime": 9.8e-06,
    "EchoTime": 0.00229,
    "FlipAngle": 8,
    "ImageOrientationPatientDICOM": [
      0.0376251,
      0.960554,
      0.275535,
      -0.0174827,
      0.276321,
      -0.960906
    ],
    "ImageType": [
      "ORIGINAL",
      "PRIMARY",
      "M",
      "ND",
      "NORM"
    ],
    "ImagingFrequency": 123.248,
    "InPlanePhaseEncodingDirectionDICOM": "ROW",
    "InstitutionAddress": "Whiteknights_Campus_StreetNo_Reading_District_GB_RG6_7BE",
    "InstitutionName": "UoR",
    "InstitutionalDepartmentName": "Department",
    "InversionTime": 0.9,
    "MRAcquisitionType": "3D",
    "MagneticFieldStrength": 3,
    "Manufacturer": "Siemens",
    "ManufacturersModelName": "Prisma_fit",
    "Modality": "MR",
    "PartialFourier": 1,
    "PatientPosition": "HFS",
    "PercentPhaseFOV": 100,
    "PhaseEncodingSteps": 255,
    "PhaseResolution": 1,
    "PixelBandwidth": 200,
    "ProcedureStepDescription": "head_Kou_Murayama",
    "ProtocolName": "t1_mprage_sag_p2_iso_192",
    "PulseSequenceDetails": "%SiemensSeq%_tfl",
    "ReceiveCoilActiveElements": "HEA;HEP",
    "ReceiveCoilName": "Head_32",
    "ReconMatrixPE": 256,
    "RepetitionTime": 2.3,
    "SAR": 0.0599238,
    "ScanOptions": "IR",
    "ScanningSequence": "GR_IR",
    "SequenceName": "_tfl3d1_16ns",
    "SequenceVariant": "SK_SP_MP",
    "SeriesDescription": "t1_mprage_sag_p2_iso_192",
    "SeriesNumber": 13,
    "ShimSetting": [
      3382,
      -11946,
      11206,
      -4,
      -40,
      -152,
      -34,
      21
    ],
    "SliceThickness": 0.94,
    "SoftwareVersions": "syngo_MR_E11",
    "StationName": "AWP167013",
    "TxRefAmp": 278.089,
    "dataset": "<unset>",
    "modality": "T1w",
    "rec_id": "NORM",
    "subject_id": "experimental022"
  },
  "cjv": 0.47075325916053784,
  "cnr": 2.7666131352523036,
  "efc": 0.6184843185356961,
  "fber": 1085.7640896584853,
  "fwhm_avg": 3.773324217524264,
  "fwhm_x": 3.7051462292593818,
  "fwhm_y": 3.827615756646744,
  "fwhm_z": 3.7872106666666667,
  "icvs_csf": 0.2235291551220271,
  "icvs_gm": 0.3912440323107888,
  "icvs_wm": 0.3852268125671841,
  "inu_med": 1.2317619323730469,
  "inu_range": 0.3171790838241575,
  "provenance": {
    "md5sum": "e6645b182523c1a4f5710703cabe2cbc",
    "settings": {
      "testing": false
    },
    "software": "mriqc",
    "version": "0.16.1",
    "warnings": {
      "large_rot_frame": true,
      "small_air_mask": false
    },
    "webapi_port": null,
    "webapi_url": "https://mriqc.nimh.nih.gov/api/v1"
  },
  "qi_1": 0.00014919858378272197,
  "qi_2": 0.007650850580110991,
  "rpve_csf": 22.041822157717867,
  "rpve_gm": 12.537350383714617,
  "rpve_wm": 15.887598560655109,
  "size_x": 192,
  "size_y": 256,
  "size_z": 256,
  "snr_csf": 3.2476088100331166,
  "snr_gm": 11.253574351370277,
  "snr_total": 10.812016848703704,
  "snr_wm": 17.934867384707715,
  "snrd_csf": 18.517487442396472,
  "snrd_gm": 36.03683968295686,
  "snrd_total": 34.23291825047186,
  "snrd_wm": 48.144427626062246,
  "spacing_x": 0.939995288848877,
  "spacing_y": 0.9375000596046448,
  "spacing_z": 0.9375,
  "summary_bg_k": 568.4545960398717,
  "summary_bg_mad": 13.608464375942999,
  "summary_bg_mean": 17.10971959417068,
  "summary_bg_median": 13.822147369384766,
  "summary_bg_n": 1905427.0,
  "summary_bg_p05": 0.0,
  "summary_bg_p95": 46.541761845350266,
  "summary_bg_stdv": 27.021298591604197,
  "summary_csf_k": -0.3919646626844844,
  "summary_csf_mad": 130.16095926637246,
  "summary_csf_mean": 385.3108931086876,
  "summary_csf_median": 384.64444476366043,
  "summary_csf_n": 18011.0,
  "summary_csf_p05": 197.64050955325365,
  "summary_csf_p95": 576.6697069481015,
  "summary_csf_stdv": 118.43599062322991,
  "summary_gm_k": 0.05489092225371861,
  "summary_gm_mad": 65.80092774720674,
  "summary_gm_mean": 751.0011918434657,
  "summary_gm_median": 748.5556684732437,
  "summary_gm_n": 21176.0,
  "summary_gm_p05": 644.9300577752292,
  "summary_gm_p95": 864.1541744023561,
  "summary_gm_stdv": 66.51557720855152,
  "summary_wm_k": 0.513060831119279,
  "summary_wm_mad": 52.59271232349736,
  "summary_wm_mean": 1002.5036249098202,
  "summary_wm_median": 1000.0539592802525,
  "summary_wm_n": 273155.0,
  "summary_wm_p05": 914.9073717743158,
  "summary_wm_p95": 1098.050824418664,
  "summary_wm_stdv": 55.760218755224805,
  "tpm_overlap_csf": 0.15663845837116241,
  "tpm_overlap_gm": 0.41488170623779297,
  "tpm_overlap_wm": 0.4863872528076172,
  "wm2max": 0.3924318827068944
}