{
  "bids_meta": {
    "AcquisitionMatrixPE": 256,
    "AcquisitionNumber": 1,
    "AcquisitionTime": "17:53:12.667500",
    "BaseResolution": 256,
    "BodyPartExamined": "HEAD",
    "ConsistencyInfo": "N4_VE11C_LATEST_20160120",
    "ConversionSoftware": "dcm2niix",
    "ConversionSoftwareVersion": "v1.0.20181125  GCC5.3.1",
    "DeviceSerialNumber": "167013",
    "DwellTime": 9.8e-06,
    "EchoTime": 0.00229,
    "FlipAngle": 8,
    "ImageOrientationPatientDICOM": [
      -0.0153455,
      0.989686,
      0.142432,
      0.0163902,
      0.142679,
      -0.989633
    ],
    "ImageType": [
      "ORIGINAL",
      "PRIMARY",
      "M",
      "ND",
      "NORM"
    ],
    "ImagingFrequency": 123.249,
    "InPlanePhaseEncodingDirectionDICOM": "ROW",
    "InstitutionAddress": "Whiteknights_Campus_StreetNo_Reading_District_GB_RG6_7BE",
    "InstitutionName": "UoR",
    "InstitutionalDepartmentName": "Department",
    "InversionTime": 0.9,
    "MRAcquisitionType": "3D",
    "MagneticFieldStrength": 3,
    "Manufacturer": "Siemens",
    "ManufacturersModelName": "Prisma_fit",
    "Modality": "MR",
    "PartialFourier": 1,
    "PatientPosition": "HFS",
    "PercentPhaseFOV": 100,
    "PhaseEncodingSteps": 255,
    "PhaseResolution": 1,
    "PixelBandwidth": 200,
    "ProcedureStepDescription": "head_Kou_Murayama",
    "ProtocolName": "t1_mprage_sag_p2_iso_192",
    "PulseSequenceDetails": "%SiemensSeq%_tfl",
    "ReceiveCoilActiveElements": "HEA;HEP",
    "ReceiveCoilName": "Head_32",
    "ReconMatrixPE": 256,
    "RepetitionTime": 2.3,
    "SAR": 0.0518314,
    "ScanOptions": "IR",
    "ScanningSequence": "GR_IR",
    "SequenceName": "_tfl3d1_16ns",
    "SequenceVariant": "SK_SP_MP",
    "SeriesDescription": "t1_mprage_sag_p2_iso_192",
    "SeriesNumber": 13,
    "ShimSetting": [
      3382,
      -11946,
      11206,
      -4,
      -40,
      -152,
      -34,
      21
    ],
    "SliceThickness": 0.94,
    "SoftwareVersions": "syngo_MR_E11",
    "StationName": "AWP167013",
    "TxRefAmp": 249.649,
    "dataset": "<unset>",
    "modality": "T1w",
    "rec_id": "NORM",
    "subject_id": "control027"
  },
  "cjv": 0.39348830736774404,
  "cnr": 3.372941759994895,
  "efc": 0.5970346257201234,
  "fber": 6673.164769877706,
  "fwhm_avg": 3.9127242328211715,
  "fwhm_x": 3.860423113657862,
  "fwhm_y": 3.9553175848056528,
  "fwhm_z": 3.922432,
  "icvs_csf": 0.20049816400129103,
  "icvs_gm": 0.41451751123475133,
  "icvs_wm": 0.38498432476395766,
  "inu_med": 1.2137460708618164,
  "inu_range": 0.3694943428039552,
  "provenance": {
    "md5sum": "684498beb64147153400c9ec455a83da",
    "settings": {
      "testing": false
    },
    "software": "mriqc",
    "version": "0.16.1",
    "warnings": {
      "large_rot_frame": true,
      "small_air_mask": false
    },
    "webapi_port": null,
    "webapi_url": "https://mriqc.nimh.nih.gov/api/v1"
  },
  "qi_1": 0.0,
  "qi_2": 0.0212033592291708,
  "rpve_csf": 21.907591403066515,
  "rpve_gm": 11.356099881181281,
  "rpve_wm": 14.973622552369989,
  "size_x": 192,
  "size_y": 256,
  "size_z": 256,
  "snr_csf": 3.119092786724299,
  "snr_gm": 11.298742093463783,
  "snr_total": 11.59567667706809,
  "snr_wm": 20.369195151016186,
  "snrd_csf": 38.36742633318021,
  "snrd_gm": 69.41378254846936,
  "snrd_total": 67.8008195095798,
  "snrd_wm": 95.62124964708983,
  "spacing_x": 0.9399954080581665,
  "spacing_y": 0.9374999403953552,
  "spacing_z": 0.9375,
  "summary_bg_k": 8.247349106761357,
  "summary_bg_mad": 6.851367878460429,
  "summary_bg_mean": 7.359135910817384,
  "summary_bg_median": 4.621177408844233,
  "summary_bg_n": 2401796.0,
  "summary_bg_p05": 0.0,
  "summary_bg_p95": 22.991783898323774,
  "summary_bg_stdv": 8.051659923809035,
  "summary_csf_k": 4.254374079841009,
  "summary_csf_mad": 148.78464318780115,
  "summary_csf_mean": 396.75719821244456,
  "summary_csf_median": 401.2437125481665,
  "summary_csf_n": 15384.0,
  "summary_csf_p05": 193.7642572056502,
  "summary_csf_p95": 581.9830956496298,
  "summary_csf_stdv": 128.63697838733316,
  "summary_gm_k": 0.05333320442941858,
  "summary_gm_mad": 62.93108273548838,
  "summary_gm_mean": 726.0982374704467,
  "summary_gm_median": 725.9242141991854,
  "summary_gm_n": 33930.0,
  "summary_gm_p05": 619.1807212121785,
  "summary_gm_p95": 831.412572581321,
  "summary_gm_stdv": 64.24728617889153,
  "summary_wm_k": 0.7803549972012784,
  "summary_wm_mad": 44.91452275879614,
  "summary_wm_mean": 999.6612073284745,
  "summary_wm_median": 999.9999706447124,
  "summary_wm_n": 300693.0,
  "summary_wm_p05": 918.359169755131,
  "summary_wm_p95": 1078.9593476057053,
  "summary_wm_stdv": 49.09365836027895,
  "tpm_overlap_csf": 0.15034392476081848,
  "tpm_overlap_gm": 0.42419910430908203,
  "tpm_overlap_wm": 0.47902485728263855,
  "wm2max": 0.3685914959835135
}