{
  "aor": 0.005204833333333333,
  "aqi": 0.0075395260666666665,
  "bids_meta": {
    "AcquisitionMatrixPE": 64,
    "AcquisitionNumber": 1,
    "AcquisitionTime": "10:22:42.327500",
    "BandwidthPerPixelPhaseEncode": 58.962,
    "BaseResolution": 64,
    "BodyPartExamined": "HEAD",
    "ConsistencyInfo": "N4_VE11C_LATEST_20160120",
    "ConversionSoftware": "dcm2niix",
    "ConversionSoftwareVersion": "v1.0.20181125  GCC5.3.1",
    "DerivedVendorReportedEchoSpacing": 0.000530002,
    "DeviceSerialNumber": "167013",
    "DwellTime": 3.5e-06,
    "EchoTime": 0.03,
    "EchoTrainLength": 31,
    "EffectiveEchoSpacing": 0.000265001,
    "FlipAngle": 90,
    "ImageOrientationPatientDICOM": [
      0.994069,
      0.102576,
      -0.0361338,
      -0.105007,
      0.991757,
      -0.0734332
    ],
    "ImageType": [
      "ORIGINAL",
      "PRIMARY",
      "M",
      "ND",
      "MOSAIC"
    ],
    "ImagingFrequency": 123.249,
    "InPlanePhaseEncodingDirectionDICOM": "COL",
    "InstitutionAddress": "Whiteknights_Campus_StreetNo_Reading_District_GB_RG6_7BE",
    "InstitutionName": "UoR",
    "InstitutionalDepartmentName": "Department",
    "MRAcquisitionType": "2D",
    "MagneticFieldStrength": 3,
    "Manufacturer": "Siemens",
    "ManufacturersModelName": "Prisma_fit",
    "Modality": "MR",
    "ParallelReductionFactorInPlane": 2,
    "PartialFourier": 1,
    "PatientPosition": "HFS",
    "PercentPhaseFOV": 100,
    "PhaseEncodingDirection": "j",
    "PhaseEncodingSteps": 63,
    "PhaseResolution": 1,
    "PixelBandwidth": 2230,
    "ProcedureStepDescription": "head_Kou_Murayama",
    "ProtocolName": "ep2d_bold_PtoA_iPAT2_PostResting",
    "PulseSequenceDetails": "%SiemensSeq%_ep2d_bold",
    "ReceiveCoilActiveElements": "HEA;HEP",
    "ReceiveCoilName": "Head_32",
    "ReconMatrixPE": 64,
    "RepetitionTime": 2,
    "SAR": 0.121002,
    "ScanOptions": "FS",
    "ScanningSequence": "EP",
    "SequenceName": "_epfid2d1_64",
    "SequenceVariant": "SK",
    "SeriesDescription": "ep2d_bold_PtoA_iPAT2_PostResting",
    "SeriesNumber": 12,
    "ShimSetting": [
      3367,
      -11912,
      11491,
      429,
      -39,
      -85,
      -17,
      38
    ],
    "SliceThickness": 3,
    "SliceTiming": [
      0,
      1.015,
      0.0525,
      1.07,
      0.105,
      1.1225,
      0.16,
      1.175,
      0.2125,
      1.23,
      0.2675,
      1.2825,
      0.32,
      1.3375,
      0.3725,
      1.39,
      0.4275,
      1.4425,
      0.48,
      1.4975,
      0.535,
      1.55,
      0.5875,
      1.605,
      0.64,
      1.6575,
      0.695,
      1.71,
      0.7475,
      1.765,
      0.8025,
      1.8175,
      0.855,
      1.8725,
      0.9075,
      1.925,
      0.9625
    ],
    "SoftwareVersions": "syngo_MR_E11",
    "SpacingBetweenSlices": 3.75,
    "StationName": "AWP167013",
    "TaskName": "rest",
    "TotalReadoutTime": 0.0166951,
    "TxRefAmp": 250.764,
    "dataset": "<unset>",
    "modality": "bold",
    "run_id": 2,
    "subject_id": "control025",
    "task_id": "rest"
  },
  "dummy_trs": 0,
  "dvars_nstd": 24.467820559632123,
  "dvars_std": 1.1186341838127087,
  "dvars_vstd": 1.0010792824080275,
  "efc": 0.5143973796166427,
  "fber": 548372.8125,
  "fd_mean": 0.11967839908180783,
  "fd_num": 3,
  "fd_perc": 1.0,
  "fwhm_avg": 2.9055033103692725,
  "fwhm_x": 2.774653333333333,
  "fwhm_y": 3.122416418519305,
  "fwhm_z": 2.8194401792551793,
  "gcor": 0.0350039,
  "gsr_x": 0.0628504604101181,
  "gsr_y": 0.0403597317636013,
  "provenance": {
    "md5sum": "4522d4bed1fb4e8a652a682dedfa44cf",
    "settings": {
      "fd_thres": 0.5,
      "testing": false
    },
    "software": "mriqc",
    "version": "0.16.1",
    "webapi_port": null,
    "webapi_url": "https://mriqc.nimh.nih.gov/api/v1"
  },
  "size_t": 300,
  "size_x": 64,
  "size_y": 64,
  "size_z": 37,
  "snr": 2.4101694449433344,
  "spacing_tr": 2.0,
  "spacing_x": 3.0,
  "spacing_y": 3.000000238418579,
  "spacing_z": 3.749999761581421,
  "summary_bg_k": 15.441777323815419,
  "summary_bg_mad": 0.7847372520333442,
  "summary_bg_mean": 34.419158935546875,
  "summary_bg_median": 0.5422581434249878,
  "summary_bg_n": 83034.0,
  "summary_bg_p05": 0.00656083282083273,
  "summary_bg_p95": 223.35058822631834,
  "summary_bg_stdv": 87.09163665771484,
  "summary_fg_k": 0.08303493424130837,
  "summary_fg_mad": 205.91864384604898,
  "summary_fg_mean": 519.2698364257812,
  "summary_fg_median": 482.5829772949219,
  "summary_fg_n": 30587.0,
  "summary_fg_p05": 256.1447418212891,
  "summary_fg_p95": 891.2379882812497,
  "summary_fg_stdv": 200.22454833984375,
  "tsnr": 42.50143051147461
}