{
  "aor": 0.003658060200668896,
  "aqi": 0.004785896153846153,
  "bids_meta": {
    "AcquisitionMatrixPE": 64,
    "AcquisitionNumber": 1,
    "AcquisitionTime": "09:28:34.250000",
    "BandwidthPerPixelPhaseEncode": 58.962,
    "BaseResolution": 64,
    "BodyPartExamined": "HEAD",
    "ConsistencyInfo": "N4_VE11C_LATEST_20160120",
    "ConversionSoftware": "dcm2niix",
    "ConversionSoftwareVersion": "v1.0.20181125  GCC5.3.1",
    "DerivedVendorReportedEchoSpacing": 0.000530002,
    "DeviceSerialNumber": "167013",
    "DwellTime": 3.5e-06,
    "EchoTime": 0.03,
    "EchoTrainLength": 31,
    "EffectiveEchoSpacing": 0.000265001,
    "FlipAngle": 90,
    "ImageOrientationPatientDICOM": [
      0.994069,
      0.102576,
      -0.0361338,
      -0.105007,
      0.991757,
      -0.0734332
    ],
    "ImageType": [
      "ORIGINAL",
      "PRIMARY",
      "M",
      "ND",
      "MOSAIC"
    ],
    "ImagingFrequency": 123.249,
    "InPlanePhaseEncodingDirectionDICOM": "COL",
    "InstitutionAddress": "Whiteknights_Campus_StreetNo_Reading_District_GB_RG6_7BE",
    "InstitutionName": "UoR",
    "InstitutionalDepartmentName": "Department",
    "MRAcquisitionType": "2D",
    "MagneticFieldStrength": 3,
    "Manufacturer": "Siemens",
    "ManufacturersModelName": "Prisma_fit",
    "Modality": "MR",
    "ParallelReductionFactorInPlane": 2,
    "PartialFourier": 1,
    "PatientPosition": "HFS",
    "PercentPhaseFOV": 100,
    "PhaseEncodingDirection": "j",
    "PhaseEncodingSteps": 63,
    "PhaseResolution": 1,
    "PixelBandwidth": 2230,
    "ProcedureStepDescription": "head_Kou_Murayama",
    "ProtocolName": "ep2d_bold_PtoA_iPAT2_PreResting",
    "PulseSequenceDetails": "%SiemensSeq%_ep2d_bold",
    "ReceiveCoilActiveElements": "HEA;HEP",
    "ReceiveCoilName": "Head_32",
    "ReconMatrixPE": 64,
    "RepetitionTime": 2,
    "SAR": 0.121002,
    "ScanOptions": "FS",
    "ScanningSequence": "EP",
    "SequenceName": "_epfid2d1_64",
    "SequenceVariant": "SK",
    "SeriesDescription": "ep2d_bold_PtoA_iPAT2_PreResting",
    "SeriesNumber": 6,
    "ShimSetting": [
      3367,
      -11912,
      11491,
      429,
      -39,
      -85,
      -17,
      38
    ],
    "SliceThickness": 3,
    "SliceTiming": [
      0,
      1.0175,
      0.0525,
      1.07,
      0.1075,
      1.1225,
      0.16,
      1.1775,
      0.215,
      1.23,
      0.2675,
      1.285,
      0.32,
      1.3375,
      0.375,
      1.39,
      0.4275,
      1.445,
      0.4825,
      1.4975,
      0.535,
      1.5525,
      0.5875,
      1.605,
      0.6425,
      1.6575,
      0.695,
      1.7125,
      0.75,
      1.765,
      0.8025,
      1.82,
      0.855,
      1.8725,
      0.91,
      1.925,
      0.9625
    ],
    "SoftwareVersions": "syngo_MR_E11",
    "SpacingBetweenSlices": 3.75,
    "StationName": "AWP167013",
    "TaskName": "rest",
    "TotalReadoutTime": 0.0166951,
    "TxRefAmp": 250.764,
    "dataset": "<unset>",
    "modality": "bold",
    "run_id": 1,
    "subject_id": "control025",
    "task_id": "rest"
  },
  "dummy_trs": 1,
  "dvars_nstd": 23.561924604597323,
  "dvars_std": 1.119307541543624,
  "dvars_vstd": 0.9854483224496646,
  "efc": 0.5116782795194904,
  "fber": 815550.0625,
  "fd_mean": 0.10357951858475224,
  "fd_num": 1,
  "fd_perc": 0.33444816053511706,
  "fwhm_avg": 2.8940310889071994,
  "fwhm_x": 2.7650433333333333,
  "fwhm_y": 3.0954497539957564,
  "fwhm_z": 2.821600179392508,
  "gcor": 0.019412,
  "gsr_x": 0.05588063597679138,
  "gsr_y": 0.04538360983133316,
  "provenance": {
    "md5sum": "4e5f5cf0572226824a67650895652389",
    "settings": {
      "fd_thres": 0.5,
      "testing": false
    },
    "software": "mriqc",
    "version": "0.16.1",
    "webapi_port": null,
    "webapi_url": "https://mriqc.nimh.nih.gov/api/v1"
  },
  "size_t": 299,
  "size_x": 64,
  "size_y": 64,
  "size_z": 37,
  "snr": 2.3784031712894835,
  "spacing_tr": 2.0,
  "spacing_x": 3.0,
  "spacing_y": 3.000000238418579,
  "spacing_z": 3.749999761581421,
  "summary_bg_k": 17.2329448161581,
  "summary_bg_mad": 0.6098044650831265,
  "summary_bg_mean": 31.087488174438477,
  "summary_bg_median": 0.416805624961853,
  "summary_bg_n": 82668.0,
  "summary_bg_p05": 0.0022764594294130813,
  "summary_bg_p95": 202.63969421386685,
  "summary_bg_stdv": 80.55133056640625,
  "summary_fg_k": 0.1368802374038407,
  "summary_fg_mad": 201.25940530066777,
  "summary_fg_mean": 504.6302490234375,
  "summary_fg_median": 468.12530517578125,
  "summary_fg_n": 30894.0,
  "summary_fg_p05": 247.43683319091798,
  "summary_fg_p95": 870.850241088867,
  "summary_fg_stdv": 196.82017517089844,
  "tsnr": 51.33654022216797
}