{
  "bids_meta": {
    "AcquisitionMatrixPE": 256,
    "AcquisitionNumber": 1,
    "AcquisitionTime": "14:18:6.402500",
    "BaseResolution": 256,
    "BodyPartExamined": "HEAD",
    "ConsistencyInfo": "N4_VE11C_LATEST_20160120",
    "ConversionSoftware": "dcm2niix",
    "ConversionSoftwareVersion": "v1.0.20181125  GCC5.3.1",
    "DeviceSerialNumber": "167013",
    "DwellTime": 9.8e-06,
    "EchoTime": 0.00229,
    "FlipAngle": 8,
    "ImageOrientationPatientDICOM": [
      0.055986,
      0.934755,
      0.350854,
      0.0279259,
      0.349801,
      -0.936408
    ],
    "ImageType": [
      "ORIGINAL",
      "PRIMARY",
      "M",
      "ND",
      "NORM"
    ],
    "ImagingFrequency": 123.249,
    "InPlanePhaseEncodingDirectionDICOM": "ROW",
    "InstitutionAddress": "Whiteknights_Campus_StreetNo_Reading_District_GB_RG6_7BE",
    "InstitutionName": "UoR",
    "InstitutionalDepartmentName": "Department",
    "InversionTime": 0.9,
    "MRAcquisitionType": "3D",
    "MagneticFieldStrength": 3,
    "Manufacturer": "Siemens",
    "ManufacturersModelName": "Prisma_fit",
    "Modality": "MR",
    "PartialFourier": 1,
    "PatientPosition": "HFS",
    "PercentPhaseFOV": 100,
    "PhaseEncodingSteps": 255,
    "PhaseResolution": 1,
    "PixelBandwidth": 200,
    "ProcedureStepDescription": "head_Kou_Murayama",
    "ProtocolName": "t1_mprage_sag_p2_iso_192",
    "PulseSequenceDetails": "%SiemensSeq%_tfl",
    "ReceiveCoilActiveElements": "HEA;HEP",
    "ReceiveCoilName": "Head_32",
    "ReconMatrixPE": 256,
    "RepetitionTime": 2.3,
    "SAR": 0.0487035,
    "ScanOptions": "IR",
    "ScanningSequence": "GR_IR",
    "SequenceName": "_tfl3d1_16ns",
    "SequenceVariant": "SK_SP_MP",
    "SeriesDescription": "t1_mprage_sag_p2_iso_192",
    "SeriesNumber": 13,
    "ShimSetting": [
      3382,
      -11946,
      11206,
      -4,
      -40,
      -152,
      -34,
      21
    ],
    "SliceThickness": 0.94,
    "SoftwareVersions": "syngo_MR_E11",
    "StationName": "AWP167013",
    "TxRefAmp": 222.943,
    "dataset": "<unset>",
    "modality": "T1w",
    "rec_id": "NORM",
    "subject_id": "control039"
  },
  "cjv": 0.3676963426062086,
  "cnr": 3.594897785659384,
  "efc": 0.5176843258292639,
  "fber": 5621.51216873986,
  "fwhm_avg": 3.8477025912917404,
  "fwhm_x": 3.8226915260867114,
  "fwhm_y": 3.8973762477885083,
  "fwhm_z": 3.8230399999999998,
  "icvs_csf": 0.20951673628463918,
  "icvs_gm": 0.4366273589227,
  "icvs_wm": 0.3538559047926608,
  "inu_med": 1.3795382976531982,
  "inu_range": 0.3782387375831604,
  "provenance": {
    "md5sum": "0ccf0254a07b0fcd24ac7c47cc27d0b4",
    "settings": {
      "testing": false
    },
    "software": "mriqc",
    "version": "0.16.1",
    "warnings": {
      "large_rot_frame": true,
      "small_air_mask": false
    },
    "webapi_port": null,
    "webapi_url": "https://mriqc.nimh.nih.gov/api/v1"
  },
  "qi_1": 0.0,
  "qi_2": 0.005830572352099599,
  "rpve_csf": 24.948928112233776,
  "rpve_gm": 12.91172383041941,
  "rpve_wm": 18.908337392704023,
  "size_x": 192,
  "size_y": 256,
  "size_z": 256,
  "snr_csf": 2.708439961994022,
  "snr_gm": 11.603240097566992,
  "snr_total": 11.247432837377486,
  "snr_wm": 19.430618452571444,
  "snrd_csf": 31.548374626832054,
  "snrd_gm": 68.13729575348859,
  "snrd_total": 65.18113426565405,
  "snrd_wm": 95.85773241664151,
  "spacing_x": 0.9399973750114441,
  "spacing_y": 0.9374999403953552,
  "spacing_z": 0.9375,
  "summary_bg_k": 12.485239602655751,
  "summary_bg_mad": 6.834465645383515,
  "summary_bg_mean": 7.675899124594752,
  "summary_bg_median": 4.609777025878429,
  "summary_bg_n": 2901107.0,
  "summary_bg_p05": 0.0,
  "summary_bg_p95": 23.102487187832594,
  "summary_bg_stdv": 8.347688728233068,
  "summary_csf_k": -0.45624456697915994,
  "summary_csf_mad": 132.08002212357445,
  "summary_csf_mean": 350.7961685257488,
  "summary_csf_median": 329.1166388243437,
  "summary_csf_n": 13267.0,
  "summary_csf_p05": 182.89022339880466,
  "summary_csf_p95": 556.6948983449488,
  "summary_csf_stdv": 121.51062590530334,
  "summary_gm_k": -0.03182200690103265,
  "summary_gm_mad": 60.95389709312972,
  "summary_gm_mean": 710.5254968964286,
  "summary_gm_median": 710.8168969787657,
  "summary_gm_n": 29384.0,
  "summary_gm_p05": 608.7049756497145,
  "summary_gm_p95": 811.4199203627184,
  "summary_gm_stdv": 61.25916516367562,
  "summary_wm_k": 0.9668778047567965,
  "summary_wm_mad": 45.37767306411613,
  "summary_wm_mean": 997.8102167348246,
  "summary_wm_median": 1000.0000022649765,
  "summary_wm_n": 211141.0,
  "summary_wm_p05": 907.3756452798843,
  "summary_wm_p95": 1077.2941705361009,
  "summary_wm_stdv": 51.46504402921082,
  "tpm_overlap_csf": 0.17366759479045868,
  "tpm_overlap_gm": 0.44979286193847656,
  "tpm_overlap_wm": 0.5101001858711243,
  "wm2max": 0.3952123715708082
}