{
  "aor": 0.001434046822742475,
  "aqi": 0.011760040969899665,
  "bids_meta": {
    "AcquisitionMatrixPE": 64,
    "AcquisitionNumber": 1,
    "AcquisitionTime": "12:34:56.560000",
    "BandwidthPerPixelPhaseEncode": 58.962,
    "BaseResolution": 64,
    "BodyPartExamined": "HEAD",
    "ConsistencyInfo": "N4_VE11C_LATEST_20160120",
    "ConversionSoftware": "dcm2niix",
    "ConversionSoftwareVersion": "v1.0.20181125  GCC5.3.1",
    "DerivedVendorReportedEchoSpacing": 0.000530002,
    "DeviceSerialNumber": "167013",
    "DwellTime": 3.5e-06,
    "EchoTime": 0.03,
    "EchoTrainLength": 31,
    "EffectiveEchoSpacing": 0.000265001,
    "FlipAngle": 90,
    "ImageOrientationPatientDICOM": [
      0.997522,
      -0.0690278,
      0.0136385,
      0.0695786,
      0.996553,
      -0.0451831
    ],
    "ImageType": [
      "ORIGINAL",
      "PRIMARY",
      "M",
      "ND",
      "MOSAIC"
    ],
    "ImagingFrequency": 123.249,
    "InPlanePhaseEncodingDirectionDICOM": "COL",
    "InstitutionAddress": "Whiteknights_Campus_StreetNo_Reading_District_GB_RG6_7BE",
    "InstitutionName": "University_of_Reading_CINN",
    "InstitutionalDepartmentName": "Department",
    "MRAcquisitionType": "2D",
    "MagneticFieldStrength": 3,
    "Manufacturer": "Siemens",
    "ManufacturersModelName": "Prisma_fit",
    "Modality": "MR",
    "ParallelReductionFactorInPlane": 2,
    "PartialFourier": 1,
    "PatientPosition": "HFS",
    "PercentPhaseFOV": 100,
    "PhaseEncodingDirection": "j",
    "PhaseEncodingSteps": 63,
    "PhaseResolution": 1,
    "PixelBandwidth": 2230,
    "ProcedureStepDescription": "head_Kou_Murayama",
    "ProtocolName": "ep2d_bold_PtoA_iPAT2_PostResting",
    "PulseSequenceDetails": "%SiemensSeq%_ep2d_bold",
    "ReceiveCoilActiveElements": "HEA;HEP",
    "ReceiveCoilName": "Head_32",
    "ReconMatrixPE": 64,
    "RepetitionTime": 2,
    "SAR": 0.117326,
    "ScanOptions": "FS",
    "ScanningSequence": "EP",
    "SequenceName": "_epfid2d1_64",
    "SequenceVariant": "SK",
    "SeriesDescription": "ep2d_bold_PtoA_iPAT2_PostResting",
    "SeriesNumber": 12,
    "ShimSetting": [
      3382,
      -11984,
      11439,
      324,
      49,
      -462,
      -6,
      44
    ],
    "SliceThickness": 3,
    "SliceTiming": [
      0,
      1.0175,
      0.055,
      1.0725,
      0.1075,
      1.125,
      0.1625,
      1.1775,
      0.215,
      1.2325,
      0.2675,
      1.285,
      0.3225,
      1.34,
      0.375,
      1.3925,
      0.43,
      1.445,
      0.4825,
      1.5,
      0.535,
      1.5525,
      0.59,
      1.6075,
      0.6425,
      1.66,
      0.6975,
      1.7125,
      0.75,
      1.7675,
      0.8025,
      1.82,
      0.8575,
      1.875,
      0.91,
      1.9275,
      0.965
    ],
    "SoftwareVersions": "syngo_MR_E11",
    "SpacingBetweenSlices": 3.75,
    "StationName": "AWP167013",
    "TaskName": "rest",
    "TotalReadoutTime": 0.0166951,
    "TxRefAmp": 243.872,
    "dataset": "<unset>",
    "modality": "bold",
    "run_id": 2,
    "subject_id": "control015",
    "task_id": "rest"
  },
  "dummy_trs": 1,
  "dvars_nstd": 26.57457883543622,
  "dvars_std": 1.0188975958724835,
  "dvars_vstd": 0.9191026141946308,
  "efc": 0.4360132733666677,
  "fber": 919823.0625,
  "fd_mean": 0.13446199417846108,
  "fd_num": 3,
  "fd_perc": 1.0033444816053512,
  "fwhm_avg": 2.9740212653684863,
  "fwhm_x": 2.911510462772125,
  "fwhm_y": 2.99762,
  "fwhm_z": 3.0129333333333337,
  "gcor": 0.0449865,
  "gsr_x": 0.021005891263484955,
  "gsr_y": 0.034641068428754807,
  "provenance": {
    "md5sum": "83c120f624f4b1910b5c42313856b64e",
    "settings": {
      "fd_thres": 0.5,
      "testing": false
    },
    "software": "mriqc",
    "version": "0.16.1",
    "webapi_port": null,
    "webapi_url": "https://mriqc.nimh.nih.gov/api/v1"
  },
  "size_t": 299,
  "size_x": 64,
  "size_y": 64,
  "size_z": 37,
  "snr": 2.2049542209544812,
  "spacing_tr": 2.0,
  "spacing_x": 2.999999523162842,
  "spacing_y": 3.0,
  "spacing_z": 3.75,
  "summary_bg_k": 44.57277640050598,
  "summary_bg_mad": 0.5065600955515682,
  "summary_bg_mean": 10.52610969543457,
  "summary_bg_median": 0.34759265184402466,
  "summary_bg_n": 93246.0,
  "summary_bg_p05": 0.0020728762028738856,
  "summary_bg_p95": 60.2113561630249,
  "summary_bg_stdv": 32.3662109375,
  "summary_fg_k": 2.55961411893146,
  "summary_fg_mad": 125.36847801376712,
  "summary_fg_mean": 381.7459411621094,
  "summary_fg_median": 344.42584228515625,
  "summary_fg_n": 26028.0,
  "summary_fg_p05": 204.20559997558593,
  "summary_fg_p95": 695.937091064453,
  "summary_fg_stdv": 156.2024383544922,
  "tsnr": 34.70368957519531
}