{
  "aor": 0.005746082474226804,
  "aqi": 0.007352475773195877,
  "bids_meta": {
    "AcquisitionMatrixPE": 64,
    "AcquisitionNumber": 1,
    "AcquisitionTime": "12:04:58.565000",
    "BandwidthPerPixelPhaseEncode": 58.962,
    "BaseResolution": 64,
    "BodyPartExamined": "HEAD",
    "ConsistencyInfo": "N4_VE11C_LATEST_20160120",
    "ConversionSoftware": "dcm2niix",
    "ConversionSoftwareVersion": "v1.0.20181125  GCC5.3.1",
    "DerivedVendorReportedEchoSpacing": 0.000530002,
    "DeviceSerialNumber": "167013",
    "DwellTime": 3.5e-06,
    "EchoTime": 0.03,
    "EchoTrainLength": 31,
    "EffectiveEchoSpacing": 0.000265001,
    "FlipAngle": 90,
    "ImageOrientationPatientDICOM": [
      0.997522,
      -0.0690278,
      0.0136385,
      0.0695786,
      0.996553,
      -0.0451831
    ],
    "ImageType": [
      "ORIGINAL",
      "PRIMARY",
      "M",
      "ND",
      "MOSAIC"
    ],
    "ImagingFrequency": 123.249,
    "InPlanePhaseEncodingDirectionDICOM": "COL",
    "InstitutionAddress": "Whiteknights_Campus_StreetNo_Reading_District_GB_RG6_7BE",
    "InstitutionName": "University_of_Reading_CINN",
    "InstitutionalDepartmentName": "Department",
    "MRAcquisitionType": "2D",
    "MagneticFieldStrength": 3,
    "Manufacturer": "Siemens",
    "ManufacturersModelName": "Prisma_fit",
    "Modality": "MR",
    "ParallelReductionFactorInPlane": 2,
    "PartialFourier": 1,
    "PatientPosition": "HFS",
    "PercentPhaseFOV": 100,
    "PhaseEncodingDirection": "j",
    "PhaseEncodingSteps": 63,
    "PhaseResolution": 1,
    "PixelBandwidth": 2230,
    "ProcedureStepDescription": "head_Kou_Murayama",
    "ProtocolName": "ep2d_bold_PtoA_iPAT2_MagicTrick_Run2",
    "PulseSequenceDetails": "%SiemensSeq%_ep2d_bold",
    "ReceiveCoilActiveElements": "HEA;HEP",
    "ReceiveCoilName": "Head_32",
    "ReconMatrixPE": 64,
    "RepetitionTime": 2,
    "SAR": 0.117478,
    "ScanOptions": "FS",
    "ScanningSequence": "EP",
    "SequenceName": "_epfid2d1_64",
    "SequenceVariant": "SK",
    "SeriesDescription": "ep2d_bold_PtoA_iPAT2_MagicTrick_Run2",
    "SeriesNumber": 10,
    "ShimSetting": [
      3382,
      -11984,
      11439,
      324,
      49,
      -462,
      -6,
      44
    ],
    "SliceThickness": 3,
    "SliceTiming": [
      0,
      1.0175,
      0.055,
      1.0725,
      0.1075,
      1.125,
      0.1625,
      1.1775,
      0.215,
      1.2325,
      0.2675,
      1.285,
      0.3225,
      1.34,
      0.375,
      1.3925,
      0.43,
      1.445,
      0.4825,
      1.5,
      0.5375,
      1.5525,
      0.59,
      1.6075,
      0.6425,
      1.66,
      0.6975,
      1.7125,
      0.75,
      1.7675,
      0.805,
      1.82,
      0.8575,
      1.875,
      0.91,
      1.9275,
      0.965
    ],
    "SoftwareVersions": "syngo_MR_E11",
    "SpacingBetweenSlices": 3.75,
    "StationName": "AWP167013",
    "TaskName": "magictrickwatching",
    "TotalReadoutTime": 0.0166951,
    "TxRefAmp": 243.872,
    "dataset": "<unset>",
    "modality": "bold",
    "run_id": 2,
    "subject_id": "control015",
    "task_id": "magictrickwatching"
  },
  "dummy_trs": 0,
  "dvars_nstd": 23.990259229844956,
  "dvars_std": 1.1113750636950912,
  "dvars_vstd": 1.01108723124031,
  "efc": 0.44765467038160467,
  "fber": 2842190.5,
  "fd_mean": 0.09743312457330104,
  "fd_num": 1,
  "fd_perc": 0.25773195876288657,
  "fwhm_avg": 2.8578454079868414,
  "fwhm_x": 2.785266223960523,
  "fwhm_y": 2.9166966666666667,
  "fwhm_z": 2.871573333333333,
  "gcor": 0.0406359,
  "gsr_x": 0.009528531692922115,
  "gsr_y": 0.030657107010483742,
  "provenance": {
    "md5sum": "4e746a7f4b43d34e2dde107501b09b6b",
    "settings": {
      "fd_thres": 0.5,
      "testing": false
    },
    "software": "mriqc",
    "version": "0.16.1",
    "webapi_port": null,
    "webapi_url": "https://mriqc.nimh.nih.gov/api/v1"
  },
  "size_t": 388,
  "size_x": 64,
  "size_y": 64,
  "size_z": 37,
  "snr": 2.397377492697182,
  "spacing_tr": 2.0,
  "spacing_x": 3.000000476837158,
  "spacing_y": 3.0,
  "spacing_z": 3.75,
  "summary_bg_k": 40.15355371445881,
  "summary_bg_mad": 0.3012521482027105,
  "summary_bg_mean": 12.135808944702148,
  "summary_bg_median": 0.20970962941646576,
  "summary_bg_n": 91418.0,
  "summary_bg_p05": 0.0025968847097828985,
  "summary_bg_p95": 72.14946174621582,
  "summary_bg_stdv": 37.349063873291016,
  "summary_fg_k": 1.9711870377694725,
  "summary_fg_mad": 137.37218082669355,
  "summary_fg_mean": 402.5880432128906,
  "summary_fg_median": 370.02386474609375,
  "summary_fg_n": 26860.0,
  "summary_fg_p05": 217.93689193725587,
  "summary_fg_p95": 702.2117370605469,
  "summary_fg_stdv": 154.34239196777344,
  "tsnr": 42.50424575805664
}