{
  "aor": 0.003180055096418732,
  "aqi": 0.006533729614325069,
  "bids_meta": {
    "AcquisitionMatrixPE": 64,
    "AcquisitionNumber": 1,
    "AcquisitionTime": "11:50:24.057500",
    "BandwidthPerPixelPhaseEncode": 58.962,
    "BaseResolution": 64,
    "BodyPartExamined": "HEAD",
    "ConsistencyInfo": "N4_VE11C_LATEST_20160120",
    "ConversionSoftware": "dcm2niix",
    "ConversionSoftwareVersion": "v1.0.20181125  GCC5.3.1",
    "DerivedVendorReportedEchoSpacing": 0.000530002,
    "DeviceSerialNumber": "167013",
    "DwellTime": 3.5e-06,
    "EchoTime": 0.03,
    "EchoTrainLength": 31,
    "EffectiveEchoSpacing": 0.000265001,
    "FlipAngle": 90,
    "ImageOrientationPatientDICOM": [
      0.997522,
      -0.0690278,
      0.0136385,
      0.0695786,
      0.996553,
      -0.0451831
    ],
    "ImageType": [
      "ORIGINAL",
      "PRIMARY",
      "M",
      "ND",
      "MOSAIC"
    ],
    "ImagingFrequency": 123.249,
    "InPlanePhaseEncodingDirectionDICOM": "COL",
    "InstitutionAddress": "Whiteknights_Campus_StreetNo_Reading_District_GB_RG6_7BE",
    "InstitutionName": "University_of_Reading_CINN",
    "InstitutionalDepartmentName": "Department",
    "MRAcquisitionType": "2D",
    "MagneticFieldStrength": 3,
    "Manufacturer": "Siemens",
    "ManufacturersModelName": "Prisma_fit",
    "Modality": "MR",
    "ParallelReductionFactorInPlane": 2,
    "PartialFourier": 1,
    "PatientPosition": "HFS",
    "PercentPhaseFOV": 100,
    "PhaseEncodingDirection": "j",
    "PhaseEncodingSteps": 63,
    "PhaseResolution": 1,
    "PixelBandwidth": 2230,
    "ProcedureStepDescription": "head_Kou_Murayama",
    "ProtocolName": "ep2d_bold_PtoA_iPAT2_MagicTrick_Run1",
    "PulseSequenceDetails": "%SiemensSeq%_ep2d_bold",
    "ReceiveCoilActiveElements": "HEA;HEP",
    "ReceiveCoilName": "Head_32",
    "ReconMatrixPE": 64,
    "RepetitionTime": 2,
    "SAR": 0.117478,
    "ScanOptions": "FS",
    "ScanningSequence": "EP",
    "SequenceName": "_epfid2d1_64",
    "SequenceVariant": "SK",
    "SeriesDescription": "ep2d_bold_PtoA_iPAT2_MagicTrick_Run1",
    "SeriesNumber": 9,
    "ShimSetting": [
      3382,
      -11984,
      11439,
      324,
      49,
      -462,
      -6,
      44
    ],
    "SliceThickness": 3,
    "SliceTiming": [
      0,
      1.0175,
      0.0525,
      1.07,
      0.1075,
      1.1225,
      0.16,
      1.1775,
      0.215,
      1.23,
      0.2675,
      1.285,
      0.32,
      1.3375,
      0.375,
      1.3925,
      0.4275,
      1.445,
      0.4825,
      1.4975,
      0.535,
      1.5525,
      0.5875,
      1.605,
      0.6425,
      1.66,
      0.695,
      1.7125,
      0.75,
      1.765,
      0.8025,
      1.82,
      0.855,
      1.8725,
      0.91,
      1.9275,
      0.9625
    ],
    "SoftwareVersions": "syngo_MR_E11",
    "SpacingBetweenSlices": 3.75,
    "StationName": "AWP167013",
    "TaskName": "magictrickwatching",
    "TotalReadoutTime": 0.0166951,
    "TxRefAmp": 243.872,
    "dataset": "<unset>",
    "modality": "bold",
    "run_id": 1,
    "subject_id": "control015",
    "task_id": "magictrickwatching"
  },
  "dummy_trs": 0,
  "dvars_nstd": 22.887686671270714,
  "dvars_std": 1.0617571610773477,
  "dvars_vstd": 0.9564138417127072,
  "efc": 0.4461851366245358,
  "fber": 2257790.25,
  "fd_mean": 0.09159458980934687,
  "fd_num": 1,
  "fd_perc": 0.27548209366391185,
  "fwhm_avg": 2.8883387393933995,
  "fwhm_x": 2.821632884846865,
  "fwhm_y": 2.9590899999999998,
  "fwhm_z": 2.8842933333333334,
  "gcor": 0.0379146,
  "gsr_x": 0.01196775771677494,
  "gsr_y": 0.028836874291300774,
  "provenance": {
    "md5sum": "d51941fbb6518a13820cfd2106d42324",
    "settings": {
      "fd_thres": 0.5,
      "testing": false
    },
    "software": "mriqc",
    "version": "0.16.1",
    "webapi_port": null,
    "webapi_url": "https://mriqc.nimh.nih.gov/api/v1"
  },
  "size_t": 363,
  "size_x": 64,
  "size_y": 64,
  "size_z": 37,
  "snr": 2.4000714282065823,
  "spacing_tr": 2.0,
  "spacing_x": 3.000000476837158,
  "spacing_y": 3.0,
  "spacing_z": 3.75,
  "summary_bg_k": 38.00005164458795,
  "summary_bg_mad": 0.3444030423578729,
  "summary_bg_mean": 11.871740341186523,
  "summary_bg_median": 0.23582231998443604,
  "summary_bg_n": 91497.0,
  "summary_bg_p05": 0.001475273887626827,
  "summary_bg_p95": 70.05187530517574,
  "summary_bg_stdv": 36.02004623413086,
  "summary_fg_k": 1.726015270826771,
  "summary_fg_mad": 141.84505344989384,
  "summary_fg_mean": 407.0390319824219,
  "summary_fg_median": 375.54547119140625,
  "summary_fg_n": 26732.0,
  "summary_fg_p05": 217.07698440551758,
  "summary_fg_p95": 709.5145660400385,
  "summary_fg_stdv": 156.46969604492188,
  "tsnr": 41.530799865722656
}