{
  "aor": 0.003686666666666667,
  "aqi": 0.005490712966666667,
  "bids_meta": {
    "AcquisitionMatrixPE": 64,
    "AcquisitionNumber": 1,
    "AcquisitionTime": "11:37:13.457500",
    "BandwidthPerPixelPhaseEncode": 58.962,
    "BaseResolution": 64,
    "BodyPartExamined": "HEAD",
    "ConsistencyInfo": "N4_VE11C_LATEST_20160120",
    "ConversionSoftware": "dcm2niix",
    "ConversionSoftwareVersion": "v1.0.20181125  GCC5.3.1",
    "DerivedVendorReportedEchoSpacing": 0.000530002,
    "DeviceSerialNumber": "167013",
    "DwellTime": 3.5e-06,
    "EchoTime": 0.03,
    "EchoTrainLength": 31,
    "EffectiveEchoSpacing": 0.000265001,
    "FlipAngle": 90,
    "ImageOrientationPatientDICOM": [
      0.997522,
      -0.0690278,
      0.0136385,
      0.0695786,
      0.996553,
      -0.0451831
    ],
    "ImageType": [
      "ORIGINAL",
      "PRIMARY",
      "M",
      "ND",
      "MOSAIC"
    ],
    "ImagingFrequency": 123.249,
    "InPlanePhaseEncodingDirectionDICOM": "COL",
    "InstitutionAddress": "Whiteknights_Campus_StreetNo_Reading_District_GB_RG6_7BE",
    "InstitutionName": "University_of_Reading_CINN",
    "InstitutionalDepartmentName": "Department",
    "MRAcquisitionType": "2D",
    "MagneticFieldStrength": 3,
    "Manufacturer": "Siemens",
    "ManufacturersModelName": "Prisma_fit",
    "Modality": "MR",
    "ParallelReductionFactorInPlane": 2,
    "PartialFourier": 1,
    "PatientPosition": "HFS",
    "PercentPhaseFOV": 100,
    "PhaseEncodingDirection": "j",
    "PhaseEncodingSteps": 63,
    "PhaseResolution": 1,
    "PixelBandwidth": 2230,
    "ProcedureStepDescription": "head_Kou_Murayama",
    "ProtocolName": "ep2d_bold_PtoA_iPAT2_PreResting",
    "PulseSequenceDetails": "%SiemensSeq%_ep2d_bold",
    "ReceiveCoilActiveElements": "HEA;HEP",
    "ReceiveCoilName": "Head_32",
    "ReconMatrixPE": 64,
    "RepetitionTime": 2,
    "SAR": 0.117326,
    "ScanOptions": "FS",
    "ScanningSequence": "EP",
    "SequenceName": "_epfid2d1_64",
    "SequenceVariant": "SK",
    "SeriesDescription": "ep2d_bold_PtoA_iPAT2_PreResting",
    "SeriesNumber": 6,
    "ShimSetting": [
      3382,
      -11984,
      11439,
      324,
      49,
      -462,
      -6,
      44
    ],
    "SliceThickness": 3,
    "SliceTiming": [
      0,
      1.0175,
      0.0525,
      1.07,
      0.1075,
      1.1225,
      0.16,
      1.1775,
      0.2125,
      1.23,
      0.2675,
      1.285,
      0.32,
      1.3375,
      0.375,
      1.39,
      0.4275,
      1.445,
      0.48,
      1.4975,
      0.535,
      1.5525,
      0.5875,
      1.605,
      0.6425,
      1.6575,
      0.695,
      1.7125,
      0.75,
      1.765,
      0.8025,
      1.82,
      0.855,
      1.8725,
      0.91,
      1.925,
      0.9625
    ],
    "SoftwareVersions": "syngo_MR_E11",
    "SpacingBetweenSlices": 3.75,
    "StationName": "AWP167013",
    "TaskName": "rest",
    "TotalReadoutTime": 0.0166951,
    "TxRefAmp": 243.872,
    "dataset": "<unset>",
    "modality": "bold",
    "run_id": 1,
    "subject_id": "control015",
    "task_id": "rest"
  },
  "dummy_trs": 0,
  "dvars_nstd": 30.835403499899684,
  "dvars_std": 1.1825975222408027,
  "dvars_vstd": 1.0020676054515043,
  "efc": 0.4471955462294695,
  "fber": 2036808.625,
  "fd_mean": 0.19362144336344184,
  "fd_num": 1,
  "fd_perc": 0.3333333333333333,
  "fwhm_avg": 2.7716023666253142,
  "fwhm_x": 2.725517099875943,
  "fwhm_y": 2.867183333333333,
  "fwhm_z": 2.722106666666667,
  "gcor": 0.0239418,
  "gsr_x": 0.013639399781823158,
  "gsr_y": 0.028277687728405,
  "provenance": {
    "md5sum": "a570db7ce102da3f317ecc98cfb0dc13",
    "settings": {
      "fd_thres": 0.5,
      "testing": false
    },
    "software": "mriqc",
    "version": "0.16.1",
    "webapi_port": null,
    "webapi_url": "https://mriqc.nimh.nih.gov/api/v1"
  },
  "size_t": 300,
  "size_x": 64,
  "size_y": 64,
  "size_z": 37,
  "snr": 2.4263067027408023,
  "spacing_tr": 2.0,
  "spacing_x": 2.999999523162842,
  "spacing_y": 3.0,
  "spacing_z": 3.75,
  "summary_bg_k": 31.97009446300885,
  "summary_bg_mad": 0.3424445035279965,
  "summary_bg_mean": 12.339227676391602,
  "summary_bg_median": 0.23334723711013794,
  "summary_bg_n": 91436.0,
  "summary_bg_p05": 0.0011517142120283097,
  "summary_bg_p95": 73.76889419555664,
  "summary_bg_stdv": 37.190067291259766,
  "summary_fg_k": 1.263790006330698,
  "summary_fg_mad": 141.77062471913695,
  "summary_fg_mean": 402.1545104980469,
  "summary_fg_median": 371.9013366699219,
  "summary_fg_n": 26537.0,
  "summary_fg_p05": 212.72677612304688,
  "summary_fg_p95": 696.7755004882812,
  "summary_fg_stdv": 153.27589416503906,
  "tsnr": 46.1650276184082
}