{
  "bids_meta": {
    "AcquisitionMatrixPE": 256,
    "AcquisitionNumber": 1,
    "AcquisitionTime": "15:32:46.515000",
    "BaseResolution": 256,
    "BodyPartExamined": "HEAD",
    "ConsistencyInfo": "N4_VE11C_LATEST_20160120",
    "ConversionSoftware": "dcm2niix",
    "ConversionSoftwareVersion": "v1.0.20181125  GCC5.3.1",
    "DeviceSerialNumber": "167013",
    "DwellTime": 9.8e-06,
    "EchoTime": 0.00229,
    "FlipAngle": 8,
    "ImageOrientationPatientDICOM": [
      0.0188096,
      0.99957,
      0.0225089,
      0.0191788,
      0.022148,
      -0.999571
    ],
    "ImageType": [
      "ORIGINAL",
      "PRIMARY",
      "M",
      "ND",
      "NORM"
    ],
    "ImagingFrequency": 123.249,
    "InPlanePhaseEncodingDirectionDICOM": "ROW",
    "InstitutionAddress": "Whiteknights_Campus_StreetNo_Reading_District_GB_RG6_7BE",
    "InstitutionName": "UoR",
    "InstitutionalDepartmentName": "Department",
    "InversionTime": 0.9,
    "MRAcquisitionType": "3D",
    "MagneticFieldStrength": 3,
    "Manufacturer": "Siemens",
    "ManufacturersModelName": "Prisma_fit",
    "Modality": "MR",
    "PartialFourier": 1,
    "PatientPosition": "HFS",
    "PercentPhaseFOV": 100,
    "PhaseEncodingSteps": 255,
    "PhaseResolution": 1,
    "PixelBandwidth": 200,
    "ProcedureStepDescription": "head_Kou_Murayama",
    "ProtocolName": "t1_mprage_sag_p2_iso_192",
    "PulseSequenceDetails": "%SiemensSeq%_tfl",
    "ReceiveCoilActiveElements": "HEA;HEP",
    "ReceiveCoilName": "Head_32",
    "ReconMatrixPE": 256,
    "RepetitionTime": 2.3,
    "SAR": 0.0531917,
    "ScanOptions": "IR",
    "ScanningSequence": "GR_IR",
    "SequenceName": "_tfl3d1_16ns",
    "SequenceVariant": "SK_SP_MP",
    "SeriesDescription": "t1_mprage_sag_p2_iso_192",
    "SeriesNumber": 18,
    "ShimSetting": [
      3382,
      -11946,
      11206,
      -4,
      -40,
      -152,
      -34,
      21
    ],
    "SliceThickness": 0.94,
    "SoftwareVersions": "syngo_MR_E11",
    "StationName": "AWP167013",
    "TxRefAmp": 230.704,
    "dataset": "<unset>",
    "modality": "T1w",
    "rec_id": "NORM",
    "subject_id": "experimental042"
  },
  "cjv": 0.34068800245166897,
  "cnr": 3.8640429097709874,
  "efc": 0.524790741330035,
  "fber": 3486.5162022884097,
  "fwhm_avg": 3.9705137148947927,
  "fwhm_x": 3.9160744780177117,
  "fwhm_y": 4.0264853333333335,
  "fwhm_z": 3.9689813333333333,
  "icvs_csf": 0.19209609033013084,
  "icvs_gm": 0.4390717186305353,
  "icvs_wm": 0.3688321910393339,
  "inu_med": 1.3690067529678345,
  "inu_range": 0.3900461435317992,
  "provenance": {
    "md5sum": "300c64010989af5e27ed64467208fed9",
    "settings": {
      "testing": false
    },
    "software": "mriqc",
    "version": "0.16.1",
    "warnings": {
      "large_rot_frame": true,
      "small_air_mask": false
    },
    "webapi_port": null,
    "webapi_url": "https://mriqc.nimh.nih.gov/api/v1"
  },
  "qi_1": 0.0,
  "qi_2": 0.018236667228830036,
  "rpve_csf": 25.350578648431703,
  "rpve_gm": 12.371554466537662,
  "rpve_wm": 17.50657910404272,
  "size_x": 192,
  "size_y": 256,
  "size_z": 256,
  "snr_csf": 2.6246721961589765,
  "snr_gm": 12.349218211312916,
  "snr_total": 12.21698472683441,
  "snr_wm": 21.677063773031335,
  "snrd_csf": 35.25104251554893,
  "snrd_gm": 79.10946352668476,
  "snrd_total": 75.08895267480541,
  "snrd_wm": 110.90635198218254,
  "spacing_x": 0.9399999976158142,
  "spacing_y": 0.9375,
  "spacing_z": 0.9375,
  "summary_bg_k": 15.559837644465581,
  "summary_bg_mad": 5.907113188981029,
  "summary_bg_mean": 6.478614144852177,
  "summary_bg_median": 4.04040402173996,
  "summary_bg_n": 2594108.0,
  "summary_bg_p05": 0.0,
  "summary_bg_p95": 19.75308632850647,
  "summary_bg_stdv": 6.390665473641604,
  "summary_csf_k": -0.6681039352717244,
  "summary_csf_mad": 132.53565225417998,
  "summary_csf_mean": 343.9344299534548,
  "summary_csf_median": 317.84511637687683,
  "summary_csf_n": 14961.0,
  "summary_csf_p05": 182.04264786839485,
  "summary_csf_p95": 547.306394778192,
  "summary_csf_stdv": 121.09492919111949,
  "summary_gm_k": 0.058420985673848236,
  "summary_gm_mad": 57.407156343618446,
  "summary_gm_mean": 713.8592033930722,
  "summary_gm_median": 713.2996600046754,
  "summary_gm_n": 45202.0,
  "summary_gm_p05": 619.8092002794147,
  "summary_gm_p95": 809.8765394687653,
  "summary_gm_stdv": 57.76007497978764,
  "summary_wm_k": 1.1197491164550897,
  "summary_wm_mad": 40.268208217842506,
  "summary_wm_mean": 997.7766247825809,
  "summary_wm_median": 999.99999538064,
  "summary_wm_n": 242159.0,
  "summary_wm_p05": 916.8350125998259,
  "summary_wm_p95": 1068.6307470276952,
  "summary_wm_stdv": 46.13161363041804,
  "tpm_overlap_csf": 0.17299991846084595,
  "tpm_overlap_gm": 0.45142385363578796,
  "tpm_overlap_wm": 0.4991086721420288,
  "wm2max": 0.3869745117674226
}