{
  "bids_meta": {
    "AcquisitionMatrixPE": 256,
    "AcquisitionNumber": 1,
    "AcquisitionTime": "18:19:0.572500",
    "BaseResolution": 256,
    "BodyPartExamined": "HEAD",
    "ConsistencyInfo": "N4_VE11C_LATEST_20160120",
    "ConversionSoftware": "dcm2niix",
    "ConversionSoftwareVersion": "v1.0.20181125  GCC5.3.1",
    "DeviceSerialNumber": "167013",
    "DwellTime": 9.8e-06,
    "EchoTime": 0.00229,
    "FlipAngle": 8,
    "ImageOrientationPatientDICOM": [
      0.0592188,
      0.992563,
      0.106358,
      0.0452292,
      0.103767,
      -0.993573
    ],
    "ImageType": [
      "ORIGINAL",
      "PRIMARY",
      "M",
      "ND",
      "NORM"
    ],
    "ImagingFrequency": 123.249,
    "InPlanePhaseEncodingDirectionDICOM": "ROW",
    "InstitutionAddress": "Whiteknights_Campus_StreetNo_Reading_District_GB_RG6_7BE",
    "InstitutionName": "UoR",
    "InstitutionalDepartmentName": "Department",
    "InversionTime": 0.9,
    "MRAcquisitionType": "3D",
    "MagneticFieldStrength": 3,
    "Manufacturer": "Siemens",
    "ManufacturersModelName": "Prisma_fit",
    "Modality": "MR",
    "PartialFourier": 1,
    "PatientPosition": "HFS",
    "PercentPhaseFOV": 100,
    "PhaseEncodingSteps": 255,
    "PhaseResolution": 1,
    "PixelBandwidth": 200,
    "ProcedureStepDescription": "head_Kou_Murayama",
    "ProtocolName": "t1_mprage_sag_p2_iso_192",
    "PulseSequenceDetails": "%SiemensSeq%_tfl",
    "ReceiveCoilActiveElements": "HEA;HEP",
    "ReceiveCoilName": "Head_32",
    "ReconMatrixPE": 256,
    "RepetitionTime": 2.3,
    "SAR": 0.0535742,
    "ScanOptions": "IR",
    "ScanningSequence": "GR_IR",
    "SequenceName": "_tfl3d1_16ns",
    "SequenceVariant": "SK_SP_MP",
    "SeriesDescription": "t1_mprage_sag_p2_iso_192",
    "SeriesNumber": 13,
    "ShimSetting": [
      3382,
      -11946,
      11206,
      -4,
      -40,
      -152,
      -34,
      21
    ],
    "SliceThickness": 0.94,
    "SoftwareVersions": "syngo_MR_E11",
    "StationName": "AWP167013",
    "TxRefAmp": 234.885,
    "dataset": "<unset>",
    "modality": "T1w",
    "rec_id": "NORM",
    "subject_id": "control043"
  },
  "cjv": 0.4341830546663549,
  "cnr": 3.081780462102338,
  "efc": 0.5976917347678461,
  "fber": 2834.318477596297,
  "fwhm_avg": 3.7240322300783255,
  "fwhm_x": 3.6997446902349775,
  "fwhm_y": 3.766453333333333,
  "fwhm_z": 3.7058986666666667,
  "icvs_csf": 0.1892338938023027,
  "icvs_gm": 0.41924318025994367,
  "icvs_wm": 0.3915229259377536,
  "inu_med": 1.446772813796997,
  "inu_range": 0.3836348891258239,
  "provenance": {
    "md5sum": "b404a888e72f7fa394eaa5b7dee55d69",
    "settings": {
      "testing": false
    },
    "software": "mriqc",
    "version": "0.16.1",
    "warnings": {
      "large_rot_frame": false,
      "small_air_mask": false
    },
    "webapi_port": null,
    "webapi_url": "https://mriqc.nimh.nih.gov/api/v1"
  },
  "qi_1": 0.0,
  "qi_2": 0.013333164280107222,
  "rpve_csf": 24.254970757959146,
  "rpve_gm": 11.895491966723332,
  "rpve_wm": 15.564151517115214,
  "size_x": 192,
  "size_y": 256,
  "size_z": 256,
  "snr_csf": 2.7893029545312773,
  "snr_gm": 10.580590072421955,
  "snr_total": 10.648961608986381,
  "snr_wm": 18.57699180000591,
  "snrd_csf": 36.64558374304656,
  "snrd_gm": 68.84779072676206,
  "snrd_total": 66.67110892569013,
  "snrd_wm": 94.51995230726176,
  "spacing_x": 0.9399999976158142,
  "spacing_y": 0.9375,
  "spacing_z": 0.9375,
  "summary_bg_k": 30.250644345463108,
  "summary_bg_mad": 6.931421750495537,
  "summary_bg_mean": 10.085645594802802,
  "summary_bg_median": 4.675172924995422,
  "summary_bg_n": 2500469.0,
  "summary_bg_p05": 0.0,
  "summary_bg_p95": 32.466478645801544,
  "summary_bg_stdv": 11.429228709031074,
  "summary_csf_k": 1.9835898465481012,
  "summary_csf_mad": 173.09300426931912,
  "summary_csf_mean": 378.61133705849886,
  "summary_csf_median": 387.71468798816204,
  "summary_csf_n": 12587.0,
  "summary_csf_p05": 174.42940317243338,
  "summary_csf_p95": 578.2734377518295,
  "summary_csf_stdv": 138.9950437827513,
  "summary_gm_k": -0.01376307949677491,
  "summary_gm_mad": 68.35152003960877,
  "summary_gm_mean": 730.0665955735432,
  "summary_gm_median": 728.4179148972034,
  "summary_gm_n": 24796.0,
  "summary_gm_p05": 618.6162841171026,
  "summary_gm_p95": 846.1413664668798,
  "summary_gm_stdv": 68.84334631142639,
  "summary_wm_k": 0.6606924790634867,
  "summary_wm_mad": 49.578919465350026,
  "summary_wm_mean": 1000.96484751767,
  "summary_wm_median": 1000.0324752479792,
  "summary_wm_n": 279764.0,
  "summary_wm_p05": 913.8015079647303,
  "summary_wm_p95": 1090.4840847551823,
  "summary_wm_stdv": 53.83168053976134,
  "tpm_overlap_csf": 0.175207257270813,
  "tpm_overlap_gm": 0.44579339027404785,
  "tpm_overlap_wm": 0.49467605352401733,
  "wm2max": 0.4067666789921293
}