{
  "bids_meta": {
    "AcquisitionMatrixPE": 256,
    "AcquisitionNumber": 1,
    "AcquisitionTime": "16:59:15.962500",
    "BaseResolution": 256,
    "BodyPartExamined": "HEAD",
    "ConsistencyInfo": "N4_VE11C_LATEST_20160120",
    "ConversionSoftware": "dcm2niix",
    "ConversionSoftwareVersion": "v1.0.20181125  GCC5.3.1",
    "DeviceSerialNumber": "167013",
    "DwellTime": 9.8e-06,
    "EchoTime": 0.00229,
    "FlipAngle": 8,
    "ImageOrientationPatientDICOM": [
      0.0376251,
      0.960554,
      0.275535,
      -0.0174827,
      0.276321,
      -0.960906
    ],
    "ImageType": [
      "ORIGINAL",
      "PRIMARY",
      "M",
      "ND",
      "NORM"
    ],
    "ImagingFrequency": 123.248,
    "InPlanePhaseEncodingDirectionDICOM": "ROW",
    "InstitutionAddress": "Whiteknights_Campus_StreetNo_Reading_District_GB_RG6_7BE",
    "InstitutionName": "UoR",
    "InstitutionalDepartmentName": "Department",
    "InversionTime": 0.9,
    "MRAcquisitionType": "3D",
    "MagneticFieldStrength": 3,
    "Manufacturer": "Siemens",
    "ManufacturersModelName": "Prisma_fit",
    "Modality": "MR",
    "PartialFourier": 1,
    "PatientPosition": "HFS",
    "PercentPhaseFOV": 100,
    "PhaseEncodingSteps": 255,
    "PhaseResolution": 1,
    "PixelBandwidth": 200,
    "ProcedureStepDescription": "head_Kou_Murayama",
    "ProtocolName": "t1_mprage_sag_p2_iso_192",
    "PulseSequenceDetails": "%SiemensSeq%_tfl",
    "ReceiveCoilActiveElements": "HEA;HEP",
    "ReceiveCoilName": "Head_32",
    "ReconMatrixPE": 256,
    "RepetitionTime": 2.3,
    "SAR": 0.0599238,
    "ScanOptions": "IR",
    "ScanningSequence": "GR_IR",
    "SequenceName": "_tfl3d1_16ns",
    "SequenceVariant": "SK_SP_MP",
    "SeriesDescription": "t1_mprage_sag_p2_iso_192",
    "SeriesNumber": 13,
    "ShimSetting": [
      3382,
      -11946,
      11206,
      -4,
      -40,
      -152,
      -34,
      21
    ],
    "SliceThickness": 0.94,
    "SoftwareVersions": "syngo_MR_E11",
    "StationName": "AWP167013",
    "TxRefAmp": 278.089,
    "dataset": "<unset>",
    "modality": "T1w",
    "rec_id": "NORM",
    "subject_id": "experimental022"
  },
  "cjv": 0.4793276922409127,
  "cnr": 2.745275526762321,
  "efc": 0.6178346113060643,
  "fber": 1101.692106937506,
  "fwhm_avg": 3.7742290054925682,
  "fwhm_x": 3.7003723498110372,
  "fwhm_y": 3.830016,
  "fwhm_z": 3.792298666666667,
  "icvs_csf": 0.22352073300643627,
  "icvs_gm": 0.3931741683059375,
  "icvs_wm": 0.38330509868762624,
  "inu_med": 1.3362334966659546,
  "inu_range": 0.3350719213485718,
  "provenance": {
    "md5sum": "37d2609a1d1520885bfc6ef3a8f15c40",
    "settings": {
      "testing": false
    },
    "software": "mriqc",
    "version": "0.16.1",
    "warnings": {
      "large_rot_frame": true,
      "small_air_mask": false
    },
    "webapi_port": null,
    "webapi_url": "https://mriqc.nimh.nih.gov/api/v1"
  },
  "qi_1": 0.0,
  "qi_2": 0.005367784341199858,
  "rpve_csf": 21.800546228331836,
  "rpve_gm": 12.370840464156617,
  "rpve_wm": 15.766099876290742,
  "size_x": 192,
  "size_y": 256,
  "size_z": 256,
  "snr_csf": 3.0818375884218026,
  "snr_gm": 11.230774590187243,
  "snr_total": 10.57341952285246,
  "snr_wm": 17.40764638994833,
  "snrd_csf": 17.868132438929248,
  "snrd_gm": 36.22367496537125,
  "snrd_total": 34.13923805265643,
  "snrd_wm": 48.325906753668804,
  "spacing_x": 0.9399999976158142,
  "spacing_y": 0.9375,
  "spacing_z": 0.9375,
  "summary_bg_k": 651.2777110433148,
  "summary_bg_mad": 13.557380452889332,
  "summary_bg_mean": 16.93917373402869,
  "summary_bg_median": 13.744181275367737,
  "summary_bg_n": 1926240.0,
  "summary_bg_p05": 0.0,
  "summary_bg_p95": 46.55287206172943,
  "summary_bg_stdv": 23.814206863576516,
  "summary_csf_k": -0.27799990067186986,
  "summary_csf_mad": 130.8903458269861,
  "summary_csf_mean": 374.54264494535926,
  "summary_csf_median": 369.76281237602234,
  "summary_csf_n": 19604.0,
  "summary_csf_p05": 188.26203142106533,
  "summary_csf_p95": 573.2099473029375,
  "summary_csf_stdv": 119.97821781547869,
  "summary_gm_k": 0.05300223837848694,
  "summary_gm_mad": 65.73275371097859,
  "summary_gm_mean": 751.5045807169384,
  "summary_gm_median": 749.6120803654194,
  "summary_gm_n": 21831.0,
  "summary_gm_p05": 644.5910177975893,
  "summary_gm_p95": 863.9714273884892,
  "summary_gm_stdv": 66.74472055561422,
  "summary_wm_k": 0.49920262235379065,
  "summary_wm_mad": 54.311687753696056,
  "summary_wm_mean": 1003.4779075647515,
  "summary_wm_median": 1000.0554480403662,
  "summary_wm_n": 274551.0,
  "summary_wm_p05": 914.7085159271955,
  "summary_wm_p95": 1103.413908034563,
  "summary_wm_stdv": 57.449100491834415,
  "tpm_overlap_csf": 0.15666207671165466,
  "tpm_overlap_gm": 0.4206676781177521,
  "tpm_overlap_wm": 0.4874165952205658,
  "wm2max": 0.3929185858645551
}