{
  "aor": 0.0017560263157894735,
  "aqi": 0.004941447578947368,
  "bids_meta": {
    "AcquisitionMatrixPE": 64,
    "AcquisitionNumber": 1,
    "AcquisitionTime": "11:00:52.095000",
    "BandwidthPerPixelPhaseEncode": 58.962,
    "BaseResolution": 64,
    "BodyPartExamined": "HEAD",
    "ConsistencyInfo": "N4_VE11C_LATEST_20160120",
    "ConversionSoftware": "dcm2niix",
    "ConversionSoftwareVersion": "v1.0.20181125  GCC5.3.1",
    "DerivedVendorReportedEchoSpacing": 0.000530002,
    "DeviceSerialNumber": "167013",
    "DwellTime": 3.5e-06,
    "EchoTime": 0.03,
    "EchoTrainLength": 31,
    "EffectiveEchoSpacing": 0.000265001,
    "FlipAngle": 90,
    "ImageOrientationPatientDICOM": [
      0.99581,
      -0.0771638,
      0.0490736,
      0.0708565,
      0.99032,
      0.119356
    ],
    "ImageType": [
      "ORIGINAL",
      "PRIMARY",
      "M",
      "ND",
      "MOSAIC"
    ],
    "ImagingFrequency": 123.249,
    "InPlanePhaseEncodingDirectionDICOM": "COL",
    "InstitutionAddress": "Whiteknights_Campus_StreetNo_Reading_District_GB_RG6_7BE",
    "InstitutionName": "UoR",
    "InstitutionalDepartmentName": "Department",
    "MRAcquisitionType": "2D",
    "MagneticFieldStrength": 3,
    "Manufacturer": "Siemens",
    "ManufacturersModelName": "Prisma_fit",
    "Modality": "MR",
    "ParallelReductionFactorInPlane": 2,
    "PartialFourier": 1,
    "PatientPosition": "HFS",
    "PercentPhaseFOV": 100,
    "PhaseEncodingDirection": "j",
    "PhaseEncodingSteps": 63,
    "PhaseResolution": 1,
    "PixelBandwidth": 2230,
    "ProcedureStepDescription": "head_Kou_Murayama",
    "ProtocolName": "ep2d_bold_PtoA_iPAT2_MagicTrick_Run2",
    "PulseSequenceDetails": "%SiemensSeq%_ep2d_bold",
    "ReceiveCoilActiveElements": "HEA;HEP",
    "ReceiveCoilName": "Head_32",
    "ReconMatrixPE": 64,
    "RepetitionTime": 2,
    "SAR": 0.10626,
    "ScanOptions": "FS",
    "ScanningSequence": "EP",
    "SequenceName": "_epfid2d1_64",
    "SequenceVariant": "SK",
    "SeriesDescription": "ep2d_bold_PtoA_iPAT2_MagicTrick_Run2",
    "SeriesNumber": 10,
    "ShimSetting": [
      3402,
      -11986,
      11536,
      414,
      -19,
      -275,
      146,
      38
    ],
    "SliceThickness": 3,
    "SliceTiming": [
      0,
      1.015,
      0.0525,
      1.07,
      0.105,
      1.1225,
      0.16,
      1.1775,
      0.2125,
      1.23,
      0.2675,
      1.2825,
      0.32,
      1.3375,
      0.375,
      1.39,
      0.4275,
      1.445,
      0.48,
      1.4975,
      0.535,
      1.55,
      0.5875,
      1.605,
      0.6425,
      1.6575,
      0.695,
      1.7125,
      0.7475,
      1.765,
      0.8025,
      1.8175,
      0.855,
      1.8725,
      0.91,
      1.925,
      0.9625
    ],
    "SoftwareVersions": "syngo_MR_E11",
    "SpacingBetweenSlices": 3.75,
    "StationName": "AWP167013",
    "TaskName": "magictrickwatching",
    "TotalReadoutTime": 0.0166951,
    "TxRefAmp": 249.604,
    "dataset": "<unset>",
    "modality": "bold",
    "run_id": 2,
    "subject_id": "control031",
    "task_id": "magictrickwatching"
  },
  "dummy_trs": 0,
  "dvars_nstd": 29.622832225488132,
  "dvars_std": 1.1720492056200524,
  "dvars_vstd": 0.9921449768865439,
  "efc": 0.49912441728246953,
  "fber": 432543.96875,
  "fd_mean": 0.17416775395390172,
  "fd_num": 8,
  "fd_perc": 2.1052631578947367,
  "fwhm_avg": 2.8454512053793497,
  "fwhm_x": 2.7164800000000002,
  "fwhm_y": 3.0615264233584067,
  "fwhm_z": 2.7583471927796412,
  "gcor": 0.0184653,
  "gsr_x": 0.019876088947057724,
  "gsr_y": 0.06320427358150482,
  "provenance": {
    "md5sum": "c950d9e77089c0507a3b5518c3f9025c",
    "settings": {
      "fd_thres": 0.5,
      "testing": false
    },
    "software": "mriqc",
    "version": "0.16.1",
    "webapi_port": null,
    "webapi_url": "https://mriqc.nimh.nih.gov/api/v1"
  },
  "size_t": 380,
  "size_x": 64,
  "size_y": 64,
  "size_z": 37,
  "snr": 2.3245616538458216,
  "spacing_tr": 2.0,
  "spacing_x": 3.0,
  "spacing_y": 3.000000238418579,
  "spacing_z": 3.7499992847442627,
  "summary_bg_k": 18.682617828911678,
  "summary_bg_mad": 0.7869783264267006,
  "summary_bg_mean": 22.32927703857422,
  "summary_bg_median": 0.5443226099014282,
  "summary_bg_n": 83507.0,
  "summary_bg_p05": 0.005973776010796427,
  "summary_bg_p95": 145.59105377197267,
  "summary_bg_stdv": 59.041751861572266,
  "summary_fg_k": 0.8615226223442058,
  "summary_fg_mad": 161.9480500228987,
  "summary_fg_mean": 431.9916687011719,
  "summary_fg_median": 398.5862731933594,
  "summary_fg_n": 31403.0,
  "summary_fg_p05": 213.16508178710936,
  "summary_fg_p95": 757.2222412109372,
  "summary_fg_stdv": 171.4645538330078,
  "tsnr": 48.41872024536133
}