{
  "aor": 0.0005681333333333332,
  "aqi": 0.007686044066666667,
  "bids_meta": {
    "AcquisitionMatrixPE": 64,
    "AcquisitionNumber": 1,
    "AcquisitionTime": "11:30:17.127500",
    "BandwidthPerPixelPhaseEncode": 58.962,
    "BaseResolution": 64,
    "BodyPartExamined": "HEAD",
    "ConsistencyInfo": "N4_VE11C_LATEST_20160120",
    "ConversionSoftware": "dcm2niix",
    "ConversionSoftwareVersion": "v1.0.20181125  GCC5.3.1",
    "DerivedVendorReportedEchoSpacing": 0.000530002,
    "DeviceSerialNumber": "167013",
    "DwellTime": 3.5e-06,
    "EchoTime": 0.03,
    "EchoTrainLength": 31,
    "EffectiveEchoSpacing": 0.000265001,
    "FlipAngle": 90,
    "ImageOrientationPatientDICOM": [
      0.99581,
      -0.0771638,
      0.0490736,
      0.0708565,
      0.99032,
      0.119356
    ],
    "ImageType": [
      "ORIGINAL",
      "PRIMARY",
      "M",
      "ND",
      "MOSAIC"
    ],
    "ImagingFrequency": 123.249,
    "InPlanePhaseEncodingDirectionDICOM": "COL",
    "InstitutionAddress": "Whiteknights_Campus_StreetNo_Reading_District_GB_RG6_7BE",
    "InstitutionName": "UoR",
    "InstitutionalDepartmentName": "Department",
    "MRAcquisitionType": "2D",
    "MagneticFieldStrength": 3,
    "Manufacturer": "Siemens",
    "ManufacturersModelName": "Prisma_fit",
    "Modality": "MR",
    "ParallelReductionFactorInPlane": 2,
    "PartialFourier": 1,
    "PatientPosition": "HFS",
    "PercentPhaseFOV": 100,
    "PhaseEncodingDirection": "j",
    "PhaseEncodingSteps": 63,
    "PhaseResolution": 1,
    "PixelBandwidth": 2230,
    "ProcedureStepDescription": "head_Kou_Murayama",
    "ProtocolName": "ep2d_bold_PtoA_iPAT2_PostResting",
    "PulseSequenceDetails": "%SiemensSeq%_ep2d_bold",
    "ReceiveCoilActiveElements": "HEA;HEP",
    "ReceiveCoilName": "Head_32",
    "ReconMatrixPE": 64,
    "RepetitionTime": 2,
    "SAR": 0.106122,
    "ScanOptions": "FS",
    "ScanningSequence": "EP",
    "SequenceName": "_epfid2d1_64",
    "SequenceVariant": "SK",
    "SeriesDescription": "ep2d_bold_PtoA_iPAT2_PostResting",
    "SeriesNumber": 12,
    "ShimSetting": [
      3402,
      -11986,
      11536,
      414,
      -19,
      -275,
      146,
      38
    ],
    "SliceThickness": 3,
    "SliceTiming": [
      0,
      1.0175,
      0.055,
      1.07,
      0.1075,
      1.125,
      0.1625,
      1.1775,
      0.215,
      1.2325,
      0.2675,
      1.285,
      0.3225,
      1.3375,
      0.375,
      1.3925,
      0.43,
      1.445,
      0.4825,
      1.5,
      0.535,
      1.5525,
      0.59,
      1.6075,
      0.6425,
      1.66,
      0.6975,
      1.7125,
      0.75,
      1.7675,
      0.8025,
      1.82,
      0.8575,
      1.875,
      0.91,
      1.9275,
      0.965
    ],
    "SoftwareVersions": "syngo_MR_E11",
    "SpacingBetweenSlices": 3.75,
    "StationName": "AWP167013",
    "TaskName": "rest",
    "TotalReadoutTime": 0.0166951,
    "TxRefAmp": 249.604,
    "dataset": "<unset>",
    "modality": "bold",
    "run_id": 2,
    "subject_id": "control031",
    "task_id": "rest"
  },
  "dummy_trs": 0,
  "dvars_nstd": 28.22759118605351,
  "dvars_std": 1.0920489544816048,
  "dvars_vstd": 0.9476401859866214,
  "efc": 0.5000212156091753,
  "fber": 349814.90625,
  "fd_mean": 0.18564889834170328,
  "fd_num": 4,
  "fd_perc": 1.3333333333333333,
  "fwhm_avg": 2.869174303693464,
  "fwhm_x": 2.7353966666666665,
  "fwhm_y": 3.0773530887672833,
  "fwhm_z": 2.7947731556464412,
  "gcor": 0.0196074,
  "gsr_x": 0.015857065096497536,
  "gsr_y": 0.06660144776105881,
  "provenance": {
    "md5sum": "d1c4253f2466a391c1faa05ae09593fb",
    "settings": {
      "fd_thres": 0.5,
      "testing": false
    },
    "software": "mriqc",
    "version": "0.16.1",
    "webapi_port": null,
    "webapi_url": "https://mriqc.nimh.nih.gov/api/v1"
  },
  "size_t": 300,
  "size_x": 64,
  "size_y": 64,
  "size_z": 37,
  "snr": 2.3445864019680442,
  "spacing_tr": 2.0,
  "spacing_x": 3.0,
  "spacing_y": 3.000000238418579,
  "spacing_z": 3.750000238418579,
  "summary_bg_k": 20.27218667028836,
  "summary_bg_mad": 0.857605191538211,
  "summary_bg_mean": 20.756282806396484,
  "summary_bg_median": 0.6102429628372192,
  "summary_bg_n": 82758.0,
  "summary_bg_p05": 0.01077682049944997,
  "summary_bg_p95": 135.43239746093724,
  "summary_bg_stdv": 55.22283935546875,
  "summary_fg_k": 1.0271133352966118,
  "summary_fg_mad": 158.82082170452557,
  "summary_fg_mean": 432.5608215332031,
  "summary_fg_median": 398.8366394042969,
  "summary_fg_n": 31087.0,
  "summary_fg_p05": 216.67960357666016,
  "summary_fg_p95": 756.6842895507806,
  "summary_fg_stdv": 170.1068572998047,
  "tsnr": 43.62786102294922
}