{
  "aor": 0.0024786333333333336,
  "aqi": 0.004877755266666666,
  "bids_meta": {
    "AcquisitionMatrixPE": 64,
    "AcquisitionNumber": 1,
    "AcquisitionTime": "16:42:24.457500",
    "BandwidthPerPixelPhaseEncode": 58.962,
    "BaseResolution": 64,
    "BodyPartExamined": "HEAD",
    "ConsistencyInfo": "N4_VE11C_LATEST_20160120",
    "ConversionSoftware": "dcm2niix",
    "ConversionSoftwareVersion": "v1.0.20181125  GCC5.3.1",
    "DerivedVendorReportedEchoSpacing": 0.000530002,
    "DeviceSerialNumber": "167013",
    "DwellTime": 3.5e-06,
    "EchoTime": 0.03,
    "EchoTrainLength": 31,
    "EffectiveEchoSpacing": 0.000265001,
    "FlipAngle": 90,
    "ImageOrientationPatientDICOM": [
      0.999748,
      0.0128646,
      0.0184095,
      -0.0111677,
      0.995926,
      -0.0894824
    ],
    "ImageType": [
      "ORIGINAL",
      "PRIMARY",
      "M",
      "ND",
      "MOSAIC"
    ],
    "ImagingFrequency": 123.249,
    "InPlanePhaseEncodingDirectionDICOM": "COL",
    "InstitutionAddress": "Whiteknights_Campus_StreetNo_Reading_District_GB_RG6_7BE",
    "InstitutionName": "UoR",
    "InstitutionalDepartmentName": "Department",
    "MRAcquisitionType": "2D",
    "MagneticFieldStrength": 3,
    "Manufacturer": "Siemens",
    "ManufacturersModelName": "Prisma_fit",
    "Modality": "MR",
    "ParallelReductionFactorInPlane": 2,
    "PartialFourier": 1,
    "PatientPosition": "HFS",
    "PercentPhaseFOV": 100,
    "PhaseEncodingDirection": "j",
    "PhaseEncodingSteps": 63,
    "PhaseResolution": 1,
    "PixelBandwidth": 2230,
    "ProcedureStepDescription": "head_Kou_Murayama",
    "ProtocolName": "ep2d_bold_PtoA_iPAT2_PreResting",
    "PulseSequenceDetails": "%SiemensSeq%_ep2d_bold",
    "ReceiveCoilActiveElements": "HEA;HEP",
    "ReceiveCoilName": "Head_32",
    "ReconMatrixPE": 64,
    "RepetitionTime": 2,
    "SAR": 0.106938,
    "ScanOptions": "FS",
    "ScanningSequence": "EP",
    "SequenceName": "_epfid2d1_64",
    "SequenceVariant": "SK",
    "SeriesDescription": "ep2d_bold_PtoA_iPAT2_PreResting",
    "SeriesNumber": 6,
    "ShimSetting": [
      3391,
      -11915,
      11498,
      378,
      -10,
      -65,
      24,
      36
    ],
    "SliceThickness": 3,
    "SliceTiming": [
      0,
      1.0175,
      0.0525,
      1.07,
      0.1075,
      1.1225,
      0.16,
      1.1775,
      0.215,
      1.23,
      0.2675,
      1.285,
      0.32,
      1.3375,
      0.375,
      1.39,
      0.4275,
      1.445,
      0.4825,
      1.4975,
      0.535,
      1.5525,
      0.5875,
      1.605,
      0.6425,
      1.66,
      0.695,
      1.7125,
      0.75,
      1.765,
      0.8025,
      1.82,
      0.855,
      1.8725,
      0.91,
      1.9275,
      0.9625
    ],
    "SoftwareVersions": "syngo_MR_E11",
    "SpacingBetweenSlices": 3.75,
    "StationName": "AWP167013",
    "TaskName": "rest",
    "TotalReadoutTime": 0.0166951,
    "TxRefAmp": 249.649,
    "dataset": "<unset>",
    "modality": "bold",
    "run_id": 1,
    "subject_id": "control027",
    "task_id": "rest"
  },
  "dummy_trs": 0,
  "dvars_nstd": 30.090790349732423,
  "dvars_std": 1.1794291648494974,
  "dvars_vstd": 0.9881348267892973,
  "efc": 0.509704829010078,
  "fber": 332839.375,
  "fd_mean": 0.1330619272217268,
  "fd_num": 2,
  "fd_perc": 0.6666666666666666,
  "fwhm_avg": 2.899751204884261,
  "fwhm_x": 2.7204697837964864,
  "fwhm_y": 3.1301438308562965,
  "fwhm_z": 2.84864,
  "gcor": 0.015889,
  "gsr_x": 0.03143300116062164,
  "gsr_y": 0.055715665221214294,
  "provenance": {
    "md5sum": "01e0706486d1d7869822e766d9631cf0",
    "settings": {
      "fd_thres": 0.5,
      "testing": false
    },
    "software": "mriqc",
    "version": "0.16.1",
    "webapi_port": null,
    "webapi_url": "https://mriqc.nimh.nih.gov/api/v1"
  },
  "size_t": 300,
  "size_x": 64,
  "size_y": 64,
  "size_z": 37,
  "snr": 2.2129665983900026,
  "spacing_tr": 2.0,
  "spacing_x": 3.000000238418579,
  "spacing_y": 2.999999523162842,
  "spacing_z": 3.75,
  "summary_bg_k": 25.443370501629413,
  "summary_bg_mad": 0.7998496499200111,
  "summary_bg_mean": 21.7930908203125,
  "summary_bg_median": 0.5501878261566162,
  "summary_bg_n": 78969.0,
  "summary_bg_p05": 0.0047802068293094635,
  "summary_bg_p95": 134.62146911621062,
  "summary_bg_stdv": 58.92768478393555,
  "summary_fg_k": 1.213242032160406,
  "summary_fg_mad": 179.77739591892504,
  "summary_fg_mean": 454.4957580566406,
  "summary_fg_median": 416.9869384765625,
  "summary_fg_n": 32216.0,
  "summary_fg_p05": 222.61066055297852,
  "summary_fg_p95": 814.1985931396484,
  "summary_fg_stdv": 188.42601013183594,
  "tsnr": 47.30565643310547
}