{
  "aor": 0.0013250333333333331,
  "aqi": 0.0080146525,
  "bids_meta": {
    "AcquisitionMatrixPE": 64,
    "AcquisitionNumber": 1,
    "AcquisitionTime": "17:41:28.612500",
    "BandwidthPerPixelPhaseEncode": 58.962,
    "BaseResolution": 64,
    "BodyPartExamined": "HEAD",
    "ConsistencyInfo": "N4_VE11C_LATEST_20160120",
    "ConversionSoftware": "dcm2niix",
    "ConversionSoftwareVersion": "v1.0.20181125  GCC5.3.1",
    "DerivedVendorReportedEchoSpacing": 0.000530002,
    "DeviceSerialNumber": "167013",
    "DwellTime": 3.5e-06,
    "EchoTime": 0.03,
    "EchoTrainLength": 31,
    "EffectiveEchoSpacing": 0.000265001,
    "FlipAngle": 90,
    "ImageOrientationPatientDICOM": [
      0.999748,
      0.0128646,
      0.0184095,
      -0.0111677,
      0.995926,
      -0.0894824
    ],
    "ImageType": [
      "ORIGINAL",
      "PRIMARY",
      "M",
      "ND",
      "MOSAIC"
    ],
    "ImagingFrequency": 123.249,
    "InPlanePhaseEncodingDirectionDICOM": "COL",
    "InstitutionAddress": "Whiteknights_Campus_StreetNo_Reading_District_GB_RG6_7BE",
    "InstitutionName": "UoR",
    "InstitutionalDepartmentName": "Department",
    "MRAcquisitionType": "2D",
    "MagneticFieldStrength": 3,
    "Manufacturer": "Siemens",
    "ManufacturersModelName": "Prisma_fit",
    "Modality": "MR",
    "ParallelReductionFactorInPlane": 2,
    "PartialFourier": 1,
    "PatientPosition": "HFS",
    "PercentPhaseFOV": 100,
    "PhaseEncodingDirection": "j",
    "PhaseEncodingSteps": 63,
    "PhaseResolution": 1,
    "PixelBandwidth": 2230,
    "ProcedureStepDescription": "head_Kou_Murayama",
    "ProtocolName": "ep2d_bold_PtoA_iPAT2_PostResting",
    "PulseSequenceDetails": "%SiemensSeq%_ep2d_bold",
    "ReceiveCoilActiveElements": "HEA;HEP",
    "ReceiveCoilName": "Head_32",
    "ReconMatrixPE": 64,
    "RepetitionTime": 2,
    "SAR": 0.106938,
    "ScanOptions": "FS",
    "ScanningSequence": "EP",
    "SequenceName": "_epfid2d1_64",
    "SequenceVariant": "SK",
    "SeriesDescription": "ep2d_bold_PtoA_iPAT2_PostResting",
    "SeriesNumber": 12,
    "ShimSetting": [
      3391,
      -11915,
      11498,
      378,
      -10,
      -65,
      24,
      36
    ],
    "SliceThickness": 3,
    "SliceTiming": [
      0,
      1.015,
      0.0525,
      1.07,
      0.1075,
      1.1225,
      0.16,
      1.1775,
      0.2125,
      1.23,
      0.2675,
      1.2825,
      0.32,
      1.3375,
      0.375,
      1.39,
      0.4275,
      1.445,
      0.48,
      1.4975,
      0.535,
      1.55,
      0.5875,
      1.605,
      0.6425,
      1.6575,
      0.695,
      1.7125,
      0.7475,
      1.765,
      0.8025,
      1.8175,
      0.855,
      1.8725,
      0.91,
      1.925,
      0.9625
    ],
    "SoftwareVersions": "syngo_MR_E11",
    "SpacingBetweenSlices": 3.75,
    "StationName": "AWP167013",
    "TaskName": "rest",
    "TotalReadoutTime": 0.0166951,
    "TxRefAmp": 249.649,
    "dataset": "<unset>",
    "modality": "bold",
    "run_id": 2,
    "subject_id": "control027",
    "task_id": "rest"
  },
  "dummy_trs": 0,
  "dvars_nstd": 28.422080260267553,
  "dvars_std": 1.0514660350836127,
  "dvars_vstd": 0.9404943443812707,
  "efc": 0.5161141664239225,
  "fber": 217281.609375,
  "fd_mean": 0.15334747759103515,
  "fd_num": 5,
  "fd_perc": 1.6666666666666667,
  "fwhm_avg": 2.8996500910657743,
  "fwhm_x": 2.7440764485870637,
  "fwhm_y": 3.0908471579435917,
  "fwhm_z": 2.8640266666666667,
  "gcor": 0.0139919,
  "gsr_x": 0.03766575828194618,
  "gsr_y": 0.0554574579000473,
  "provenance": {
    "md5sum": "88fce25ccd7799bfdd76410a0a949254",
    "settings": {
      "fd_thres": 0.5,
      "testing": false
    },
    "software": "mriqc",
    "version": "0.16.1",
    "webapi_port": null,
    "webapi_url": "https://mriqc.nimh.nih.gov/api/v1"
  },
  "size_t": 300,
  "size_x": 64,
  "size_y": 64,
  "size_z": 37,
  "snr": 2.217817097620987,
  "spacing_tr": 2.0,
  "spacing_x": 3.000000238418579,
  "spacing_y": 2.999999523162842,
  "spacing_z": 3.75,
  "summary_bg_k": 30.583026113496842,
  "summary_bg_mad": 0.9888032777352623,
  "summary_bg_mean": 20.535686492919922,
  "summary_bg_median": 0.679585337638855,
  "summary_bg_n": 78724.0,
  "summary_bg_p05": 0.005459662806242705,
  "summary_bg_p95": 117.25651321411132,
  "summary_bg_stdv": 55.77124786376953,
  "summary_fg_k": 1.05290994015005,
  "summary_fg_mad": 164.52475458353058,
  "summary_fg_mean": 421.6271057128906,
  "summary_fg_median": 387.5323181152344,
  "summary_fg_n": 33988.0,
  "summary_fg_p05": 207.1182373046875,
  "summary_fg_p95": 757.3272918701166,
  "summary_fg_stdv": 174.7333526611328,
  "tsnr": 39.96263122558594
}