{
  "bids_meta": {
    "AcquisitionMatrixPE": 256,
    "AcquisitionNumber": 1,
    "AcquisitionTime": "11:29:20.285000",
    "BaseResolution": 256,
    "BodyPartExamined": "HEAD",
    "ConsistencyInfo": "N4_VE11C_LATEST_20160120",
    "ConversionSoftware": "dcm2niix",
    "ConversionSoftwareVersion": "v1.0.20180622 GCC5.3.1",
    "DeviceSerialNumber": "167013",
    "DwellTime": 9.8e-06,
    "EchoTime": 0.00229,
    "FlipAngle": 8,
    "ImageOrientationPatientDICOM": [
      -0.135255,
      0.990672,
      0.0165797,
      0.00289084,
      0.0171279,
      -0.999849
    ],
    "ImageType": [
      "ORIGINAL",
      "PRIMARY",
      "M",
      "ND",
      "NORM"
    ],
    "InPlanePhaseEncodingDirectionDICOM": "ROW",
    "InstitutionAddress": "Whiteknights_Campus_StreetNo_Reading_District_GB_RG6_7BE",
    "InstitutionName": "UOR",
    "InstitutionalDepartmentName": "Department",
    "InversionTime": 0.9,
    "MRAcquisitionType": "3D",
    "MagneticFieldStrength": 3,
    "Manufacturer": "Siemens",
    "ManufacturersModelName": "Prisma_fit",
    "Modality": "MR",
    "ParallelReductionFactorInPlane": 2,
    "PartialFourier": 1,
    "PatientPosition": "HFS",
    "PercentPhaseFOV": 100,
    "PhaseEncodingSteps": 255,
    "PhaseResolution": 1,
    "PixelBandwidth": 200,
    "ProcedureStepDescription": "head_Kou_Murayama",
    "ProtocolName": "t1_mprage_sag_p2_iso_192",
    "PulseSequenceDetails": "%SiemensSeq%_tfl",
    "ReceiveCoilActiveElements": "HEA;HEP",
    "ReceiveCoilName": "Head_32",
    "ReconMatrixPE": 256,
    "RepetitionTime": 2.3,
    "SAR": 0.0500127,
    "ScanOptions": "IR",
    "ScanningSequence": "GR_IR",
    "SequenceName": "_tfl3d1_16ns",
    "SequenceVariant": "SK_SP_MP",
    "SeriesDescription": "t1_mprage_sag_p2_iso_192",
    "SeriesNumber": 13,
    "ShimSetting": [
      3382,
      -11946,
      11206,
      -4,
      -40,
      -152,
      -34,
      21
    ],
    "SliceThickness": 0.94,
    "SoftwareVersions": "syngo_MR_E11",
    "StationName": "AWP167013",
    "TxRefAmp": 239.212,
    "dataset": "<unset>",
    "modality": "T1w",
    "rec_id": "NORM",
    "subject_id": "experimental006"
  },
  "cjv": 0.35535484603614886,
  "cnr": 3.745639968467321,
  "efc": 0.5159936104403026,
  "fber": 3378.4433306106284,
  "fwhm_avg": 3.7963124390531156,
  "fwhm_x": 3.7601484688513453,
  "fwhm_y": 3.8491304219455453,
  "fwhm_z": 3.7796584263624555,
  "icvs_csf": 0.20040463351587492,
  "icvs_gm": 0.4203839936427371,
  "icvs_wm": 0.379211372841388,
  "inu_med": 1.261170744895935,
  "inu_range": 0.29989404678344744,
  "provenance": {
    "md5sum": "1eb58c2641d9980d5c97651e6c28f003",
    "settings": {
      "testing": false
    },
    "software": "mriqc",
    "version": "0.16.1",
    "warnings": {
      "large_rot_frame": true,
      "small_air_mask": false
    },
    "webapi_port": null,
    "webapi_url": "https://mriqc.nimh.nih.gov/api/v1"
  },
  "qi_1": 2.411886518883989e-05,
  "qi_2": 0.015552905090828604,
  "rpve_csf": 27.042609654491137,
  "rpve_gm": 13.747637387300022,
  "rpve_wm": 18.631300608267793,
  "size_x": 192,
  "size_y": 256,
  "size_z": 256,
  "snr_csf": 2.844942734965357,
  "snr_gm": 11.442259174748736,
  "snr_total": 12.32155319357382,
  "snr_wm": 22.677457671007364,
  "snrd_csf": 34.30904091281427,
  "snrd_gm": 75.06957029166279,
  "snrd_total": 71.57869639565796,
  "snrd_wm": 105.3574779824968,
  "spacing_x": 0.9400001168251038,
  "spacing_y": 0.9375000596046448,
  "spacing_z": 0.9375000596046448,
  "summary_bg_k": 12.147468538429326,
  "summary_bg_mad": 6.218596386642108,
  "summary_bg_mean": 7.1959557463779555,
  "summary_bg_median": 4.194379523396492,
  "summary_bg_n": 2938417.0,
  "summary_bg_p05": 0.0,
  "summary_bg_p95": 21.271496154367924,
  "summary_bg_stdv": 8.276089317059538,
  "summary_csf_k": -0.4096411350044664,
  "summary_csf_mad": 130.05750157205782,
  "summary_csf_mean": 338.3714642112409,
  "summary_csf_median": 325.66361013799906,
  "summary_csf_n": 13333.0,
  "summary_csf_p05": 177.96153120696545,
  "summary_csf_p95": 534.5437104031444,
  "summary_csf_stdv": 114.46676701640702,
  "summary_gm_k": 0.032411274139148905,
  "summary_gm_mad": 61.56410422775687,
  "summary_gm_mean": 711.969186097856,
  "summary_gm_median": 712.5651613175869,
  "summary_gm_n": 28213.0,
  "summary_gm_p05": 608.1850308924913,
  "summary_gm_p95": 813.410029001534,
  "summary_gm_stdv": 62.273762725605025,
  "summary_wm_k": 0.728692556659781,
  "summary_wm_mad": 40.598550695649195,
  "summary_wm_mean": 998.3146765755788,
  "summary_wm_median": 1000.0599177926779,
  "summary_wm_n": 230419.0,
  "summary_wm_p05": 922.4039769023657,
  "summary_wm_p95": 1066.9902310445905,
  "summary_wm_stdv": 44.099200281119415,
  "tpm_overlap_csf": 0.17211122810840607,
  "tpm_overlap_gm": 0.42766544222831726,
  "tpm_overlap_wm": 0.49993351101875305,
  "wm2max": 0.39951168134814247
}