{
  "aor": 0.0005981666666666667,
  "aqi": 0.0051833725333333336,
  "bids_meta": {
    "AcquisitionMatrixPE": 64,
    "AcquisitionNumber": 1,
    "AcquisitionTime": "14:06:8.925000",
    "BandwidthPerPixelPhaseEncode": 58.962,
    "BaseResolution": 64,
    "BodyPartExamined": "HEAD",
    "ConsistencyInfo": "N4_VE11C_LATEST_20160120",
    "ConversionSoftware": "dcm2niix",
    "ConversionSoftwareVersion": "v1.0.20181125  GCC5.3.1",
    "DerivedVendorReportedEchoSpacing": 0.000530002,
    "DeviceSerialNumber": "167013",
    "DwellTime": 3.5e-06,
    "EchoTime": 0.03,
    "EchoTrainLength": 31,
    "EffectiveEchoSpacing": 0.000265001,
    "FlipAngle": 90,
    "ImageOrientationPatientDICOM": [
      0.999131,
      -0.0166828,
      -0.0382074,
      0.0207544,
      0.99385,
      0.108777
    ],
    "ImageType": [
      "ORIGINAL",
      "PRIMARY",
      "M",
      "ND",
      "MOSAIC"
    ],
    "ImagingFrequency": 123.249,
    "InPlanePhaseEncodingDirectionDICOM": "COL",
    "InstitutionAddress": "Whiteknights_Campus_StreetNo_Reading_District_GB_RG6_7BE",
    "InstitutionName": "UoR",
    "InstitutionalDepartmentName": "Department",
    "MRAcquisitionType": "2D",
    "MagneticFieldStrength": 3,
    "Manufacturer": "Siemens",
    "ManufacturersModelName": "Prisma_fit",
    "Modality": "MR",
    "ParallelReductionFactorInPlane": 2,
    "PartialFourier": 1,
    "PatientPosition": "HFS",
    "PercentPhaseFOV": 100,
    "PhaseEncodingDirection": "j",
    "PhaseEncodingSteps": 63,
    "PhaseResolution": 1,
    "PixelBandwidth": 2230,
    "ProcedureStepDescription": "head_Kou_Murayama",
    "ProtocolName": "ep2d_bold_PtoA_iPAT2_PostResting",
    "PulseSequenceDetails": "%SiemensSeq%_ep2d_bold",
    "ReceiveCoilActiveElements": "HEA;HEP",
    "ReceiveCoilName": "Head_32",
    "ReconMatrixPE": 64,
    "RepetitionTime": 2,
    "SAR": 0.11378,
    "ScanOptions": "FS",
    "ScanningSequence": "EP",
    "SequenceName": "_epfid2d1_64",
    "SequenceVariant": "SK",
    "SeriesDescription": "ep2d_bold_PtoA_iPAT2_PostResting",
    "SeriesNumber": 12,
    "ShimSetting": [
      3374,
      -11934,
      11475,
      476,
      -9,
      -67,
      77,
      30
    ],
    "SliceThickness": 3,
    "SliceTiming": [
      0,
      1.0175,
      0.055,
      1.07,
      0.1075,
      1.125,
      0.1625,
      1.1775,
      0.215,
      1.2325,
      0.2675,
      1.285,
      0.3225,
      1.34,
      0.375,
      1.3925,
      0.43,
      1.445,
      0.4825,
      1.5,
      0.535,
      1.5525,
      0.59,
      1.6075,
      0.6425,
      1.66,
      0.6975,
      1.7125,
      0.75,
      1.7675,
      0.8025,
      1.82,
      0.8575,
      1.875,
      0.91,
      1.9275,
      0.965
    ],
    "SoftwareVersions": "syngo_MR_E11",
    "SpacingBetweenSlices": 3.75,
    "StationName": "AWP167013",
    "TaskName": "rest",
    "TotalReadoutTime": 0.0166951,
    "TxRefAmp": 231.928,
    "dataset": "<unset>",
    "modality": "bold",
    "run_id": 2,
    "subject_id": "control041",
    "task_id": "rest"
  },
  "dummy_trs": 0,
  "dvars_nstd": 26.226724867056856,
  "dvars_std": 1.0534641106020068,
  "dvars_vstd": 0.9219727540468232,
  "efc": 0.4379237671404586,
  "fber": 4043387.5,
  "fd_mean": 0.11638549297682897,
  "fd_num": 2,
  "fd_perc": 0.6666666666666666,
  "fwhm_avg": 2.899613254038052,
  "fwhm_x": 2.7638637726376487,
  "fwhm_y": 3.144202833575752,
  "fwhm_z": 2.7907731559007547,
  "gcor": 0.028695,
  "gsr_x": 0.021031569689512253,
  "gsr_y": 0.02330116741359234,
  "provenance": {
    "md5sum": "c7e7e76aded538b549398b253646e433",
    "settings": {
      "fd_thres": 0.5,
      "testing": false
    },
    "software": "mriqc",
    "version": "0.16.1",
    "webapi_port": null,
    "webapi_url": "https://mriqc.nimh.nih.gov/api/v1"
  },
  "size_t": 300,
  "size_x": 64,
  "size_y": 64,
  "size_z": 37,
  "snr": 2.5171464651933104,
  "spacing_tr": 2.0,
  "spacing_x": 2.999999523162842,
  "spacing_y": 3.000000476837158,
  "spacing_z": 3.750000238418579,
  "summary_bg_k": 48.80512778505099,
  "summary_bg_mad": 0.3004583824750972,
  "summary_bg_mean": 12.604209899902344,
  "summary_bg_median": 0.20462827384471893,
  "summary_bg_n": 92345.0,
  "summary_bg_p05": 0.0009665550314821302,
  "summary_bg_p95": 73.42964019775393,
  "summary_bg_stdv": 39.609413146972656,
  "summary_fg_k": 0.3291839646317025,
  "summary_fg_mad": 177.2373401558087,
  "summary_fg_mean": 482.6622009277344,
  "summary_fg_median": 449.3220520019531,
  "summary_fg_n": 25541.0,
  "summary_fg_p05": 252.4409942626953,
  "summary_fg_p95": 823.5631713867188,
  "summary_fg_stdv": 178.50103759765625,
  "tsnr": 45.08009338378906
}