{
  "bids_meta": {
    "AcquisitionMatrixPE": 256,
    "AcquisitionNumber": 1,
    "AcquisitionTime": "12:20:6.312500",
    "BaseResolution": 256,
    "BodyPartExamined": "HEAD",
    "ConsistencyInfo": "N4_VE11C_LATEST_20160120",
    "ConversionSoftware": "dcm2niix",
    "ConversionSoftwareVersion": "v1.0.20181125  GCC5.3.1",
    "DeviceSerialNumber": "167013",
    "DwellTime": 9.8e-06,
    "EchoTime": 0.00229,
    "FlipAngle": 8,
    "ImageOrientationPatientDICOM": [
      -0.08606,
      0.995864,
      0.0291158,
      -0.0454581,
      0.0252688,
      -0.998647
    ],
    "ImageType": [
      "ORIGINAL",
      "PRIMARY",
      "M",
      "ND",
      "NORM"
    ],
    "ImagingFrequency": 123.249,
    "InPlanePhaseEncodingDirectionDICOM": "ROW",
    "InstitutionAddress": "Whiteknights_Campus_StreetNo_Reading_District_GB_RG6_7BE",
    "InstitutionName": "UoR",
    "InstitutionalDepartmentName": "Department",
    "InversionTime": 0.9,
    "MRAcquisitionType": "3D",
    "MagneticFieldStrength": 3,
    "Manufacturer": "Siemens",
    "ManufacturersModelName": "Prisma_fit",
    "Modality": "MR",
    "PartialFourier": 1,
    "PatientPosition": "HFS",
    "PercentPhaseFOV": 100,
    "PhaseEncodingSteps": 255,
    "PhaseResolution": 1,
    "PixelBandwidth": 200,
    "ProcedureStepDescription": "head_Kou_Murayama",
    "ProtocolName": "t1_mprage_sag_p2_iso_192",
    "PulseSequenceDetails": "%SiemensSeq%_tfl",
    "ReceiveCoilActiveElements": "HEA;HEP",
    "ReceiveCoilName": "Head_32",
    "ReconMatrixPE": 256,
    "RepetitionTime": 2.3,
    "SAR": 0.0501186,
    "ScanOptions": "IR",
    "ScanningSequence": "GR_IR",
    "SequenceName": "_tfl3d1_16ns",
    "SequenceVariant": "SK_SP_MP",
    "SeriesDescription": "t1_mprage_sag_p2_iso_192",
    "SeriesNumber": 13,
    "ShimSetting": [
      3382,
      -11946,
      11206,
      -4,
      -40,
      -152,
      -34,
      21
    ],
    "SliceThickness": 0.94,
    "SoftwareVersions": "syngo_MR_E11",
    "StationName": "AWP167013",
    "TxRefAmp": 242.395,
    "dataset": "<unset>",
    "modality": "T1w",
    "rec_id": "NORM",
    "subject_id": "control023"
  },
  "cjv": 0.35325438930706904,
  "cnr": 3.668511700283737,
  "efc": 0.5404534440519706,
  "fber": 4410.4594895363625,
  "fwhm_avg": 3.6859230669110965,
  "fwhm_x": 3.6445532007332893,
  "fwhm_y": 3.691328,
  "fwhm_z": 3.721888,
  "icvs_csf": 0.18646569897831827,
  "icvs_gm": 0.441468972484455,
  "icvs_wm": 0.37206532853722674,
  "inu_med": 1.243095874786377,
  "inu_range": 0.32864696383476244,
  "provenance": {
    "md5sum": "19c82ee5cf982b34a22df9b2cbdaa7d0",
    "settings": {
      "testing": false
    },
    "software": "mriqc",
    "version": "0.16.1",
    "warnings": {
      "large_rot_frame": true,
      "small_air_mask": false
    },
    "webapi_port": null,
    "webapi_url": "https://mriqc.nimh.nih.gov/api/v1"
  },
  "qi_1": 0.0,
  "qi_2": 0.0038692953304085165,
  "rpve_csf": 29.655398316630983,
  "rpve_gm": 13.964661421573865,
  "rpve_wm": 19.561825051039165,
  "size_x": 192,
  "size_y": 256,
  "size_z": 256,
  "snr_csf": 0.7093152418036853,
  "snr_gm": 10.903526794897198,
  "snr_total": 10.774150250351163,
  "snr_wm": 20.7096087143526,
  "snrd_csf": 29.995762767767165,
  "snrd_gm": 59.16952855171939,
  "snrd_total": 57.813787861650816,
  "snrd_wm": 84.2760722654659,
  "spacing_x": 0.9399999976158142,
  "spacing_y": 0.9375,
  "spacing_z": 0.9375,
  "summary_bg_k": 1375.6092837760718,
  "summary_bg_mad": 7.774132171098309,
  "summary_bg_mean": 7.885656425697427,
  "summary_bg_median": 5.24357246607542,
  "summary_bg_n": 2574773.0,
  "summary_bg_p05": 0.0,
  "summary_bg_p95": 21.36896736174822,
  "summary_bg_stdv": 10.811168866099194,
  "summary_csf_k": 4.1630830249025585,
  "summary_csf_mad": 156.90372134571533,
  "summary_csf_mean": 523.7307340573578,
  "summary_csf_median": 355.94272019714117,
  "summary_csf_n": 11339.0,
  "summary_csf_p05": 181.26973632723093,
  "summary_csf_p95": 1944.9988986663523,
  "summary_csf_stdv": 501.78961816533774,
  "summary_gm_k": 0.2883038954117634,
  "summary_gm_mad": 62.1094645497424,
  "summary_gm_mean": 702.7441095070362,
  "summary_gm_median": 702.1312679573894,
  "summary_gm_n": 28268.0,
  "summary_gm_p05": 598.2183211296797,
  "summary_gm_p95": 811.0227895028887,
  "summary_gm_stdv": 64.39373808731,
  "summary_wm_k": 0.8493364782938304,
  "summary_wm_mad": 43.133894626739,
  "summary_wm_mean": 999.5446953683606,
  "summary_wm_median": 1000.0563960298896,
  "summary_wm_n": 210784.0,
  "summary_wm_p05": 918.0762415602803,
  "summary_wm_p95": 1077.4131855294108,
  "summary_wm_stdv": 48.289373188575375,
  "tpm_overlap_csf": 0.15016314387321472,
  "tpm_overlap_gm": 0.4253994822502136,
  "tpm_overlap_wm": 0.4904368221759796,
  "wm2max": 0.38085933306134717
}