{
  "aor": 0.0008044333333333333,
  "aqi": 0.0031256282999999998,
  "bids_meta": {
    "AcquisitionMatrixPE": 64,
    "AcquisitionNumber": 1,
    "AcquisitionTime": "12:25:50.360000",
    "BandwidthPerPixelPhaseEncode": 58.962,
    "BaseResolution": 64,
    "BodyPartExamined": "HEAD",
    "ConsistencyInfo": "N4_VE11C_LATEST_20160120",
    "ConversionSoftware": "dcm2niix",
    "ConversionSoftwareVersion": "v1.0.20181125  GCC5.3.1",
    "DerivedVendorReportedEchoSpacing": 0.000530002,
    "DeviceSerialNumber": "167013",
    "DwellTime": 3.5e-06,
    "EchoTime": 0.03,
    "EchoTrainLength": 31,
    "EffectiveEchoSpacing": 0.000265001,
    "FlipAngle": 90,
    "ImageOrientationPatientDICOM": [
      0.99644,
      -0.0533383,
      0.0652832,
      0.0501287,
      0.997498,
      0.0498525
    ],
    "ImageType": [
      "ORIGINAL",
      "PRIMARY",
      "M",
      "ND",
      "MOSAIC"
    ],
    "ImagingFrequency": 123.249,
    "InPlanePhaseEncodingDirectionDICOM": "COL",
    "InstitutionAddress": "Whiteknights_Campus_StreetNo_Reading_District_GB_RG6_7BE",
    "InstitutionName": "UoR",
    "InstitutionalDepartmentName": "Department",
    "MRAcquisitionType": "2D",
    "MagneticFieldStrength": 3,
    "Manufacturer": "Siemens",
    "ManufacturersModelName": "Prisma_fit",
    "Modality": "MR",
    "ParallelReductionFactorInPlane": 2,
    "PartialFourier": 1,
    "PatientPosition": "HFS",
    "PercentPhaseFOV": 100,
    "PhaseEncodingDirection": "j",
    "PhaseEncodingSteps": 63,
    "PhaseResolution": 1,
    "PixelBandwidth": 2230,
    "ProcedureStepDescription": "head_Kou_Murayama",
    "ProtocolName": "ep2d_bold_PtoA_iPAT2_PostResting",
    "PulseSequenceDetails": "%SiemensSeq%_ep2d_bold",
    "ReceiveCoilActiveElements": "HEA;HEP",
    "ReceiveCoilName": "Head_32",
    "ReconMatrixPE": 64,
    "RepetitionTime": 2,
    "SAR": 0.13489,
    "ScanOptions": "FS",
    "ScanningSequence": "EP",
    "SequenceName": "_epfid2d1_64",
    "SequenceVariant": "SK",
    "SeriesDescription": "ep2d_bold_PtoA_iPAT2_PostResting",
    "SeriesNumber": 12,
    "ShimSetting": [
      3417,
      -12003,
      11514,
      293,
      21,
      -264,
      -5,
      -11
    ],
    "SliceThickness": 3,
    "SliceTiming": [
      0,
      1.0175,
      0.055,
      1.07,
      0.1075,
      1.125,
      0.16,
      1.1775,
      0.215,
      1.23,
      0.2675,
      1.285,
      0.3225,
      1.3375,
      0.375,
      1.3925,
      0.4275,
      1.445,
      0.4825,
      1.5,
      0.535,
      1.5525,
      0.59,
      1.605,
      0.6425,
      1.66,
      0.695,
      1.7125,
      0.75,
      1.7675,
      0.8025,
      1.82,
      0.8575,
      1.8725,
      0.91,
      1.9275,
      0.9625
    ],
    "SoftwareVersions": "syngo_MR_E11",
    "SpacingBetweenSlices": 3.75,
    "StationName": "AWP167013",
    "TaskName": "rest",
    "TotalReadoutTime": 0.0166951,
    "TxRefAmp": 302.158,
    "dataset": "<unset>",
    "modality": "bold",
    "run_id": 2,
    "subject_id": "experimental018",
    "task_id": "rest"
  },
  "dummy_trs": 0,
  "dvars_nstd": 25.01980541090302,
  "dvars_std": 1.1365751928762544,
  "dvars_vstd": 0.981748811438127,
  "efc": 0.4855158785750509,
  "fber": 1315053.75,
  "fd_mean": 0.1274380124098434,
  "fd_num": 0,
  "fd_perc": 0.0,
  "fwhm_avg": 3.1433101771662257,
  "fwhm_x": 3.0913633333333332,
  "fwhm_y": 3.343900531498676,
  "fwhm_z": 2.994666666666667,
  "gcor": 0.0356395,
  "gsr_x": 0.02469676360487938,
  "gsr_y": 0.05122685432434082,
  "provenance": {
    "md5sum": "235969120d95684a485d83983ff3ce1a",
    "settings": {
      "fd_thres": 0.5,
      "testing": false
    },
    "software": "mriqc",
    "version": "0.16.1",
    "webapi_port": null,
    "webapi_url": "https://mriqc.nimh.nih.gov/api/v1"
  },
  "size_t": 300,
  "size_x": 64,
  "size_y": 64,
  "size_z": 37,
  "snr": 2.176434798614453,
  "spacing_tr": 2.0,
  "spacing_x": 3.0,
  "spacing_y": 2.999999523162842,
  "spacing_z": 3.75,
  "summary_bg_k": 30.196103958312158,
  "summary_bg_mad": 0.5102720008608004,
  "summary_bg_mean": 25.735198974609375,
  "summary_bg_median": 0.34469926357269287,
  "summary_bg_n": 84336.0,
  "summary_bg_p05": 0.0,
  "summary_bg_p95": 165.38979721069336,
  "summary_bg_stdv": 73.45417785644531,
  "summary_fg_k": 1.1300462305652017,
  "summary_fg_mad": 218.91815330653066,
  "summary_fg_mean": 556.48681640625,
  "summary_fg_median": 507.30059814453125,
  "summary_fg_n": 29829.0,
  "summary_fg_p05": 262.5178466796875,
  "summary_fg_p95": 998.6884033203123,
  "summary_fg_stdv": 233.083984375,
  "tsnr": 57.6326904296875
}