{
  "bids_meta": {
    "AcquisitionMatrixPE": 256,
    "AcquisitionNumber": 1,
    "AcquisitionTime": "15:57:59.345000",
    "BaseResolution": 256,
    "BodyPartExamined": "HEAD",
    "ConsistencyInfo": "N4_VE11C_LATEST_20160120",
    "ConversionSoftware": "dcm2niix",
    "ConversionSoftwareVersion": "v1.0.20181125  GCC5.3.1",
    "DeviceSerialNumber": "167013",
    "DwellTime": 9.8e-06,
    "EchoTime": 0.00229,
    "FlipAngle": 8,
    "ImageOrientationPatientDICOM": [
      0.00574082,
      0.978073,
      0.208183,
      0.0277038,
      0.207951,
      -0.977747
    ],
    "ImageType": [
      "ORIGINAL",
      "PRIMARY",
      "M",
      "ND",
      "NORM"
    ],
    "ImagingFrequency": 123.249,
    "InPlanePhaseEncodingDirectionDICOM": "ROW",
    "InstitutionAddress": "Whiteknights_Campus_StreetNo_Reading_District_GB_RG6_7BE",
    "InstitutionName": "UoR",
    "InstitutionalDepartmentName": "Department",
    "InversionTime": 0.9,
    "MRAcquisitionType": "3D",
    "MagneticFieldStrength": 3,
    "Manufacturer": "Siemens",
    "ManufacturersModelName": "Prisma_fit",
    "Modality": "MR",
    "PartialFourier": 1,
    "PatientPosition": "HFS",
    "PercentPhaseFOV": 100,
    "PhaseEncodingSteps": 255,
    "PhaseResolution": 1,
    "PixelBandwidth": 200,
    "ProcedureStepDescription": "head_Kou_Murayama",
    "ProtocolName": "t1_mprage_sag_p2_iso_192",
    "PulseSequenceDetails": "%SiemensSeq%_tfl",
    "ReceiveCoilActiveElements": "HEA;HEP",
    "ReceiveCoilName": "Head_32",
    "ReconMatrixPE": 256,
    "RepetitionTime": 2.3,
    "SAR": 0.0560035,
    "ScanOptions": "IR",
    "ScanningSequence": "GR_IR",
    "SequenceName": "_tfl3d1_16ns",
    "SequenceVariant": "SK_SP_MP",
    "SeriesDescription": "t1_mprage_sag_p2_iso_192",
    "SeriesNumber": 13,
    "ShimSetting": [
      3382,
      -11946,
      11206,
      -4,
      -40,
      -152,
      -34,
      21
    ],
    "SliceThickness": 0.94,
    "SoftwareVersions": "syngo_MR_E11",
    "StationName": "AWP167013",
    "TxRefAmp": 228.216,
    "dataset": "<unset>",
    "modality": "T1w",
    "rec_id": "NORM",
    "subject_id": "control049"
  },
  "cjv": 0.3608984936490931,
  "cnr": 3.674388157843773,
  "efc": 0.5042023985269536,
  "fber": 8178.276438148789,
  "fwhm_avg": 3.9338598180906392,
  "fwhm_x": 3.9603416224061094,
  "fwhm_y": 3.885909580392811,
  "fwhm_z": 3.9553282514729977,
  "icvs_csf": 0.2123011466772789,
  "icvs_gm": 0.4271982151948852,
  "icvs_wm": 0.3605006381278359,
  "inu_med": 1.308672547340393,
  "inu_range": 0.3646361649036405,
  "provenance": {
    "md5sum": "bf267f535c779fc9fcb526ada31eb995",
    "settings": {
      "testing": false
    },
    "software": "mriqc",
    "version": "0.16.1",
    "warnings": {
      "large_rot_frame": true,
      "small_air_mask": false
    },
    "webapi_port": null,
    "webapi_url": "https://mriqc.nimh.nih.gov/api/v1"
  },
  "qi_1": 0.0,
  "qi_2": 0.009256379891843814,
  "rpve_csf": 26.359350479557804,
  "rpve_gm": 13.840013793165019,
  "rpve_wm": 19.84456078598781,
  "size_x": 192,
  "size_y": 256,
  "size_z": 256,
  "snr_csf": 3.313155307867871,
  "snr_gm": 11.431670380873145,
  "snr_total": 11.641816115541593,
  "snr_wm": 20.180622657883763,
  "snrd_csf": 44.14278923224285,
  "snrd_gm": 80.63710754937458,
  "snrd_total": 79.58655292070596,
  "snrd_wm": 113.97976198050046,
  "spacing_x": 0.9400047659873962,
  "spacing_y": 0.9374999403953552,
  "spacing_z": 0.9374999403953552,
  "summary_bg_k": 17.11227368296043,
  "summary_bg_mad": 5.747830754233238,
  "summary_bg_mean": 6.34505685255144,
  "summary_bg_median": 3.8768529295921326,
  "summary_bg_n": 2759314.0,
  "summary_bg_p05": 0.0,
  "summary_bg_p95": 19.327252104878426,
  "summary_bg_stdv": 7.284364036160328,
  "summary_csf_k": -0.8661344873407568,
  "summary_csf_mad": 140.69506309442977,
  "summary_csf_mean": 378.85710091689344,
  "summary_csf_median": 387.2862051576376,
  "summary_csf_n": 14292.0,
  "summary_csf_p05": 191.36545148268343,
  "summary_csf_p95": 552.6482357405125,
  "summary_csf_stdv": 116.88937579996885,
  "summary_gm_k": 0.03237241830416915,
  "summary_gm_mad": 60.77485753373085,
  "summary_gm_mean": 708.6352945101885,
  "summary_gm_median": 707.468647107482,
  "summary_gm_n": 28037.0,
  "summary_gm_p05": 607.0011436879635,
  "summary_gm_p95": 811.7445884048939,
  "summary_gm_stdv": 61.88562184945622,
  "summary_wm_k": 0.8109089130023048,
  "summary_wm_mad": 44.799269113876704,
  "summary_wm_mean": 998.6489974613729,
  "summary_wm_median": 1000.0000056624413,
  "summary_wm_n": 208848.0,
  "summary_wm_p05": 913.0558774620295,
  "summary_wm_p95": 1076.339800849557,
  "summary_wm_stdv": 49.55236657097159,
  "tpm_overlap_csf": 0.16824467480182648,
  "tpm_overlap_gm": 0.4485052824020386,
  "tpm_overlap_wm": 0.5020702481269836,
  "wm2max": 0.3824683820322721
}