{
  "bids_meta": {
    "AcquisitionMatrixPE": 256,
    "AcquisitionNumber": 1,
    "AcquisitionTime": "14:47:33.922500",
    "BaseResolution": 256,
    "BodyPartExamined": "HEAD",
    "ConsistencyInfo": "N4_VE11C_LATEST_20160120",
    "ConversionSoftware": "dcm2niix",
    "ConversionSoftwareVersion": "v1.0.20181125  GCC5.3.1",
    "DeviceSerialNumber": "167013",
    "DwellTime": 9.8e-06,
    "EchoTime": 0.00229,
    "FlipAngle": 8,
    "ImageOrientationPatientDICOM": [
      -0.123598,
      0.981133,
      0.148667,
      -0.0873298,
      0.13848,
      -0.986507
    ],
    "ImageType": [
      "ORIGINAL",
      "PRIMARY",
      "M",
      "ND",
      "NORM"
    ],
    "ImagingFrequency": 123.249,
    "InPlanePhaseEncodingDirectionDICOM": "ROW",
    "InstitutionAddress": "Whiteknights_Campus_StreetNo_Reading_District_GB_RG6_7BE",
    "InstitutionName": "UoR",
    "InstitutionalDepartmentName": "Department",
    "InversionTime": 0.9,
    "MRAcquisitionType": "3D",
    "MagneticFieldStrength": 3,
    "Manufacturer": "Siemens",
    "ManufacturersModelName": "Prisma_fit",
    "Modality": "MR",
    "PartialFourier": 1,
    "PatientPosition": "HFS",
    "PercentPhaseFOV": 100,
    "PhaseEncodingSteps": 255,
    "PhaseResolution": 1,
    "PixelBandwidth": 200,
    "ProcedureStepDescription": "head_Kou_Murayama",
    "ProtocolName": "t1_mprage_sag_p2_iso_192",
    "PulseSequenceDetails": "%SiemensSeq%_tfl",
    "ReceiveCoilActiveElements": "HEA;HEP",
    "ReceiveCoilName": "Head_32",
    "ReconMatrixPE": 256,
    "RepetitionTime": 2.3,
    "SAR": 0.0580193,
    "ScanOptions": "IR",
    "ScanningSequence": "GR_IR",
    "SequenceName": "_tfl3d1_16ns",
    "SequenceVariant": "SK_SP_MP",
    "SeriesDescription": "t1_mprage_sag_p2_iso_192",
    "SeriesNumber": 13,
    "ShimSetting": [
      3382,
      -11946,
      11206,
      -4,
      -40,
      -152,
      -34,
      21
    ],
    "SliceThickness": 0.94,
    "SoftwareVersions": "syngo_MR_E11",
    "StationName": "AWP167013",
    "TxRefAmp": 254.958,
    "dataset": "<unset>",
    "modality": "T1w",
    "rec_id": "NORM",
    "subject_id": "experimental024"
  },
  "cjv": 0.36454904662267357,
  "cnr": 3.550711400851377,
  "efc": 0.5427770736272028,
  "fber": 2623.925294658304,
  "fwhm_avg": 3.7349597005195476,
  "fwhm_x": 3.6903404348919757,
  "fwhm_y": 3.772672,
  "fwhm_z": 3.7418666666666667,
  "icvs_csf": 0.2110608040127098,
  "icvs_gm": 0.44078537351208014,
  "icvs_wm": 0.34815382247521004,
  "inu_med": 1.2503880262374878,
  "inu_range": 0.32089126110076904,
  "provenance": {
    "md5sum": "e20301f28e4901923f347243e54f03e5",
    "settings": {
      "testing": false
    },
    "software": "mriqc",
    "version": "0.16.1",
    "warnings": {
      "large_rot_frame": true,
      "small_air_mask": false
    },
    "webapi_port": null,
    "webapi_url": "https://mriqc.nimh.nih.gov/api/v1"
  },
  "qi_1": 0.0,
  "qi_2": 0.013504133518029515,
  "rpve_csf": 25.884159359907137,
  "rpve_gm": 13.189971649991756,
  "rpve_wm": 19.08107303079877,
  "size_x": 192,
  "size_y": 256,
  "size_z": 256,
  "snr_csf": 1.1503372482435124,
  "snr_gm": 10.80453675096609,
  "snr_total": 9.786055372955524,
  "snr_wm": 17.403292119656967,
  "snrd_csf": 30.84774022714786,
  "snrd_gm": 62.25744006606315,
  "snrd_total": 61.027052710954116,
  "snrd_wm": 89.97597783965136,
  "spacing_x": 0.9399999976158142,
  "spacing_y": 0.9375,
  "spacing_z": 0.9375,
  "summary_bg_k": 19.396639063908015,
  "summary_bg_mad": 7.281236652497944,
  "summary_bg_mean": 9.738690759883399,
  "summary_bg_median": 4.911119490861893,
  "summary_bg_n": 3515077.0,
  "summary_bg_p05": 0.0,
  "summary_bg_p95": 29.466716945171356,
  "summary_bg_stdv": 11.171753132331492,
  "summary_csf_k": 26.690985475826587,
  "summary_csf_mad": 115.86663542670642,
  "summary_csf_mean": 393.39108721631993,
  "summary_csf_median": 342.8441840223968,
  "summary_csf_n": 15542.0,
  "summary_csf_p05": 189.03005683794618,
  "summary_csf_p95": 555.3275055158883,
  "summary_csf_stdv": 298.02838668861466,
  "summary_gm_k": 0.6898518887470066,
  "summary_gm_mad": 60.861641149683905,
  "summary_gm_mean": 692.0780614285757,
  "summary_gm_median": 691.9340308755636,
  "summary_gm_n": 28896.0,
  "summary_gm_p05": 586.8654337245971,
  "summary_gm_p95": 795.507939485833,
  "summary_gm_stdv": 64.03995598200575,
  "summary_wm_k": 1.770558585816623,
  "summary_wm_mad": 51.44351982743113,
  "summary_wm_mean": 998.7685308516136,
  "summary_wm_median": 1000.0000154599547,
  "summary_wm_n": 192260.0,
  "summary_wm_p05": 901.2438083067536,
  "summary_wm_p95": 1088.1866393610835,
  "summary_wm_stdv": 57.46024418460912,
  "tpm_overlap_csf": 0.15633328258991241,
  "tpm_overlap_gm": 0.4402354955673218,
  "tpm_overlap_wm": 0.49164214730262756,
  "wm2max": 0.4058011827654182
}