{
  "aor": 0.00040456666666666667,
  "aqi": 0.0021104014333333332,
  "bids_meta": {
    "AcquisitionMatrixPE": 64,
    "AcquisitionNumber": 1,
    "AcquisitionTime": "12:27:52.572500",
    "BandwidthPerPixelPhaseEncode": 58.962,
    "BaseResolution": 64,
    "BodyPartExamined": "HEAD",
    "ConsistencyInfo": "N4_VE11C_LATEST_20160120",
    "ConversionSoftware": "dcm2niix",
    "ConversionSoftwareVersion": "v1.0.20181125  GCC5.3.1",
    "DerivedVendorReportedEchoSpacing": 0.000530002,
    "DeviceSerialNumber": "167013",
    "DwellTime": 3.5e-06,
    "EchoTime": 0.03,
    "EchoTrainLength": 31,
    "EffectiveEchoSpacing": 0.000265001,
    "FlipAngle": 90,
    "ImageOrientationPatientDICOM": [
      0.995763,
      0.0701171,
      0.0594904,
      -0.060729,
      0.987254,
      -0.14711
    ],
    "ImageType": [
      "ORIGINAL",
      "PRIMARY",
      "M",
      "ND",
      "MOSAIC"
    ],
    "ImagingFrequency": 123.249,
    "InPlanePhaseEncodingDirectionDICOM": "COL",
    "InstitutionAddress": "Whiteknights_Campus_StreetNo_Reading_District_GB_RG6_7BE",
    "InstitutionName": "UoR",
    "InstitutionalDepartmentName": "Department",
    "MRAcquisitionType": "2D",
    "MagneticFieldStrength": 3,
    "Manufacturer": "Siemens",
    "ManufacturersModelName": "Prisma_fit",
    "Modality": "MR",
    "ParallelReductionFactorInPlane": 2,
    "PartialFourier": 1,
    "PatientPosition": "HFS",
    "PercentPhaseFOV": 100,
    "PhaseEncodingDirection": "j",
    "PhaseEncodingSteps": 63,
    "PhaseResolution": 1,
    "PixelBandwidth": 2230,
    "ProcedureStepDescription": "head_Kou_Murayama",
    "ProtocolName": "ep2d_bold_PtoA_iPAT2_PreResting",
    "PulseSequenceDetails": "%SiemensSeq%_ep2d_bold",
    "ReceiveCoilActiveElements": "HEA;HEP",
    "ReceiveCoilName": "Head_32",
    "ReconMatrixPE": 64,
    "RepetitionTime": 2,
    "SAR": 0.0832679,
    "ScanOptions": "FS",
    "ScanningSequence": "EP",
    "SequenceName": "_epfid2d1_64",
    "SequenceVariant": "SK",
    "SeriesDescription": "ep2d_bold_PtoA_iPAT2_PreResting",
    "SeriesNumber": 6,
    "ShimSetting": [
      3385,
      -11927,
      11463,
      476,
      -29,
      -104,
      -276,
      43
    ],
    "SliceThickness": 3,
    "SliceTiming": [
      0,
      1.0175,
      0.055,
      1.07,
      0.1075,
      1.125,
      0.1625,
      1.1775,
      0.215,
      1.2325,
      0.2675,
      1.285,
      0.3225,
      1.3375,
      0.375,
      1.3925,
      0.43,
      1.445,
      0.4825,
      1.5,
      0.535,
      1.5525,
      0.59,
      1.605,
      0.6425,
      1.66,
      0.6975,
      1.7125,
      0.75,
      1.7675,
      0.8025,
      1.82,
      0.8575,
      1.8725,
      0.91,
      1.9275,
      0.965
    ],
    "SoftwareVersions": "syngo_MR_E11",
    "SpacingBetweenSlices": 3.75,
    "StationName": "AWP167013",
    "TaskName": "rest",
    "TotalReadoutTime": 0.0166951,
    "TxRefAmp": 240.312,
    "dataset": "<unset>",
    "modality": "bold",
    "run_id": 1,
    "subject_id": "experimental048",
    "task_id": "rest"
  },
  "dummy_trs": 0,
  "dvars_nstd": 25.058176455351177,
  "dvars_std": 1.1136483968561879,
  "dvars_vstd": 0.9907567215384615,
  "efc": 0.457309158077677,
  "fber": 13963752.0,
  "fd_mean": 0.13212067038771344,
  "fd_num": 0,
  "fd_perc": 0.0,
  "fwhm_avg": 2.7576310721128636,
  "fwhm_x": 2.64585,
  "fwhm_y": 2.896590230200309,
  "fwhm_z": 2.7304529861382822,
  "gcor": 0.0228502,
  "gsr_x": 0.017654653638601303,
  "gsr_y": 0.036733269691467285,
  "provenance": {
    "md5sum": "e78be901ca77e35450e8c17fd8399ca7",
    "settings": {
      "fd_thres": 0.5,
      "testing": false
    },
    "software": "mriqc",
    "version": "0.16.1",
    "webapi_port": null,
    "webapi_url": "https://mriqc.nimh.nih.gov/api/v1"
  },
  "size_t": 300,
  "size_x": 64,
  "size_y": 64,
  "size_z": 37,
  "snr": 2.551297075139701,
  "spacing_tr": 2.0,
  "spacing_x": 3.0,
  "spacing_y": 2.999999761581421,
  "spacing_z": 3.750000476837158,
  "summary_bg_k": 34.43901391646248,
  "summary_bg_mad": 0.1288361259879417,
  "summary_bg_mean": 11.587791442871094,
  "summary_bg_median": 0.08806192874908447,
  "summary_bg_n": 89363.0,
  "summary_bg_p05": 0.0006141399964690209,
  "summary_bg_p95": 69.60809326171831,
  "summary_bg_stdv": 36.81743621826172,
  "summary_fg_k": 1.369514601813771,
  "summary_fg_mad": 134.20470669919683,
  "summary_fg_mean": 378.3075256347656,
  "summary_fg_median": 356.86016845703125,
  "summary_fg_n": 27690.0,
  "summary_fg_p05": 196.27922439575195,
  "summary_fg_p95": 636.5281738281249,
  "summary_fg_stdv": 139.87149047851562,
  "tsnr": 63.123355865478516
}