{
  "aor": 0.0024530294906166218,
  "aqi": 0.006773380965147454,
  "bids_meta": {
    "AcquisitionMatrixPE": 64,
    "AcquisitionNumber": 1,
    "AcquisitionTime": "12:55:48.515000",
    "BandwidthPerPixelPhaseEncode": 58.962,
    "BaseResolution": 64,
    "BodyPartExamined": "HEAD",
    "ConsistencyInfo": "N4_VE11C_LATEST_20160120",
    "ConversionSoftware": "dcm2niix",
    "ConversionSoftwareVersion": "v1.0.20181125  GCC5.3.1",
    "DerivedVendorReportedEchoSpacing": 0.000530002,
    "DeviceSerialNumber": "167013",
    "DwellTime": 3.5e-06,
    "EchoTime": 0.03,
    "EchoTrainLength": 31,
    "EffectiveEchoSpacing": 0.000265001,
    "FlipAngle": 90,
    "ImageOrientationPatientDICOM": [
      0.995763,
      0.0701171,
      0.0594904,
      -0.060729,
      0.987254,
      -0.14711
    ],
    "ImageType": [
      "ORIGINAL",
      "PRIMARY",
      "M",
      "ND",
      "MOSAIC"
    ],
    "ImagingFrequency": 123.249,
    "InPlanePhaseEncodingDirectionDICOM": "COL",
    "InstitutionAddress": "Whiteknights_Campus_StreetNo_Reading_District_GB_RG6_7BE",
    "InstitutionName": "UoR",
    "InstitutionalDepartmentName": "Department",
    "MRAcquisitionType": "2D",
    "MagneticFieldStrength": 3,
    "Manufacturer": "Siemens",
    "ManufacturersModelName": "Prisma_fit",
    "Modality": "MR",
    "ParallelReductionFactorInPlane": 2,
    "PartialFourier": 1,
    "PatientPosition": "HFS",
    "PercentPhaseFOV": 100,
    "PhaseEncodingDirection": "j",
    "PhaseEncodingSteps": 63,
    "PhaseResolution": 1,
    "PixelBandwidth": 2230,
    "ProcedureStepDescription": "head_Kou_Murayama",
    "ProtocolName": "ep2d_bold_PtoA_iPAT2_MagicTrick_Run2",
    "PulseSequenceDetails": "%SiemensSeq%_ep2d_bold",
    "ReceiveCoilActiveElements": "HEA;HEP",
    "ReceiveCoilName": "Head_32",
    "ReconMatrixPE": 64,
    "RepetitionTime": 2,
    "SAR": 0.0833759,
    "ScanOptions": "FS",
    "ScanningSequence": "EP",
    "SequenceName": "_epfid2d1_64",
    "SequenceVariant": "SK",
    "SeriesDescription": "ep2d_bold_PtoA_iPAT2_MagicTrick_Run2",
    "SeriesNumber": 10,
    "ShimSetting": [
      3385,
      -11927,
      11463,
      476,
      -29,
      -104,
      -276,
      43
    ],
    "SliceThickness": 3,
    "SliceTiming": [
      0,
      1.0175,
      0.055,
      1.07,
      0.1075,
      1.125,
      0.16,
      1.1775,
      0.215,
      1.23,
      0.2675,
      1.285,
      0.3225,
      1.3375,
      0.375,
      1.3925,
      0.4275,
      1.445,
      0.4825,
      1.4975,
      0.535,
      1.5525,
      0.59,
      1.605,
      0.6425,
      1.66,
      0.695,
      1.7125,
      0.75,
      1.765,
      0.8025,
      1.82,
      0.8575,
      1.8725,
      0.91,
      1.9275,
      0.9625
    ],
    "SoftwareVersions": "syngo_MR_E11",
    "SpacingBetweenSlices": 3.75,
    "StationName": "AWP167013",
    "TaskName": "magictrickwatching",
    "TotalReadoutTime": 0.0166951,
    "TxRefAmp": 240.312,
    "dataset": "<unset>",
    "modality": "bold",
    "run_id": 2,
    "subject_id": "experimental048",
    "task_id": "magictrickwatching"
  },
  "dummy_trs": 0,
  "dvars_nstd": 29.437028808225804,
  "dvars_std": 1.1245705203225804,
  "dvars_vstd": 0.9957725745161298,
  "efc": 0.46114723200444635,
  "fber": 798362.375,
  "fd_mean": 0.20859528775706446,
  "fd_num": 14,
  "fd_perc": 3.753351206434316,
  "fwhm_avg": 2.7630855175537916,
  "fwhm_x": 2.6551733333333334,
  "fwhm_y": 2.9153902316943987,
  "fwhm_z": 2.718692987633643,
  "gcor": 0.0142753,
  "gsr_x": 0.020352507010102272,
  "gsr_y": 0.035748258233070374,
  "provenance": {
    "md5sum": "947f5b9e952c07ee1cea8cda60eed61a",
    "settings": {
      "fd_thres": 0.5,
      "testing": false
    },
    "software": "mriqc",
    "version": "0.16.1",
    "webapi_port": null,
    "webapi_url": "https://mriqc.nimh.nih.gov/api/v1"
  },
  "size_t": 373,
  "size_x": 64,
  "size_y": 64,
  "size_z": 37,
  "snr": 2.5294969692135005,
  "spacing_tr": 2.0,
  "spacing_x": 3.0,
  "spacing_y": 2.999999761581421,
  "spacing_z": 3.750000476837158,
  "summary_bg_k": 36.421713628799374,
  "summary_bg_mad": 0.5351762218398386,
  "summary_bg_mean": 11.688787460327148,
  "summary_bg_median": 0.37169352173805237,
  "summary_bg_n": 89279.0,
  "summary_bg_p05": 0.004513654764741661,
  "summary_bg_p95": 66.95769805908199,
  "summary_bg_stdv": 34.90972137451172,
  "summary_fg_k": 1.774753481909058,
  "summary_fg_mad": 128.85027213674596,
  "summary_fg_mean": 371.8390808105469,
  "summary_fg_median": 349.3541259765625,
  "summary_fg_n": 27720.0,
  "summary_fg_p05": 195.06903533935548,
  "summary_fg_p95": 630.8241180419922,
  "summary_fg_stdv": 138.10960388183594,
  "tsnr": 41.37181854248047
}