{
  "aor": 0.007374433333333334,
  "aqi": 0.011861024,
  "bids_meta": {
    "AcquisitionMatrixPE": 64,
    "AcquisitionNumber": 1,
    "AcquisitionTime": "16:01:36.455000",
    "BandwidthPerPixelPhaseEncode": 58.962,
    "BaseResolution": 64,
    "BodyPartExamined": "HEAD",
    "ConsistencyInfo": "N4_VE11C_LATEST_20160120",
    "ConversionSoftware": "dcm2niix",
    "ConversionSoftwareVersion": "v1.0.20181125  GCC5.3.1",
    "DerivedVendorReportedEchoSpacing": 0.000530002,
    "DeviceSerialNumber": "167013",
    "DwellTime": 3.5e-06,
    "EchoTime": 0.03,
    "EchoTrainLength": 31,
    "EffectiveEchoSpacing": 0.000265001,
    "FlipAngle": 90,
    "ImageOrientationPatientDICOM": [
      0.99988,
      0.0148629,
      -0.00447096,
      -0.0153583,
      0.989048,
      -0.146792
    ],
    "ImageType": [
      "ORIGINAL",
      "PRIMARY",
      "M",
      "ND",
      "MOSAIC"
    ],
    "ImagingFrequency": 123.249,
    "InPlanePhaseEncodingDirectionDICOM": "COL",
    "InstitutionAddress": "Whiteknights_Campus_StreetNo_Reading_District_GB_RG6_7BE",
    "InstitutionName": "UoR",
    "InstitutionalDepartmentName": "Department",
    "MRAcquisitionType": "2D",
    "MagneticFieldStrength": 3,
    "Manufacturer": "Siemens",
    "ManufacturersModelName": "Prisma_fit",
    "Modality": "MR",
    "ParallelReductionFactorInPlane": 2,
    "PartialFourier": 1,
    "PatientPosition": "HFS",
    "PercentPhaseFOV": 100,
    "PhaseEncodingDirection": "j",
    "PhaseEncodingSteps": 63,
    "PhaseResolution": 1,
    "PixelBandwidth": 2230,
    "ProcedureStepDescription": "head_Kou_Murayama",
    "ProtocolName": "ep2d_bold_PtoA_iPAT2_PostResting",
    "PulseSequenceDetails": "%SiemensSeq%_ep2d_bold",
    "ReceiveCoilActiveElements": "HEA;HEP",
    "ReceiveCoilName": "Head_32",
    "ReconMatrixPE": 64,
    "RepetitionTime": 2,
    "SAR": 0.11147,
    "ScanOptions": "FS",
    "ScanningSequence": "EP",
    "SequenceName": "_epfid2d1_64",
    "SequenceVariant": "SK",
    "SeriesDescription": "ep2d_bold_PtoA_iPAT2_PostResting",
    "SeriesNumber": 13,
    "ShimSetting": [
      3376,
      -11965,
      11415,
      262,
      17,
      -354,
      -228,
      -26
    ],
    "SliceThickness": 3,
    "SliceTiming": [
      0,
      1.0175,
      0.055,
      1.07,
      0.1075,
      1.125,
      0.1625,
      1.1775,
      0.215,
      1.2325,
      0.2675,
      1.285,
      0.3225,
      1.3375,
      0.375,
      1.3925,
      0.43,
      1.445,
      0.4825,
      1.5,
      0.535,
      1.5525,
      0.59,
      1.6075,
      0.6425,
      1.66,
      0.6975,
      1.7125,
      0.75,
      1.7675,
      0.8025,
      1.82,
      0.8575,
      1.875,
      0.91,
      1.9275,
      0.965
    ],
    "SoftwareVersions": "syngo_MR_E11",
    "SpacingBetweenSlices": 3.75,
    "StationName": "AWP167013",
    "TaskName": "rest",
    "TotalReadoutTime": 0.0166951,
    "TxRefAmp": 228.605,
    "dataset": "<unset>",
    "modality": "bold",
    "run_id": 2,
    "subject_id": "experimental016",
    "task_id": "rest"
  },
  "dummy_trs": 0,
  "dvars_nstd": 31.20253786846154,
  "dvars_std": 1.0840636848494982,
  "dvars_vstd": 1.0106073023411375,
  "efc": 0.5112282505784304,
  "fber": 192623.53125,
  "fd_mean": 0.20632421654501484,
  "fd_num": 22,
  "fd_perc": 7.333333333333333,
  "fwhm_avg": 2.9076023121807624,
  "fwhm_x": 2.684739786636052,
  "fwhm_y": 3.0402804832395685,
  "fwhm_z": 2.997786666666667,
  "gcor": 0.011352,
  "gsr_x": 0.06793063133955002,
  "gsr_y": 0.02523309364914894,
  "provenance": {
    "md5sum": "a3934ee3df913c3b118f9e5e1e36f27b",
    "settings": {
      "fd_thres": 0.5,
      "testing": false
    },
    "software": "mriqc",
    "version": "0.16.1",
    "webapi_port": null,
    "webapi_url": "https://mriqc.nimh.nih.gov/api/v1"
  },
  "size_t": 300,
  "size_x": 64,
  "size_y": 64,
  "size_z": 37,
  "snr": 2.275475958695226,
  "spacing_tr": 2.0,
  "spacing_x": 3.000000238418579,
  "spacing_y": 2.999999523162842,
  "spacing_z": 3.75,
  "summary_bg_k": 43.936164833831434,
  "summary_bg_mad": 1.0828668615412278,
  "summary_bg_mean": 20.3356876373291,
  "summary_bg_median": 0.7567569613456726,
  "summary_bg_n": 80800.0,
  "summary_bg_p05": 0.011758966464549304,
  "summary_bg_p95": 106.62115783691408,
  "summary_bg_stdv": 59.67383575439453,
  "summary_fg_k": 0.9667547483992069,
  "summary_fg_mad": 146.26634628399816,
  "summary_fg_mean": 407.2704162597656,
  "summary_fg_median": 373.0587463378906,
  "summary_fg_n": 33425.0,
  "summary_fg_p05": 208.52668151855468,
  "summary_fg_p95": 740.9599609375,
  "summary_fg_stdv": 163.9451141357422,
  "tsnr": 30.865692138671875
}