{
  "aor": 0.0025207100591715975,
  "aqi": 0.00811532171597633,
  "bids_meta": {
    "AcquisitionMatrixPE": 64,
    "AcquisitionNumber": 1,
    "AcquisitionTime": "15:27:25.840000",
    "BandwidthPerPixelPhaseEncode": 58.962,
    "BaseResolution": 64,
    "BodyPartExamined": "HEAD",
    "ConsistencyInfo": "N4_VE11C_LATEST_20160120",
    "ConversionSoftware": "dcm2niix",
    "ConversionSoftwareVersion": "v1.0.20181125  GCC5.3.1",
    "DerivedVendorReportedEchoSpacing": 0.000530002,
    "DeviceSerialNumber": "167013",
    "DwellTime": 3.5e-06,
    "EchoTime": 0.03,
    "EchoTrainLength": 31,
    "EffectiveEchoSpacing": 0.000265001,
    "FlipAngle": 90,
    "ImageOrientationPatientDICOM": [
      0.99988,
      0.0148629,
      -0.00447096,
      -0.0153583,
      0.989048,
      -0.146792
    ],
    "ImageType": [
      "ORIGINAL",
      "PRIMARY",
      "M",
      "ND",
      "MOSAIC"
    ],
    "ImagingFrequency": 123.249,
    "InPlanePhaseEncodingDirectionDICOM": "COL",
    "InstitutionAddress": "Whiteknights_Campus_StreetNo_Reading_District_GB_RG6_7BE",
    "InstitutionName": "UoR",
    "InstitutionalDepartmentName": "Department",
    "MRAcquisitionType": "2D",
    "MagneticFieldStrength": 3,
    "Manufacturer": "Siemens",
    "ManufacturersModelName": "Prisma_fit",
    "Modality": "MR",
    "ParallelReductionFactorInPlane": 2,
    "PartialFourier": 1,
    "PatientPosition": "HFS",
    "PercentPhaseFOV": 100,
    "PhaseEncodingDirection": "j",
    "PhaseEncodingSteps": 63,
    "PhaseResolution": 1,
    "PixelBandwidth": 2230,
    "ProcedureStepDescription": "head_Kou_Murayama",
    "ProtocolName": "ep2d_bold_PtoA_iPAT2_MagicTrick_Run2",
    "PulseSequenceDetails": "%SiemensSeq%_ep2d_bold",
    "ReceiveCoilActiveElements": "HEA;HEP",
    "ReceiveCoilName": "Head_32",
    "ReconMatrixPE": 64,
    "RepetitionTime": 2,
    "SAR": 0.111615,
    "ScanOptions": "FS",
    "ScanningSequence": "EP",
    "SequenceName": "_epfid2d1_64",
    "SequenceVariant": "SK",
    "SeriesDescription": "ep2d_bold_PtoA_iPAT2_MagicTrick_Run2",
    "SeriesNumber": 10,
    "ShimSetting": [
      3376,
      -11965,
      11415,
      262,
      17,
      -354,
      -228,
      -26
    ],
    "SliceThickness": 3,
    "SliceTiming": [
      0,
      1.0175,
      0.055,
      1.0725,
      0.1075,
      1.125,
      0.1625,
      1.1775,
      0.215,
      1.2325,
      0.2675,
      1.285,
      0.3225,
      1.34,
      0.375,
      1.3925,
      0.43,
      1.445,
      0.4825,
      1.5,
      0.535,
      1.5525,
      0.59,
      1.6075,
      0.6425,
      1.66,
      0.6975,
      1.7125,
      0.75,
      1.7675,
      0.805,
      1.82,
      0.8575,
      1.875,
      0.91,
      1.9275,
      0.965
    ],
    "SoftwareVersions": "syngo_MR_E11",
    "SpacingBetweenSlices": 3.75,
    "StationName": "AWP167013",
    "TaskName": "magictrickwatching",
    "TotalReadoutTime": 0.0166951,
    "TxRefAmp": 228.605,
    "acq_id": "1",
    "dataset": "<unset>",
    "modality": "bold",
    "run_id": 2,
    "subject_id": "experimental016",
    "task_id": "magictrickwatching"
  },
  "dummy_trs": 0,
  "dvars_nstd": 31.279927548749995,
  "dvars_std": 1.0567741813095237,
  "dvars_vstd": 0.9568381465476189,
  "efc": 0.5064896456082711,
  "fber": 721463.5625,
  "fd_mean": 0.16211224723043133,
  "fd_num": 6,
  "fd_perc": 3.5502958579881656,
  "fwhm_avg": 2.8819223102932816,
  "fwhm_x": 2.6773431205572193,
  "fwhm_y": 3.000957143655959,
  "fwhm_z": 2.9674666666666667,
  "gcor": 0.0195688,
  "gsr_x": 0.06740422546863556,
  "gsr_y": 0.02478271722793579,
  "provenance": {
    "md5sum": "06c78d6c435484853d00b15ec2948443",
    "settings": {
      "fd_thres": 0.5,
      "testing": false
    },
    "software": "mriqc",
    "version": "0.16.1",
    "webapi_port": null,
    "webapi_url": "https://mriqc.nimh.nih.gov/api/v1"
  },
  "size_t": 169,
  "size_x": 64,
  "size_y": 64,
  "size_z": 37,
  "snr": 2.281850738701081,
  "spacing_tr": 2.0,
  "spacing_x": 3.000000238418579,
  "spacing_y": 2.999999523162842,
  "spacing_z": 3.75,
  "summary_bg_k": 40.37770770480557,
  "summary_bg_mad": 0.5679032753465325,
  "summary_bg_mean": 19.939926147460938,
  "summary_bg_median": 0.3878081440925598,
  "summary_bg_n": 81130.0,
  "summary_bg_p05": 0.0020440760185010736,
  "summary_bg_p95": 108.33430938720711,
  "summary_bg_stdv": 61.18638229370117,
  "summary_fg_k": 0.945784387853061,
  "summary_fg_mad": 148.81027053129665,
  "summary_fg_mean": 410.6413269042969,
  "summary_fg_median": 376.6956787109375,
  "summary_fg_n": 33245.0,
  "summary_fg_p05": 210.18034973144532,
  "summary_fg_p95": 744.4569702148438,
  "summary_fg_stdv": 165.08091735839844,
  "tsnr": 39.5411376953125
}