{
  "bids_meta": {
    "AcquisitionMatrixPE": 256,
    "AcquisitionNumber": 1,
    "AcquisitionTime": "18:41:6.325000",
    "BaseResolution": 256,
    "BodyPartExamined": "HEAD",
    "ConsistencyInfo": "N4_VE11C_LATEST_20160120",
    "ConversionSoftware": "dcm2niix",
    "ConversionSoftwareVersion": "v1.0.20181125  GCC5.3.1",
    "DeviceSerialNumber": "167013",
    "DwellTime": 9.8e-06,
    "EchoTime": 0.00229,
    "FlipAngle": 8,
    "ImageOrientationPatientDICOM": [
      0.0310062,
      0.996291,
      0.0802663,
      0.0861093,
      0.0773438,
      -0.993279
    ],
    "ImageType": [
      "ORIGINAL",
      "PRIMARY",
      "M",
      "ND",
      "NORM"
    ],
    "ImagingFrequency": 123.249,
    "InPlanePhaseEncodingDirectionDICOM": "ROW",
    "InstitutionAddress": "Whiteknights_Campus_StreetNo_Reading_District_GB_RG6_7BE",
    "InstitutionName": "UoR",
    "InstitutionalDepartmentName": "Department",
    "InversionTime": 0.9,
    "MRAcquisitionType": "3D",
    "MagneticFieldStrength": 3,
    "Manufacturer": "Siemens",
    "ManufacturersModelName": "Prisma_fit",
    "Modality": "MR",
    "PartialFourier": 1,
    "PatientPosition": "HFS",
    "PercentPhaseFOV": 100,
    "PhaseEncodingSteps": 255,
    "PhaseResolution": 1,
    "PixelBandwidth": 200,
    "ProcedureStepDescription": "head_Kou_Murayama",
    "ProtocolName": "t1_mprage_sag_p2_iso_192",
    "PulseSequenceDetails": "%SiemensSeq%_tfl",
    "ReceiveCoilActiveElements": "HEA;HEP",
    "ReceiveCoilName": "Head_32",
    "ReconMatrixPE": 256,
    "RepetitionTime": 2.3,
    "SAR": 0.0523705,
    "ScanOptions": "IR",
    "ScanningSequence": "GR_IR",
    "SequenceName": "_tfl3d1_16ns",
    "SequenceVariant": "SK_SP_MP",
    "SeriesDescription": "t1_mprage_sag_p2_iso_192",
    "SeriesNumber": 13,
    "ShimSetting": [
      3382,
      -11946,
      11206,
      -4,
      -40,
      -152,
      -34,
      21
    ],
    "SliceThickness": 0.94,
    "SoftwareVersions": "syngo_MR_E11",
    "StationName": "AWP167013",
    "TxRefAmp": 243.267,
    "dataset": "<unset>",
    "modality": "T1w",
    "rec_id": "NORM",
    "subject_id": "control045"
  },
  "cjv": 0.40020560501426466,
  "cnr": 3.3384595420564023,
  "efc": 0.5720143874965106,
  "fber": 6717.623734567901,
  "fwhm_avg": 3.797394213965564,
  "fwhm_x": 3.6784228845297338,
  "fwhm_y": 3.897472,
  "fwhm_z": 3.816287757366959,
  "icvs_csf": 0.2205518063224423,
  "icvs_gm": 0.3864097927940634,
  "icvs_wm": 0.3930384008834943,
  "inu_med": 1.3092398643493652,
  "inu_range": 0.3230348348617553,
  "provenance": {
    "md5sum": "680e7832d736ed0e62967c576079ea04",
    "settings": {
      "testing": false
    },
    "software": "mriqc",
    "version": "0.16.1",
    "warnings": {
      "large_rot_frame": true,
      "small_air_mask": false
    },
    "webapi_port": null,
    "webapi_url": "https://mriqc.nimh.nih.gov/api/v1"
  },
  "qi_1": 0.0,
  "qi_2": 0.017285889424921465,
  "rpve_csf": 22.045285754703634,
  "rpve_gm": 12.631299870039518,
  "rpve_wm": 15.843495115600415,
  "size_x": 192,
  "size_y": 256,
  "size_z": 256,
  "snr_csf": 2.5578839344281645,
  "snr_gm": 11.580480387292921,
  "snr_total": 12.2535759521817,
  "snr_wm": 22.622363534824018,
  "snrd_csf": 35.655029863273036,
  "snrd_gm": 73.43355193473467,
  "snrd_total": 69.47133641564056,
  "snrd_wm": 99.325427448914,
  "spacing_x": 0.9400033950805664,
  "spacing_y": 0.9375,
  "spacing_z": 0.9375000596046448,
  "summary_bg_k": 12.288403505529207,
  "summary_bg_mad": 6.595857490654721,
  "summary_bg_mean": 7.331717699534618,
  "summary_bg_median": 4.448838271200657,
  "summary_bg_n": 2697242.0,
  "summary_bg_p05": 0.0,
  "summary_bg_p95": 22.392485965043306,
  "summary_bg_stdv": 8.204000647861008,
  "summary_csf_k": 13.261230152289343,
  "summary_csf_mad": 157.49441941574437,
  "summary_csf_mean": 365.98612963714703,
  "summary_csf_median": 358.97181694954634,
  "summary_csf_n": 17053.0,
  "summary_csf_p05": 170.1235754907131,
  "summary_csf_p95": 570.8848132677375,
  "summary_csf_stdv": 140.33525398980711,
  "summary_gm_k": 0.06156376700691091,
  "summary_gm_mad": 62.69728981394571,
  "summary_gm_mean": 739.3297122395229,
  "summary_gm_median": 739.3227733690292,
  "summary_gm_n": 27320.0,
  "summary_gm_p05": 635.3929682001472,
  "summary_gm_p95": 846.465628400445,
  "summary_gm_stdv": 63.84098221512286,
  "summary_wm_k": 0.5288871781304829,
  "summary_wm_mad": 41.62718949657646,
  "summary_wm_mean": 1000.6027743239365,
  "summary_wm_median": 999.9999802932143,
  "summary_wm_n": 291353.0,
  "summary_wm_p05": 929.0162940993905,
  "summary_wm_p95": 1073.8012640587986,
  "summary_wm_stdv": 44.20396934304078,
  "tpm_overlap_csf": 0.15987399220466614,
  "tpm_overlap_gm": 0.41391822695732117,
  "tpm_overlap_wm": 0.4997948408126831,
  "wm2max": 0.4031245640954108
}