{
  "aor": 0.0001299,
  "aqi": 0.003370278166666666,
  "bids_meta": {
    "AcquisitionMatrixPE": 64,
    "AcquisitionNumber": 1,
    "AcquisitionTime": "11:40:44.907500",
    "BandwidthPerPixelPhaseEncode": 58.962,
    "BaseResolution": 64,
    "BodyPartExamined": "HEAD",
    "ConsistencyInfo": "N4_VE11C_LATEST_20160120",
    "ConversionSoftware": "dcm2niix",
    "ConversionSoftwareVersion": "v1.0.20181125  GCC5.3.1",
    "DerivedVendorReportedEchoSpacing": 0.000530002,
    "DeviceSerialNumber": "167013",
    "DwellTime": 3.5e-06,
    "EchoTime": 0.03,
    "EchoTrainLength": 31,
    "EffectiveEchoSpacing": 0.000265001,
    "FlipAngle": 90,
    "ImageOrientationPatientDICOM": [
      0.998249,
      0.0520307,
      -0.0281256,
      -0.0514425,
      0.99845,
      0.0212462
    ],
    "ImageType": [
      "ORIGINAL",
      "PRIMARY",
      "M",
      "ND",
      "MOSAIC"
    ],
    "ImagingFrequency": 123.249,
    "InPlanePhaseEncodingDirectionDICOM": "COL",
    "InstitutionAddress": "Whiteknights_Campus_StreetNo_Reading_District_GB_RG6_7BE",
    "InstitutionName": "UoR",
    "InstitutionalDepartmentName": "Department",
    "MRAcquisitionType": "2D",
    "MagneticFieldStrength": 3,
    "Manufacturer": "Siemens",
    "ManufacturersModelName": "Prisma_fit",
    "Modality": "MR",
    "ParallelReductionFactorInPlane": 2,
    "PartialFourier": 1,
    "PatientPosition": "HFS",
    "PercentPhaseFOV": 100,
    "PhaseEncodingDirection": "j",
    "PhaseEncodingSteps": 63,
    "PhaseResolution": 1,
    "PixelBandwidth": 2230,
    "ProcedureStepDescription": "head_Kou_Murayama",
    "ProtocolName": "ep2d_bold_PtoA_iPAT2_PreResting",
    "PulseSequenceDetails": "%SiemensSeq%_ep2d_bold",
    "ReceiveCoilActiveElements": "HEA;HEP",
    "ReceiveCoilName": "Head_32",
    "ReconMatrixPE": 64,
    "RepetitionTime": 2,
    "SAR": 0.108928,
    "ScanOptions": "FS",
    "ScanningSequence": "EP",
    "SequenceName": "_epfid2d1_64",
    "SequenceVariant": "SK",
    "SeriesDescription": "ep2d_bold_PtoA_iPAT2_PreResting",
    "SeriesNumber": 6,
    "ShimSetting": [
      3369,
      -11965,
      11450,
      263,
      -71,
      -139,
      -67,
      29
    ],
    "SliceThickness": 3,
    "SliceTiming": [
      0,
      1.015,
      0.0525,
      1.07,
      0.105,
      1.1225,
      0.16,
      1.175,
      0.2125,
      1.23,
      0.2675,
      1.2825,
      0.32,
      1.3375,
      0.3725,
      1.39,
      0.4275,
      1.4425,
      0.48,
      1.4975,
      0.535,
      1.55,
      0.5875,
      1.605,
      0.64,
      1.6575,
      0.695,
      1.71,
      0.7475,
      1.765,
      0.8025,
      1.8175,
      0.855,
      1.8725,
      0.9075,
      1.925,
      0.9625
    ],
    "SoftwareVersions": "syngo_MR_E11",
    "SpacingBetweenSlices": 3.75,
    "StationName": "AWP167013",
    "TaskName": "rest",
    "TotalReadoutTime": 0.0166951,
    "TxRefAmp": 240.578,
    "dataset": "<unset>",
    "modality": "bold",
    "run_id": 1,
    "subject_id": "control011",
    "task_id": "rest"
  },
  "dummy_trs": 0,
  "dvars_nstd": 25.63574919170567,
  "dvars_std": 1.06910170521739,
  "dvars_vstd": 0.9460424113043481,
  "efc": 0.4602422322157306,
  "fber": 6887145.5,
  "fd_mean": 0.074065137427819,
  "fd_num": 0,
  "fd_perc": 0.0,
  "fwhm_avg": 2.6864091806900467,
  "fwhm_x": 2.626516875403474,
  "fwhm_y": 2.911633333333333,
  "fwhm_z": 2.5210773333333334,
  "gcor": 0.011334,
  "gsr_x": 0.01968812383711338,
  "gsr_y": 0.036338355392217636,
  "provenance": {
    "md5sum": "c959bf13d37afd9d06f8699c79b713eb",
    "settings": {
      "fd_thres": 0.5,
      "testing": false
    },
    "software": "mriqc",
    "version": "0.16.1",
    "webapi_port": null,
    "webapi_url": "https://mriqc.nimh.nih.gov/api/v1"
  },
  "size_t": 300,
  "size_x": 64,
  "size_y": 64,
  "size_z": 37,
  "snr": 2.5424047013284516,
  "spacing_tr": 2.0,
  "spacing_x": 2.999999761581421,
  "spacing_y": 3.0,
  "spacing_z": 3.75,
  "summary_bg_k": 62.0669711608448,
  "summary_bg_mad": 0.17466194494523177,
  "summary_bg_mean": 11.966460227966309,
  "summary_bg_median": 0.11785291135311127,
  "summary_bg_n": 89201.0,
  "summary_bg_p05": 1.0314267456124071e-05,
  "summary_bg_p95": 73.92011260986328,
  "summary_bg_stdv": 36.840118408203125,
  "summary_fg_k": 1.026971259742309,
  "summary_fg_mad": 133.18123247178883,
  "summary_fg_mean": 376.00274658203125,
  "summary_fg_median": 352.8191223144531,
  "summary_fg_n": 27771.0,
  "summary_fg_p05": 192.5312042236328,
  "summary_fg_p95": 633.1497192382812,
  "summary_fg_stdv": 138.7712860107422,
  "tsnr": 54.08755111694336
}