{
  "aor": 0.0032215584415584415,
  "aqi": 0.005513762,
  "bids_meta": {
    "AcquisitionMatrixPE": 64,
    "AcquisitionNumber": 1,
    "AcquisitionTime": "15:22:29.675000",
    "BandwidthPerPixelPhaseEncode": 58.962,
    "BaseResolution": 64,
    "BodyPartExamined": "HEAD",
    "ConsistencyInfo": "N4_VE11C_LATEST_20160120",
    "ConversionSoftware": "dcm2niix",
    "ConversionSoftwareVersion": "v1.0.20181125  GCC5.3.1",
    "DerivedVendorReportedEchoSpacing": 0.000530002,
    "DeviceSerialNumber": "167013",
    "DwellTime": 3.5e-06,
    "EchoTime": 0.03,
    "EchoTrainLength": 31,
    "EffectiveEchoSpacing": 0.000265001,
    "FlipAngle": 90,
    "ImageOrientationPatientDICOM": [
      0.996211,
      0.0532442,
      0.0687662,
      -0.0342662,
      0.967032,
      -0.25234
    ],
    "ImageType": [
      "ORIGINAL",
      "PRIMARY",
      "M",
      "ND",
      "MOSAIC"
    ],
    "ImagingFrequency": 123.249,
    "InPlanePhaseEncodingDirectionDICOM": "COL",
    "InstitutionAddress": "Whiteknights_Campus_StreetNo_Reading_District_GB_RG6_7BE",
    "InstitutionName": "UoR",
    "InstitutionalDepartmentName": "Department",
    "MRAcquisitionType": "2D",
    "MagneticFieldStrength": 3,
    "Manufacturer": "Siemens",
    "ManufacturersModelName": "Prisma_fit",
    "Modality": "MR",
    "ParallelReductionFactorInPlane": 2,
    "PartialFourier": 1,
    "PatientPosition": "HFS",
    "PercentPhaseFOV": 100,
    "PhaseEncodingDirection": "j",
    "PhaseEncodingSteps": 63,
    "PhaseResolution": 1,
    "PixelBandwidth": 2230,
    "ProcedureStepDescription": "head_Kou_Murayama",
    "ProtocolName": "ep2d_bold_PtoA_iPAT2_MagicTrick_Run2",
    "PulseSequenceDetails": "%SiemensSeq%_ep2d_bold",
    "ReceiveCoilActiveElements": "HEA;HEP",
    "ReceiveCoilName": "Head_32",
    "ReconMatrixPE": 64,
    "RepetitionTime": 2,
    "SAR": 0.0823556,
    "ScanOptions": "FS",
    "ScanningSequence": "EP",
    "SequenceName": "_epfid2d1_64",
    "SequenceVariant": "SK",
    "SeriesDescription": "ep2d_bold_PtoA_iPAT2_MagicTrick_Run2",
    "SeriesNumber": 10,
    "ShimSetting": [
      3381,
      -11880,
      11420,
      381,
      -63,
      7,
      -145,
      21
    ],
    "SliceThickness": 3,
    "SliceTiming": [
      0,
      1.0175,
      0.055,
      1.07,
      0.1075,
      1.125,
      0.1625,
      1.1775,
      0.215,
      1.2325,
      0.2675,
      1.285,
      0.3225,
      1.3375,
      0.375,
      1.3925,
      0.43,
      1.445,
      0.4825,
      1.5,
      0.535,
      1.5525,
      0.59,
      1.605,
      0.6425,
      1.66,
      0.6975,
      1.7125,
      0.75,
      1.7675,
      0.8025,
      1.82,
      0.8575,
      1.8725,
      0.91,
      1.9275,
      0.965
    ],
    "SoftwareVersions": "syngo_MR_E11",
    "SpacingBetweenSlices": 3.75,
    "StationName": "AWP167013",
    "TaskName": "magictrickwatching",
    "TotalReadoutTime": 0.0166951,
    "TxRefAmp": 220.901,
    "dataset": "<unset>",
    "modality": "bold",
    "run_id": 2,
    "subject_id": "experimental012",
    "task_id": "magictrickwatching"
  },
  "dummy_trs": 0,
  "dvars_nstd": 23.079357971979192,
  "dvars_std": 1.1065955345572918,
  "dvars_vstd": 1.0015147705729166,
  "efc": 0.4420621670398688,
  "fber": 976785.8125,
  "fd_mean": 0.12185782016922858,
  "fd_num": 6,
  "fd_perc": 1.5584415584415585,
  "fwhm_avg": 2.8542923211996936,
  "fwhm_x": 2.729006666666667,
  "fwhm_y": 3.001203810361832,
  "fwhm_z": 2.8326664865705817,
  "gcor": 0.0146612,
  "gsr_x": 0.004780051298439503,
  "gsr_y": 0.05319102108478546,
  "provenance": {
    "md5sum": "bcd7ec59d38608da34c70c8f7669e3ab",
    "settings": {
      "fd_thres": 0.5,
      "testing": false
    },
    "software": "mriqc",
    "version": "0.16.1",
    "webapi_port": null,
    "webapi_url": "https://mriqc.nimh.nih.gov/api/v1"
  },
  "size_t": 385,
  "size_x": 64,
  "size_y": 64,
  "size_z": 37,
  "snr": 2.504164495912177,
  "spacing_tr": 2.0,
  "spacing_x": 3.0,
  "spacing_y": 2.999999523162842,
  "spacing_z": 3.750000238418579,
  "summary_bg_k": 32.710773991700016,
  "summary_bg_mad": 0.5463271917289494,
  "summary_bg_mean": 12.587717056274414,
  "summary_bg_median": 0.37826329469680786,
  "summary_bg_n": 92334.0,
  "summary_bg_p05": 0.004541174229234458,
  "summary_bg_p95": 77.9764247894286,
  "summary_bg_stdv": 35.52715301513672,
  "summary_fg_k": 1.4874333691070643,
  "summary_fg_mad": 140.14979771493998,
  "summary_fg_mean": 422.3316650390625,
  "summary_fg_median": 393.3368835449219,
  "summary_fg_n": 25136.0,
  "summary_fg_p05": 225.29651260375977,
  "summary_fg_p95": 729.3229522705078,
  "summary_fg_stdv": 157.06997680664062,
  "tsnr": 44.16949462890625
}