{
  "bids_meta": {
    "AcquisitionMatrixPE": 256,
    "AcquisitionNumber": 1,
    "AcquisitionTime": "12:47:7.790000",
    "BaseResolution": 256,
    "BodyPartExamined": "HEAD",
    "ConsistencyInfo": "N4_VE11C_LATEST_20160120",
    "ConversionSoftware": "dcm2niix",
    "ConversionSoftwareVersion": "v1.0.20181125  GCC5.3.1",
    "DeviceSerialNumber": "167013",
    "DwellTime": 9.8e-06,
    "EchoTime": 0.00229,
    "FlipAngle": 8,
    "ImageOrientationPatientDICOM": [
      -0.0477061,
      0.989653,
      0.135316,
      -0.0348679,
      0.133738,
      -0.990403
    ],
    "ImageType": [
      "ORIGINAL",
      "PRIMARY",
      "M",
      "ND",
      "NORM"
    ],
    "ImagingFrequency": 123.249,
    "InPlanePhaseEncodingDirectionDICOM": "ROW",
    "InstitutionAddress": "Whiteknights_Campus_StreetNo_Reading_District_GB_RG6_7BE",
    "InstitutionName": "UoR",
    "InstitutionalDepartmentName": "Department",
    "InversionTime": 0.9,
    "MRAcquisitionType": "3D",
    "MagneticFieldStrength": 3,
    "Manufacturer": "Siemens",
    "ManufacturersModelName": "Prisma_fit",
    "Modality": "MR",
    "PartialFourier": 1,
    "PatientPosition": "HFS",
    "PercentPhaseFOV": 100,
    "PhaseEncodingSteps": 255,
    "PhaseResolution": 1,
    "PixelBandwidth": 200,
    "ProcedureStepDescription": "head_Kou_Murayama",
    "ProtocolName": "t1_mprage_sag_p2_iso_192",
    "PulseSequenceDetails": "%SiemensSeq%_tfl",
    "ReceiveCoilActiveElements": "HEA;HEP",
    "ReceiveCoilName": "Head_32",
    "ReconMatrixPE": 256,
    "RepetitionTime": 2.3,
    "SAR": 0.0527959,
    "ScanOptions": "IR",
    "ScanningSequence": "GR_IR",
    "SequenceName": "_tfl3d1_16ns",
    "SequenceVariant": "SK_SP_MP",
    "SeriesDescription": "t1_mprage_sag_p2_iso_192",
    "SeriesNumber": 13,
    "ShimSetting": [
      3382,
      -11946,
      11206,
      -4,
      -40,
      -152,
      -34,
      21
    ],
    "SliceThickness": 0.94,
    "SoftwareVersions": "syngo_MR_E11",
    "StationName": "AWP167013",
    "TxRefAmp": 240.578,
    "dataset": "<unset>",
    "modality": "T1w",
    "rec_id": "NORM",
    "subject_id": "control011"
  },
  "cjv": 0.3791850393285498,
  "cnr": 3.4912092943102535,
  "efc": 0.5284518779056441,
  "fber": 4360.000918273646,
  "fwhm_avg": 3.6725098187128107,
  "fwhm_x": 3.678457456138432,
  "fwhm_y": 3.6640853333333334,
  "fwhm_z": 3.674986666666667,
  "icvs_csf": 0.2049392803173072,
  "icvs_gm": 0.4134694358943989,
  "icvs_wm": 0.3815912837882939,
  "inu_med": 1.2981808185577393,
  "inu_range": 0.27402260303497306,
  "provenance": {
    "md5sum": "66b6d55e872361b129b6fb41cf42abbe",
    "settings": {
      "testing": false
    },
    "software": "mriqc",
    "version": "0.16.1",
    "warnings": {
      "large_rot_frame": true,
      "small_air_mask": false
    },
    "webapi_port": null,
    "webapi_url": "https://mriqc.nimh.nih.gov/api/v1"
  },
  "qi_1": 0.024714265135479918,
  "qi_2": 0.006466503766497315,
  "rpve_csf": 25.380613224431357,
  "rpve_gm": 13.399926102067738,
  "rpve_wm": 17.870551165349603,
  "size_x": 192,
  "size_y": 256,
  "size_z": 256,
  "snr_csf": 2.740831019348313,
  "snr_gm": 10.876438211208923,
  "snr_total": 12.043951158163518,
  "snr_wm": 22.514584243933317,
  "snrd_csf": 28.472426265969638,
  "snrd_gm": 60.301376211514324,
  "snrd_total": 57.5102244283216,
  "snrd_wm": 83.75687080748085,
  "spacing_x": 0.9399999976158142,
  "spacing_y": 0.9375,
  "spacing_z": 0.9375,
  "summary_bg_k": 206.9522960246035,
  "summary_bg_mad": 7.821882447172623,
  "summary_bg_mean": 6.996587065066274,
  "summary_bg_median": 5.275779537856579,
  "summary_bg_n": 2513976.0,
  "summary_bg_p05": 0.0,
  "summary_bg_p95": 21.422862365841866,
  "summary_bg_stdv": 8.943798720390749,
  "summary_csf_k": -0.40791453236551334,
  "summary_csf_mad": 141.82099992600868,
  "summary_csf_mean": 359.35472260831426,
  "summary_csf_median": 339.9413906261325,
  "summary_csf_n": 15651.0,
  "summary_csf_p05": 188.99547607079148,
  "summary_csf_p95": 563.975503526628,
  "summary_csf_stdv": 124.0246217295471,
  "summary_gm_k": -0.06278439314551854,
  "summary_gm_mad": 64.94532698561511,
  "summary_gm_mean": 719.9387542074461,
  "summary_gm_median": 719.9573894590139,
  "summary_gm_n": 24393.0,
  "summary_gm_p05": 609.1127284616232,
  "summary_gm_p95": 830.0559806227684,
  "summary_gm_stdv": 66.1928673586287,
  "summary_wm_k": 0.684666984335125,
  "summary_wm_mad": 41.24265290327383,
  "summary_wm_mean": 999.2821872534734,
  "summary_wm_median": 1000.0000305846334,
  "summary_wm_n": 245043.0,
  "summary_wm_p05": 924.7535587921739,
  "summary_wm_p95": 1070.1838856488466,
  "summary_wm_stdv": 44.41556545259054,
  "tpm_overlap_csf": 0.1767345517873764,
  "tpm_overlap_gm": 0.4320049583911896,
  "tpm_overlap_wm": 0.5082999467849731,
  "wm2max": 0.40609372580431924
}