{
  "bids_meta": {
    "AcquisitionMatrixPE": 256,
    "AcquisitionNumber": 1,
    "AcquisitionTime": "10:33:52.337500",
    "BaseResolution": 256,
    "BodyPartExamined": "HEAD",
    "ConsistencyInfo": "N4_VE11C_LATEST_20160120",
    "ConversionSoftware": "dcm2niix",
    "ConversionSoftwareVersion": "v1.0.20181125  GCC5.3.1",
    "DeviceSerialNumber": "167013",
    "DwellTime": 9.8e-06,
    "EchoTime": 0.00229,
    "FlipAngle": 8,
    "ImageOrientationPatientDICOM": [
      -0.0567245,
      0.976482,
      0.208003,
      -0.0888629,
      0.202573,
      -0.975227
    ],
    "ImageType": [
      "ORIGINAL",
      "PRIMARY",
      "M",
      "ND",
      "NORM"
    ],
    "ImagingFrequency": 123.249,
    "InPlanePhaseEncodingDirectionDICOM": "ROW",
    "InstitutionAddress": "Whiteknights_Campus_StreetNo_Reading_District_GB_RG6_7BE",
    "InstitutionName": "UoR",
    "InstitutionalDepartmentName": "Department",
    "InversionTime": 0.9,
    "MRAcquisitionType": "3D",
    "MagneticFieldStrength": 3,
    "Manufacturer": "Siemens",
    "ManufacturersModelName": "Prisma_fit",
    "Modality": "MR",
    "PartialFourier": 1,
    "PatientPosition": "HFS",
    "PercentPhaseFOV": 100,
    "PhaseEncodingSteps": 255,
    "PhaseResolution": 1,
    "PixelBandwidth": 200,
    "ProcedureStepDescription": "head_Kou_Murayama",
    "ProtocolName": "t1_mprage_sag_p2_iso_192",
    "PulseSequenceDetails": "%SiemensSeq%_tfl",
    "ReceiveCoilActiveElements": "HEA;HEP",
    "ReceiveCoilName": "Head_32",
    "ReconMatrixPE": 256,
    "RepetitionTime": 2.3,
    "SAR": 0.0552671,
    "ScanOptions": "IR",
    "ScanningSequence": "GR_IR",
    "SequenceName": "_tfl3d1_16ns",
    "SequenceVariant": "SK_SP_MP",
    "SeriesDescription": "t1_mprage_sag_p2_iso_192",
    "SeriesNumber": 13,
    "ShimSetting": [
      3382,
      -11946,
      11206,
      -4,
      -40,
      -152,
      -34,
      21
    ],
    "SliceThickness": 0.94,
    "SoftwareVersions": "syngo_MR_E11",
    "StationName": "AWP167013",
    "TxRefAmp": 222.745,
    "dataset": "<unset>",
    "modality": "T1w",
    "rec_id": "NORM",
    "subject_id": "control009"
  },
  "cjv": 0.36239310216940207,
  "cnr": 3.597472410852834,
  "efc": 0.5284279924097176,
  "fber": 3403.567445695586,
  "fwhm_avg": 3.8349979252721234,
  "fwhm_x": 3.8197028639606154,
  "fwhm_y": 3.8564909118557558,
  "fwhm_z": 3.8288,
  "icvs_csf": 0.20669230726775237,
  "icvs_gm": 0.41160855391981205,
  "icvs_wm": 0.3816991388124356,
  "inu_med": 1.2538340091705322,
  "inu_range": 0.3102868318557741,
  "provenance": {
    "md5sum": "5979c7340fa39a1c3d97fe1353cb2caa",
    "settings": {
      "testing": false
    },
    "software": "mriqc",
    "version": "0.16.1",
    "warnings": {
      "large_rot_frame": true,
      "small_air_mask": false
    },
    "webapi_port": null,
    "webapi_url": "https://mriqc.nimh.nih.gov/api/v1"
  },
  "qi_1": 0.003939450643607749,
  "qi_2": 0.007218546845385309,
  "rpve_csf": 24.78263004211995,
  "rpve_gm": 13.118716571876423,
  "rpve_wm": 17.834112459504222,
  "size_x": 192,
  "size_y": 256,
  "size_z": 256,
  "snr_csf": 2.966265768319031,
  "snr_gm": 10.722673004327715,
  "snr_total": 12.31199148393806,
  "snr_wm": 23.24703567916744,
  "snrd_csf": 37.392655752180694,
  "snrd_gm": 78.32706887104064,
  "snrd_total": 75.30084140461527,
  "snrd_wm": 110.18279959062447,
  "spacing_x": 0.9399998188018799,
  "spacing_y": 0.9374999403953552,
  "spacing_z": 0.9375,
  "summary_bg_k": 107.08283954380775,
  "summary_bg_mad": 5.945904328840979,
  "summary_bg_mean": 8.498754200489666,
  "summary_bg_median": 4.010451525449753,
  "summary_bg_n": 2487454.0,
  "summary_bg_p05": 0.0,
  "summary_bg_p95": 24.54882448911667,
  "summary_bg_stdv": 14.604570276931849,
  "summary_csf_k": -0.02071132220719729,
  "summary_csf_mad": 130.71980577497365,
  "summary_csf_mean": 352.4901653383159,
  "summary_csf_median": 339.36926923692226,
  "summary_csf_n": 12879.0,
  "summary_csf_p05": 183.08318857848644,
  "summary_csf_p95": 538.5611047759651,
  "summary_csf_stdv": 114.4051545582416,
  "summary_gm_k": -0.0508719254799459,
  "summary_gm_mad": 65.0445897791392,
  "summary_gm_mean": 711.2382882287975,
  "summary_gm_median": 710.8829150944948,
  "summary_gm_n": 23578.0,
  "summary_gm_p05": 602.0356148287653,
  "summary_gm_p95": 822.6985571332274,
  "summary_gm_stdv": 66.29576781050214,
  "summary_wm_k": 0.6328839562309683,
  "summary_wm_mad": 39.729451651801085,
  "summary_wm_mean": 998.88435755084,
  "summary_wm_median": 1000.0000114291906,
  "summary_wm_n": 243295.0,
  "summary_wm_p05": 925.8066582083702,
  "summary_wm_p95": 1067.4485143572092,
  "summary_wm_stdv": 43.01614924628519,
  "tpm_overlap_csf": 0.164829283952713,
  "tpm_overlap_gm": 0.4307190477848053,
  "tpm_overlap_wm": 0.4998295307159424,
  "wm2max": 0.3722797810252002
}