{
  "bids_meta": {
    "AcquisitionMatrixPE": 256,
    "AcquisitionNumber": 1,
    "AcquisitionTime": "14:08:0.967500",
    "BaseResolution": 256,
    "BodyPartExamined": "HEAD",
    "ConsistencyInfo": "N4_VE11C_LATEST_20160120",
    "ConversionSoftware": "dcm2niix",
    "ConversionSoftwareVersion": "v1.0.20181125  GCC5.3.1",
    "DeviceSerialNumber": "167013",
    "DwellTime": 9.8e-06,
    "EchoTime": 0.00229,
    "FlipAngle": 8,
    "ImageOrientationPatientDICOM": [
      0.0688055,
      0.961504,
      0.266037,
      -0.020286,
      0.267963,
      -0.963216
    ],
    "ImageType": [
      "ORIGINAL",
      "PRIMARY",
      "M",
      "ND",
      "NORM"
    ],
    "ImagingFrequency": 123.249,
    "InPlanePhaseEncodingDirectionDICOM": "ROW",
    "InstitutionAddress": "Whiteknights_Campus_StreetNo_Reading_District_GB_RG6_7BE",
    "InstitutionName": "UoR",
    "InstitutionalDepartmentName": "Department",
    "InversionTime": 0.9,
    "MRAcquisitionType": "3D",
    "MagneticFieldStrength": 3,
    "Manufacturer": "Siemens",
    "ManufacturersModelName": "Prisma_fit",
    "Modality": "MR",
    "PartialFourier": 1,
    "PatientPosition": "HFS",
    "PercentPhaseFOV": 100,
    "PhaseEncodingSteps": 255,
    "PhaseResolution": 1,
    "PixelBandwidth": 200,
    "ProcedureStepDescription": "head_Kou_Murayama",
    "ProtocolName": "t1_mprage_sag_p2_iso_192",
    "PulseSequenceDetails": "%SiemensSeq%_tfl",
    "ReceiveCoilActiveElements": "HEA;HEP",
    "ReceiveCoilName": "Head_32",
    "ReconMatrixPE": 256,
    "RepetitionTime": 2.3,
    "SAR": 0.0516238,
    "ScanOptions": "IR",
    "ScanningSequence": "GR_IR",
    "SequenceName": "_tfl3d1_16ns",
    "SequenceVariant": "SK_SP_MP",
    "SeriesDescription": "t1_mprage_sag_p2_iso_192",
    "SeriesNumber": 13,
    "ShimSetting": [
      3382,
      -11946,
      11206,
      -4,
      -40,
      -152,
      -34,
      21
    ],
    "SliceThickness": 0.94,
    "SoftwareVersions": "syngo_MR_E11",
    "StationName": "AWP167013",
    "TxRefAmp": 221.913,
    "dataset": "<unset>",
    "modality": "T1w",
    "rec_id": "NORM",
    "subject_id": "control037"
  },
  "cjv": 0.41157807986190537,
  "cnr": 3.224994456525425,
  "efc": 0.5743180462080317,
  "fber": 894.2360623988853,
  "fwhm_avg": 3.9826171759144224,
  "fwhm_x": 3.9476808610766008,
  "fwhm_y": 4.009216,
  "fwhm_z": 3.9909546666666667,
  "icvs_csf": 0.2416444848972331,
  "icvs_gm": 0.3856763976604614,
  "icvs_wm": 0.3726791174423054,
  "inu_med": 1.4020541906356812,
  "inu_range": 0.3496441960334775,
  "provenance": {
    "md5sum": "e855094143bb51786d2d27701fae7637",
    "settings": {
      "testing": false
    },
    "software": "mriqc",
    "version": "0.16.1",
    "warnings": {
      "large_rot_frame": true,
      "small_air_mask": false
    },
    "webapi_port": null,
    "webapi_url": "https://mriqc.nimh.nih.gov/api/v1"
  },
  "qi_1": 0.0,
  "qi_2": 0.009183131148325861,
  "rpve_csf": 22.426001003205585,
  "rpve_gm": 13.568853291983688,
  "rpve_wm": 17.643379701184955,
  "size_x": 192,
  "size_y": 256,
  "size_z": 256,
  "snr_csf": 3.511476279447244,
  "snr_gm": 10.882761251886922,
  "snr_total": 11.050379542300469,
  "snr_wm": 18.75690109556724,
  "snrd_csf": 19.33743872249805,
  "snrd_gm": 36.82626695076988,
  "snrd_total": 35.781693915655204,
  "snrd_wm": 51.18137607369767,
  "spacing_x": 0.9399999976158142,
  "spacing_y": 0.9375,
  "spacing_z": 0.9375,
  "summary_bg_k": 12.021408153797742,
  "summary_bg_mad": 12.800288258100878,
  "summary_bg_mean": 15.564578306311432,
  "summary_bg_median": 9.188118666410446,
  "summary_bg_n": 2059925.0,
  "summary_bg_p05": 0.0,
  "summary_bg_p95": 51.00990018248558,
  "summary_bg_stdv": 18.713000439241213,
  "summary_csf_k": -0.21785287772968998,
  "summary_csf_mad": 113.08878525276279,
  "summary_csf_mean": 371.7446722272672,
  "summary_csf_median": 377.8217761963606,
  "summary_csf_n": 28312.0,
  "summary_csf_p05": 190.0990068912506,
  "summary_csf_p95": 537.267318226397,
  "summary_csf_stdv": 107.59437729416453,
  "summary_gm_k": -0.008811127744104308,
  "summary_gm_mad": 65.9978165234192,
  "summary_gm_mean": 718.3853526299927,
  "summary_gm_median": 719.5247410833836,
  "summary_gm_n": 22036.0,
  "summary_gm_p05": 607.0494953393936,
  "summary_gm_p95": 825.2673136666417,
  "summary_gm_stdv": 66.1145088204383,
  "summary_wm_k": 0.7008716366333645,
  "summary_wm_mad": 49.43964547394926,
  "summary_wm_mean": 1002.3150177503858,
  "summary_wm_median": 999.9999841675162,
  "summary_wm_n": 244972.0,
  "summary_wm_p05": 918.7326587215066,
  "summary_wm_p95": 1093.148497544229,
  "summary_wm_stdv": 53.31360111251014,
  "tpm_overlap_csf": 0.170589417219162,
  "tpm_overlap_gm": 0.4354247748851776,
  "tpm_overlap_wm": 0.5193924307823181,
  "wm2max": 0.3698874956052971
}