{
  "aor": 0.0016496989966555185,
  "aqi": 0.0014231274548494983,
  "bids_meta": {
    "AcquisitionMatrixPE": 64,
    "AcquisitionNumber": 1,
    "AcquisitionTime": "16:52:6.372500",
    "BandwidthPerPixelPhaseEncode": 58.962,
    "BaseResolution": 64,
    "BodyPartExamined": "HEAD",
    "ConsistencyInfo": "N4_VE11C_LATEST_20160120",
    "ConversionSoftware": "dcm2niix",
    "ConversionSoftwareVersion": "v1.0.20180622 GCC5.3.1",
    "DerivedVendorReportedEchoSpacing": 0.000530002,
    "DeviceSerialNumber": "167013",
    "DwellTime": 3.5e-06,
    "EchoTime": 0.03,
    "EchoTrainLength": 31,
    "EffectiveEchoSpacing": 0.000265001,
    "FlipAngle": 90,
    "ImageOrientationPatientDICOM": [
      0.998694,
      -0.0263014,
      0.0437942,
      0.0238843,
      0.99821,
      0.0548295
    ],
    "ImageType": [
      "ORIGINAL",
      "PRIMARY",
      "M",
      "ND",
      "MOSAIC"
    ],
    "InPlanePhaseEncodingDirectionDICOM": "COL",
    "InstitutionAddress": "Whiteknights_Campus_StreetNo_Reading_District_GB_RG6_7BE",
    "InstitutionName": "UoR",
    "InstitutionalDepartmentName": "Department",
    "MRAcquisitionType": "2D",
    "MagneticFieldStrength": 3,
    "Manufacturer": "Siemens",
    "ManufacturersModelName": "Prisma_fit",
    "Modality": "MR",
    "ParallelReductionFactorInPlane": 2,
    "PartialFourier": 1,
    "PatientPosition": "HFS",
    "PercentPhaseFOV": 100,
    "PhaseEncodingDirection": "j",
    "PhaseEncodingSteps": 63,
    "PhaseResolution": 1,
    "PixelBandwidth": 2230,
    "ProcedureStepDescription": "head_Kou_Murayama",
    "ProtocolName": "ep2d_bold_PtoA_iPAT2_PostResting",
    "PulseSequenceDetails": "%SiemensSeq%_ep2d_bold",
    "ReceiveCoilActiveElements": "HEA;HEP",
    "ReceiveCoilName": "Head_32",
    "ReconMatrixPE": 64,
    "RepetitionTime": 2,
    "SAR": 0.11573,
    "ScanOptions": "FS",
    "ScanningSequence": "EP",
    "SequenceName": "_epfid2d1_64",
    "SequenceVariant": "SK",
    "SeriesDescription": "ep2d_bold_PtoA_iPAT2_PostResting",
    "SeriesNumber": 13,
    "ShimSetting": [
      3410,
      -11920,
      11490,
      493,
      13,
      29,
      -50,
      17
    ],
    "SliceThickness": 3,
    "SliceTiming": [
      0,
      1.0175,
      0.0525,
      1.07,
      0.1075,
      1.1225,
      0.16,
      1.1775,
      0.2125,
      1.23,
      0.2675,
      1.285,
      0.32,
      1.3375,
      0.375,
      1.39,
      0.4275,
      1.445,
      0.48,
      1.4975,
      0.535,
      1.5525,
      0.5875,
      1.605,
      0.6425,
      1.6575,
      0.695,
      1.7125,
      0.7475,
      1.765,
      0.8025,
      1.82,
      0.855,
      1.8725,
      0.91,
      1.925,
      0.9625
    ],
    "SoftwareVersions": "syngo_MR_E11",
    "SpacingBetweenSlices": 3.75,
    "StationName": "AWP167013",
    "TaskName": "rest",
    "TotalReadoutTime": 0.0166951,
    "TxRefAmp": 239.242,
    "dataset": "<unset>",
    "modality": "bold",
    "run_id": 2,
    "subject_id": "control003",
    "task_id": "rest"
  },
  "dummy_trs": 1,
  "dvars_nstd": 23.240755305067122,
  "dvars_std": 1.2557602693624172,
  "dvars_vstd": 1.0121401818120799,
  "efc": 0.5107149757476396,
  "fber": 3442735.5,
  "fd_mean": 0.055229571424418436,
  "fd_num": 0,
  "fd_perc": 0.0,
  "fwhm_avg": 2.9113820304965476,
  "fwhm_x": 2.8597597727267132,
  "fwhm_y": 3.13836,
  "fwhm_z": 2.7360263187629292,
  "gcor": 0.011586,
  "gsr_x": 0.0040526925586164,
  "gsr_y": 0.07293179631233215,
  "provenance": {
    "md5sum": "ef0abd83cd4fbbcf7337bd5f0687816f",
    "settings": {
      "fd_thres": 0.5,
      "testing": false
    },
    "software": "mriqc",
    "version": "0.16.1",
    "webapi_port": null,
    "webapi_url": "https://mriqc.nimh.nih.gov/api/v1"
  },
  "size_t": 299,
  "size_x": 64,
  "size_y": 64,
  "size_z": 37,
  "snr": 2.225643944489924,
  "spacing_tr": 2.0,
  "spacing_x": 3.000000238418579,
  "spacing_y": 3.0,
  "spacing_z": 3.750000476837158,
  "summary_bg_k": 18.791564610995067,
  "summary_bg_mad": 0.33635412175558727,
  "summary_bg_mean": 26.035518646240234,
  "summary_bg_median": 0.2268674075603485,
  "summary_bg_n": 79698.0,
  "summary_bg_p05": 0.0,
  "summary_bg_p95": 173.22683258056634,
  "summary_bg_stdv": 66.93075561523438,
  "summary_fg_k": 1.0403196654123388,
  "summary_fg_mad": 224.0951352963198,
  "summary_fg_mean": 569.2144775390625,
  "summary_fg_median": 521.38232421875,
  "summary_fg_n": 33532.0,
  "summary_fg_p05": 276.30009765625005,
  "summary_fg_p95": 1013.5566345214842,
  "summary_fg_stdv": 234.25784301757812,
  "tsnr": 78.76480102539062
}