{
  "aor": 0.004293502673796791,
  "aqi": 0.002082200160427807,
  "bids_meta": {
    "AcquisitionMatrixPE": 64,
    "AcquisitionNumber": 1,
    "AcquisitionTime": "16:38:24.357500",
    "BandwidthPerPixelPhaseEncode": 58.962,
    "BaseResolution": 64,
    "BodyPartExamined": "HEAD",
    "ConsistencyInfo": "N4_VE11C_LATEST_20160120",
    "ConversionSoftware": "dcm2niix",
    "ConversionSoftwareVersion": "v1.0.20180622 GCC5.3.1",
    "DerivedVendorReportedEchoSpacing": 0.000530002,
    "DeviceSerialNumber": "167013",
    "DwellTime": 3.5e-06,
    "EchoTime": 0.03,
    "EchoTrainLength": 31,
    "EffectiveEchoSpacing": 0.000265001,
    "FlipAngle": 90,
    "ImageOrientationPatientDICOM": [
      0.998694,
      -0.0263014,
      0.0437942,
      0.0238843,
      0.99821,
      0.0548295
    ],
    "ImageType": [
      "ORIGINAL",
      "PRIMARY",
      "M",
      "ND",
      "MOSAIC"
    ],
    "InPlanePhaseEncodingDirectionDICOM": "COL",
    "InstitutionAddress": "Whiteknights_Campus_StreetNo_Reading_District_GB_RG6_7BE",
    "InstitutionName": "UoR",
    "InstitutionalDepartmentName": "Department",
    "MRAcquisitionType": "2D",
    "MagneticFieldStrength": 3,
    "Manufacturer": "Siemens",
    "ManufacturersModelName": "Prisma_fit",
    "Modality": "MR",
    "ParallelReductionFactorInPlane": 2,
    "PartialFourier": 1,
    "PatientPosition": "HFS",
    "PercentPhaseFOV": 100,
    "PhaseEncodingDirection": "j",
    "PhaseEncodingSteps": 63,
    "PhaseResolution": 1,
    "PixelBandwidth": 2230,
    "ProcedureStepDescription": "head_Kou_Murayama",
    "ProtocolName": "ep2d_bold_PtoA_iPAT2_MagicTrick_Run3",
    "PulseSequenceDetails": "%SiemensSeq%_ep2d_bold",
    "ReceiveCoilActiveElements": "HEA;HEP",
    "ReceiveCoilName": "Head_32",
    "ReconMatrixPE": 64,
    "RepetitionTime": 2,
    "SAR": 0.115881,
    "ScanOptions": "FS",
    "ScanningSequence": "EP",
    "SequenceName": "_epfid2d1_64",
    "SequenceVariant": "SK",
    "SeriesDescription": "ep2d_bold_PtoA_iPAT2_MagicTrick_Run3",
    "SeriesNumber": 12,
    "ShimSetting": [
      3410,
      -11920,
      11490,
      493,
      13,
      29,
      -50,
      17
    ],
    "SliceThickness": 3,
    "SliceTiming": [
      0,
      1.0175,
      0.055,
      1.07,
      0.1075,
      1.125,
      0.16,
      1.1775,
      0.215,
      1.23,
      0.2675,
      1.285,
      0.3225,
      1.3375,
      0.375,
      1.3925,
      0.4275,
      1.445,
      0.4825,
      1.5,
      0.535,
      1.5525,
      0.59,
      1.605,
      0.6425,
      1.66,
      0.695,
      1.7125,
      0.75,
      1.7675,
      0.8025,
      1.82,
      0.8575,
      1.8725,
      0.91,
      1.9275,
      0.9625
    ],
    "SoftwareVersions": "syngo_MR_E11",
    "SpacingBetweenSlices": 3.75,
    "StationName": "AWP167013",
    "TaskName": "magictrickwatching",
    "TotalReadoutTime": 0.0166951,
    "TxRefAmp": 239.242,
    "dataset": "<unset>",
    "modality": "bold",
    "run_id": 3,
    "subject_id": "control003",
    "task_id": "magictrickwatching"
  },
  "dummy_trs": 0,
  "dvars_nstd": 23.573315086058958,
  "dvars_std": 1.2665258394101868,
  "dvars_vstd": 1.0387211895978559,
  "efc": 0.5114546845327698,
  "fber": 1067666.375,
  "fd_mean": 0.06205808345854954,
  "fd_num": 0,
  "fd_perc": 0.0,
  "fwhm_avg": 2.928746709387235,
  "fwhm_x": 2.8472997737169448,
  "fwhm_y": 3.1514733333333336,
  "fwhm_z": 2.787467021111427,
  "gcor": 0.00904107,
  "gsr_x": 0.0028483853675425053,
  "gsr_y": 0.07558223605155945,
  "provenance": {
    "md5sum": "38418743df3a45e17afd3e2c55b44675",
    "settings": {
      "fd_thres": 0.5,
      "testing": false
    },
    "software": "mriqc",
    "version": "0.16.1",
    "webapi_port": null,
    "webapi_url": "https://mriqc.nimh.nih.gov/api/v1"
  },
  "size_t": 374,
  "size_x": 64,
  "size_y": 64,
  "size_z": 37,
  "snr": 2.236923209318664,
  "spacing_tr": 2.0,
  "spacing_x": 3.000000238418579,
  "spacing_y": 3.0,
  "spacing_z": 3.749999523162842,
  "summary_bg_k": 17.858564261935765,
  "summary_bg_mad": 0.57986886489742,
  "summary_bg_mean": 26.19236946105957,
  "summary_bg_median": 0.39111560583114624,
  "summary_bg_n": 79840.0,
  "summary_bg_p05": 0.0,
  "summary_bg_p95": 171.74932098388675,
  "summary_bg_stdv": 66.0971908569336,
  "summary_fg_k": 0.9635761802434382,
  "summary_fg_mad": 222.25905316350526,
  "summary_fg_mean": 565.746337890625,
  "summary_fg_median": 517.9251098632812,
  "summary_fg_n": 33536.0,
  "summary_fg_p05": 275.70841217041016,
  "summary_fg_p95": 1003.6192016601562,
  "summary_fg_stdv": 231.53114318847656,
  "tsnr": 68.46671295166016
}