{
  "aor": 0.0033709498680738782,
  "aqi": 0.0035925794459102903,
  "bids_meta": {
    "AcquisitionMatrixPE": 64,
    "AcquisitionNumber": 1,
    "AcquisitionTime": "16:09:9.035000",
    "BandwidthPerPixelPhaseEncode": 58.962,
    "BaseResolution": 64,
    "BodyPartExamined": "HEAD",
    "ConsistencyInfo": "N4_VE11C_LATEST_20160120",
    "ConversionSoftware": "dcm2niix",
    "ConversionSoftwareVersion": "v1.0.20180622 GCC5.3.1",
    "DerivedVendorReportedEchoSpacing": 0.000530002,
    "DeviceSerialNumber": "167013",
    "DwellTime": 3.5e-06,
    "EchoTime": 0.03,
    "EchoTrainLength": 31,
    "EffectiveEchoSpacing": 0.000265001,
    "FlipAngle": 90,
    "ImageOrientationPatientDICOM": [
      0.998694,
      -0.0263014,
      0.0437942,
      0.0238843,
      0.99821,
      0.0548295
    ],
    "ImageType": [
      "ORIGINAL",
      "PRIMARY",
      "M",
      "ND",
      "MOSAIC"
    ],
    "InPlanePhaseEncodingDirectionDICOM": "COL",
    "InstitutionAddress": "Whiteknights_Campus_StreetNo_Reading_District_GB_RG6_7BE",
    "InstitutionName": "UoR",
    "InstitutionalDepartmentName": "Department",
    "MRAcquisitionType": "2D",
    "MagneticFieldStrength": 3,
    "Manufacturer": "Siemens",
    "ManufacturersModelName": "Prisma_fit",
    "Modality": "MR",
    "ParallelReductionFactorInPlane": 2,
    "PartialFourier": 1,
    "PatientPosition": "HFS",
    "PercentPhaseFOV": 100,
    "PhaseEncodingDirection": "j",
    "PhaseEncodingSteps": 63,
    "PhaseResolution": 1,
    "PixelBandwidth": 2230,
    "ProcedureStepDescription": "head_Kou_Murayama",
    "ProtocolName": "ep2d_bold_PtoA_iPAT2_MagicTrick_Run1",
    "PulseSequenceDetails": "%SiemensSeq%_ep2d_bold",
    "ReceiveCoilActiveElements": "HEA;HEP",
    "ReceiveCoilName": "Head_32",
    "ReconMatrixPE": 64,
    "RepetitionTime": 2,
    "SAR": 0.115881,
    "ScanOptions": "FS",
    "ScanningSequence": "EP",
    "SequenceName": "_epfid2d1_64",
    "SequenceVariant": "SK",
    "SeriesDescription": "ep2d_bold_PtoA_iPAT2_MagicTrick_Run1",
    "SeriesNumber": 10,
    "ShimSetting": [
      3410,
      -11920,
      11490,
      493,
      13,
      29,
      -50,
      17
    ],
    "SliceThickness": 3,
    "SliceTiming": [
      0,
      1.0175,
      0.055,
      1.07,
      0.1075,
      1.125,
      0.16,
      1.1775,
      0.215,
      1.23,
      0.2675,
      1.285,
      0.3225,
      1.3375,
      0.375,
      1.3925,
      0.4275,
      1.445,
      0.4825,
      1.4975,
      0.535,
      1.5525,
      0.59,
      1.605,
      0.6425,
      1.66,
      0.695,
      1.7125,
      0.75,
      1.7675,
      0.8025,
      1.82,
      0.8575,
      1.8725,
      0.91,
      1.9275,
      0.9625
    ],
    "SoftwareVersions": "syngo_MR_E11",
    "SpacingBetweenSlices": 3.75,
    "StationName": "AWP167013",
    "TaskName": "magictrickwatching",
    "TotalReadoutTime": 0.0166951,
    "TxRefAmp": 239.242,
    "dataset": "<unset>",
    "modality": "bold",
    "run_id": 1,
    "subject_id": "control003",
    "task_id": "magictrickwatching"
  },
  "dummy_trs": 0,
  "dvars_nstd": 23.958497567248678,
  "dvars_std": 1.184960196031746,
  "dvars_vstd": 0.975984678862434,
  "efc": 0.5109305795662479,
  "fber": 388884.40625,
  "fd_mean": 0.06890321783517712,
  "fd_num": 0,
  "fd_perc": 0.0,
  "fwhm_avg": 2.941415599278295,
  "fwhm_x": 2.84910644024003,
  "fwhm_y": 3.1629,
  "fwhm_z": 2.8122403575948534,
  "gcor": 0.00785602,
  "gsr_x": 0.00282036024145782,
  "gsr_y": 0.07231855392456055,
  "provenance": {
    "md5sum": "7906e9b3312ec99ed5855b3c717a6005",
    "settings": {
      "fd_thres": 0.5,
      "testing": false
    },
    "software": "mriqc",
    "version": "0.16.1",
    "webapi_port": null,
    "webapi_url": "https://mriqc.nimh.nih.gov/api/v1"
  },
  "size_t": 379,
  "size_x": 64,
  "size_y": 64,
  "size_z": 37,
  "snr": 2.2276287218264796,
  "spacing_tr": 2.0,
  "spacing_x": 3.000000238418579,
  "spacing_y": 3.0,
  "spacing_z": 3.749999523162842,
  "summary_bg_k": 19.673389298209287,
  "summary_bg_mad": 1.0296878958289981,
  "summary_bg_mean": 25.419593811035156,
  "summary_bg_median": 0.6964787244796753,
  "summary_bg_n": 79738.0,
  "summary_bg_p05": 0.0,
  "summary_bg_p95": 164.07857666015593,
  "summary_bg_stdv": 63.57661437988281,
  "summary_fg_k": 0.9435910277500383,
  "summary_fg_mad": 224.32710861096453,
  "summary_fg_mean": 569.8504638671875,
  "summary_fg_median": 521.172119140625,
  "summary_fg_n": 33489.0,
  "summary_fg_p05": 278.9026794433594,
  "summary_fg_p95": 1016.3518676757812,
  "summary_fg_stdv": 233.9547576904297,
  "tsnr": 53.52815628051758
}