{
  "bids_meta": {
    "AcquisitionMatrixPE": 256,
    "AcquisitionNumber": 1,
    "AcquisitionTime": "18:19:0.572500",
    "BaseResolution": 256,
    "BodyPartExamined": "HEAD",
    "ConsistencyInfo": "N4_VE11C_LATEST_20160120",
    "ConversionSoftware": "dcm2niix",
    "ConversionSoftwareVersion": "v1.0.20181125  GCC5.3.1",
    "DeviceSerialNumber": "167013",
    "DwellTime": 9.8e-06,
    "EchoTime": 0.00229,
    "FlipAngle": 8,
    "ImageOrientationPatientDICOM": [
      0.0592188,
      0.992563,
      0.106358,
      0.0452292,
      0.103767,
      -0.993573
    ],
    "ImageType": [
      "ORIGINAL",
      "PRIMARY",
      "M",
      "ND",
      "NORM"
    ],
    "ImagingFrequency": 123.249,
    "InPlanePhaseEncodingDirectionDICOM": "ROW",
    "InstitutionAddress": "Whiteknights_Campus_StreetNo_Reading_District_GB_RG6_7BE",
    "InstitutionName": "UoR",
    "InstitutionalDepartmentName": "Department",
    "InversionTime": 0.9,
    "MRAcquisitionType": "3D",
    "MagneticFieldStrength": 3,
    "Manufacturer": "Siemens",
    "ManufacturersModelName": "Prisma_fit",
    "Modality": "MR",
    "PartialFourier": 1,
    "PatientPosition": "HFS",
    "PercentPhaseFOV": 100,
    "PhaseEncodingSteps": 255,
    "PhaseResolution": 1,
    "PixelBandwidth": 200,
    "ProcedureStepDescription": "head_Kou_Murayama",
    "ProtocolName": "t1_mprage_sag_p2_iso_192",
    "PulseSequenceDetails": "%SiemensSeq%_tfl",
    "ReceiveCoilActiveElements": "HEA;HEP",
    "ReceiveCoilName": "Head_32",
    "ReconMatrixPE": 256,
    "RepetitionTime": 2.3,
    "SAR": 0.0535742,
    "ScanOptions": "IR",
    "ScanningSequence": "GR_IR",
    "SequenceName": "_tfl3d1_16ns",
    "SequenceVariant": "SK_SP_MP",
    "SeriesDescription": "t1_mprage_sag_p2_iso_192",
    "SeriesNumber": 13,
    "ShimSetting": [
      3382,
      -11946,
      11206,
      -4,
      -40,
      -152,
      -34,
      21
    ],
    "SliceThickness": 0.94,
    "SoftwareVersions": "syngo_MR_E11",
    "StationName": "AWP167013",
    "TxRefAmp": 234.885,
    "dataset": "<unset>",
    "modality": "T1w",
    "rec_id": "NORM",
    "subject_id": "control043"
  },
  "cjv": 0.41638405047949667,
  "cnr": 3.2091549359706275,
  "efc": 0.5947952385212978,
  "fber": 3002.1267361111113,
  "fwhm_avg": 3.7207053434189437,
  "fwhm_x": 3.7009637914988134,
  "fwhm_y": 3.755338905424684,
  "fwhm_z": 3.7058133333333334,
  "icvs_csf": 0.18719439173798366,
  "icvs_gm": 0.41952002360090623,
  "icvs_wm": 0.39328558466111013,
  "inu_med": 1.3374006748199463,
  "inu_range": 0.3373938500881193,
  "provenance": {
    "md5sum": "65c9a4de7faef4eff06f3e0e23f298d3",
    "settings": {
      "testing": false
    },
    "software": "mriqc",
    "version": "0.16.1",
    "warnings": {
      "large_rot_frame": true,
      "small_air_mask": false
    },
    "webapi_port": null,
    "webapi_url": "https://mriqc.nimh.nih.gov/api/v1"
  },
  "qi_1": 0.0,
  "qi_2": 0.0175252073384276,
  "rpve_csf": 24.595917562370573,
  "rpve_gm": 11.961217824843473,
  "rpve_wm": 15.602582184550617,
  "size_x": 192,
  "size_y": 256,
  "size_z": 256,
  "snr_csf": 2.717820776647499,
  "snr_gm": 10.651072799968432,
  "snr_total": 10.840958934204636,
  "snr_wm": 19.15398322599798,
  "snrd_csf": 36.6953637466425,
  "snrd_gm": 70.63577934907116,
  "snrd_total": 68.34180767651289,
  "snrd_wm": 97.694279933825,
  "spacing_x": 0.9400064945220947,
  "spacing_y": 0.9374999403953552,
  "spacing_z": 0.9375,
  "summary_bg_k": 10.131127252911492,
  "summary_bg_mad": 6.705985069273072,
  "summary_bg_mean": 9.637631416039799,
  "summary_bg_median": 4.523118194192648,
  "summary_bg_n": 2478058.0,
  "summary_bg_p05": 0.0,
  "summary_bg_p95": 31.38262253254652,
  "summary_bg_stdv": 10.731813202579678,
  "summary_csf_k": 4.773404616803517,
  "summary_csf_mad": 171.41656896209747,
  "summary_csf_mean": 371.0790254438144,
  "summary_csf_median": 375.6142534967512,
  "summary_csf_n": 11694.0,
  "summary_csf_p05": 171.655127517879,
  "summary_csf_p95": 569.7090729447082,
  "summary_csf_stdv": 138.19829337296022,
  "summary_gm_k": -0.02811626672768508,
  "summary_gm_mad": 67.55659032749169,
  "summary_gm_mean": 724.7153938772212,
  "summary_gm_median": 723.0288194864988,
  "summary_gm_n": 24575.0,
  "summary_gm_p05": 614.6415057219565,
  "summary_gm_p95": 839.1389387603848,
  "summary_gm_stdv": 67.8818108051444,
  "summary_wm_k": 0.736989979184862,
  "summary_wm_mad": 47.76979487617978,
  "summary_wm_mean": 1000.5375691483209,
  "summary_wm_median": 1000.000007674098,
  "summary_wm_n": 279106.0,
  "summary_wm_p05": 915.4567861184478,
  "summary_wm_p95": 1086.721026878804,
  "summary_wm_stdv": 52.20836859046054,
  "tpm_overlap_csf": 0.17639778554439545,
  "tpm_overlap_gm": 0.4457521140575409,
  "tpm_overlap_wm": 0.4952996075153351,
  "wm2max": 0.43313010426068194
}