{
  "aor": 0.0014810333333333332,
  "aqi": 0.0023553474366666666,
  "bids_meta": {
    "AcquisitionMatrixPE": 64,
    "AcquisitionNumber": 1,
    "AcquisitionTime": "10:13:24.317500",
    "BandwidthPerPixelPhaseEncode": 58.962,
    "BaseResolution": 64,
    "BodyPartExamined": "HEAD",
    "ConsistencyInfo": "N4_VE11C_LATEST_20160120",
    "ConversionSoftware": "dcm2niix",
    "ConversionSoftwareVersion": "v1.0.20181125  GCC5.3.1",
    "DerivedVendorReportedEchoSpacing": 0.000530002,
    "DeviceSerialNumber": "167013",
    "DwellTime": 3.5e-06,
    "EchoTime": 0.03,
    "EchoTrainLength": 31,
    "EffectiveEchoSpacing": 0.000265001,
    "FlipAngle": 90,
    "ImageOrientationPatientDICOM": [
      0.999503,
      0.028511,
      -0.0134359,
      -0.0256492,
      0.98352,
      0.178973
    ],
    "ImageType": [
      "ORIGINAL",
      "PRIMARY",
      "M",
      "ND",
      "MOSAIC"
    ],
    "ImagingFrequency": 123.249,
    "InPlanePhaseEncodingDirectionDICOM": "COL",
    "InstitutionAddress": "Whiteknights_Campus_StreetNo_Reading_District_GB_RG6_7BE",
    "InstitutionName": "UoR",
    "InstitutionalDepartmentName": "Department",
    "MRAcquisitionType": "2D",
    "MagneticFieldStrength": 3,
    "Manufacturer": "Siemens",
    "ManufacturersModelName": "Prisma_fit",
    "Modality": "MR",
    "ParallelReductionFactorInPlane": 2,
    "PartialFourier": 1,
    "PatientPosition": "HFS",
    "PercentPhaseFOV": 100,
    "PhaseEncodingDirection": "j",
    "PhaseEncodingSteps": 63,
    "PhaseResolution": 1,
    "PixelBandwidth": 2230,
    "ProcedureStepDescription": "head_Kou_Murayama",
    "ProtocolName": "ep2d_bold_PtoA_iPAT2_PreResting",
    "PulseSequenceDetails": "%SiemensSeq%_ep2d_bold",
    "ReceiveCoilActiveElements": "HEA;HEP",
    "ReceiveCoilName": "Head_32",
    "ReconMatrixPE": 64,
    "RepetitionTime": 2,
    "SAR": 0.115903,
    "ScanOptions": "FS",
    "ScanningSequence": "EP",
    "SequenceName": "_epfid2d1_64",
    "SequenceVariant": "SK",
    "SeriesDescription": "ep2d_bold_PtoA_iPAT2_PreResting",
    "SeriesNumber": 6,
    "ShimSetting": [
      3362,
      -11963,
      11501,
      458,
      -51,
      -63,
      103,
      -5
    ],
    "SliceThickness": 3,
    "SliceTiming": [
      0,
      1.0175,
      0.0525,
      1.07,
      0.1075,
      1.1225,
      0.16,
      1.1775,
      0.215,
      1.23,
      0.2675,
      1.285,
      0.32,
      1.3375,
      0.375,
      1.39,
      0.4275,
      1.445,
      0.4825,
      1.4975,
      0.535,
      1.5525,
      0.5875,
      1.605,
      0.6425,
      1.6575,
      0.695,
      1.7125,
      0.75,
      1.765,
      0.8025,
      1.82,
      0.855,
      1.8725,
      0.91,
      1.925,
      0.9625
    ],
    "SoftwareVersions": "syngo_MR_E11",
    "SpacingBetweenSlices": 3.75,
    "StationName": "AWP167013",
    "TaskName": "rest",
    "TotalReadoutTime": 0.0166951,
    "TxRefAmp": 237.635,
    "dataset": "<unset>",
    "modality": "bold",
    "run_id": 1,
    "subject_id": "experimental014",
    "task_id": "rest"
  },
  "dummy_trs": 0,
  "dvars_nstd": 20.271724837959855,
  "dvars_std": 1.087486620769231,
  "dvars_vstd": 0.9706644081605352,
  "efc": 0.5385153558611989,
  "fber": 776557.4375,
  "fd_mean": 0.07866379452163227,
  "fd_num": 0,
  "fd_perc": 0.0,
  "fwhm_avg": 3.015641155735197,
  "fwhm_x": 2.9148364350162796,
  "fwhm_y": 3.2575000000000003,
  "fwhm_z": 2.87458703218931,
  "gcor": 0.0155861,
  "gsr_x": -0.025087477639317513,
  "gsr_y": 0.11033332347869873,
  "provenance": {
    "md5sum": "446de5837d6b0f7912b9806ca2004c9c",
    "settings": {
      "fd_thres": 0.5,
      "testing": false
    },
    "software": "mriqc",
    "version": "0.16.1",
    "webapi_port": null,
    "webapi_url": "https://mriqc.nimh.nih.gov/api/v1"
  },
  "size_t": 300,
  "size_x": 64,
  "size_y": 64,
  "size_z": 37,
  "snr": 2.0423511325762496,
  "spacing_tr": 2.0,
  "spacing_x": 3.000000238418579,
  "spacing_y": 3.0,
  "spacing_z": 3.749999523162842,
  "summary_bg_k": 12.528730002978431,
  "summary_bg_mad": 0.6236057362381852,
  "summary_bg_mean": 26.175569534301758,
  "summary_bg_median": 0.42223629355430603,
  "summary_bg_n": 71793.0,
  "summary_bg_p05": 0.0008595959283411506,
  "summary_bg_p95": 169.87650756835896,
  "summary_bg_stdv": 59.47434997558594,
  "summary_fg_k": 1.1201163147681532,
  "summary_fg_mad": 249.09972755531334,
  "summary_fg_mean": 613.0399169921875,
  "summary_fg_median": 551.482666015625,
  "summary_fg_n": 37530.0,
  "summary_fg_p05": 283.93458404541013,
  "summary_fg_p95": 1132.3639160156245,
  "summary_fg_stdv": 270.01983642578125,
  "tsnr": 59.38187789916992
}