{
  "aor": 0.004414765625000001,
  "aqi": 0.002721955015625,
  "bids_meta": {
    "AcquisitionMatrixPE": 64,
    "AcquisitionNumber": 1,
    "AcquisitionTime": "10:25:48.745000",
    "BandwidthPerPixelPhaseEncode": 58.962,
    "BaseResolution": 64,
    "BodyPartExamined": "HEAD",
    "ConsistencyInfo": "N4_VE11C_LATEST_20160120",
    "ConversionSoftware": "dcm2niix",
    "ConversionSoftwareVersion": "v1.0.20181125  GCC5.3.1",
    "DerivedVendorReportedEchoSpacing": 0.000530002,
    "DeviceSerialNumber": "167013",
    "DwellTime": 3.5e-06,
    "EchoTime": 0.03,
    "EchoTrainLength": 31,
    "EffectiveEchoSpacing": 0.000265001,
    "FlipAngle": 90,
    "ImageOrientationPatientDICOM": [
      0.999503,
      0.028511,
      -0.0134359,
      -0.0256492,
      0.98352,
      0.178973
    ],
    "ImageType": [
      "ORIGINAL",
      "PRIMARY",
      "M",
      "ND",
      "MOSAIC"
    ],
    "ImagingFrequency": 123.249,
    "InPlanePhaseEncodingDirectionDICOM": "COL",
    "InstitutionAddress": "Whiteknights_Campus_StreetNo_Reading_District_GB_RG6_7BE",
    "InstitutionName": "UoR",
    "InstitutionalDepartmentName": "Department",
    "MRAcquisitionType": "2D",
    "MagneticFieldStrength": 3,
    "Manufacturer": "Siemens",
    "ManufacturersModelName": "Prisma_fit",
    "Modality": "MR",
    "ParallelReductionFactorInPlane": 2,
    "PartialFourier": 1,
    "PatientPosition": "HFS",
    "PercentPhaseFOV": 100,
    "PhaseEncodingDirection": "j",
    "PhaseEncodingSteps": 63,
    "PhaseResolution": 1,
    "PixelBandwidth": 2230,
    "ProcedureStepDescription": "head_Kou_Murayama",
    "ProtocolName": "ep2d_bold_PtoA_iPAT2_MagicTrick_Run1",
    "PulseSequenceDetails": "%SiemensSeq%_ep2d_bold",
    "ReceiveCoilActiveElements": "HEA;HEP",
    "ReceiveCoilName": "Head_32",
    "ReconMatrixPE": 64,
    "RepetitionTime": 2,
    "SAR": 0.116054,
    "ScanOptions": "FS",
    "ScanningSequence": "EP",
    "SequenceName": "_epfid2d1_64",
    "SequenceVariant": "SK",
    "SeriesDescription": "ep2d_bold_PtoA_iPAT2_MagicTrick_Run1",
    "SeriesNumber": 9,
    "ShimSetting": [
      3362,
      -11963,
      11501,
      458,
      -51,
      -63,
      103,
      -5
    ],
    "SliceThickness": 3,
    "SliceTiming": [
      0,
      1.0175,
      0.055,
      1.07,
      0.1075,
      1.125,
      0.16,
      1.1775,
      0.215,
      1.2325,
      0.2675,
      1.285,
      0.3225,
      1.3375,
      0.375,
      1.3925,
      0.4275,
      1.445,
      0.4825,
      1.5,
      0.535,
      1.5525,
      0.59,
      1.605,
      0.6425,
      1.66,
      0.6975,
      1.7125,
      0.75,
      1.7675,
      0.8025,
      1.82,
      0.8575,
      1.8725,
      0.91,
      1.9275,
      0.965
    ],
    "SoftwareVersions": "syngo_MR_E11",
    "SpacingBetweenSlices": 3.75,
    "StationName": "AWP167013",
    "TaskName": "magictrickwatching",
    "TotalReadoutTime": 0.0166951,
    "TxRefAmp": 237.635,
    "dataset": "<unset>",
    "modality": "bold",
    "run_id": 1,
    "subject_id": "experimental014",
    "task_id": "magictrickwatching"
  },
  "dummy_trs": 1,
  "dvars_nstd": 20.313178194516965,
  "dvars_std": 1.1099937014099224,
  "dvars_vstd": 1.0023344273629244,
  "efc": 0.5403500649716092,
  "fber": 160105.328125,
  "fd_mean": 0.07119837584543551,
  "fd_num": 0,
  "fd_perc": 0.0,
  "fwhm_avg": 2.9451732890478337,
  "fwhm_x": 2.8627397724898835,
  "fwhm_y": 3.2174730776315466,
  "fwhm_z": 2.7553070170220715,
  "gcor": 0.0212059,
  "gsr_x": -0.023625006899237633,
  "gsr_y": 0.10859555006027222,
  "provenance": {
    "md5sum": "bcd469fe413ef64e11f1b5bcee5b120a",
    "settings": {
      "fd_thres": 0.5,
      "testing": false
    },
    "software": "mriqc",
    "version": "0.16.1",
    "webapi_port": null,
    "webapi_url": "https://mriqc.nimh.nih.gov/api/v1"
  },
  "size_t": 384,
  "size_x": 64,
  "size_y": 64,
  "size_z": 37,
  "snr": 2.054729534220053,
  "spacing_tr": 2.0,
  "spacing_x": 3.000000238418579,
  "spacing_y": 3.000000238418579,
  "spacing_z": 3.749999523162842,
  "summary_bg_k": 11.830954735676483,
  "summary_bg_mad": 1.3548490543506937,
  "summary_bg_mean": 27.140090942382812,
  "summary_bg_median": 0.9138318300247192,
  "summary_bg_n": 71948.0,
  "summary_bg_p05": 0.0,
  "summary_bg_p95": 174.0494087219236,
  "summary_bg_stdv": 60.24699401855469,
  "summary_fg_k": 1.0855869919578849,
  "summary_fg_mad": 247.9515569254944,
  "summary_fg_mean": 614.010986328125,
  "summary_fg_median": 552.34912109375,
  "summary_fg_n": 37460.0,
  "summary_fg_p05": 287.5401138305664,
  "summary_fg_p95": 1131.1701721191398,
  "summary_fg_stdv": 268.8148193359375,
  "tsnr": 56.73149871826172
}