{
  "aor": 0.0044085618729096995,
  "aqi": 0.00499327933110368,
  "bids_meta": {
    "AcquisitionMatrixPE": 64,
    "AcquisitionNumber": 1,
    "AcquisitionTime": "16:03:20.070000",
    "BandwidthPerPixelPhaseEncode": 58.962,
    "BaseResolution": 64,
    "BodyPartExamined": "HEAD",
    "ConsistencyInfo": "N4_VE11C_LATEST_20160120",
    "ConversionSoftware": "dcm2niix",
    "ConversionSoftwareVersion": "v1.0.20181125  GCC5.3.1",
    "DerivedVendorReportedEchoSpacing": 0.000530002,
    "DeviceSerialNumber": "167013",
    "DwellTime": 3.5e-06,
    "EchoTime": 0.03,
    "EchoTrainLength": 31,
    "EffectiveEchoSpacing": 0.000265001,
    "FlipAngle": 90,
    "ImageOrientationPatientDICOM": [
      0.999516,
      -0.021336,
      0.0226328,
      0.0209368,
      0.999624,
      0.0177276
    ],
    "ImageType": [
      "ORIGINAL",
      "PRIMARY",
      "M",
      "ND",
      "MOSAIC"
    ],
    "ImagingFrequency": 123.248,
    "InPlanePhaseEncodingDirectionDICOM": "COL",
    "InstitutionAddress": "Whiteknights_Campus_StreetNo_Reading_District_GB_RG6_7BE",
    "InstitutionName": "UoR",
    "InstitutionalDepartmentName": "Department",
    "MRAcquisitionType": "2D",
    "MagneticFieldStrength": 3,
    "Manufacturer": "Siemens",
    "ManufacturersModelName": "Prisma_fit",
    "Modality": "MR",
    "ParallelReductionFactorInPlane": 2,
    "PartialFourier": 1,
    "PatientPosition": "HFS",
    "PercentPhaseFOV": 100,
    "PhaseEncodingDirection": "j",
    "PhaseEncodingSteps": 63,
    "PhaseResolution": 1,
    "PixelBandwidth": 2230,
    "ProcedureStepDescription": "head_Kou_Murayama",
    "ProtocolName": "ep2d_bold_PtoA_iPAT2_PreResting",
    "PulseSequenceDetails": "%SiemensSeq%_ep2d_bold",
    "ReceiveCoilActiveElements": "HEA;HEP",
    "ReceiveCoilName": "Head_32",
    "ReconMatrixPE": 64,
    "RepetitionTime": 2,
    "SAR": 0.109434,
    "ScanOptions": "FS",
    "ScanningSequence": "EP",
    "SequenceName": "_epfid2d1_64",
    "SequenceVariant": "SK",
    "SeriesDescription": "ep2d_bold_PtoA_iPAT2_PreResting",
    "SeriesNumber": 6,
    "ShimSetting": [
      3389,
      -11956,
      11478,
      517,
      21,
      -88,
      54,
      23
    ],
    "SliceThickness": 3,
    "SliceTiming": [
      0,
      1.0175,
      0.0525,
      1.07,
      0.1075,
      1.125,
      0.16,
      1.1775,
      0.215,
      1.23,
      0.2675,
      1.285,
      0.3225,
      1.3375,
      0.375,
      1.3925,
      0.4275,
      1.445,
      0.4825,
      1.4975,
      0.535,
      1.5525,
      0.59,
      1.605,
      0.6425,
      1.66,
      0.695,
      1.7125,
      0.75,
      1.765,
      0.8025,
      1.82,
      0.8575,
      1.8725,
      0.91,
      1.9275,
      0.9625
    ],
    "SoftwareVersions": "syngo_MR_E11",
    "SpacingBetweenSlices": 3.75,
    "StationName": "AWP167013",
    "TaskName": "rest",
    "TotalReadoutTime": 0.0166951,
    "TxRefAmp": 234.882,
    "dataset": "<unset>",
    "modality": "bold",
    "run_id": 1,
    "subject_id": "experimental020",
    "task_id": "rest"
  },
  "dummy_trs": 1,
  "dvars_nstd": 24.139469985469795,
  "dvars_std": 1.1447965017785227,
  "dvars_vstd": 1.0111562316442948,
  "efc": 0.4780823573059739,
  "fber": 1296986.375,
  "fd_mean": 0.15537891279601898,
  "fd_num": 3,
  "fd_perc": 1.0033444816053512,
  "fwhm_avg": 3.0026253148181663,
  "fwhm_x": 2.94965619783144,
  "fwhm_y": 3.1882197466230595,
  "fwhm_z": 2.8699999999999997,
  "gcor": 0.0478035,
  "gsr_x": 0.008794642053544521,
  "gsr_y": 0.04640209674835205,
  "provenance": {
    "md5sum": "15f012e4cf6290776764cb9ff9eef31b",
    "settings": {
      "fd_thres": 0.5,
      "testing": false
    },
    "software": "mriqc",
    "version": "0.16.1",
    "webapi_port": null,
    "webapi_url": "https://mriqc.nimh.nih.gov/api/v1"
  },
  "size_t": 299,
  "size_x": 64,
  "size_y": 64,
  "size_z": 37,
  "snr": 2.3216869690927266,
  "spacing_tr": 2.0,
  "spacing_x": 3.000000476837158,
  "spacing_y": 3.000000238418579,
  "spacing_z": 3.75,
  "summary_bg_k": 25.923378952637847,
  "summary_bg_mad": 0.5297242121930454,
  "summary_bg_mean": 19.6235294342041,
  "summary_bg_median": 0.3629578649997711,
  "summary_bg_n": 85400.0,
  "summary_bg_p05": 0.0019271835742983967,
  "summary_bg_p95": 127.30272789001476,
  "summary_bg_stdv": 53.37517547607422,
  "summary_fg_k": 0.17988462089486035,
  "summary_fg_mad": 209.94865420988853,
  "summary_fg_mean": 515.9906005859375,
  "summary_fg_median": 477.716064453125,
  "summary_fg_n": 29344.0,
  "summary_fg_p05": 247.62882308959962,
  "summary_fg_p95": 896.6744049072265,
  "summary_fg_stdv": 205.75897216796875,
  "tsnr": 48.59733581542969
}