{
  "bids_meta": {
    "AcquisitionMatrixPE": 256,
    "AcquisitionNumber": 1,
    "AcquisitionTime": "12:40:51.302500",
    "BaseResolution": 256,
    "BodyPartExamined": "HEAD",
    "ConsistencyInfo": "N4_VE11C_LATEST_20160120",
    "ConversionSoftware": "dcm2niix",
    "ConversionSoftwareVersion": "v1.0.20181125  GCC5.3.1",
    "DeviceSerialNumber": "167013",
    "DwellTime": 9.8e-06,
    "EchoTime": 0.00229,
    "FlipAngle": 8,
    "ImageOrientationPatientDICOM": [
      0.0357084,
      0.92466,
      0.379117,
      0.0246755,
      0.378427,
      -0.925302
    ],
    "ImageType": [
      "ORIGINAL",
      "PRIMARY",
      "M",
      "ND",
      "NORM"
    ],
    "ImagingFrequency": 123.249,
    "InPlanePhaseEncodingDirectionDICOM": "ROW",
    "InstitutionAddress": "Whiteknights_Campus_StreetNo_Reading_District_GB_RG6_7BE",
    "InstitutionName": "UoR",
    "InstitutionalDepartmentName": "Department",
    "InversionTime": 0.9,
    "MRAcquisitionType": "3D",
    "MagneticFieldStrength": 3,
    "Manufacturer": "Siemens",
    "ManufacturersModelName": "Prisma_fit",
    "Modality": "MR",
    "PartialFourier": 1,
    "PatientPosition": "HFS",
    "PercentPhaseFOV": 100,
    "PhaseEncodingSteps": 255,
    "PhaseResolution": 1,
    "PixelBandwidth": 200,
    "ProcedureStepDescription": "head_Kou_Murayama",
    "ProtocolName": "t1_mprage_sag_p2_iso_192",
    "PulseSequenceDetails": "%SiemensSeq%_tfl",
    "ReceiveCoilActiveElements": "HEA;HEP",
    "ReceiveCoilName": "Head_32",
    "ReconMatrixPE": 256,
    "RepetitionTime": 2.3,
    "SAR": 0.0522308,
    "ScanOptions": "IR",
    "ScanningSequence": "GR_IR",
    "SequenceName": "_tfl3d1_16ns",
    "SequenceVariant": "SK_SP_MP",
    "SeriesDescription": "t1_mprage_sag_p2_iso_192",
    "SeriesNumber": 13,
    "ShimSetting": [
      3382,
      -11946,
      11206,
      -4,
      -40,
      -152,
      -34,
      21
    ],
    "SliceThickness": 0.94,
    "SoftwareVersions": "syngo_MR_E11",
    "StationName": "AWP167013",
    "TxRefAmp": 228.848,
    "dataset": "<unset>",
    "modality": "T1w",
    "rec_id": "NORM",
    "subject_id": "experimental036"
  },
  "cjv": 0.3243099967498794,
  "cnr": 4.052579784542106,
  "efc": 0.519600318945957,
  "fber": 7994.630637440161,
  "fwhm_avg": 3.9570621696322195,
  "fwhm_x": 4.024455591126595,
  "fwhm_y": 3.8972160000000002,
  "fwhm_z": 3.9495149177700624,
  "icvs_csf": 0.20193444694654453,
  "icvs_gm": 0.43940430465978714,
  "icvs_wm": 0.3586612483936683,
  "inu_med": 1.1864778995513916,
  "inu_range": 0.32575162053108175,
  "provenance": {
    "md5sum": "67d9878ebce2f94f6d04c0f4ef0fc1b5",
    "settings": {
      "testing": false
    },
    "software": "mriqc",
    "version": "0.16.1",
    "warnings": {
      "large_rot_frame": true,
      "small_air_mask": false
    },
    "webapi_port": null,
    "webapi_url": "https://mriqc.nimh.nih.gov/api/v1"
  },
  "qi_1": 0.0,
  "qi_2": 0.0075668389154737795,
  "rpve_csf": 25.21655479175091,
  "rpve_gm": 12.71044651796412,
  "rpve_wm": 18.688795204138074,
  "size_x": 192,
  "size_y": 256,
  "size_z": 256,
  "snr_csf": 3.11770921996688,
  "snr_gm": 12.21588498641126,
  "snr_total": 11.82749376128614,
  "snr_wm": 20.148887077480282,
  "snrd_csf": 42.168241637092784,
  "snrd_gm": 79.5739689575545,
  "snrd_total": 78.83048365922917,
  "snrd_wm": 114.74924038304023,
  "spacing_x": 0.9400029182434082,
  "spacing_y": 0.9375,
  "spacing_z": 0.9374999403953552,
  "summary_bg_k": 9.633239199615423,
  "summary_bg_mad": 5.709287199437643,
  "summary_bg_mean": 5.8220376737910255,
  "summary_bg_median": 3.8508556969463825,
  "summary_bg_n": 2740093.0,
  "summary_bg_p05": 0.0,
  "summary_bg_p95": 15.770170949399471,
  "summary_bg_stdv": 5.993374607579966,
  "summary_csf_k": 0.7255148922434413,
  "summary_csf_mad": 147.0821130902745,
  "summary_csf_mean": 365.5193082017577,
  "summary_csf_median": 367.4816579371691,
  "summary_csf_n": 13879.0,
  "summary_csf_p05": 189.828848451376,
  "summary_csf_p95": 547.0109955165534,
  "summary_csf_stdv": 117.86487866784115,
  "summary_gm_k": 0.07848909235856949,
  "summary_gm_mad": 56.36788314365419,
  "summary_gm_mean": 693.3122256747253,
  "summary_gm_median": 693.4596489183605,
  "summary_gm_n": 48040.0,
  "summary_gm_p05": 599.7554936259985,
  "summary_gm_p95": 786.6136819683015,
  "summary_gm_stdv": 56.76645057879785,
  "summary_wm_k": 1.1895573774150883,
  "summary_wm_mad": 43.04621301163302,
  "summary_wm_mean": 996.7481592491913,
  "summary_wm_median": 999.999987334013,
  "summary_wm_n": 224258.0,
  "summary_wm_p05": 907.0293283648789,
  "summary_wm_p95": 1071.026881299913,
  "summary_wm_stdv": 49.63042146751391,
  "tpm_overlap_csf": 0.17079706490039825,
  "tpm_overlap_gm": 0.4582485556602478,
  "tpm_overlap_wm": 0.5056737661361694,
  "wm2max": 0.3758500275684617
}