{
  "bids_meta": {
    "AcquisitionMatrixPE": 256,
    "AcquisitionNumber": 1,
    "AcquisitionTime": "19:30:59.370000",
    "BaseResolution": 256,
    "BodyPartExamined": "HEAD",
    "ConsistencyInfo": "N4_VE11C_LATEST_20160120",
    "ConversionSoftware": "dcm2niix",
    "ConversionSoftwareVersion": "v1.0.20181125  GCC5.3.1",
    "DeviceSerialNumber": "167013",
    "DwellTime": 9.8e-06,
    "EchoTime": 0.00229,
    "FlipAngle": 8,
    "ImageOrientationPatientDICOM": [
      -0.028297,
      0.997654,
      0.0623332,
      -0.0968975,
      0.0593268,
      -0.993525
    ],
    "ImageType": [
      "ORIGINAL",
      "PRIMARY",
      "M",
      "ND",
      "NORM"
    ],
    "ImagingFrequency": 123.249,
    "InPlanePhaseEncodingDirectionDICOM": "ROW",
    "InstitutionAddress": "Whiteknights_Campus_StreetNo_Reading_District_GB_RG6_7BE",
    "InstitutionName": "UoR",
    "InstitutionalDepartmentName": "Department",
    "InversionTime": 0.9,
    "MRAcquisitionType": "3D",
    "MagneticFieldStrength": 3,
    "Manufacturer": "Siemens",
    "ManufacturersModelName": "Prisma_fit",
    "Modality": "MR",
    "PartialFourier": 1,
    "PatientPosition": "HFS",
    "PercentPhaseFOV": 100,
    "PhaseEncodingSteps": 255,
    "PhaseResolution": 1,
    "PixelBandwidth": 200,
    "ProcedureStepDescription": "head_Kou_Murayama",
    "ProtocolName": "t1_mprage_sag_p2_iso_192",
    "PulseSequenceDetails": "%SiemensSeq%_tfl",
    "ReceiveCoilActiveElements": "HEA;HEP",
    "ReceiveCoilName": "Head_32",
    "ReconMatrixPE": 256,
    "RepetitionTime": 2.3,
    "SAR": 0.0743239,
    "ScanOptions": "IR",
    "ScanningSequence": "GR_IR",
    "SequenceName": "_tfl3d1_16ns",
    "SequenceVariant": "SK_SP_MP",
    "SeriesDescription": "t1_mprage_sag_p2_iso_192",
    "SeriesNumber": 13,
    "ShimSetting": [
      3382,
      -11946,
      11206,
      -4,
      -40,
      -152,
      -34,
      21
    ],
    "SliceThickness": 0.94,
    "SoftwareVersions": "syngo_MR_E11",
    "StationName": "AWP167013",
    "TxRefAmp": 283.366,
    "dataset": "<unset>",
    "modality": "T1w",
    "rec_id": "NORM",
    "subject_id": "control007"
  },
  "cjv": 0.36145459048660256,
  "cnr": 3.711457936157194,
  "efc": 0.6099574581846422,
  "fber": 4030.0819988102317,
  "fwhm_avg": 4.239265261246461,
  "fwhm_x": 4.214585117072717,
  "fwhm_y": 4.31456,
  "fwhm_z": 4.188650666666667,
  "icvs_csf": 0.20686346808341802,
  "icvs_gm": 0.40561052464386516,
  "icvs_wm": 0.38752600727271685,
  "inu_med": 1.2121952772140503,
  "inu_range": 0.43023053407669054,
  "provenance": {
    "md5sum": "476ffdabe47e1c378774e4d5af9d48e2",
    "settings": {
      "testing": false
    },
    "software": "mriqc",
    "version": "0.16.1",
    "warnings": {
      "large_rot_frame": true,
      "small_air_mask": false
    },
    "webapi_port": null,
    "webapi_url": "https://mriqc.nimh.nih.gov/api/v1"
  },
  "qi_1": 0.0,
  "qi_2": 0.012120277718238953,
  "rpve_csf": 17.507795115905697,
  "rpve_gm": 9.44477260706593,
  "rpve_wm": 12.330041479337439,
  "size_x": 192,
  "size_y": 256,
  "size_z": 256,
  "snr_csf": 3.2913101598144294,
  "snr_gm": 11.6611033129407,
  "snr_total": 12.65080212719161,
  "snr_wm": 22.999992908819703,
  "snrd_csf": 46.05328239200722,
  "snrd_gm": 81.13097652944971,
  "snrd_total": 80.00244258813764,
  "snrd_wm": 112.82306884295603,
  "spacing_x": 0.9399999976158142,
  "spacing_y": 0.9375,
  "spacing_z": 0.9375,
  "summary_bg_k": 12.248965579736925,
  "summary_bg_mad": 5.806759191915228,
  "summary_bg_mean": 5.715993760003669,
  "summary_bg_median": 3.9165995568037033,
  "summary_bg_n": 2290006.0,
  "summary_bg_p05": 0.0,
  "summary_bg_p95": 15.89678643643856,
  "summary_bg_stdv": 5.9291959980222,
  "summary_csf_k": -0.4845818534564019,
  "summary_csf_mad": 135.26333176461355,
  "summary_csf_mean": 399.9573919048796,
  "summary_csf_median": 408.1903096921742,
  "summary_csf_n": 29808.0,
  "summary_csf_p05": 194.41021050084385,
  "summary_csf_p95": 591.5591652659698,
  "summary_csf_stdv": 124.01853451124792,
  "summary_gm_k": 0.09558770136942041,
  "summary_gm_mad": 60.7147909625254,
  "summary_gm_mean": 721.1103000820895,
  "summary_gm_median": 719.0991980396211,
  "summary_gm_n": 46392.0,
  "summary_gm_p05": 623.488091211766,
  "summary_gm_p95": 825.884133014828,
  "summary_gm_stdv": 61.665815699431704,
  "summary_wm_k": 0.634124138435125,
  "summary_wm_mad": 40.81810137846293,
  "summary_wm_mean": 999.7564007890202,
  "summary_wm_median": 1000.000022135675,
  "summary_wm_n": 389121.0,
  "summary_wm_p05": 927.8309155963361,
  "summary_wm_p95": 1069.7500524781644,
  "summary_wm_stdv": 43.4782193695373,
  "tpm_overlap_csf": 0.13742753863334656,
  "tpm_overlap_gm": 0.41726091504096985,
  "tpm_overlap_wm": 0.4665997326374054,
  "wm2max": 0.3650658400616048
}