{
  "bids_meta": {
    "AcquisitionMatrixPE": 256,
    "AcquisitionNumber": 1,
    "AcquisitionTime": "16:13:30.342500",
    "BaseResolution": 256,
    "BodyPartExamined": "HEAD",
    "ConsistencyInfo": "N4_VE11C_LATEST_20160120",
    "ConversionSoftware": "dcm2niix",
    "ConversionSoftwareVersion": "v1.0.20181125  GCC5.3.1",
    "DeviceSerialNumber": "167013",
    "DwellTime": 9.8e-06,
    "EchoTime": 0.00229,
    "FlipAngle": 8,
    "ImageOrientationPatientDICOM": [
      -0.0860849,
      0.931478,
      0.353467,
      -0.0254508,
      0.352612,
      -0.935423
    ],
    "ImageType": [
      "ORIGINAL",
      "PRIMARY",
      "M",
      "ND",
      "NORM"
    ],
    "ImagingFrequency": 123.249,
    "InPlanePhaseEncodingDirectionDICOM": "ROW",
    "InstitutionAddress": "Whiteknights_Campus_StreetNo_Reading_District_GB_RG6_7BE",
    "InstitutionName": "UoR",
    "InstitutionalDepartmentName": "Department",
    "InversionTime": 0.9,
    "MRAcquisitionType": "3D",
    "MagneticFieldStrength": 3,
    "Manufacturer": "Siemens",
    "ManufacturersModelName": "Prisma_fit",
    "Modality": "MR",
    "PartialFourier": 1,
    "PatientPosition": "HFS",
    "PercentPhaseFOV": 100,
    "PhaseEncodingSteps": 255,
    "PhaseResolution": 1,
    "PixelBandwidth": 200,
    "ProcedureStepDescription": "head_Kou_Murayama",
    "ProtocolName": "t1_mprage_sag_p2_iso_192",
    "PulseSequenceDetails": "%SiemensSeq%_tfl",
    "ReceiveCoilActiveElements": "HEA;HEP",
    "ReceiveCoilName": "Head_32",
    "ReconMatrixPE": 256,
    "RepetitionTime": 2.3,
    "SAR": 0.0535213,
    "ScanOptions": "IR",
    "ScanningSequence": "GR_IR",
    "SequenceName": "_tfl3d1_16ns",
    "SequenceVariant": "SK_SP_MP",
    "SeriesDescription": "t1_mprage_sag_p2_iso_192",
    "SeriesNumber": 13,
    "ShimSetting": [
      3382,
      -11946,
      11206,
      -4,
      -40,
      -152,
      -34,
      21
    ],
    "SliceThickness": 0.94,
    "SoftwareVersions": "syngo_MR_E11",
    "StationName": "AWP167013",
    "TxRefAmp": 217.955,
    "dataset": "<unset>",
    "modality": "T1w",
    "rec_id": "NORM",
    "subject_id": "experimental028"
  },
  "cjv": 0.32946715966791157,
  "cnr": 4.026879890435193,
  "efc": 0.507054014254241,
  "fber": 7308.164782867341,
  "fwhm_avg": 3.8083491830676217,
  "fwhm_x": 3.7459433055315183,
  "fwhm_y": 3.8464853333333333,
  "fwhm_z": 3.832618910338015,
  "icvs_csf": 0.18965126138996402,
  "icvs_gm": 0.4421926690977114,
  "icvs_wm": 0.3681560695123246,
  "inu_med": 1.2571161985397339,
  "inu_range": 0.27106571197509766,
  "provenance": {
    "md5sum": "599806bb283d1eb5ff0791d7f230f832",
    "settings": {
      "testing": false
    },
    "software": "mriqc",
    "version": "0.16.1",
    "warnings": {
      "large_rot_frame": true,
      "small_air_mask": false
    },
    "webapi_port": null,
    "webapi_url": "https://mriqc.nimh.nih.gov/api/v1"
  },
  "qi_1": 0.0,
  "qi_2": 0.013405414629363382,
  "rpve_csf": 27.343621367624348,
  "rpve_gm": 13.287480976366247,
  "rpve_wm": 19.155725352177388,
  "size_x": 192,
  "size_y": 256,
  "size_z": 256,
  "snr_csf": 3.1649645052219304,
  "snr_gm": 11.290103116601374,
  "snr_total": 12.267492084663438,
  "snr_wm": 22.347408632167006,
  "snrd_csf": 39.19284631930098,
  "snrd_gm": 77.66359152396065,
  "snrd_total": 76.30201778043299,
  "snrd_wm": 112.04961549803731,
  "spacing_x": 0.939998209476471,
  "spacing_y": 0.9375,
  "spacing_z": 0.9374999403953552,
  "summary_bg_k": 10.479156151669493,
  "summary_bg_mad": 5.847122864497713,
  "summary_bg_mean": 5.769769243288934,
  "summary_bg_median": 3.94382444024086,
  "summary_bg_n": 2847864.0,
  "summary_bg_p05": 0.0,
  "summary_bg_p95": 16.063870280981064,
  "summary_bg_stdv": 6.043318913875018,
  "summary_csf_k": -0.20854061714833172,
  "summary_csf_mad": 125.5705288339082,
  "summary_csf_mean": 348.1328103523538,
  "summary_csf_median": 349.7979896813631,
  "summary_csf_n": 11388.0,
  "summary_csf_p05": 181.27163799107075,
  "summary_csf_p95": 523.4994085639714,
  "summary_csf_stdv": 110.51707865395592,
  "summary_gm_k": 0.03243096570199144,
  "summary_gm_mad": 60.53911356047022,
  "summary_gm_mean": 694.0670173877664,
  "summary_gm_median": 693.1511930823326,
  "summary_gm_n": 39264.0,
  "summary_gm_p05": 593.5936736762524,
  "summary_gm_p95": 797.2777773886919,
  "summary_gm_stdv": 61.393802967469654,
  "summary_wm_k": 0.8629716268837391,
  "summary_wm_mad": 40.573328169502425,
  "summary_wm_mean": 998.7001400902855,
  "summary_wm_median": 1000.0480681210756,
  "summary_wm_n": 225035.0,
  "summary_wm_p05": 922.3258693963289,
  "summary_wm_p95": 1069.0649958252907,
  "summary_wm_stdv": 44.74996911703383,
  "tpm_overlap_csf": 0.1682823896408081,
  "tpm_overlap_gm": 0.4505302608013153,
  "tpm_overlap_wm": 0.5059434175491333,
  "wm2max": 0.46415490474036225
}