{
  "bids_meta": {
    "AcquisitionMatrixPE": 256,
    "AcquisitionNumber": 1,
    "AcquisitionTime": "18:41:6.325000",
    "BaseResolution": 256,
    "BodyPartExamined": "HEAD",
    "ConsistencyInfo": "N4_VE11C_LATEST_20160120",
    "ConversionSoftware": "dcm2niix",
    "ConversionSoftwareVersion": "v1.0.20181125  GCC5.3.1",
    "DeviceSerialNumber": "167013",
    "DwellTime": 9.8e-06,
    "EchoTime": 0.00229,
    "FlipAngle": 8,
    "ImageOrientationPatientDICOM": [
      0.0310062,
      0.996291,
      0.0802663,
      0.0861093,
      0.0773438,
      -0.993279
    ],
    "ImageType": [
      "ORIGINAL",
      "PRIMARY",
      "M",
      "ND",
      "NORM"
    ],
    "ImagingFrequency": 123.249,
    "InPlanePhaseEncodingDirectionDICOM": "ROW",
    "InstitutionAddress": "Whiteknights_Campus_StreetNo_Reading_District_GB_RG6_7BE",
    "InstitutionName": "UoR",
    "InstitutionalDepartmentName": "Department",
    "InversionTime": 0.9,
    "MRAcquisitionType": "3D",
    "MagneticFieldStrength": 3,
    "Manufacturer": "Siemens",
    "ManufacturersModelName": "Prisma_fit",
    "Modality": "MR",
    "PartialFourier": 1,
    "PatientPosition": "HFS",
    "PercentPhaseFOV": 100,
    "PhaseEncodingSteps": 255,
    "PhaseResolution": 1,
    "PixelBandwidth": 200,
    "ProcedureStepDescription": "head_Kou_Murayama",
    "ProtocolName": "t1_mprage_sag_p2_iso_192",
    "PulseSequenceDetails": "%SiemensSeq%_tfl",
    "ReceiveCoilActiveElements": "HEA;HEP",
    "ReceiveCoilName": "Head_32",
    "ReconMatrixPE": 256,
    "RepetitionTime": 2.3,
    "SAR": 0.0523705,
    "ScanOptions": "IR",
    "ScanningSequence": "GR_IR",
    "SequenceName": "_tfl3d1_16ns",
    "SequenceVariant": "SK_SP_MP",
    "SeriesDescription": "t1_mprage_sag_p2_iso_192",
    "SeriesNumber": 13,
    "ShimSetting": [
      3382,
      -11946,
      11206,
      -4,
      -40,
      -152,
      -34,
      21
    ],
    "SliceThickness": 0.94,
    "SoftwareVersions": "syngo_MR_E11",
    "StationName": "AWP167013",
    "TxRefAmp": 243.267,
    "dataset": "<unset>",
    "modality": "T1w",
    "rec_id": "NORM",
    "subject_id": "control045"
  },
  "cjv": 0.39901957784588266,
  "cnr": 3.347424963257052,
  "efc": 0.5691314102883586,
  "fber": 2964.9253208208493,
  "fwhm_avg": 3.764877194557656,
  "fwhm_x": 3.629159583672969,
  "fwhm_y": 3.8589973333333334,
  "fwhm_z": 3.8064746666666665,
  "icvs_csf": 0.22447783261705434,
  "icvs_gm": 0.3876732915149401,
  "icvs_wm": 0.38784887586800554,
  "inu_med": 1.309256911277771,
  "inu_range": 0.3266040325164794,
  "provenance": {
    "md5sum": "8a7fe824ccf3e92acccd6f6f99848ed3",
    "settings": {
      "testing": false
    },
    "software": "mriqc",
    "version": "0.16.1",
    "warnings": {
      "large_rot_frame": true,
      "small_air_mask": false
    },
    "webapi_port": null,
    "webapi_url": "https://mriqc.nimh.nih.gov/api/v1"
  },
  "qi_1": 0.0,
  "qi_2": 0.006853301771575804,
  "rpve_csf": 21.16138435185327,
  "rpve_gm": 12.299970389095238,
  "rpve_wm": 15.589042685246985,
  "size_x": 192,
  "size_y": 256,
  "size_z": 256,
  "snr_csf": 2.4053485625413518,
  "snr_gm": 11.509219865340741,
  "snr_total": 12.208142374081467,
  "snr_wm": 22.709858694362307,
  "snrd_csf": 36.30389692445935,
  "snrd_gm": 72.78156797259979,
  "snrd_total": 69.22830089123518,
  "snrd_wm": 98.59943777664637,
  "spacing_x": 0.9399999976158142,
  "spacing_y": 0.9375,
  "spacing_z": 0.9375,
  "summary_bg_k": 12.65064447333031,
  "summary_bg_mad": 6.644757741829632,
  "summary_bg_mean": 7.316017341836776,
  "summary_bg_median": 4.481820989400148,
  "summary_bg_n": 2679891.0,
  "summary_bg_p05": 0.0,
  "summary_bg_p95": 22.610535103827715,
  "summary_bg_stdv": 8.162932005378329,
  "summary_csf_k": 21.318460420100617,
  "summary_csf_mad": 156.48777783005517,
  "summary_csf_mean": 374.92607260960375,
  "summary_csf_median": 368.2143266797066,
  "summary_csf_n": 18368.0,
  "summary_csf_p05": 173.7007778627798,
  "summary_csf_p95": 580.3353890802709,
  "summary_csf_stdv": 153.0773165359506,
  "summary_gm_k": 0.05334096276493572,
  "summary_gm_mad": 63.1251985473815,
  "summary_gm_mean": 738.2159620151932,
  "summary_gm_median": 738.1911672316492,
  "summary_gm_n": 28196.0,
  "summary_gm_p05": 633.1327510615811,
  "summary_gm_p95": 845.1128123523667,
  "summary_gm_stdv": 64.13797680465689,
  "summary_wm_k": 0.6061318817725381,
  "summary_wm_mad": 41.3617504379058,
  "summary_wm_mean": 1000.4975754763119,
  "summary_wm_median": 1000.050371106714,
  "summary_wm_n": 293504.0,
  "summary_wm_p05": 928.9455257467926,
  "summary_wm_p95": 1073.1695180349052,
  "summary_wm_stdv": 44.03588242992539,
  "tpm_overlap_csf": 0.15889589488506317,
  "tpm_overlap_gm": 0.4202025830745697,
  "tpm_overlap_wm": 0.5029758810997009,
  "wm2max": 0.40019309785498475
}