{
  "aor": 0.0005799468085106383,
  "aqi": 0.0028625025265957447,
  "bids_meta": {
    "AcquisitionMatrixPE": 64,
    "AcquisitionNumber": 1,
    "AcquisitionTime": "15:07:32.492500",
    "BandwidthPerPixelPhaseEncode": 58.962,
    "BaseResolution": 64,
    "BodyPartExamined": "HEAD",
    "ConsistencyInfo": "N4_VE11C_LATEST_20160120",
    "ConversionSoftware": "dcm2niix",
    "ConversionSoftwareVersion": "v1.0.20181125  GCC5.3.1",
    "DerivedVendorReportedEchoSpacing": 0.000530002,
    "DeviceSerialNumber": "167013",
    "DwellTime": 3.5e-06,
    "EchoTime": 0.03,
    "EchoTrainLength": 31,
    "EffectiveEchoSpacing": 0.000265001,
    "FlipAngle": 90,
    "ImageOrientationPatientDICOM": [
      0.99964,
      -0.0192104,
      0.0187535,
      0.0195431,
      0.999652,
      -0.0177198
    ],
    "ImageType": [
      "ORIGINAL",
      "PRIMARY",
      "M",
      "ND",
      "MOSAIC"
    ],
    "ImagingFrequency": 123.249,
    "InPlanePhaseEncodingDirectionDICOM": "COL",
    "InstitutionAddress": "Whiteknights_Campus_StreetNo_Reading_District_GB_RG6_7BE",
    "InstitutionName": "UoR",
    "InstitutionalDepartmentName": "Department",
    "MRAcquisitionType": "2D",
    "MagneticFieldStrength": 3,
    "Manufacturer": "Siemens",
    "ManufacturersModelName": "Prisma_fit",
    "Modality": "MR",
    "ParallelReductionFactorInPlane": 2,
    "PartialFourier": 1,
    "PatientPosition": "HFS",
    "PercentPhaseFOV": 100,
    "PhaseEncodingDirection": "j",
    "PhaseEncodingSteps": 63,
    "PhaseResolution": 1,
    "PixelBandwidth": 2230,
    "ProcedureStepDescription": "head_Kou_Murayama",
    "ProtocolName": "ep2d_bold_PtoA_iPAT2_MagicTrick_Run3",
    "PulseSequenceDetails": "%SiemensSeq%_ep2d_bold",
    "ReceiveCoilActiveElements": "HEA;HEP",
    "ReceiveCoilName": "Head_32",
    "ReconMatrixPE": 64,
    "RepetitionTime": 2,
    "SAR": 0.109887,
    "ScanOptions": "FS",
    "ScanningSequence": "EP",
    "SequenceName": "_epfid2d1_64",
    "SequenceVariant": "SK",
    "SeriesDescription": "ep2d_bold_PtoA_iPAT2_MagicTrick_Run3",
    "SeriesNumber": 16,
    "ShimSetting": [
      3382,
      -11866,
      11491,
      502,
      28,
      112,
      -54,
      -18
    ],
    "SliceThickness": 3,
    "SliceTiming": [
      0,
      1.0175,
      0.055,
      1.07,
      0.1075,
      1.125,
      0.16,
      1.1775,
      0.215,
      1.2325,
      0.2675,
      1.285,
      0.3225,
      1.3375,
      0.375,
      1.3925,
      0.43,
      1.445,
      0.4825,
      1.5,
      0.535,
      1.5525,
      0.59,
      1.605,
      0.6425,
      1.66,
      0.6975,
      1.7125,
      0.75,
      1.7675,
      0.8025,
      1.82,
      0.8575,
      1.8725,
      0.91,
      1.9275,
      0.965
    ],
    "SoftwareVersions": "syngo_MR_E11",
    "SpacingBetweenSlices": 3.75,
    "StationName": "AWP167013",
    "TaskName": "magictrickwatching",
    "TotalReadoutTime": 0.0166951,
    "TxRefAmp": 230.704,
    "dataset": "<unset>",
    "modality": "bold",
    "run_id": 3,
    "subject_id": "experimental042",
    "task_id": "magictrickwatching"
  },
  "dummy_trs": 1,
  "dvars_nstd": 26.865046350853348,
  "dvars_std": 1.1786373346666668,
  "dvars_vstd": 0.9763190831200002,
  "efc": 0.4647366333971954,
  "fber": 3596581.75,
  "fd_mean": 0.09642828835778554,
  "fd_num": 0,
  "fd_perc": 0.0,
  "fwhm_avg": 2.9722198018013675,
  "fwhm_x": 2.860436439339603,
  "fwhm_y": 3.1679033333333333,
  "fwhm_z": 2.8883196327311667,
  "gcor": 0.0157725,
  "gsr_x": 0.01776304468512535,
  "gsr_y": 0.03800225630402565,
  "provenance": {
    "md5sum": "a2b780b57b586600800fe4ac2623d90d",
    "settings": {
      "fd_thres": 0.5,
      "testing": false
    },
    "software": "mriqc",
    "version": "0.16.1",
    "webapi_port": null,
    "webapi_url": "https://mriqc.nimh.nih.gov/api/v1"
  },
  "size_t": 376,
  "size_x": 64,
  "size_y": 64,
  "size_z": 37,
  "snr": 2.3370186510641564,
  "spacing_tr": 2.0,
  "spacing_x": 3.000000238418579,
  "spacing_y": 3.0,
  "spacing_z": 3.750000476837158,
  "summary_bg_k": 27.6891466271359,
  "summary_bg_mad": 0.30910248109661465,
  "summary_bg_mean": 15.19951343536377,
  "summary_bg_median": 0.21057415008544922,
  "summary_bg_n": 87014.0,
  "summary_bg_p05": 0.0009353172557894141,
  "summary_bg_p95": 97.50924835205035,
  "summary_bg_stdv": 43.461944580078125,
  "summary_fg_k": 0.09645022927833491,
  "summary_fg_mad": 190.607862134349,
  "summary_fg_mean": 473.3165588378906,
  "summary_fg_median": 438.6290588378906,
  "summary_fg_n": 28959.0,
  "summary_fg_p05": 230.56512908935548,
  "summary_fg_p95": 824.9832214355469,
  "summary_fg_stdv": 187.6842041015625,
  "tsnr": 60.050750732421875
}