{
  "bids_meta": {
    "AcquisitionMatrixPE": 256,
    "AcquisitionNumber": 1,
    "AcquisitionTime": "17:45:20.152500",
    "BaseResolution": 256,
    "BodyPartExamined": "HEAD",
    "ConsistencyInfo": "N4_VE11C_LATEST_20160120",
    "ConversionSoftware": "dcm2niix",
    "ConversionSoftwareVersion": "v1.0.20181125  GCC5.3.1",
    "DeviceSerialNumber": "167013",
    "DwellTime": 9.8e-06,
    "EchoTime": 0.00229,
    "FlipAngle": 8,
    "ImageOrientationPatientDICOM": [
      -0.000403601,
      0.951275,
      0.308343,
      0.0353429,
      0.308164,
      -0.950676
    ],
    "ImageType": [
      "ORIGINAL",
      "PRIMARY",
      "M",
      "ND",
      "NORM"
    ],
    "ImagingFrequency": 123.249,
    "InPlanePhaseEncodingDirectionDICOM": "ROW",
    "InstitutionAddress": "Whiteknights_Campus_StreetNo_Reading_District_GB_RG6_7BE",
    "InstitutionName": "UoR",
    "InstitutionalDepartmentName": "Department",
    "InversionTime": 0.9,
    "MRAcquisitionType": "3D",
    "MagneticFieldStrength": 3,
    "Manufacturer": "Siemens",
    "ManufacturersModelName": "Prisma_fit",
    "Modality": "MR",
    "PartialFourier": 1,
    "PatientPosition": "HFS",
    "PercentPhaseFOV": 100,
    "PhaseEncodingSteps": 255,
    "PhaseResolution": 1,
    "PixelBandwidth": 200,
    "ProcedureStepDescription": "head_Kou_Murayama",
    "ProtocolName": "t1_mprage_sag_p2_iso_192",
    "PulseSequenceDetails": "%SiemensSeq%_tfl",
    "ReceiveCoilActiveElements": "HEA;HEP",
    "ReceiveCoilName": "Head_32",
    "ReconMatrixPE": 256,
    "RepetitionTime": 2.3,
    "SAR": 0.0561072,
    "ScanOptions": "IR",
    "ScanningSequence": "GR_IR",
    "SequenceName": "_tfl3d1_16ns",
    "SequenceVariant": "SK_SP_MP",
    "SeriesDescription": "t1_mprage_sag_p2_iso_192",
    "SeriesNumber": 18,
    "ShimSetting": [
      3382,
      -11946,
      11206,
      -4,
      -40,
      -152,
      -34,
      21
    ],
    "SliceThickness": 0.94,
    "SoftwareVersions": "syngo_MR_E11",
    "StationName": "AWP167013",
    "TxRefAmp": 217.944,
    "dataset": "<unset>",
    "modality": "T1w",
    "rec_id": "NORM",
    "subject_id": "experimental034"
  },
  "cjv": 0.33912463304847934,
  "cnr": 3.884198626174453,
  "efc": 0.5059578136931552,
  "fber": 6225.41763331025,
  "fwhm_avg": 3.9426452186951155,
  "fwhm_x": 3.856543908737646,
  "fwhm_y": 3.9975146666666665,
  "fwhm_z": 3.973877080681033,
  "icvs_csf": 0.18992609945807468,
  "icvs_gm": 0.4518098860825986,
  "icvs_wm": 0.35826401445932676,
  "inu_med": 1.2420332431793213,
  "inu_range": 0.36330692768096906,
  "provenance": {
    "md5sum": "28e62d0557cebb27181ba09b24d844c1",
    "settings": {
      "testing": false
    },
    "software": "mriqc",
    "version": "0.16.1",
    "warnings": {
      "large_rot_frame": true,
      "small_air_mask": false
    },
    "webapi_port": null,
    "webapi_url": "https://mriqc.nimh.nih.gov/api/v1"
  },
  "qi_1": 0.0,
  "qi_2": 0.01215103213117869,
  "rpve_csf": 26.274303245205466,
  "rpve_gm": 12.438963997872191,
  "rpve_wm": 18.382772177908652,
  "size_x": 192,
  "size_y": 256,
  "size_z": 256,
  "snr_csf": 3.380181689711253,
  "snr_gm": 12.43724179871497,
  "snr_total": 11.996949937785596,
  "snr_wm": 20.173426324930563,
  "snrd_csf": 39.16767488413821,
  "snrd_gm": 70.22447520977084,
  "snrd_total": 69.62463872808448,
  "snrd_wm": 99.48176609034438,
  "spacing_x": 0.9400022625923157,
  "spacing_y": 0.9375,
  "spacing_z": 0.9375000596046448,
  "summary_bg_k": 13.790381683557857,
  "summary_bg_mad": 6.585491968323795,
  "summary_bg_mean": 6.717409037525981,
  "summary_bg_median": 4.4418468326330185,
  "summary_bg_n": 2676434.0,
  "summary_bg_p05": 0.0,
  "summary_bg_p95": 21.91700739786029,
  "summary_bg_stdv": 7.37981978903601,
  "summary_csf_k": -0.389516011781458,
  "summary_csf_mad": 128.9803262480259,
  "summary_csf_mean": 385.52837870020414,
  "summary_csf_median": 393.7171208951622,
  "summary_csf_n": 11940.0,
  "summary_csf_p05": 194.8568071052432,
  "summary_csf_p95": 562.3027417995036,
  "summary_csf_stdv": 116.47321634564173,
  "summary_gm_k": 0.09129808977807574,
  "summary_gm_mad": 55.63007689031416,
  "summary_gm_mean": 705.5871413683959,
  "summary_gm_median": 705.9029742702842,
  "summary_gm_n": 41374.0,
  "summary_gm_p05": 611.6890651360154,
  "summary_gm_p95": 799.5324298739433,
  "summary_gm_stdv": 56.756510397341586,
  "summary_wm_k": 1.0753977766058886,
  "summary_wm_mad": 44.10546594574752,
  "summary_wm_mean": 998.357899668949,
  "summary_wm_median": 999.9999908730388,
  "summary_wm_n": 220803.0,
  "summary_wm_p05": 912.5072973407805,
  "summary_wm_p95": 1074.8684881441295,
  "summary_wm_stdv": 49.570048751346704,
  "tpm_overlap_csf": 0.15082992613315582,
  "tpm_overlap_gm": 0.45118236541748047,
  "tpm_overlap_wm": 0.49311137199401855,
  "wm2max": 0.39907636329710316
}