{
  "bids_meta": {
    "AcquisitionMatrixPE": 256,
    "AcquisitionNumber": 1,
    "AcquisitionTime": "10:34:6.465000",
    "BaseResolution": 256,
    "BodyPartExamined": "HEAD",
    "ConsistencyInfo": "N4_VE11C_LATEST_20160120",
    "ConversionSoftware": "dcm2niix",
    "ConversionSoftwareVersion": "v1.0.20181125  GCC5.3.1",
    "DeviceSerialNumber": "167013",
    "DwellTime": 9.8e-06,
    "EchoTime": 0.00229,
    "FlipAngle": 8,
    "ImageOrientationPatientDICOM": [
      -0.097878,
      0.988568,
      0.114689,
      -0.0474922,
      0.110471,
      -0.992744
    ],
    "ImageType": [
      "ORIGINAL",
      "PRIMARY",
      "M",
      "ND",
      "NORM"
    ],
    "ImagingFrequency": 123.249,
    "InPlanePhaseEncodingDirectionDICOM": "ROW",
    "InstitutionAddress": "Whiteknights_Campus_StreetNo_Reading_District_GB_RG6_7BE",
    "InstitutionName": "UoR",
    "InstitutionalDepartmentName": "Department",
    "InversionTime": 0.9,
    "MRAcquisitionType": "3D",
    "MagneticFieldStrength": 3,
    "Manufacturer": "Siemens",
    "ManufacturersModelName": "Prisma_fit",
    "Modality": "MR",
    "PartialFourier": 1,
    "PatientPosition": "HFS",
    "PercentPhaseFOV": 100,
    "PhaseEncodingSteps": 255,
    "PhaseResolution": 1,
    "PixelBandwidth": 200,
    "ProcedureStepDescription": "head_Kou_Murayama",
    "ProtocolName": "t1_mprage_sag_p2_iso_192",
    "PulseSequenceDetails": "%SiemensSeq%_tfl",
    "ReceiveCoilActiveElements": "HEA;HEP",
    "ReceiveCoilName": "Head_32",
    "ReconMatrixPE": 256,
    "RepetitionTime": 2.3,
    "SAR": 0.058648,
    "ScanOptions": "IR",
    "ScanningSequence": "GR_IR",
    "SequenceName": "_tfl3d1_16ns",
    "SequenceVariant": "SK_SP_MP",
    "SeriesDescription": "t1_mprage_sag_p2_iso_192",
    "SeriesNumber": 13,
    "ShimSetting": [
      3382,
      -11946,
      11206,
      -4,
      -40,
      -152,
      -34,
      21
    ],
    "SliceThickness": 0.94,
    "SoftwareVersions": "syngo_MR_E11",
    "StationName": "AWP167013",
    "TxRefAmp": 250.764,
    "dataset": "<unset>",
    "modality": "T1w",
    "rec_id": "NORM",
    "subject_id": "control025"
  },
  "cjv": 0.3960560170633439,
  "cnr": 3.405922401729144,
  "efc": 0.5847450738280261,
  "fber": 7226.2143367346935,
  "fwhm_avg": 3.792278906260853,
  "fwhm_x": 3.7702340521158924,
  "fwhm_y": 3.788512,
  "fwhm_z": 3.818090666666667,
  "icvs_csf": 0.18329493007103467,
  "icvs_gm": 0.4389380813488507,
  "icvs_wm": 0.3777669885801146,
  "inu_med": 1.3424413204193115,
  "inu_range": 0.4337304472923278,
  "provenance": {
    "md5sum": "277f519a403492edda3b573fbc314857",
    "settings": {
      "testing": false
    },
    "software": "mriqc",
    "version": "0.16.1",
    "warnings": {
      "large_rot_frame": true,
      "small_air_mask": false
    },
    "webapi_port": null,
    "webapi_url": "https://mriqc.nimh.nih.gov/api/v1"
  },
  "qi_1": 0.0,
  "qi_2": 0.007782160159210764,
  "rpve_csf": 22.503082329063457,
  "rpve_gm": 10.522868971530656,
  "rpve_wm": 14.554916976268101,
  "size_x": 192,
  "size_y": 256,
  "size_z": 256,
  "snr_csf": 2.3336526776759494,
  "snr_gm": 11.585060563571632,
  "snr_total": 11.195211021011586,
  "snr_wm": 19.66691982178717,
  "snrd_csf": 34.65855533198399,
  "snrd_gm": 75.26953152908419,
  "snrd_total": 71.2763408941345,
  "snrd_wm": 103.90093582133534,
  "spacing_x": 0.9399999976158142,
  "spacing_y": 0.9375,
  "spacing_z": 0.9375,
  "summary_bg_k": 10.589530985530041,
  "summary_bg_mad": 6.305394285392946,
  "summary_bg_mean": 6.882102445496748,
  "summary_bg_median": 4.25292381644249,
  "summary_bg_n": 2344075.0,
  "summary_bg_p05": 0.0,
  "summary_bg_p95": 21.1395330876112,
  "summary_bg_stdv": 7.10512961396006,
  "summary_csf_k": 12.842648463730004,
  "summary_csf_mad": 125.6906169683844,
  "summary_csf_mean": 355.6901945299336,
  "summary_csf_median": 333.5730761028826,
  "summary_csf_n": 12740.0,
  "summary_csf_p05": 180.56163320690393,
  "summary_csf_p95": 584.5268527716398,
  "summary_csf_stdv": 142.93471666622003,
  "summary_gm_k": -0.10804280636244235,
  "summary_gm_mad": 63.14666924047936,
  "summary_gm_mean": 724.0838100556462,
  "summary_gm_median": 724.4355377331376,
  "summary_gm_n": 42004.0,
  "summary_gm_p05": 621.4897641763091,
  "summary_gm_p95": 827.3187682926655,
  "summary_gm_stdv": 62.53112880120836,
  "summary_wm_k": 0.8898443079769587,
  "summary_wm_mad": 45.99228772874855,
  "summary_wm_mean": 1000.426420883971,
  "summary_wm_median": 999.9999838396907,
  "summary_wm_n": 282122.0,
  "summary_wm_p05": 917.6308563947678,
  "summary_wm_p95": 1083.9952292144299,
  "summary_wm_stdv": 50.846712175407845,
  "tpm_overlap_csf": 0.1677139699459076,
  "tpm_overlap_gm": 0.44841498136520386,
  "tpm_overlap_wm": 0.4931092858314514,
  "wm2max": 0.4084035759897829
}