{
  "aor": 0.0008504999999999999,
  "aqi": 0.005666740733333333,
  "bids_meta": {
    "AcquisitionMatrixPE": 64,
    "AcquisitionNumber": 1,
    "AcquisitionTime": "11:06:14.652500",
    "BandwidthPerPixelPhaseEncode": 58.962,
    "BaseResolution": 64,
    "BodyPartExamined": "HEAD",
    "ConsistencyInfo": "N4_VE11C_LATEST_20160120",
    "ConversionSoftware": "dcm2niix",
    "ConversionSoftwareVersion": "v1.0.20181125  GCC5.3.1",
    "DerivedVendorReportedEchoSpacing": 0.000530002,
    "DeviceSerialNumber": "167013",
    "DwellTime": 3.5e-06,
    "EchoTime": 0.03,
    "EchoTrainLength": 31,
    "EffectiveEchoSpacing": 0.000265001,
    "FlipAngle": 90,
    "ImageOrientationPatientDICOM": [
      0.999509,
      0.0242512,
      0.0198277,
      -0.0249511,
      0.999046,
      0.0358482
    ],
    "ImageType": [
      "ORIGINAL",
      "PRIMARY",
      "M",
      "ND",
      "MOSAIC"
    ],
    "ImagingFrequency": 123.249,
    "InPlanePhaseEncodingDirectionDICOM": "COL",
    "InstitutionAddress": "Whiteknights_Campus_StreetNo_Reading_District_GB_RG6_7BE",
    "InstitutionName": "UoR",
    "InstitutionalDepartmentName": "Department",
    "MRAcquisitionType": "2D",
    "MagneticFieldStrength": 3,
    "Manufacturer": "Siemens",
    "ManufacturersModelName": "Prisma_fit",
    "Modality": "MR",
    "ParallelReductionFactorInPlane": 2,
    "PartialFourier": 1,
    "PatientPosition": "HFS",
    "PercentPhaseFOV": 100,
    "PhaseEncodingDirection": "j",
    "PhaseEncodingSteps": 63,
    "PhaseResolution": 1,
    "PixelBandwidth": 2230,
    "ProcedureStepDescription": "head_Kou_Murayama",
    "ProtocolName": "ep2d_bold_PtoA_iPAT2_PostResting",
    "PulseSequenceDetails": "%SiemensSeq%_ep2d_bold",
    "ReceiveCoilActiveElements": "HEA;HEP",
    "ReceiveCoilName": "Head_32",
    "ReconMatrixPE": 64,
    "RepetitionTime": 2,
    "SAR": 0.0986556,
    "ScanOptions": "FS",
    "ScanningSequence": "EP",
    "SequenceName": "_epfid2d1_64",
    "SequenceVariant": "SK",
    "SeriesDescription": "ep2d_bold_PtoA_iPAT2_PostResting",
    "SeriesNumber": 13,
    "ShimSetting": [
      3381,
      -11977,
      11456,
      308,
      -10,
      -98,
      29,
      -20
    ],
    "SliceThickness": 3,
    "SliceTiming": [
      0,
      1.0175,
      0.055,
      1.07,
      0.1075,
      1.125,
      0.16,
      1.1775,
      0.215,
      1.2325,
      0.2675,
      1.285,
      0.3225,
      1.3375,
      0.375,
      1.3925,
      0.4275,
      1.445,
      0.4825,
      1.5,
      0.535,
      1.5525,
      0.59,
      1.605,
      0.6425,
      1.66,
      0.6975,
      1.7125,
      0.75,
      1.7675,
      0.8025,
      1.82,
      0.8575,
      1.8725,
      0.91,
      1.9275,
      0.965
    ],
    "SoftwareVersions": "syngo_MR_E11",
    "SpacingBetweenSlices": 3.75,
    "StationName": "AWP167013",
    "TaskName": "rest",
    "TotalReadoutTime": 0.0166951,
    "TxRefAmp": 230.721,
    "dataset": "<unset>",
    "modality": "bold",
    "run_id": 2,
    "subject_id": "experimental008",
    "task_id": "rest"
  },
  "dummy_trs": 0,
  "dvars_nstd": 25.469138696956513,
  "dvars_std": 1.0399967250167226,
  "dvars_vstd": 0.9492136053846154,
  "efc": 0.45335321442125154,
  "fber": 2658838.0,
  "fd_mean": 0.14421877393805785,
  "fd_num": 7,
  "fd_perc": 2.3333333333333335,
  "fwhm_avg": 2.69088470077101,
  "fwhm_x": 2.4916962706222106,
  "fwhm_y": 2.933683333333333,
  "fwhm_z": 2.6472744983574867,
  "gcor": 0.0173054,
  "gsr_x": 0.028836606070399284,
  "gsr_y": 0.024923117831349373,
  "provenance": {
    "md5sum": "668d4c3390686b56b888c694ac7f265f",
    "settings": {
      "fd_thres": 0.5,
      "testing": false
    },
    "software": "mriqc",
    "version": "0.16.1",
    "webapi_port": null,
    "webapi_url": "https://mriqc.nimh.nih.gov/api/v1"
  },
  "size_t": 300,
  "size_x": 64,
  "size_y": 64,
  "size_z": 37,
  "snr": 2.837724694046305,
  "spacing_tr": 2.0,
  "spacing_x": 3.000000476837158,
  "spacing_y": 3.0,
  "spacing_z": 3.750000238418579,
  "summary_bg_k": 53.67877095371283,
  "summary_bg_mad": 0.3046478003572469,
  "summary_bg_mean": 11.974739074707031,
  "summary_bg_median": 0.2082332819700241,
  "summary_bg_n": 92130.0,
  "summary_bg_p05": 0.0012595260399393738,
  "summary_bg_p95": 68.5969596862793,
  "summary_bg_stdv": 38.54360580444336,
  "summary_fg_k": 0.5813281542123794,
  "summary_fg_mad": 121.14045102977104,
  "summary_fg_mean": 368.8994445800781,
  "summary_fg_median": 350.72607421875,
  "summary_fg_n": 26304.0,
  "summary_fg_p05": 201.00092010498048,
  "summary_fg_p95": 598.6699981689449,
  "summary_fg_stdv": 123.59176635742188,
  "tsnr": 49.85186004638672
}