{
  "aor": 0.0004323000000000001,
  "aqi": 0.0039158736,
  "bids_meta": {
    "AcquisitionMatrixPE": 64,
    "AcquisitionNumber": 1,
    "AcquisitionTime": "12:54:5.732500",
    "BandwidthPerPixelPhaseEncode": 58.962,
    "BaseResolution": 64,
    "BodyPartExamined": "HEAD",
    "ConsistencyInfo": "N4_VE11C_LATEST_20160120",
    "ConversionSoftware": "dcm2niix",
    "ConversionSoftwareVersion": "v1.0.20181125  GCC5.3.1",
    "DerivedVendorReportedEchoSpacing": 0.000530002,
    "DeviceSerialNumber": "167013",
    "DwellTime": 3.5e-06,
    "EchoTime": 0.03,
    "EchoTrainLength": 31,
    "EffectiveEchoSpacing": 0.000265001,
    "FlipAngle": 90,
    "ImageOrientationPatientDICOM": [
      0.997424,
      -0.0608751,
      -0.0379422,
      0.0639761,
      0.994175,
      0.0867315
    ],
    "ImageType": [
      "ORIGINAL",
      "PRIMARY",
      "M",
      "ND",
      "MOSAIC"
    ],
    "ImagingFrequency": 123.249,
    "InPlanePhaseEncodingDirectionDICOM": "COL",
    "InstitutionAddress": "Whiteknights_Campus_StreetNo_Reading_District_GB_RG6_7BE",
    "InstitutionName": "UoR",
    "InstitutionalDepartmentName": "Department",
    "MRAcquisitionType": "2D",
    "MagneticFieldStrength": 3,
    "Manufacturer": "Siemens",
    "ManufacturersModelName": "Prisma_fit",
    "Modality": "MR",
    "ParallelReductionFactorInPlane": 2,
    "PartialFourier": 1,
    "PatientPosition": "HFS",
    "PercentPhaseFOV": 100,
    "PhaseEncodingDirection": "j",
    "PhaseEncodingSteps": 63,
    "PhaseResolution": 1,
    "PixelBandwidth": 2230,
    "ProcedureStepDescription": "head_Kou_Murayama",
    "ProtocolName": "ep2d_bold_PtoA_iPAT2_PreResting",
    "PulseSequenceDetails": "%SiemensSeq%_ep2d_bold",
    "ReceiveCoilActiveElements": "HEA;HEP",
    "ReceiveCoilName": "Head_32",
    "ReconMatrixPE": 64,
    "RepetitionTime": 2,
    "SAR": 0.10651,
    "ScanOptions": "FS",
    "ScanningSequence": "EP",
    "SequenceName": "_epfid2d1_64",
    "SequenceVariant": "SK",
    "SeriesDescription": "ep2d_bold_PtoA_iPAT2_PreResting",
    "SeriesNumber": 6,
    "ShimSetting": [
      3362,
      -11951,
      11463,
      392,
      -40,
      -59,
      -88,
      57
    ],
    "SliceThickness": 3,
    "SliceTiming": [
      0,
      1.0175,
      0.055,
      1.07,
      0.1075,
      1.125,
      0.16,
      1.1775,
      0.215,
      1.2325,
      0.2675,
      1.285,
      0.3225,
      1.3375,
      0.375,
      1.3925,
      0.4275,
      1.445,
      0.4825,
      1.5,
      0.535,
      1.5525,
      0.59,
      1.605,
      0.6425,
      1.66,
      0.695,
      1.7125,
      0.75,
      1.7675,
      0.8025,
      1.82,
      0.8575,
      1.8725,
      0.91,
      1.9275,
      0.965
    ],
    "SoftwareVersions": "syngo_MR_E11",
    "SpacingBetweenSlices": 3.75,
    "StationName": "AWP167013",
    "TaskName": "rest",
    "TotalReadoutTime": 0.0166951,
    "TxRefAmp": 221.913,
    "dataset": "<unset>",
    "modality": "bold",
    "run_id": 1,
    "subject_id": "control037",
    "task_id": "rest"
  },
  "dummy_trs": 0,
  "dvars_nstd": 25.099089727692323,
  "dvars_std": 1.1049345352173907,
  "dvars_vstd": 0.9648749598662202,
  "efc": 0.46024238993615385,
  "fber": 3494486.25,
  "fd_mean": 0.08370364043918091,
  "fd_num": 0,
  "fd_perc": 0.0,
  "fwhm_avg": 3.0121854781856423,
  "fwhm_x": 2.9206164345569268,
  "fwhm_y": 3.261433333333333,
  "fwhm_z": 2.8545066666666665,
  "gcor": 0.020579,
  "gsr_x": 0.02841276302933693,
  "gsr_y": 0.033620331436395645,
  "provenance": {
    "md5sum": "1fc6bcb431a48f7115c120943021d202",
    "settings": {
      "fd_thres": 0.5,
      "testing": false
    },
    "software": "mriqc",
    "version": "0.16.1",
    "webapi_port": null,
    "webapi_url": "https://mriqc.nimh.nih.gov/api/v1"
  },
  "size_t": 300,
  "size_x": 64,
  "size_y": 64,
  "size_z": 37,
  "snr": 2.2392884272617666,
  "spacing_tr": 2.0,
  "spacing_x": 3.000000238418579,
  "spacing_y": 3.0,
  "spacing_z": 3.75,
  "summary_bg_k": 38.87769619117591,
  "summary_bg_mad": 0.28171514177682727,
  "summary_bg_mean": 15.547622680664062,
  "summary_bg_median": 0.19164738059043884,
  "summary_bg_n": 88359.0,
  "summary_bg_p05": 0.0007952540647238493,
  "summary_bg_p95": 92.67022705078118,
  "summary_bg_stdv": 48.22066116333008,
  "summary_fg_k": 1.7843006891983935,
  "summary_fg_mad": 156.90386336731714,
  "summary_fg_mean": 429.3377380371094,
  "summary_fg_median": 393.3128967285156,
  "summary_fg_n": 28321.0,
  "summary_fg_p05": 214.3565216064453,
  "summary_fg_p95": 771.6136474609375,
  "summary_fg_stdv": 175.63880920410156,
  "tsnr": 56.090293884277344
}