{
  "aor": 0.002579586563307494,
  "aqi": 0.007783966640826872,
  "bids_meta": {
    "AcquisitionMatrixPE": 64,
    "AcquisitionNumber": 1,
    "AcquisitionTime": "13:07:25.022500",
    "BandwidthPerPixelPhaseEncode": 58.962,
    "BaseResolution": 64,
    "BodyPartExamined": "HEAD",
    "ConsistencyInfo": "N4_VE11C_LATEST_20160120",
    "ConversionSoftware": "dcm2niix",
    "ConversionSoftwareVersion": "v1.0.20181125  GCC5.3.1",
    "DerivedVendorReportedEchoSpacing": 0.000530002,
    "DeviceSerialNumber": "167013",
    "DwellTime": 3.5e-06,
    "EchoTime": 0.03,
    "EchoTrainLength": 31,
    "EffectiveEchoSpacing": 0.000265001,
    "FlipAngle": 90,
    "ImageOrientationPatientDICOM": [
      0.997424,
      -0.0608751,
      -0.0379422,
      0.0639761,
      0.994175,
      0.0867315
    ],
    "ImageType": [
      "ORIGINAL",
      "PRIMARY",
      "M",
      "ND",
      "MOSAIC"
    ],
    "ImagingFrequency": 123.249,
    "InPlanePhaseEncodingDirectionDICOM": "COL",
    "InstitutionAddress": "Whiteknights_Campus_StreetNo_Reading_District_GB_RG6_7BE",
    "InstitutionName": "UoR",
    "InstitutionalDepartmentName": "Department",
    "MRAcquisitionType": "2D",
    "MagneticFieldStrength": 3,
    "Manufacturer": "Siemens",
    "ManufacturersModelName": "Prisma_fit",
    "Modality": "MR",
    "ParallelReductionFactorInPlane": 2,
    "PartialFourier": 1,
    "PatientPosition": "HFS",
    "PercentPhaseFOV": 100,
    "PhaseEncodingDirection": "j",
    "PhaseEncodingSteps": 63,
    "PhaseResolution": 1,
    "PixelBandwidth": 2230,
    "ProcedureStepDescription": "head_Kou_Murayama",
    "ProtocolName": "ep2d_bold_PtoA_iPAT2_MagicTrick_Run1",
    "PulseSequenceDetails": "%SiemensSeq%_ep2d_bold",
    "ReceiveCoilActiveElements": "HEA;HEP",
    "ReceiveCoilName": "Head_32",
    "ReconMatrixPE": 64,
    "RepetitionTime": 2,
    "SAR": 0.106648,
    "ScanOptions": "FS",
    "ScanningSequence": "EP",
    "SequenceName": "_epfid2d1_64",
    "SequenceVariant": "SK",
    "SeriesDescription": "ep2d_bold_PtoA_iPAT2_MagicTrick_Run1",
    "SeriesNumber": 9,
    "ShimSetting": [
      3362,
      -11951,
      11463,
      392,
      -40,
      -59,
      -88,
      57
    ],
    "SliceThickness": 3,
    "SliceTiming": [
      0,
      1.0175,
      0.0525,
      1.07,
      0.1075,
      1.1225,
      0.16,
      1.1775,
      0.2125,
      1.23,
      0.2675,
      1.285,
      0.32,
      1.3375,
      0.375,
      1.39,
      0.4275,
      1.445,
      0.4825,
      1.4975,
      0.535,
      1.5525,
      0.5875,
      1.605,
      0.6425,
      1.6575,
      0.695,
      1.7125,
      0.75,
      1.765,
      0.8025,
      1.82,
      0.855,
      1.8725,
      0.91,
      1.925,
      0.9625
    ],
    "SoftwareVersions": "syngo_MR_E11",
    "SpacingBetweenSlices": 3.75,
    "StationName": "AWP167013",
    "TaskName": "magictrickwatching",
    "TotalReadoutTime": 0.0166951,
    "TxRefAmp": 221.913,
    "dataset": "<unset>",
    "modality": "bold",
    "run_id": 1,
    "subject_id": "control037",
    "task_id": "magictrickwatching"
  },
  "dummy_trs": 0,
  "dvars_nstd": 29.039844927953375,
  "dvars_std": 1.0734307437564765,
  "dvars_vstd": 0.9693159299740937,
  "efc": 0.46527377658537417,
  "fber": 726058.625,
  "fd_mean": 0.1799191683720635,
  "fd_num": 29,
  "fd_perc": 7.493540051679586,
  "fwhm_avg": 2.9512699238196185,
  "fwhm_x": 2.8757131047921893,
  "fwhm_y": 3.2405500000000003,
  "fwhm_z": 2.737546666666667,
  "gcor": 0.0233095,
  "gsr_x": 0.03124164044857025,
  "gsr_y": 0.032981641590595245,
  "provenance": {
    "md5sum": "51e5e8148db8e1327781e949b577025c",
    "settings": {
      "fd_thres": 0.5,
      "testing": false
    },
    "software": "mriqc",
    "version": "0.16.1",
    "webapi_port": null,
    "webapi_url": "https://mriqc.nimh.nih.gov/api/v1"
  },
  "size_t": 387,
  "size_x": 64,
  "size_y": 64,
  "size_z": 37,
  "snr": 2.2958338410795243,
  "spacing_tr": 2.0,
  "spacing_x": 3.000000238418579,
  "spacing_y": 3.0,
  "spacing_z": 3.75,
  "summary_bg_k": 36.818843769795265,
  "summary_bg_mad": 0.6215102541460966,
  "summary_bg_mean": 16.078960418701172,
  "summary_bg_median": 0.4332519769668579,
  "summary_bg_n": 88244.0,
  "summary_bg_p05": 0.006177442451007665,
  "summary_bg_p95": 93.8119373321533,
  "summary_bg_stdv": 48.10480880737305,
  "summary_fg_k": 1.5324435482585663,
  "summary_fg_mad": 154.2312158744239,
  "summary_fg_mean": 423.28875732421875,
  "summary_fg_median": 389.6164855957031,
  "summary_fg_n": 28507.0,
  "summary_fg_p05": 211.92772979736327,
  "summary_fg_p95": 750.1623718261712,
  "summary_fg_stdv": 169.70289611816406,
  "tsnr": 36.95326232910156
}