{
  "aor": 0.0021828813559322036,
  "aqi": 0.007528627941888619,
  "bids_meta": {
    "AcquisitionMatrixPE": 64,
    "AcquisitionNumber": 1,
    "AcquisitionTime": "17:24:48.640000",
    "BandwidthPerPixelPhaseEncode": 58.962,
    "BaseResolution": 64,
    "BodyPartExamined": "HEAD",
    "ConsistencyInfo": "N4_VE11C_LATEST_20160120",
    "ConversionSoftware": "dcm2niix",
    "ConversionSoftwareVersion": "v1.0.20181125  GCC5.3.1",
    "DerivedVendorReportedEchoSpacing": 0.000530002,
    "DeviceSerialNumber": "167013",
    "DwellTime": 3.5e-06,
    "EchoTime": 0.03,
    "EchoTrainLength": 31,
    "EffectiveEchoSpacing": 0.000265001,
    "FlipAngle": 90,
    "ImageOrientationPatientDICOM": [
      0.99722,
      -0.0636432,
      0.0387471,
      0.0681585,
      0.989263,
      -0.12928
    ],
    "ImageType": [
      "ORIGINAL",
      "PRIMARY",
      "M",
      "ND",
      "MOSAIC"
    ],
    "ImagingFrequency": 123.249,
    "InPlanePhaseEncodingDirectionDICOM": "COL",
    "InstitutionAddress": "Whiteknights_Campus_StreetNo_Reading_District_GB_RG6_7BE",
    "InstitutionName": "UoR",
    "InstitutionalDepartmentName": "Department",
    "MRAcquisitionType": "2D",
    "MagneticFieldStrength": 3,
    "Manufacturer": "Siemens",
    "ManufacturersModelName": "Prisma_fit",
    "Modality": "MR",
    "ParallelReductionFactorInPlane": 2,
    "PartialFourier": 1,
    "PatientPosition": "HFS",
    "PercentPhaseFOV": 100,
    "PhaseEncodingDirection": "j",
    "PhaseEncodingSteps": 63,
    "PhaseResolution": 1,
    "PixelBandwidth": 2230,
    "ProcedureStepDescription": "head_Kou_Murayama",
    "ProtocolName": "ep2d_bold_PtoA_iPAT2_MagicTrick_Run1",
    "PulseSequenceDetails": "%SiemensSeq%_ep2d_bold",
    "ReceiveCoilActiveElements": "HEA;HEP",
    "ReceiveCoilName": "Head_32",
    "ReconMatrixPE": 64,
    "RepetitionTime": 2,
    "SAR": 0.110677,
    "ScanOptions": "FS",
    "ScanningSequence": "EP",
    "SequenceName": "_epfid2d1_64",
    "SequenceVariant": "SK",
    "SeriesDescription": "ep2d_bold_PtoA_iPAT2_MagicTrick_Run1",
    "SeriesNumber": 9,
    "ShimSetting": [
      3395,
      -11937,
      11433,
      280,
      42,
      -121,
      -43,
      -31
    ],
    "SliceThickness": 3,
    "SliceTiming": [
      0,
      1.0175,
      0.0525,
      1.07,
      0.1075,
      1.1225,
      0.16,
      1.1775,
      0.215,
      1.23,
      0.2675,
      1.285,
      0.32,
      1.3375,
      0.375,
      1.3925,
      0.4275,
      1.445,
      0.4825,
      1.4975,
      0.535,
      1.5525,
      0.5875,
      1.605,
      0.6425,
      1.66,
      0.695,
      1.7125,
      0.75,
      1.765,
      0.8025,
      1.82,
      0.855,
      1.8725,
      0.91,
      1.9275,
      0.9625
    ],
    "SoftwareVersions": "syngo_MR_E11",
    "SpacingBetweenSlices": 3.75,
    "StationName": "AWP167013",
    "TaskName": "magictrickwatching",
    "TotalReadoutTime": 0.0166951,
    "TxRefAmp": 234.885,
    "dataset": "<unset>",
    "modality": "bold",
    "run_id": 1,
    "subject_id": "control043",
    "task_id": "magictrickwatching"
  },
  "dummy_trs": 0,
  "dvars_nstd": 24.17999320817964,
  "dvars_std": 1.0571297144902903,
  "dvars_vstd": 0.9587007375728154,
  "efc": 0.5062810866352355,
  "fber": 219658.53125,
  "fd_mean": 0.10964007236478635,
  "fd_num": 1,
  "fd_perc": 0.24213075060532688,
  "fwhm_avg": 2.8735287857609015,
  "fwhm_x": 2.73930355103362,
  "fwhm_y": 3.117843333333333,
  "fwhm_z": 2.76343947291575,
  "gcor": 0.00891854,
  "gsr_x": 0.0638192892074585,
  "gsr_y": 0.019006866961717606,
  "provenance": {
    "md5sum": "8e0894ef48b8197917095575f7226808",
    "settings": {
      "fd_thres": 0.5,
      "testing": false
    },
    "software": "mriqc",
    "version": "0.16.1",
    "webapi_port": null,
    "webapi_url": "https://mriqc.nimh.nih.gov/api/v1"
  },
  "size_t": 413,
  "size_x": 64,
  "size_y": 64,
  "size_z": 37,
  "snr": 2.3218847910683773,
  "spacing_tr": 2.0,
  "spacing_x": 2.999999761581421,
  "spacing_y": 3.0,
  "spacing_z": 3.7500007152557373,
  "summary_bg_k": 21.314950733748045,
  "summary_bg_mad": 1.173673725814973,
  "summary_bg_mean": 29.67131233215332,
  "summary_bg_median": 0.7995014786720276,
  "summary_bg_n": 83088.0,
  "summary_bg_p05": 0.003317735821474344,
  "summary_bg_p95": 190.38408050537106,
  "summary_bg_stdv": 85.2078628540039,
  "summary_fg_k": 0.6053885493122113,
  "summary_fg_mad": 179.22592200717406,
  "summary_fg_mean": 465.8958740234375,
  "summary_fg_median": 428.5994873046875,
  "summary_fg_n": 31747.0,
  "summary_fg_p05": 232.1876922607422,
  "summary_fg_p95": 816.427520751953,
  "summary_fg_stdv": 184.58828735351562,
  "tsnr": 41.08359909057617
}