{
  "aor": 0.0004914333333333334,
  "aqi": 0.002626234133333333,
  "bids_meta": {
    "AcquisitionMatrixPE": 64,
    "AcquisitionNumber": 1,
    "AcquisitionTime": "11:59:28.170000",
    "BandwidthPerPixelPhaseEncode": 58.962,
    "BaseResolution": 64,
    "BodyPartExamined": "HEAD",
    "ConsistencyInfo": "N4_VE11C_LATEST_20160120",
    "ConversionSoftware": "dcm2niix",
    "ConversionSoftwareVersion": "v1.0.20181125  GCC5.3.1",
    "DerivedVendorReportedEchoSpacing": 0.000530002,
    "DeviceSerialNumber": "167013",
    "DwellTime": 3.5e-06,
    "EchoTime": 0.03,
    "EchoTrainLength": 31,
    "EffectiveEchoSpacing": 0.000265001,
    "FlipAngle": 90,
    "ImageOrientationPatientDICOM": [
      0.997782,
      -0.0207682,
      0.0632446,
      0.00783678,
      0.980127,
      0.198216
    ],
    "ImageType": [
      "ORIGINAL",
      "PRIMARY",
      "M",
      "ND",
      "MOSAIC"
    ],
    "ImagingFrequency": 123.249,
    "InPlanePhaseEncodingDirectionDICOM": "COL",
    "InstitutionAddress": "Whiteknights_Campus_StreetNo_Reading_District_GB_RG6_7BE",
    "InstitutionName": "UoR",
    "InstitutionalDepartmentName": "Department",
    "MRAcquisitionType": "2D",
    "MagneticFieldStrength": 3,
    "Manufacturer": "Siemens",
    "ManufacturersModelName": "Prisma_fit",
    "Modality": "MR",
    "ParallelReductionFactorInPlane": 2,
    "PartialFourier": 1,
    "PatientPosition": "HFS",
    "PercentPhaseFOV": 100,
    "PhaseEncodingDirection": "j",
    "PhaseEncodingSteps": 63,
    "PhaseResolution": 1,
    "PixelBandwidth": 2230,
    "ProcedureStepDescription": "head_Kou_Murayama",
    "ProtocolName": "ep2d_bold_PtoA_iPAT2_PostResting",
    "PulseSequenceDetails": "%SiemensSeq%_ep2d_bold",
    "ReceiveCoilActiveElements": "HEA;HEP",
    "ReceiveCoilName": "Head_32",
    "ReconMatrixPE": 64,
    "RepetitionTime": 2,
    "SAR": 0.149321,
    "ScanOptions": "FS",
    "ScanningSequence": "EP",
    "SequenceName": "_epfid2d1_64",
    "SequenceVariant": "SK",
    "SeriesDescription": "ep2d_bold_PtoA_iPAT2_PostResting",
    "SeriesNumber": 12,
    "ShimSetting": [
      3412,
      -12019,
      11531,
      499,
      52,
      -208,
      -37,
      -23
    ],
    "SliceThickness": 3,
    "SliceTiming": [
      0,
      1.0175,
      0.055,
      1.07,
      0.1075,
      1.125,
      0.16,
      1.1775,
      0.215,
      1.23,
      0.2675,
      1.285,
      0.3225,
      1.3375,
      0.375,
      1.3925,
      0.4275,
      1.445,
      0.4825,
      1.4975,
      0.535,
      1.5525,
      0.59,
      1.605,
      0.6425,
      1.66,
      0.695,
      1.7125,
      0.75,
      1.765,
      0.8025,
      1.82,
      0.8575,
      1.8725,
      0.91,
      1.9275,
      0.9625
    ],
    "SoftwareVersions": "syngo_MR_E11",
    "SpacingBetweenSlices": 3.75,
    "StationName": "AWP167013",
    "TaskName": "rest",
    "TotalReadoutTime": 0.0166951,
    "TxRefAmp": 239.21,
    "dataset": "<unset>",
    "modality": "bold",
    "run_id": 2,
    "subject_id": "experimental026",
    "task_id": "rest"
  },
  "dummy_trs": 0,
  "dvars_nstd": 22.031903723043484,
  "dvars_std": 1.0826409956856187,
  "dvars_vstd": 0.9788687045150504,
  "efc": 0.4597484621439507,
  "fber": 5805411.5,
  "fd_mean": 0.09039854364392903,
  "fd_num": 0,
  "fd_perc": 0.0,
  "fwhm_avg": 2.8945701484669812,
  "fwhm_x": 2.8022204454009447,
  "fwhm_y": 3.0426633333333335,
  "fwhm_z": 2.838826666666667,
  "gcor": 0.0170278,
  "gsr_x": 0.04791776090860367,
  "gsr_y": 0.010371058247983456,
  "provenance": {
    "md5sum": "f5e135e96e03b0746e60ef57780cc697",
    "settings": {
      "fd_thres": 0.5,
      "testing": false
    },
    "software": "mriqc",
    "version": "0.16.1",
    "webapi_port": null,
    "webapi_url": "https://mriqc.nimh.nih.gov/api/v1"
  },
  "size_t": 300,
  "size_x": 64,
  "size_y": 64,
  "size_z": 37,
  "snr": 2.4467021935820914,
  "spacing_tr": 2.0,
  "spacing_x": 2.999999523162842,
  "spacing_y": 3.0,
  "spacing_z": 3.75,
  "summary_bg_k": 48.57457818940833,
  "summary_bg_mad": 0.23385528589349114,
  "summary_bg_mean": 17.512714385986328,
  "summary_bg_median": 0.1577329933643341,
  "summary_bg_n": 89003.0,
  "summary_bg_p05": 0.0,
  "summary_bg_p95": 98.97250366210925,
  "summary_bg_stdv": 58.14654541015625,
  "summary_fg_k": 0.5580681987040723,
  "summary_fg_mad": 173.86185016833946,
  "summary_fg_mean": 477.2660827636719,
  "summary_fg_median": 441.42010498046875,
  "summary_fg_n": 26912.0,
  "summary_fg_p05": 247.69346466064457,
  "summary_fg_p95": 825.4698516845701,
  "summary_fg_stdv": 180.4109649658203,
  "tsnr": 63.145076751708984
}