{
  "bids_meta": {
    "AcquisitionMatrixPE": 256,
    "AcquisitionNumber": 1,
    "AcquisitionTime": "11:29:20.285000",
    "BaseResolution": 256,
    "BodyPartExamined": "HEAD",
    "ConsistencyInfo": "N4_VE11C_LATEST_20160120",
    "ConversionSoftware": "dcm2niix",
    "ConversionSoftwareVersion": "v1.0.20180622 GCC5.3.1",
    "DeviceSerialNumber": "167013",
    "DwellTime": 9.8e-06,
    "EchoTime": 0.00229,
    "FlipAngle": 8,
    "ImageOrientationPatientDICOM": [
      -0.135255,
      0.990672,
      0.0165797,
      0.00289084,
      0.0171279,
      -0.999849
    ],
    "ImageType": [
      "ORIGINAL",
      "PRIMARY",
      "M",
      "ND",
      "NORM"
    ],
    "InPlanePhaseEncodingDirectionDICOM": "ROW",
    "InstitutionAddress": "Whiteknights_Campus_StreetNo_Reading_District_GB_RG6_7BE",
    "InstitutionName": "UOR",
    "InstitutionalDepartmentName": "Department",
    "InversionTime": 0.9,
    "MRAcquisitionType": "3D",
    "MagneticFieldStrength": 3,
    "Manufacturer": "Siemens",
    "ManufacturersModelName": "Prisma_fit",
    "Modality": "MR",
    "ParallelReductionFactorInPlane": 2,
    "PartialFourier": 1,
    "PatientPosition": "HFS",
    "PercentPhaseFOV": 100,
    "PhaseEncodingSteps": 255,
    "PhaseResolution": 1,
    "PixelBandwidth": 200,
    "ProcedureStepDescription": "head_Kou_Murayama",
    "ProtocolName": "t1_mprage_sag_p2_iso_192",
    "PulseSequenceDetails": "%SiemensSeq%_tfl",
    "ReceiveCoilActiveElements": "HEA;HEP",
    "ReceiveCoilName": "Head_32",
    "ReconMatrixPE": 256,
    "RepetitionTime": 2.3,
    "SAR": 0.0500127,
    "ScanOptions": "IR",
    "ScanningSequence": "GR_IR",
    "SequenceName": "_tfl3d1_16ns",
    "SequenceVariant": "SK_SP_MP",
    "SeriesDescription": "t1_mprage_sag_p2_iso_192",
    "SeriesNumber": 13,
    "ShimSetting": [
      3382,
      -11946,
      11206,
      -4,
      -40,
      -152,
      -34,
      21
    ],
    "SliceThickness": 0.94,
    "SoftwareVersions": "syngo_MR_E11",
    "StationName": "AWP167013",
    "TxRefAmp": 239.212,
    "dataset": "<unset>",
    "modality": "T1w",
    "rec_id": "NORM",
    "subject_id": "experimental006"
  },
  "cjv": 0.3549721122746472,
  "cnr": 3.7443187276860623,
  "efc": 0.5175103715949066,
  "fber": 3267.199327872296,
  "fwhm_avg": 3.780174511583432,
  "fwhm_x": 3.743499534750296,
  "fwhm_y": 3.8298666666666668,
  "fwhm_z": 3.767157333333333,
  "icvs_csf": 0.20163039905607902,
  "icvs_gm": 0.41987521602127814,
  "icvs_wm": 0.37849438492264287,
  "inu_med": 1.3740609884262085,
  "inu_range": 0.3347759544849396,
  "provenance": {
    "md5sum": "afcf61bef151092700b1fb8e19d48f96",
    "settings": {
      "testing": false
    },
    "software": "mriqc",
    "version": "0.16.1",
    "warnings": {
      "large_rot_frame": true,
      "small_air_mask": false
    },
    "webapi_port": null,
    "webapi_url": "https://mriqc.nimh.nih.gov/api/v1"
  },
  "qi_1": 2.3474531637950493e-05,
  "qi_2": 0.01586927748383831,
  "rpve_csf": 26.84515084260239,
  "rpve_gm": 13.726675748444348,
  "rpve_wm": 18.619294253599318,
  "size_x": 192,
  "size_y": 256,
  "size_z": 256,
  "snr_csf": 2.9077515351480696,
  "snr_gm": 11.30650829354475,
  "snr_total": 12.171862898623774,
  "snr_wm": 22.301328867178505,
  "snrd_csf": 35.11705512382443,
  "snrd_gm": 75.0316946255217,
  "snrd_total": 71.974286686465,
  "snrd_wm": 105.77411031004891,
  "spacing_x": 0.9400001168251038,
  "spacing_y": 0.9375,
  "spacing_z": 0.9375,
  "summary_bg_k": 779.5787774318275,
  "summary_bg_mad": 6.193731007763756,
  "summary_bg_mean": 7.0539176438797435,
  "summary_bg_median": 4.1776080802083015,
  "summary_bg_n": 3063256.0,
  "summary_bg_p05": 0.0,
  "summary_bg_p95": 21.186440978199244,
  "summary_bg_stdv": 8.861205248295812,
  "summary_csf_k": -0.49043009716387553,
  "summary_csf_mad": 131.57254297921008,
  "summary_csf_mean": 342.33651999487176,
  "summary_csf_median": 332.0004821456969,
  "summary_csf_n": 13601.0,
  "summary_csf_p05": 180.77106964215636,
  "summary_csf_p95": 535.8080763444304,
  "summary_csf_stdv": 114.17353680523141,
  "summary_gm_k": 0.04934160169382018,
  "summary_gm_mad": 61.848828206098084,
  "summary_gm_mean": 708.5073561657512,
  "summary_gm_median": 709.3578520193696,
  "summary_gm_n": 28349.0,
  "summary_gm_p05": 603.5330713361502,
  "summary_gm_p95": 810.5753277912736,
  "summary_gm_stdv": 62.73778980485241,
  "summary_wm_k": 0.7194174339628705,
  "summary_wm_mad": 41.321034008938206,
  "summary_wm_mean": 998.1707248657482,
  "summary_wm_median": 1000.0000141710043,
  "summary_wm_n": 230466.0,
  "summary_wm_p05": 920.8641811087728,
  "summary_wm_p95": 1067.9756656475365,
  "summary_wm_stdv": 44.84028062215309,
  "tpm_overlap_csf": 0.17130716145038605,
  "tpm_overlap_gm": 0.4272444248199463,
  "tpm_overlap_wm": 0.4999221861362457,
  "wm2max": 0.4000286485066966
}