{
  "aor": 0.001709866220735786,
  "aqi": 0.004539303678929766,
  "bids_meta": {
    "AcquisitionMatrixPE": 64,
    "AcquisitionNumber": 1,
    "AcquisitionTime": "13:23:23.430000",
    "BandwidthPerPixelPhaseEncode": 58.962,
    "BaseResolution": 64,
    "BodyPartExamined": "HEAD",
    "ConsistencyInfo": "N4_VE11C_LATEST_20160120",
    "ConversionSoftware": "dcm2niix",
    "ConversionSoftwareVersion": "v1.0.20181125  GCC5.3.1",
    "DerivedVendorReportedEchoSpacing": 0.000530002,
    "DeviceSerialNumber": "167013",
    "DwellTime": 3.5e-06,
    "EchoTime": 0.03,
    "EchoTrainLength": 31,
    "EffectiveEchoSpacing": 0.000265001,
    "FlipAngle": 90,
    "ImageOrientationPatientDICOM": [
      0.995763,
      0.0701171,
      0.0594904,
      -0.060729,
      0.987254,
      -0.14711
    ],
    "ImageType": [
      "ORIGINAL",
      "PRIMARY",
      "M",
      "ND",
      "MOSAIC"
    ],
    "ImagingFrequency": 123.249,
    "InPlanePhaseEncodingDirectionDICOM": "COL",
    "InstitutionAddress": "Whiteknights_Campus_StreetNo_Reading_District_GB_RG6_7BE",
    "InstitutionName": "UoR",
    "InstitutionalDepartmentName": "Department",
    "MRAcquisitionType": "2D",
    "MagneticFieldStrength": 3,
    "Manufacturer": "Siemens",
    "ManufacturersModelName": "Prisma_fit",
    "Modality": "MR",
    "ParallelReductionFactorInPlane": 2,
    "PartialFourier": 1,
    "PatientPosition": "HFS",
    "PercentPhaseFOV": 100,
    "PhaseEncodingDirection": "j",
    "PhaseEncodingSteps": 63,
    "PhaseResolution": 1,
    "PixelBandwidth": 2230,
    "ProcedureStepDescription": "head_Kou_Murayama",
    "ProtocolName": "ep2d_bold_PtoA_iPAT2_PostResting",
    "PulseSequenceDetails": "%SiemensSeq%_ep2d_bold",
    "ReceiveCoilActiveElements": "HEA;HEP",
    "ReceiveCoilName": "Head_32",
    "ReconMatrixPE": 64,
    "RepetitionTime": 2,
    "SAR": 0.0832679,
    "ScanOptions": "FS",
    "ScanningSequence": "EP",
    "SequenceName": "_epfid2d1_64",
    "SequenceVariant": "SK",
    "SeriesDescription": "ep2d_bold_PtoA_iPAT2_PostResting",
    "SeriesNumber": 12,
    "ShimSetting": [
      3385,
      -11927,
      11463,
      476,
      -29,
      -104,
      -276,
      43
    ],
    "SliceThickness": 3,
    "SliceTiming": [
      0,
      1.0175,
      0.055,
      1.07,
      0.1075,
      1.125,
      0.1625,
      1.1775,
      0.215,
      1.2325,
      0.2675,
      1.285,
      0.3225,
      1.3375,
      0.375,
      1.3925,
      0.43,
      1.445,
      0.4825,
      1.5,
      0.535,
      1.5525,
      0.59,
      1.605,
      0.6425,
      1.66,
      0.6975,
      1.7125,
      0.75,
      1.7675,
      0.8025,
      1.82,
      0.8575,
      1.8725,
      0.91,
      1.9275,
      0.965
    ],
    "SoftwareVersions": "syngo_MR_E11",
    "SpacingBetweenSlices": 3.75,
    "StationName": "AWP167013",
    "TaskName": "rest",
    "TotalReadoutTime": 0.0166951,
    "TxRefAmp": 240.312,
    "dataset": "<unset>",
    "modality": "bold",
    "run_id": 2,
    "subject_id": "experimental048",
    "task_id": "rest"
  },
  "dummy_trs": 1,
  "dvars_nstd": 27.745013934362426,
  "dvars_std": 1.1314917714093962,
  "dvars_vstd": 1.0016945485570474,
  "efc": 0.45343081286949977,
  "fber": 5178260.5,
  "fd_mean": 0.15861877390667678,
  "fd_num": 5,
  "fd_perc": 1.6722408026755853,
  "fwhm_avg": 2.7458310701318527,
  "fwhm_x": 2.6229,
  "fwhm_y": 2.860166893972309,
  "fwhm_z": 2.754426316423249,
  "gcor": 0.0149396,
  "gsr_x": 0.023372681811451912,
  "gsr_y": 0.03259693458676338,
  "provenance": {
    "md5sum": "fd082c696ade5fc8c2afd0b075b3a639",
    "settings": {
      "fd_thres": 0.5,
      "testing": false
    },
    "software": "mriqc",
    "version": "0.16.1",
    "webapi_port": null,
    "webapi_url": "https://mriqc.nimh.nih.gov/api/v1"
  },
  "size_t": 299,
  "size_x": 64,
  "size_y": 64,
  "size_z": 37,
  "snr": 2.478731395572284,
  "spacing_tr": 2.0,
  "spacing_x": 3.0,
  "spacing_y": 2.999999761581421,
  "spacing_z": 3.750000476837158,
  "summary_bg_k": 40.59987756032878,
  "summary_bg_mad": 0.21557351184257056,
  "summary_bg_mean": 10.997833251953125,
  "summary_bg_median": 0.15032696723937988,
  "summary_bg_n": 90549.0,
  "summary_bg_p05": 0.0013175188330933453,
  "summary_bg_p95": 64.02906341552696,
  "summary_bg_stdv": 35.830806732177734,
  "summary_fg_k": 1.9461228035673477,
  "summary_fg_mad": 124.84625527188506,
  "summary_fg_mean": 366.4258117675781,
  "summary_fg_median": 342.6702575683594,
  "summary_fg_n": 27557.0,
  "summary_fg_p05": 192.9530792236328,
  "summary_fg_p95": 630.0991210937499,
  "summary_fg_stdv": 138.24169921875,
  "tsnr": 48.94102478027344
}