{
    "InPlanePhaseEncodingDirectionDICOM": "COL",
    "ConsistencyInfo": "N4_VE11C_LATEST_20160120",
    "ProcedureStepDescription": "head_Kou_Murayama",
    "DeviceSerialNumber": "167013",
    "AcquisitionMatrixPE": 64,
    "ImageOrientationPatientDICOM": [
        0.998694,
        -0.0263014,
        0.0437942,
        0.0238843,
        0.99821,
        0.0548295
    ],
    "ManufacturersModelName": "Prisma_fit",
    "ProtocolName": "gre_field_mapping",
    "PhaseEncodingDirection": "j",
    "RepetitionTime": 0.488,
    "SeriesNumber": 7,
    "PhaseEncodingSteps": 64,
    "MRAcquisitionType": "2D",
    "SliceThickness": 3,
    "AcquisitionNumber": 1,
    "InstitutionName": "UoR",
    "DwellTime": 3e-05,
    "TxRefAmp": 239.242,
    "BodyPartExamined": "HEAD",
    "ReceiveCoilActiveElements": "HEA;HEP",
    "SAR": 0.101431,
    "PulseSequenceDetails": "%SiemensSeq%_gre_field_mapping",
    "ScanningSequence": "GR",
    "Manufacturer": "Siemens",
    "ConversionSoftware": "dcm2niix",
    "PercentPhaseFOV": 100,
    "ReconMatrixPE": 64,
    "FlipAngle": 60,
    "ConversionSoftwareVersion": "v1.0.20180622 GCC5.3.1",
    "SeriesDescription": "gre_field_mapping",
    "PartialFourier": 1,
    "InstitutionAddress": "Whiteknights_Campus_StreetNo_Reading_District_GB_RG6_7BE",
    "ShimSetting": [
        3410,
        -11920,
        11490,
        493,
        13,
        29,
        -50,
        17
    ],
    "AcquisitionTime": "15:55:13.392500",
    "SequenceName": "_fm2d2r",
    "MagneticFieldStrength": 3,
    "SpacingBetweenSlices": 3.75,
    "ImageType": [
        "ORIGINAL",
        "PRIMARY",
        "M",
        "ND"
    ],
    "ReceiveCoilName": "Head_32",
    "EchoTime": 0.00765,
    "SequenceVariant": "SP",
    "IntendedFor": [], 
    "PhaseResolution": 1,
    "BaseResolution": 64,
    "PixelBandwidth": 260,
    "SoftwareVersions": "syngo_MR_E11",
    "EchoNumber": 2,
    "StationName": "AWP167013",
    "Modality": "MR",
    "InstitutionalDepartmentName": "Department",
    "PatientPosition": "HFS"
}
