{
  "aor": 0.001983133333333334,
  "aqi": 0.002916303633333333,
  "bids_meta": {
    "AcquisitionMatrixPE": 64,
    "AcquisitionNumber": 1,
    "AcquisitionTime": "14:39:51.070000",
    "BandwidthPerPixelPhaseEncode": 58.962,
    "BaseResolution": 64,
    "BodyPartExamined": "HEAD",
    "ConsistencyInfo": "N4_VE11C_LATEST_20160120",
    "ConversionSoftware": "dcm2niix",
    "ConversionSoftwareVersion": "v1.0.20180622 GCC5.3.1",
    "DerivedVendorReportedEchoSpacing": 0.000530002,
    "DeviceSerialNumber": "167013",
    "DwellTime": 3.5e-06,
    "EchoTime": 0.03,
    "EchoTrainLength": 31,
    "EffectiveEchoSpacing": 0.000265001,
    "FlipAngle": 90,
    "ImageOrientationPatientDICOM": [
      0.992408,
      0.119712,
      -0.0282008,
      -0.12027,
      0.992559,
      -0.0190107
    ],
    "ImageType": [
      "ORIGINAL",
      "PRIMARY",
      "M",
      "ND",
      "MOSAIC"
    ],
    "InPlanePhaseEncodingDirectionDICOM": "COL",
    "InstitutionAddress": "Whiteknights_Campus_StreetNo_Reading_District_GB_RG6_7BE",
    "InstitutionName": "UOR",
    "InstitutionalDepartmentName": "Department",
    "MRAcquisitionType": "2D",
    "MagneticFieldStrength": 3,
    "Manufacturer": "Siemens",
    "ManufacturersModelName": "Prisma_fit",
    "Modality": "MR",
    "ParallelReductionFactorInPlane": 2,
    "PartialFourier": 1,
    "PatientPosition": "HFS",
    "PercentPhaseFOV": 100,
    "PhaseEncodingDirection": "j",
    "PhaseEncodingSteps": 63,
    "PhaseResolution": 1,
    "PixelBandwidth": 2230,
    "ProcedureStepDescription": "head_Kou_Murayama",
    "ProtocolName": "ep2d_bold_PtoA_iPAT2_PreResting",
    "PulseSequenceDetails": "%SiemensSeq%_ep2d_bold",
    "ReceiveCoilActiveElements": "HEA;HEP",
    "ReceiveCoilName": "Head_32",
    "ReconMatrixPE": 64,
    "RepetitionTime": 2,
    "SAR": 0.116489,
    "ScanOptions": "FS",
    "ScanningSequence": "EP",
    "SequenceName": "_epfid2d1_64",
    "SequenceVariant": "SK",
    "SeriesDescription": "ep2d_bold_PtoA_iPAT2_PreResting",
    "SeriesNumber": 6,
    "ShimSetting": [
      3363,
      -11971,
      11471,
      310,
      -12,
      -186,
      -54,
      49
    ],
    "SliceThickness": 3,
    "SliceTiming": [
      0,
      1.015,
      0.0525,
      1.07,
      0.1075,
      1.1225,
      0.16,
      1.1775,
      0.2125,
      1.23,
      0.2675,
      1.2825,
      0.32,
      1.3375,
      0.375,
      1.39,
      0.4275,
      1.445,
      0.48,
      1.4975,
      0.535,
      1.55,
      0.5875,
      1.605,
      0.6425,
      1.6575,
      0.695,
      1.7125,
      0.7475,
      1.765,
      0.8025,
      1.8175,
      0.855,
      1.8725,
      0.91,
      1.925,
      0.9625
    ],
    "SoftwareVersions": "syngo_MR_E11",
    "SpacingBetweenSlices": 3.75,
    "StationName": "AWP167013",
    "TaskName": "rest",
    "TotalReadoutTime": 0.0166951,
    "TxRefAmp": 229.234,
    "dataset": "<unset>",
    "modality": "bold",
    "run_id": 1,
    "subject_id": "experimental005",
    "task_id": "rest"
  },
  "dummy_trs": 0,
  "dvars_nstd": 25.64217416906354,
  "dvars_std": 1.1298560941806015,
  "dvars_vstd": 0.9616667876588628,
  "efc": 0.4739645924952748,
  "fber": 3373149.0,
  "fd_mean": 0.08119181717418955,
  "fd_num": 0,
  "fd_perc": 0.0,
  "fwhm_avg": 3.0004289912700464,
  "fwhm_x": 2.9036835640973697,
  "fwhm_y": 3.2439769244747896,
  "fwhm_z": 2.8536264852379807,
  "gcor": 0.0138758,
  "gsr_x": 0.023608233779668808,
  "gsr_y": 0.025503437966108322,
  "provenance": {
    "md5sum": "1a2aa9bab3c145188f37c32b3c140f0f",
    "settings": {
      "fd_thres": 0.5,
      "testing": false
    },
    "software": "mriqc",
    "version": "0.16.1",
    "webapi_port": null,
    "webapi_url": "https://mriqc.nimh.nih.gov/api/v1"
  },
  "size_t": 300,
  "size_x": 64,
  "size_y": 64,
  "size_z": 37,
  "snr": 2.161138969361457,
  "spacing_tr": 2.0,
  "spacing_x": 2.999999761581421,
  "spacing_y": 2.999999761581421,
  "spacing_z": 3.750000238418579,
  "summary_bg_k": 39.96311742554857,
  "summary_bg_mad": 0.2662587564994488,
  "summary_bg_mean": 14.750225067138672,
  "summary_bg_median": 0.17958879470825195,
  "summary_bg_n": 84574.0,
  "summary_bg_p05": 0.0,
  "summary_bg_p95": 87.80152626037591,
  "summary_bg_stdv": 42.902069091796875,
  "summary_fg_k": 1.5850489582841183,
  "summary_fg_mad": 165.81949778069722,
  "summary_fg_mean": 442.353515625,
  "summary_fg_median": 401.43597412109375,
  "summary_fg_n": 30170.0,
  "summary_fg_p05": 220.14449920654297,
  "summary_fg_p95": 808.2035156249999,
  "summary_fg_stdv": 185.74896240234375,
  "tsnr": 56.01399230957031
}