{
  "aor": 0.0005546814404432133,
  "aqi": 0.0024344977839335182,
  "bids_meta": {
    "AcquisitionMatrixPE": 64,
    "AcquisitionNumber": 1,
    "AcquisitionTime": "15:32:27.437500",
    "BandwidthPerPixelPhaseEncode": 58.962,
    "BaseResolution": 64,
    "BodyPartExamined": "HEAD",
    "ConsistencyInfo": "N4_VE11C_LATEST_20160120",
    "ConversionSoftware": "dcm2niix",
    "ConversionSoftwareVersion": "v1.0.20180622 GCC5.3.1",
    "DerivedVendorReportedEchoSpacing": 0.000530002,
    "DeviceSerialNumber": "167013",
    "DwellTime": 3.5e-06,
    "EchoTime": 0.03,
    "EchoTrainLength": 31,
    "EffectiveEchoSpacing": 0.000265001,
    "FlipAngle": 90,
    "ImageOrientationPatientDICOM": [
      0.992408,
      0.119712,
      -0.0282008,
      -0.12027,
      0.992559,
      -0.0190107
    ],
    "ImageType": [
      "ORIGINAL",
      "PRIMARY",
      "M",
      "ND",
      "MOSAIC"
    ],
    "InPlanePhaseEncodingDirectionDICOM": "COL",
    "InstitutionAddress": "Whiteknights_Campus_StreetNo_Reading_District_GB_RG6_7BE",
    "InstitutionName": "UOR",
    "InstitutionalDepartmentName": "Department",
    "MRAcquisitionType": "2D",
    "MagneticFieldStrength": 3,
    "Manufacturer": "Siemens",
    "ManufacturersModelName": "Prisma_fit",
    "Modality": "MR",
    "ParallelReductionFactorInPlane": 2,
    "PartialFourier": 1,
    "PatientPosition": "HFS",
    "PercentPhaseFOV": 100,
    "PhaseEncodingDirection": "j",
    "PhaseEncodingSteps": 63,
    "PhaseResolution": 1,
    "PixelBandwidth": 2230,
    "ProcedureStepDescription": "head_Kou_Murayama",
    "ProtocolName": "ep2d_bold_PtoA_iPAT2_MagicTrick_Run3",
    "PulseSequenceDetails": "%SiemensSeq%_ep2d_bold",
    "ReceiveCoilActiveElements": "HEA;HEP",
    "ReceiveCoilName": "Head_32",
    "ReconMatrixPE": 64,
    "RepetitionTime": 2,
    "SAR": 0.11664,
    "ScanOptions": "FS",
    "ScanningSequence": "EP",
    "SequenceName": "_epfid2d1_64",
    "SequenceVariant": "SK",
    "SeriesDescription": "ep2d_bold_PtoA_iPAT2_MagicTrick_Run3",
    "SeriesNumber": 11,
    "ShimSetting": [
      3363,
      -11971,
      11471,
      310,
      -12,
      -186,
      -54,
      49
    ],
    "SliceThickness": 3,
    "SliceTiming": [
      0,
      1.015,
      0.0525,
      1.07,
      0.105,
      1.1225,
      0.16,
      1.1775,
      0.2125,
      1.23,
      0.2675,
      1.2825,
      0.32,
      1.3375,
      0.3725,
      1.39,
      0.4275,
      1.445,
      0.48,
      1.4975,
      0.535,
      1.55,
      0.5875,
      1.605,
      0.6425,
      1.6575,
      0.695,
      1.7125,
      0.7475,
      1.765,
      0.8025,
      1.8175,
      0.855,
      1.8725,
      0.91,
      1.925,
      0.9625
    ],
    "SoftwareVersions": "syngo_MR_E11",
    "SpacingBetweenSlices": 3.75,
    "StationName": "AWP167013",
    "TaskName": "magictrickwatching",
    "TotalReadoutTime": 0.0166951,
    "TxRefAmp": 229.234,
    "dataset": "<unset>",
    "modality": "bold",
    "run_id": 3,
    "subject_id": "experimental005",
    "task_id": "magictrickwatching"
  },
  "dummy_trs": 0,
  "dvars_nstd": 25.269357225611117,
  "dvars_std": 1.1439977631111107,
  "dvars_vstd": 0.9891530202500007,
  "efc": 0.47954936753627053,
  "fber": 6062468.5,
  "fd_mean": 0.07787302291864173,
  "fd_num": 0,
  "fd_perc": 0.0,
  "fwhm_avg": 2.959071209300093,
  "fwhm_x": 2.8344135585922845,
  "fwhm_y": 3.170186918610487,
  "fwhm_z": 2.8726131506975077,
  "gcor": 0.0232762,
  "gsr_x": 0.025588441640138626,
  "gsr_y": 0.02891535870730877,
  "provenance": {
    "md5sum": "25bc7b9f4fe230137b529f4168372a03",
    "settings": {
      "fd_thres": 0.5,
      "testing": false
    },
    "software": "mriqc",
    "version": "0.16.1",
    "webapi_port": null,
    "webapi_url": "https://mriqc.nimh.nih.gov/api/v1"
  },
  "size_t": 361,
  "size_x": 64,
  "size_y": 64,
  "size_z": 37,
  "snr": 2.188429734499211,
  "spacing_tr": 2.0,
  "spacing_x": 2.999999761581421,
  "spacing_y": 2.999999761581421,
  "spacing_z": 3.750000238418579,
  "summary_bg_k": 39.64678259140265,
  "summary_bg_mad": 0.20651623610686065,
  "summary_bg_mean": 14.117405891418457,
  "summary_bg_median": 0.13945886492729187,
  "summary_bg_n": 83703.0,
  "summary_bg_p05": 0.0,
  "summary_bg_p95": 85.86901855468744,
  "summary_bg_stdv": 40.97380447387695,
  "summary_fg_k": 1.6547169391357155,
  "summary_fg_mad": 156.02383977265362,
  "summary_fg_mean": 422.64288330078125,
  "summary_fg_median": 384.1116943359375,
  "summary_fg_n": 31598.0,
  "summary_fg_p05": 212.87175903320315,
  "summary_fg_p95": 766.8743316650376,
  "summary_fg_stdv": 175.51654052734375,
  "tsnr": 59.01651382446289
}