{
  "aor": 0.0027350255102040815,
  "aqi": 0.0027354010969387757,
  "bids_meta": {
    "AcquisitionMatrixPE": 64,
    "AcquisitionNumber": 1,
    "AcquisitionTime": "15:00:45.225000",
    "BandwidthPerPixelPhaseEncode": 58.962,
    "BaseResolution": 64,
    "BodyPartExamined": "HEAD",
    "ConsistencyInfo": "N4_VE11C_LATEST_20160120",
    "ConversionSoftware": "dcm2niix",
    "ConversionSoftwareVersion": "v1.0.20180622 GCC5.3.1",
    "DerivedVendorReportedEchoSpacing": 0.000530002,
    "DeviceSerialNumber": "167013",
    "DwellTime": 3.5e-06,
    "EchoTime": 0.03,
    "EchoTrainLength": 31,
    "EffectiveEchoSpacing": 0.000265001,
    "FlipAngle": 90,
    "ImageOrientationPatientDICOM": [
      0.992408,
      0.119712,
      -0.0282008,
      -0.12027,
      0.992559,
      -0.0190107
    ],
    "ImageType": [
      "ORIGINAL",
      "PRIMARY",
      "M",
      "ND",
      "MOSAIC"
    ],
    "InPlanePhaseEncodingDirectionDICOM": "COL",
    "InstitutionAddress": "Whiteknights_Campus_StreetNo_Reading_District_GB_RG6_7BE",
    "InstitutionName": "UOR",
    "InstitutionalDepartmentName": "Department",
    "MRAcquisitionType": "2D",
    "MagneticFieldStrength": 3,
    "Manufacturer": "Siemens",
    "ManufacturersModelName": "Prisma_fit",
    "Modality": "MR",
    "ParallelReductionFactorInPlane": 2,
    "PartialFourier": 1,
    "PatientPosition": "HFS",
    "PercentPhaseFOV": 100,
    "PhaseEncodingDirection": "j",
    "PhaseEncodingSteps": 63,
    "PhaseResolution": 1,
    "PixelBandwidth": 2230,
    "ProcedureStepDescription": "head_Kou_Murayama",
    "ProtocolName": "ep2d_bold_PtoA_iPAT2_MagicTrick_Run1",
    "PulseSequenceDetails": "%SiemensSeq%_ep2d_bold",
    "ReceiveCoilActiveElements": "HEA;HEP",
    "ReceiveCoilName": "Head_32",
    "ReconMatrixPE": 64,
    "RepetitionTime": 2,
    "SAR": 0.11664,
    "ScanOptions": "FS",
    "ScanningSequence": "EP",
    "SequenceName": "_epfid2d1_64",
    "SequenceVariant": "SK",
    "SeriesDescription": "ep2d_bold_PtoA_iPAT2_MagicTrick_Run1",
    "SeriesNumber": 9,
    "ShimSetting": [
      3363,
      -11971,
      11471,
      310,
      -12,
      -186,
      -54,
      49
    ],
    "SliceThickness": 3,
    "SliceTiming": [
      0,
      1.0175,
      0.055,
      1.0725,
      0.1075,
      1.125,
      0.1625,
      1.1775,
      0.215,
      1.2325,
      0.2675,
      1.285,
      0.3225,
      1.34,
      0.375,
      1.3925,
      0.43,
      1.445,
      0.4825,
      1.5,
      0.535,
      1.5525,
      0.59,
      1.6075,
      0.6425,
      1.66,
      0.6975,
      1.7125,
      0.75,
      1.7675,
      0.8025,
      1.82,
      0.8575,
      1.875,
      0.91,
      1.9275,
      0.965
    ],
    "SoftwareVersions": "syngo_MR_E11",
    "SpacingBetweenSlices": 3.75,
    "StationName": "AWP167013",
    "TaskName": "magictrickwatching",
    "TotalReadoutTime": 0.0166951,
    "TxRefAmp": 229.234,
    "dataset": "<unset>",
    "modality": "bold",
    "run_id": 1,
    "subject_id": "experimental005",
    "task_id": "magictrickwatching"
  },
  "dummy_trs": 0,
  "dvars_nstd": 26.275814705191806,
  "dvars_std": 1.1880798126854228,
  "dvars_vstd": 1.0224885830946282,
  "efc": 0.4769042908911056,
  "fber": 4622600.0,
  "fd_mean": 0.09357845300587476,
  "fd_num": 0,
  "fd_perc": 0.0,
  "fwhm_avg": 2.93350010080816,
  "fwhm_x": 2.8636368942480797,
  "fwhm_y": 3.1617969179437098,
  "fwhm_z": 2.7750664902326907,
  "gcor": 0.0290425,
  "gsr_x": 0.026811836287379265,
  "gsr_y": 0.026209203526377678,
  "provenance": {
    "md5sum": "6903702f04dea700bad2a1de78bd1df6",
    "settings": {
      "fd_thres": 0.5,
      "testing": false
    },
    "software": "mriqc",
    "version": "0.16.1",
    "webapi_port": null,
    "webapi_url": "https://mriqc.nimh.nih.gov/api/v1"
  },
  "size_t": 392,
  "size_x": 64,
  "size_y": 64,
  "size_z": 37,
  "snr": 2.1679756281303604,
  "spacing_tr": 2.0,
  "spacing_x": 2.999999761581421,
  "spacing_y": 2.999999761581421,
  "spacing_z": 3.750000238418579,
  "summary_bg_k": 39.913877821255404,
  "summary_bg_mad": 0.22558651804426683,
  "summary_bg_mean": 14.676244735717773,
  "summary_bg_median": 0.1521557867527008,
  "summary_bg_n": 84160.0,
  "summary_bg_p05": 0.0,
  "summary_bg_p95": 86.35070991516118,
  "summary_bg_stdv": 42.75402069091797,
  "summary_fg_k": 1.6648946935526698,
  "summary_fg_mad": 162.20542864594466,
  "summary_fg_mean": 436.65399169921875,
  "summary_fg_median": 395.79779052734375,
  "summary_fg_n": 30878.0,
  "summary_fg_p05": 219.49394760131838,
  "summary_fg_p95": 793.3059417724609,
  "summary_fg_stdv": 182.56265258789062,
  "tsnr": 56.098018646240234
}