{
  "bids_meta": {
    "AcquisitionMatrixPE": 256,
    "AcquisitionNumber": 1,
    "AcquisitionTime": "13:28:51.870000",
    "BaseResolution": 256,
    "BodyPartExamined": "HEAD",
    "ConsistencyInfo": "N4_VE11C_LATEST_20160120",
    "ConversionSoftware": "dcm2niix",
    "ConversionSoftwareVersion": "v1.0.20181125  GCC5.3.1",
    "DeviceSerialNumber": "167013",
    "DwellTime": 9.8e-06,
    "EchoTime": 0.00229,
    "FlipAngle": 8,
    "ImageOrientationPatientDICOM": [
      -0.0389329,
      0.971533,
      0.233683,
      0.0648231,
      0.235823,
      -0.969632
    ],
    "ImageType": [
      "ORIGINAL",
      "PRIMARY",
      "M",
      "ND",
      "NORM"
    ],
    "ImagingFrequency": 123.249,
    "InPlanePhaseEncodingDirectionDICOM": "ROW",
    "InstitutionAddress": "Whiteknights_Campus_StreetNo_Reading_District_GB_RG6_7BE",
    "InstitutionName": "UoR",
    "InstitutionalDepartmentName": "Department",
    "InversionTime": 0.9,
    "MRAcquisitionType": "3D",
    "MagneticFieldStrength": 3,
    "Manufacturer": "Siemens",
    "ManufacturersModelName": "Prisma_fit",
    "Modality": "MR",
    "PartialFourier": 1,
    "PatientPosition": "HFS",
    "PercentPhaseFOV": 100,
    "PhaseEncodingSteps": 255,
    "PhaseResolution": 1,
    "PixelBandwidth": 200,
    "ProcedureStepDescription": "head_Kou_Murayama",
    "ProtocolName": "t1_mprage_sag_p2_iso_192",
    "PulseSequenceDetails": "%SiemensSeq%_tfl",
    "ReceiveCoilActiveElements": "HEA;HEP",
    "ReceiveCoilName": "Head_32",
    "ReconMatrixPE": 256,
    "RepetitionTime": 2.3,
    "SAR": 0.0536336,
    "ScanOptions": "IR",
    "ScanningSequence": "GR_IR",
    "SequenceName": "_tfl3d1_16ns",
    "SequenceVariant": "SK_SP_MP",
    "SeriesDescription": "t1_mprage_sag_p2_iso_192",
    "SeriesNumber": 13,
    "ShimSetting": [
      3382,
      -11946,
      11206,
      -4,
      -40,
      -152,
      -34,
      21
    ],
    "SliceThickness": 0.94,
    "SoftwareVersions": "syngo_MR_E11",
    "StationName": "AWP167013",
    "TxRefAmp": 230.327,
    "dataset": "<unset>",
    "modality": "T1w",
    "rec_id": "NORM",
    "subject_id": "control013"
  },
  "cjv": 0.34134980832861206,
  "cnr": 3.814916136447121,
  "efc": 0.5151822336350899,
  "fber": 8267.112697395256,
  "fwhm_avg": 3.7053014593556455,
  "fwhm_x": 3.65586171140027,
  "fwhm_y": 3.74512,
  "fwhm_z": 3.714922666666667,
  "icvs_csf": 0.18064524922458336,
  "icvs_gm": 0.4463261273763531,
  "icvs_wm": 0.37302862339906356,
  "inu_med": 1.3377293348312378,
  "inu_range": 0.3756943345069885,
  "provenance": {
    "md5sum": "27d889d806de7604d1d07546f819554e",
    "settings": {
      "testing": false
    },
    "software": "mriqc",
    "version": "0.16.1",
    "warnings": {
      "large_rot_frame": true,
      "small_air_mask": false
    },
    "webapi_port": null,
    "webapi_url": "https://mriqc.nimh.nih.gov/api/v1"
  },
  "qi_1": 0.0,
  "qi_2": 0.014623553566335499,
  "rpve_csf": 27.109653817344956,
  "rpve_gm": 12.43009747081088,
  "rpve_wm": 17.31508168553494,
  "size_x": 192,
  "size_y": 256,
  "size_z": 256,
  "snr_csf": 2.311906181935573,
  "snr_gm": 11.678072526967487,
  "snr_total": 11.966064898286197,
  "snr_wm": 21.90821598595553,
  "snrd_csf": 48.268788384038395,
  "snrd_gm": 80.33290700161447,
  "snrd_total": 80.62059109773828,
  "snrd_wm": 113.260077907562,
  "spacing_x": 0.9399999976158142,
  "spacing_y": 0.9375,
  "spacing_z": 0.9375,
  "summary_bg_k": 18.681289337645218,
  "summary_bg_mad": 5.784353801269273,
  "summary_bg_mean": 5.623838665353842,
  "summary_bg_median": 3.962448090314865,
  "summary_bg_n": 2558137.0,
  "summary_bg_p05": 0.0,
  "summary_bg_p95": 15.84979236125946,
  "summary_bg_stdv": 5.935589040951844,
  "summary_csf_k": 38.74911509395871,
  "summary_csf_mad": 127.25578362792399,
  "summary_csf_mean": 409.8093335151002,
  "summary_csf_median": 426.1765322983265,
  "summary_csf_n": 16005.0,
  "summary_csf_p05": 193.14800814390182,
  "summary_csf_p95": 574.1160557687282,
  "summary_csf_stdv": 184.33413153362022,
  "summary_gm_k": 0.11303846549826924,
  "summary_gm_mad": 59.38000699115487,
  "summary_gm_mean": 710.574109001779,
  "summary_gm_median": 709.2782081663609,
  "summary_gm_n": 40809.0,
  "summary_gm_p05": 612.2287103235722,
  "summary_gm_p95": 812.1799370348454,
  "summary_gm_stdv": 60.735152676719935,
  "summary_wm_k": 1.1551229036425834,
  "summary_wm_mad": 39.85781291187108,
  "summary_wm_mean": 1000.3719822452479,
  "summary_wm_median": 999.99997651577,
  "summary_wm_n": 240667.0,
  "summary_wm_p05": 925.6888346374035,
  "summary_wm_p95": 1075.4084117114544,
  "summary_wm_stdv": 45.64488042272677,
  "tpm_overlap_csf": 0.15926489233970642,
  "tpm_overlap_gm": 0.4474563002586365,
  "tpm_overlap_wm": 0.49446001648902893,
  "wm2max": 0.3852151042645125
}