{
  "aor": 0.0013141999999999997,
  "aqi": 0.008977944466666667,
  "bids_meta": {
    "AcquisitionMatrixPE": 64,
    "AcquisitionNumber": 1,
    "AcquisitionTime": "15:52:10.447500",
    "BandwidthPerPixelPhaseEncode": 58.962,
    "BaseResolution": 64,
    "BodyPartExamined": "HEAD",
    "ConsistencyInfo": "N4_VE11C_LATEST_20160120",
    "ConversionSoftware": "dcm2niix",
    "ConversionSoftwareVersion": "v1.0.20181125  GCC5.3.1",
    "DerivedVendorReportedEchoSpacing": 0.000530002,
    "DeviceSerialNumber": "167013",
    "DwellTime": 3.5e-06,
    "EchoTime": 0.03,
    "EchoTrainLength": 31,
    "EffectiveEchoSpacing": 0.000265001,
    "FlipAngle": 90,
    "ImageOrientationPatientDICOM": [
      0.999136,
      -0.0314212,
      -0.0271958,
      0.0333193,
      0.996818,
      0.0724131
    ],
    "ImageType": [
      "ORIGINAL",
      "PRIMARY",
      "M",
      "ND",
      "MOSAIC"
    ],
    "ImagingFrequency": 123.248,
    "InPlanePhaseEncodingDirectionDICOM": "COL",
    "InstitutionAddress": "Whiteknights_Campus_StreetNo_Reading_District_GB_RG6_7BE",
    "InstitutionName": "UoR",
    "InstitutionalDepartmentName": "Department",
    "MRAcquisitionType": "2D",
    "MagneticFieldStrength": 3,
    "Manufacturer": "Siemens",
    "ManufacturersModelName": "Prisma_fit",
    "Modality": "MR",
    "ParallelReductionFactorInPlane": 2,
    "PartialFourier": 1,
    "PatientPosition": "HFS",
    "PercentPhaseFOV": 100,
    "PhaseEncodingDirection": "j",
    "PhaseEncodingSteps": 63,
    "PhaseResolution": 1,
    "PixelBandwidth": 2230,
    "ProcedureStepDescription": "head_Kou_Murayama",
    "ProtocolName": "ep2d_bold_PtoA_iPAT2_PreResting",
    "PulseSequenceDetails": "%SiemensSeq%_ep2d_bold",
    "ReceiveCoilActiveElements": "HEA;HEP",
    "ReceiveCoilName": "Head_32",
    "ReconMatrixPE": 64,
    "RepetitionTime": 2,
    "SAR": 0.123635,
    "ScanOptions": "FS",
    "ScanningSequence": "EP",
    "SequenceName": "_epfid2d1_64",
    "SequenceVariant": "SK",
    "SeriesDescription": "ep2d_bold_PtoA_iPAT2_PreResting",
    "SeriesNumber": 6,
    "ShimSetting": [
      3377,
      -11956,
      11473,
      335,
      -15,
      -82,
      -52,
      7
    ],
    "SliceThickness": 3,
    "SliceTiming": [
      0,
      1.0175,
      0.0525,
      1.07,
      0.1075,
      1.1225,
      0.16,
      1.1775,
      0.2125,
      1.23,
      0.2675,
      1.285,
      0.32,
      1.3375,
      0.375,
      1.39,
      0.4275,
      1.445,
      0.4825,
      1.4975,
      0.535,
      1.5525,
      0.5875,
      1.605,
      0.6425,
      1.6575,
      0.695,
      1.7125,
      0.75,
      1.765,
      0.8025,
      1.82,
      0.855,
      1.8725,
      0.91,
      1.925,
      0.9625
    ],
    "SoftwareVersions": "syngo_MR_E11",
    "SpacingBetweenSlices": 3.75,
    "StationName": "AWP167013",
    "TaskName": "rest",
    "TotalReadoutTime": 0.0166951,
    "TxRefAmp": 278.089,
    "dataset": "<unset>",
    "modality": "bold",
    "run_id": 1,
    "subject_id": "experimental022",
    "task_id": "rest"
  },
  "dummy_trs": 0,
  "dvars_nstd": 29.419328753177286,
  "dvars_std": 0.9754458896321074,
  "dvars_vstd": 0.9186906391638796,
  "efc": 0.5059151226797777,
  "fber": 234048.859375,
  "fd_mean": 0.22973233997087678,
  "fd_num": 32,
  "fd_perc": 10.666666666666666,
  "fwhm_avg": 2.887519927073679,
  "fwhm_x": 2.752876447887703,
  "fwhm_y": 3.0338166666666666,
  "fwhm_z": 2.8758666666666666,
  "gcor": 0.0298273,
  "gsr_x": 0.05873876437544823,
  "gsr_y": 0.015372668392956257,
  "provenance": {
    "md5sum": "93d697e2996cc4a2c6bf2c6d67bad880",
    "settings": {
      "fd_thres": 0.5,
      "testing": false
    },
    "software": "mriqc",
    "version": "0.16.1",
    "webapi_port": null,
    "webapi_url": "https://mriqc.nimh.nih.gov/api/v1"
  },
  "size_t": 300,
  "size_x": 64,
  "size_y": 64,
  "size_z": 37,
  "snr": 2.3305555402612983,
  "spacing_tr": 2.0,
  "spacing_x": 3.000000238418579,
  "spacing_y": 3.0,
  "spacing_z": 3.75,
  "summary_bg_k": 34.89817568905644,
  "summary_bg_mad": 1.0155100059782476,
  "summary_bg_mean": 20.297887802124023,
  "summary_bg_median": 0.7039165496826172,
  "summary_bg_n": 81706.0,
  "summary_bg_p05": 0.008342848625034094,
  "summary_bg_p95": 112.51081085205078,
  "summary_bg_stdv": 58.520633697509766,
  "summary_fg_k": 0.5780462739084609,
  "summary_fg_mad": 158.6592502774539,
  "summary_fg_mean": 418.1777038574219,
  "summary_fg_median": 384.8161926269531,
  "summary_fg_n": 32627.0,
  "summary_fg_p05": 209.60845184326172,
  "summary_fg_p95": 738.1935424804688,
  "summary_fg_stdv": 165.11526489257812,
  "tsnr": 33.53483963012695
}