{
  "aor": 0.0003463291139240506,
  "aqi": 0.0025457735443037972,
  "bids_meta": {
    "AcquisitionMatrixPE": 64,
    "AcquisitionNumber": 1,
    "AcquisitionTime": "10:16:0.417500",
    "BandwidthPerPixelPhaseEncode": 58.962,
    "BaseResolution": 64,
    "BodyPartExamined": "HEAD",
    "ConsistencyInfo": "N4_VE11C_LATEST_20160120",
    "ConversionSoftware": "dcm2niix",
    "ConversionSoftwareVersion": "v1.0.20181125  GCC5.3.1",
    "DerivedVendorReportedEchoSpacing": 0.000530002,
    "DeviceSerialNumber": "167013",
    "DwellTime": 3.5e-06,
    "EchoTime": 0.03,
    "EchoTrainLength": 31,
    "EffectiveEchoSpacing": 0.000265001,
    "FlipAngle": 90,
    "ImageOrientationPatientDICOM": [
      0.999536,
      -0.00283445,
      0.0303438,
      -0.00122113,
      0.991141,
      0.132808
    ],
    "ImageType": [
      "ORIGINAL",
      "PRIMARY",
      "M",
      "ND",
      "MOSAIC"
    ],
    "ImagingFrequency": 123.249,
    "InPlanePhaseEncodingDirectionDICOM": "COL",
    "InstitutionAddress": "Whiteknights_Campus_StreetNo_Reading_District_GB_RG6_7BE",
    "InstitutionName": "UoR",
    "InstitutionalDepartmentName": "Department",
    "MRAcquisitionType": "2D",
    "MagneticFieldStrength": 3,
    "Manufacturer": "Siemens",
    "ManufacturersModelName": "Prisma_fit",
    "Modality": "MR",
    "ParallelReductionFactorInPlane": 2,
    "PartialFourier": 1,
    "PatientPosition": "HFS",
    "PercentPhaseFOV": 100,
    "PhaseEncodingDirection": "j",
    "PhaseEncodingSteps": 63,
    "PhaseResolution": 1,
    "PixelBandwidth": 2230,
    "ProcedureStepDescription": "head_Kou_Murayama",
    "ProtocolName": "ep2d_bold_PtoA_iPAT2_MagicTrick_Run1",
    "PulseSequenceDetails": "%SiemensSeq%_ep2d_bold",
    "ReceiveCoilActiveElements": "HEA;HEP",
    "ReceiveCoilName": "Head_32",
    "ReconMatrixPE": 64,
    "RepetitionTime": 2,
    "SAR": 0.123639,
    "ScanOptions": "FS",
    "ScanningSequence": "EP",
    "SequenceName": "_epfid2d1_64",
    "SequenceVariant": "SK",
    "SeriesDescription": "ep2d_bold_PtoA_iPAT2_MagicTrick_Run1",
    "SeriesNumber": 9,
    "ShimSetting": [
      3426,
      -12050,
      11485,
      260,
      19,
      -282,
      66,
      -63
    ],
    "SliceThickness": 3,
    "SliceTiming": [
      0,
      1.0175,
      0.0525,
      1.07,
      0.1075,
      1.125,
      0.16,
      1.1775,
      0.215,
      1.23,
      0.2675,
      1.285,
      0.32,
      1.3375,
      0.375,
      1.3925,
      0.4275,
      1.445,
      0.4825,
      1.4975,
      0.535,
      1.5525,
      0.59,
      1.605,
      0.6425,
      1.66,
      0.695,
      1.7125,
      0.75,
      1.765,
      0.8025,
      1.82,
      0.8575,
      1.8725,
      0.91,
      1.9275,
      0.9625
    ],
    "SoftwareVersions": "syngo_MR_E11",
    "SpacingBetweenSlices": 3.75,
    "StationName": "AWP167013",
    "TaskName": "magictrickwatching",
    "TotalReadoutTime": 0.0166951,
    "TxRefAmp": 243.078,
    "dataset": "<unset>",
    "modality": "bold",
    "run_id": 1,
    "subject_id": "control001",
    "task_id": "magictrickwatching"
  },
  "dummy_trs": 0,
  "dvars_nstd": 21.794387536522834,
  "dvars_std": 1.1098549316497457,
  "dvars_vstd": 0.9691205471319799,
  "efc": 0.407707004995474,
  "fber": 13788352.0,
  "fd_mean": 0.07176297723801113,
  "fd_num": 1,
  "fd_perc": 0.25316455696202533,
  "fwhm_avg": 3.036503549555983,
  "fwhm_x": 2.9386338004165964,
  "fwhm_y": 3.3147966666666666,
  "fwhm_z": 2.8560801815846877,
  "gcor": 0.0176772,
  "gsr_x": 0.02011311799287796,
  "gsr_y": 0.012212978675961494,
  "provenance": {
    "md5sum": "2e2bc4ade68a9e58d5c69a899e237f58",
    "settings": {
      "fd_thres": 0.5,
      "testing": false
    },
    "software": "mriqc",
    "version": "0.16.1",
    "webapi_port": null,
    "webapi_url": "https://mriqc.nimh.nih.gov/api/v1"
  },
  "size_t": 395,
  "size_x": 64,
  "size_y": 64,
  "size_z": 37,
  "snr": 2.3191888908309477,
  "spacing_tr": 2.0,
  "spacing_x": 2.999999523162842,
  "spacing_y": 3.0,
  "spacing_z": 3.749999761581421,
  "summary_bg_k": 41.47673248351964,
  "summary_bg_mad": 0.15942013726690868,
  "summary_bg_mean": 10.691913604736328,
  "summary_bg_median": 0.1075272485613823,
  "summary_bg_n": 96395.0,
  "summary_bg_p05": 0.0,
  "summary_bg_p95": 68.27059860229492,
  "summary_bg_stdv": 35.092445373535156,
  "summary_fg_k": 0.4433029628125471,
  "summary_fg_mad": 176.76273822798234,
  "summary_fg_mean": 469.2623596191406,
  "summary_fg_median": 429.6612854003906,
  "summary_fg_n": 22622.0,
  "summary_fg_p05": 237.69314041137696,
  "summary_fg_p95": 826.8202392578127,
  "summary_fg_stdv": 185.25950622558594,
  "tsnr": 59.73320007324219
}