{
  "aor": 0.0002870666666666667,
  "aqi": 0.0045261964,
  "bids_meta": {
    "AcquisitionMatrixPE": 64,
    "AcquisitionNumber": 1,
    "AcquisitionTime": "11:01:5.472500",
    "BandwidthPerPixelPhaseEncode": 58.962,
    "BaseResolution": 64,
    "BodyPartExamined": "HEAD",
    "ConsistencyInfo": "N4_VE11C_LATEST_20160120",
    "ConversionSoftware": "dcm2niix",
    "ConversionSoftwareVersion": "v1.0.20181125  GCC5.3.1",
    "DerivedVendorReportedEchoSpacing": 0.000530002,
    "DeviceSerialNumber": "167013",
    "DwellTime": 3.5e-06,
    "EchoTime": 0.03,
    "EchoTrainLength": 31,
    "EffectiveEchoSpacing": 0.000265001,
    "FlipAngle": 90,
    "ImageOrientationPatientDICOM": [
      0.999536,
      -0.00283445,
      0.0303438,
      -0.00122113,
      0.991141,
      0.132808
    ],
    "ImageType": [
      "ORIGINAL",
      "PRIMARY",
      "M",
      "ND",
      "MOSAIC"
    ],
    "ImagingFrequency": 123.249,
    "InPlanePhaseEncodingDirectionDICOM": "COL",
    "InstitutionAddress": "Whiteknights_Campus_StreetNo_Reading_District_GB_RG6_7BE",
    "InstitutionName": "UoR",
    "InstitutionalDepartmentName": "Department",
    "MRAcquisitionType": "2D",
    "MagneticFieldStrength": 3,
    "Manufacturer": "Siemens",
    "ManufacturersModelName": "Prisma_fit",
    "Modality": "MR",
    "ParallelReductionFactorInPlane": 2,
    "PartialFourier": 1,
    "PatientPosition": "HFS",
    "PercentPhaseFOV": 100,
    "PhaseEncodingDirection": "j",
    "PhaseEncodingSteps": 63,
    "PhaseResolution": 1,
    "PixelBandwidth": 2230,
    "ProcedureStepDescription": "head_Kou_Murayama",
    "ProtocolName": "ep2d_bold_PtoA_iPAT2_PostResting",
    "PulseSequenceDetails": "%SiemensSeq%_ep2d_bold",
    "ReceiveCoilActiveElements": "HEA;HEP",
    "ReceiveCoilName": "Head_32",
    "ReconMatrixPE": 64,
    "RepetitionTime": 2,
    "SAR": 0.123479,
    "ScanOptions": "FS",
    "ScanningSequence": "EP",
    "SequenceName": "_epfid2d1_64",
    "SequenceVariant": "SK",
    "SeriesDescription": "ep2d_bold_PtoA_iPAT2_PostResting",
    "SeriesNumber": 12,
    "ShimSetting": [
      3426,
      -12050,
      11485,
      260,
      19,
      -282,
      66,
      -63
    ],
    "SliceThickness": 3,
    "SliceTiming": [
      0,
      1.0175,
      0.055,
      1.07,
      0.1075,
      1.125,
      0.16,
      1.1775,
      0.215,
      1.23,
      0.2675,
      1.285,
      0.3225,
      1.3375,
      0.375,
      1.3925,
      0.4275,
      1.445,
      0.4825,
      1.5,
      0.535,
      1.5525,
      0.59,
      1.605,
      0.6425,
      1.66,
      0.695,
      1.7125,
      0.75,
      1.7675,
      0.8025,
      1.82,
      0.8575,
      1.8725,
      0.91,
      1.9275,
      0.9625
    ],
    "SoftwareVersions": "syngo_MR_E11",
    "SpacingBetweenSlices": 3.75,
    "StationName": "AWP167013",
    "TaskName": "rest",
    "TotalReadoutTime": 0.0166951,
    "TxRefAmp": 243.078,
    "dataset": "<unset>",
    "modality": "bold",
    "run_id": 2,
    "subject_id": "control001",
    "task_id": "rest"
  },
  "dummy_trs": 0,
  "dvars_nstd": 27.373717961939807,
  "dvars_std": 1.0967020590969896,
  "dvars_vstd": 0.9365710186287622,
  "efc": 0.41308532400241105,
  "fber": 9815211.0,
  "fd_mean": 0.11193803620623106,
  "fd_num": 0,
  "fd_perc": 0.0,
  "fwhm_avg": 2.9428502095716893,
  "fwhm_x": 2.848397119407196,
  "fwhm_y": 3.212313333333333,
  "fwhm_z": 2.7678401759745395,
  "gcor": 0.0427843,
  "gsr_x": 0.02182094193994999,
  "gsr_y": 0.011231395415961742,
  "provenance": {
    "md5sum": "b579867ed932227f7d05062c497ffb5e",
    "settings": {
      "fd_thres": 0.5,
      "testing": false
    },
    "software": "mriqc",
    "version": "0.16.1",
    "webapi_port": null,
    "webapi_url": "https://mriqc.nimh.nih.gov/api/v1"
  },
  "size_t": 300,
  "size_x": 64,
  "size_y": 64,
  "size_z": 37,
  "snr": 2.4900329212231584,
  "spacing_tr": 2.0,
  "spacing_x": 2.999999523162842,
  "spacing_y": 3.0,
  "spacing_z": 3.749999761581421,
  "summary_bg_k": 42.402152954886475,
  "summary_bg_mad": 0.1822361621464036,
  "summary_bg_mean": 10.541707038879395,
  "summary_bg_median": 0.1268603801727295,
  "summary_bg_n": 96220.0,
  "summary_bg_p05": 0.001378628157544881,
  "summary_bg_p95": 66.53752441406253,
  "summary_bg_stdv": 34.46720504760742,
  "summary_fg_k": 0.31803340571533045,
  "summary_fg_mad": 163.72173870907875,
  "summary_fg_mean": 449.6312255859375,
  "summary_fg_median": 416.52520751953125,
  "summary_fg_n": 22868.0,
  "summary_fg_p05": 236.09267578125002,
  "summary_fg_p95": 767.0303619384763,
  "summary_fg_stdv": 167.27333068847656,
  "tsnr": 50.859901428222656
}