{
  "aor": 0.0005722666666666666,
  "aqi": 0.003972830533333333,
  "bids_meta": {
    "AcquisitionMatrixPE": 64,
    "AcquisitionNumber": 1,
    "AcquisitionTime": "11:41:7.870000",
    "BandwidthPerPixelPhaseEncode": 58.962,
    "BaseResolution": 64,
    "BodyPartExamined": "HEAD",
    "ConsistencyInfo": "N4_VE11C_LATEST_20160120",
    "ConversionSoftware": "dcm2niix",
    "ConversionSoftwareVersion": "v1.0.20181125  GCC5.3.1",
    "DerivedVendorReportedEchoSpacing": 0.000530002,
    "DeviceSerialNumber": "167013",
    "DwellTime": 3.5e-06,
    "EchoTime": 0.03,
    "EchoTrainLength": 31,
    "EffectiveEchoSpacing": 0.000265001,
    "FlipAngle": 90,
    "ImageOrientationPatientDICOM": [
      0.998842,
      -0.00487424,
      0.0478638,
      0.00976283,
      0.994691,
      -0.10244
    ],
    "ImageType": [
      "ORIGINAL",
      "PRIMARY",
      "M",
      "ND",
      "MOSAIC"
    ],
    "ImagingFrequency": 123.249,
    "InPlanePhaseEncodingDirectionDICOM": "COL",
    "InstitutionAddress": "Whiteknights_Campus_StreetNo_Reading_District_GB_RG6_7BE",
    "InstitutionName": "UoR",
    "InstitutionalDepartmentName": "Department",
    "MRAcquisitionType": "2D",
    "MagneticFieldStrength": 3,
    "Manufacturer": "Siemens",
    "ManufacturersModelName": "Prisma_fit",
    "Modality": "MR",
    "ParallelReductionFactorInPlane": 2,
    "PartialFourier": 1,
    "PatientPosition": "HFS",
    "PercentPhaseFOV": 100,
    "PhaseEncodingDirection": "j",
    "PhaseEncodingSteps": 63,
    "PhaseResolution": 1,
    "PixelBandwidth": 2230,
    "ProcedureStepDescription": "head_Kou_Murayama",
    "ProtocolName": "ep2d_bold_PtoA_iPAT2_PreResting",
    "PulseSequenceDetails": "%SiemensSeq%_ep2d_bold",
    "ReceiveCoilActiveElements": "HEA;HEP",
    "ReceiveCoilName": "Head_32",
    "ReconMatrixPE": 64,
    "RepetitionTime": 2,
    "SAR": 0.115507,
    "ScanOptions": "FS",
    "ScanningSequence": "EP",
    "SequenceName": "_epfid2d1_64",
    "SequenceVariant": "SK",
    "SeriesDescription": "ep2d_bold_PtoA_iPAT2_PreResting",
    "SeriesNumber": 6,
    "ShimSetting": [
      3375,
      -11920,
      11467,
      415,
      -42,
      -24,
      -110,
      44
    ],
    "SliceThickness": 3,
    "SliceTiming": [
      0,
      1.0175,
      0.0525,
      1.07,
      0.1075,
      1.1225,
      0.16,
      1.1775,
      0.2125,
      1.23,
      0.2675,
      1.285,
      0.32,
      1.3375,
      0.375,
      1.39,
      0.4275,
      1.445,
      0.4825,
      1.4975,
      0.535,
      1.5525,
      0.5875,
      1.605,
      0.6425,
      1.6575,
      0.695,
      1.7125,
      0.75,
      1.765,
      0.8025,
      1.82,
      0.855,
      1.8725,
      0.91,
      1.925,
      0.9625
    ],
    "SoftwareVersions": "syngo_MR_E11",
    "SpacingBetweenSlices": 3.75,
    "StationName": "AWP167013",
    "TaskName": "rest",
    "TotalReadoutTime": 0.0166951,
    "TxRefAmp": 220.456,
    "dataset": "<unset>",
    "modality": "bold",
    "run_id": 1,
    "subject_id": "experimental040",
    "task_id": "rest"
  },
  "dummy_trs": 0,
  "dvars_nstd": 23.65434286816053,
  "dvars_std": 1.0531842628428094,
  "dvars_vstd": 0.9631550745150503,
  "efc": 0.4662202568454096,
  "fber": 4703246.5,
  "fd_mean": 0.10473693641598333,
  "fd_num": 0,
  "fd_perc": 0.0,
  "fwhm_avg": 2.755286602960213,
  "fwhm_x": 2.6559402110751638,
  "fwhm_y": 2.864213105706127,
  "fwhm_z": 2.7457064920993495,
  "gcor": 0.0139933,
  "gsr_x": 0.03506247326731682,
  "gsr_y": 0.016767729073762894,
  "provenance": {
    "md5sum": "36802e897d4fe9b54bbc726411144d8a",
    "settings": {
      "fd_thres": 0.5,
      "testing": false
    },
    "software": "mriqc",
    "version": "0.16.1",
    "webapi_port": null,
    "webapi_url": "https://mriqc.nimh.nih.gov/api/v1"
  },
  "size_t": 300,
  "size_x": 64,
  "size_y": 64,
  "size_z": 37,
  "snr": 2.5091189951681745,
  "spacing_tr": 2.0,
  "spacing_x": 2.999999761581421,
  "spacing_y": 3.000000238418579,
  "spacing_z": 3.750000238418579,
  "summary_bg_k": 37.991665028545334,
  "summary_bg_mad": 0.2353208847284331,
  "summary_bg_mean": 13.28471565246582,
  "summary_bg_median": 0.160700723528862,
  "summary_bg_n": 87997.0,
  "summary_bg_p05": 0.00088052669307217,
  "summary_bg_p95": 74.95114288330078,
  "summary_bg_stdv": 42.45928192138672,
  "summary_fg_k": 0.5959747407553291,
  "summary_fg_mad": 139.73611875730458,
  "summary_fg_mean": 406.7247619628906,
  "summary_fg_median": 377.1298828125,
  "summary_fg_n": 28693.0,
  "summary_fg_p05": 216.77756347656248,
  "summary_fg_p95": 703.5016479492188,
  "summary_fg_stdv": 150.30108642578125,
  "tsnr": 54.294795989990234
}