{
  "aor": 0.0025661734693877554,
  "aqi": 0.0042438631887755105,
  "bids_meta": {
    "AcquisitionMatrixPE": 64,
    "AcquisitionNumber": 1,
    "AcquisitionTime": "11:17:27.167500",
    "BandwidthPerPixelPhaseEncode": 58.962,
    "BaseResolution": 64,
    "BodyPartExamined": "HEAD",
    "ConsistencyInfo": "N4_VE11C_LATEST_20160120",
    "ConversionSoftware": "dcm2niix",
    "ConversionSoftwareVersion": "v1.0.20181125  GCC5.3.1",
    "DerivedVendorReportedEchoSpacing": 0.000530002,
    "DeviceSerialNumber": "167013",
    "DwellTime": 3.5e-06,
    "EchoTime": 0.03,
    "EchoTrainLength": 31,
    "EffectiveEchoSpacing": 0.000265001,
    "FlipAngle": 90,
    "ImageOrientationPatientDICOM": [
      0.997782,
      -0.0207682,
      0.0632446,
      0.00783678,
      0.980127,
      0.198216
    ],
    "ImageType": [
      "ORIGINAL",
      "PRIMARY",
      "M",
      "ND",
      "MOSAIC"
    ],
    "ImagingFrequency": 123.249,
    "InPlanePhaseEncodingDirectionDICOM": "COL",
    "InstitutionAddress": "Whiteknights_Campus_StreetNo_Reading_District_GB_RG6_7BE",
    "InstitutionName": "UoR",
    "InstitutionalDepartmentName": "Department",
    "MRAcquisitionType": "2D",
    "MagneticFieldStrength": 3,
    "Manufacturer": "Siemens",
    "ManufacturersModelName": "Prisma_fit",
    "Modality": "MR",
    "ParallelReductionFactorInPlane": 2,
    "PartialFourier": 1,
    "PatientPosition": "HFS",
    "PercentPhaseFOV": 100,
    "PhaseEncodingDirection": "j",
    "PhaseEncodingSteps": 63,
    "PhaseResolution": 1,
    "PixelBandwidth": 2230,
    "ProcedureStepDescription": "head_Kou_Murayama",
    "ProtocolName": "ep2d_bold_PtoA_iPAT2_MagicTrick_Run1",
    "PulseSequenceDetails": "%SiemensSeq%_ep2d_bold",
    "ReceiveCoilActiveElements": "HEA;HEP",
    "ReceiveCoilName": "Head_32",
    "ReconMatrixPE": 64,
    "RepetitionTime": 2,
    "SAR": 0.149515,
    "ScanOptions": "FS",
    "ScanningSequence": "EP",
    "SequenceName": "_epfid2d1_64",
    "SequenceVariant": "SK",
    "SeriesDescription": "ep2d_bold_PtoA_iPAT2_MagicTrick_Run1",
    "SeriesNumber": 9,
    "ShimSetting": [
      3412,
      -12019,
      11531,
      499,
      52,
      -208,
      -37,
      -23
    ],
    "SliceThickness": 3,
    "SliceTiming": [
      0,
      1.0175,
      0.0525,
      1.07,
      0.1075,
      1.1225,
      0.16,
      1.1775,
      0.215,
      1.23,
      0.2675,
      1.285,
      0.32,
      1.3375,
      0.375,
      1.39,
      0.4275,
      1.445,
      0.4825,
      1.4975,
      0.535,
      1.5525,
      0.5875,
      1.605,
      0.6425,
      1.6575,
      0.695,
      1.7125,
      0.75,
      1.765,
      0.8025,
      1.82,
      0.855,
      1.8725,
      0.91,
      1.925,
      0.9625
    ],
    "SoftwareVersions": "syngo_MR_E11",
    "SpacingBetweenSlices": 3.75,
    "StationName": "AWP167013",
    "TaskName": "magictrickwatching",
    "TotalReadoutTime": 0.0166951,
    "TxRefAmp": 239.21,
    "dataset": "<unset>",
    "modality": "bold",
    "run_id": 1,
    "subject_id": "experimental026",
    "task_id": "magictrickwatching"
  },
  "dummy_trs": 2,
  "dvars_nstd": 23.875680230792856,
  "dvars_std": 1.1170695339897698,
  "dvars_vstd": 1.0005635424808186,
  "efc": 0.4590207401109889,
  "fber": 3028194.0,
  "fd_mean": 0.09172705589010857,
  "fd_num": 0,
  "fd_perc": 0.0,
  "fwhm_avg": 2.942641035857648,
  "fwhm_x": 2.840723107572944,
  "fwhm_y": 3.1025066666666667,
  "fwhm_z": 2.8846933333333333,
  "gcor": 0.0270312,
  "gsr_x": 0.04787041246891022,
  "gsr_y": 0.010408786125481129,
  "provenance": {
    "md5sum": "cbb0138db93e9639ba061f11f8739e18",
    "settings": {
      "fd_thres": 0.5,
      "testing": false
    },
    "software": "mriqc",
    "version": "0.16.1",
    "webapi_port": null,
    "webapi_url": "https://mriqc.nimh.nih.gov/api/v1"
  },
  "size_t": 392,
  "size_x": 64,
  "size_y": 64,
  "size_z": 37,
  "snr": 2.401440430568808,
  "spacing_tr": 2.0,
  "spacing_x": 3.000000238418579,
  "spacing_y": 3.0,
  "spacing_z": 3.75,
  "summary_bg_k": 51.81787187476302,
  "summary_bg_mad": 0.33414445753908906,
  "summary_bg_mean": 17.717920303344727,
  "summary_bg_median": 0.22726421058177948,
  "summary_bg_n": 88779.0,
  "summary_bg_p05": 0.0002653887320775541,
  "summary_bg_p95": 95.05577163696286,
  "summary_bg_stdv": 58.68634796142578,
  "summary_fg_k": 0.7569000837909083,
  "summary_fg_mad": 180.69273357094764,
  "summary_fg_mean": 488.2997741699219,
  "summary_fg_median": 450.3389892578125,
  "summary_fg_n": 27007.0,
  "summary_fg_p05": 250.84161834716795,
  "summary_fg_p95": 843.1894592285154,
  "summary_fg_stdv": 187.5252227783203,
  "tsnr": 51.355506896972656
}