{
  "bids_meta": {
    "AcquisitionMatrixPE": 256,
    "AcquisitionNumber": 1,
    "AcquisitionTime": "13:34:23.715000",
    "BaseResolution": 256,
    "BodyPartExamined": "HEAD",
    "ConsistencyInfo": "N4_VE11C_LATEST_20160120",
    "ConversionSoftware": "dcm2niix",
    "ConversionSoftwareVersion": "v1.0.20181125  GCC5.3.1",
    "DeviceSerialNumber": "167013",
    "DwellTime": 9.8e-06,
    "EchoTime": 0.00229,
    "FlipAngle": 8,
    "ImageOrientationPatientDICOM": [
      -0.0722394,
      0.996832,
      0.0332706,
      0.0569583,
      0.0374264,
      -0.997675
    ],
    "ImageType": [
      "ORIGINAL",
      "PRIMARY",
      "M",
      "ND",
      "NORM"
    ],
    "ImagingFrequency": 123.249,
    "InPlanePhaseEncodingDirectionDICOM": "ROW",
    "InstitutionAddress": "Whiteknights_Campus_StreetNo_Reading_District_GB_RG6_7BE",
    "InstitutionName": "UoR",
    "InstitutionalDepartmentName": "Department",
    "InversionTime": 0.9,
    "MRAcquisitionType": "3D",
    "MagneticFieldStrength": 3,
    "Manufacturer": "Siemens",
    "ManufacturersModelName": "Prisma_fit",
    "Modality": "MR",
    "PartialFourier": 1,
    "PatientPosition": "HFS",
    "PercentPhaseFOV": 100,
    "PhaseEncodingSteps": 255,
    "PhaseResolution": 1,
    "PixelBandwidth": 200,
    "ProcedureStepDescription": "head_Kou_Murayama",
    "ProtocolName": "t1_mprage_sag_p2_iso_192",
    "PulseSequenceDetails": "%SiemensSeq%_tfl",
    "ReceiveCoilActiveElements": "HEA;HEP",
    "ReceiveCoilName": "Head_32",
    "ReconMatrixPE": 256,
    "RepetitionTime": 2.3,
    "SAR": 0.0403587,
    "ScanOptions": "IR",
    "ScanningSequence": "GR_IR",
    "SequenceName": "_tfl3d1_16ns",
    "SequenceVariant": "SK_SP_MP",
    "SeriesDescription": "t1_mprage_sag_p2_iso_192",
    "SeriesNumber": 13,
    "ShimSetting": [
      3382,
      -11946,
      11206,
      -4,
      -40,
      -152,
      -34,
      21
    ],
    "SliceThickness": 0.94,
    "SoftwareVersions": "syngo_MR_E11",
    "StationName": "AWP167013",
    "TxRefAmp": 240.312,
    "dataset": "<unset>",
    "modality": "T1w",
    "rec_id": "NORM",
    "subject_id": "experimental048"
  },
  "cjv": 0.4147874663086622,
  "cnr": 3.264291285215782,
  "efc": 0.5355896943007733,
  "fber": 2276.3650565364014,
  "fwhm_avg": 3.9432922869414107,
  "fwhm_x": 3.848180860824232,
  "fwhm_y": 4.016981333333333,
  "fwhm_z": 3.9647146666666666,
  "icvs_csf": 0.20763301712678892,
  "icvs_gm": 0.4167007837627123,
  "icvs_wm": 0.37566619911049876,
  "inu_med": 1.313708782196045,
  "inu_range": 0.35792870521545384,
  "provenance": {
    "md5sum": "ef320bcf477dd7f73bcd40e664213783",
    "settings": {
      "testing": false
    },
    "software": "mriqc",
    "version": "0.16.1",
    "warnings": {
      "large_rot_frame": true,
      "small_air_mask": false
    },
    "webapi_port": null,
    "webapi_url": "https://mriqc.nimh.nih.gov/api/v1"
  },
  "qi_1": 1.893579585597868e-05,
  "qi_2": 0.00909803634692357,
  "rpve_csf": 25.13354407044986,
  "rpve_gm": 13.119204996463168,
  "rpve_wm": 17.820443458284434,
  "size_x": 192,
  "size_y": 256,
  "size_z": 256,
  "snr_csf": 3.102672912916425,
  "snr_gm": 11.253227063449772,
  "snr_total": 10.814799571641899,
  "snr_wm": 18.088498738559498,
  "snrd_csf": 32.62490274027705,
  "snrd_gm": 62.5240864891366,
  "snrd_total": 60.64337139437583,
  "snrd_wm": 86.78112495371384,
  "spacing_x": 0.9399999976158142,
  "spacing_y": 0.9375,
  "spacing_z": 0.9375,
  "summary_bg_k": 32.803227666692294,
  "summary_bg_mad": 7.54929588103342,
  "summary_bg_mean": 9.953865144490834,
  "summary_bg_median": 5.09192269295454,
  "summary_bg_n": 2976980.0,
  "summary_bg_p05": 0.0,
  "summary_bg_p95": 31.301924765110016,
  "summary_bg_stdv": 13.311807077609531,
  "summary_csf_k": -0.6705328333026781,
  "summary_csf_mad": 142.08569510829216,
  "summary_csf_mean": 380.42579319210677,
  "summary_csf_median": 375.94469229876995,
  "summary_csf_n": 14572.0,
  "summary_csf_p05": 190.73538420014083,
  "summary_csf_p95": 570.2122628722339,
  "summary_csf_stdv": 121.16384906554129,
  "summary_gm_k": -0.05532868878469266,
  "summary_gm_mad": 64.92394457688742,
  "summary_gm_mean": 721.3658609302666,
  "summary_gm_median": 720.4802614599466,
  "summary_gm_n": 22670.0,
  "summary_gm_p05": 617.46262550354,
  "summary_gm_p95": 828.2146258056164,
  "summary_gm_stdv": 64.02291241546764,
  "summary_wm_k": 0.9724925779939086,
  "summary_wm_mad": 51.01734690129953,
  "summary_wm_mean": 1000.273113629376,
  "summary_wm_median": 1000.0000177100301,
  "summary_wm_n": 244024.0,
  "summary_wm_p05": 910.114182382822,
  "summary_wm_p95": 1089.6714562922716,
  "summary_wm_stdv": 55.28363537419479,
  "tpm_overlap_csf": 0.15783685445785522,
  "tpm_overlap_gm": 0.4374055564403534,
  "tpm_overlap_wm": 0.500837504863739,
  "wm2max": 0.3914185495384136
}