{
  "aor": 0.0010688802083333334,
  "aqi": 0.003940085130208333,
  "bids_meta": {
    "AcquisitionMatrixPE": 64,
    "AcquisitionNumber": 1,
    "AcquisitionTime": "12:07:9.835000",
    "BandwidthPerPixelPhaseEncode": 58.962,
    "BaseResolution": 64,
    "BodyPartExamined": "HEAD",
    "ConsistencyInfo": "N4_VE11C_LATEST_20160120",
    "ConversionSoftware": "dcm2niix",
    "ConversionSoftwareVersion": "v1.0.20181125  GCC5.3.1",
    "DerivedVendorReportedEchoSpacing": 0.000530002,
    "DeviceSerialNumber": "167013",
    "DwellTime": 3.5e-06,
    "EchoTime": 0.03,
    "EchoTrainLength": 31,
    "EffectiveEchoSpacing": 0.000265001,
    "FlipAngle": 90,
    "ImageOrientationPatientDICOM": [
      0.998249,
      0.0520307,
      -0.0281256,
      -0.0514425,
      0.99845,
      0.0212462
    ],
    "ImageType": [
      "ORIGINAL",
      "PRIMARY",
      "M",
      "ND",
      "MOSAIC"
    ],
    "ImagingFrequency": 123.249,
    "InPlanePhaseEncodingDirectionDICOM": "COL",
    "InstitutionAddress": "Whiteknights_Campus_StreetNo_Reading_District_GB_RG6_7BE",
    "InstitutionName": "UoR",
    "InstitutionalDepartmentName": "Department",
    "MRAcquisitionType": "2D",
    "MagneticFieldStrength": 3,
    "Manufacturer": "Siemens",
    "ManufacturersModelName": "Prisma_fit",
    "Modality": "MR",
    "ParallelReductionFactorInPlane": 2,
    "PartialFourier": 1,
    "PatientPosition": "HFS",
    "PercentPhaseFOV": 100,
    "PhaseEncodingDirection": "j",
    "PhaseEncodingSteps": 63,
    "PhaseResolution": 1,
    "PixelBandwidth": 2230,
    "ProcedureStepDescription": "head_Kou_Murayama",
    "ProtocolName": "ep2d_bold_PtoA_iPAT2_MagicTrick_Run2",
    "PulseSequenceDetails": "%SiemensSeq%_ep2d_bold",
    "ReceiveCoilActiveElements": "HEA;HEP",
    "ReceiveCoilName": "Head_32",
    "ReconMatrixPE": 64,
    "RepetitionTime": 2,
    "SAR": 0.10907,
    "ScanOptions": "FS",
    "ScanningSequence": "EP",
    "SequenceName": "_epfid2d1_64",
    "SequenceVariant": "SK",
    "SeriesDescription": "ep2d_bold_PtoA_iPAT2_MagicTrick_Run2",
    "SeriesNumber": 10,
    "ShimSetting": [
      3369,
      -11965,
      11450,
      263,
      -71,
      -139,
      -67,
      29
    ],
    "SliceThickness": 3,
    "SliceTiming": [
      0,
      1.0175,
      0.0525,
      1.07,
      0.1075,
      1.1225,
      0.16,
      1.1775,
      0.215,
      1.23,
      0.2675,
      1.285,
      0.32,
      1.3375,
      0.375,
      1.39,
      0.4275,
      1.445,
      0.4825,
      1.4975,
      0.535,
      1.5525,
      0.5875,
      1.605,
      0.6425,
      1.66,
      0.695,
      1.7125,
      0.75,
      1.765,
      0.8025,
      1.82,
      0.855,
      1.8725,
      0.91,
      1.9275,
      0.9625
    ],
    "SoftwareVersions": "syngo_MR_E11",
    "SpacingBetweenSlices": 3.75,
    "StationName": "AWP167013",
    "TaskName": "magictrickwatching",
    "TotalReadoutTime": 0.0166951,
    "TxRefAmp": 240.578,
    "dataset": "<unset>",
    "modality": "bold",
    "run_id": 2,
    "subject_id": "control011",
    "task_id": "magictrickwatching"
  },
  "dummy_trs": 1,
  "dvars_nstd": 25.714732182689296,
  "dvars_std": 1.0999287368146216,
  "dvars_vstd": 0.9691260302349867,
  "efc": 0.4635680302077232,
  "fber": 6450400.5,
  "fd_mean": 0.08333743634188558,
  "fd_num": 1,
  "fd_perc": 0.2604166666666667,
  "fwhm_avg": 2.6451751788037137,
  "fwhm_x": 2.555310203077809,
  "fwhm_y": 2.8603166666666664,
  "fwhm_z": 2.5198986666666667,
  "gcor": 0.0163626,
  "gsr_x": 0.01902569644153118,
  "gsr_y": 0.03838026896119118,
  "provenance": {
    "md5sum": "912f8ed11c4b66f705f35441d51c1798",
    "settings": {
      "fd_thres": 0.5,
      "testing": false
    },
    "software": "mriqc",
    "version": "0.16.1",
    "webapi_port": null,
    "webapi_url": "https://mriqc.nimh.nih.gov/api/v1"
  },
  "size_t": 384,
  "size_x": 64,
  "size_y": 64,
  "size_z": 37,
  "snr": 2.5983304795642415,
  "spacing_tr": 2.0,
  "spacing_x": 2.999999761581421,
  "spacing_y": 3.0,
  "spacing_z": 3.75,
  "summary_bg_k": 74.72388744051668,
  "summary_bg_mad": 0.18641574895473534,
  "summary_bg_mean": 12.332698822021484,
  "summary_bg_median": 0.1265236735343933,
  "summary_bg_n": 89120.0,
  "summary_bg_p05": 0.0,
  "summary_bg_p95": 77.13285865783692,
  "summary_bg_stdv": 37.723445892333984,
  "summary_fg_k": 0.7721740602495717,
  "summary_fg_mad": 130.12035657509043,
  "summary_fg_mean": 373.4422607421875,
  "summary_fg_median": 351.00042724609375,
  "summary_fg_n": 27924.0,
  "summary_fg_p05": 193.88347396850585,
  "summary_fg_p95": 626.6488952636716,
  "summary_fg_stdv": 135.08448791503906,
  "tsnr": 51.42723846435547
}