{
  "aor": 0.00034294314381270904,
  "aqi": 0.0030756414715719066,
  "bids_meta": {
    "AcquisitionMatrixPE": 64,
    "AcquisitionNumber": 1,
    "AcquisitionTime": "12:36:3.327500",
    "BandwidthPerPixelPhaseEncode": 58.962,
    "BaseResolution": 64,
    "BodyPartExamined": "HEAD",
    "ConsistencyInfo": "N4_VE11C_LATEST_20160120",
    "ConversionSoftware": "dcm2niix",
    "ConversionSoftwareVersion": "v1.0.20181125  GCC5.3.1",
    "DerivedVendorReportedEchoSpacing": 0.000530002,
    "DeviceSerialNumber": "167013",
    "DwellTime": 3.5e-06,
    "EchoTime": 0.03,
    "EchoTrainLength": 31,
    "EffectiveEchoSpacing": 0.000265001,
    "FlipAngle": 90,
    "ImageOrientationPatientDICOM": [
      0.998249,
      0.0520307,
      -0.0281256,
      -0.0514425,
      0.99845,
      0.0212462
    ],
    "ImageType": [
      "ORIGINAL",
      "PRIMARY",
      "M",
      "ND",
      "MOSAIC"
    ],
    "ImagingFrequency": 123.249,
    "InPlanePhaseEncodingDirectionDICOM": "COL",
    "InstitutionAddress": "Whiteknights_Campus_StreetNo_Reading_District_GB_RG6_7BE",
    "InstitutionName": "UoR",
    "InstitutionalDepartmentName": "Department",
    "MRAcquisitionType": "2D",
    "MagneticFieldStrength": 3,
    "Manufacturer": "Siemens",
    "ManufacturersModelName": "Prisma_fit",
    "Modality": "MR",
    "ParallelReductionFactorInPlane": 2,
    "PartialFourier": 1,
    "PatientPosition": "HFS",
    "PercentPhaseFOV": 100,
    "PhaseEncodingDirection": "j",
    "PhaseEncodingSteps": 63,
    "PhaseResolution": 1,
    "PixelBandwidth": 2230,
    "ProcedureStepDescription": "head_Kou_Murayama",
    "ProtocolName": "ep2d_bold_PtoA_iPAT2_PostResting",
    "PulseSequenceDetails": "%SiemensSeq%_ep2d_bold",
    "ReceiveCoilActiveElements": "HEA;HEP",
    "ReceiveCoilName": "Head_32",
    "ReconMatrixPE": 64,
    "RepetitionTime": 2,
    "SAR": 0.108928,
    "ScanOptions": "FS",
    "ScanningSequence": "EP",
    "SequenceName": "_epfid2d1_64",
    "SequenceVariant": "SK",
    "SeriesDescription": "ep2d_bold_PtoA_iPAT2_PostResting",
    "SeriesNumber": 12,
    "ShimSetting": [
      3369,
      -11965,
      11450,
      263,
      -71,
      -139,
      -67,
      29
    ],
    "SliceThickness": 3,
    "SliceTiming": [
      0,
      1.015,
      0.0525,
      1.07,
      0.105,
      1.1225,
      0.16,
      1.175,
      0.2125,
      1.23,
      0.2675,
      1.2825,
      0.32,
      1.3375,
      0.3725,
      1.39,
      0.4275,
      1.4425,
      0.48,
      1.4975,
      0.535,
      1.55,
      0.5875,
      1.605,
      0.64,
      1.6575,
      0.695,
      1.71,
      0.7475,
      1.765,
      0.8025,
      1.8175,
      0.855,
      1.8725,
      0.9075,
      1.925,
      0.9625
    ],
    "SoftwareVersions": "syngo_MR_E11",
    "SpacingBetweenSlices": 3.75,
    "StationName": "AWP167013",
    "TaskName": "rest",
    "TotalReadoutTime": 0.0166951,
    "TxRefAmp": 240.578,
    "dataset": "<unset>",
    "modality": "bold",
    "run_id": 2,
    "subject_id": "control011",
    "task_id": "rest"
  },
  "dummy_trs": 1,
  "dvars_nstd": 24.939086690268454,
  "dvars_std": 1.0856563385906035,
  "dvars_vstd": 0.9724576365436233,
  "efc": 0.46565051810308866,
  "fber": 5437412.0,
  "fd_mean": 0.0719619867110967,
  "fd_num": 0,
  "fd_perc": 0.0,
  "fwhm_avg": 2.6331516230983967,
  "fwhm_x": 2.5496568692951893,
  "fwhm_y": 2.852256666666667,
  "fwhm_z": 2.4975413333333334,
  "gcor": 0.0122972,
  "gsr_x": 0.02096637152135372,
  "gsr_y": 0.0391482338309288,
  "provenance": {
    "md5sum": "a9901ae4515457440d48c582869cd4f6",
    "settings": {
      "fd_thres": 0.5,
      "testing": false
    },
    "software": "mriqc",
    "version": "0.16.1",
    "webapi_port": null,
    "webapi_url": "https://mriqc.nimh.nih.gov/api/v1"
  },
  "size_t": 299,
  "size_x": 64,
  "size_y": 64,
  "size_z": 37,
  "snr": 2.670412617166617,
  "spacing_tr": 2.0,
  "spacing_x": 2.999999761581421,
  "spacing_y": 3.0,
  "spacing_z": 3.75,
  "summary_bg_k": 63.69222106150798,
  "summary_bg_mad": 0.207019179514331,
  "summary_bg_mean": 12.534743309020996,
  "summary_bg_median": 0.1431761533021927,
  "summary_bg_n": 89052.0,
  "summary_bg_p05": 0.0013436150271445512,
  "summary_bg_p95": 80.02976188659655,
  "summary_bg_stdv": 38.44393539428711,
  "summary_fg_k": 0.4655288044492374,
  "summary_fg_mad": 127.10454512570743,
  "summary_fg_mean": 369.877197265625,
  "summary_fg_median": 348.91156005859375,
  "summary_fg_n": 28161.0,
  "summary_fg_p05": 195.13174438476562,
  "summary_fg_p95": 612.8453369140625,
  "summary_fg_stdv": 130.65597534179688,
  "tsnr": 56.85857009887695
}