{
  "bids_meta": {
    "AcquisitionMatrixPE": 256,
    "AcquisitionNumber": 1,
    "AcquisitionTime": "18:50:2.097500",
    "BaseResolution": 256,
    "BodyPartExamined": "HEAD",
    "ConsistencyInfo": "N4_VE11C_LATEST_20160120",
    "ConversionSoftware": "dcm2niix",
    "ConversionSoftwareVersion": "v1.0.20180622 GCC5.3.1",
    "DeviceSerialNumber": "167013",
    "DwellTime": 9.8e-06,
    "EchoTime": 0.00229,
    "FlipAngle": 8,
    "ImageOrientationPatientDICOM": [
      -0.0942946,
      0.99208,
      0.0829802,
      -0.0146761,
      0.0819573,
      -0.996528
    ],
    "ImageType": [
      "ORIGINAL",
      "PRIMARY",
      "M",
      "ND",
      "NORM"
    ],
    "InPlanePhaseEncodingDirectionDICOM": "ROW",
    "InstitutionAddress": "Whiteknights_Campus_StreetNo_Reading_District_GB_RG6_7BE",
    "InstitutionName": "UOR",
    "InstitutionalDepartmentName": "Department",
    "InversionTime": 0.9,
    "MRAcquisitionType": "3D",
    "MagneticFieldStrength": 3,
    "Manufacturer": "Siemens",
    "ManufacturersModelName": "Prisma_fit",
    "Modality": "MR",
    "ParallelReductionFactorInPlane": 2,
    "PartialFourier": 1,
    "PatientPosition": "HFS",
    "PercentPhaseFOV": 100,
    "PhaseEncodingSteps": 255,
    "PhaseResolution": 1,
    "PixelBandwidth": 200,
    "ProcedureStepDescription": "head_Kou_Murayama",
    "ProtocolName": "t1_mprage_sag_p2_iso_192",
    "PulseSequenceDetails": "%SiemensSeq%_tfl",
    "ReceiveCoilActiveElements": "HEA;HEP",
    "ReceiveCoilName": "Head_32",
    "ReconMatrixPE": 256,
    "RepetitionTime": 2.3,
    "SAR": 0.0499975,
    "ScanOptions": "IR",
    "ScanningSequence": "GR_IR",
    "SequenceName": "_tfl3d1_16ns",
    "SequenceVariant": "SK_SP_MP",
    "SeriesDescription": "t1_mprage_sag_p2_iso_192",
    "SeriesNumber": 13,
    "ShimSetting": [
      3382,
      -11946,
      11206,
      -4,
      -40,
      -152,
      -34,
      21
    ],
    "SliceThickness": 0.94,
    "SoftwareVersions": "syngo_MR_E11",
    "StationName": "AWP167013",
    "TxRefAmp": 243.46,
    "dataset": "<unset>",
    "modality": "T1w",
    "rec_id": "NORM",
    "subject_id": "experimental004"
  },
  "cjv": 0.34897087030384555,
  "cnr": 3.735472101723409,
  "efc": 0.5724809989088914,
  "fber": 5365.98348526886,
  "fwhm_avg": 3.717054860819097,
  "fwhm_x": 3.673927249123959,
  "fwhm_y": 3.742773333333333,
  "fwhm_z": 3.734464,
  "icvs_csf": 0.20725611101671718,
  "icvs_gm": 0.429258663268382,
  "icvs_wm": 0.36348522571490083,
  "inu_med": 1.3750054836273193,
  "inu_range": 0.37072847485542293,
  "provenance": {
    "md5sum": "858d630f111d710b9193b41f9d483711",
    "settings": {
      "testing": false
    },
    "software": "mriqc",
    "version": "0.16.1",
    "warnings": {
      "large_rot_frame": true,
      "small_air_mask": false
    },
    "webapi_port": null,
    "webapi_url": "https://mriqc.nimh.nih.gov/api/v1"
  },
  "qi_1": 0.0,
  "qi_2": 0.005371076950283655,
  "rpve_csf": 23.665630187533793,
  "rpve_gm": 12.367764948297172,
  "rpve_wm": 17.548938733895636,
  "size_x": 192,
  "size_y": 256,
  "size_z": 256,
  "snr_csf": 2.159985713352432,
  "snr_gm": 10.914783290227598,
  "snr_total": 10.725018938866532,
  "snr_wm": 19.100287813019566,
  "snrd_csf": 33.783479343879605,
  "snrd_gm": 65.16743247428518,
  "snrd_total": 64.39841943370713,
  "snrd_wm": 94.24434648295662,
  "spacing_x": 0.9400050044059753,
  "spacing_y": 0.9375,
  "spacing_z": 0.9375,
  "summary_bg_k": 10.517423379912357,
  "summary_bg_mad": 6.951466270886318,
  "summary_bg_mean": 8.089159783882021,
  "summary_bg_median": 4.743212431669235,
  "summary_bg_n": 3037411.0,
  "summary_bg_p05": 0.0,
  "summary_bg_p95": 23.607022792100906,
  "summary_bg_stdv": 8.208033141989432,
  "summary_csf_k": 23.191764215520735,
  "summary_csf_mad": 155.19552604769456,
  "summary_csf_mean": 366.11246055466654,
  "summary_csf_median": 358.4669165313244,
  "summary_csf_n": 11127.0,
  "summary_csf_p05": 169.6598019093275,
  "summary_csf_p95": 568.912893384695,
  "summary_csf_stdv": 165.95054586551925,
  "summary_gm_k": 0.30603548277156367,
  "summary_gm_mad": 60.461590356081,
  "summary_gm_mean": 690.5043251233216,
  "summary_gm_median": 691.4731410443783,
  "summary_gm_n": 24137.0,
  "summary_gm_p05": 584.6036581873893,
  "summary_gm_p95": 794.0791846811771,
  "summary_gm_stdv": 63.35066840863448,
  "summary_wm_k": 1.3919439060077634,
  "summary_wm_mad": 47.20530583950709,
  "summary_wm_mean": 997.6405996850748,
  "summary_wm_median": 1000.0000278353691,
  "summary_wm_n": 240256.0,
  "summary_wm_p05": 906.8804090619087,
  "summary_wm_p95": 1077.6905762851238,
  "summary_wm_stdv": 52.35512451482672,
  "tpm_overlap_csf": 0.15955494344234467,
  "tpm_overlap_gm": 0.4350969195365906,
  "tpm_overlap_wm": 0.4912959337234497,
  "wm2max": 0.40469032601807403
}