{
  "aor": 0.00285844387755102,
  "aqi": 0.008010514489795917,
  "bids_meta": {
    "AcquisitionMatrixPE": 64,
    "AcquisitionNumber": 1,
    "AcquisitionTime": "16:16:35.357500",
    "BandwidthPerPixelPhaseEncode": 58.962,
    "BaseResolution": 64,
    "BodyPartExamined": "HEAD",
    "ConsistencyInfo": "N4_VE11C_LATEST_20160120",
    "ConversionSoftware": "dcm2niix",
    "ConversionSoftwareVersion": "v1.0.20181125  GCC5.3.1",
    "DerivedVendorReportedEchoSpacing": 0.000530002,
    "DeviceSerialNumber": "167013",
    "DwellTime": 3.5e-06,
    "EchoTime": 0.03,
    "EchoTrainLength": 31,
    "EffectiveEchoSpacing": 0.000265001,
    "FlipAngle": 90,
    "ImageOrientationPatientDICOM": [
      0.999516,
      -0.021336,
      0.0226328,
      0.0209368,
      0.999624,
      0.0177276
    ],
    "ImageType": [
      "ORIGINAL",
      "PRIMARY",
      "M",
      "ND",
      "MOSAIC"
    ],
    "ImagingFrequency": 123.248,
    "InPlanePhaseEncodingDirectionDICOM": "COL",
    "InstitutionAddress": "Whiteknights_Campus_StreetNo_Reading_District_GB_RG6_7BE",
    "InstitutionName": "UoR",
    "InstitutionalDepartmentName": "Department",
    "MRAcquisitionType": "2D",
    "MagneticFieldStrength": 3,
    "Manufacturer": "Siemens",
    "ManufacturersModelName": "Prisma_fit",
    "Modality": "MR",
    "ParallelReductionFactorInPlane": 2,
    "PartialFourier": 1,
    "PatientPosition": "HFS",
    "PercentPhaseFOV": 100,
    "PhaseEncodingDirection": "j",
    "PhaseEncodingSteps": 63,
    "PhaseResolution": 1,
    "PixelBandwidth": 2230,
    "ProcedureStepDescription": "head_Kou_Murayama",
    "ProtocolName": "ep2d_bold_PtoA_iPAT2_MagicTrick_Run1",
    "PulseSequenceDetails": "%SiemensSeq%_ep2d_bold",
    "ReceiveCoilActiveElements": "HEA;HEP",
    "ReceiveCoilName": "Head_32",
    "ReconMatrixPE": 64,
    "RepetitionTime": 2,
    "SAR": 0.109576,
    "ScanOptions": "FS",
    "ScanningSequence": "EP",
    "SequenceName": "_epfid2d1_64",
    "SequenceVariant": "SK",
    "SeriesDescription": "ep2d_bold_PtoA_iPAT2_MagicTrick_Run1",
    "SeriesNumber": 9,
    "ShimSetting": [
      3389,
      -11956,
      11478,
      517,
      21,
      -88,
      54,
      23
    ],
    "SliceThickness": 3,
    "SliceTiming": [
      0,
      1.015,
      0.0525,
      1.07,
      0.105,
      1.1225,
      0.16,
      1.175,
      0.2125,
      1.23,
      0.2675,
      1.2825,
      0.32,
      1.3375,
      0.3725,
      1.39,
      0.4275,
      1.4425,
      0.48,
      1.4975,
      0.535,
      1.55,
      0.5875,
      1.605,
      0.64,
      1.6575,
      0.695,
      1.7125,
      0.7475,
      1.765,
      0.8025,
      1.8175,
      0.855,
      1.8725,
      0.9075,
      1.925,
      0.9625
    ],
    "SoftwareVersions": "syngo_MR_E11",
    "SpacingBetweenSlices": 3.75,
    "StationName": "AWP167013",
    "TaskName": "magictrickwatching",
    "TotalReadoutTime": 0.0166951,
    "TxRefAmp": 234.882,
    "dataset": "<unset>",
    "modality": "bold",
    "run_id": 1,
    "subject_id": "experimental020",
    "task_id": "magictrickwatching"
  },
  "dummy_trs": 0,
  "dvars_nstd": 24.819891985447555,
  "dvars_std": 1.0604103509462917,
  "dvars_vstd": 0.932820280741688,
  "efc": 0.48355483540560235,
  "fber": 308370.46875,
  "fd_mean": 0.1387792426731134,
  "fd_num": 4,
  "fd_perc": 1.0204081632653061,
  "fwhm_avg": 2.9461786489452577,
  "fwhm_x": 2.961272862651688,
  "fwhm_y": 3.1350230841840836,
  "fwhm_z": 2.7422400000000002,
  "gcor": 0.0144654,
  "gsr_x": 0.007906750775873661,
  "gsr_y": 0.05090038850903511,
  "provenance": {
    "md5sum": "c23306ea7af10b1ae2a77052621293ff",
    "settings": {
      "fd_thres": 0.5,
      "testing": false
    },
    "software": "mriqc",
    "version": "0.16.1",
    "webapi_port": null,
    "webapi_url": "https://mriqc.nimh.nih.gov/api/v1"
  },
  "size_t": 392,
  "size_x": 64,
  "size_y": 64,
  "size_z": 37,
  "snr": 2.3149845872550325,
  "spacing_tr": 2.0,
  "spacing_x": 3.000000476837158,
  "spacing_y": 3.000000238418579,
  "spacing_z": 3.75,
  "summary_bg_k": 22.928296944172292,
  "summary_bg_mad": 1.0570409203266742,
  "summary_bg_mean": 19.829065322875977,
  "summary_bg_median": 0.7290154695510864,
  "summary_bg_n": 84556.0,
  "summary_bg_p05": 0.0059338490245863795,
  "summary_bg_p95": 123.0519790649414,
  "summary_bg_stdv": 51.731605529785156,
  "summary_fg_k": 0.10716373025892834,
  "summary_fg_mad": 211.1103306002734,
  "summary_fg_mean": 519.1099243164062,
  "summary_fg_median": 479.7822265625,
  "summary_fg_n": 30143.0,
  "summary_fg_p05": 250.1239440917969,
  "summary_fg_p95": 906.6893554687496,
  "summary_fg_stdv": 207.24728393554688,
  "tsnr": 38.08660125732422
}