{
  "bids_meta": {
    "AcquisitionMatrixPE": 256,
    "AcquisitionNumber": 1,
    "AcquisitionTime": "17:15:17.000000",
    "BaseResolution": 256,
    "BodyPartExamined": "HEAD",
    "ConsistencyInfo": "N4_VE11C_LATEST_20160120",
    "ConversionSoftware": "dcm2niix",
    "ConversionSoftwareVersion": "v1.0.20181125  GCC5.3.1",
    "DeviceSerialNumber": "167013",
    "DwellTime": 9.8e-06,
    "EchoTime": 0.00229,
    "FlipAngle": 8,
    "ImageOrientationPatientDICOM": [
      0.0199224,
      0.998052,
      0.059117,
      0.0238483,
      0.0586375,
      -0.997994
    ],
    "ImageType": [
      "ORIGINAL",
      "PRIMARY",
      "M",
      "ND",
      "NORM"
    ],
    "ImagingFrequency": 123.248,
    "InPlanePhaseEncodingDirectionDICOM": "ROW",
    "InstitutionAddress": "Whiteknights_Campus_StreetNo_Reading_District_GB_RG6_7BE",
    "InstitutionName": "UoR",
    "InstitutionalDepartmentName": "Department",
    "InversionTime": 0.9,
    "MRAcquisitionType": "3D",
    "MagneticFieldStrength": 3,
    "Manufacturer": "Siemens",
    "ManufacturersModelName": "Prisma_fit",
    "Modality": "MR",
    "PartialFourier": 1,
    "PatientPosition": "HFS",
    "PercentPhaseFOV": 100,
    "PhaseEncodingSteps": 255,
    "PhaseResolution": 1,
    "PixelBandwidth": 200,
    "ProcedureStepDescription": "head_Kou_Murayama",
    "ProtocolName": "t1_mprage_sag_p2_iso_192",
    "PulseSequenceDetails": "%SiemensSeq%_tfl",
    "ReceiveCoilActiveElements": "HEA;HEP",
    "ReceiveCoilName": "Head_32",
    "ReconMatrixPE": 256,
    "RepetitionTime": 2.3,
    "SAR": 0.0530412,
    "ScanOptions": "IR",
    "ScanningSequence": "GR_IR",
    "SequenceName": "_tfl3d1_16ns",
    "SequenceVariant": "SK_SP_MP",
    "SeriesDescription": "t1_mprage_sag_p2_iso_192",
    "SeriesNumber": 13,
    "ShimSetting": [
      3382,
      -11946,
      11206,
      -4,
      -40,
      -152,
      -34,
      21
    ],
    "SliceThickness": 0.94,
    "SoftwareVersions": "syngo_MR_E11",
    "StationName": "AWP167013",
    "TxRefAmp": 234.882,
    "dataset": "<unset>",
    "modality": "T1w",
    "rec_id": "NORM",
    "subject_id": "experimental020"
  },
  "cjv": 0.3842056083347195,
  "cnr": 3.4769161377271782,
  "efc": 0.542284420998056,
  "fber": 3637.4301234567897,
  "fwhm_avg": 4.108053781159178,
  "fwhm_x": 3.999500010144203,
  "fwhm_y": 4.22272,
  "fwhm_z": 4.101941333333333,
  "icvs_csf": 0.21659558020499917,
  "icvs_gm": 0.4094957326536778,
  "icvs_wm": 0.3739086871413231,
  "inu_med": 1.3407683372497559,
  "inu_range": 0.42542463541030884,
  "provenance": {
    "md5sum": "d340862fb4d35b4e60e14dc5a0318e87",
    "settings": {
      "testing": false
    },
    "software": "mriqc",
    "version": "0.16.1",
    "warnings": {
      "large_rot_frame": true,
      "small_air_mask": false
    },
    "webapi_port": null,
    "webapi_url": "https://mriqc.nimh.nih.gov/api/v1"
  },
  "qi_1": 0.0,
  "qi_2": 0.01756682667217482,
  "rpve_csf": 21.67925381650176,
  "rpve_gm": 11.903227234409464,
  "rpve_wm": 15.967668440419052,
  "size_x": 192,
  "size_y": 256,
  "size_z": 256,
  "snr_csf": 3.3905966569359856,
  "snr_gm": 12.195671423390676,
  "snr_total": 12.00133516376406,
  "snr_wm": 20.41773741096551,
  "snrd_csf": 42.44431315918792,
  "snrd_gm": 80.90578960327159,
  "snrd_total": 78.07381201787695,
  "snrd_wm": 110.87133329117134,
  "spacing_x": 0.9399999976158142,
  "spacing_y": 0.9375,
  "spacing_z": 0.9375,
  "summary_bg_k": 16.024638095120693,
  "summary_bg_mad": 5.909293011242593,
  "summary_bg_mean": 6.776770563425811,
  "summary_bg_median": 3.985757566988468,
  "summary_bg_n": 2589466.0,
  "summary_bg_p05": 0.0,
  "summary_bg_p95": 20.407078742980957,
  "summary_bg_stdv": 7.978690579212451,
  "summary_csf_k": -0.28101188324097937,
  "summary_csf_mad": 125.43459298530945,
  "summary_csf_mean": 380.04265668907914,
  "summary_csf_median": 382.845300167799,
  "summary_csf_n": 20205.0,
  "summary_csf_p05": 199.56422420740128,
  "summary_csf_p95": 557.1026209965348,
  "summary_csf_stdv": 112.91104922305115,
  "summary_gm_k": 0.049338054781672636,
  "summary_gm_mad": 59.0141395389427,
  "summary_gm_mean": 731.0669029734829,
  "summary_gm_median": 729.7656387984753,
  "summary_gm_n": 36033.0,
  "summary_gm_p05": 633.894883453846,
  "summary_gm_p95": 831.6416022107005,
  "summary_gm_stdv": 59.83725594453123,
  "summary_wm_k": 0.6931938646931481,
  "summary_wm_mad": 44.83183631196047,
  "summary_wm_mean": 999.649682273545,
  "summary_wm_median": 1000.0531452745199,
  "summary_wm_n": 280139.0,
  "summary_wm_p05": 917.6276787891984,
  "summary_wm_p95": 1078.918001666665,
  "summary_wm_stdv": 48.979538732471894,
  "tpm_overlap_csf": 0.16379958391189575,
  "tpm_overlap_gm": 0.44369375705718994,
  "tpm_overlap_wm": 0.5091835856437683,
  "wm2max": 0.38188201392130205
}