{
  "bids_meta": {
    "AcquisitionMatrixPE": 256,
    "AcquisitionNumber": 1,
    "AcquisitionTime": "17:15:17.000000",
    "BaseResolution": 256,
    "BodyPartExamined": "HEAD",
    "ConsistencyInfo": "N4_VE11C_LATEST_20160120",
    "ConversionSoftware": "dcm2niix",
    "ConversionSoftwareVersion": "v1.0.20181125  GCC5.3.1",
    "DeviceSerialNumber": "167013",
    "DwellTime": 9.8e-06,
    "EchoTime": 0.00229,
    "FlipAngle": 8,
    "ImageOrientationPatientDICOM": [
      0.0199224,
      0.998052,
      0.059117,
      0.0238483,
      0.0586375,
      -0.997994
    ],
    "ImageType": [
      "ORIGINAL",
      "PRIMARY",
      "M",
      "ND",
      "NORM"
    ],
    "ImagingFrequency": 123.248,
    "InPlanePhaseEncodingDirectionDICOM": "ROW",
    "InstitutionAddress": "Whiteknights_Campus_StreetNo_Reading_District_GB_RG6_7BE",
    "InstitutionName": "UoR",
    "InstitutionalDepartmentName": "Department",
    "InversionTime": 0.9,
    "MRAcquisitionType": "3D",
    "MagneticFieldStrength": 3,
    "Manufacturer": "Siemens",
    "ManufacturersModelName": "Prisma_fit",
    "Modality": "MR",
    "PartialFourier": 1,
    "PatientPosition": "HFS",
    "PercentPhaseFOV": 100,
    "PhaseEncodingSteps": 255,
    "PhaseResolution": 1,
    "PixelBandwidth": 200,
    "ProcedureStepDescription": "head_Kou_Murayama",
    "ProtocolName": "t1_mprage_sag_p2_iso_192",
    "PulseSequenceDetails": "%SiemensSeq%_tfl",
    "ReceiveCoilActiveElements": "HEA;HEP",
    "ReceiveCoilName": "Head_32",
    "ReconMatrixPE": 256,
    "RepetitionTime": 2.3,
    "SAR": 0.0530412,
    "ScanOptions": "IR",
    "ScanningSequence": "GR_IR",
    "SequenceName": "_tfl3d1_16ns",
    "SequenceVariant": "SK_SP_MP",
    "SeriesDescription": "t1_mprage_sag_p2_iso_192",
    "SeriesNumber": 13,
    "ShimSetting": [
      3382,
      -11946,
      11206,
      -4,
      -40,
      -152,
      -34,
      21
    ],
    "SliceThickness": 0.94,
    "SoftwareVersions": "syngo_MR_E11",
    "StationName": "AWP167013",
    "TxRefAmp": 234.882,
    "dataset": "<unset>",
    "modality": "T1w",
    "rec_id": "NORM",
    "subject_id": "experimental020"
  },
  "cjv": 0.37721197687402414,
  "cnr": 3.537657366468109,
  "efc": 0.5523040582465093,
  "fber": 3683.962192816635,
  "fwhm_avg": 4.117134213050844,
  "fwhm_x": 4.010112241543737,
  "fwhm_y": 4.231914397608795,
  "fwhm_z": 4.109376,
  "icvs_csf": 0.21589685400182332,
  "icvs_gm": 0.4093773377229696,
  "icvs_wm": 0.37472580827520713,
  "inu_med": 1.2705836296081543,
  "inu_range": 0.3900163173675537,
  "provenance": {
    "md5sum": "06bfd2fc20fd38f480f8fa1bf8fda7fc",
    "settings": {
      "testing": false
    },
    "software": "mriqc",
    "version": "0.16.1",
    "warnings": {
      "large_rot_frame": true,
      "small_air_mask": false
    },
    "webapi_port": null,
    "webapi_url": "https://mriqc.nimh.nih.gov/api/v1"
  },
  "qi_1": 0.0,
  "qi_2": 0.015480700712109708,
  "rpve_csf": 21.81627901684513,
  "rpve_gm": 11.950648796072926,
  "rpve_wm": 16.014197992304133,
  "size_x": 192,
  "size_y": 256,
  "size_z": 256,
  "snr_csf": 3.371501467856272,
  "snr_gm": 12.284441360952112,
  "snr_total": 12.10421972549842,
  "snr_wm": 20.656716347686874,
  "snrd_csf": 42.08502994632825,
  "snrd_gm": 81.50728578819118,
  "snrd_total": 78.5240988514716,
  "snrd_wm": 111.9799808198954,
  "spacing_x": 0.9399986267089844,
  "spacing_y": 0.9375000596046448,
  "spacing_z": 0.9375,
  "summary_bg_k": 15.313969462823103,
  "summary_bg_mad": 5.850777642456092,
  "summary_bg_mean": 6.745802797868296,
  "summary_bg_median": 3.946289550513029,
  "summary_bg_n": 2579333.0,
  "summary_bg_p05": 0.0,
  "summary_bg_p95": 20.24395288899541,
  "summary_bg_stdv": 7.930417351487323,
  "summary_csf_k": -0.4761790352387729,
  "summary_csf_mad": 124.72794155963213,
  "summary_csf_mean": 374.24155999447896,
  "summary_csf_median": 375.84564180113375,
  "summary_csf_n": 19542.0,
  "summary_csf_p05": 197.67579364683482,
  "summary_csf_p95": 551.8117178687827,
  "summary_csf_stdv": 111.47437689282448,
  "summary_gm_k": 0.049148450338500904,
  "summary_gm_mad": 58.35580817410751,
  "summary_gm_mean": 728.8829977046171,
  "summary_gm_median": 727.9110452719033,
  "summary_gm_n": 35815.0,
  "summary_gm_p05": 632.6363404095173,
  "summary_gm_p95": 828.1057994440198,
  "summary_gm_stdv": 59.253885603393236,
  "summary_wm_k": 0.6957411769287649,
  "summary_wm_mad": 44.298745007167554,
  "summary_wm_mean": 1000.0844560867977,
  "summary_wm_median": 1000.0512727163732,
  "summary_wm_n": 279602.0,
  "summary_wm_p05": 919.89546937868,
  "summary_wm_p95": 1079.182065781206,
  "summary_wm_stdv": 48.41280034708451,
  "tpm_overlap_csf": 0.1621580570936203,
  "tpm_overlap_gm": 0.437784880399704,
  "tpm_overlap_wm": 0.5068773627281189,
  "wm2max": 0.3898191574130671
}