{
  "aor": 0.003697066666666667,
  "aqi": 0.009017124480000001,
  "bids_meta": {
    "AcquisitionMatrixPE": 64,
    "AcquisitionNumber": 1,
    "AcquisitionTime": "13:09:42.375000",
    "BandwidthPerPixelPhaseEncode": 58.962,
    "BaseResolution": 64,
    "BodyPartExamined": "HEAD",
    "ConsistencyInfo": "N4_VE11C_LATEST_20160120",
    "ConversionSoftware": "dcm2niix",
    "ConversionSoftwareVersion": "v1.0.20181125  GCC5.3.1",
    "DerivedVendorReportedEchoSpacing": 0.000530002,
    "DeviceSerialNumber": "167013",
    "DwellTime": 3.5e-06,
    "EchoTime": 0.03,
    "EchoTrainLength": 31,
    "EffectiveEchoSpacing": 0.000265001,
    "FlipAngle": 90,
    "ImageOrientationPatientDICOM": [
      0.995763,
      0.0701171,
      0.0594904,
      -0.060729,
      0.987254,
      -0.14711
    ],
    "ImageType": [
      "ORIGINAL",
      "PRIMARY",
      "M",
      "ND",
      "MOSAIC"
    ],
    "ImagingFrequency": 123.249,
    "InPlanePhaseEncodingDirectionDICOM": "COL",
    "InstitutionAddress": "Whiteknights_Campus_StreetNo_Reading_District_GB_RG6_7BE",
    "InstitutionName": "UoR",
    "InstitutionalDepartmentName": "Department",
    "MRAcquisitionType": "2D",
    "MagneticFieldStrength": 3,
    "Manufacturer": "Siemens",
    "ManufacturersModelName": "Prisma_fit",
    "Modality": "MR",
    "ParallelReductionFactorInPlane": 2,
    "PartialFourier": 1,
    "PatientPosition": "HFS",
    "PercentPhaseFOV": 100,
    "PhaseEncodingDirection": "j",
    "PhaseEncodingSteps": 63,
    "PhaseResolution": 1,
    "PixelBandwidth": 2230,
    "ProcedureStepDescription": "head_Kou_Murayama",
    "ProtocolName": "ep2d_bold_PtoA_iPAT2_MagicTrick_Run3",
    "PulseSequenceDetails": "%SiemensSeq%_ep2d_bold",
    "ReceiveCoilActiveElements": "HEA;HEP",
    "ReceiveCoilName": "Head_32",
    "ReconMatrixPE": 64,
    "RepetitionTime": 2,
    "SAR": 0.0833759,
    "ScanOptions": "FS",
    "ScanningSequence": "EP",
    "SequenceName": "_epfid2d1_64",
    "SequenceVariant": "SK",
    "SeriesDescription": "ep2d_bold_PtoA_iPAT2_MagicTrick_Run3",
    "SeriesNumber": 11,
    "ShimSetting": [
      3385,
      -11927,
      11463,
      476,
      -29,
      -104,
      -276,
      43
    ],
    "SliceThickness": 3,
    "SliceTiming": [
      0,
      1.015,
      0.0525,
      1.07,
      0.105,
      1.1225,
      0.16,
      1.1775,
      0.2125,
      1.23,
      0.2675,
      1.2825,
      0.32,
      1.3375,
      0.3725,
      1.39,
      0.4275,
      1.445,
      0.48,
      1.4975,
      0.535,
      1.55,
      0.5875,
      1.605,
      0.64,
      1.6575,
      0.695,
      1.7125,
      0.7475,
      1.765,
      0.8025,
      1.8175,
      0.855,
      1.8725,
      0.9075,
      1.925,
      0.9625
    ],
    "SoftwareVersions": "syngo_MR_E11",
    "SpacingBetweenSlices": 3.75,
    "StationName": "AWP167013",
    "TaskName": "magictrickwatching",
    "TotalReadoutTime": 0.0166951,
    "TxRefAmp": 240.312,
    "dataset": "<unset>",
    "modality": "bold",
    "run_id": 3,
    "subject_id": "experimental048",
    "task_id": "magictrickwatching"
  },
  "dummy_trs": 0,
  "dvars_nstd": 29.054873532700526,
  "dvars_std": 1.0863158560427806,
  "dvars_vstd": 0.9885338744385033,
  "efc": 0.46058884913260073,
  "fber": 715075.75,
  "fd_mean": 0.2057104789384755,
  "fd_num": 18,
  "fd_perc": 4.8,
  "fwhm_avg": 2.7755577373565425,
  "fwhm_x": 2.666956666666667,
  "fwhm_y": 2.896036896823001,
  "fwhm_z": 2.7636796485799597,
  "gcor": 0.0149041,
  "gsr_x": 0.021174617111682892,
  "gsr_y": 0.03588772192597389,
  "provenance": {
    "md5sum": "b9828ed485ece2d47b2354a15ef7dd5b",
    "settings": {
      "fd_thres": 0.5,
      "testing": false
    },
    "software": "mriqc",
    "version": "0.16.1",
    "webapi_port": null,
    "webapi_url": "https://mriqc.nimh.nih.gov/api/v1"
  },
  "size_t": 375,
  "size_x": 64,
  "size_y": 64,
  "size_z": 37,
  "snr": 2.5444887997582297,
  "spacing_tr": 2.0,
  "spacing_x": 3.0,
  "spacing_y": 2.999999761581421,
  "spacing_z": 3.750000476837158,
  "summary_bg_k": 36.62208664646528,
  "summary_bg_mad": 0.5617778595377529,
  "summary_bg_mean": 11.653883934020996,
  "summary_bg_median": 0.40129345655441284,
  "summary_bg_n": 89445.0,
  "summary_bg_p05": 0.008186275511980055,
  "summary_bg_p95": 65.64497375488283,
  "summary_bg_stdv": 35.78218078613281,
  "summary_fg_k": 1.6977890813265084,
  "summary_fg_mad": 127.88502877650154,
  "summary_fg_mean": 369.63671875,
  "summary_fg_median": 347.6269226074219,
  "summary_fg_n": 27801.0,
  "summary_fg_p05": 194.3123779296875,
  "summary_fg_p95": 623.5897827148438,
  "summary_fg_stdv": 136.61709594726562,
  "tsnr": 35.94758605957031
}