{
  "bids_meta": {
    "AcquisitionMatrixPE": 256,
    "AcquisitionNumber": 1,
    "AcquisitionTime": "11:19:59.702500",
    "BaseResolution": 256,
    "BodyPartExamined": "HEAD",
    "ConsistencyInfo": "N4_VE11C_LATEST_20160120",
    "ConversionSoftware": "dcm2niix",
    "ConversionSoftwareVersion": "v1.0.20181125  GCC5.3.1",
    "DeviceSerialNumber": "167013",
    "DwellTime": 9.8e-06,
    "EchoTime": 0.00229,
    "FlipAngle": 8,
    "ImageOrientationPatientDICOM": [
      -0.0221634,
      0.937699,
      0.346741,
      -0.0224981,
      0.34627,
      -0.937865
    ],
    "ImageType": [
      "ORIGINAL",
      "PRIMARY",
      "M",
      "ND",
      "NORM"
    ],
    "ImagingFrequency": 123.249,
    "InPlanePhaseEncodingDirectionDICOM": "ROW",
    "InstitutionAddress": "Whiteknights_Campus_StreetNo_Reading_District_GB_RG6_7BE",
    "InstitutionName": "UoR",
    "InstitutionalDepartmentName": "Department",
    "InversionTime": 0.9,
    "MRAcquisitionType": "3D",
    "MagneticFieldStrength": 3,
    "Manufacturer": "Siemens",
    "ManufacturersModelName": "Prisma_fit",
    "Modality": "MR",
    "PartialFourier": 1,
    "PatientPosition": "HFS",
    "PercentPhaseFOV": 100,
    "PhaseEncodingSteps": 255,
    "PhaseResolution": 1,
    "PixelBandwidth": 200,
    "ProcedureStepDescription": "head_Kou_Murayama",
    "ProtocolName": "t1_mprage_sag_p2_iso_192",
    "PulseSequenceDetails": "%SiemensSeq%_tfl",
    "ReceiveCoilActiveElements": "HEA;HEP",
    "ReceiveCoilName": "Head_32",
    "ReconMatrixPE": 256,
    "RepetitionTime": 2.3,
    "SAR": 0.0561765,
    "ScanOptions": "IR",
    "ScanningSequence": "GR_IR",
    "SequenceName": "_tfl3d1_16ns",
    "SequenceVariant": "SK_SP_MP",
    "SeriesDescription": "t1_mprage_sag_p2_iso_192",
    "SeriesNumber": 13,
    "ShimSetting": [
      3382,
      -11946,
      11206,
      -4,
      -40,
      -152,
      -34,
      21
    ],
    "SliceThickness": 0.94,
    "SoftwareVersions": "syngo_MR_E11",
    "StationName": "AWP167013",
    "TxRefAmp": 237.635,
    "dataset": "<unset>",
    "modality": "T1w",
    "rec_id": "NORM",
    "subject_id": "experimental014"
  },
  "cjv": 0.3019574756283572,
  "cnr": 4.342454078369387,
  "efc": 0.5595657054527948,
  "fber": 9288.646095163576,
  "fwhm_avg": 4.03059812614812,
  "fwhm_x": 3.931836778015739,
  "fwhm_y": 4.201045600428619,
  "fwhm_z": 3.9589119999999998,
  "icvs_csf": 0.19860053813223785,
  "icvs_gm": 0.4193979026713365,
  "icvs_wm": 0.3820015591964257,
  "inu_med": 1.0924559831619263,
  "inu_range": 0.2925967156887055,
  "provenance": {
    "md5sum": "5df11724120504bad09b513836baba0f",
    "settings": {
      "testing": false
    },
    "software": "mriqc",
    "version": "0.16.1",
    "warnings": {
      "large_rot_frame": true,
      "small_air_mask": false
    },
    "webapi_port": null,
    "webapi_url": "https://mriqc.nimh.nih.gov/api/v1"
  },
  "qi_1": 0.0,
  "qi_2": 0.01643472044108406,
  "rpve_csf": 17.868689307481933,
  "rpve_gm": 9.224742078210015,
  "rpve_wm": 12.442819687570461,
  "size_x": 192,
  "size_y": 256,
  "size_z": 256,
  "snr_csf": 2.7948961964995465,
  "snr_gm": 11.512482596684212,
  "snr_total": 12.89928657016921,
  "snr_wm": 24.390480917323874,
  "snrd_csf": 38.6862229315515,
  "snrd_gm": 88.19243650771713,
  "snrd_total": 85.19029314016727,
  "snrd_wm": 128.69221998123317,
  "spacing_x": 0.9399983286857605,
  "spacing_y": 0.9374999403953552,
  "spacing_z": 0.9375,
  "summary_bg_k": 9.165314533688774,
  "summary_bg_mad": 5.090722374670324,
  "summary_bg_mean": 5.081875736900514,
  "summary_bg_median": 3.4336400628089905,
  "summary_bg_n": 3057704.0,
  "summary_bg_p05": 0.0,
  "summary_bg_p95": 14.020696923136711,
  "summary_bg_stdv": 5.270156589692841,
  "summary_csf_k": 27.044968321588644,
  "summary_csf_mad": 98.45598481567258,
  "summary_csf_mean": 315.94007457603243,
  "summary_csf_median": 300.61041855439544,
  "summary_csf_n": 20730.0,
  "summary_csf_p05": 175.2587115392089,
  "summary_csf_p95": 495.805702708289,
  "summary_csf_stdv": 107.55432285118671,
  "summary_gm_k": 0.1753942745785677,
  "summary_gm_mad": 58.04837596672689,
  "summary_gm_mean": 684.5052683089679,
  "summary_gm_median": 685.2973292022943,
  "summary_gm_n": 51460.0,
  "summary_gm_p05": 584.7679784744978,
  "summary_gm_p95": 780.6285303905606,
  "summary_gm_stdv": 59.5258811356213,
  "summary_wm_k": 1.2329383787879573,
  "summary_wm_mad": 36.978441693785825,
  "summary_wm_mean": 998.0046460895976,
  "summary_wm_median": 999.9999788478017,
  "summary_wm_n": 376952.0,
  "summary_wm_p05": 927.9412269741297,
  "summary_wm_p95": 1060.1363693922758,
  "summary_wm_stdv": 40.9995463315301,
  "tpm_overlap_csf": 0.15831780433654785,
  "tpm_overlap_gm": 0.4179565906524658,
  "tpm_overlap_wm": 0.4816955029964447,
  "wm2max": 0.4255756235543279
}