{
  "aor": 0.0017302879581151827,
  "aqi": 0.0024757086387434558,
  "bids_meta": {
    "AcquisitionMatrixPE": 64,
    "AcquisitionNumber": 1,
    "AcquisitionTime": "11:45:31.537500",
    "BandwidthPerPixelPhaseEncode": 58.962,
    "BaseResolution": 64,
    "BodyPartExamined": "HEAD",
    "ConsistencyInfo": "N4_VE11C_LATEST_20160120",
    "ConversionSoftware": "dcm2niix",
    "ConversionSoftwareVersion": "v1.0.20181125  GCC5.3.1",
    "DerivedVendorReportedEchoSpacing": 0.000530002,
    "DeviceSerialNumber": "167013",
    "DwellTime": 3.5e-06,
    "EchoTime": 0.03,
    "EchoTrainLength": 31,
    "EffectiveEchoSpacing": 0.000265001,
    "FlipAngle": 90,
    "ImageOrientationPatientDICOM": [
      0.997782,
      -0.0207682,
      0.0632446,
      0.00783678,
      0.980127,
      0.198216
    ],
    "ImageType": [
      "ORIGINAL",
      "PRIMARY",
      "M",
      "ND",
      "MOSAIC"
    ],
    "ImagingFrequency": 123.249,
    "InPlanePhaseEncodingDirectionDICOM": "COL",
    "InstitutionAddress": "Whiteknights_Campus_StreetNo_Reading_District_GB_RG6_7BE",
    "InstitutionName": "UoR",
    "InstitutionalDepartmentName": "Department",
    "MRAcquisitionType": "2D",
    "MagneticFieldStrength": 3,
    "Manufacturer": "Siemens",
    "ManufacturersModelName": "Prisma_fit",
    "Modality": "MR",
    "ParallelReductionFactorInPlane": 2,
    "PartialFourier": 1,
    "PatientPosition": "HFS",
    "PercentPhaseFOV": 100,
    "PhaseEncodingDirection": "j",
    "PhaseEncodingSteps": 63,
    "PhaseResolution": 1,
    "PixelBandwidth": 2230,
    "ProcedureStepDescription": "head_Kou_Murayama",
    "ProtocolName": "ep2d_bold_PtoA_iPAT2_MagicTrick_Run3",
    "PulseSequenceDetails": "%SiemensSeq%_ep2d_bold",
    "ReceiveCoilActiveElements": "HEA;HEP",
    "ReceiveCoilName": "Head_32",
    "ReconMatrixPE": 64,
    "RepetitionTime": 2,
    "SAR": 0.149515,
    "ScanOptions": "FS",
    "ScanningSequence": "EP",
    "SequenceName": "_epfid2d1_64",
    "SequenceVariant": "SK",
    "SeriesDescription": "ep2d_bold_PtoA_iPAT2_MagicTrick_Run3",
    "SeriesNumber": 11,
    "ShimSetting": [
      3412,
      -12019,
      11531,
      499,
      52,
      -208,
      -37,
      -23
    ],
    "SliceThickness": 3,
    "SliceTiming": [
      0,
      1.015,
      0.0525,
      1.07,
      0.1075,
      1.1225,
      0.16,
      1.1775,
      0.2125,
      1.23,
      0.2675,
      1.2825,
      0.32,
      1.3375,
      0.375,
      1.39,
      0.4275,
      1.445,
      0.48,
      1.4975,
      0.535,
      1.55,
      0.5875,
      1.605,
      0.6425,
      1.6575,
      0.695,
      1.7125,
      0.7475,
      1.765,
      0.8025,
      1.8175,
      0.855,
      1.8725,
      0.91,
      1.925,
      0.9625
    ],
    "SoftwareVersions": "syngo_MR_E11",
    "SpacingBetweenSlices": 3.75,
    "StationName": "AWP167013",
    "TaskName": "magictrickwatching",
    "TotalReadoutTime": 0.0166951,
    "TxRefAmp": 239.21,
    "dataset": "<unset>",
    "modality": "bold",
    "run_id": 3,
    "subject_id": "experimental026",
    "task_id": "magictrickwatching"
  },
  "dummy_trs": 0,
  "dvars_nstd": 24.308250257086616,
  "dvars_std": 1.1478973907086611,
  "dvars_vstd": 1.0143229567454062,
  "efc": 0.4621188949587304,
  "fber": 9401283.0,
  "fd_mean": 0.09701054034883773,
  "fd_num": 0,
  "fd_perc": 0.0,
  "fwhm_avg": 2.948252147151017,
  "fwhm_x": 2.833843108119718,
  "fwhm_y": 3.09918,
  "fwhm_z": 2.9117333333333333,
  "gcor": 0.0314042,
  "gsr_x": 0.044353973120450974,
  "gsr_y": 0.010558782145380974,
  "provenance": {
    "md5sum": "2235cfe436bc5f0dfb54fc27910e2ef3",
    "settings": {
      "fd_thres": 0.5,
      "testing": false
    },
    "software": "mriqc",
    "version": "0.16.1",
    "webapi_port": null,
    "webapi_url": "https://mriqc.nimh.nih.gov/api/v1"
  },
  "size_t": 382,
  "size_x": 64,
  "size_y": 64,
  "size_z": 37,
  "snr": 2.4116165714027167,
  "spacing_tr": 2.0,
  "spacing_x": 3.000000238418579,
  "spacing_y": 3.0,
  "spacing_z": 3.75,
  "summary_bg_k": 64.35080150110437,
  "summary_bg_mad": 0.1895131474693921,
  "summary_bg_mean": 16.123620986938477,
  "summary_bg_median": 0.1286734640598297,
  "summary_bg_n": 87528.0,
  "summary_bg_p05": 0.0,
  "summary_bg_p95": 89.32954711914056,
  "summary_bg_stdv": 53.82106399536133,
  "summary_fg_k": 0.626018376654855,
  "summary_fg_mad": 177.63414256841534,
  "summary_fg_mean": 479.8559265136719,
  "summary_fg_median": 443.7892761230469,
  "summary_fg_n": 27113.0,
  "summary_fg_p05": 246.4387176513672,
  "summary_fg_p95": 832.666833496093,
  "summary_fg_stdv": 184.01809692382812,
  "tsnr": 60.04605484008789
}