{
  "aor": 0.0022628333333333337,
  "aqi": 0.0040360761333333335,
  "bids_meta": {
    "AcquisitionMatrixPE": 64,
    "AcquisitionNumber": 1,
    "AcquisitionTime": "14:34:22.862500",
    "BandwidthPerPixelPhaseEncode": 58.962,
    "BaseResolution": 64,
    "BodyPartExamined": "HEAD",
    "ConsistencyInfo": "N4_VE11C_LATEST_20160120",
    "ConversionSoftware": "dcm2niix",
    "ConversionSoftwareVersion": "v1.0.20181125  GCC5.3.1",
    "DerivedVendorReportedEchoSpacing": 0.000530002,
    "DeviceSerialNumber": "167013",
    "DwellTime": 3.5e-06,
    "EchoTime": 0.03,
    "EchoTrainLength": 31,
    "EffectiveEchoSpacing": 0.000265001,
    "FlipAngle": 90,
    "ImageOrientationPatientDICOM": [
      0.988483,
      0.134911,
      -0.0685661,
      -0.137691,
      0.989763,
      -0.0375572
    ],
    "ImageType": [
      "ORIGINAL",
      "PRIMARY",
      "M",
      "ND",
      "MOSAIC"
    ],
    "ImagingFrequency": 123.249,
    "InPlanePhaseEncodingDirectionDICOM": "COL",
    "InstitutionAddress": "Whiteknights_Campus_StreetNo_Reading_District_GB_RG6_7BE",
    "InstitutionName": "UoR",
    "InstitutionalDepartmentName": "Department",
    "MRAcquisitionType": "2D",
    "MagneticFieldStrength": 3,
    "Manufacturer": "Siemens",
    "ManufacturersModelName": "Prisma_fit",
    "Modality": "MR",
    "ParallelReductionFactorInPlane": 2,
    "PartialFourier": 1,
    "PatientPosition": "HFS",
    "PercentPhaseFOV": 100,
    "PhaseEncodingDirection": "j",
    "PhaseEncodingSteps": 63,
    "PhaseResolution": 1,
    "PixelBandwidth": 2230,
    "ProcedureStepDescription": "head_Kou_Murayama",
    "ProtocolName": "ep2d_bold_PtoA_iPAT2_PostResting",
    "PulseSequenceDetails": "%SiemensSeq%_ep2d_bold",
    "ReceiveCoilActiveElements": "HEA;HEP",
    "ReceiveCoilName": "Head_32",
    "ReconMatrixPE": 64,
    "RepetitionTime": 2,
    "SAR": 0.119705,
    "ScanOptions": "FS",
    "ScanningSequence": "EP",
    "SequenceName": "_epfid2d1_64",
    "SequenceVariant": "SK",
    "SeriesDescription": "ep2d_bold_PtoA_iPAT2_PostResting",
    "SeriesNumber": 12,
    "ShimSetting": [
      3382,
      -11993,
      11442,
      495,
      34,
      -239,
      -61,
      71
    ],
    "SliceThickness": 3,
    "SliceTiming": [
      0,
      1.0175,
      0.055,
      1.07,
      0.1075,
      1.125,
      0.16,
      1.1775,
      0.215,
      1.2325,
      0.2675,
      1.285,
      0.3225,
      1.3375,
      0.375,
      1.3925,
      0.4275,
      1.445,
      0.4825,
      1.5,
      0.535,
      1.5525,
      0.59,
      1.605,
      0.6425,
      1.66,
      0.695,
      1.7125,
      0.75,
      1.7675,
      0.8025,
      1.82,
      0.8575,
      1.8725,
      0.91,
      1.9275,
      0.965
    ],
    "SoftwareVersions": "syngo_MR_E11",
    "SpacingBetweenSlices": 3.75,
    "StationName": "AWP167013",
    "TaskName": "rest",
    "TotalReadoutTime": 0.0166951,
    "TxRefAmp": 254.958,
    "dataset": "<unset>",
    "modality": "bold",
    "run_id": 2,
    "subject_id": "experimental024",
    "task_id": "rest"
  },
  "dummy_trs": 0,
  "dvars_nstd": 29.01969873953177,
  "dvars_std": 1.1771905873578603,
  "dvars_vstd": 1.0159372909364552,
  "efc": 0.4523461695186809,
  "fber": 7201123.0,
  "fd_mean": 0.17177487046687587,
  "fd_num": 13,
  "fd_perc": 4.333333333333333,
  "fwhm_avg": 2.7059542438619726,
  "fwhm_x": 2.5857631278353432,
  "fwhm_y": 2.80145977735998,
  "fwhm_z": 2.7306398263905955,
  "gcor": 0.0300921,
  "gsr_x": 0.03704897314310074,
  "gsr_y": 0.02084420435130596,
  "provenance": {
    "md5sum": "1f870d36b1e381fab414b8825f8ef414",
    "settings": {
      "fd_thres": 0.5,
      "testing": false
    },
    "software": "mriqc",
    "version": "0.16.1",
    "webapi_port": null,
    "webapi_url": "https://mriqc.nimh.nih.gov/api/v1"
  },
  "size_t": 300,
  "size_x": 64,
  "size_y": 64,
  "size_z": 37,
  "snr": 2.6084447386104626,
  "spacing_tr": 2.0,
  "spacing_x": 3.000000238418579,
  "spacing_y": 3.000000238418579,
  "spacing_z": 3.750000238418579,
  "summary_bg_k": 50.45629809534854,
  "summary_bg_mad": 0.19113414426442105,
  "summary_bg_mean": 11.289487838745117,
  "summary_bg_median": 0.13235780596733093,
  "summary_bg_n": 91032.0,
  "summary_bg_p05": 0.0012468698783777653,
  "summary_bg_p95": 61.43557529449461,
  "summary_bg_stdv": 38.28907775878906,
  "summary_fg_k": 1.1716438030973242,
  "summary_fg_mad": 124.90466712076477,
  "summary_fg_mean": 391.5511169433594,
  "summary_fg_median": 364.1353759765625,
  "summary_fg_n": 27160.0,
  "summary_fg_p05": 218.03026657104493,
  "summary_fg_p95": 667.6504974365234,
  "summary_fg_stdv": 139.59608459472656,
  "tsnr": 55.00138473510742
}