{
  "aor": 0.001945873015873016,
  "aqi": 0.0046760272222222225,
  "bids_meta": {
    "AcquisitionMatrixPE": 64,
    "AcquisitionNumber": 1,
    "AcquisitionTime": "13:48:6.627500",
    "BandwidthPerPixelPhaseEncode": 58.962,
    "BaseResolution": 64,
    "BodyPartExamined": "HEAD",
    "ConsistencyInfo": "N4_VE11C_LATEST_20160120",
    "ConversionSoftware": "dcm2niix",
    "ConversionSoftwareVersion": "v1.0.20181125  GCC5.3.1",
    "DerivedVendorReportedEchoSpacing": 0.000530002,
    "DeviceSerialNumber": "167013",
    "DwellTime": 3.5e-06,
    "EchoTime": 0.03,
    "EchoTrainLength": 31,
    "EffectiveEchoSpacing": 0.000265001,
    "FlipAngle": 90,
    "ImageOrientationPatientDICOM": [
      0.988483,
      0.134911,
      -0.0685661,
      -0.137691,
      0.989763,
      -0.0375572
    ],
    "ImageType": [
      "ORIGINAL",
      "PRIMARY",
      "M",
      "ND",
      "MOSAIC"
    ],
    "ImagingFrequency": 123.249,
    "InPlanePhaseEncodingDirectionDICOM": "COL",
    "InstitutionAddress": "Whiteknights_Campus_StreetNo_Reading_District_GB_RG6_7BE",
    "InstitutionName": "UoR",
    "InstitutionalDepartmentName": "Department",
    "MRAcquisitionType": "2D",
    "MagneticFieldStrength": 3,
    "Manufacturer": "Siemens",
    "ManufacturersModelName": "Prisma_fit",
    "Modality": "MR",
    "ParallelReductionFactorInPlane": 2,
    "PartialFourier": 1,
    "PatientPosition": "HFS",
    "PercentPhaseFOV": 100,
    "PhaseEncodingDirection": "j",
    "PhaseEncodingSteps": 63,
    "PhaseResolution": 1,
    "PixelBandwidth": 2230,
    "ProcedureStepDescription": "head_Kou_Murayama",
    "ProtocolName": "ep2d_bold_PtoA_iPAT2_MagicTrick_Run1",
    "PulseSequenceDetails": "%SiemensSeq%_ep2d_bold",
    "ReceiveCoilActiveElements": "HEA;HEP",
    "ReceiveCoilName": "Head_32",
    "ReconMatrixPE": 64,
    "RepetitionTime": 2,
    "SAR": 0.11986,
    "ScanOptions": "FS",
    "ScanningSequence": "EP",
    "SequenceName": "_epfid2d1_64",
    "SequenceVariant": "SK",
    "SeriesDescription": "ep2d_bold_PtoA_iPAT2_MagicTrick_Run1",
    "SeriesNumber": 9,
    "ShimSetting": [
      3382,
      -11993,
      11442,
      495,
      34,
      -239,
      -61,
      71
    ],
    "SliceThickness": 3,
    "SliceTiming": [
      0,
      1.0175,
      0.055,
      1.0725,
      0.1075,
      1.125,
      0.1625,
      1.1775,
      0.215,
      1.2325,
      0.2675,
      1.285,
      0.3225,
      1.34,
      0.375,
      1.3925,
      0.43,
      1.445,
      0.4825,
      1.5,
      0.535,
      1.5525,
      0.59,
      1.6075,
      0.6425,
      1.66,
      0.6975,
      1.7125,
      0.75,
      1.7675,
      0.805,
      1.82,
      0.8575,
      1.875,
      0.91,
      1.9275,
      0.965
    ],
    "SoftwareVersions": "syngo_MR_E11",
    "SpacingBetweenSlices": 3.75,
    "StationName": "AWP167013",
    "TaskName": "magictrickwatching",
    "TotalReadoutTime": 0.0166951,
    "TxRefAmp": 254.958,
    "dataset": "<unset>",
    "modality": "bold",
    "run_id": 1,
    "subject_id": "experimental024",
    "task_id": "magictrickwatching"
  },
  "dummy_trs": 0,
  "dvars_nstd": 23.869932974084847,
  "dvars_std": 1.1064659312732095,
  "dvars_vstd": 0.962758293448276,
  "efc": 0.45669115688583584,
  "fber": 6262221.0,
  "fd_mean": 0.07747166330958959,
  "fd_num": 0,
  "fd_perc": 0.0,
  "fwhm_avg": 2.7133986873711806,
  "fwhm_x": 2.647249789615489,
  "fwhm_y": 2.8271597753175275,
  "fwhm_z": 2.665786497180526,
  "gcor": 0.0181226,
  "gsr_x": 0.0302361398935318,
  "gsr_y": 0.01704205945134163,
  "provenance": {
    "md5sum": "828665e80aace221ab0725307bb7bf3c",
    "settings": {
      "fd_thres": 0.5,
      "testing": false
    },
    "software": "mriqc",
    "version": "0.16.1",
    "webapi_port": null,
    "webapi_url": "https://mriqc.nimh.nih.gov/api/v1"
  },
  "size_t": 378,
  "size_x": 64,
  "size_y": 64,
  "size_z": 37,
  "snr": 2.7221703049351835,
  "spacing_tr": 2.0,
  "spacing_x": 3.000000238418579,
  "spacing_y": 3.000000238418579,
  "spacing_z": 3.750000238418579,
  "summary_bg_k": 40.02781384314927,
  "summary_bg_mad": 0.2094475985211675,
  "summary_bg_mean": 13.046278953552246,
  "summary_bg_median": 0.14285370707511902,
  "summary_bg_n": 90374.0,
  "summary_bg_p05": 0.0006998445693170655,
  "summary_bg_p95": 72.6247173309325,
  "summary_bg_stdv": 42.61677932739258,
  "summary_fg_k": 0.3892251060369385,
  "summary_fg_mad": 140.9468864381887,
  "summary_fg_mean": 421.2759704589844,
  "summary_fg_median": 395.428466796875,
  "summary_fg_n": 27044.0,
  "summary_fg_p05": 230.3676872253418,
  "summary_fg_p95": 702.6494415283203,
  "summary_fg_stdv": 145.259521484375,
  "tsnr": 53.620182037353516
}