{
  "aor": 0.0011173913043478264,
  "aqi": 0.0024463244381270903,
  "bids_meta": {
    "AcquisitionMatrixPE": 64,
    "AcquisitionNumber": 1,
    "AcquisitionTime": "16:54:27.262500",
    "BandwidthPerPixelPhaseEncode": 58.962,
    "BaseResolution": 64,
    "BodyPartExamined": "HEAD",
    "ConsistencyInfo": "N4_VE11C_LATEST_20160120",
    "ConversionSoftware": "dcm2niix",
    "ConversionSoftwareVersion": "v1.0.20181125  GCC5.3.1",
    "DerivedVendorReportedEchoSpacing": 0.000530002,
    "DeviceSerialNumber": "167013",
    "DwellTime": 3.5e-06,
    "EchoTime": 0.03,
    "EchoTrainLength": 31,
    "EffectiveEchoSpacing": 0.000265001,
    "FlipAngle": 90,
    "ImageOrientationPatientDICOM": [
      0.999631,
      0.0241171,
      0.0125278,
      -0.0235575,
      0.998796,
      -0.0430415
    ],
    "ImageType": [
      "ORIGINAL",
      "PRIMARY",
      "M",
      "ND",
      "MOSAIC"
    ],
    "ImagingFrequency": 123.249,
    "InPlanePhaseEncodingDirectionDICOM": "COL",
    "InstitutionAddress": "Whiteknights_Campus_StreetNo_Reading_District_GB_RG6_7BE",
    "InstitutionName": "UoR",
    "InstitutionalDepartmentName": "Department",
    "MRAcquisitionType": "2D",
    "MagneticFieldStrength": 3,
    "Manufacturer": "Siemens",
    "ManufacturersModelName": "Prisma_fit",
    "Modality": "MR",
    "ParallelReductionFactorInPlane": 2,
    "PartialFourier": 1,
    "PatientPosition": "HFS",
    "PercentPhaseFOV": 100,
    "PhaseEncodingDirection": "j",
    "PhaseEncodingSteps": 63,
    "PhaseResolution": 1,
    "PixelBandwidth": 2230,
    "ProcedureStepDescription": "head_Kou_Murayama",
    "ProtocolName": "ep2d_bold_PtoA_iPAT2_PostResting",
    "PulseSequenceDetails": "%SiemensSeq%_ep2d_bold",
    "ReceiveCoilActiveElements": "HEA;HEP",
    "ReceiveCoilName": "Head_32",
    "ReconMatrixPE": 64,
    "RepetitionTime": 2,
    "SAR": 0.0874394,
    "ScanOptions": "FS",
    "ScanningSequence": "EP",
    "SequenceName": "_epfid2d1_64",
    "SequenceVariant": "SK",
    "SeriesDescription": "ep2d_bold_PtoA_iPAT2_PostResting",
    "SeriesNumber": 12,
    "ShimSetting": [
      3387,
      -11904,
      11455,
      392,
      8,
      4,
      -45,
      42
    ],
    "SliceThickness": 3,
    "SliceTiming": [
      0,
      1.0175,
      0.0525,
      1.07,
      0.1075,
      1.1225,
      0.16,
      1.1775,
      0.2125,
      1.23,
      0.2675,
      1.285,
      0.32,
      1.3375,
      0.375,
      1.39,
      0.4275,
      1.445,
      0.48,
      1.4975,
      0.535,
      1.5525,
      0.5875,
      1.605,
      0.6425,
      1.6575,
      0.695,
      1.7125,
      0.7475,
      1.765,
      0.8025,
      1.82,
      0.855,
      1.8725,
      0.91,
      1.925,
      0.9625
    ],
    "SoftwareVersions": "syngo_MR_E11",
    "SpacingBetweenSlices": 3.75,
    "StationName": "AWP167013",
    "TaskName": "rest",
    "TotalReadoutTime": 0.0166951,
    "TxRefAmp": 220.915,
    "dataset": "<unset>",
    "modality": "bold",
    "run_id": 2,
    "subject_id": "control047",
    "task_id": "rest"
  },
  "dummy_trs": 1,
  "dvars_nstd": 21.78254382859061,
  "dvars_std": 1.1317371100000002,
  "dvars_vstd": 0.9888757746308732,
  "efc": 0.4621689974798554,
  "fber": 2737948.5,
  "fd_mean": 0.107481971279631,
  "fd_num": 1,
  "fd_perc": 0.33444816053511706,
  "fwhm_avg": 2.8061874766835935,
  "fwhm_x": 2.7045029034641734,
  "fwhm_y": 2.978459526586608,
  "fwhm_z": 2.7356,
  "gcor": 0.00816104,
  "gsr_x": 0.007285716477781534,
  "gsr_y": 0.04527338966727257,
  "provenance": {
    "md5sum": "a4dd313e868934fa5a30dbf4fd5e6560",
    "settings": {
      "fd_thres": 0.5,
      "testing": false
    },
    "software": "mriqc",
    "version": "0.16.1",
    "webapi_port": null,
    "webapi_url": "https://mriqc.nimh.nih.gov/api/v1"
  },
  "size_t": 299,
  "size_x": 64,
  "size_y": 64,
  "size_z": 37,
  "snr": 2.529101707560818,
  "spacing_tr": 2.0,
  "spacing_x": 3.000000476837158,
  "spacing_y": 3.000000476837158,
  "spacing_z": 3.75,
  "summary_bg_k": 17.051683783011242,
  "summary_bg_mad": 0.3804081664120801,
  "summary_bg_mean": 16.555015563964844,
  "summary_bg_median": 0.2606236934661865,
  "summary_bg_n": 88602.0,
  "summary_bg_p05": 0.0014453681942541152,
  "summary_bg_p95": 111.6958473205566,
  "summary_bg_stdv": 44.02490997314453,
  "summary_fg_k": 0.1767086933365567,
  "summary_fg_mad": 185.0336252776629,
  "summary_fg_mean": 500.9944763183594,
  "summary_fg_median": 467.5947570800781,
  "summary_fg_n": 26844.0,
  "summary_fg_p05": 261.02688140869145,
  "summary_fg_p95": 847.5862152099608,
  "summary_fg_stdv": 184.88226318359375,
  "tsnr": 62.36015319824219
}