{
  "aor": 0.0017299333333333333,
  "aqi": 0.003836698,
  "bids_meta": {
    "AcquisitionMatrixPE": 64,
    "AcquisitionNumber": 1,
    "AcquisitionTime": "12:09:6.995000",
    "BandwidthPerPixelPhaseEncode": 58.962,
    "BaseResolution": 64,
    "BodyPartExamined": "HEAD",
    "ConsistencyInfo": "N4_VE11C_LATEST_20160120",
    "ConversionSoftware": "dcm2niix",
    "ConversionSoftwareVersion": "v1.0.20181125  GCC5.3.1",
    "DerivedVendorReportedEchoSpacing": 0.000530002,
    "DeviceSerialNumber": "167013",
    "DwellTime": 3.5e-06,
    "EchoTime": 0.03,
    "EchoTrainLength": 31,
    "EffectiveEchoSpacing": 0.000265001,
    "FlipAngle": 90,
    "ImageOrientationPatientDICOM": [
      0.99525,
      0.0872945,
      -0.0431008,
      -0.0939036,
      0.977601,
      -0.188356
    ],
    "ImageType": [
      "ORIGINAL",
      "PRIMARY",
      "M",
      "ND",
      "MOSAIC"
    ],
    "ImagingFrequency": 123.249,
    "InPlanePhaseEncodingDirectionDICOM": "COL",
    "InstitutionAddress": "Whiteknights_Campus_StreetNo_Reading_District_GB_RG6_7BE",
    "InstitutionName": "UoR",
    "InstitutionalDepartmentName": "Department",
    "MRAcquisitionType": "2D",
    "MagneticFieldStrength": 3,
    "Manufacturer": "Siemens",
    "ManufacturersModelName": "Prisma_fit",
    "Modality": "MR",
    "ParallelReductionFactorInPlane": 2,
    "PartialFourier": 1,
    "PatientPosition": "HFS",
    "PercentPhaseFOV": 100,
    "PhaseEncodingDirection": "j",
    "PhaseEncodingSteps": 63,
    "PhaseResolution": 1,
    "PixelBandwidth": 2230,
    "ProcedureStepDescription": "head_Kou_Murayama",
    "ProtocolName": "ep2d_bold_PtoA_iPAT2_PostResting",
    "PulseSequenceDetails": "%SiemensSeq%_ep2d_bold",
    "ReceiveCoilActiveElements": "HEA;HEP",
    "ReceiveCoilName": "Head_32",
    "ReconMatrixPE": 64,
    "RepetitionTime": 2,
    "SAR": 0.103405,
    "ScanOptions": "FS",
    "ScanningSequence": "EP",
    "SequenceName": "_epfid2d1_64",
    "SequenceVariant": "SK",
    "SeriesDescription": "ep2d_bold_PtoA_iPAT2_PostResting",
    "SeriesNumber": 12,
    "ShimSetting": [
      3415,
      -11943,
      11437,
      344,
      124,
      -145,
      -156,
      63
    ],
    "SliceThickness": 3,
    "SliceTiming": [
      0,
      1.015,
      0.0525,
      1.07,
      0.1075,
      1.1225,
      0.16,
      1.1775,
      0.2125,
      1.23,
      0.2675,
      1.2825,
      0.32,
      1.3375,
      0.375,
      1.39,
      0.4275,
      1.445,
      0.48,
      1.4975,
      0.535,
      1.55,
      0.5875,
      1.605,
      0.6425,
      1.6575,
      0.695,
      1.7125,
      0.7475,
      1.765,
      0.8025,
      1.82,
      0.855,
      1.8725,
      0.91,
      1.925,
      0.9625
    ],
    "SoftwareVersions": "syngo_MR_E11",
    "SpacingBetweenSlices": 3.75,
    "StationName": "AWP167013",
    "TaskName": "rest",
    "TotalReadoutTime": 0.0166951,
    "TxRefAmp": 242.395,
    "dataset": "<unset>",
    "modality": "bold",
    "run_id": 2,
    "subject_id": "control023",
    "task_id": "rest"
  },
  "dummy_trs": 0,
  "dvars_nstd": 22.489515744715707,
  "dvars_std": 1.1173936143812713,
  "dvars_vstd": 0.9992795647491638,
  "efc": 0.42642831409051957,
  "fber": 5616703.5,
  "fd_mean": 0.10458999475051997,
  "fd_num": 2,
  "fd_perc": 0.6666666666666666,
  "fwhm_avg": 2.7098853260695255,
  "fwhm_x": 2.598313539828741,
  "fwhm_y": 2.8725131050465023,
  "fwhm_z": 2.6588293333333337,
  "gcor": 0.0246619,
  "gsr_x": 0.02869800291955471,
  "gsr_y": 0.03650003299117088,
  "provenance": {
    "md5sum": "4829c4b3de3a30b9fc55fc6a7e9faadc",
    "settings": {
      "fd_thres": 0.5,
      "testing": false
    },
    "software": "mriqc",
    "version": "0.16.1",
    "webapi_port": null,
    "webapi_url": "https://mriqc.nimh.nih.gov/api/v1"
  },
  "size_t": 300,
  "size_x": 64,
  "size_y": 64,
  "size_z": 37,
  "snr": 2.70275048944976,
  "spacing_tr": 2.0,
  "spacing_x": 2.999999761581421,
  "spacing_y": 3.000000238418579,
  "spacing_z": 3.75,
  "summary_bg_k": 36.974552576936276,
  "summary_bg_mad": 0.2173721360485379,
  "summary_bg_mean": 12.885944366455078,
  "summary_bg_median": 0.15018616616725922,
  "summary_bg_n": 95849.0,
  "summary_bg_p05": 0.0014166168635711075,
  "summary_bg_p95": 77.70692443847648,
  "summary_bg_stdv": 44.60161590576172,
  "summary_fg_k": 1.0520413171912164,
  "summary_fg_mad": 129.890283568465,
  "summary_fg_mean": 386.7141418457031,
  "summary_fg_median": 365.175048828125,
  "summary_fg_n": 23074.0,
  "summary_fg_p05": 209.91490707397463,
  "summary_fg_p95": 639.1736511230467,
  "summary_fg_stdv": 135.1094512939453,
  "tsnr": 57.06108856201172
}