{
  "bids_meta": {
    "AcquisitionMatrixPE": 256,
    "AcquisitionNumber": 1,
    "AcquisitionTime": "11:19:59.702500",
    "BaseResolution": 256,
    "BodyPartExamined": "HEAD",
    "ConsistencyInfo": "N4_VE11C_LATEST_20160120",
    "ConversionSoftware": "dcm2niix",
    "ConversionSoftwareVersion": "v1.0.20181125  GCC5.3.1",
    "DeviceSerialNumber": "167013",
    "DwellTime": 9.8e-06,
    "EchoTime": 0.00229,
    "FlipAngle": 8,
    "ImageOrientationPatientDICOM": [
      -0.0221634,
      0.937699,
      0.346741,
      -0.0224981,
      0.34627,
      -0.937865
    ],
    "ImageType": [
      "ORIGINAL",
      "PRIMARY",
      "M",
      "ND",
      "NORM"
    ],
    "ImagingFrequency": 123.249,
    "InPlanePhaseEncodingDirectionDICOM": "ROW",
    "InstitutionAddress": "Whiteknights_Campus_StreetNo_Reading_District_GB_RG6_7BE",
    "InstitutionName": "UoR",
    "InstitutionalDepartmentName": "Department",
    "InversionTime": 0.9,
    "MRAcquisitionType": "3D",
    "MagneticFieldStrength": 3,
    "Manufacturer": "Siemens",
    "ManufacturersModelName": "Prisma_fit",
    "Modality": "MR",
    "PartialFourier": 1,
    "PatientPosition": "HFS",
    "PercentPhaseFOV": 100,
    "PhaseEncodingSteps": 255,
    "PhaseResolution": 1,
    "PixelBandwidth": 200,
    "ProcedureStepDescription": "head_Kou_Murayama",
    "ProtocolName": "t1_mprage_sag_p2_iso_192",
    "PulseSequenceDetails": "%SiemensSeq%_tfl",
    "ReceiveCoilActiveElements": "HEA;HEP",
    "ReceiveCoilName": "Head_32",
    "ReconMatrixPE": 256,
    "RepetitionTime": 2.3,
    "SAR": 0.0561765,
    "ScanOptions": "IR",
    "ScanningSequence": "GR_IR",
    "SequenceName": "_tfl3d1_16ns",
    "SequenceVariant": "SK_SP_MP",
    "SeriesDescription": "t1_mprage_sag_p2_iso_192",
    "SeriesNumber": 13,
    "ShimSetting": [
      3382,
      -11946,
      11206,
      -4,
      -40,
      -152,
      -34,
      21
    ],
    "SliceThickness": 0.94,
    "SoftwareVersions": "syngo_MR_E11",
    "StationName": "AWP167013",
    "TxRefAmp": 237.635,
    "dataset": "<unset>",
    "modality": "T1w",
    "rec_id": "NORM",
    "subject_id": "experimental014"
  },
  "cjv": 0.3044221745637658,
  "cnr": 4.300000564963996,
  "efc": 0.5521786927886556,
  "fber": 9015.829916765755,
  "fwhm_avg": 4.036939937132656,
  "fwhm_x": 3.9345744780646346,
  "fwhm_y": 4.206933333333334,
  "fwhm_z": 3.969312,
  "icvs_csf": 0.20042819690174593,
  "icvs_gm": 0.41885776239659617,
  "icvs_wm": 0.3807140407016579,
  "inu_med": 1.1950321197509766,
  "inu_range": 0.322615098953247,
  "provenance": {
    "md5sum": "6ebdf1aa0e5aef14af97c01a71b1f963",
    "settings": {
      "testing": false
    },
    "software": "mriqc",
    "version": "0.16.1",
    "warnings": {
      "large_rot_frame": true,
      "small_air_mask": false
    },
    "webapi_port": null,
    "webapi_url": "https://mriqc.nimh.nih.gov/api/v1"
  },
  "qi_1": 0.0,
  "qi_2": 0.018258798575297174,
  "rpve_csf": 17.65911337746087,
  "rpve_gm": 9.189127234709568,
  "rpve_wm": 12.426294892169121,
  "size_x": 192,
  "size_y": 256,
  "size_z": 256,
  "snr_csf": 2.8858728047156315,
  "snr_gm": 11.56595009865619,
  "snr_total": 12.935374228130124,
  "snr_wm": 24.354299781018554,
  "snrd_csf": 38.77828184231112,
  "snrd_gm": 87.97763238261136,
  "snrd_total": 84.85888106143263,
  "snrd_wm": 127.82072895937543,
  "spacing_x": 0.9399999976158142,
  "spacing_y": 0.9375,
  "spacing_z": 0.9375,
  "summary_bg_k": 9.034849097742468,
  "summary_bg_mad": 5.1254313627861245,
  "summary_bg_mean": 5.09594229570857,
  "summary_bg_median": 3.5050655156373978,
  "summary_bg_n": 3059345.0,
  "summary_bg_p05": 0.0,
  "summary_bg_p95": 14.164305850863457,
  "summary_bg_stdv": 5.253373961814766,
  "summary_csf_k": 16.145029204108567,
  "summary_csf_mad": 98.91370664710168,
  "summary_csf_mean": 317.82103996694195,
  "summary_csf_median": 303.3802254870534,
  "summary_csf_n": 20576.0,
  "summary_csf_p05": 176.11753851175308,
  "summary_csf_p95": 496.5069346688688,
  "summary_csf_stdv": 105.1234318834475,
  "summary_gm_k": 0.17610394717119027,
  "summary_gm_mad": 58.01703556487072,
  "summary_gm_mean": 687.4815944487474,
  "summary_gm_median": 688.2892351597548,
  "summary_gm_n": 51309.0,
  "summary_gm_p05": 587.7658767551184,
  "summary_gm_p95": 783.6462230235338,
  "summary_gm_stdv": 59.50938072192476,
  "summary_wm_k": 1.2900771644012279,
  "summary_wm_mad": 36.87463119337795,
  "summary_wm_mean": 998.0207042839938,
  "summary_wm_median": 999.99999307096,
  "summary_wm_n": 377219.0,
  "summary_wm_p05": 927.882069721818,
  "summary_wm_p95": 1060.1622819900513,
  "summary_wm_stdv": 41.060456534230156,
  "tpm_overlap_csf": 0.15767282247543335,
  "tpm_overlap_gm": 0.4202485680580139,
  "tpm_overlap_wm": 0.48274096846580505,
  "wm2max": 0.420297459286017
}