{
  "bids_meta": {
    "AcquisitionMatrixPE": 256,
    "AcquisitionNumber": 1,
    "AcquisitionTime": "16:27:31.825000",
    "BaseResolution": 256,
    "BodyPartExamined": "HEAD",
    "ConsistencyInfo": "N4_VE11C_LATEST_20160120",
    "ConversionSoftware": "dcm2niix",
    "ConversionSoftwareVersion": "v1.0.20181125  GCC5.3.1",
    "DeviceSerialNumber": "167013",
    "DwellTime": 9.8e-06,
    "EchoTime": 0.00229,
    "FlipAngle": 8,
    "ImageOrientationPatientDICOM": [
      -0.0127761,
      0.98653,
      0.163079,
      0.0285376,
      0.163386,
      -0.986149
    ],
    "ImageType": [
      "ORIGINAL",
      "PRIMARY",
      "M",
      "ND",
      "NORM"
    ],
    "ImagingFrequency": 123.249,
    "InPlanePhaseEncodingDirectionDICOM": "ROW",
    "InstitutionAddress": "Whiteknights_Campus_StreetNo_Reading_District_GB_RG6_7BE",
    "InstitutionName": "UoR",
    "InstitutionalDepartmentName": "Department",
    "InversionTime": 0.9,
    "MRAcquisitionType": "3D",
    "MagneticFieldStrength": 3,
    "Manufacturer": "Siemens",
    "ManufacturersModelName": "Prisma_fit",
    "Modality": "MR",
    "PartialFourier": 1,
    "PatientPosition": "HFS",
    "PercentPhaseFOV": 100,
    "PhaseEncodingSteps": 255,
    "PhaseResolution": 1,
    "PixelBandwidth": 200,
    "ProcedureStepDescription": "head_Kou_Murayama",
    "ProtocolName": "t1_mprage_sag_p2_iso_192",
    "PulseSequenceDetails": "%SiemensSeq%_tfl",
    "ReceiveCoilActiveElements": "HEA;HEP",
    "ReceiveCoilName": "Head_32",
    "ReconMatrixPE": 256,
    "RepetitionTime": 2.3,
    "SAR": 0.048738,
    "ScanOptions": "IR",
    "ScanningSequence": "GR_IR",
    "SequenceName": "_tfl3d1_16ns",
    "SequenceVariant": "SK_SP_MP",
    "SeriesDescription": "t1_mprage_sag_p2_iso_192",
    "SeriesNumber": 13,
    "ShimSetting": [
      3382,
      -11946,
      11206,
      -4,
      -40,
      -152,
      -34,
      21
    ],
    "SliceThickness": 0.94,
    "SoftwareVersions": "syngo_MR_E11",
    "StationName": "AWP167013",
    "TxRefAmp": 250.378,
    "dataset": "<unset>",
    "modality": "T1w",
    "rec_id": "NORM",
    "subject_id": "control021"
  },
  "cjv": 0.37046154363475015,
  "cnr": 3.531916277114815,
  "efc": 0.5961958290471712,
  "fber": 3689.8216835217136,
  "fwhm_avg": 3.8463689109929966,
  "fwhm_x": 3.7749787329789903,
  "fwhm_y": 3.916074666666667,
  "fwhm_z": 3.848053333333333,
  "icvs_csf": 0.18861565876207848,
  "icvs_gm": 0.4046852968946548,
  "icvs_wm": 0.4066990443432667,
  "inu_med": 1.2344423532485962,
  "inu_range": 0.32258614897727966,
  "provenance": {
    "md5sum": "682b057a52188a2cf211ebd6889d4c53",
    "settings": {
      "testing": false
    },
    "software": "mriqc",
    "version": "0.16.1",
    "warnings": {
      "large_rot_frame": true,
      "small_air_mask": false
    },
    "webapi_port": null,
    "webapi_url": "https://mriqc.nimh.nih.gov/api/v1"
  },
  "qi_1": 7.839596896179806e-06,
  "qi_2": 0.008586506162970539,
  "rpve_csf": 21.14152647393349,
  "rpve_gm": 10.660214658493144,
  "rpve_wm": 13.303812875569417,
  "size_x": 192,
  "size_y": 256,
  "size_z": 256,
  "snr_csf": 2.2297557805717654,
  "snr_gm": 10.729634044223792,
  "snr_total": 11.974829706123273,
  "snr_wm": 22.965099293574266,
  "snrd_csf": 35.9853260764227,
  "snrd_gm": 79.498727735254,
  "snrd_total": 75.49768009380311,
  "snrd_wm": 111.00898646973263,
  "spacing_x": 0.9399999976158142,
  "spacing_y": 0.9375,
  "spacing_z": 0.9375,
  "summary_bg_k": 433.78215132333736,
  "summary_bg_mad": 5.90165182488873,
  "summary_bg_mean": 7.43140650244104,
  "summary_bg_median": 3.980603665113449,
  "summary_bg_n": 2188383.0,
  "summary_bg_p05": 0.0,
  "summary_bg_p95": 20.626764446496964,
  "summary_bg_stdv": 10.40148979898455,
  "summary_csf_k": 42.227729332735876,
  "summary_csf_mad": 120.71560550908765,
  "summary_csf_mean": 348.0481010610475,
  "summary_csf_median": 324.1658875644207,
  "summary_csf_n": 17779.0,
  "summary_csf_p05": 184.48288622498512,
  "summary_csf_p95": 544.184708327055,
  "summary_csf_stdv": 145.37770177426196,
  "summary_gm_k": 0.03285709298660544,
  "summary_gm_mad": 65.24007835513359,
  "summary_gm_mean": 718.003040387178,
  "summary_gm_median": 716.146786659956,
  "summary_gm_n": 33370.0,
  "summary_gm_p05": 609.9008561074734,
  "summary_gm_p95": 831.0451020881533,
  "summary_gm_stdv": 66.74375409539054,
  "summary_wm_k": 0.8474164847456405,
  "summary_wm_mad": 39.91662688833832,
  "summary_wm_mean": 1000.0840665884326,
  "summary_wm_median": 1000.0000152885914,
  "summary_wm_n": 358889.0,
  "summary_wm_p05": 929.000520825386,
  "summary_wm_p95": 1071.2166335880756,
  "summary_wm_stdv": 43.54427600402235,
  "tpm_overlap_csf": 0.17870062589645386,
  "tpm_overlap_gm": 0.4395153820514679,
  "tpm_overlap_wm": 0.5061062574386597,
  "wm2max": 0.3904982618771727
}