{
  "aor": 0.0002750666666666667,
  "aqi": 0.0019378872000000002,
  "bids_meta": {
    "AcquisitionMatrixPE": 64,
    "AcquisitionNumber": 1,
    "AcquisitionTime": "14:26:30.690000",
    "BandwidthPerPixelPhaseEncode": 58.962,
    "BaseResolution": 64,
    "BodyPartExamined": "HEAD",
    "ConsistencyInfo": "N4_VE11C_LATEST_20160120",
    "ConversionSoftware": "dcm2niix",
    "ConversionSoftwareVersion": "v1.0.20181125  GCC5.3.1",
    "DerivedVendorReportedEchoSpacing": 0.000530002,
    "DeviceSerialNumber": "167013",
    "DwellTime": 3.5e-06,
    "EchoTime": 0.03,
    "EchoTrainLength": 31,
    "EffectiveEchoSpacing": 0.000265001,
    "FlipAngle": 90,
    "ImageOrientationPatientDICOM": [
      0.99964,
      -0.0192104,
      0.0187535,
      0.0195431,
      0.999652,
      -0.0177198
    ],
    "ImageType": [
      "ORIGINAL",
      "PRIMARY",
      "M",
      "ND",
      "MOSAIC"
    ],
    "ImagingFrequency": 123.249,
    "InPlanePhaseEncodingDirectionDICOM": "COL",
    "InstitutionAddress": "Whiteknights_Campus_StreetNo_Reading_District_GB_RG6_7BE",
    "InstitutionName": "UoR",
    "InstitutionalDepartmentName": "Department",
    "MRAcquisitionType": "2D",
    "MagneticFieldStrength": 3,
    "Manufacturer": "Siemens",
    "ManufacturersModelName": "Prisma_fit",
    "Modality": "MR",
    "ParallelReductionFactorInPlane": 2,
    "PartialFourier": 1,
    "PatientPosition": "HFS",
    "PercentPhaseFOV": 100,
    "PhaseEncodingDirection": "j",
    "PhaseEncodingSteps": 63,
    "PhaseResolution": 1,
    "PixelBandwidth": 2230,
    "ProcedureStepDescription": "head_Kou_Murayama",
    "ProtocolName": "ep2d_bold_PtoA_iPAT2_PreResting",
    "PulseSequenceDetails": "%SiemensSeq%_ep2d_bold",
    "ReceiveCoilActiveElements": "HEA;HEP",
    "ReceiveCoilName": "Head_32",
    "ReconMatrixPE": 64,
    "RepetitionTime": 2,
    "SAR": 0.109745,
    "ScanOptions": "FS",
    "ScanningSequence": "EP",
    "SequenceName": "_epfid2d1_64",
    "SequenceVariant": "SK",
    "SeriesDescription": "ep2d_bold_PtoA_iPAT2_PreResting",
    "SeriesNumber": 11,
    "ShimSetting": [
      3382,
      -11866,
      11491,
      502,
      28,
      112,
      -54,
      -18
    ],
    "SliceThickness": 3,
    "SliceTiming": [
      0,
      1.0175,
      0.055,
      1.07,
      0.1075,
      1.125,
      0.1625,
      1.1775,
      0.215,
      1.2325,
      0.2675,
      1.285,
      0.3225,
      1.3375,
      0.375,
      1.3925,
      0.43,
      1.445,
      0.4825,
      1.5,
      0.535,
      1.5525,
      0.59,
      1.605,
      0.6425,
      1.66,
      0.6975,
      1.7125,
      0.75,
      1.7675,
      0.8025,
      1.82,
      0.8575,
      1.875,
      0.91,
      1.9275,
      0.965
    ],
    "SoftwareVersions": "syngo_MR_E11",
    "SpacingBetweenSlices": 3.75,
    "StationName": "AWP167013",
    "TaskName": "rest",
    "TotalReadoutTime": 0.0166951,
    "TxRefAmp": 230.704,
    "dataset": "<unset>",
    "modality": "bold",
    "run_id": 1,
    "subject_id": "experimental042",
    "task_id": "rest"
  },
  "dummy_trs": 0,
  "dvars_nstd": 28.147908252474924,
  "dvars_std": 1.2166520079264227,
  "dvars_vstd": 0.9867940790635454,
  "efc": 0.46204976083986427,
  "fber": 13352334.0,
  "fd_mean": 0.11413518825811764,
  "fd_num": 0,
  "fd_perc": 0.0,
  "fwhm_avg": 2.9644875796729586,
  "fwhm_x": 2.8563831063283995,
  "fwhm_y": 3.1484400000000003,
  "fwhm_z": 2.8886396326904764,
  "gcor": 0.0322129,
  "gsr_x": 0.016522254794836044,
  "gsr_y": 0.035722795873880386,
  "provenance": {
    "md5sum": "7773b1f4fbc13273aa8d0788f1265a6a",
    "settings": {
      "fd_thres": 0.5,
      "testing": false
    },
    "software": "mriqc",
    "version": "0.16.1",
    "webapi_port": null,
    "webapi_url": "https://mriqc.nimh.nih.gov/api/v1"
  },
  "size_t": 300,
  "size_x": 64,
  "size_y": 64,
  "size_z": 37,
  "snr": 2.3547022759323304,
  "spacing_tr": 2.0,
  "spacing_x": 3.000000238418579,
  "spacing_y": 3.0,
  "spacing_z": 3.750000476837158,
  "summary_bg_k": 29.521381387378653,
  "summary_bg_mad": 0.15949768744623385,
  "summary_bg_mean": 14.661992073059082,
  "summary_bg_median": 0.1075795590877533,
  "summary_bg_n": 87158.0,
  "summary_bg_p05": 0.0,
  "summary_bg_p95": 92.95379676818845,
  "summary_bg_stdv": 42.421146392822266,
  "summary_fg_k": 0.024507888770301633,
  "summary_fg_mad": 192.11476114824455,
  "summary_fg_mean": 479.6370849609375,
  "summary_fg_median": 445.2076110839844,
  "summary_fg_n": 28513.0,
  "summary_fg_p05": 232.9780242919922,
  "summary_fg_p95": 835.4225830078124,
  "summary_fg_stdv": 189.0684051513672,
  "tsnr": 66.34797668457031
}