{
  "aor": 0.0018484333333333332,
  "aqi": 0.004772738,
  "bids_meta": {
    "AcquisitionMatrixPE": 64,
    "AcquisitionNumber": 1,
    "AcquisitionTime": "11:29:40.597500",
    "BandwidthPerPixelPhaseEncode": 58.962,
    "BaseResolution": 64,
    "BodyPartExamined": "HEAD",
    "ConsistencyInfo": "N4_VE11C_LATEST_20160120",
    "ConversionSoftware": "dcm2niix",
    "ConversionSoftwareVersion": "v1.0.20181125  GCC5.3.1",
    "DerivedVendorReportedEchoSpacing": 0.000530002,
    "DeviceSerialNumber": "167013",
    "DwellTime": 3.5e-06,
    "EchoTime": 0.03,
    "EchoTrainLength": 31,
    "EffectiveEchoSpacing": 0.000265001,
    "FlipAngle": 90,
    "ImageOrientationPatientDICOM": [
      0.999058,
      -0.0423859,
      0.00930529,
      0.0399516,
      0.982097,
      0.184091
    ],
    "ImageType": [
      "ORIGINAL",
      "PRIMARY",
      "M",
      "ND",
      "MOSAIC"
    ],
    "ImagingFrequency": 123.249,
    "InPlanePhaseEncodingDirectionDICOM": "COL",
    "InstitutionAddress": "Whiteknights_Campus_StreetNo_Reading_District_GB_RG6_7BE",
    "InstitutionName": "UoR",
    "InstitutionalDepartmentName": "Department",
    "MRAcquisitionType": "2D",
    "MagneticFieldStrength": 3,
    "Manufacturer": "Siemens",
    "ManufacturersModelName": "Prisma_fit",
    "Modality": "MR",
    "ParallelReductionFactorInPlane": 2,
    "PartialFourier": 1,
    "PatientPosition": "HFS",
    "PercentPhaseFOV": 100,
    "PhaseEncodingDirection": "j",
    "PhaseEncodingSteps": 63,
    "PhaseResolution": 1,
    "PixelBandwidth": 2230,
    "ProcedureStepDescription": "head_Kou_Murayama",
    "ProtocolName": "ep2d_bold_PtoA_iPAT2_PreResting",
    "PulseSequenceDetails": "%SiemensSeq%_ep2d_bold",
    "ReceiveCoilActiveElements": "HEA;HEP",
    "ReceiveCoilName": "Head_32",
    "ReconMatrixPE": 64,
    "RepetitionTime": 2,
    "SAR": 0.107762,
    "ScanOptions": "FS",
    "ScanningSequence": "EP",
    "SequenceName": "_epfid2d1_64",
    "SequenceVariant": "SK",
    "SeriesDescription": "ep2d_bold_PtoA_iPAT2_PreResting",
    "SeriesNumber": 6,
    "ShimSetting": [
      3406,
      -12000,
      11479,
      425,
      45,
      -195,
      -16,
      12
    ],
    "SliceThickness": 3,
    "SliceTiming": [
      0,
      1.0175,
      0.0525,
      1.07,
      0.1075,
      1.125,
      0.16,
      1.1775,
      0.215,
      1.23,
      0.2675,
      1.285,
      0.3225,
      1.3375,
      0.375,
      1.3925,
      0.4275,
      1.445,
      0.4825,
      1.4975,
      0.535,
      1.5525,
      0.59,
      1.605,
      0.6425,
      1.66,
      0.695,
      1.7125,
      0.75,
      1.765,
      0.8025,
      1.82,
      0.8575,
      1.8725,
      0.91,
      1.9275,
      0.9625
    ],
    "SoftwareVersions": "syngo_MR_E11",
    "SpacingBetweenSlices": 3.75,
    "StationName": "AWP167013",
    "TaskName": "rest",
    "TotalReadoutTime": 0.0166951,
    "TxRefAmp": 228.848,
    "dataset": "<unset>",
    "modality": "bold",
    "run_id": 1,
    "subject_id": "experimental036",
    "task_id": "rest"
  },
  "dummy_trs": 0,
  "dvars_nstd": 20.89375934779263,
  "dvars_std": 1.063554677591973,
  "dvars_vstd": 0.9536697030769239,
  "efc": 0.4606208663785243,
  "fber": 5387963.0,
  "fd_mean": 0.06544372683249589,
  "fd_num": 0,
  "fd_perc": 0.0,
  "fwhm_avg": 2.890638872905741,
  "fwhm_x": 2.79581311114207,
  "fwhm_y": 3.1355166666666663,
  "fwhm_z": 2.7405868409084855,
  "gcor": 0.0166171,
  "gsr_x": 0.042434047907590866,
  "gsr_y": 0.013732025399804115,
  "provenance": {
    "md5sum": "d6b19c30b5fd98ce404c54c536e214ae",
    "settings": {
      "fd_thres": 0.5,
      "testing": false
    },
    "software": "mriqc",
    "version": "0.16.1",
    "webapi_port": null,
    "webapi_url": "https://mriqc.nimh.nih.gov/api/v1"
  },
  "size_t": 300,
  "size_x": 64,
  "size_y": 64,
  "size_z": 37,
  "snr": 2.4748368846512565,
  "spacing_tr": 2.0,
  "spacing_x": 3.000000238418579,
  "spacing_y": 3.0,
  "spacing_z": 3.749999761581421,
  "summary_bg_k": 36.750460513662006,
  "summary_bg_mad": 0.2562985762140089,
  "summary_bg_mean": 17.457839965820312,
  "summary_bg_median": 0.17375940084457397,
  "summary_bg_n": 88677.0,
  "summary_bg_p05": 0.0003693184291478247,
  "summary_bg_p95": 101.84930114746088,
  "summary_bg_stdv": 53.770179748535156,
  "summary_fg_k": 0.17365872504037627,
  "summary_fg_mad": 199.1722562821572,
  "summary_fg_mean": 517.7948608398438,
  "summary_fg_median": 481.8016357421875,
  "summary_fg_n": 27050.0,
  "summary_fg_p05": 266.62979583740236,
  "summary_fg_p95": 882.4486389160155,
  "summary_fg_stdv": 194.6765594482422,
  "tsnr": 52.227142333984375
}