{
  "aor": 0.0019887000000000004,
  "aqi": 0.002074656733333333,
  "bids_meta": {
    "AcquisitionMatrixPE": 64,
    "AcquisitionNumber": 1,
    "AcquisitionTime": "14:04:15.610000",
    "BandwidthPerPixelPhaseEncode": 58.962,
    "BaseResolution": 64,
    "BodyPartExamined": "HEAD",
    "ConsistencyInfo": "N4_VE11C_LATEST_20160120",
    "ConversionSoftware": "dcm2niix",
    "ConversionSoftwareVersion": "v1.0.20181125  GCC5.3.1",
    "DerivedVendorReportedEchoSpacing": 0.000530002,
    "DeviceSerialNumber": "167013",
    "DwellTime": 3.5e-06,
    "EchoTime": 0.03,
    "EchoTrainLength": 31,
    "EffectiveEchoSpacing": 0.000265001,
    "FlipAngle": 90,
    "ImageOrientationPatientDICOM": [
      0.997164,
      0.069413,
      -0.0290858,
      -0.0693787,
      0.997588,
      0.00218523
    ],
    "ImageType": [
      "ORIGINAL",
      "PRIMARY",
      "M",
      "ND",
      "MOSAIC"
    ],
    "ImagingFrequency": 123.249,
    "InPlanePhaseEncodingDirectionDICOM": "COL",
    "InstitutionAddress": "Whiteknights_Campus_StreetNo_Reading_District_GB_RG6_7BE",
    "InstitutionName": "UoR",
    "InstitutionalDepartmentName": "Department",
    "MRAcquisitionType": "2D",
    "MagneticFieldStrength": 3,
    "Manufacturer": "Siemens",
    "ManufacturersModelName": "Prisma_fit",
    "Modality": "MR",
    "ParallelReductionFactorInPlane": 2,
    "PartialFourier": 1,
    "PatientPosition": "HFS",
    "PercentPhaseFOV": 100,
    "PhaseEncodingDirection": "j",
    "PhaseEncodingSteps": 63,
    "PhaseResolution": 1,
    "PixelBandwidth": 2230,
    "ProcedureStepDescription": "head_Kou_Murayama",
    "ProtocolName": "ep2d_bold_PtoA_iPAT2_PostResting",
    "PulseSequenceDetails": "%SiemensSeq%_ep2d_bold",
    "ReceiveCoilActiveElements": "HEA;HEP",
    "ReceiveCoilName": "Head_32",
    "ReconMatrixPE": 64,
    "RepetitionTime": 2,
    "SAR": 0.0992197,
    "ScanOptions": "FS",
    "ScanningSequence": "EP",
    "SequenceName": "_epfid2d1_64",
    "SequenceVariant": "SK",
    "SeriesDescription": "ep2d_bold_PtoA_iPAT2_PostResting",
    "SeriesNumber": 12,
    "ShimSetting": [
      3390,
      -11937,
      11489,
      499,
      30,
      20,
      111,
      60
    ],
    "SliceThickness": 3,
    "SliceTiming": [
      0,
      1.0175,
      0.0525,
      1.07,
      0.1075,
      1.1225,
      0.16,
      1.1775,
      0.215,
      1.23,
      0.2675,
      1.285,
      0.32,
      1.3375,
      0.375,
      1.39,
      0.4275,
      1.445,
      0.4825,
      1.4975,
      0.535,
      1.5525,
      0.5875,
      1.605,
      0.6425,
      1.6575,
      0.695,
      1.7125,
      0.75,
      1.765,
      0.8025,
      1.82,
      0.855,
      1.8725,
      0.91,
      1.925,
      0.9625
    ],
    "SoftwareVersions": "syngo_MR_E11",
    "SpacingBetweenSlices": 3.75,
    "StationName": "AWP167013",
    "TaskName": "rest",
    "TotalReadoutTime": 0.0166951,
    "TxRefAmp": 220.698,
    "dataset": "<unset>",
    "modality": "bold",
    "run_id": 2,
    "subject_id": "experimental046",
    "task_id": "rest"
  },
  "dummy_trs": 0,
  "dvars_nstd": 24.025827809732434,
  "dvars_std": 1.199127514080268,
  "dvars_vstd": 1.0150509960200667,
  "efc": 0.476535119953708,
  "fber": 3321055.5,
  "fd_mean": 0.09119270802839262,
  "fd_num": 0,
  "fd_perc": 0.0,
  "fwhm_avg": 2.933763333333333,
  "fwhm_x": 2.831163333333333,
  "fwhm_y": 3.1611666666666665,
  "fwhm_z": 2.80896,
  "gcor": 0.023533,
  "gsr_x": 0.0137014826759696,
  "gsr_y": 0.034886445850133896,
  "provenance": {
    "md5sum": "4c053ee79b0aa855886e2d92db5112c8",
    "settings": {
      "fd_thres": 0.5,
      "testing": false
    },
    "software": "mriqc",
    "version": "0.16.1",
    "webapi_port": null,
    "webapi_url": "https://mriqc.nimh.nih.gov/api/v1"
  },
  "size_t": 300,
  "size_x": 64,
  "size_y": 64,
  "size_z": 37,
  "snr": 2.4478949813784445,
  "spacing_tr": 2.0,
  "spacing_x": 3.0,
  "spacing_y": 3.0,
  "spacing_z": 3.75,
  "summary_bg_k": 27.57446002662384,
  "summary_bg_mad": 0.31755360764573287,
  "summary_bg_mean": 16.880971908569336,
  "summary_bg_median": 0.2141866534948349,
  "summary_bg_n": 85199.0,
  "summary_bg_p05": 0.0,
  "summary_bg_p95": 104.58790359497061,
  "summary_bg_stdv": 48.39996337890625,
  "summary_fg_k": 0.027701251999836973,
  "summary_fg_mad": 194.51856030183237,
  "summary_fg_mean": 494.11376953125,
  "summary_fg_median": 458.97918701171875,
  "summary_fg_n": 29831.0,
  "summary_fg_p05": 249.63370513916016,
  "summary_fg_p95": 845.5140380859375,
  "summary_fg_stdv": 187.49639892578125,
  "tsnr": 64.66679382324219
}