{
  "bids_meta": {
    "AcquisitionMatrixPE": 256,
    "AcquisitionNumber": 1,
    "AcquisitionTime": "15:57:27.305000",
    "BaseResolution": 256,
    "BodyPartExamined": "HEAD",
    "ConsistencyInfo": "N4_VE11C_LATEST_20160120",
    "ConversionSoftware": "dcm2niix",
    "ConversionSoftwareVersion": "v1.0.20180622 GCC5.3.1",
    "DeviceSerialNumber": "167013",
    "DwellTime": 9.8e-06,
    "EchoTime": 0.00229,
    "FlipAngle": 8,
    "ImageOrientationPatientDICOM": [
      -0.114855,
      0.984241,
      0.134451,
      -0.043844,
      0.130193,
      -0.990519
    ],
    "ImageType": [
      "ORIGINAL",
      "PRIMARY",
      "M",
      "ND",
      "NORM"
    ],
    "InPlanePhaseEncodingDirectionDICOM": "ROW",
    "InstitutionAddress": "Whiteknights_Campus_StreetNo_Reading_District_GB_RG6_7BE",
    "InstitutionName": "UOR",
    "InstitutionalDepartmentName": "Department",
    "InversionTime": 0.9,
    "MRAcquisitionType": "3D",
    "MagneticFieldStrength": 3,
    "Manufacturer": "Siemens",
    "ManufacturersModelName": "Prisma_fit",
    "Modality": "MR",
    "ParallelReductionFactorInPlane": 2,
    "PartialFourier": 1,
    "PatientPosition": "HFS",
    "PercentPhaseFOV": 100,
    "PhaseEncodingSteps": 255,
    "PhaseResolution": 1,
    "PixelBandwidth": 200,
    "ProcedureStepDescription": "head_Kou_Murayama",
    "ProtocolName": "t1_mprage_sag_p2_iso_192",
    "PulseSequenceDetails": "%SiemensSeq%_tfl",
    "ReceiveCoilActiveElements": "HEA;HEP",
    "ReceiveCoilName": "Head_32",
    "ReconMatrixPE": 256,
    "RepetitionTime": 2.3,
    "SAR": 0.0564603,
    "ScanOptions": "IR",
    "ScanningSequence": "GR_IR",
    "SequenceName": "_tfl3d1_16ns",
    "SequenceVariant": "SK_SP_MP",
    "SeriesDescription": "t1_mprage_sag_p2_iso_192",
    "SeriesNumber": 13,
    "ShimSetting": [
      3382,
      -11946,
      11206,
      -4,
      -40,
      -152,
      -34,
      21
    ],
    "SliceThickness": 0.94,
    "SoftwareVersions": "syngo_MR_E11",
    "StationName": "AWP167013",
    "TxRefAmp": 229.234,
    "dataset": "<unset>",
    "modality": "T1w",
    "rec_id": "NORM",
    "subject_id": "experimental005"
  },
  "cjv": 0.34313255890413746,
  "cnr": 3.879444137250741,
  "efc": 0.5284312141948061,
  "fber": 2869.293801939058,
  "fwhm_avg": 3.849313722467404,
  "fwhm_x": 3.837242500735546,
  "fwhm_y": 3.837205333333333,
  "fwhm_z": 3.8734933333333337,
  "icvs_csf": 0.1898678621143178,
  "icvs_gm": 0.44049730322557845,
  "icvs_wm": 0.3696348346601037,
  "inu_med": 1.3302180767059326,
  "inu_range": 0.3817944824695587,
  "provenance": {
    "md5sum": "de5cdb9edc92640b1a04b39fda94a124",
    "settings": {
      "testing": false
    },
    "software": "mriqc",
    "version": "0.16.1",
    "warnings": {
      "large_rot_frame": true,
      "small_air_mask": false
    },
    "webapi_port": null,
    "webapi_url": "https://mriqc.nimh.nih.gov/api/v1"
  },
  "qi_1": 0.0,
  "qi_2": 0.014893875564419,
  "rpve_csf": 25.38815417241618,
  "rpve_gm": 12.147248013276862,
  "rpve_wm": 17.16844558916099,
  "size_x": 192,
  "size_y": 256,
  "size_z": 256,
  "snr_csf": 3.168963919090782,
  "snr_gm": 11.939100324015794,
  "snr_total": 11.827082103937684,
  "snr_wm": 20.37318206870648,
  "snrd_csf": 37.42230589486691,
  "snrd_gm": 71.21199108256457,
  "snrd_total": 70.04894032429236,
  "snrd_wm": 101.51252399544562,
  "spacing_x": 0.9400005340576172,
  "spacing_y": 0.9375,
  "spacing_z": 0.9375,
  "summary_bg_k": 87.48349622153418,
  "summary_bg_mad": 6.4537492973010275,
  "summary_bg_mean": 6.818473017252773,
  "summary_bg_median": 4.352987751364708,
  "summary_bg_n": 2712062.0,
  "summary_bg_p05": 0.0,
  "summary_bg_p95": 21.76493875682354,
  "summary_bg_stdv": 7.6434199564736,
  "summary_csf_k": -0.6143471929826827,
  "summary_csf_mad": 143.15589350376825,
  "summary_csf_mean": 364.48249966409776,
  "summary_csf_median": 368.6471834629774,
  "summary_csf_n": 14847.0,
  "summary_csf_p05": 187.5911591604352,
  "summary_csf_p95": 539.510432550311,
  "summary_csf_stdv": 116.32659058123812,
  "summary_gm_k": 0.06203950841146355,
  "summary_gm_mad": 58.167558601648224,
  "summary_gm_mean": 700.6288074611334,
  "summary_gm_median": 701.5094156712294,
  "summary_gm_n": 44526.0,
  "summary_gm_p05": 602.4648112505674,
  "summary_gm_p95": 795.692241564393,
  "summary_gm_stdv": 58.756649920282904,
  "summary_wm_k": 0.8525752607268151,
  "summary_wm_mad": 44.25428089577847,
  "summary_wm_mean": 998.3644123004194,
  "summary_wm_median": 1000.0000043362379,
  "summary_wm_n": 236118.0,
  "summary_wm_p05": 913.6186370104551,
  "summary_wm_p95": 1075.018377661705,
  "summary_wm_stdv": 49.084030338330095,
  "tpm_overlap_csf": 0.16696953773498535,
  "tpm_overlap_gm": 0.4425583779811859,
  "tpm_overlap_wm": 0.4864814579486847,
  "wm2max": 0.4050977877524848
}