{
  "aor": 0.0001353846153846154,
  "aqi": 0.003361976086956521,
  "bids_meta": {
    "AcquisitionMatrixPE": 64,
    "AcquisitionNumber": 1,
    "AcquisitionTime": "15:26:25.990000",
    "BandwidthPerPixelPhaseEncode": 58.962,
    "BaseResolution": 64,
    "BodyPartExamined": "HEAD",
    "ConsistencyInfo": "N4_VE11C_LATEST_20160120",
    "ConversionSoftware": "dcm2niix",
    "ConversionSoftwareVersion": "v1.0.20181125  GCC5.3.1",
    "DerivedVendorReportedEchoSpacing": 0.000530002,
    "DeviceSerialNumber": "167013",
    "DwellTime": 3.5e-06,
    "EchoTime": 0.03,
    "EchoTrainLength": 31,
    "EffectiveEchoSpacing": 0.000265001,
    "FlipAngle": 90,
    "ImageOrientationPatientDICOM": [
      0.998543,
      -0.0270894,
      0.0466608,
      0.0298105,
      0.997834,
      -0.0586436
    ],
    "ImageType": [
      "ORIGINAL",
      "PRIMARY",
      "M",
      "ND",
      "MOSAIC"
    ],
    "ImagingFrequency": 123.249,
    "InPlanePhaseEncodingDirectionDICOM": "COL",
    "InstitutionAddress": "Whiteknights_Campus_StreetNo_Reading_District_GB_RG6_7BE",
    "InstitutionName": "UoR",
    "InstitutionalDepartmentName": "Department",
    "MRAcquisitionType": "2D",
    "MagneticFieldStrength": 3,
    "Manufacturer": "Siemens",
    "ManufacturersModelName": "Prisma_fit",
    "Modality": "MR",
    "ParallelReductionFactorInPlane": 2,
    "PartialFourier": 1,
    "PatientPosition": "HFS",
    "PercentPhaseFOV": 100,
    "PhaseEncodingDirection": "j",
    "PhaseEncodingSteps": 63,
    "PhaseResolution": 1,
    "PixelBandwidth": 2230,
    "ProcedureStepDescription": "head_Kou_Murayama",
    "ProtocolName": "ep2d_bold_PtoA_iPAT2_PostResting",
    "PulseSequenceDetails": "%SiemensSeq%_ep2d_bold",
    "ReceiveCoilActiveElements": "HEA;HEP",
    "ReceiveCoilName": "Head_32",
    "ReconMatrixPE": 64,
    "RepetitionTime": 2,
    "SAR": 0.110016,
    "ScanOptions": "FS",
    "ScanningSequence": "EP",
    "SequenceName": "_epfid2d1_64",
    "SequenceVariant": "SK",
    "SeriesDescription": "ep2d_bold_PtoA_iPAT2_PostResting",
    "SeriesNumber": 12,
    "ShimSetting": [
      3385,
      -11949,
      11436,
      521,
      26,
      -46,
      -89,
      21
    ],
    "SliceThickness": 3,
    "SliceTiming": [
      0,
      1.015,
      0.0525,
      1.07,
      0.1075,
      1.1225,
      0.16,
      1.1775,
      0.2125,
      1.23,
      0.2675,
      1.2825,
      0.32,
      1.3375,
      0.375,
      1.39,
      0.4275,
      1.445,
      0.48,
      1.4975,
      0.535,
      1.55,
      0.5875,
      1.605,
      0.6425,
      1.6575,
      0.695,
      1.7125,
      0.7475,
      1.765,
      0.8025,
      1.82,
      0.855,
      1.8725,
      0.91,
      1.925,
      0.9625
    ],
    "SoftwareVersions": "syngo_MR_E11",
    "SpacingBetweenSlices": 3.75,
    "StationName": "AWP167013",
    "TaskName": "rest",
    "TotalReadoutTime": 0.0166951,
    "TxRefAmp": 228.03,
    "dataset": "<unset>",
    "modality": "bold",
    "run_id": 2,
    "subject_id": "control029",
    "task_id": "rest"
  },
  "dummy_trs": 1,
  "dvars_nstd": 23.76834426486577,
  "dvars_std": 1.0836530731208047,
  "dvars_vstd": 0.9567032622818789,
  "efc": 0.4462032744732117,
  "fber": 4872275.0,
  "fd_mean": 0.10190397032085108,
  "fd_num": 0,
  "fd_perc": 0.0,
  "fwhm_avg": 2.810461197071636,
  "fwhm_x": 2.7123197844441904,
  "fwhm_y": 2.978610473437384,
  "fwhm_z": 2.7404533333333334,
  "gcor": 0.0322344,
  "gsr_x": 0.01786036789417267,
  "gsr_y": 0.020579330623149872,
  "provenance": {
    "md5sum": "fde4afe3e0119a2029cb5fb5a3788d10",
    "settings": {
      "fd_thres": 0.5,
      "testing": false
    },
    "software": "mriqc",
    "version": "0.16.1",
    "webapi_port": null,
    "webapi_url": "https://mriqc.nimh.nih.gov/api/v1"
  },
  "size_t": 299,
  "size_x": 64,
  "size_y": 64,
  "size_z": 37,
  "snr": 2.4465944782427798,
  "spacing_tr": 2.0,
  "spacing_x": 3.000000238418579,
  "spacing_y": 2.999999523162842,
  "spacing_z": 3.75,
  "summary_bg_k": 33.47060728288529,
  "summary_bg_mad": 0.27230277907042066,
  "summary_bg_mean": 14.0098295211792,
  "summary_bg_median": 0.18612511456012726,
  "summary_bg_n": 91345.0,
  "summary_bg_p05": 0.0006016743485815822,
  "summary_bg_p95": 88.17515869140628,
  "summary_bg_stdv": 44.27372741699219,
  "summary_fg_k": 0.6919432789722157,
  "summary_fg_mad": 173.3491063438395,
  "summary_fg_mean": 458.42864990234375,
  "summary_fg_median": 427.2380065917969,
  "summary_fg_n": 27026.0,
  "summary_fg_p05": 232.48632431030273,
  "summary_fg_p95": 784.3116912841797,
  "summary_fg_stdv": 174.6223602294922,
  "tsnr": 57.61805725097656
}