{
  "aor": 0.0005180991735537189,
  "aqi": 0.0020240852947658403,
  "bids_meta": {
    "AcquisitionMatrixPE": 64,
    "AcquisitionNumber": 1,
    "AcquisitionTime": "10:31:0.517500",
    "BandwidthPerPixelPhaseEncode": 58.962,
    "BaseResolution": 64,
    "BodyPartExamined": "HEAD",
    "ConsistencyInfo": "N4_VE11C_LATEST_20160120",
    "ConversionSoftware": "dcm2niix",
    "ConversionSoftwareVersion": "v1.0.20181125  GCC5.3.1",
    "DerivedVendorReportedEchoSpacing": 0.000530002,
    "DeviceSerialNumber": "167013",
    "DwellTime": 3.5e-06,
    "EchoTime": 0.03,
    "EchoTrainLength": 31,
    "EffectiveEchoSpacing": 0.000265001,
    "FlipAngle": 90,
    "ImageOrientationPatientDICOM": [
      0.999536,
      -0.00283445,
      0.0303438,
      -0.00122113,
      0.991141,
      0.132808
    ],
    "ImageType": [
      "ORIGINAL",
      "PRIMARY",
      "M",
      "ND",
      "MOSAIC"
    ],
    "ImagingFrequency": 123.249,
    "InPlanePhaseEncodingDirectionDICOM": "COL",
    "InstitutionAddress": "Whiteknights_Campus_StreetNo_Reading_District_GB_RG6_7BE",
    "InstitutionName": "UoR",
    "InstitutionalDepartmentName": "Department",
    "MRAcquisitionType": "2D",
    "MagneticFieldStrength": 3,
    "Manufacturer": "Siemens",
    "ManufacturersModelName": "Prisma_fit",
    "Modality": "MR",
    "ParallelReductionFactorInPlane": 2,
    "PartialFourier": 1,
    "PatientPosition": "HFS",
    "PercentPhaseFOV": 100,
    "PhaseEncodingDirection": "j",
    "PhaseEncodingSteps": 63,
    "PhaseResolution": 1,
    "PixelBandwidth": 2230,
    "ProcedureStepDescription": "head_Kou_Murayama",
    "ProtocolName": "ep2d_bold_PtoA_iPAT2_MagicTrick_Run2",
    "PulseSequenceDetails": "%SiemensSeq%_ep2d_bold",
    "ReceiveCoilActiveElements": "HEA;HEP",
    "ReceiveCoilName": "Head_32",
    "ReconMatrixPE": 64,
    "RepetitionTime": 2,
    "SAR": 0.123639,
    "ScanOptions": "FS",
    "ScanningSequence": "EP",
    "SequenceName": "_epfid2d1_64",
    "SequenceVariant": "SK",
    "SeriesDescription": "ep2d_bold_PtoA_iPAT2_MagicTrick_Run2",
    "SeriesNumber": 10,
    "ShimSetting": [
      3426,
      -12050,
      11485,
      260,
      19,
      -282,
      66,
      -63
    ],
    "SliceThickness": 3,
    "SliceTiming": [
      0,
      1.015,
      0.0525,
      1.07,
      0.105,
      1.1225,
      0.16,
      1.1775,
      0.2125,
      1.23,
      0.2675,
      1.2825,
      0.32,
      1.3375,
      0.3725,
      1.39,
      0.4275,
      1.445,
      0.48,
      1.4975,
      0.535,
      1.55,
      0.5875,
      1.605,
      0.64,
      1.6575,
      0.695,
      1.7125,
      0.7475,
      1.765,
      0.8025,
      1.8175,
      0.855,
      1.8725,
      0.9075,
      1.925,
      0.9625
    ],
    "SoftwareVersions": "syngo_MR_E11",
    "SpacingBetweenSlices": 3.75,
    "StationName": "AWP167013",
    "TaskName": "magictrickwatching",
    "TotalReadoutTime": 0.0166951,
    "TxRefAmp": 243.078,
    "dataset": "<unset>",
    "modality": "bold",
    "run_id": 2,
    "subject_id": "control001",
    "task_id": "magictrickwatching"
  },
  "dummy_trs": 1,
  "dvars_nstd": 22.88272010955803,
  "dvars_std": 1.1638031286740338,
  "dvars_vstd": 0.992233274281768,
  "efc": 0.4077228033245381,
  "fber": 23158434.0,
  "fd_mean": 0.06869502137492031,
  "fd_num": 0,
  "fd_perc": 0.0,
  "fwhm_avg": 3.0586735504386624,
  "fwhm_x": 2.946707135033152,
  "fwhm_y": 3.351766666666667,
  "fwhm_z": 2.8775468496161687,
  "gcor": 0.0236746,
  "gsr_x": 0.020207244902849197,
  "gsr_y": 0.011715780012309551,
  "provenance": {
    "md5sum": "1c63672837ac10fe1f53bbddc87f80e0",
    "settings": {
      "fd_thres": 0.5,
      "testing": false
    },
    "software": "mriqc",
    "version": "0.16.1",
    "webapi_port": null,
    "webapi_url": "https://mriqc.nimh.nih.gov/api/v1"
  },
  "size_t": 363,
  "size_x": 64,
  "size_y": 64,
  "size_z": 37,
  "snr": 2.338596322233998,
  "spacing_tr": 2.0,
  "spacing_x": 2.999999523162842,
  "spacing_y": 3.0,
  "spacing_z": 3.749999761581421,
  "summary_bg_k": 41.26094249621955,
  "summary_bg_mad": 0.12499431417808742,
  "summary_bg_mean": 10.52367115020752,
  "summary_bg_median": 0.08430738747119904,
  "summary_bg_n": 96378.0,
  "summary_bg_p05": 0.0,
  "summary_bg_p95": 68.19754981994625,
  "summary_bg_stdv": 34.68785095214844,
  "summary_fg_k": 0.46769924186722456,
  "summary_fg_mad": 176.1405909560841,
  "summary_fg_mean": 469.9805603027344,
  "summary_fg_median": 431.096435546875,
  "summary_fg_n": 22646.0,
  "summary_fg_p05": 238.51746368408203,
  "summary_fg_p95": 823.114501953125,
  "summary_fg_stdv": 184.33575439453125,
  "tsnr": 66.23138427734375
}