{
  "aor": 0.0014361333333333334,
  "aqi": 0.0028170181,
  "bids_meta": {
    "AcquisitionMatrixPE": 64,
    "AcquisitionNumber": 1,
    "AcquisitionTime": "13:11:0.532500",
    "BandwidthPerPixelPhaseEncode": 58.962,
    "BaseResolution": 64,
    "BodyPartExamined": "HEAD",
    "ConsistencyInfo": "N4_VE11C_LATEST_20160120",
    "ConversionSoftware": "dcm2niix",
    "ConversionSoftwareVersion": "v1.0.20181125  GCC5.3.1",
    "DerivedVendorReportedEchoSpacing": 0.000530002,
    "DeviceSerialNumber": "167013",
    "DwellTime": 3.5e-06,
    "EchoTime": 0.03,
    "EchoTrainLength": 31,
    "EffectiveEchoSpacing": 0.000265001,
    "FlipAngle": 90,
    "ImageOrientationPatientDICOM": [
      0.999131,
      -0.0166828,
      -0.0382074,
      0.0207544,
      0.99385,
      0.108777
    ],
    "ImageType": [
      "ORIGINAL",
      "PRIMARY",
      "M",
      "ND",
      "MOSAIC"
    ],
    "ImagingFrequency": 123.249,
    "InPlanePhaseEncodingDirectionDICOM": "COL",
    "InstitutionAddress": "Whiteknights_Campus_StreetNo_Reading_District_GB_RG6_7BE",
    "InstitutionName": "UoR",
    "InstitutionalDepartmentName": "Department",
    "MRAcquisitionType": "2D",
    "MagneticFieldStrength": 3,
    "Manufacturer": "Siemens",
    "ManufacturersModelName": "Prisma_fit",
    "Modality": "MR",
    "ParallelReductionFactorInPlane": 2,
    "PartialFourier": 1,
    "PatientPosition": "HFS",
    "PercentPhaseFOV": 100,
    "PhaseEncodingDirection": "j",
    "PhaseEncodingSteps": 63,
    "PhaseResolution": 1,
    "PixelBandwidth": 2230,
    "ProcedureStepDescription": "head_Kou_Murayama",
    "ProtocolName": "ep2d_bold_PtoA_iPAT2_PreResting",
    "PulseSequenceDetails": "%SiemensSeq%_ep2d_bold",
    "ReceiveCoilActiveElements": "HEA;HEP",
    "ReceiveCoilName": "Head_32",
    "ReconMatrixPE": 64,
    "RepetitionTime": 2,
    "SAR": 0.11378,
    "ScanOptions": "FS",
    "ScanningSequence": "EP",
    "SequenceName": "_epfid2d1_64",
    "SequenceVariant": "SK",
    "SeriesDescription": "ep2d_bold_PtoA_iPAT2_PreResting",
    "SeriesNumber": 6,
    "ShimSetting": [
      3374,
      -11934,
      11475,
      476,
      -9,
      -67,
      77,
      30
    ],
    "SliceThickness": 3,
    "SliceTiming": [
      0,
      1.015,
      0.0525,
      1.07,
      0.1075,
      1.1225,
      0.16,
      1.1775,
      0.2125,
      1.23,
      0.2675,
      1.2825,
      0.32,
      1.3375,
      0.375,
      1.39,
      0.4275,
      1.445,
      0.48,
      1.4975,
      0.535,
      1.55,
      0.5875,
      1.605,
      0.6425,
      1.6575,
      0.695,
      1.7125,
      0.7475,
      1.765,
      0.8025,
      1.82,
      0.855,
      1.8725,
      0.91,
      1.925,
      0.9625
    ],
    "SoftwareVersions": "syngo_MR_E11",
    "SpacingBetweenSlices": 3.75,
    "StationName": "AWP167013",
    "TaskName": "rest",
    "TotalReadoutTime": 0.0166951,
    "TxRefAmp": 231.928,
    "dataset": "<unset>",
    "modality": "bold",
    "run_id": 1,
    "subject_id": "control041",
    "task_id": "rest"
  },
  "dummy_trs": 0,
  "dvars_nstd": 25.333338683377924,
  "dvars_std": 1.1854148683946488,
  "dvars_vstd": 0.9999385330434786,
  "efc": 0.43669097173871607,
  "fber": 8785576.0,
  "fd_mean": 0.09279953779210232,
  "fd_num": 0,
  "fd_perc": 0.0,
  "fwhm_avg": 2.8274343699288003,
  "fwhm_x": 2.7082537637986763,
  "fwhm_y": 3.008449521819826,
  "fwhm_z": 2.7655998241678987,
  "gcor": 0.0193637,
  "gsr_x": 0.022331546992063522,
  "gsr_y": 0.022938601672649384,
  "provenance": {
    "md5sum": "e7c299717b53e9e9d154bfb05de03a81",
    "settings": {
      "fd_thres": 0.5,
      "testing": false
    },
    "software": "mriqc",
    "version": "0.16.1",
    "webapi_port": null,
    "webapi_url": "https://mriqc.nimh.nih.gov/api/v1"
  },
  "size_t": 300,
  "size_x": 64,
  "size_y": 64,
  "size_z": 37,
  "snr": 2.5369259986198855,
  "spacing_tr": 2.0,
  "spacing_x": 2.999999523162842,
  "spacing_y": 3.000000476837158,
  "spacing_z": 3.750000238418579,
  "summary_bg_k": 44.905431444077934,
  "summary_bg_mad": 0.20312763106977122,
  "summary_bg_mean": 12.245918273925781,
  "summary_bg_median": 0.13794472813606262,
  "summary_bg_n": 92730.0,
  "summary_bg_p05": 0.0005665301374392583,
  "summary_bg_p95": 69.60609970092774,
  "summary_bg_stdv": 39.48204040527344,
  "summary_fg_k": 0.3343404724689969,
  "summary_fg_mad": 172.30147105732865,
  "summary_fg_mean": 470.6357727050781,
  "summary_fg_median": 438.2480773925781,
  "summary_fg_n": 25745.0,
  "summary_fg_p05": 245.25330505371093,
  "summary_fg_p95": 799.4697753906248,
  "summary_fg_stdv": 172.74432373046875,
  "tsnr": 59.53631591796875
}