{
  "bids_meta": {
    "AcquisitionMatrixPE": 256,
    "AcquisitionNumber": 1,
    "AcquisitionTime": "15:37:38.400000",
    "BaseResolution": 256,
    "BodyPartExamined": "HEAD",
    "ConsistencyInfo": "N4_VE11C_LATEST_20160120",
    "ConversionSoftware": "dcm2niix",
    "ConversionSoftwareVersion": "v1.0.20181125  GCC5.3.1",
    "DeviceSerialNumber": "167013",
    "DwellTime": 9.8e-06,
    "EchoTime": 0.00229,
    "FlipAngle": 8,
    "ImageOrientationPatientDICOM": [
      0.0232775,
      0.996416,
      0.081328,
      0.0487032,
      0.0801232,
      -0.995594
    ],
    "ImageType": [
      "ORIGINAL",
      "PRIMARY",
      "M",
      "ND",
      "NORM"
    ],
    "ImagingFrequency": 123.249,
    "InPlanePhaseEncodingDirectionDICOM": "ROW",
    "InstitutionAddress": "Whiteknights_Campus_StreetNo_Reading_District_GB_RG6_7BE",
    "InstitutionName": "UoR",
    "InstitutionalDepartmentName": "Department",
    "InversionTime": 0.9,
    "MRAcquisitionType": "3D",
    "MagneticFieldStrength": 3,
    "Manufacturer": "Siemens",
    "ManufacturersModelName": "Prisma_fit",
    "Modality": "MR",
    "PartialFourier": 1,
    "PatientPosition": "HFS",
    "PercentPhaseFOV": 100,
    "PhaseEncodingSteps": 255,
    "PhaseResolution": 1,
    "PixelBandwidth": 200,
    "ProcedureStepDescription": "head_Kou_Murayama",
    "ProtocolName": "t1_mprage_sag_p2_iso_192",
    "PulseSequenceDetails": "%SiemensSeq%_tfl",
    "ReceiveCoilActiveElements": "HEA;HEP",
    "ReceiveCoilName": "Head_32",
    "ReconMatrixPE": 256,
    "RepetitionTime": 2.3,
    "SAR": 0.0533233,
    "ScanOptions": "IR",
    "ScanningSequence": "GR_IR",
    "SequenceName": "_tfl3d1_16ns",
    "SequenceVariant": "SK_SP_MP",
    "SeriesDescription": "t1_mprage_sag_p2_iso_192",
    "SeriesNumber": 13,
    "ShimSetting": [
      3382,
      -11946,
      11206,
      -4,
      -40,
      -152,
      -34,
      21
    ],
    "SliceThickness": 0.94,
    "SoftwareVersions": "syngo_MR_E11",
    "StationName": "AWP167013",
    "TxRefAmp": 228.03,
    "dataset": "<unset>",
    "modality": "T1w",
    "rec_id": "NORM",
    "subject_id": "control029"
  },
  "cjv": 0.36234298436850193,
  "cnr": 3.62727644872956,
  "efc": 0.5229430099652278,
  "fber": 6609.404739919975,
  "fwhm_avg": 3.838505204159753,
  "fwhm_x": 3.801648945812593,
  "fwhm_y": 3.862058666666667,
  "fwhm_z": 3.8518079999999997,
  "icvs_csf": 0.2067710604835671,
  "icvs_gm": 0.41924950353445084,
  "icvs_wm": 0.3739794359819821,
  "inu_med": 1.2931545972824097,
  "inu_range": 0.3113953769207001,
  "provenance": {
    "md5sum": "04400c68d192756221969ccda88b7a06",
    "settings": {
      "testing": false
    },
    "software": "mriqc",
    "version": "0.16.1",
    "warnings": {
      "large_rot_frame": true,
      "small_air_mask": false
    },
    "webapi_port": null,
    "webapi_url": "https://mriqc.nimh.nih.gov/api/v1"
  },
  "qi_1": 0.00029089204683456705,
  "qi_2": 0.01284324796524417,
  "rpve_csf": 27.25382682850701,
  "rpve_gm": 14.283712701942422,
  "rpve_wm": 19.54746367014035,
  "size_x": 192,
  "size_y": 256,
  "size_z": 256,
  "snr_csf": 3.0892792485742855,
  "snr_gm": 11.746826993763417,
  "snr_total": 12.05453623425681,
  "snr_wm": 21.327502460432733,
  "snrd_csf": 36.40334245238105,
  "snrd_gm": 74.0491552862143,
  "snrd_total": 71.16478715521403,
  "snrd_wm": 103.04186372704673,
  "spacing_x": 0.9399999976158142,
  "spacing_y": 0.9375,
  "spacing_z": 0.9375,
  "summary_bg_k": 61.59811236378731,
  "summary_bg_mad": 6.3582840820975814,
  "summary_bg_mean": 7.622263596968528,
  "summary_bg_median": 4.339051529765129,
  "summary_bg_n": 2925234.0,
  "summary_bg_p05": 0.0,
  "summary_bg_p95": 21.84661991149187,
  "summary_bg_stdv": 8.733442238033131,
  "summary_csf_k": -0.7166007639750922,
  "summary_csf_mad": 138.27397795008682,
  "summary_csf_mean": 358.48193636723255,
  "summary_csf_median": 353.30474810674787,
  "summary_csf_n": 15232.0,
  "summary_csf_p05": 188.54692519456148,
  "summary_csf_p95": 540.3632777184248,
  "summary_csf_stdv": 114.36102794152174,
  "summary_gm_k": 0.15967806453895728,
  "summary_gm_mad": 59.31905031886332,
  "summary_gm_mean": 719.3958856312167,
  "summary_gm_median": 718.6680231392384,
  "summary_gm_n": 20233.0,
  "summary_gm_p05": 618.8799287721515,
  "summary_gm_p95": 820.9586402490734,
  "summary_gm_stdv": 61.17824528295293,
  "summary_wm_k": 0.7780836348504452,
  "summary_wm_mad": 42.63790502112496,
  "summary_wm_mean": 998.5101002101435,
  "summary_wm_median": 1000.0504694357514,
  "summary_wm_n": 220270.0,
  "summary_wm_p05": 917.9616689831018,
  "summary_wm_p95": 1072.250268727541,
  "summary_wm_stdv": 46.89007544284611,
  "tpm_overlap_csf": 0.1681700199842453,
  "tpm_overlap_gm": 0.43506208062171936,
  "tpm_overlap_wm": 0.4999859631061554,
  "wm2max": 0.4074538502651811
}