{
  "bids_meta": {
    "AcquisitionMatrixPE": 256,
    "AcquisitionNumber": 1,
    "AcquisitionTime": "16:13:30.342500",
    "BaseResolution": 256,
    "BodyPartExamined": "HEAD",
    "ConsistencyInfo": "N4_VE11C_LATEST_20160120",
    "ConversionSoftware": "dcm2niix",
    "ConversionSoftwareVersion": "v1.0.20181125  GCC5.3.1",
    "DeviceSerialNumber": "167013",
    "DwellTime": 9.8e-06,
    "EchoTime": 0.00229,
    "FlipAngle": 8,
    "ImageOrientationPatientDICOM": [
      -0.0860849,
      0.931478,
      0.353467,
      -0.0254508,
      0.352612,
      -0.935423
    ],
    "ImageType": [
      "ORIGINAL",
      "PRIMARY",
      "M",
      "ND",
      "NORM"
    ],
    "ImagingFrequency": 123.249,
    "InPlanePhaseEncodingDirectionDICOM": "ROW",
    "InstitutionAddress": "Whiteknights_Campus_StreetNo_Reading_District_GB_RG6_7BE",
    "InstitutionName": "UoR",
    "InstitutionalDepartmentName": "Department",
    "InversionTime": 0.9,
    "MRAcquisitionType": "3D",
    "MagneticFieldStrength": 3,
    "Manufacturer": "Siemens",
    "ManufacturersModelName": "Prisma_fit",
    "Modality": "MR",
    "PartialFourier": 1,
    "PatientPosition": "HFS",
    "PercentPhaseFOV": 100,
    "PhaseEncodingSteps": 255,
    "PhaseResolution": 1,
    "PixelBandwidth": 200,
    "ProcedureStepDescription": "head_Kou_Murayama",
    "ProtocolName": "t1_mprage_sag_p2_iso_192",
    "PulseSequenceDetails": "%SiemensSeq%_tfl",
    "ReceiveCoilActiveElements": "HEA;HEP",
    "ReceiveCoilName": "Head_32",
    "ReconMatrixPE": 256,
    "RepetitionTime": 2.3,
    "SAR": 0.0535213,
    "ScanOptions": "IR",
    "ScanningSequence": "GR_IR",
    "SequenceName": "_tfl3d1_16ns",
    "SequenceVariant": "SK_SP_MP",
    "SeriesDescription": "t1_mprage_sag_p2_iso_192",
    "SeriesNumber": 13,
    "ShimSetting": [
      3382,
      -11946,
      11206,
      -4,
      -40,
      -152,
      -34,
      21
    ],
    "SliceThickness": 0.94,
    "SoftwareVersions": "syngo_MR_E11",
    "StationName": "AWP167013",
    "TxRefAmp": 217.955,
    "dataset": "<unset>",
    "modality": "T1w",
    "rec_id": "NORM",
    "subject_id": "experimental028"
  },
  "cjv": 0.33171617256317115,
  "cnr": 3.9371538535727075,
  "efc": 0.5113957488317029,
  "fber": 7200.29388429752,
  "fwhm_avg": 3.6923044853414315,
  "fwhm_x": 3.633457456024295,
  "fwhm_y": 3.7157226666666667,
  "fwhm_z": 3.727733333333333,
  "icvs_csf": 0.1874454111836173,
  "icvs_gm": 0.44817021558232023,
  "icvs_wm": 0.3643843732340625,
  "inu_med": 1.3115907907485962,
  "inu_range": 0.2968092918395997,
  "provenance": {
    "md5sum": "63275301083370196361311cec04212b",
    "settings": {
      "testing": false
    },
    "software": "mriqc",
    "version": "0.16.1",
    "warnings": {
      "large_rot_frame": true,
      "small_air_mask": false
    },
    "webapi_port": null,
    "webapi_url": "https://mriqc.nimh.nih.gov/api/v1"
  },
  "qi_1": 0.0,
  "qi_2": 0.013147758250467883,
  "rpve_csf": 27.113591109354676,
  "rpve_gm": 12.886473856378835,
  "rpve_wm": 18.632809368485518,
  "size_x": 192,
  "size_y": 256,
  "size_z": 256,
  "snr_csf": 2.371209458925684,
  "snr_gm": 11.015587232711066,
  "snr_total": 11.922541982827958,
  "snr_wm": 22.380829256847125,
  "snrd_csf": 39.00693222635229,
  "snrd_gm": 76.35410965188721,
  "snrd_total": 75.08863642983545,
  "snrd_wm": 109.90486741126684,
  "spacing_x": 0.9399999976158142,
  "spacing_y": 0.9375,
  "spacing_z": 0.9375,
  "summary_bg_k": 12.36287264063127,
  "summary_bg_mad": 5.960940646389605,
  "summary_bg_mean": 5.870170975823914,
  "summary_bg_median": 4.0205933675169945,
  "summary_bg_n": 2850095.0,
  "summary_bg_p05": 0.0,
  "summary_bg_p95": 16.376563228666782,
  "summary_bg_stdv": 6.1616192585925535,
  "summary_csf_k": 30.659810206853713,
  "summary_csf_mad": 124.77993438448485,
  "summary_csf_mean": 359.54053457180703,
  "summary_csf_median": 354.91542793624103,
  "summary_csf_n": 12834.0,
  "summary_csf_p05": 182.0691384341568,
  "summary_csf_p95": 543.814671932533,
  "summary_csf_stdv": 149.67113055974252,
  "summary_gm_k": 0.07611957471351882,
  "summary_gm_mad": 61.57215521331702,
  "summary_gm_mean": 695.960027965287,
  "summary_gm_median": 694.7291149310768,
  "summary_gm_n": 46032.0,
  "summary_gm_p05": 593.9200909845531,
  "summary_gm_p95": 803.5302939862013,
  "summary_gm_stdv": 63.06713877887281,
  "summary_wm_k": 1.1427048998809148,
  "summary_wm_mad": 39.69114137717956,
  "summary_wm_mean": 998.3929360417833,
  "summary_wm_median": 1000.0000211037695,
  "summary_wm_n": 226979.0,
  "summary_wm_p05": 921.5003871843219,
  "summary_wm_p95": 1067.7126972079277,
  "summary_wm_stdv": 44.68099938470336,
  "tpm_overlap_csf": 0.15915228426456451,
  "tpm_overlap_gm": 0.45174917578697205,
  "tpm_overlap_wm": 0.5036244988441467,
  "wm2max": 0.4517064959801555
}