{
  "aor": 0.008166588628762541,
  "aqi": 0.006326374113712375,
  "bids_meta": {
    "AcquisitionMatrixPE": 64,
    "AcquisitionNumber": 1,
    "AcquisitionTime": "15:46:49.855000",
    "BandwidthPerPixelPhaseEncode": 58.962,
    "BaseResolution": 64,
    "BodyPartExamined": "HEAD",
    "ConsistencyInfo": "N4_VE11C_LATEST_20160120",
    "ConversionSoftware": "dcm2niix",
    "ConversionSoftwareVersion": "v1.0.20181125  GCC5.3.1",
    "DerivedVendorReportedEchoSpacing": 0.000530002,
    "DeviceSerialNumber": "167013",
    "DwellTime": 3.5e-06,
    "EchoTime": 0.03,
    "EchoTrainLength": 31,
    "EffectiveEchoSpacing": 0.000265001,
    "FlipAngle": 90,
    "ImageOrientationPatientDICOM": [
      0.9996,
      -0.0113934,
      0.0259006,
      0.00750203,
      0.989307,
      0.145656
    ],
    "ImageType": [
      "ORIGINAL",
      "PRIMARY",
      "M",
      "ND",
      "MOSAIC"
    ],
    "ImagingFrequency": 123.249,
    "InPlanePhaseEncodingDirectionDICOM": "COL",
    "InstitutionAddress": "Whiteknights_Campus_StreetNo_Reading_District_GB_RG6_7BE",
    "InstitutionName": "UoR",
    "InstitutionalDepartmentName": "Department",
    "MRAcquisitionType": "2D",
    "MagneticFieldStrength": 3,
    "Manufacturer": "Siemens",
    "ManufacturersModelName": "Prisma_fit",
    "Modality": "MR",
    "ParallelReductionFactorInPlane": 2,
    "PartialFourier": 1,
    "PatientPosition": "HFS",
    "PercentPhaseFOV": 100,
    "PhaseEncodingDirection": "j",
    "PhaseEncodingSteps": 63,
    "PhaseResolution": 1,
    "PixelBandwidth": 2230,
    "ProcedureStepDescription": "head_Kou_Murayama",
    "ProtocolName": "ep2d_bold_PtoA_iPAT2_PostResting",
    "PulseSequenceDetails": "%SiemensSeq%_ep2d_bold",
    "ReceiveCoilActiveElements": "HEA;HEP",
    "ReceiveCoilName": "Head_32",
    "ReconMatrixPE": 64,
    "RepetitionTime": 2,
    "SAR": 0.115546,
    "ScanOptions": "FS",
    "ScanningSequence": "EP",
    "SequenceName": "_epfid2d1_64",
    "SequenceVariant": "SK",
    "SeriesDescription": "ep2d_bold_PtoA_iPAT2_PostResting",
    "SeriesNumber": 12,
    "ShimSetting": [
      3395,
      -11970,
      11510,
      459,
      -16,
      -104,
      -42,
      41
    ],
    "SliceThickness": 3,
    "SliceTiming": [
      0,
      1.0175,
      0.0525,
      1.07,
      0.1075,
      1.125,
      0.16,
      1.1775,
      0.215,
      1.23,
      0.2675,
      1.285,
      0.32,
      1.3375,
      0.375,
      1.3925,
      0.4275,
      1.445,
      0.4825,
      1.4975,
      0.535,
      1.5525,
      0.5875,
      1.605,
      0.6425,
      1.66,
      0.695,
      1.7125,
      0.75,
      1.765,
      0.8025,
      1.82,
      0.8575,
      1.8725,
      0.91,
      1.9275,
      0.9625
    ],
    "SoftwareVersions": "syngo_MR_E11",
    "SpacingBetweenSlices": 3.75,
    "StationName": "AWP167013",
    "TaskName": "rest",
    "TotalReadoutTime": 0.0166951,
    "TxRefAmp": 228.216,
    "dataset": "<unset>",
    "modality": "bold",
    "run_id": 2,
    "subject_id": "control049",
    "task_id": "rest"
  },
  "dummy_trs": 1,
  "dvars_nstd": 20.242777049630874,
  "dvars_std": 1.0386443060402688,
  "dvars_vstd": 0.9684180742281877,
  "efc": 0.4454287620480135,
  "fber": 1946228.25,
  "fd_mean": 0.07473809954552857,
  "fd_num": 0,
  "fd_perc": 0.0,
  "fwhm_avg": 2.9983397949976003,
  "fwhm_x": 2.901072872220219,
  "fwhm_y": 3.2463194840114142,
  "fwhm_z": 2.847627028761168,
  "gcor": 0.0105637,
  "gsr_x": 0.03676876053214073,
  "gsr_y": 0.017731159925460815,
  "provenance": {
    "md5sum": "183424bb54941f6a4cc8172fb49e3583",
    "settings": {
      "fd_thres": 0.5,
      "testing": false
    },
    "software": "mriqc",
    "version": "0.16.1",
    "webapi_port": null,
    "webapi_url": "https://mriqc.nimh.nih.gov/api/v1"
  },
  "size_t": 299,
  "size_x": 64,
  "size_y": 64,
  "size_z": 37,
  "snr": 2.421031869608969,
  "spacing_tr": 2.0,
  "spacing_x": 3.000000476837158,
  "spacing_y": 3.000000476837158,
  "spacing_z": 3.749999523162842,
  "summary_bg_k": 33.11010477178292,
  "summary_bg_mad": 0.456606265388903,
  "summary_bg_mean": 19.217416763305664,
  "summary_bg_median": 0.30797624588012695,
  "summary_bg_n": 92612.0,
  "summary_bg_p05": 0.0,
  "summary_bg_p95": 121.4052192687988,
  "summary_bg_stdv": 58.39327621459961,
  "summary_fg_k": 0.601977147086509,
  "summary_fg_mad": 198.5742248239328,
  "summary_fg_mean": 513.671142578125,
  "summary_fg_median": 478.61907958984375,
  "summary_fg_n": 25010.0,
  "summary_fg_p05": 258.49190521240234,
  "summary_fg_p95": 883.5604095458984,
  "summary_fg_stdv": 197.688232421875,
  "tsnr": 43.0580940246582
}