{
  "bids_meta": {
    "AcquisitionMatrixPE": 256,
    "AcquisitionNumber": 1,
    "AcquisitionTime": "13:28:51.870000",
    "BaseResolution": 256,
    "BodyPartExamined": "HEAD",
    "ConsistencyInfo": "N4_VE11C_LATEST_20160120",
    "ConversionSoftware": "dcm2niix",
    "ConversionSoftwareVersion": "v1.0.20181125  GCC5.3.1",
    "DeviceSerialNumber": "167013",
    "DwellTime": 9.8e-06,
    "EchoTime": 0.00229,
    "FlipAngle": 8,
    "ImageOrientationPatientDICOM": [
      -0.0389329,
      0.971533,
      0.233683,
      0.0648231,
      0.235823,
      -0.969632
    ],
    "ImageType": [
      "ORIGINAL",
      "PRIMARY",
      "M",
      "ND",
      "NORM"
    ],
    "ImagingFrequency": 123.249,
    "InPlanePhaseEncodingDirectionDICOM": "ROW",
    "InstitutionAddress": "Whiteknights_Campus_StreetNo_Reading_District_GB_RG6_7BE",
    "InstitutionName": "UoR",
    "InstitutionalDepartmentName": "Department",
    "InversionTime": 0.9,
    "MRAcquisitionType": "3D",
    "MagneticFieldStrength": 3,
    "Manufacturer": "Siemens",
    "ManufacturersModelName": "Prisma_fit",
    "Modality": "MR",
    "PartialFourier": 1,
    "PatientPosition": "HFS",
    "PercentPhaseFOV": 100,
    "PhaseEncodingSteps": 255,
    "PhaseResolution": 1,
    "PixelBandwidth": 200,
    "ProcedureStepDescription": "head_Kou_Murayama",
    "ProtocolName": "t1_mprage_sag_p2_iso_192",
    "PulseSequenceDetails": "%SiemensSeq%_tfl",
    "ReceiveCoilActiveElements": "HEA;HEP",
    "ReceiveCoilName": "Head_32",
    "ReconMatrixPE": 256,
    "RepetitionTime": 2.3,
    "SAR": 0.0536336,
    "ScanOptions": "IR",
    "ScanningSequence": "GR_IR",
    "SequenceName": "_tfl3d1_16ns",
    "SequenceVariant": "SK_SP_MP",
    "SeriesDescription": "t1_mprage_sag_p2_iso_192",
    "SeriesNumber": 13,
    "ShimSetting": [
      3382,
      -11946,
      11206,
      -4,
      -40,
      -152,
      -34,
      21
    ],
    "SliceThickness": 0.94,
    "SoftwareVersions": "syngo_MR_E11",
    "StationName": "AWP167013",
    "TxRefAmp": 230.327,
    "dataset": "<unset>",
    "modality": "T1w",
    "rec_id": "NORM",
    "subject_id": "control013"
  },
  "cjv": 0.32936652828133006,
  "cnr": 3.994649913990125,
  "efc": 0.5200581680700941,
  "fber": 8427.24,
  "fwhm_avg": 3.959502458741733,
  "fwhm_x": 3.875734052383479,
  "fwhm_y": 4.076031740852881,
  "fwhm_z": 3.9267415829888397,
  "icvs_csf": 0.18623192596952332,
  "icvs_gm": 0.43727670039180533,
  "icvs_wm": 0.3764913736386713,
  "inu_med": 1.2304291725158691,
  "inu_range": 0.33228120803832994,
  "provenance": {
    "md5sum": "3c942c691f62bc77cc4f076da9d760ba",
    "settings": {
      "testing": false
    },
    "software": "mriqc",
    "version": "0.16.1",
    "warnings": {
      "large_rot_frame": true,
      "small_air_mask": false
    },
    "webapi_port": null,
    "webapi_url": "https://mriqc.nimh.nih.gov/api/v1"
  },
  "qi_1": 0.0,
  "qi_2": 0.016824348480890577,
  "rpve_csf": 27.064979867256156,
  "rpve_gm": 12.921517707806858,
  "rpve_wm": 17.842645738438062,
  "size_x": 192,
  "size_y": 256,
  "size_z": 256,
  "snr_csf": 3.438476633557296,
  "snr_gm": 12.125520491523323,
  "snr_total": 12.638447605503691,
  "snr_wm": 22.351345691430453,
  "snrd_csf": 46.819179205034686,
  "snrd_gm": 80.11674559769621,
  "snrd_total": 80.14620444913929,
  "snrd_wm": 113.50268854468698,
  "spacing_x": 0.9399999976158142,
  "spacing_y": 0.9375000596046448,
  "spacing_z": 0.9374999403953552,
  "summary_bg_k": 13.42091307883135,
  "summary_bg_mad": 5.771989813965317,
  "summary_bg_mean": 5.479546161346441,
  "summary_bg_median": 3.8931479677557945,
  "summary_bg_n": 2536914.0,
  "summary_bg_p05": 0.0,
  "summary_bg_p95": 15.572591871023178,
  "summary_bg_stdv": 5.630994772583458,
  "summary_csf_k": -0.8175994996158691,
  "summary_csf_mad": 133.4217645458906,
  "summary_csf_mean": 387.6133630086153,
  "summary_csf_median": 412.49400082975626,
  "summary_csf_n": 17790.0,
  "summary_csf_p05": 188.96741289645433,
  "summary_csf_p95": 552.6802696902305,
  "summary_csf_stdv": 119.96079985478926,
  "summary_gm_k": 0.009755203789099998,
  "summary_gm_mad": 57.80869798294494,
  "summary_gm_mean": 706.7480008548641,
  "summary_gm_median": 705.8576738461852,
  "summary_gm_n": 34530.0,
  "summary_gm_p05": 610.9517105799168,
  "summary_gm_p95": 802.6473217830062,
  "summary_gm_stdv": 58.21172405193112,
  "summary_wm_k": 1.0359361993375105,
  "summary_wm_mad": 39.071931048380605,
  "summary_wm_mean": 999.996792007078,
  "summary_wm_median": 999.9999764561653,
  "summary_wm_n": 238322.0,
  "summary_wm_p05": 925.7905867323279,
  "summary_wm_p95": 1072.8317907452583,
  "summary_wm_stdv": 44.73994059496614,
  "tpm_overlap_csf": 0.17144717276096344,
  "tpm_overlap_gm": 0.45692363381385803,
  "tpm_overlap_wm": 0.5037871599197388,
  "wm2max": 0.39448067290426236
}