{
  "aor": 0.0009668660968660969,
  "aqi": 0.008101581225071226,
  "bids_meta": {
    "AcquisitionMatrixPE": 64,
    "AcquisitionNumber": 1,
    "AcquisitionTime": "17:40:26.390000",
    "BandwidthPerPixelPhaseEncode": 58.962,
    "BaseResolution": 64,
    "BodyPartExamined": "HEAD",
    "ConsistencyInfo": "N4_VE11C_LATEST_20160120",
    "ConversionSoftware": "dcm2niix",
    "ConversionSoftwareVersion": "v1.0.20181125  GCC5.3.1",
    "DerivedVendorReportedEchoSpacing": 0.000530002,
    "DeviceSerialNumber": "167013",
    "DwellTime": 3.5e-06,
    "EchoTime": 0.03,
    "EchoTrainLength": 31,
    "EffectiveEchoSpacing": 0.000265001,
    "FlipAngle": 90,
    "ImageOrientationPatientDICOM": [
      0.99722,
      -0.0636432,
      0.0387471,
      0.0681585,
      0.989263,
      -0.12928
    ],
    "ImageType": [
      "ORIGINAL",
      "PRIMARY",
      "M",
      "ND",
      "MOSAIC"
    ],
    "ImagingFrequency": 123.249,
    "InPlanePhaseEncodingDirectionDICOM": "COL",
    "InstitutionAddress": "Whiteknights_Campus_StreetNo_Reading_District_GB_RG6_7BE",
    "InstitutionName": "UoR",
    "InstitutionalDepartmentName": "Department",
    "MRAcquisitionType": "2D",
    "MagneticFieldStrength": 3,
    "Manufacturer": "Siemens",
    "ManufacturersModelName": "Prisma_fit",
    "Modality": "MR",
    "ParallelReductionFactorInPlane": 2,
    "PartialFourier": 1,
    "PatientPosition": "HFS",
    "PercentPhaseFOV": 100,
    "PhaseEncodingDirection": "j",
    "PhaseEncodingSteps": 63,
    "PhaseResolution": 1,
    "PixelBandwidth": 2230,
    "ProcedureStepDescription": "head_Kou_Murayama",
    "ProtocolName": "ep2d_bold_PtoA_iPAT2_MagicTrick_Run2",
    "PulseSequenceDetails": "%SiemensSeq%_ep2d_bold",
    "ReceiveCoilActiveElements": "HEA;HEP",
    "ReceiveCoilName": "Head_32",
    "ReconMatrixPE": 64,
    "RepetitionTime": 2,
    "SAR": 0.110677,
    "ScanOptions": "FS",
    "ScanningSequence": "EP",
    "SequenceName": "_epfid2d1_64",
    "SequenceVariant": "SK",
    "SeriesDescription": "ep2d_bold_PtoA_iPAT2_MagicTrick_Run2",
    "SeriesNumber": 10,
    "ShimSetting": [
      3395,
      -11937,
      11433,
      280,
      42,
      -121,
      -43,
      -31
    ],
    "SliceThickness": 3,
    "SliceTiming": [
      0,
      1.0175,
      0.055,
      1.07,
      0.1075,
      1.125,
      0.1625,
      1.1775,
      0.215,
      1.2325,
      0.2675,
      1.285,
      0.3225,
      1.34,
      0.375,
      1.3925,
      0.43,
      1.445,
      0.4825,
      1.5,
      0.535,
      1.5525,
      0.59,
      1.6075,
      0.6425,
      1.66,
      0.6975,
      1.7125,
      0.75,
      1.7675,
      0.8025,
      1.82,
      0.8575,
      1.875,
      0.91,
      1.9275,
      0.965
    ],
    "SoftwareVersions": "syngo_MR_E11",
    "SpacingBetweenSlices": 3.75,
    "StationName": "AWP167013",
    "TaskName": "magictrickwatching",
    "TotalReadoutTime": 0.0166951,
    "TxRefAmp": 234.885,
    "dataset": "<unset>",
    "modality": "bold",
    "run_id": 2,
    "subject_id": "control043",
    "task_id": "magictrickwatching"
  },
  "dummy_trs": 1,
  "dvars_nstd": 25.217953158999993,
  "dvars_std": 0.9876483872000004,
  "dvars_vstd": 0.9081876011999993,
  "efc": 0.5068136559311395,
  "fber": 456568.9375,
  "fd_mean": 0.12618448507292834,
  "fd_num": 3,
  "fd_perc": 0.8547008547008547,
  "fwhm_avg": 2.8250321229230946,
  "fwhm_x": 2.7160302158506884,
  "fwhm_y": 3.0655466666666666,
  "fwhm_z": 2.693519486251929,
  "gcor": 0.0235007,
  "gsr_x": 0.06242617219686508,
  "gsr_y": 0.02110210247337818,
  "provenance": {
    "md5sum": "9c58c3ba09a4a3bfc08978f8eb3795a4",
    "settings": {
      "fd_thres": 0.5,
      "testing": false
    },
    "software": "mriqc",
    "version": "0.16.1",
    "webapi_port": null,
    "webapi_url": "https://mriqc.nimh.nih.gov/api/v1"
  },
  "size_t": 351,
  "size_x": 64,
  "size_y": 64,
  "size_z": 37,
  "snr": 2.2984495283810635,
  "spacing_tr": 2.0,
  "spacing_x": 2.999999761581421,
  "spacing_y": 3.0,
  "spacing_z": 3.7500007152557373,
  "summary_bg_k": 21.61576439583472,
  "summary_bg_mad": 0.7753803691041131,
  "summary_bg_mean": 30.18536376953125,
  "summary_bg_median": 0.5262415409088135,
  "summary_bg_n": 82806.0,
  "summary_bg_p05": 0.0018984425987582654,
  "summary_bg_p95": 192.31140899658203,
  "summary_bg_stdv": 86.855712890625,
  "summary_fg_k": 0.634242952635915,
  "summary_fg_mad": 182.52406493371387,
  "summary_fg_mean": 470.8547058105469,
  "summary_fg_median": 433.20440673828125,
  "summary_fg_n": 31932.0,
  "summary_fg_p05": 233.28211135864257,
  "summary_fg_p95": 829.3228515624996,
  "summary_fg_stdv": 188.47384643554688,
  "tsnr": 36.37687683105469
}