{
  "bids_meta": {
    "AcquisitionMatrixPE": 256,
    "AcquisitionNumber": 1,
    "AcquisitionTime": "19:30:59.370000",
    "BaseResolution": 256,
    "BodyPartExamined": "HEAD",
    "ConsistencyInfo": "N4_VE11C_LATEST_20160120",
    "ConversionSoftware": "dcm2niix",
    "ConversionSoftwareVersion": "v1.0.20181125  GCC5.3.1",
    "DeviceSerialNumber": "167013",
    "DwellTime": 9.8e-06,
    "EchoTime": 0.00229,
    "FlipAngle": 8,
    "ImageOrientationPatientDICOM": [
      -0.028297,
      0.997654,
      0.0623332,
      -0.0968975,
      0.0593268,
      -0.993525
    ],
    "ImageType": [
      "ORIGINAL",
      "PRIMARY",
      "M",
      "ND",
      "NORM"
    ],
    "ImagingFrequency": 123.249,
    "InPlanePhaseEncodingDirectionDICOM": "ROW",
    "InstitutionAddress": "Whiteknights_Campus_StreetNo_Reading_District_GB_RG6_7BE",
    "InstitutionName": "UoR",
    "InstitutionalDepartmentName": "Department",
    "InversionTime": 0.9,
    "MRAcquisitionType": "3D",
    "MagneticFieldStrength": 3,
    "Manufacturer": "Siemens",
    "ManufacturersModelName": "Prisma_fit",
    "Modality": "MR",
    "PartialFourier": 1,
    "PatientPosition": "HFS",
    "PercentPhaseFOV": 100,
    "PhaseEncodingSteps": 255,
    "PhaseResolution": 1,
    "PixelBandwidth": 200,
    "ProcedureStepDescription": "head_Kou_Murayama",
    "ProtocolName": "t1_mprage_sag_p2_iso_192",
    "PulseSequenceDetails": "%SiemensSeq%_tfl",
    "ReceiveCoilActiveElements": "HEA;HEP",
    "ReceiveCoilName": "Head_32",
    "ReconMatrixPE": 256,
    "RepetitionTime": 2.3,
    "SAR": 0.0743239,
    "ScanOptions": "IR",
    "ScanningSequence": "GR_IR",
    "SequenceName": "_tfl3d1_16ns",
    "SequenceVariant": "SK_SP_MP",
    "SeriesDescription": "t1_mprage_sag_p2_iso_192",
    "SeriesNumber": 13,
    "ShimSetting": [
      3382,
      -11946,
      11206,
      -4,
      -40,
      -152,
      -34,
      21
    ],
    "SliceThickness": 0.94,
    "SoftwareVersions": "syngo_MR_E11",
    "StationName": "AWP167013",
    "TxRefAmp": 283.366,
    "dataset": "<unset>",
    "modality": "T1w",
    "rec_id": "NORM",
    "subject_id": "control007"
  },
  "cjv": 0.34731593237736796,
  "cnr": 3.8490824994984987,
  "efc": 0.615857535339097,
  "fber": 9126.976591946042,
  "fwhm_avg": 4.257356912540598,
  "fwhm_x": 4.221724346651589,
  "fwhm_y": 4.336330390970206,
  "fwhm_z": 4.214016,
  "icvs_csf": 0.20606115226007496,
  "icvs_gm": 0.404691568112252,
  "icvs_wm": 0.389247279627673,
  "inu_med": 1.1729464530944824,
  "inu_range": 0.4050763607025145,
  "provenance": {
    "md5sum": "daa2cbe0b6f95c0d3315813f397cd827",
    "settings": {
      "testing": false
    },
    "software": "mriqc",
    "version": "0.16.1",
    "warnings": {
      "large_rot_frame": true,
      "small_air_mask": false
    },
    "webapi_port": null,
    "webapi_url": "https://mriqc.nimh.nih.gov/api/v1"
  },
  "qi_1": 0.0,
  "qi_2": 0.012156335043866177,
  "rpve_csf": 17.726087750015683,
  "rpve_gm": 9.544845807198195,
  "rpve_wm": 12.408697840660286,
  "size_x": 192,
  "size_y": 256,
  "size_z": 256,
  "snr_csf": 3.2928937066674764,
  "snr_gm": 11.841158753988532,
  "snr_total": 12.816286348867202,
  "snr_wm": 23.314806585945593,
  "snrd_csf": 46.91001887403307,
  "snrd_gm": 83.40057007461198,
  "snrd_total": 82.35883677720456,
  "snrd_wm": 116.76592138296861,
  "spacing_x": 0.9400045275688171,
  "spacing_y": 0.9375000596046448,
  "spacing_z": 0.9375,
  "summary_bg_k": 10.095500715943603,
  "summary_bg_mad": 5.610681265487449,
  "summary_bg_mean": 5.554120218252321,
  "summary_bg_median": 3.784347005188465,
  "summary_bg_n": 2297750.0,
  "summary_bg_p05": 0.0,
  "summary_bg_p95": 15.411616064608097,
  "summary_bg_stdv": 5.757882095058751,
  "summary_csf_k": -0.5394953209781108,
  "summary_csf_mad": 134.331093486743,
  "summary_csf_mean": 393.16035644314167,
  "summary_csf_median": 401.7440842464566,
  "summary_csf_n": 29319.0,
  "summary_csf_p05": 190.91756413131952,
  "summary_csf_p95": 579.3341654464602,
  "summary_csf_stdv": 122.00127569143643,
  "summary_gm_k": 0.08345841249192265,
  "summary_gm_mad": 59.15609595133506,
  "summary_gm_mean": 715.7869960334866,
  "summary_gm_median": 714.2543630227447,
  "summary_gm_n": 45548.0,
  "summary_gm_p05": 619.0423861965537,
  "summary_gm_p95": 817.9482132453472,
  "summary_gm_stdv": 60.31897191324832,
  "summary_wm_k": 0.6497079316286825,
  "summary_wm_mad": 40.08791107080163,
  "summary_wm_mean": 999.4810251882561,
  "summary_wm_median": 999.9999847188592,
  "summary_wm_n": 388395.0,
  "summary_wm_p05": 928.0425460115075,
  "summary_wm_p95": 1068.2279220297933,
  "summary_wm_stdv": 42.891142745813745,
  "tpm_overlap_csf": 0.13938139379024506,
  "tpm_overlap_gm": 0.4174753427505493,
  "tpm_overlap_wm": 0.4703429043292999,
  "wm2max": 0.37051002351741325
}