{
  "bids_meta": {
    "AcquisitionMatrixPE": 256,
    "AcquisitionNumber": 1,
    "AcquisitionTime": "17:03:2.630000",
    "BaseResolution": 256,
    "BodyPartExamined": "HEAD",
    "ConsistencyInfo": "N4_VE11C_LATEST_20160120",
    "ConversionSoftware": "dcm2niix",
    "ConversionSoftwareVersion": "v1.0.20180622 GCC5.3.1",
    "DeviceSerialNumber": "167013",
    "DwellTime": 9.8e-06,
    "EchoTime": 0.00229,
    "FlipAngle": 8,
    "ImageOrientationPatientDICOM": [
      0.0150655,
      0.971115,
      0.238135,
      0.0487799,
      0.237165,
      -0.970244
    ],
    "ImageType": [
      "ORIGINAL",
      "PRIMARY",
      "M",
      "ND",
      "NORM"
    ],
    "InPlanePhaseEncodingDirectionDICOM": "ROW",
    "InstitutionAddress": "Whiteknights_Campus_StreetNo_Reading_District_GB_RG6_7BE",
    "InstitutionName": "UoR",
    "InstitutionalDepartmentName": "Department",
    "InversionTime": 0.9,
    "MRAcquisitionType": "3D",
    "MagneticFieldStrength": 3,
    "Manufacturer": "Siemens",
    "ManufacturersModelName": "Prisma_fit",
    "Modality": "MR",
    "ParallelReductionFactorInPlane": 2,
    "PartialFourier": 1,
    "PatientPosition": "HFS",
    "PercentPhaseFOV": 100,
    "PhaseEncodingSteps": 255,
    "PhaseResolution": 1,
    "PixelBandwidth": 200,
    "ProcedureStepDescription": "head_Kou_Murayama",
    "ProtocolName": "t1_mprage_sag_p2_iso_192",
    "PulseSequenceDetails": "%SiemensSeq%_tfl",
    "ReceiveCoilActiveElements": "HEA;HEP",
    "ReceiveCoilName": "Head_32",
    "ReconMatrixPE": 256,
    "RepetitionTime": 2.3,
    "SAR": 0.0560928,
    "ScanOptions": "IR",
    "ScanningSequence": "GR_IR",
    "SequenceName": "_tfl3d1_16ns",
    "SequenceVariant": "SK_SP_MP",
    "SeriesDescription": "t1_mprage_sag_p2_iso_192",
    "SeriesNumber": 14,
    "ShimSetting": [
      3382,
      -11946,
      11206,
      -4,
      -40,
      -152,
      -34,
      21
    ],
    "SliceThickness": 0.94,
    "SoftwareVersions": "syngo_MR_E11",
    "StationName": "AWP167013",
    "TxRefAmp": 239.242,
    "dataset": "<unset>",
    "modality": "T1w",
    "rec_id": "NORM",
    "subject_id": "control003"
  },
  "cjv": 0.3326316684505138,
  "cnr": 3.916232224513927,
  "efc": 0.5587877972632813,
  "fber": 9355.41693073789,
  "fwhm_avg": 3.8858387972695954,
  "fwhm_x": 3.807905472258531,
  "fwhm_y": 3.977514919550255,
  "fwhm_z": 3.872096,
  "icvs_csf": 0.1939897420831891,
  "icvs_gm": 0.42677636412597464,
  "icvs_wm": 0.3792338937908363,
  "inu_med": 1.2160996198654175,
  "inu_range": 0.3478085994720459,
  "provenance": {
    "md5sum": "dd6127a985c010b9e32daf27a7b0f1b9",
    "settings": {
      "testing": false
    },
    "software": "mriqc",
    "version": "0.16.1",
    "warnings": {
      "large_rot_frame": true,
      "small_air_mask": false
    },
    "webapi_port": null,
    "webapi_url": "https://mriqc.nimh.nih.gov/api/v1"
  },
  "qi_1": 0.033480489276427675,
  "qi_2": 0.02301366088179446,
  "rpve_csf": 20.898169428516788,
  "rpve_gm": 10.377725520496519,
  "rpve_wm": 14.052628852920478,
  "size_x": 192,
  "size_y": 256,
  "size_z": 256,
  "snr_csf": 2.8133299726022796,
  "snr_gm": 11.891707725224084,
  "snr_total": 12.848874471100821,
  "snr_wm": 23.8415857154761,
  "snrd_csf": 42.41443346700995,
  "snrd_gm": 86.49539624422836,
  "snrd_total": 83.41273786107762,
  "snrd_wm": 121.3283838719945,
  "spacing_x": 0.9399996995925903,
  "spacing_y": 0.9374999403953552,
  "spacing_z": 0.9375,
  "summary_bg_k": 9.597993926497564,
  "summary_bg_mad": 5.399977002980406,
  "summary_bg_mean": 4.508900037889284,
  "summary_bg_median": 3.64222913980484,
  "summary_bg_n": 1918251.0,
  "summary_bg_p05": 0.0,
  "summary_bg_p95": 11.290910333395004,
  "summary_bg_stdv": 4.600240481813763,
  "summary_csf_k": 1.1717666317381479,
  "summary_csf_mad": 150.73650091176734,
  "summary_csf_mean": 357.2436726464017,
  "summary_csf_median": 349.6019655764103,
  "summary_csf_n": 22591.0,
  "summary_csf_p05": 177.29851134121418,
  "summary_csf_p95": 546.334370970726,
  "summary_csf_stdv": 124.26349957424004,
  "summary_gm_k": 0.18251409933767393,
  "summary_gm_mad": 57.2397562315923,
  "summary_gm_mean": 712.78208738836,
  "summary_gm_median": 712.9403381943703,
  "summary_gm_n": 37661.0,
  "summary_gm_p05": 612.5709094703197,
  "summary_gm_p95": 812.5813210904598,
  "summary_gm_stdv": 59.951933681108954,
  "summary_wm_k": 0.8884711225214406,
  "summary_wm_mad": 38.262694192546874,
  "summary_wm_mean": 999.1446757447687,
  "summary_wm_median": 1000.0520581007004,
  "summary_wm_n": 314517.0,
  "summary_wm_p05": 928.5603032708168,
  "summary_wm_p95": 1065.2999915480614,
  "summary_wm_stdv": 41.945635672560805,
  "tpm_overlap_csf": 0.16893325746059418,
  "tpm_overlap_gm": 0.4427326023578644,
  "tpm_overlap_wm": 0.49835148453712463,
  "wm2max": 0.4021509426066579
}