{
  "bids_meta": {
    "AcquisitionMatrixPE": 256,
    "AcquisitionNumber": 1,
    "AcquisitionTime": "12:10:45.640000",
    "BaseResolution": 256,
    "BodyPartExamined": "HEAD",
    "ConsistencyInfo": "N4_VE11C_LATEST_20160120",
    "ConversionSoftware": "dcm2niix",
    "ConversionSoftwareVersion": "v1.0.20181125  GCC5.3.1",
    "DeviceSerialNumber": "167013",
    "DwellTime": 9.8e-06,
    "EchoTime": 0.00229,
    "FlipAngle": 8,
    "ImageOrientationPatientDICOM": [
      0.000291961,
      0.951203,
      0.308564,
      0.0665726,
      0.307861,
      -0.949099
    ],
    "ImageType": [
      "ORIGINAL",
      "PRIMARY",
      "M",
      "ND",
      "NORM"
    ],
    "ImagingFrequency": 123.249,
    "InPlanePhaseEncodingDirectionDICOM": "ROW",
    "InstitutionAddress": "Whiteknights_Campus_StreetNo_Reading_District_GB_RG6_7BE",
    "InstitutionName": "UoR",
    "InstitutionalDepartmentName": "Department",
    "InversionTime": 0.9,
    "MRAcquisitionType": "3D",
    "MagneticFieldStrength": 3,
    "Manufacturer": "Siemens",
    "ManufacturersModelName": "Prisma_fit",
    "Modality": "MR",
    "PartialFourier": 1,
    "PatientPosition": "HFS",
    "PercentPhaseFOV": 100,
    "PhaseEncodingSteps": 255,
    "PhaseResolution": 1,
    "PixelBandwidth": 200,
    "ProcedureStepDescription": "head_Kou_Murayama",
    "ProtocolName": "t1_mprage_sag_p2_iso_192",
    "PulseSequenceDetails": "%SiemensSeq%_tfl",
    "ReceiveCoilActiveElements": "HEA;HEP",
    "ReceiveCoilName": "Head_32",
    "ReconMatrixPE": 256,
    "RepetitionTime": 2.3,
    "SAR": 0.0723738,
    "ScanOptions": "IR",
    "ScanningSequence": "GR_IR",
    "SequenceName": "_tfl3d1_16ns",
    "SequenceVariant": "SK_SP_MP",
    "SeriesDescription": "t1_mprage_sag_p2_iso_192",
    "SeriesNumber": 13,
    "ShimSetting": [
      3382,
      -11946,
      11206,
      -4,
      -40,
      -152,
      -34,
      21
    ],
    "SliceThickness": 0.94,
    "SoftwareVersions": "syngo_MR_E11",
    "StationName": "AWP167013",
    "TxRefAmp": 239.21,
    "dataset": "<unset>",
    "modality": "T1w",
    "rec_id": "NORM",
    "subject_id": "experimental026"
  },
  "cjv": 0.378847556162916,
  "cnr": 3.4592845763610147,
  "efc": 0.537546336382567,
  "fber": 4477.2275087549815,
  "fwhm_avg": 3.738304220693088,
  "fwhm_x": 3.7837553287459316,
  "fwhm_y": 3.6933653333333334,
  "fwhm_z": 3.737792,
  "icvs_csf": 0.19523130049936463,
  "icvs_gm": 0.4451379361166063,
  "icvs_wm": 0.3596307633840291,
  "inu_med": 1.349055290222168,
  "inu_range": 0.3730410218238831,
  "provenance": {
    "md5sum": "15a25f9ffa514ddb77c63171670fa07c",
    "settings": {
      "testing": false
    },
    "software": "mriqc",
    "version": "0.16.1",
    "warnings": {
      "large_rot_frame": false,
      "small_air_mask": false
    },
    "webapi_port": null,
    "webapi_url": "https://mriqc.nimh.nih.gov/api/v1"
  },
  "qi_1": 0.0,
  "qi_2": 0.008497474117070244,
  "rpve_csf": 25.643504786163263,
  "rpve_gm": 12.37677081835179,
  "rpve_wm": 17.656249337342498,
  "size_x": 192,
  "size_y": 256,
  "size_z": 256,
  "snr_csf": 0.8737096073062941,
  "snr_gm": 11.967855889280996,
  "snr_total": 10.723063233121087,
  "snr_wm": 19.327624202775965,
  "snrd_csf": 45.086772133632095,
  "snrd_gm": 87.84629500326098,
  "snrd_total": 84.80466859176308,
  "snrd_wm": 121.48093863839618,
  "spacing_x": 0.9399999976158142,
  "spacing_y": 0.9375,
  "spacing_z": 0.9375,
  "summary_bg_k": 642.5664832717966,
  "summary_bg_mad": 5.3929150266048795,
  "summary_bg_mean": 8.0292904024512,
  "summary_bg_median": 7.335556250065565,
  "summary_bg_n": 2583036.0,
  "summary_bg_p05": 0.0,
  "summary_bg_p95": 22.370415341109037,
  "summary_bg_stdv": 8.84387716527374,
  "summary_csf_k": 6.550747858284856,
  "summary_csf_mad": 146.7322296822078,
  "summary_csf_mean": 496.67501377747936,
  "summary_csf_median": 371.14277159422636,
  "summary_csf_n": 14022.0,
  "summary_csf_p05": 204.54986417796462,
  "summary_csf_p95": 1708.438925753906,
  "summary_csf_stdv": 424.7744719212308,
  "summary_gm_k": 0.15103285258886512,
  "summary_gm_mad": 60.31076638086457,
  "summary_gm_mean": 723.0862096739432,
  "summary_gm_median": 723.128222733736,
  "summary_gm_n": 43548.0,
  "summary_gm_p05": 623.522281255573,
  "summary_gm_p95": 821.4610511437058,
  "summary_gm_stdv": 60.421843872354295,
  "summary_wm_k": 1.2471742566109976,
  "summary_wm_mad": 44.58143088660034,
  "summary_wm_mean": 997.8460701609384,
  "summary_wm_median": 1000.0000028498471,
  "summary_wm_n": 222479.0,
  "summary_wm_p05": 906.9415000081062,
  "summary_wm_p95": 1077.9630221687257,
  "summary_wm_stdv": 51.739300441311514,
  "tpm_overlap_csf": 0.15129360556602478,
  "tpm_overlap_gm": 0.43799498677253723,
  "tpm_overlap_wm": 0.4905288815498352,
  "wm2max": 0.3917680030400912
}