{
  "aor": 0.001514,
  "aqi": 0.004322007466666666,
  "bids_meta": {
    "AcquisitionMatrixPE": 64,
    "AcquisitionNumber": 1,
    "AcquisitionTime": "18:22:23.120000",
    "BandwidthPerPixelPhaseEncode": 58.962,
    "BaseResolution": 64,
    "BodyPartExamined": "HEAD",
    "ConsistencyInfo": "N4_VE11C_LATEST_20160120",
    "ConversionSoftware": "dcm2niix",
    "ConversionSoftwareVersion": "v1.0.20181125  GCC5.3.1",
    "DerivedVendorReportedEchoSpacing": 0.000530002,
    "DeviceSerialNumber": "167013",
    "DwellTime": 3.5e-06,
    "EchoTime": 0.03,
    "EchoTrainLength": 31,
    "EffectiveEchoSpacing": 0.000265001,
    "FlipAngle": 90,
    "ImageOrientationPatientDICOM": [
      0.994893,
      0.034129,
      -0.0949902,
      -0.0389156,
      0.99804,
      -0.0490023
    ],
    "ImageType": [
      "ORIGINAL",
      "PRIMARY",
      "M",
      "ND",
      "MOSAIC"
    ],
    "ImagingFrequency": 123.249,
    "InPlanePhaseEncodingDirectionDICOM": "COL",
    "InstitutionAddress": "Whiteknights_Campus_StreetNo_Reading_District_GB_RG6_7BE",
    "InstitutionName": "UoR",
    "InstitutionalDepartmentName": "Department",
    "MRAcquisitionType": "2D",
    "MagneticFieldStrength": 3,
    "Manufacturer": "Siemens",
    "ManufacturersModelName": "Prisma_fit",
    "Modality": "MR",
    "ParallelReductionFactorInPlane": 2,
    "PartialFourier": 1,
    "PatientPosition": "HFS",
    "PercentPhaseFOV": 100,
    "PhaseEncodingDirection": "j",
    "PhaseEncodingSteps": 63,
    "PhaseResolution": 1,
    "PixelBandwidth": 2230,
    "ProcedureStepDescription": "head_Kou_Murayama",
    "ProtocolName": "ep2d_bold_PtoA_iPAT2_PreResting",
    "PulseSequenceDetails": "%SiemensSeq%_ep2d_bold",
    "ReceiveCoilActiveElements": "HEA;HEP",
    "ReceiveCoilName": "Head_32",
    "ReconMatrixPE": 64,
    "RepetitionTime": 2,
    "SAR": 0.153345,
    "ScanOptions": "FS",
    "ScanningSequence": "EP",
    "SequenceName": "_epfid2d1_64",
    "SequenceVariant": "SK",
    "SeriesDescription": "ep2d_bold_PtoA_iPAT2_PreResting",
    "SeriesNumber": 6,
    "ShimSetting": [
      3364,
      -11967,
      11461,
      295,
      25,
      -177,
      -13,
      49
    ],
    "SliceThickness": 3,
    "SliceTiming": [
      0,
      1.0175,
      0.055,
      1.07,
      0.1075,
      1.125,
      0.1625,
      1.1775,
      0.215,
      1.2325,
      0.2675,
      1.285,
      0.3225,
      1.3375,
      0.375,
      1.3925,
      0.43,
      1.445,
      0.4825,
      1.5,
      0.535,
      1.5525,
      0.59,
      1.6075,
      0.6425,
      1.66,
      0.6975,
      1.7125,
      0.75,
      1.7675,
      0.8025,
      1.82,
      0.8575,
      1.875,
      0.91,
      1.9275,
      0.965
    ],
    "SoftwareVersions": "syngo_MR_E11",
    "SpacingBetweenSlices": 3.75,
    "StationName": "AWP167013",
    "TaskName": "rest",
    "TotalReadoutTime": 0.0166951,
    "TxRefAmp": 283.366,
    "dataset": "<unset>",
    "modality": "bold",
    "run_id": 1,
    "subject_id": "control007",
    "task_id": "rest"
  },
  "dummy_trs": 0,
  "dvars_nstd": 22.38859974642143,
  "dvars_std": 1.0581044349832776,
  "dvars_vstd": 0.96224168812709,
  "efc": 0.5277900516380809,
  "fber": 1014251.3125,
  "fd_mean": 0.11552009225538623,
  "fd_num": 0,
  "fd_perc": 0.0,
  "fwhm_avg": 2.964809855279615,
  "fwhm_x": 2.864463333333333,
  "fwhm_y": 3.195193079402202,
  "fwhm_z": 2.8347731531033102,
  "gcor": 0.0345747,
  "gsr_x": 0.02949799969792366,
  "gsr_y": 0.06853827089071274,
  "provenance": {
    "md5sum": "a05828cec52483c97b6d93fdd41694d7",
    "settings": {
      "fd_thres": 0.5,
      "testing": false
    },
    "software": "mriqc",
    "version": "0.16.1",
    "webapi_port": null,
    "webapi_url": "https://mriqc.nimh.nih.gov/api/v1"
  },
  "size_t": 300,
  "size_x": 64,
  "size_y": 64,
  "size_z": 37,
  "snr": 2.3320196603441654,
  "spacing_tr": 2.0,
  "spacing_x": 3.0,
  "spacing_y": 3.000000238418579,
  "spacing_z": 3.750000238418579,
  "summary_bg_k": 17.499141448885506,
  "summary_bg_mad": 0.5043626653991744,
  "summary_bg_mean": 26.916345596313477,
  "summary_bg_median": 0.34294065833091736,
  "summary_bg_n": 77698.0,
  "summary_bg_p05": 0.00017486623182776462,
  "summary_bg_p95": 172.52779388427732,
  "summary_bg_stdv": 68.7452392578125,
  "summary_fg_k": 0.30117099291938,
  "summary_fg_mad": 190.15884649664,
  "summary_fg_mean": 480.3834228515625,
  "summary_fg_median": 443.6588439941406,
  "summary_fg_n": 34236.0,
  "summary_fg_p05": 232.5617218017578,
  "summary_fg_p95": 837.9878387451172,
  "summary_fg_stdv": 190.24383544921875,
  "tsnr": 49.954811096191406
}