{
  "aor": 0.0023807730673316707,
  "aqi": 0.007132272842892768,
  "bids_meta": {
    "AcquisitionMatrixPE": 64,
    "AcquisitionNumber": 1,
    "AcquisitionTime": "19:05:7.312500",
    "BandwidthPerPixelPhaseEncode": 58.962,
    "BaseResolution": 64,
    "BodyPartExamined": "HEAD",
    "ConsistencyInfo": "N4_VE11C_LATEST_20160120",
    "ConversionSoftware": "dcm2niix",
    "ConversionSoftwareVersion": "v1.0.20181125  GCC5.3.1",
    "DerivedVendorReportedEchoSpacing": 0.000530002,
    "DeviceSerialNumber": "167013",
    "DwellTime": 3.5e-06,
    "EchoTime": 0.03,
    "EchoTrainLength": 31,
    "EffectiveEchoSpacing": 0.000265001,
    "FlipAngle": 90,
    "ImageOrientationPatientDICOM": [
      0.994893,
      0.034129,
      -0.0949902,
      -0.0389156,
      0.99804,
      -0.0490023
    ],
    "ImageType": [
      "ORIGINAL",
      "PRIMARY",
      "M",
      "ND",
      "MOSAIC"
    ],
    "ImagingFrequency": 123.249,
    "InPlanePhaseEncodingDirectionDICOM": "COL",
    "InstitutionAddress": "Whiteknights_Campus_StreetNo_Reading_District_GB_RG6_7BE",
    "InstitutionName": "UoR",
    "InstitutionalDepartmentName": "Department",
    "MRAcquisitionType": "2D",
    "MagneticFieldStrength": 3,
    "Manufacturer": "Siemens",
    "ManufacturersModelName": "Prisma_fit",
    "Modality": "MR",
    "ParallelReductionFactorInPlane": 2,
    "PartialFourier": 1,
    "PatientPosition": "HFS",
    "PercentPhaseFOV": 100,
    "PhaseEncodingDirection": "j",
    "PhaseEncodingSteps": 63,
    "PhaseResolution": 1,
    "PixelBandwidth": 2230,
    "ProcedureStepDescription": "head_Kou_Murayama",
    "ProtocolName": "ep2d_bold_PtoA_iPAT2_MagicTrick_Run3",
    "PulseSequenceDetails": "%SiemensSeq%_ep2d_bold",
    "ReceiveCoilActiveElements": "HEA;HEP",
    "ReceiveCoilName": "Head_32",
    "ReconMatrixPE": 64,
    "RepetitionTime": 2,
    "SAR": 0.153544,
    "ScanOptions": "FS",
    "ScanningSequence": "EP",
    "SequenceName": "_epfid2d1_64",
    "SequenceVariant": "SK",
    "SeriesDescription": "ep2d_bold_PtoA_iPAT2_MagicTrick_Run3",
    "SeriesNumber": 11,
    "ShimSetting": [
      3364,
      -11967,
      11461,
      295,
      25,
      -177,
      -13,
      49
    ],
    "SliceThickness": 3,
    "SliceTiming": [
      0,
      1.015,
      0.0525,
      1.07,
      0.1075,
      1.1225,
      0.16,
      1.1775,
      0.2125,
      1.23,
      0.2675,
      1.2825,
      0.32,
      1.3375,
      0.375,
      1.39,
      0.4275,
      1.445,
      0.48,
      1.4975,
      0.535,
      1.5525,
      0.5875,
      1.605,
      0.6425,
      1.6575,
      0.695,
      1.7125,
      0.7475,
      1.765,
      0.8025,
      1.82,
      0.855,
      1.8725,
      0.91,
      1.925,
      0.9625
    ],
    "SoftwareVersions": "syngo_MR_E11",
    "SpacingBetweenSlices": 3.75,
    "StationName": "AWP167013",
    "TaskName": "magictrickwatching",
    "TotalReadoutTime": 0.0166951,
    "TxRefAmp": 283.366,
    "dataset": "<unset>",
    "modality": "bold",
    "run_id": 3,
    "subject_id": "control007",
    "task_id": "magictrickwatching"
  },
  "dummy_trs": 0,
  "dvars_nstd": 21.017487778699987,
  "dvars_std": 0.9707313929250004,
  "dvars_vstd": 0.930519079475,
  "efc": 0.5345266063567335,
  "fber": 254742.328125,
  "fd_mean": 0.10813068941522483,
  "fd_num": 0,
  "fd_perc": 0.0,
  "fwhm_avg": 2.8822009703369775,
  "fwhm_x": 2.7896666666666667,
  "fwhm_y": 3.142483083591216,
  "fwhm_z": 2.7144531607530493,
  "gcor": 0.0285297,
  "gsr_x": 0.0331738106906414,
  "gsr_y": 0.0702730119228363,
  "provenance": {
    "md5sum": "359bd5a3978cce28e9718fe9d843bb04",
    "settings": {
      "fd_thres": 0.5,
      "testing": false
    },
    "software": "mriqc",
    "version": "0.16.1",
    "webapi_port": null,
    "webapi_url": "https://mriqc.nimh.nih.gov/api/v1"
  },
  "size_t": 401,
  "size_x": 64,
  "size_y": 64,
  "size_z": 37,
  "snr": 2.3675352802302565,
  "spacing_tr": 2.0,
  "spacing_x": 3.0,
  "spacing_y": 3.000000238418579,
  "spacing_z": 3.750000238418579,
  "summary_bg_k": 16.5903236513765,
  "summary_bg_mad": 1.0138284868372898,
  "summary_bg_mean": 27.36294174194336,
  "summary_bg_median": 0.6906898617744446,
  "summary_bg_n": 77741.0,
  "summary_bg_p05": 0.0022121667861938477,
  "summary_bg_p95": 166.59471130371094,
  "summary_bg_stdv": 66.455810546875,
  "summary_fg_k": 0.3640385785982123,
  "summary_fg_mad": 174.97923128370246,
  "summary_fg_mean": 455.841064453125,
  "summary_fg_median": 421.52874755859375,
  "summary_fg_n": 34558.0,
  "summary_fg_p05": 225.84879150390623,
  "summary_fg_p95": 794.7045440673829,
  "summary_fg_stdv": 178.04281616210938,
  "tsnr": 39.05937957763672
}