{
  "aor": 0.0006748184019370459,
  "aqi": 0.010726652154963679,
  "bids_meta": {
    "AcquisitionMatrixPE": 64,
    "AcquisitionNumber": 1,
    "AcquisitionTime": "10:35:16.952500",
    "BandwidthPerPixelPhaseEncode": 58.962,
    "BaseResolution": 64,
    "BodyPartExamined": "HEAD",
    "ConsistencyInfo": "N4_VE11C_LATEST_20160120",
    "ConversionSoftware": "dcm2niix",
    "ConversionSoftwareVersion": "v1.0.20181125  GCC5.3.1",
    "DerivedVendorReportedEchoSpacing": 0.000530002,
    "DeviceSerialNumber": "167013",
    "DwellTime": 3.5e-06,
    "EchoTime": 0.03,
    "EchoTrainLength": 31,
    "EffectiveEchoSpacing": 0.000265001,
    "FlipAngle": 90,
    "ImageOrientationPatientDICOM": [
      0.999907,
      0.013491,
      -0.00204317,
      -0.0134386,
      0.999626,
      0.0238112
    ],
    "ImageType": [
      "ORIGINAL",
      "PRIMARY",
      "M",
      "ND",
      "MOSAIC"
    ],
    "ImagingFrequency": 123.249,
    "InPlanePhaseEncodingDirectionDICOM": "COL",
    "InstitutionAddress": "Whiteknights_Campus_StreetNo_Reading_District_GB_RG6_7BE",
    "InstitutionName": "UoR",
    "InstitutionalDepartmentName": "Department",
    "MRAcquisitionType": "2D",
    "MagneticFieldStrength": 3,
    "Manufacturer": "Siemens",
    "ManufacturersModelName": "Prisma_fit",
    "Modality": "MR",
    "ParallelReductionFactorInPlane": 2,
    "PartialFourier": 1,
    "PatientPosition": "HFS",
    "PercentPhaseFOV": 100,
    "PhaseEncodingDirection": "j",
    "PhaseEncodingSteps": 63,
    "PhaseResolution": 1,
    "PixelBandwidth": 2230,
    "ProcedureStepDescription": "head_Kou_Murayama",
    "ProtocolName": "ep2d_bold_PtoA_iPAT2_MagicTrick_Run1",
    "PulseSequenceDetails": "%SiemensSeq%_ep2d_bold",
    "ReceiveCoilActiveElements": "HEA;HEP",
    "ReceiveCoilName": "Head_32",
    "ReconMatrixPE": 64,
    "RepetitionTime": 2,
    "SAR": 0.100146,
    "ScanOptions": "FS",
    "ScanningSequence": "EP",
    "SequenceName": "_epfid2d1_64",
    "SequenceVariant": "SK",
    "SeriesDescription": "ep2d_bold_PtoA_iPAT2_MagicTrick_Run1",
    "SeriesNumber": 9,
    "ShimSetting": [
      3377,
      -11967,
      11460,
      506,
      -63,
      -217,
      21,
      40
    ],
    "SliceThickness": 3,
    "SliceTiming": [
      0,
      1.015,
      0.0525,
      1.07,
      0.105,
      1.1225,
      0.16,
      1.175,
      0.2125,
      1.23,
      0.2675,
      1.2825,
      0.32,
      1.3375,
      0.3725,
      1.39,
      0.4275,
      1.4425,
      0.48,
      1.4975,
      0.535,
      1.55,
      0.5875,
      1.605,
      0.64,
      1.6575,
      0.695,
      1.71,
      0.7475,
      1.765,
      0.8025,
      1.8175,
      0.855,
      1.8725,
      0.9075,
      1.925,
      0.9625
    ],
    "SoftwareVersions": "syngo_MR_E11",
    "SpacingBetweenSlices": 3.75,
    "StationName": "AWP167013",
    "TaskName": "magictrickwatching",
    "TotalReadoutTime": 0.0166951,
    "TxRefAmp": 230.657,
    "dataset": "<unset>",
    "modality": "bold",
    "run_id": 1,
    "subject_id": "experimental044",
    "task_id": "magictrickwatching"
  },
  "dummy_trs": 0,
  "dvars_nstd": 26.802642169223315,
  "dvars_std": 1.0100744808252422,
  "dvars_vstd": 0.8952991410922333,
  "efc": 0.46605691106037767,
  "fber": 256096.625,
  "fd_mean": 0.1964555249928921,
  "fd_num": 11,
  "fd_perc": 2.6634382566585955,
  "fwhm_avg": 2.765339991329031,
  "fwhm_x": 2.6847333333333334,
  "fwhm_y": 2.9768838064962715,
  "fwhm_z": 2.634402834157488,
  "gcor": 0.00819723,
  "gsr_x": 0.01211318839341402,
  "gsr_y": 0.03921692818403244,
  "provenance": {
    "md5sum": "9ff17aa8696ad44a0b4c378f20df6d0e",
    "settings": {
      "fd_thres": 0.5,
      "testing": false
    },
    "software": "mriqc",
    "version": "0.16.1",
    "webapi_port": null,
    "webapi_url": "https://mriqc.nimh.nih.gov/api/v1"
  },
  "size_t": 413,
  "size_x": 64,
  "size_y": 64,
  "size_z": 37,
  "snr": 2.4375357064831564,
  "spacing_tr": 2.0,
  "spacing_x": 3.0,
  "spacing_y": 2.999999523162842,
  "spacing_z": 3.749999761581421,
  "summary_bg_k": 33.83789749592993,
  "summary_bg_mad": 1.0954589952758136,
  "summary_bg_mean": 15.217639923095703,
  "summary_bg_median": 0.7649852633476257,
  "summary_bg_n": 88513.0,
  "summary_bg_p05": 0.008514716289937496,
  "summary_bg_p95": 92.28905792236324,
  "summary_bg_stdv": 41.60899353027344,
  "summary_fg_k": 0.16666017281199252,
  "summary_fg_mad": 168.1813770442873,
  "summary_fg_mean": 441.0133361816406,
  "summary_fg_median": 408.6036071777344,
  "summary_fg_n": 28439.0,
  "summary_fg_p05": 222.6945541381836,
  "summary_fg_p95": 754.3853393554687,
  "summary_fg_stdv": 167.62684631347656,
  "tsnr": 30.385906219482422
}