{
  "bids_meta": {
    "AcquisitionMatrixPE": 256,
    "AcquisitionNumber": 1,
    "AcquisitionTime": "11:17:20.660000",
    "BaseResolution": 256,
    "BodyPartExamined": "HEAD",
    "ConsistencyInfo": "N4_VE11C_LATEST_20160120",
    "ConversionSoftware": "dcm2niix",
    "ConversionSoftwareVersion": "v1.0.20181125  GCC5.3.1",
    "DeviceSerialNumber": "167013",
    "DwellTime": 9.8e-06,
    "EchoTime": 0.00229,
    "FlipAngle": 8,
    "ImageOrientationPatientDICOM": [
      -0.0266,
      0.99116,
      0.129981,
      0.0165028,
      0.130445,
      -0.991318
    ],
    "ImageType": [
      "ORIGINAL",
      "PRIMARY",
      "M",
      "ND",
      "NORM"
    ],
    "ImagingFrequency": 123.249,
    "InPlanePhaseEncodingDirectionDICOM": "ROW",
    "InstitutionAddress": "Whiteknights_Campus_StreetNo_Reading_District_GB_RG6_7BE",
    "InstitutionName": "UoR",
    "InstitutionalDepartmentName": "Department",
    "InversionTime": 0.9,
    "MRAcquisitionType": "3D",
    "MagneticFieldStrength": 3,
    "Manufacturer": "Siemens",
    "ManufacturersModelName": "Prisma_fit",
    "Modality": "MR",
    "PartialFourier": 1,
    "PatientPosition": "HFS",
    "PercentPhaseFOV": 100,
    "PhaseEncodingSteps": 255,
    "PhaseResolution": 1,
    "PixelBandwidth": 200,
    "ProcedureStepDescription": "head_Kou_Murayama",
    "ProtocolName": "t1_mprage_sag_p2_iso_192",
    "PulseSequenceDetails": "%SiemensSeq%_tfl",
    "ReceiveCoilActiveElements": "HEA;HEP",
    "ReceiveCoilName": "Head_32",
    "ReconMatrixPE": 256,
    "RepetitionTime": 2.3,
    "SAR": 0.0478169,
    "ScanOptions": "IR",
    "ScanningSequence": "GR_IR",
    "SequenceName": "_tfl3d1_16ns",
    "SequenceVariant": "SK_SP_MP",
    "SeriesDescription": "t1_mprage_sag_p2_iso_192",
    "SeriesNumber": 14,
    "ShimSetting": [
      3382,
      -11946,
      11206,
      -4,
      -40,
      -152,
      -34,
      21
    ],
    "SliceThickness": 0.94,
    "SoftwareVersions": "syngo_MR_E11",
    "StationName": "AWP167013",
    "TxRefAmp": 230.721,
    "dataset": "<unset>",
    "modality": "T1w",
    "rec_id": "NORM",
    "subject_id": "experimental008"
  },
  "cjv": 0.3474271916521079,
  "cnr": 3.865904566234318,
  "efc": 0.5124814124958937,
  "fber": 5571.87160813697,
  "fwhm_avg": 3.932613677030456,
  "fwhm_x": 3.869617031091368,
  "fwhm_y": 3.9268799999999997,
  "fwhm_z": 4.001344,
  "icvs_csf": 0.1994510266793993,
  "icvs_gm": 0.4157480214039755,
  "icvs_wm": 0.3848009519166252,
  "inu_med": 1.4237070083618164,
  "inu_range": 0.33663602471351606,
  "provenance": {
    "md5sum": "413bfd242a22f8d2c19c80a3c0dae4c5",
    "settings": {
      "testing": false
    },
    "software": "mriqc",
    "version": "0.16.1",
    "warnings": {
      "large_rot_frame": true,
      "small_air_mask": false
    },
    "webapi_port": null,
    "webapi_url": "https://mriqc.nimh.nih.gov/api/v1"
  },
  "qi_1": 0.025414583375127003,
  "qi_2": 0.008863115177835359,
  "rpve_csf": 26.91282030276507,
  "rpve_gm": 13.859556667578874,
  "rpve_wm": 18.365905806891206,
  "size_x": 192,
  "size_y": 256,
  "size_z": 256,
  "snr_csf": 3.0890376136165307,
  "snr_gm": 11.850540487675138,
  "snr_total": 12.595685530160706,
  "snr_wm": 22.84747848919045,
  "snrd_csf": 36.26557900004429,
  "snrd_gm": 66.947839214818,
  "snrd_total": 65.76428653625196,
  "snrd_wm": 94.07944139389357,
  "spacing_x": 0.9399999976158142,
  "spacing_y": 0.9375,
  "spacing_z": 0.9375,
  "summary_bg_k": 11.092583623494104,
  "summary_bg_mad": 6.96365093893437,
  "summary_bg_mean": 5.67313899959997,
  "summary_bg_median": 4.696911182254553,
  "summary_bg_n": 2819560.0,
  "summary_bg_p05": 0.0,
  "summary_bg_p95": 18.732386950403452,
  "summary_bg_stdv": 6.594820163312775,
  "summary_csf_k": 13.94407244965706,
  "summary_csf_mad": 146.5643709382775,
  "summary_csf_mean": 378.8294348305227,
  "summary_csf_median": 385.4782636165619,
  "summary_csf_n": 17860.0,
  "summary_csf_p05": 189.42090220246462,
  "summary_csf_p95": 559.3772558061406,
  "summary_csf_stdv": 124.7856193468271,
  "summary_gm_k": -0.03777484426897315,
  "summary_gm_mad": 60.378949905819184,
  "summary_gm_mean": 711.9515890848367,
  "summary_gm_median": 711.6096730008721,
  "summary_gm_n": 39855.0,
  "summary_gm_p05": 613.8034048527479,
  "summary_gm_p95": 811.4604789577425,
  "summary_gm_stdv": 60.04795698575232,
  "summary_wm_k": 0.9398571072777142,
  "summary_wm_mad": 39.81569830967181,
  "summary_wm_mean": 997.8710247321317,
  "summary_wm_median": 1000.0000195913017,
  "summary_wm_n": 248142.0,
  "summary_wm_p05": 922.1418095231056,
  "summary_wm_p95": 1064.8173939064145,
  "summary_wm_stdv": 43.76841869386386,
  "tpm_overlap_csf": 0.16219539940357208,
  "tpm_overlap_gm": 0.44104817509651184,
  "tpm_overlap_wm": 0.5055947303771973,
  "wm2max": 0.41431292856086627
}