{
  "aor": 0.001632608695652174,
  "aqi": 0.0037635860102301793,
  "bids_meta": {
    "AcquisitionMatrixPE": 64,
    "AcquisitionNumber": 1,
    "AcquisitionTime": "12:49:44.450000",
    "BandwidthPerPixelPhaseEncode": 58.962,
    "BaseResolution": 64,
    "BodyPartExamined": "HEAD",
    "ConsistencyInfo": "N4_VE11C_LATEST_20160120",
    "ConversionSoftware": "dcm2niix",
    "ConversionSoftwareVersion": "v1.0.20181125  GCC5.3.1",
    "DerivedVendorReportedEchoSpacing": 0.000530002,
    "DeviceSerialNumber": "167013",
    "DwellTime": 3.5e-06,
    "EchoTime": 0.03,
    "EchoTrainLength": 31,
    "EffectiveEchoSpacing": 0.000265001,
    "FlipAngle": 90,
    "ImageOrientationPatientDICOM": [
      0.997139,
      0.0225192,
      0.0721531,
      -0.0276784,
      0.997069,
      0.0713204
    ],
    "ImageType": [
      "ORIGINAL",
      "PRIMARY",
      "M",
      "ND",
      "MOSAIC"
    ],
    "ImagingFrequency": 123.249,
    "InPlanePhaseEncodingDirectionDICOM": "COL",
    "InstitutionAddress": "Whiteknights_Campus_StreetNo_Reading_District_GB_RG6_7BE",
    "InstitutionName": "UoR",
    "InstitutionalDepartmentName": "Department",
    "MRAcquisitionType": "2D",
    "MagneticFieldStrength": 3,
    "Manufacturer": "Siemens",
    "ManufacturersModelName": "Prisma_fit",
    "Modality": "MR",
    "ParallelReductionFactorInPlane": 2,
    "PartialFourier": 1,
    "PatientPosition": "HFS",
    "PercentPhaseFOV": 100,
    "PhaseEncodingDirection": "j",
    "PhaseEncodingSteps": 63,
    "PhaseResolution": 1,
    "PixelBandwidth": 2230,
    "ProcedureStepDescription": "head_Kou_Murayama",
    "ProtocolName": "ep2d_bold_PtoA_iPAT2_MagicTrick_Run2",
    "PulseSequenceDetails": "%SiemensSeq%_ep2d_bold",
    "ReceiveCoilActiveElements": "HEA;HEP",
    "ReceiveCoilName": "Head_32",
    "ReconMatrixPE": 64,
    "RepetitionTime": 2,
    "SAR": 0.1108,
    "ScanOptions": "FS",
    "ScanningSequence": "EP",
    "SequenceName": "_epfid2d1_64",
    "SequenceVariant": "SK",
    "SeriesDescription": "ep2d_bold_PtoA_iPAT2_MagicTrick_Run2",
    "SeriesNumber": 10,
    "ShimSetting": [
      3394,
      -11965,
      11497,
      486,
      -11,
      -243,
      -67,
      14
    ],
    "SliceThickness": 3,
    "SliceTiming": [
      0,
      1.015,
      0.0525,
      1.07,
      0.1075,
      1.1225,
      0.16,
      1.1775,
      0.2125,
      1.23,
      0.2675,
      1.2825,
      0.32,
      1.3375,
      0.375,
      1.39,
      0.4275,
      1.445,
      0.48,
      1.4975,
      0.535,
      1.55,
      0.5875,
      1.605,
      0.6425,
      1.6575,
      0.695,
      1.7125,
      0.7475,
      1.765,
      0.8025,
      1.82,
      0.855,
      1.8725,
      0.91,
      1.925,
      0.9625
    ],
    "SoftwareVersions": "syngo_MR_E11",
    "SpacingBetweenSlices": 3.75,
    "StationName": "AWP167013",
    "TaskName": "magictrickwatching",
    "TotalReadoutTime": 0.0166951,
    "TxRefAmp": 230.327,
    "dataset": "<unset>",
    "modality": "bold",
    "run_id": 2,
    "subject_id": "control013",
    "task_id": "magictrickwatching"
  },
  "dummy_trs": 0,
  "dvars_nstd": 24.61812581274359,
  "dvars_std": 1.1814690294615382,
  "dvars_vstd": 0.9838773730000006,
  "efc": 0.452959807112145,
  "fber": 4244763.0,
  "fd_mean": 0.08276239234893151,
  "fd_num": 1,
  "fd_perc": 0.2557544757033248,
  "fwhm_avg": 2.884468814824958,
  "fwhm_x": 2.7958197778082075,
  "fwhm_y": 3.1029466666666665,
  "fwhm_z": 2.75464,
  "gcor": 0.0401513,
  "gsr_x": 0.015494232065975666,
  "gsr_y": 0.033478036522865295,
  "provenance": {
    "md5sum": "487c5bf5f154e2fe593ca81204ae74ad",
    "settings": {
      "fd_thres": 0.5,
      "testing": false
    },
    "software": "mriqc",
    "version": "0.16.1",
    "webapi_port": null,
    "webapi_url": "https://mriqc.nimh.nih.gov/api/v1"
  },
  "size_t": 391,
  "size_x": 64,
  "size_y": 64,
  "size_z": 37,
  "snr": 2.5931895770440545,
  "spacing_tr": 2.0,
  "spacing_x": 3.000000238418579,
  "spacing_y": 3.0,
  "spacing_z": 3.75,
  "summary_bg_k": 31.93752207799931,
  "summary_bg_mad": 0.310421843841187,
  "summary_bg_mean": 15.616003036499023,
  "summary_bg_median": 0.21294035017490387,
  "summary_bg_n": 90082.0,
  "summary_bg_p05": 0.001087628264212981,
  "summary_bg_p95": 100.03664932250975,
  "summary_bg_stdv": 46.90705871582031,
  "summary_fg_k": 0.04129542630009553,
  "summary_fg_mad": 192.7578570537844,
  "summary_fg_mean": 512.2694702148438,
  "summary_fg_median": 480.5484619140625,
  "summary_fg_n": 26526.0,
  "summary_fg_p05": 266.3587875366211,
  "summary_fg_p95": 854.7457122802734,
  "summary_fg_stdv": 185.30824279785156,
  "tsnr": 56.094024658203125
}