{
  "aor": 0.004563,
  "aqi": 0.005979066066666667,
  "bids_meta": {
    "AcquisitionMatrixPE": 64,
    "AcquisitionNumber": 1,
    "AcquisitionTime": "16:27:33.242500",
    "BandwidthPerPixelPhaseEncode": 58.962,
    "BaseResolution": 64,
    "BodyPartExamined": "HEAD",
    "ConsistencyInfo": "N4_VE11C_LATEST_20160120",
    "ConversionSoftware": "dcm2niix",
    "ConversionSoftwareVersion": "v1.0.20181125  GCC5.3.1",
    "DerivedVendorReportedEchoSpacing": 0.000530002,
    "DeviceSerialNumber": "167013",
    "DwellTime": 3.5e-06,
    "EchoTime": 0.03,
    "EchoTrainLength": 31,
    "EffectiveEchoSpacing": 0.000265001,
    "FlipAngle": 90,
    "ImageOrientationPatientDICOM": [
      0.999531,
      -0.00352166,
      0.0304075,
      0.00122116,
      0.997157,
      0.0753452
    ],
    "ImageType": [
      "ORIGINAL",
      "PRIMARY",
      "M",
      "ND",
      "MOSAIC"
    ],
    "ImagingFrequency": 123.249,
    "InPlanePhaseEncodingDirectionDICOM": "COL",
    "InstitutionAddress": "Whiteknights_Campus_StreetNo_Reading_District_GB_RG6_7BE",
    "InstitutionName": "UoR",
    "InstitutionalDepartmentName": "Department",
    "MRAcquisitionType": "2D",
    "MagneticFieldStrength": 3,
    "Manufacturer": "Siemens",
    "ManufacturersModelName": "Prisma_fit",
    "Modality": "MR",
    "ParallelReductionFactorInPlane": 2,
    "PartialFourier": 1,
    "PatientPosition": "HFS",
    "PercentPhaseFOV": 100,
    "PhaseEncodingDirection": "j",
    "PhaseEncodingSteps": 63,
    "PhaseResolution": 1,
    "PixelBandwidth": 2230,
    "ProcedureStepDescription": "head_Kou_Murayama",
    "ProtocolName": "ep2d_bold_PtoA_iPAT2_PreResting",
    "PulseSequenceDetails": "%SiemensSeq%_ep2d_bold",
    "ReceiveCoilActiveElements": "HEA;HEP",
    "ReceiveCoilName": "Head_32",
    "ReconMatrixPE": 64,
    "RepetitionTime": 2,
    "SAR": 0.122002,
    "ScanOptions": "FS",
    "ScanningSequence": "EP",
    "SequenceName": "_epfid2d1_64",
    "SequenceVariant": "SK",
    "SeriesDescription": "ep2d_bold_PtoA_iPAT2_PreResting",
    "SeriesNumber": 6,
    "ShimSetting": [
      3378,
      -11974,
      11564,
      576,
      -18,
      -51,
      31,
      21
    ],
    "SliceThickness": 3,
    "SliceTiming": [
      0,
      1.0175,
      0.0525,
      1.07,
      0.1075,
      1.1225,
      0.16,
      1.1775,
      0.215,
      1.23,
      0.2675,
      1.285,
      0.32,
      1.3375,
      0.375,
      1.39,
      0.4275,
      1.445,
      0.4825,
      1.4975,
      0.535,
      1.5525,
      0.5875,
      1.605,
      0.6425,
      1.6575,
      0.695,
      1.7125,
      0.75,
      1.765,
      0.8025,
      1.82,
      0.855,
      1.8725,
      0.91,
      1.925,
      0.9625
    ],
    "SoftwareVersions": "syngo_MR_E11",
    "SpacingBetweenSlices": 3.75,
    "StationName": "AWP167013",
    "TaskName": "rest",
    "TotalReadoutTime": 0.0166951,
    "TxRefAmp": 220.052,
    "dataset": "<unset>",
    "modality": "bold",
    "run_id": 1,
    "subject_id": "experimental034",
    "task_id": "rest"
  },
  "dummy_trs": 0,
  "dvars_nstd": 32.10480394668896,
  "dvars_std": 1.192749256521739,
  "dvars_vstd": 1.0050778882274245,
  "efc": 0.45041062448432745,
  "fber": 2044048.875,
  "fd_mean": 0.24783382633331003,
  "fd_num": 22,
  "fd_perc": 7.333333333333333,
  "fwhm_avg": 2.968195527762223,
  "fwhm_x": 2.9261933333333334,
  "fwhm_y": 3.27548692697898,
  "fwhm_z": 2.7029063229743544,
  "gcor": 0.0279122,
  "gsr_x": 0.011646579951047897,
  "gsr_y": 0.036395762115716934,
  "provenance": {
    "md5sum": "b565011b34a0c8662e159f2d4f02e3d4",
    "settings": {
      "fd_thres": 0.5,
      "testing": false
    },
    "software": "mriqc",
    "version": "0.16.1",
    "webapi_port": null,
    "webapi_url": "https://mriqc.nimh.nih.gov/api/v1"
  },
  "size_t": 300,
  "size_x": 64,
  "size_y": 64,
  "size_z": 37,
  "snr": 2.4798097496514346,
  "spacing_tr": 2.0,
  "spacing_x": 3.0,
  "spacing_y": 2.999999761581421,
  "spacing_z": 3.750000476837158,
  "summary_bg_k": 37.25211789109035,
  "summary_bg_mad": 0.44194814856570247,
  "summary_bg_mean": 13.393896102905273,
  "summary_bg_median": 0.3042401969432831,
  "summary_bg_n": 89971.0,
  "summary_bg_p05": 0.003802061313763261,
  "summary_bg_p95": 81.96652221679688,
  "summary_bg_stdv": 38.80295181274414,
  "summary_fg_k": 0.24169373490683022,
  "summary_fg_mad": 201.28501421349964,
  "summary_fg_mean": 512.0018310546875,
  "summary_fg_median": 478.9114074707031,
  "summary_fg_n": 27149.0,
  "summary_fg_p05": 261.4271484375,
  "summary_fg_p95": 871.4083984375,
  "summary_fg_stdv": 193.12069702148438,
  "tsnr": 40.319393157958984
}