{
  "aor": 0.002433435897435897,
  "aqi": 0.006841720743589744,
  "bids_meta": {
    "AcquisitionMatrixPE": 64,
    "AcquisitionNumber": 1,
    "AcquisitionTime": "16:42:0.647500",
    "BandwidthPerPixelPhaseEncode": 58.962,
    "BaseResolution": 64,
    "BodyPartExamined": "HEAD",
    "ConsistencyInfo": "N4_VE11C_LATEST_20160120",
    "ConversionSoftware": "dcm2niix",
    "ConversionSoftwareVersion": "v1.0.20181125  GCC5.3.1",
    "DerivedVendorReportedEchoSpacing": 0.000530002,
    "DeviceSerialNumber": "167013",
    "DwellTime": 3.5e-06,
    "EchoTime": 0.03,
    "EchoTrainLength": 31,
    "EffectiveEchoSpacing": 0.000265001,
    "FlipAngle": 90,
    "ImageOrientationPatientDICOM": [
      0.999531,
      -0.00352166,
      0.0304075,
      0.00122116,
      0.997157,
      0.0753452
    ],
    "ImageType": [
      "ORIGINAL",
      "PRIMARY",
      "M",
      "ND",
      "MOSAIC"
    ],
    "ImagingFrequency": 123.249,
    "InPlanePhaseEncodingDirectionDICOM": "COL",
    "InstitutionAddress": "Whiteknights_Campus_StreetNo_Reading_District_GB_RG6_7BE",
    "InstitutionName": "UoR",
    "InstitutionalDepartmentName": "Department",
    "MRAcquisitionType": "2D",
    "MagneticFieldStrength": 3,
    "Manufacturer": "Siemens",
    "ManufacturersModelName": "Prisma_fit",
    "Modality": "MR",
    "ParallelReductionFactorInPlane": 2,
    "PartialFourier": 1,
    "PatientPosition": "HFS",
    "PercentPhaseFOV": 100,
    "PhaseEncodingDirection": "j",
    "PhaseEncodingSteps": 63,
    "PhaseResolution": 1,
    "PixelBandwidth": 2230,
    "ProcedureStepDescription": "head_Kou_Murayama",
    "ProtocolName": "ep2d_bold_PtoA_iPAT2_MagicTrick_Run1",
    "PulseSequenceDetails": "%SiemensSeq%_ep2d_bold",
    "ReceiveCoilActiveElements": "HEA;HEP",
    "ReceiveCoilName": "Head_32",
    "ReconMatrixPE": 64,
    "RepetitionTime": 2,
    "SAR": 0.12216,
    "ScanOptions": "FS",
    "ScanningSequence": "EP",
    "SequenceName": "_epfid2d1_64",
    "SequenceVariant": "SK",
    "SeriesDescription": "ep2d_bold_PtoA_iPAT2_MagicTrick_Run1",
    "SeriesNumber": 9,
    "ShimSetting": [
      3378,
      -11974,
      11564,
      576,
      -18,
      -51,
      31,
      21
    ],
    "SliceThickness": 3,
    "SliceTiming": [
      0,
      1.015,
      0.0525,
      1.07,
      0.105,
      1.1225,
      0.16,
      1.175,
      0.2125,
      1.23,
      0.2675,
      1.2825,
      0.32,
      1.3375,
      0.3725,
      1.39,
      0.4275,
      1.4425,
      0.48,
      1.4975,
      0.535,
      1.55,
      0.5875,
      1.605,
      0.64,
      1.6575,
      0.695,
      1.71,
      0.7475,
      1.765,
      0.8025,
      1.8175,
      0.855,
      1.8725,
      0.9075,
      1.925,
      0.9625
    ],
    "SoftwareVersions": "syngo_MR_E11",
    "SpacingBetweenSlices": 3.75,
    "StationName": "AWP167013",
    "TaskName": "magictrickwatching",
    "TotalReadoutTime": 0.0166951,
    "TxRefAmp": 220.052,
    "dataset": "<unset>",
    "modality": "bold",
    "run_id": 1,
    "subject_id": "experimental034",
    "task_id": "magictrickwatching"
  },
  "dummy_trs": 0,
  "dvars_nstd": 29.228260035347052,
  "dvars_std": 1.114607155398458,
  "dvars_vstd": 0.9715298571722364,
  "efc": 0.4530608533299858,
  "fber": 1590203.875,
  "fd_mean": 0.21689401126186603,
  "fd_num": 19,
  "fd_perc": 4.871794871794871,
  "fwhm_avg": 3.006532430983672,
  "fwhm_x": 2.8823166666666666,
  "fwhm_y": 3.231946923518731,
  "fwhm_z": 2.9053337027656174,
  "gcor": 0.0413021,
  "gsr_x": 0.013556412421166897,
  "gsr_y": 0.03739900141954422,
  "provenance": {
    "md5sum": "020df7848fe8f95a3642aeba1107a948",
    "settings": {
      "fd_thres": 0.5,
      "testing": false
    },
    "software": "mriqc",
    "version": "0.16.1",
    "webapi_port": null,
    "webapi_url": "https://mriqc.nimh.nih.gov/api/v1"
  },
  "size_t": 390,
  "size_x": 64,
  "size_y": 64,
  "size_z": 37,
  "snr": 2.485259915936872,
  "spacing_tr": 2.0,
  "spacing_x": 3.0,
  "spacing_y": 2.999999761581421,
  "spacing_z": 3.749999523162842,
  "summary_bg_k": 40.45073270618684,
  "summary_bg_mad": 0.5125765297746578,
  "summary_bg_mean": 13.04159927368164,
  "summary_bg_median": 0.3545646071434021,
  "summary_bg_n": 89762.0,
  "summary_bg_p05": 0.0028657436603680263,
  "summary_bg_p95": 80.28292732238768,
  "summary_bg_stdv": 38.69770431518555,
  "summary_fg_k": 0.06342809684346218,
  "summary_fg_mad": 194.98381904856373,
  "summary_fg_mean": 496.4510192871094,
  "summary_fg_median": 463.4161682128906,
  "summary_fg_n": 27942.0,
  "summary_fg_p05": 254.79358520507813,
  "summary_fg_p95": 842.8303253173826,
  "summary_fg_stdv": 186.46253967285156,
  "tsnr": 39.87970733642578
}