{
  "aor": 0.0013757666666666666,
  "aqi": 0.003196391603333333,
  "bids_meta": {
    "AcquisitionMatrixPE": 64,
    "AcquisitionNumber": 1,
    "AcquisitionTime": "15:58:6.910000",
    "BandwidthPerPixelPhaseEncode": 58.962,
    "BaseResolution": 64,
    "BodyPartExamined": "HEAD",
    "ConsistencyInfo": "N4_VE11C_LATEST_20160120",
    "ConversionSoftware": "dcm2niix",
    "ConversionSoftwareVersion": "v1.0.20181125  GCC5.3.1",
    "DerivedVendorReportedEchoSpacing": 0.000530002,
    "DeviceSerialNumber": "167013",
    "DwellTime": 3.5e-06,
    "EchoTime": 0.03,
    "EchoTrainLength": 31,
    "EffectiveEchoSpacing": 0.000265001,
    "FlipAngle": 90,
    "ImageOrientationPatientDICOM": [
      0.999631,
      0.0241171,
      0.0125278,
      -0.0235575,
      0.998796,
      -0.0430415
    ],
    "ImageType": [
      "ORIGINAL",
      "PRIMARY",
      "M",
      "ND",
      "MOSAIC"
    ],
    "ImagingFrequency": 123.249,
    "InPlanePhaseEncodingDirectionDICOM": "COL",
    "InstitutionAddress": "Whiteknights_Campus_StreetNo_Reading_District_GB_RG6_7BE",
    "InstitutionName": "UoR",
    "InstitutionalDepartmentName": "Department",
    "MRAcquisitionType": "2D",
    "MagneticFieldStrength": 3,
    "Manufacturer": "Siemens",
    "ManufacturersModelName": "Prisma_fit",
    "Modality": "MR",
    "ParallelReductionFactorInPlane": 2,
    "PartialFourier": 1,
    "PatientPosition": "HFS",
    "PercentPhaseFOV": 100,
    "PhaseEncodingDirection": "j",
    "PhaseEncodingSteps": 63,
    "PhaseResolution": 1,
    "PixelBandwidth": 2230,
    "ProcedureStepDescription": "head_Kou_Murayama",
    "ProtocolName": "ep2d_bold_PtoA_iPAT2_PreResting",
    "PulseSequenceDetails": "%SiemensSeq%_ep2d_bold",
    "ReceiveCoilActiveElements": "HEA;HEP",
    "ReceiveCoilName": "Head_32",
    "ReconMatrixPE": 64,
    "RepetitionTime": 2,
    "SAR": 0.0874394,
    "ScanOptions": "FS",
    "ScanningSequence": "EP",
    "SequenceName": "_epfid2d1_64",
    "SequenceVariant": "SK",
    "SeriesDescription": "ep2d_bold_PtoA_iPAT2_PreResting",
    "SeriesNumber": 6,
    "ShimSetting": [
      3387,
      -11904,
      11455,
      392,
      8,
      4,
      -45,
      42
    ],
    "SliceThickness": 3,
    "SliceTiming": [
      0,
      1.0175,
      0.055,
      1.07,
      0.1075,
      1.125,
      0.16,
      1.1775,
      0.215,
      1.2325,
      0.2675,
      1.285,
      0.3225,
      1.3375,
      0.375,
      1.3925,
      0.4275,
      1.445,
      0.4825,
      1.5,
      0.535,
      1.5525,
      0.59,
      1.605,
      0.6425,
      1.66,
      0.6975,
      1.7125,
      0.75,
      1.7675,
      0.8025,
      1.82,
      0.8575,
      1.8725,
      0.91,
      1.9275,
      0.965
    ],
    "SoftwareVersions": "syngo_MR_E11",
    "SpacingBetweenSlices": 3.75,
    "StationName": "AWP167013",
    "TaskName": "rest",
    "TotalReadoutTime": 0.0166951,
    "TxRefAmp": 220.915,
    "dataset": "<unset>",
    "modality": "bold",
    "run_id": 1,
    "subject_id": "control047",
    "task_id": "rest"
  },
  "dummy_trs": 0,
  "dvars_nstd": 21.228484259030083,
  "dvars_std": 1.0877276816387966,
  "dvars_vstd": 0.9667634375585286,
  "efc": 0.4629471374747887,
  "fber": 2489977.0,
  "fd_mean": 0.07740544772569323,
  "fd_num": 0,
  "fd_perc": 0.0,
  "fwhm_avg": 2.787077480068607,
  "fwhm_x": 2.6729262418164823,
  "fwhm_y": 2.9461461983893398,
  "fwhm_z": 2.7421599999999997,
  "gcor": 0.0132648,
  "gsr_x": 0.01009118277579546,
  "gsr_y": 0.039578624069690704,
  "provenance": {
    "md5sum": "9d6e5c6651c21c6f98d801e718e1e861",
    "settings": {
      "fd_thres": 0.5,
      "testing": false
    },
    "software": "mriqc",
    "version": "0.16.1",
    "webapi_port": null,
    "webapi_url": "https://mriqc.nimh.nih.gov/api/v1"
  },
  "size_t": 300,
  "size_x": 64,
  "size_y": 64,
  "size_z": 37,
  "snr": 2.4775993269383716,
  "spacing_tr": 2.0,
  "spacing_x": 3.000000476837158,
  "spacing_y": 3.000000476837158,
  "spacing_z": 3.75,
  "summary_bg_k": 21.177429791376564,
  "summary_bg_mad": 0.3616644552127133,
  "summary_bg_mean": 15.495332717895508,
  "summary_bg_median": 0.24593298137187958,
  "summary_bg_n": 88383.0,
  "summary_bg_p05": 0.0013559789862483739,
  "summary_bg_p95": 99.2146629333494,
  "summary_bg_stdv": 40.725528717041016,
  "summary_fg_k": 0.33075450935622586,
  "summary_fg_mad": 177.1354926950587,
  "summary_fg_mean": 480.8707580566406,
  "summary_fg_median": 446.9930419921875,
  "summary_fg_n": 27242.0,
  "summary_fg_p05": 247.7521049499512,
  "summary_fg_p95": 823.9966094970703,
  "summary_fg_stdv": 180.41046142578125,
  "tsnr": 57.1593017578125
}