{
  "bids_meta": {
    "AcquisitionMatrixPE": 256,
    "AcquisitionNumber": 1,
    "AcquisitionTime": "10:34:6.465000",
    "BaseResolution": 256,
    "BodyPartExamined": "HEAD",
    "ConsistencyInfo": "N4_VE11C_LATEST_20160120",
    "ConversionSoftware": "dcm2niix",
    "ConversionSoftwareVersion": "v1.0.20181125  GCC5.3.1",
    "DeviceSerialNumber": "167013",
    "DwellTime": 9.8e-06,
    "EchoTime": 0.00229,
    "FlipAngle": 8,
    "ImageOrientationPatientDICOM": [
      -0.097878,
      0.988568,
      0.114689,
      -0.0474922,
      0.110471,
      -0.992744
    ],
    "ImageType": [
      "ORIGINAL",
      "PRIMARY",
      "M",
      "ND",
      "NORM"
    ],
    "ImagingFrequency": 123.249,
    "InPlanePhaseEncodingDirectionDICOM": "ROW",
    "InstitutionAddress": "Whiteknights_Campus_StreetNo_Reading_District_GB_RG6_7BE",
    "InstitutionName": "UoR",
    "InstitutionalDepartmentName": "Department",
    "InversionTime": 0.9,
    "MRAcquisitionType": "3D",
    "MagneticFieldStrength": 3,
    "Manufacturer": "Siemens",
    "ManufacturersModelName": "Prisma_fit",
    "Modality": "MR",
    "PartialFourier": 1,
    "PatientPosition": "HFS",
    "PercentPhaseFOV": 100,
    "PhaseEncodingSteps": 255,
    "PhaseResolution": 1,
    "PixelBandwidth": 200,
    "ProcedureStepDescription": "head_Kou_Murayama",
    "ProtocolName": "t1_mprage_sag_p2_iso_192",
    "PulseSequenceDetails": "%SiemensSeq%_tfl",
    "ReceiveCoilActiveElements": "HEA;HEP",
    "ReceiveCoilName": "Head_32",
    "ReconMatrixPE": 256,
    "RepetitionTime": 2.3,
    "SAR": 0.058648,
    "ScanOptions": "IR",
    "ScanningSequence": "GR_IR",
    "SequenceName": "_tfl3d1_16ns",
    "SequenceVariant": "SK_SP_MP",
    "SeriesDescription": "t1_mprage_sag_p2_iso_192",
    "SeriesNumber": 13,
    "ShimSetting": [
      3382,
      -11946,
      11206,
      -4,
      -40,
      -152,
      -34,
      21
    ],
    "SliceThickness": 0.94,
    "SoftwareVersions": "syngo_MR_E11",
    "StationName": "AWP167013",
    "TxRefAmp": 250.764,
    "dataset": "<unset>",
    "modality": "T1w",
    "rec_id": "NORM",
    "subject_id": "control025"
  },
  "cjv": 0.371682123286247,
  "cnr": 3.5950103005394816,
  "efc": 0.5929115156344238,
  "fber": 7813.796853164951,
  "fwhm_avg": 3.808361236651047,
  "fwhm_x": 3.800603466103372,
  "fwhm_y": 3.8045117581156567,
  "fwhm_z": 3.8199684857341114,
  "icvs_csf": 0.1840027060379159,
  "icvs_gm": 0.4367777435901172,
  "icvs_wm": 0.3792195503719669,
  "inu_med": 1.2178609371185303,
  "inu_range": 0.37566934227943394,
  "provenance": {
    "md5sum": "325e029ff469b587570a13fd6200d623",
    "settings": {
      "testing": false
    },
    "software": "mriqc",
    "version": "0.16.1",
    "warnings": {
      "large_rot_frame": true,
      "small_air_mask": false
    },
    "webapi_port": null,
    "webapi_url": "https://mriqc.nimh.nih.gov/api/v1"
  },
  "qi_1": 0.0,
  "qi_2": 0.007812880706035382,
  "rpve_csf": 22.598239820391317,
  "rpve_gm": 10.631381533159496,
  "rpve_wm": 14.659862555066079,
  "size_x": 192,
  "size_y": 256,
  "size_z": 256,
  "snr_csf": 2.4461719510596747,
  "snr_gm": 11.702321950710436,
  "snr_total": 11.604936526297196,
  "snr_wm": 20.666315677121478,
  "snrd_csf": 34.45725004119249,
  "snrd_gm": 76.15753507849848,
  "snrd_total": 72.22862086973134,
  "snrd_wm": 106.07107748950305,
  "spacing_x": 0.9399980902671814,
  "spacing_y": 0.9375000596046448,
  "spacing_z": 0.9374998807907104,
  "summary_bg_k": 9.251753412059639,
  "summary_bg_mad": 6.176763237301481,
  "summary_bg_mean": 6.7605881041444125,
  "summary_bg_median": 4.166163492947817,
  "summary_bg_n": 2342752.0,
  "summary_bg_p05": 0.0,
  "summary_bg_p95": 20.77043828368187,
  "summary_bg_stdv": 6.939642188355027,
  "summary_csf_k": 19.794994374693125,
  "summary_csf_mad": 117.62705643208906,
  "summary_csf_mean": 344.53450877013705,
  "summary_csf_median": 324.8701836783439,
  "summary_csf_n": 12074.0,
  "summary_csf_p05": 179.14503019675612,
  "summary_csf_p95": 561.3482652479784,
  "summary_csf_stdv": 132.8020828476031,
  "summary_gm_k": -0.10648422776855382,
  "summary_gm_mad": 61.85715068080179,
  "summary_gm_mean": 717.8510881347814,
  "summary_gm_median": 718.0292211323977,
  "summary_gm_n": 40634.0,
  "summary_gm_p05": 616.7733344994485,
  "summary_gm_p95": 819.5266244895756,
  "summary_gm_stdv": 61.35708697615265,
  "summary_wm_k": 1.0539172426033998,
  "summary_wm_mad": 42.96878773774943,
  "summary_wm_mean": 999.0194765896715,
  "summary_wm_median": 1000.0603758506477,
  "summary_wm_n": 281234.0,
  "summary_wm_p05": 917.5220353454351,
  "summary_wm_p95": 1075.6551105342805,
  "summary_wm_stdv": 48.39075399249398,
  "tpm_overlap_csf": 0.16737134754657745,
  "tpm_overlap_gm": 0.4459969103336334,
  "tpm_overlap_wm": 0.49100810289382935,
  "wm2max": 0.4238446184553969
}